{
  "aor": 0.0003287677725118483,
  "aqi": 0.006993944328593998,
  "bids_meta": {
    "AcquisitionMatrixPE": 106,
    "AcquisitionNumber": 1,
    "AcquisitionTime": "10:40:42.567500",
    "BandwidthPerPixelPhaseEncode": 16.551,
    "BaseResolution": 106,
    "BodyPartExamined": "HEAD",
    "CoilCombinationMethod": "Sum of Squares",
    "ConsistencyInfo": "N4_VE11C_LATEST_20160120",
    "ConversionSoftware": "dcm2niix",
    "ConversionSoftwareVersion": "v1.0.20211006",
    "Dcm2bidsVersion": "2.1.6",
    "DerivedVendorReportedEchoSpacing": 0.000569994,
    "DeviceSerialNumber": "66014",
    "DwellTime": 2e-06,
    "EchoTime": 0.03,
    "EchoTrainLength": 93,
    "EffectiveEchoSpacing": 0.000569994,
    "FlipAngle": 54,
    "ImageOrientationPatientDICOM": [
      0.999792,
      0.017335,
      0.0107615,
      -0.0174514,
      0.999789,
      0.0108197
    ],
    "ImageOrientationText": "Tra>Cor(0.6)>Sag(0.6)",
    "ImageType": [
      "ORIGINAL",
      "PRIMARY",
      "M",
      "ND",
      "MOSAIC"
    ],
    "ImagingFrequency": 123.26,
    "InPlanePhaseEncodingDirectionDICOM": "COL",
    "InstitutionAddress": "Yiheyuan Road 5,Beijing  0FCA35,Haidian,CN,100871",
    "InstitutionName": "CMR of Peking Univeristy",
    "InstitutionalDepartmentName": "Department",
    "MRAcquisitionType": "2D",
    "MagneticFieldStrength": 3,
    "Manufacturer": "Siemens",
    "ManufacturersModelName": "Prisma",
    "Modality": "MR",
    "MultibandAccelerationFactor": 8,
    "PartialFourier": 0.875,
    "PatientPosition": "HFS",
    "PercentPhaseFOV": 100,
    "PercentSampling": 100,
    "PhaseEncodingDirection": "j",
    "PhaseEncodingSteps": 93,
    "PhaseResolution": 1,
    "PixelBandwidth": 2360,
    "ProcedureStepDescription": "Research^Projects_64CH",
    "ProtocolName": "fMRI_Rest2_PA",
    "PulseSequenceDetails": "%SiemensSeq%\\ep2d_bold",
    "ReceiveCoilActiveElements": "HC1-7;NC1,2",
    "ReceiveCoilName": "HeadNeck_64",
    "ReconMatrixPE": 106,
    "RefLinesPE": 32,
    "RepetitionTime": 0.71,
    "SAR": 0.0982473,
    "ScanOptions": "PFP\\FS",
    "ScanningSequence": "EP",
    "SequenceName": "*epfid2d1_106",
    "SequenceVariant": "SK",
    "SeriesDescription": "fMRI_Rest2_PA",
    "SeriesNumber": 22,
    "ShimSetting": [
      -3453,
      -2100,
      -1865,
      280,
      61,
      -308,
      -104,
      19
    ],
    "SliceThickness": 2,
    "SliceTiming": [
      0.3075,
      0,
      0.3825,
      0.0775,
      0.46,
      0.1525,
      0.5375,
      0.23,
      0.6125,
      0.3075,
      0,
      0.3825,
      0.0775,
      0.46,
      0.1525,
      0.5375,
      0.23,
      0.6125,
      0.3075,
      0,
      0.3825,
      0.0775,
      0.46,
      0.1525,
      0.5375,
      0.23,
      0.6125,
      0.3075,
      0,
      0.3825,
      0.0775,
      0.46,
      0.1525,
      0.5375,
      0.23,
      0.6125,
      0.3075,
      0,
      0.3825,
      0.0775,
      0.46,
      0.1525,
      0.5375,
      0.23,
      0.6125,
      0.3075,
      0,
      0.3825,
      0.0775,
      0.46,
      0.1525,
      0.5375,
      0.23,
      0.6125,
      0.3075,
      0,
      0.3825,
      0.0775,
      0.46,
      0.1525,
      0.5375,
      0.23,
      0.6125,
      0.3075,
      0,
      0.3825,
      0.0775,
      0.46,
      0.1525,
      0.5375,
      0.23,
      0.6125
    ],
    "SoftwareVersions": "syngo MR E11",
    "SpacingBetweenSlices": 2,
    "StationName": "AWP66014",
    "TaskName": "rest",
    "TotalReadoutTime": 0.0598493,
    "TxRefAmp": 260.357,
    "dataset": "ds004078",
    "modality": "bold",
    "run_id": 4,
    "subject_id": "04",
    "task_id": "rest"
  },
  "dummy_trs": 1,
  "dvars_nstd": 50.21083227591775,
  "dvars_std": 1.061225536835442,
  "dvars_vstd": 1.005155039556962,
  "efc": 0.5865593492375417,
  "fber": 283.2769470214844,
  "fd_mean": 0.0637376439534416,
  "fd_num": 0,
  "fd_perc": 0.0,
  "fwhm_avg": 3.104213399511679,
  "fwhm_x": 2.79005,
  "fwhm_y": 3.191725,
  "fwhm_z": 3.330865198535037,
  "gcor": 0.00655877,
  "gsr_x": 0.01495633739978075,
  "gsr_y": 0.06524641066789627,
  "provenance": {
    "md5sum": "42b774e522a70a4f02509a1979f8890b",
    "settings": {
      "fd_thres": 0.2,
      "testing": false
    },
    "software": "mriqc",
    "version": "23.0.1",
    "webapi_port": null,
    "webapi_url": "https://mriqc.nimh.nih.gov/api/v1"
  },
  "size_t": 633,
  "size_x": 106,
  "size_y": 106,
  "size_z": 72,
  "snr": 2.0321002903696015,
  "spacing_tr": 0.7099999785423279,
  "spacing_x": 2.0,
  "spacing_y": 2.0,
  "spacing_z": 1.9999998807907104,
  "summary_bg_k": 45.910197790684215,
  "summary_bg_mad": 16.299255771912776,
  "summary_bg_mean": 54.42459487915039,
  "summary_bg_median": 25.7298583984375,
  "summary_bg_n": 472105.0,
  "summary_bg_p05": 12.285940170288086,
  "summary_bg_p95": 208.77377929687498,
  "summary_bg_stdv": 89.0954360961914,
  "summary_fg_k": 0.7345439316070177,
  "summary_fg_mad": 210.35500340802082,
  "summary_fg_mean": 490.314697265625,
  "summary_fg_median": 453.3301696777344,
  "summary_fg_n": 204342.0,
  "summary_fg_p05": 203.76697998046876,
  "summary_fg_p95": 917.0962951660156,
  "summary_fg_stdv": 223.08399963378906,
  "tsnr": 28.346826469525695
}