{
  "aor": 0.0009113733075435204,
  "aqi": 0.008776227659574467,
  "bids_meta": {
    "AcquisitionMatrixPE": 106,
    "AcquisitionNumber": 1,
    "AcquisitionTime": "11:38:38.117500",
    "BandwidthPerPixelPhaseEncode": 16.551,
    "BaseResolution": 106,
    "BodyPartExamined": "HEAD",
    "CoilCombinationMethod": "Sum of Squares",
    "ConsistencyInfo": "N4_VE11C_LATEST_20160120",
    "ConversionSoftware": "dcm2niix",
    "ConversionSoftwareVersion": "v1.0.20211006",
    "Dcm2bidsVersion": "2.1.6",
    "DerivedVendorReportedEchoSpacing": 0.000569994,
    "DeviceSerialNumber": "66014",
    "DwellTime": 2e-06,
    "EchoTime": 0.03,
    "EchoTrainLength": 93,
    "EffectiveEchoSpacing": 0.000569994,
    "FlipAngle": 54,
    "ImageOrientationPatientDICOM": [
      0.999501,
      0.0311743,
      -0.00513574,
      -0.0314105,
      0.997981,
      -0.0551968
    ],
    "ImageOrientationText": "Tra>Cor(-3.2)>Sag(-0.2)",
    "ImageType": [
      "ORIGINAL",
      "PRIMARY",
      "M",
      "ND",
      "MOSAIC"
    ],
    "ImagingFrequency": 123.259,
    "InPlanePhaseEncodingDirectionDICOM": "COL",
    "InstitutionAddress": "Yiheyuan Road 5,Beijing  0FCA35,Haidian,CN,100871",
    "InstitutionName": "CMR of Peking Univeristy",
    "InstitutionalDepartmentName": "Department",
    "MRAcquisitionType": "2D",
    "MagneticFieldStrength": 3,
    "Manufacturer": "Siemens",
    "ManufacturersModelName": "Prisma",
    "Modality": "MR",
    "MultibandAccelerationFactor": 8,
    "PartialFourier": 0.875,
    "PatientPosition": "HFS",
    "PercentPhaseFOV": 100,
    "PercentSampling": 100,
    "PhaseEncodingDirection": "j-",
    "PhaseEncodingSteps": 93,
    "PhaseResolution": 1,
    "PixelBandwidth": 2360,
    "ProcedureStepDescription": "Research^Projects_64CH",
    "ProtocolName": "fMRI_run2_AP",
    "PulseSequenceDetails": "%SiemensSeq%\\ep2d_bold",
    "ReceiveCoilActiveElements": "HC1-7;NC1,2",
    "ReceiveCoilName": "HeadNeck_64",
    "ReconMatrixPE": 106,
    "RefLinesPE": 32,
    "RepetitionTime": 0.71,
    "SAR": 0.118192,
    "ScanOptions": "PFP\\FS",
    "ScanningSequence": "EP",
    "SequenceName": "*epfid2d1_106",
    "SequenceVariant": "SK",
    "SeriesDescription": "fMRI_run2_AP",
    "SeriesNumber": 6,
    "ShimSetting": [
      -3469,
      -2118,
      -1873,
      251,
      67,
      -281,
      -90,
      67
    ],
    "SliceThickness": 2,
    "SliceTiming": [
      0.305,
      0,
      0.3825,
      0.075,
      0.46,
      0.1525,
      0.535,
      0.23,
      0.6125,
      0.305,
      0,
      0.3825,
      0.075,
      0.46,
      0.1525,
      0.535,
      0.23,
      0.6125,
      0.305,
      0,
      0.3825,
      0.075,
      0.46,
      0.1525,
      0.535,
      0.23,
      0.6125,
      0.305,
      0,
      0.3825,
      0.075,
      0.46,
      0.1525,
      0.535,
      0.23,
      0.6125,
      0.305,
      0,
      0.3825,
      0.075,
      0.46,
      0.1525,
      0.535,
      0.23,
      0.6125,
      0.305,
      0,
      0.3825,
      0.075,
      0.46,
      0.1525,
      0.535,
      0.23,
      0.6125,
      0.305,
      0,
      0.3825,
      0.075,
      0.46,
      0.1525,
      0.535,
      0.23,
      0.6125,
      0.305,
      0,
      0.3825,
      0.075,
      0.46,
      0.1525,
      0.535,
      0.23,
      0.6125
    ],
    "SoftwareVersions": "syngo MR E11",
    "SpacingBetweenSlices": 2,
    "StationName": "AWP66014",
    "TaskName": "Chinese-RDR",
    "TotalReadoutTime": 0.0598493,
    "TxRefAmp": 277.507,
    "dataset": "ds004078",
    "modality": "bold",
    "run_id": 32,
    "subject_id": "04",
    "task_id": "RDR"
  },
  "dummy_trs": 3,
  "dvars_nstd": 52.25178767364345,
  "dvars_std": 1.100787031027132,
  "dvars_vstd": 1.017000772926358,
  "efc": 0.5857751825057301,
  "fber": 289.5329284667969,
  "fd_mean": 0.06230027438612374,
  "fd_num": 3,
  "fd_perc": 0.5802707930367504,
  "fwhm_avg": 3.3962584041222974,
  "fwhm_x": 3.069455,
  "fwhm_y": 3.556395,
  "fwhm_z": 3.5629252123668915,
  "gcor": 0.00857762,
  "gsr_x": 0.011221633292734623,
  "gsr_y": 0.08427629619836807,
  "provenance": {
    "md5sum": "1cd0105ef25273029e2c2d92ef3a85b9",
    "settings": {
      "fd_thres": 0.2,
      "testing": false
    },
    "software": "mriqc",
    "version": "23.0.1",
    "webapi_port": null,
    "webapi_url": "https://mriqc.nimh.nih.gov/api/v1"
  },
  "size_t": 517,
  "size_x": 106,
  "size_y": 106,
  "size_z": 72,
  "snr": 2.0591262365226934,
  "spacing_tr": 0.7099999785423279,
  "spacing_x": 2.0,
  "spacing_y": 2.0,
  "spacing_z": 1.9999998807907104,
  "summary_bg_k": 23.96213438517083,
  "summary_bg_mad": 17.332394140178003,
  "summary_bg_mean": 63.20229721069336,
  "summary_bg_median": 26.41392707824707,
  "summary_bg_n": 486580.0,
  "summary_bg_p05": 12.663443565368652,
  "summary_bg_p95": 261.905532836914,
  "summary_bg_stdv": 104.002685546875,
  "summary_fg_k": 1.3418741147280535,
  "summary_fg_mad": 209.2792028419378,
  "summary_fg_mean": 510.9308776855469,
  "summary_fg_median": 470.827880859375,
  "summary_fg_n": 201188.0,
  "summary_fg_p05": 220.88230895996094,
  "summary_fg_p95": 939.5454711914062,
  "summary_fg_stdv": 228.6536407470703,
  "tsnr": 27.46937962656375
}