{
  "aor": 0.0003653531598513011,
  "aqi": 0.007171754925650558,
  "bids_meta": {
    "AcquisitionMatrixPE": 106,
    "AcquisitionNumber": 1,
    "AcquisitionTime": "14:44:48.297500",
    "BandwidthPerPixelPhaseEncode": 16.551,
    "BaseResolution": 106,
    "BodyPartExamined": "HEAD",
    "CoilCombinationMethod": "Sum of Squares",
    "ConsistencyInfo": "N4_VE11C_LATEST_20160120",
    "ConversionSoftware": "dcm2niix",
    "ConversionSoftwareVersion": "v1.0.20211006",
    "Dcm2bidsVersion": "2.1.6",
    "DerivedVendorReportedEchoSpacing": 0.000569994,
    "DeviceSerialNumber": "66014",
    "DwellTime": 2e-06,
    "EchoTime": 0.03,
    "EchoTrainLength": 93,
    "EffectiveEchoSpacing": 0.000569994,
    "FlipAngle": 54,
    "ImageOrientationPatientDICOM": [
      0.999758,
      -0.0136867,
      0.0171977,
      0.0139601,
      0.999776,
      -0.015884
    ],
    "ImageOrientationText": "Tra>Sag(1.0)>Cor(-0.9)",
    "ImageType": [
      "ORIGINAL",
      "PRIMARY",
      "M",
      "ND",
      "MOSAIC"
    ],
    "ImagingFrequency": 123.259,
    "InPlanePhaseEncodingDirectionDICOM": "COL",
    "InstitutionAddress": "Yiheyuan Road 5,Beijing  0FCA35,Haidian,CN,100871",
    "InstitutionName": "CMR of Peking Univeristy",
    "InstitutionalDepartmentName": "Department",
    "MRAcquisitionType": "2D",
    "MagneticFieldStrength": 3,
    "Manufacturer": "Siemens",
    "ManufacturersModelName": "Prisma",
    "Modality": "MR",
    "MultibandAccelerationFactor": 8,
    "PartialFourier": 0.875,
    "PatientPosition": "HFS",
    "PercentPhaseFOV": 100,
    "PercentSampling": 100,
    "PhaseEncodingDirection": "j-",
    "PhaseEncodingSteps": 93,
    "PhaseResolution": 1,
    "PixelBandwidth": 2360,
    "ProcedureStepDescription": "Research^Projects_64CH",
    "ProtocolName": "fMRI_run2_AP",
    "PulseSequenceDetails": "%SiemensSeq%\\ep2d_bold",
    "ReceiveCoilActiveElements": "HC1-7;NC1",
    "ReceiveCoilName": "HeadNeck_64",
    "ReconMatrixPE": 106,
    "RefLinesPE": 32,
    "RepetitionTime": 0.71,
    "SAR": 0.116281,
    "ScanOptions": "PFP\\FS",
    "ScanningSequence": "EP",
    "SequenceName": "*epfid2d1_106",
    "SequenceVariant": "SK",
    "SeriesDescription": "fMRI_run2_AP",
    "SeriesNumber": 10,
    "ShimSetting": [
      -3449,
      -2109,
      -1870,
      236,
      11,
      -365,
      -54,
      39
    ],
    "SliceThickness": 2,
    "SliceTiming": [
      0.305,
      0,
      0.3825,
      0.075,
      0.46,
      0.1525,
      0.535,
      0.23,
      0.6125,
      0.305,
      0,
      0.3825,
      0.075,
      0.46,
      0.1525,
      0.535,
      0.23,
      0.6125,
      0.305,
      0,
      0.3825,
      0.075,
      0.46,
      0.1525,
      0.535,
      0.23,
      0.6125,
      0.305,
      0,
      0.3825,
      0.075,
      0.46,
      0.1525,
      0.535,
      0.23,
      0.6125,
      0.305,
      0,
      0.3825,
      0.075,
      0.46,
      0.1525,
      0.535,
      0.23,
      0.6125,
      0.305,
      0,
      0.3825,
      0.075,
      0.46,
      0.1525,
      0.535,
      0.23,
      0.6125,
      0.305,
      0,
      0.3825,
      0.075,
      0.46,
      0.1525,
      0.535,
      0.23,
      0.6125,
      0.305,
      0,
      0.3825,
      0.075,
      0.46,
      0.1525,
      0.535,
      0.23,
      0.6125
    ],
    "SoftwareVersions": "syngo MR E11",
    "SpacingBetweenSlices": 2,
    "StationName": "AWP66014",
    "TaskName": "Chinese-RDR",
    "TotalReadoutTime": 0.0598493,
    "TxRefAmp": 277.569,
    "dataset": "ds004078",
    "modality": "bold",
    "run_id": 2,
    "subject_id": "04",
    "task_id": "RDR"
  },
  "dummy_trs": 1,
  "dvars_nstd": 51.76853878234641,
  "dvars_std": 1.0978050003724402,
  "dvars_vstd": 1.0077568176722544,
  "efc": 0.5809953570450311,
  "fber": 271.9184875488281,
  "fd_mean": 0.08114265900130535,
  "fd_num": 1,
  "fd_perc": 0.18587360594795538,
  "fwhm_avg": 3.465063333333333,
  "fwhm_x": 3.15796,
  "fwhm_y": 3.629295,
  "fwhm_z": 3.607935,
  "gcor": 0.0102993,
  "gsr_x": 0.00614817813038826,
  "gsr_y": 0.09265177696943283,
  "provenance": {
    "md5sum": "95c14ee583f766d191006023baa8a39c",
    "settings": {
      "fd_thres": 0.2,
      "testing": false
    },
    "software": "mriqc",
    "version": "23.0.1",
    "webapi_port": null,
    "webapi_url": "https://mriqc.nimh.nih.gov/api/v1"
  },
  "size_t": 538,
  "size_x": 106,
  "size_y": 106,
  "size_z": 72,
  "snr": 1.9686527538732985,
  "spacing_tr": 0.7099999785423279,
  "spacing_x": 2.0,
  "spacing_y": 2.0,
  "spacing_z": 2.0,
  "summary_bg_k": 28.020386427661684,
  "summary_bg_mad": 19.800178813934366,
  "summary_bg_mean": 72.74913024902344,
  "summary_bg_median": 28.57434844970703,
  "summary_bg_n": 491016.0,
  "summary_bg_p05": 12.93122673034668,
  "summary_bg_p95": 305.4456329345703,
  "summary_bg_stdv": 128.06234741210938,
  "summary_fg_k": 1.802556022189429,
  "summary_fg_mad": 223.64007939383507,
  "summary_fg_mean": 547.9560546875,
  "summary_fg_median": 499.3829040527344,
  "summary_fg_n": 194752.0,
  "summary_fg_p05": 234.1257438659668,
  "summary_fg_p95": 1022.615686035156,
  "summary_fg_stdv": 253.66668701171875,
  "tsnr": 28.7910944216419
}