{
  "aor": 0.0005545232815964524,
  "aqi": 0.010974242549889136,
  "bids_meta": {
    "AcquisitionMatrixPE": 106,
    "AcquisitionNumber": 1,
    "AcquisitionTime": "12:25:49.257500",
    "BandwidthPerPixelPhaseEncode": 16.551,
    "BaseResolution": 106,
    "BodyPartExamined": "HEAD",
    "CoilCombinationMethod": "Sum of Squares",
    "ConsistencyInfo": "N4_VE11C_LATEST_20160120",
    "ConversionSoftware": "dcm2niix",
    "ConversionSoftwareVersion": "v1.0.20211006",
    "Dcm2bidsVersion": "2.1.6",
    "DerivedVendorReportedEchoSpacing": 0.000569994,
    "DeviceSerialNumber": "66014",
    "DwellTime": 2e-06,
    "EchoTime": 0.03,
    "EchoTrainLength": 93,
    "EffectiveEchoSpacing": 0.000569994,
    "FlipAngle": 54,
    "ImageOrientationPatientDICOM": [
      0.999961,
      -0.000185145,
      0.00881024,
      -4.82318e-08,
      0.999779,
      0.0210156
    ],
    "ImageOrientationText": "Tra>Cor(1.2)>Sag(0.5)",
    "ImageType": [
      "ORIGINAL",
      "PRIMARY",
      "M",
      "ND",
      "MOSAIC"
    ],
    "ImagingFrequency": 123.259,
    "InPlanePhaseEncodingDirectionDICOM": "COL",
    "InstitutionAddress": "Yiheyuan Road 5,Beijing  0FCA35,Haidian,CN,100871",
    "InstitutionName": "CMR of Peking Univeristy",
    "InstitutionalDepartmentName": "Department",
    "MRAcquisitionType": "2D",
    "MagneticFieldStrength": 3,
    "Manufacturer": "Siemens",
    "ManufacturersModelName": "Prisma",
    "Modality": "MR",
    "MultibandAccelerationFactor": 8,
    "PartialFourier": 0.875,
    "PatientPosition": "HFS",
    "PercentPhaseFOV": 100,
    "PercentSampling": 100,
    "PhaseEncodingDirection": "j-",
    "PhaseEncodingSteps": 93,
    "PhaseResolution": 1,
    "PixelBandwidth": 2360,
    "ProcedureStepDescription": "Research^Projects_64CH",
    "ProtocolName": "fMRI_run7_AP",
    "PulseSequenceDetails": "%SiemensSeq%\\ep2d_bold",
    "ReceiveCoilActiveElements": "HC1-7;NC1,2",
    "ReceiveCoilName": "HeadNeck_64",
    "ReconMatrixPE": 106,
    "RefLinesPE": 32,
    "RepetitionTime": 0.71,
    "SAR": 0.111629,
    "ScanOptions": "PFP\\FS",
    "ScanningSequence": "EP",
    "SequenceName": "*epfid2d1_106",
    "SequenceVariant": "SK",
    "SeriesDescription": "fMRI_run7_AP",
    "SeriesNumber": 11,
    "ShimSetting": [
      -3457,
      -2103,
      -1876,
      253,
      45,
      -358,
      -109,
      41
    ],
    "SliceThickness": 2,
    "SliceTiming": [
      0.3075,
      0,
      0.3825,
      0.0775,
      0.46,
      0.1525,
      0.5375,
      0.23,
      0.6125,
      0.3075,
      0,
      0.3825,
      0.0775,
      0.46,
      0.1525,
      0.5375,
      0.23,
      0.6125,
      0.3075,
      0,
      0.3825,
      0.0775,
      0.46,
      0.1525,
      0.5375,
      0.23,
      0.6125,
      0.3075,
      0,
      0.3825,
      0.0775,
      0.46,
      0.1525,
      0.5375,
      0.23,
      0.6125,
      0.3075,
      0,
      0.3825,
      0.0775,
      0.46,
      0.1525,
      0.5375,
      0.23,
      0.6125,
      0.3075,
      0,
      0.3825,
      0.0775,
      0.46,
      0.1525,
      0.5375,
      0.23,
      0.6125,
      0.3075,
      0,
      0.3825,
      0.0775,
      0.46,
      0.1525,
      0.5375,
      0.23,
      0.6125,
      0.3075,
      0,
      0.3825,
      0.0775,
      0.46,
      0.1525,
      0.5375,
      0.23,
      0.6125
    ],
    "SoftwareVersions": "syngo MR E11",
    "SpacingBetweenSlices": 2,
    "StationName": "AWP66014",
    "TaskName": "Chinese-RDR",
    "TotalReadoutTime": 0.0598493,
    "TxRefAmp": 271.87,
    "dataset": "ds004078",
    "modality": "bold",
    "run_id": 57,
    "subject_id": "04",
    "task_id": "RDR"
  },
  "dummy_trs": 0,
  "dvars_nstd": 50.491446389133344,
  "dvars_std": 1.0323685154000006,
  "dvars_vstd": 0.9913492781999996,
  "efc": 0.5905390851915695,
  "fber": 268.6669921875,
  "fd_mean": 0.07880106323911214,
  "fd_num": 3,
  "fd_perc": 0.6651884700665188,
  "fwhm_avg": 3.3840466666666664,
  "fwhm_x": 3.07137,
  "fwhm_y": 3.532255,
  "fwhm_z": 3.548515,
  "gcor": 0.0058363,
  "gsr_x": 0.01829715259373188,
  "gsr_y": 0.08813181519508362,
  "provenance": {
    "md5sum": "0117f4967edf283f332ada8bacc1e5a4",
    "settings": {
      "fd_thres": 0.2,
      "testing": false
    },
    "software": "mriqc",
    "version": "23.0.1",
    "webapi_port": null,
    "webapi_url": "https://mriqc.nimh.nih.gov/api/v1"
  },
  "size_t": 451,
  "size_x": 106,
  "size_y": 106,
  "size_z": 72,
  "snr": 2.0443699063929484,
  "spacing_tr": 0.7099999785423279,
  "spacing_x": 2.0,
  "spacing_y": 2.0,
  "spacing_z": 2.0,
  "summary_bg_k": 21.340440058339826,
  "summary_bg_mad": 17.74849231434693,
  "summary_bg_mean": 64.3173599243164,
  "summary_bg_median": 26.503326416015625,
  "summary_bg_n": 485504.0,
  "summary_bg_p05": 12.348114967346191,
  "summary_bg_p95": 274.25587005615216,
  "summary_bg_stdv": 106.21324920654297,
  "summary_fg_k": 1.1255154003871048,
  "summary_fg_mad": 203.36960686526993,
  "summary_fg_mean": 493.0466613769531,
  "summary_fg_median": 454.8026428222656,
  "summary_fg_n": 203179.0,
  "summary_fg_p05": 205.23347930908204,
  "summary_fg_p95": 915.9161560058593,
  "summary_fg_stdv": 222.4653778076172,
  "tsnr": 25.63645714544691
}