{
  "aor": 0.00041699751861042176,
  "aqi": 0.00681002746898263,
  "bids_meta": {
    "AcquisitionMatrixPE": 106,
    "AcquisitionNumber": 1,
    "AcquisitionTime": "12:29:58.190000",
    "BandwidthPerPixelPhaseEncode": 16.551,
    "BaseResolution": 106,
    "BodyPartExamined": "HEAD",
    "CoilCombinationMethod": "Sum of Squares",
    "ConsistencyInfo": "N4_VE11C_LATEST_20160120",
    "ConversionSoftware": "dcm2niix",
    "ConversionSoftwareVersion": "v1.0.20211006",
    "Dcm2bidsVersion": "2.1.6",
    "DerivedVendorReportedEchoSpacing": 0.000569994,
    "DeviceSerialNumber": "66014",
    "DwellTime": 2e-06,
    "EchoTime": 0.03,
    "EchoTrainLength": 93,
    "EffectiveEchoSpacing": 0.000569994,
    "FlipAngle": 54,
    "ImageOrientationPatientDICOM": [
      0.999501,
      0.0311743,
      -0.00513574,
      -0.0314105,
      0.997981,
      -0.0551968
    ],
    "ImageOrientationText": "Tra>Cor(-3.2)>Sag(-0.2)",
    "ImageType": [
      "ORIGINAL",
      "PRIMARY",
      "M",
      "ND",
      "MOSAIC"
    ],
    "ImagingFrequency": 123.259,
    "InPlanePhaseEncodingDirectionDICOM": "COL",
    "InstitutionAddress": "Yiheyuan Road 5,Beijing  0FCA35,Haidian,CN,100871",
    "InstitutionName": "CMR of Peking Univeristy",
    "InstitutionalDepartmentName": "Department",
    "MRAcquisitionType": "2D",
    "MagneticFieldStrength": 3,
    "Manufacturer": "Siemens",
    "ManufacturersModelName": "Prisma",
    "Modality": "MR",
    "MultibandAccelerationFactor": 8,
    "PartialFourier": 0.875,
    "PatientPosition": "HFS",
    "PercentPhaseFOV": 100,
    "PercentSampling": 100,
    "PhaseEncodingDirection": "j-",
    "PhaseEncodingSteps": 93,
    "PhaseResolution": 1,
    "PixelBandwidth": 2360,
    "ProcedureStepDescription": "Research^Projects_64CH",
    "ProtocolName": "fMRI_run10_AP",
    "PulseSequenceDetails": "%SiemensSeq%\\ep2d_bold",
    "ReceiveCoilActiveElements": "HC1-7;NC1,2",
    "ReceiveCoilName": "HeadNeck_64",
    "ReconMatrixPE": 106,
    "RefLinesPE": 32,
    "RepetitionTime": 0.71,
    "SAR": 0.117717,
    "ScanOptions": "PFP\\FS",
    "ScanningSequence": "EP",
    "SequenceName": "*epfid2d1_106",
    "SequenceVariant": "SK",
    "SeriesDescription": "fMRI_run10_AP",
    "SeriesNumber": 14,
    "ShimSetting": [
      -3469,
      -2118,
      -1873,
      251,
      67,
      -281,
      -90,
      67
    ],
    "SliceThickness": 2,
    "SliceTiming": [
      0.3075,
      0,
      0.385,
      0.0775,
      0.46,
      0.155,
      0.5375,
      0.23,
      0.615,
      0.3075,
      0,
      0.385,
      0.0775,
      0.46,
      0.155,
      0.5375,
      0.23,
      0.615,
      0.3075,
      0,
      0.385,
      0.0775,
      0.46,
      0.155,
      0.5375,
      0.23,
      0.615,
      0.3075,
      0,
      0.385,
      0.0775,
      0.46,
      0.155,
      0.5375,
      0.23,
      0.615,
      0.3075,
      0,
      0.385,
      0.0775,
      0.46,
      0.155,
      0.5375,
      0.23,
      0.615,
      0.3075,
      0,
      0.385,
      0.0775,
      0.46,
      0.155,
      0.5375,
      0.23,
      0.615,
      0.3075,
      0,
      0.385,
      0.0775,
      0.46,
      0.155,
      0.5375,
      0.23,
      0.615,
      0.3075,
      0,
      0.385,
      0.0775,
      0.46,
      0.155,
      0.5375,
      0.23,
      0.615
    ],
    "SoftwareVersions": "syngo MR E11",
    "SpacingBetweenSlices": 2,
    "StationName": "AWP66014",
    "TaskName": "Chinese-RDR",
    "TotalReadoutTime": 0.0598493,
    "TxRefAmp": 277.507,
    "dataset": "ds004078",
    "modality": "bold",
    "run_id": 40,
    "subject_id": "04",
    "task_id": "RDR"
  },
  "dummy_trs": 0,
  "dvars_nstd": 52.33972248634328,
  "dvars_std": 1.0870844665671644,
  "dvars_vstd": 1.0044917563930347,
  "efc": 0.5916566724345407,
  "fber": 261.5682067871094,
  "fd_mean": 0.05955354919826733,
  "fd_num": 0,
  "fd_perc": 0.0,
  "fwhm_avg": 3.3617367369128304,
  "fwhm_x": 3.01234,
  "fwhm_y": 3.537265,
  "fwhm_z": 3.5356052107384923,
  "gcor": 0.00740743,
  "gsr_x": 0.015583188273012638,
  "gsr_y": 0.08035419881343842,
  "provenance": {
    "md5sum": "d07b813c5f8a1b16522ad4c246a849b0",
    "settings": {
      "fd_thres": 0.2,
      "testing": false
    },
    "software": "mriqc",
    "version": "23.0.1",
    "webapi_port": null,
    "webapi_url": "https://mriqc.nimh.nih.gov/api/v1"
  },
  "size_t": 403,
  "size_x": 106,
  "size_y": 106,
  "size_z": 72,
  "snr": 2.042738869617022,
  "spacing_tr": 0.7099999785423279,
  "spacing_x": 2.0,
  "spacing_y": 2.0,
  "spacing_z": 1.9999998807907104,
  "summary_bg_k": 24.528557806572824,
  "summary_bg_mad": 18.217981508692738,
  "summary_bg_mean": 67.06068420410156,
  "summary_bg_median": 27.47642707824707,
  "summary_bg_n": 482653.0,
  "summary_bg_p05": 12.935483932495117,
  "summary_bg_p95": 284.14887695312456,
  "summary_bg_stdv": 111.98069763183594,
  "summary_fg_k": 1.363482710124205,
  "summary_fg_mad": 209.64659572567393,
  "summary_fg_mean": 506.62176513671875,
  "summary_fg_median": 467.36724853515625,
  "summary_fg_n": 203145.0,
  "summary_fg_p05": 215.74937438964844,
  "summary_fg_p95": 934.1756713867186,
  "summary_fg_stdv": 228.79385375976562,
  "tsnr": 28.280820506624877
}