{
  "bids_meta": {
    "AcquisitionMatrixPE": 300,
    "AcquisitionNumber": 1,
    "AcquisitionTime": "21:44:55.695000",
    "BaseResolution": 320,
    "BodyPartExamined": "HEAD",
    "CoilCombinationMethod": "Adaptive Combine",
    "ConsistencyInfo": "N4_VE11C_LATEST_20160120",
    "ConversionSoftware": "dcm2niix",
    "ConversionSoftwareVersion": "v1.0.20211006",
    "Dcm2bidsVersion": "2.1.6",
    "DeviceSerialNumber": "66014",
    "DwellTime": 2.1e-06,
    "EchoTime": 0.563,
    "EchoTrainLength": 314,
    "FlipAngle": 120,
    "ImageOrientationPatientDICOM": [
      -0.0119907,
      0.999709,
      -0.0209413,
      0.0106902,
      -0.0208135,
      -0.999726
    ],
    "ImageOrientationText": "Sag>Cor(-0.7)>Tra(-0.6)",
    "ImageType": [
      "ORIGINAL",
      "PRIMARY",
      "M",
      "ND",
      "NORM"
    ],
    "ImagingFrequency": 123.259,
    "InPlanePhaseEncodingDirectionDICOM": "ROW",
    "InstitutionAddress": "Yiheyuan Road 5,Beijing  0FCA35,Haidian,CN,100871",
    "InstitutionName": "CMR of Peking Univeristy",
    "InstitutionalDepartmentName": "Department",
    "MRAcquisitionType": "3D",
    "MagneticFieldStrength": 3,
    "Manufacturer": "Siemens",
    "ManufacturersModelName": "Prisma",
    "MatrixCoilMode": "GRAPPA",
    "Modality": "MR",
    "ParallelReductionFactorInPlane": 2,
    "PartialFourier": 1,
    "PatientPosition": "HFS",
    "PercentPhaseFOV": 93.75,
    "PercentSampling": 100,
    "PhaseEncodingDirection": "i",
    "PhaseEncodingSteps": 297,
    "PhaseResolution": 1,
    "PixelBandwidth": 745,
    "ProcedureStepDescription": "Research^Projects_64CH",
    "ProtocolName": "T2w_SPC",
    "PulseSequenceDetails": "%SiemensSeq%\\tse_vfl",
    "ReceiveCoilActiveElements": "HC1-7;NC1,2",
    "ReceiveCoilName": "HeadNeck_64",
    "ReconMatrixPE": 300,
    "RefLinesPE": 32,
    "RepetitionTime": 3.2,
    "SAR": 0.196405,
    "ScanOptions": "PFP",
    "ScanningSequence": "SE",
    "SequenceName": "*spcR_314ns",
    "SequenceVariant": "SK\\SP",
    "SeriesDescription": "T2w_SPC",
    "SeriesNumber": 26,
    "ShimSetting": [
      -3449,
      -2115,
      -2034,
      39,
      -26,
      -373,
      -65,
      3
    ],
    "SliceThickness": 0.8,
    "SoftwareVersions": "syngo MR E11",
    "SpoilingState": true,
    "StationName": "AWP66014",
    "TxRefAmp": 248.666,
    "dataset": "ds004078",
    "modality": "T2w",
    "run_id": 2,
    "subject_id": "11"
  },
  "cjv": 0.2951891717805271,
  "cnr": 1.6058854444978035,
  "efc": 0.5353997720461,
  "fber": 6876.577797477767,
  "fwhm_avg": 2.5268916290130474,
  "fwhm_x": 2.472999963149429,
  "fwhm_y": 2.7632874588238083,
  "fwhm_z": 2.3443874650659047,
  "icvs_csf": 0.39737329505035074,
  "icvs_gm": 0.4598773077354175,
  "icvs_wm": 0.14274939721423177,
  "inu_med": 0.9598732590675354,
  "inu_range": 0.24463305473327646,
  "provenance": {
    "md5sum": "37eb959cc94ae0aaef0475f9aee336bb",
    "settings": {
      "testing": false
    },
    "software": "mriqc",
    "version": "23.0.1",
    "warnings": {
      "large_rot_frame": true,
      "small_air_mask": false
    },
    "webapi_port": null,
    "webapi_url": "https://mriqc.nimh.nih.gov/api/v1"
  },
  "qi_1": 0.0,
  "qi_2": 0.001370668224295706,
  "rpve_csf": 14.030707288073646,
  "rpve_gm": 13.30024264420253,
  "rpve_wm": 43.33135375130794,
  "size_x": 224,
  "size_y": 300,
  "size_z": 320,
  "snr_csf": 10.461245043650603,
  "snr_gm": 9.4735003904365,
  "snr_total": 7.424745403783045,
  "snr_wm": 2.339490777262031,
  "snrd_csf": 80.24139926800335,
  "snrd_gm": 48.44634159896771,
  "snrd_total": 94.73442565792067,
  "snrd_wm": 155.51553610679093,
  "spacing_x": 0.800000011920929,
  "spacing_y": 0.800000011920929,
  "spacing_z": 0.800000011920929,
  "summary_bg_k": 6.972062821960391,
  "summary_bg_mad": 0.0,
  "summary_bg_mean": 2.801193724580491,
  "summary_bg_median": 0.0,
  "summary_bg_n": 4471140.0,
  "summary_bg_p05": 0.0,
  "summary_bg_p95": 11.69270870834589,
  "summary_bg_stdv": 4.213206423252596,
  "summary_csf_k": 0.8544033512126386,
  "summary_csf_mad": 46.08285938458768,
  "summary_csf_mean": 518.2636482377973,
  "summary_csf_median": 516.0354069881141,
  "summary_csf_n": 110493.0,
  "summary_csf_p05": 442.09374544396996,
  "summary_csf_p95": 601.9641979634762,
  "summary_csf_stdv": 49.328074209127195,
  "summary_gm_k": 0.5374796930806816,
  "summary_gm_mad": 31.553351621923362,
  "summary_gm_mean": 311.59144507905364,
  "summary_gm_median": 311.56021495349705,
  "summary_gm_n": 411217.0,
  "summary_gm_p05": 258.01770349405706,
  "summary_gm_p95": 364.9344859998673,
  "summary_gm_stdv": 32.88750971507577,
  "summary_wm_k": -1.0825297413787376,
  "summary_wm_mad": 171.70386104933988,
  "summary_wm_mean": 759.1010464115926,
  "summary_wm_median": 1000.1261655446142,
  "summary_wm_n": 45098.0,
  "summary_wm_p05": 28.117179034277797,
  "summary_wm_p95": 1152.783310353756,
  "summary_wm_stdv": 427.49263508046454,
  "tpm_overlap_csf": 0.1096302502228822,
  "tpm_overlap_gm": 0.28150204075475077,
  "tpm_overlap_wm": 0.028292860289910026,
  "wm2max": 0.88272853009067
}