{
  "aor": 0.0002848259860788863,
  "aqi": 0.006703637517401391,
  "bids_meta": {
    "AcquisitionMatrixPE": 106,
    "AcquisitionNumber": 1,
    "AcquisitionTime": "11:13:46.512500",
    "BandwidthPerPixelPhaseEncode": 16.551,
    "BaseResolution": 106,
    "BodyPartExamined": "HEAD",
    "CoilCombinationMethod": "Sum of Squares",
    "ConsistencyInfo": "N4_VE11C_LATEST_20160120",
    "ConversionSoftware": "dcm2niix",
    "ConversionSoftwareVersion": "v1.0.20211006",
    "Dcm2bidsVersion": "2.1.6",
    "DerivedVendorReportedEchoSpacing": 0.000569994,
    "DeviceSerialNumber": "66014",
    "DwellTime": 2e-06,
    "EchoTime": 0.03,
    "EchoTrainLength": 93,
    "EffectiveEchoSpacing": 0.000569994,
    "FlipAngle": 54,
    "ImageOrientationPatientDICOM": [
      0.996775,
      -0.0438537,
      0.0672066,
      0.0574737,
      0.974595,
      -0.216477
    ],
    "ImageOrientationText": "Tra>Cor(-12.7)>Sag(3.2)",
    "ImageType": [
      "ORIGINAL",
      "PRIMARY",
      "M",
      "ND",
      "MOSAIC"
    ],
    "ImagingFrequency": 123.259,
    "InPlanePhaseEncodingDirectionDICOM": "COL",
    "InstitutionAddress": "Yiheyuan Road 5,Beijing  0FCA35,Haidian,CN,100871",
    "InstitutionName": "CMR of Peking Univeristy",
    "InstitutionalDepartmentName": "Department",
    "MRAcquisitionType": "2D",
    "MagneticFieldStrength": 3,
    "Manufacturer": "Siemens",
    "ManufacturersModelName": "Prisma",
    "Modality": "MR",
    "MultibandAccelerationFactor": 8,
    "PartialFourier": 0.875,
    "PatientPosition": "HFS",
    "PercentPhaseFOV": 100,
    "PercentSampling": 100,
    "PhaseEncodingDirection": "j-",
    "PhaseEncodingSteps": 93,
    "PhaseResolution": 1,
    "PixelBandwidth": 2360,
    "ProcedureStepDescription": "Research^Projects_64CH",
    "ProtocolName": "fMRI_run8_AP",
    "PulseSequenceDetails": "%SiemensSeq%\\ep2d_bold",
    "ReceiveCoilActiveElements": "HC1-7;NC1,2",
    "ReceiveCoilName": "HeadNeck_64",
    "ReconMatrixPE": 106,
    "RefLinesPE": 32,
    "RepetitionTime": 0.71,
    "SAR": 0.0908077,
    "ScanOptions": "PFP\\FS",
    "ScanningSequence": "EP",
    "SequenceName": "*epfid2d1_106",
    "SequenceVariant": "SK",
    "SeriesDescription": "fMRI_run8_AP",
    "SeriesNumber": 12,
    "ShimSetting": [
      -3438,
      -2115,
      -1984,
      636,
      -16,
      -336,
      -157,
      -25
    ],
    "SliceThickness": 2,
    "SliceTiming": [
      0.305,
      0,
      0.3825,
      0.075,
      0.46,
      0.1525,
      0.535,
      0.23,
      0.6125,
      0.305,
      0,
      0.3825,
      0.075,
      0.46,
      0.1525,
      0.535,
      0.23,
      0.6125,
      0.305,
      0,
      0.3825,
      0.075,
      0.46,
      0.1525,
      0.535,
      0.23,
      0.6125,
      0.305,
      0,
      0.3825,
      0.075,
      0.46,
      0.1525,
      0.535,
      0.23,
      0.6125,
      0.305,
      0,
      0.3825,
      0.075,
      0.46,
      0.1525,
      0.535,
      0.23,
      0.6125,
      0.305,
      0,
      0.3825,
      0.075,
      0.46,
      0.1525,
      0.535,
      0.23,
      0.6125,
      0.305,
      0,
      0.3825,
      0.075,
      0.46,
      0.1525,
      0.535,
      0.23,
      0.6125,
      0.305,
      0,
      0.3825,
      0.075,
      0.46,
      0.1525,
      0.535,
      0.23,
      0.6125
    ],
    "SoftwareVersions": "syngo MR E11",
    "SpacingBetweenSlices": 2,
    "StationName": "AWP66014",
    "TaskName": "Chinese-RDR",
    "TotalReadoutTime": 0.0598493,
    "TxRefAmp": 237.836,
    "dataset": "ds004078",
    "modality": "bold",
    "run_id": 58,
    "subject_id": "02",
    "task_id": "RDR"
  },
  "dummy_trs": 1,
  "dvars_nstd": 43.9371096944651,
  "dvars_std": 1.016435591976745,
  "dvars_vstd": 0.9971687028604657,
  "efc": 0.5224681052787019,
  "fber": 599.4093017578125,
  "fd_mean": 0.05175239711293323,
  "fd_num": 2,
  "fd_perc": 0.46403712296983757,
  "fwhm_avg": 3.49337,
  "fwhm_x": 3.25509,
  "fwhm_y": 3.572815,
  "fwhm_z": 3.652205,
  "gcor": 0.00505794,
  "gsr_x": -0.013083967380225658,
  "gsr_y": 0.07007584720849991,
  "provenance": {
    "md5sum": "b2c4b1cbdaf91931bbbd4daa5daea5b2",
    "settings": {
      "fd_thres": 0.2,
      "testing": false
    },
    "software": "mriqc",
    "version": "23.0.1",
    "webapi_port": null,
    "webapi_url": "https://mriqc.nimh.nih.gov/api/v1"
  },
  "size_t": 431,
  "size_x": 106,
  "size_y": 106,
  "size_z": 72,
  "snr": 2.275637619164221,
  "spacing_tr": 0.7099999785423279,
  "spacing_x": 2.0,
  "spacing_y": 2.0,
  "spacing_z": 2.0,
  "summary_bg_k": 29.80592168108511,
  "summary_bg_mad": 10.460771470485893,
  "summary_bg_mean": 40.94485092163086,
  "summary_bg_median": 19.030160903930664,
  "summary_bg_n": 544020.0,
  "summary_bg_p05": 11.303943634033203,
  "summary_bg_p95": 151.41542968749997,
  "summary_bg_stdv": 62.76667022705078,
  "summary_fg_k": 1.6739817580157812,
  "summary_fg_mad": 178.5314499169689,
  "summary_fg_mean": 517.5523681640625,
  "summary_fg_median": 478.6380310058594,
  "summary_fg_n": 159581.0,
  "summary_fg_p05": 254.6983642578125,
  "summary_fg_p95": 926.751708984375,
  "summary_fg_stdv": 210.3307342529297,
  "tsnr": 30.744758195942268
}