{
  "aor": 0.00038027093596059114,
  "aqi": 0.00710592472906404,
  "bids_meta": {
    "AcquisitionMatrixPE": 106,
    "AcquisitionNumber": 1,
    "AcquisitionTime": "18:33:40.587500",
    "BandwidthPerPixelPhaseEncode": 16.551,
    "BaseResolution": 106,
    "BodyPartExamined": "HEAD",
    "CoilCombinationMethod": "Sum of Squares",
    "ConsistencyInfo": "N4_VE11C_LATEST_20160120",
    "ConversionSoftware": "dcm2niix",
    "ConversionSoftwareVersion": "v1.0.20211006",
    "Dcm2bidsVersion": "2.1.6",
    "DerivedVendorReportedEchoSpacing": 0.000569994,
    "DeviceSerialNumber": "66014",
    "DwellTime": 2e-06,
    "EchoTime": 0.03,
    "EchoTrainLength": 93,
    "EffectiveEchoSpacing": 0.000569994,
    "FlipAngle": 54,
    "ImageOrientationPatientDICOM": [
      0.998936,
      -0.0213141,
      0.0408865,
      0.0261581,
      0.992203,
      -0.12186
    ],
    "ImageOrientationText": "Tra>Cor(-7.1)>Sag(2.2)",
    "ImageType": [
      "ORIGINAL",
      "PRIMARY",
      "M",
      "ND",
      "MOSAIC"
    ],
    "ImagingFrequency": 123.259,
    "InPlanePhaseEncodingDirectionDICOM": "COL",
    "InstitutionAddress": "Yiheyuan Road 5,Beijing  0FCA35,Haidian,CN,100871",
    "InstitutionName": "CMR of Peking Univeristy",
    "InstitutionalDepartmentName": "Department",
    "MRAcquisitionType": "2D",
    "MagneticFieldStrength": 3,
    "Manufacturer": "Siemens",
    "ManufacturersModelName": "Prisma",
    "Modality": "MR",
    "MultibandAccelerationFactor": 8,
    "PartialFourier": 0.875,
    "PatientPosition": "HFS",
    "PercentPhaseFOV": 100,
    "PercentSampling": 100,
    "PhaseEncodingDirection": "j-",
    "PhaseEncodingSteps": 93,
    "PhaseResolution": 1,
    "PixelBandwidth": 2360,
    "ProcedureStepDescription": "Research^Projects_64CH",
    "ProtocolName": "fMRI_run9_AP",
    "PulseSequenceDetails": "%SiemensSeq%\\ep2d_bold",
    "ReceiveCoilActiveElements": "HC1-7;NC1,2",
    "ReceiveCoilName": "HeadNeck_64",
    "ReconMatrixPE": 106,
    "RefLinesPE": 32,
    "RepetitionTime": 0.71,
    "SAR": 0.111029,
    "ScanOptions": "PFP\\FS",
    "ScanningSequence": "EP",
    "SequenceName": "*epfid2d1_106",
    "SequenceVariant": "SK",
    "SeriesDescription": "fMRI_run9_AP",
    "SeriesNumber": 17,
    "ShimSetting": [
      -3439,
      -2133,
      -1970,
      619,
      -41,
      -346,
      -184,
      -18
    ],
    "SliceThickness": 2,
    "SliceTiming": [
      0.3075,
      0,
      0.3825,
      0.0775,
      0.46,
      0.155,
      0.5375,
      0.23,
      0.6125,
      0.3075,
      0,
      0.3825,
      0.0775,
      0.46,
      0.155,
      0.5375,
      0.23,
      0.6125,
      0.3075,
      0,
      0.3825,
      0.0775,
      0.46,
      0.155,
      0.5375,
      0.23,
      0.6125,
      0.3075,
      0,
      0.3825,
      0.0775,
      0.46,
      0.155,
      0.5375,
      0.23,
      0.6125,
      0.3075,
      0,
      0.3825,
      0.0775,
      0.46,
      0.155,
      0.5375,
      0.23,
      0.6125,
      0.3075,
      0,
      0.3825,
      0.0775,
      0.46,
      0.155,
      0.5375,
      0.23,
      0.6125,
      0.3075,
      0,
      0.3825,
      0.0775,
      0.46,
      0.155,
      0.5375,
      0.23,
      0.6125,
      0.3075,
      0,
      0.3825,
      0.0775,
      0.46,
      0.155,
      0.5375,
      0.23,
      0.6125
    ],
    "SoftwareVersions": "syngo MR E11",
    "SpacingBetweenSlices": 2,
    "StationName": "AWP66014",
    "TaskName": "Chinese-RDR",
    "TotalReadoutTime": 0.0598493,
    "TxRefAmp": 244.777,
    "dataset": "ds004078",
    "modality": "bold",
    "run_id": 9,
    "subject_id": "02",
    "task_id": "RDR"
  },
  "dummy_trs": 1,
  "dvars_nstd": 43.60906170488889,
  "dvars_std": 1.017037267506172,
  "dvars_vstd": 1.0096495402716061,
  "efc": 0.527973554336578,
  "fber": 591.2127685546875,
  "fd_mean": 0.059123994537097296,
  "fd_num": 0,
  "fd_perc": 0.0,
  "fwhm_avg": 3.3353250000000005,
  "fwhm_x": 3.05818,
  "fwhm_y": 3.43913,
  "fwhm_z": 3.508665,
  "gcor": 0.00437989,
  "gsr_x": -0.015972569584846497,
  "gsr_y": 0.06459996849298477,
  "provenance": {
    "md5sum": "b4ef4a5fbd3396e6311d2d3711842a29",
    "settings": {
      "fd_thres": 0.2,
      "testing": false
    },
    "software": "mriqc",
    "version": "23.0.1",
    "webapi_port": null,
    "webapi_url": "https://mriqc.nimh.nih.gov/api/v1"
  },
  "size_t": 406,
  "size_x": 106,
  "size_y": 106,
  "size_z": 72,
  "snr": 2.459128274674492,
  "spacing_tr": 0.7099999785423279,
  "spacing_x": 2.0,
  "spacing_y": 2.0,
  "spacing_z": 2.0,
  "summary_bg_k": 30.180463368356982,
  "summary_bg_mad": 9.761072119307938,
  "summary_bg_mean": 40.448204040527344,
  "summary_bg_median": 18.43842315673828,
  "summary_bg_n": 549000.0,
  "summary_bg_p05": 11.199506759643555,
  "summary_bg_p95": 152.76107788085938,
  "summary_bg_stdv": 62.666412353515625,
  "summary_fg_k": 1.2347812873042212,
  "summary_fg_mad": 156.9184323954653,
  "summary_fg_mean": 488.8382263183594,
  "summary_fg_median": 456.7265930175781,
  "summary_fg_n": 157275.0,
  "summary_fg_p05": 252.45073699951175,
  "summary_fg_p95": 852.7046447753904,
  "summary_fg_stdv": 185.7264404296875,
  "tsnr": 30.647309529595077
}