{
  "aor": 0.0002852373417721519,
  "aqi": 0.007693484778481013,
  "bids_meta": {
    "AcquisitionMatrixPE": 106,
    "AcquisitionNumber": 1,
    "AcquisitionTime": "11:49:20.670000",
    "BandwidthPerPixelPhaseEncode": 16.551,
    "BaseResolution": 106,
    "BodyPartExamined": "HEAD",
    "CoilCombinationMethod": "Sum of Squares",
    "ConsistencyInfo": "N4_VE11C_LATEST_20160120",
    "ConversionSoftware": "dcm2niix",
    "ConversionSoftwareVersion": "v1.0.20211006",
    "Dcm2bidsVersion": "2.1.6",
    "DerivedVendorReportedEchoSpacing": 0.000569994,
    "DeviceSerialNumber": "66014",
    "DwellTime": 2e-06,
    "EchoTime": 0.03,
    "EchoTrainLength": 93,
    "EffectiveEchoSpacing": 0.000569994,
    "FlipAngle": 54,
    "ImageOrientationPatientDICOM": [
      0.994635,
      -0.0709285,
      0.0753075,
      0.0782795,
      0.991941,
      -0.0996259
    ],
    "ImageOrientationText": "Tra>Cor(-6.0)>Sag(3.9)",
    "ImageType": [
      "ORIGINAL",
      "PRIMARY",
      "M",
      "ND",
      "MOSAIC"
    ],
    "ImagingFrequency": 123.26,
    "InPlanePhaseEncodingDirectionDICOM": "COL",
    "InstitutionAddress": "Yiheyuan Road 5,Beijing  0FCA35,Haidian,CN,100871",
    "InstitutionName": "CMR of Peking Univeristy",
    "InstitutionalDepartmentName": "Department",
    "MRAcquisitionType": "2D",
    "MagneticFieldStrength": 3,
    "Manufacturer": "Siemens",
    "ManufacturersModelName": "Prisma",
    "Modality": "MR",
    "MultibandAccelerationFactor": 8,
    "PartialFourier": 0.875,
    "PatientPosition": "HFS",
    "PercentPhaseFOV": 100,
    "PercentSampling": 100,
    "PhaseEncodingDirection": "j-",
    "PhaseEncodingSteps": 93,
    "PhaseResolution": 1,
    "PixelBandwidth": 2360,
    "ProcedureStepDescription": "Research^Projects_64CH",
    "ProtocolName": "fMRI_Rest1_AP",
    "PulseSequenceDetails": "%SiemensSeq%\\ep2d_bold",
    "ReceiveCoilActiveElements": "HC1-7;NC1,2",
    "ReceiveCoilName": "HeadNeck_64",
    "ReconMatrixPE": 106,
    "RefLinesPE": 32,
    "RepetitionTime": 0.71,
    "SAR": 0.0949232,
    "ScanOptions": "PFP\\FS",
    "ScanningSequence": "EP",
    "SequenceName": "*epfid2d1_106",
    "SequenceVariant": "SK",
    "SeriesDescription": "fMRI_Rest1_AP",
    "SeriesNumber": 5,
    "ShimSetting": [
      -3435,
      -2122,
      -1946,
      581,
      -44,
      -351,
      -165,
      -60
    ],
    "SliceThickness": 2,
    "SliceTiming": [
      0.305,
      0,
      0.3825,
      0.075,
      0.46,
      0.1525,
      0.535,
      0.23,
      0.6125,
      0.305,
      0,
      0.3825,
      0.075,
      0.46,
      0.1525,
      0.535,
      0.23,
      0.6125,
      0.305,
      0,
      0.3825,
      0.075,
      0.46,
      0.1525,
      0.535,
      0.23,
      0.6125,
      0.305,
      0,
      0.3825,
      0.075,
      0.46,
      0.1525,
      0.535,
      0.23,
      0.6125,
      0.305,
      0,
      0.3825,
      0.075,
      0.46,
      0.1525,
      0.535,
      0.23,
      0.6125,
      0.305,
      0,
      0.3825,
      0.075,
      0.46,
      0.1525,
      0.535,
      0.23,
      0.6125,
      0.305,
      0,
      0.3825,
      0.075,
      0.46,
      0.1525,
      0.535,
      0.23,
      0.6125,
      0.305,
      0,
      0.3825,
      0.075,
      0.46,
      0.1525,
      0.535,
      0.23,
      0.6125
    ],
    "SoftwareVersions": "syngo MR E11",
    "SpacingBetweenSlices": 2,
    "StationName": "AWP66014",
    "TaskName": "rest",
    "TotalReadoutTime": 0.0598493,
    "TxRefAmp": 233.549,
    "dataset": "ds004078",
    "modality": "bold",
    "run_id": 1,
    "subject_id": "02",
    "task_id": "rest"
  },
  "dummy_trs": 2,
  "dvars_nstd": 47.80771114020602,
  "dvars_std": 1.0441054851822507,
  "dvars_vstd": 1.000389520649762,
  "efc": 0.5265578241087028,
  "fber": 649.6685791015625,
  "fd_mean": 0.060634838026041415,
  "fd_num": 1,
  "fd_perc": 0.15822784810126583,
  "fwhm_avg": 3.235231666666667,
  "fwhm_x": 2.962065,
  "fwhm_y": 3.34511,
  "fwhm_z": 3.39852,
  "gcor": 0.00596234,
  "gsr_x": -0.009478319436311722,
  "gsr_y": 0.05801086872816086,
  "provenance": {
    "md5sum": "006995d34c9122be01f1badf0e42e079",
    "settings": {
      "fd_thres": 0.2,
      "testing": false
    },
    "software": "mriqc",
    "version": "23.0.1",
    "webapi_port": null,
    "webapi_url": "https://mriqc.nimh.nih.gov/api/v1"
  },
  "size_t": 632,
  "size_x": 106,
  "size_y": 106,
  "size_z": 72,
  "snr": 2.617684662884227,
  "spacing_tr": 0.7099999785423279,
  "spacing_x": 2.0,
  "spacing_y": 2.0,
  "spacing_z": 2.0,
  "summary_bg_k": 37.32980355336707,
  "summary_bg_mad": 9.510237116435693,
  "summary_bg_mean": 37.75027847290039,
  "summary_bg_median": 17.81012725830078,
  "summary_bg_n": 546882.0,
  "summary_bg_p05": 10.843355178833008,
  "summary_bg_p95": 134.67880249023438,
  "summary_bg_stdv": 57.482757568359375,
  "summary_fg_k": 1.0083808746126586,
  "summary_fg_mad": 157.07373733061607,
  "summary_fg_mean": 489.5850524902344,
  "summary_fg_median": 462.4588623046875,
  "summary_fg_n": 157850.0,
  "summary_fg_p05": 257.7283996582031,
  "summary_fg_p95": 825.366775512695,
  "summary_fg_stdv": 176.6665802001953,
  "tsnr": 29.52170111204032
}