{
  "aor": 0.00042118834080717493,
  "aqi": 0.007082327847533632,
  "bids_meta": {
    "AcquisitionMatrixPE": 106,
    "AcquisitionNumber": 1,
    "AcquisitionTime": "10:59:32.340000",
    "BandwidthPerPixelPhaseEncode": 16.551,
    "BaseResolution": 106,
    "BodyPartExamined": "HEAD",
    "CoilCombinationMethod": "Sum of Squares",
    "ConsistencyInfo": "N4_VE11C_LATEST_20160120",
    "ConversionSoftware": "dcm2niix",
    "ConversionSoftwareVersion": "v1.0.20211006",
    "Dcm2bidsVersion": "2.1.6",
    "DerivedVendorReportedEchoSpacing": 0.000569994,
    "DeviceSerialNumber": "66014",
    "DwellTime": 2e-06,
    "EchoTime": 0.03,
    "EchoTrainLength": 93,
    "EffectiveEchoSpacing": 0.000569994,
    "FlipAngle": 54,
    "ImageOrientationPatientDICOM": [
      0.998485,
      -0.035533,
      0.0420159,
      0.0383579,
      0.996916,
      -0.0684587
    ],
    "ImageOrientationText": "Tra>Cor(-4.0)>Sag(2.3)",
    "ImageType": [
      "ORIGINAL",
      "PRIMARY",
      "M",
      "ND",
      "MOSAIC"
    ],
    "ImagingFrequency": 123.259,
    "InPlanePhaseEncodingDirectionDICOM": "COL",
    "InstitutionAddress": "Yiheyuan Road 5,Beijing  0FCA35,Haidian,CN,100871",
    "InstitutionName": "CMR of Peking Univeristy",
    "InstitutionalDepartmentName": "Department",
    "MRAcquisitionType": "2D",
    "MagneticFieldStrength": 3,
    "Manufacturer": "Siemens",
    "ManufacturersModelName": "Prisma",
    "Modality": "MR",
    "MultibandAccelerationFactor": 8,
    "PartialFourier": 0.875,
    "PatientPosition": "HFS",
    "PercentPhaseFOV": 100,
    "PercentSampling": 100,
    "PhaseEncodingDirection": "j-",
    "PhaseEncodingSteps": 93,
    "PhaseResolution": 1,
    "PixelBandwidth": 2360,
    "ProcedureStepDescription": "Research^Projects_64CH",
    "ProtocolName": "fMRI_run7_AP",
    "PulseSequenceDetails": "%SiemensSeq%\\ep2d_bold",
    "ReceiveCoilActiveElements": "HC1-7;NC1,2",
    "ReceiveCoilName": "HeadNeck_64",
    "ReconMatrixPE": 106,
    "RefLinesPE": 32,
    "RepetitionTime": 0.71,
    "SAR": 0.089208,
    "ScanOptions": "PFP\\FS",
    "ScanningSequence": "EP",
    "SequenceName": "*epfid2d1_106",
    "SequenceVariant": "SK",
    "SeriesDescription": "fMRI_run7_AP",
    "SeriesNumber": 11,
    "ShimSetting": [
      -3435,
      -2149,
      -1917,
      573,
      -2,
      -295,
      -98,
      -30
    ],
    "SliceThickness": 2,
    "SliceTiming": [
      0.305,
      0,
      0.3825,
      0.075,
      0.46,
      0.1525,
      0.535,
      0.23,
      0.6125,
      0.305,
      0,
      0.3825,
      0.075,
      0.46,
      0.1525,
      0.535,
      0.23,
      0.6125,
      0.305,
      0,
      0.3825,
      0.075,
      0.46,
      0.1525,
      0.535,
      0.23,
      0.6125,
      0.305,
      0,
      0.3825,
      0.075,
      0.46,
      0.1525,
      0.535,
      0.23,
      0.6125,
      0.305,
      0,
      0.3825,
      0.075,
      0.46,
      0.1525,
      0.535,
      0.23,
      0.6125,
      0.305,
      0,
      0.3825,
      0.075,
      0.46,
      0.1525,
      0.535,
      0.23,
      0.6125,
      0.305,
      0,
      0.3825,
      0.075,
      0.46,
      0.1525,
      0.535,
      0.23,
      0.6125,
      0.305,
      0,
      0.3825,
      0.075,
      0.46,
      0.1525,
      0.535,
      0.23,
      0.6125
    ],
    "SoftwareVersions": "syngo MR E11",
    "SpacingBetweenSlices": 2,
    "StationName": "AWP66014",
    "TaskName": "Chinese-RDR",
    "TotalReadoutTime": 0.0598493,
    "TxRefAmp": 228.716,
    "dataset": "ds004078",
    "modality": "bold",
    "run_id": 37,
    "subject_id": "02",
    "task_id": "RDR"
  },
  "dummy_trs": 2,
  "dvars_nstd": 43.488431497438185,
  "dvars_std": 1.018916275393259,
  "dvars_vstd": 1.0056121385617975,
  "efc": 0.5255207685942199,
  "fber": 610.788330078125,
  "fd_mean": 0.060930582882036954,
  "fd_num": 6,
  "fd_perc": 1.345291479820628,
  "fwhm_avg": 3.2760233333333333,
  "fwhm_x": 3.05118,
  "fwhm_y": 3.40476,
  "fwhm_z": 3.37213,
  "gcor": 0.00793529,
  "gsr_x": -0.01523270457983017,
  "gsr_y": 0.06023207679390907,
  "provenance": {
    "md5sum": "9c5894f9383592533103803b2e163057",
    "settings": {
      "fd_thres": 0.2,
      "testing": false
    },
    "software": "mriqc",
    "version": "23.0.1",
    "webapi_port": null,
    "webapi_url": "https://mriqc.nimh.nih.gov/api/v1"
  },
  "size_t": 446,
  "size_x": 106,
  "size_y": 106,
  "size_z": 72,
  "snr": 2.4222514559164794,
  "spacing_tr": 0.7099999785423279,
  "spacing_x": 2.0,
  "spacing_y": 2.0,
  "spacing_z": 2.0,
  "summary_bg_k": 32.65257096736211,
  "summary_bg_mad": 10.398161694143838,
  "summary_bg_mean": 40.84916305541992,
  "summary_bg_median": 18.838565826416016,
  "summary_bg_n": 547206.0,
  "summary_bg_p05": 11.067265510559082,
  "summary_bg_p95": 153.21862030029297,
  "summary_bg_stdv": 63.31250762939453,
  "summary_fg_k": 1.7489670137122442,
  "summary_fg_mad": 167.6536796054924,
  "summary_fg_mean": 505.9749755859375,
  "summary_fg_median": 473.25115966796875,
  "summary_fg_n": 158819.0,
  "summary_fg_p05": 255.80135803222657,
  "summary_fg_p95": 879.3076416015625,
  "summary_fg_stdv": 195.37594604492188,
  "tsnr": 30.58685217378661
}