{
  "aor": 0.00036990074441687346,
  "aqi": 0.006748367369727047,
  "bids_meta": {
    "AcquisitionMatrixPE": 106,
    "AcquisitionNumber": 1,
    "AcquisitionTime": "11:23:52.767500",
    "BandwidthPerPixelPhaseEncode": 16.551,
    "BaseResolution": 106,
    "BodyPartExamined": "HEAD",
    "CoilCombinationMethod": "Sum of Squares",
    "ConsistencyInfo": "N4_VE11C_LATEST_20160120",
    "ConversionSoftware": "dcm2niix",
    "ConversionSoftwareVersion": "v1.0.20211006",
    "Dcm2bidsVersion": "2.1.6",
    "DerivedVendorReportedEchoSpacing": 0.000569994,
    "DeviceSerialNumber": "66014",
    "DwellTime": 2e-06,
    "EchoTime": 0.03,
    "EchoTrainLength": 93,
    "EffectiveEchoSpacing": 0.000569994,
    "FlipAngle": 54,
    "ImageOrientationPatientDICOM": [
      0.99802,
      -0.0246805,
      0.0578594,
      0.0331077,
      0.9882,
      -0.14955
    ],
    "ImageOrientationText": "Tra>Cor(-8.7)>Sag(3.1)",
    "ImageType": [
      "ORIGINAL",
      "PRIMARY",
      "M",
      "ND",
      "MOSAIC"
    ],
    "ImagingFrequency": 123.259,
    "InPlanePhaseEncodingDirectionDICOM": "COL",
    "InstitutionAddress": "Yiheyuan Road 5,Beijing  0FCA35,Haidian,CN,100871",
    "InstitutionName": "CMR of Peking Univeristy",
    "InstitutionalDepartmentName": "Department",
    "MRAcquisitionType": "2D",
    "MagneticFieldStrength": 3,
    "Manufacturer": "Siemens",
    "ManufacturersModelName": "Prisma",
    "Modality": "MR",
    "MultibandAccelerationFactor": 8,
    "PartialFourier": 0.875,
    "PatientPosition": "HFS",
    "PercentPhaseFOV": 100,
    "PercentSampling": 100,
    "PhaseEncodingDirection": "j-",
    "PhaseEncodingSteps": 93,
    "PhaseResolution": 1,
    "PixelBandwidth": 2360,
    "ProcedureStepDescription": "Research^Projects_64CH",
    "ProtocolName": "fMRI_run10_AP",
    "PulseSequenceDetails": "%SiemensSeq%\\ep2d_bold",
    "ReceiveCoilActiveElements": "HC1-7;NC1,2",
    "ReceiveCoilName": "HeadNeck_64",
    "ReconMatrixPE": 106,
    "RefLinesPE": 32,
    "RepetitionTime": 0.71,
    "SAR": 0.0954234,
    "ScanOptions": "PFP\\FS",
    "ScanningSequence": "EP",
    "SequenceName": "*epfid2d1_106",
    "SequenceVariant": "SK",
    "SeriesDescription": "fMRI_run10_AP",
    "SeriesNumber": 14,
    "ShimSetting": [
      -3427,
      -2125,
      -1990,
      626,
      29,
      -318,
      -121,
      -26
    ],
    "SliceThickness": 2,
    "SliceTiming": [
      0.3075,
      0,
      0.385,
      0.0775,
      0.46,
      0.155,
      0.5375,
      0.23,
      0.615,
      0.3075,
      0,
      0.385,
      0.0775,
      0.46,
      0.155,
      0.5375,
      0.23,
      0.615,
      0.3075,
      0,
      0.385,
      0.0775,
      0.46,
      0.155,
      0.5375,
      0.23,
      0.615,
      0.3075,
      0,
      0.385,
      0.0775,
      0.46,
      0.155,
      0.5375,
      0.23,
      0.615,
      0.3075,
      0,
      0.385,
      0.0775,
      0.46,
      0.155,
      0.5375,
      0.23,
      0.615,
      0.3075,
      0,
      0.385,
      0.0775,
      0.46,
      0.155,
      0.5375,
      0.23,
      0.615,
      0.3075,
      0,
      0.385,
      0.0775,
      0.46,
      0.155,
      0.5375,
      0.23,
      0.615,
      0.3075,
      0,
      0.385,
      0.0775,
      0.46,
      0.155,
      0.5375,
      0.23,
      0.615
    ],
    "SoftwareVersions": "syngo MR E11",
    "SpacingBetweenSlices": 2,
    "StationName": "AWP66014",
    "TaskName": "Chinese-RDR",
    "TotalReadoutTime": 0.0598493,
    "TxRefAmp": 245.741,
    "dataset": "ds004078",
    "modality": "bold",
    "run_id": 50,
    "subject_id": "02",
    "task_id": "RDR"
  },
  "dummy_trs": 0,
  "dvars_nstd": 44.08018084659203,
  "dvars_std": 1.0260111258208964,
  "dvars_vstd": 1.0069321388059695,
  "efc": 0.5238500744350701,
  "fber": 638.4577026367188,
  "fd_mean": 0.057353332308840904,
  "fd_num": 0,
  "fd_perc": 0.0,
  "fwhm_avg": 3.335478333333333,
  "fwhm_x": 3.089285,
  "fwhm_y": 3.43872,
  "fwhm_z": 3.47843,
  "gcor": 0.00723675,
  "gsr_x": -0.013060254976153374,
  "gsr_y": 0.06475093960762024,
  "provenance": {
    "md5sum": "da7ea576e1c6782be68ca2c675e14f56",
    "settings": {
      "fd_thres": 0.2,
      "testing": false
    },
    "software": "mriqc",
    "version": "23.0.1",
    "webapi_port": null,
    "webapi_url": "https://mriqc.nimh.nih.gov/api/v1"
  },
  "size_t": 403,
  "size_x": 106,
  "size_y": 106,
  "size_z": 72,
  "snr": 2.454768504400074,
  "spacing_tr": 0.7099999785423279,
  "spacing_x": 2.0,
  "spacing_y": 2.0,
  "spacing_z": 2.0,
  "summary_bg_k": 32.37740098053562,
  "summary_bg_mad": 9.67554411924175,
  "summary_bg_mean": 39.700904846191406,
  "summary_bg_median": 18.339950561523438,
  "summary_bg_n": 548444.0,
  "summary_bg_p05": 11.166253089904785,
  "summary_bg_p95": 150.0194786071777,
  "summary_bg_stdv": 60.698829650878906,
  "summary_fg_k": 1.4228135315565948,
  "summary_fg_mad": 164.09612201160024,
  "summary_fg_mean": 505.05841064453125,
  "summary_fg_median": 472.11663818359375,
  "summary_fg_n": 157884.0,
  "summary_fg_p05": 261.7096862792969,
  "summary_fg_p95": 878.7911895751953,
  "summary_fg_stdv": 192.3257293701172,
  "tsnr": 31.328181505203247
}