{
  "aor": 0.00039336842105263157,
  "aqi": 0.006204346263157894,
  "bids_meta": {
    "AcquisitionMatrixPE": 106,
    "AcquisitionNumber": 1,
    "AcquisitionTime": "11:20:10.890000",
    "BandwidthPerPixelPhaseEncode": 16.551,
    "BaseResolution": 106,
    "BodyPartExamined": "HEAD",
    "CoilCombinationMethod": "Sum of Squares",
    "ConsistencyInfo": "N4_VE11C_LATEST_20160120",
    "ConversionSoftware": "dcm2niix",
    "ConversionSoftwareVersion": "v1.0.20211006",
    "Dcm2bidsVersion": "2.1.6",
    "DerivedVendorReportedEchoSpacing": 0.000569994,
    "DeviceSerialNumber": "66014",
    "DwellTime": 2e-06,
    "EchoTime": 0.03,
    "EchoTrainLength": 93,
    "EffectiveEchoSpacing": 0.000569994,
    "FlipAngle": 54,
    "ImageOrientationPatientDICOM": [
      0.993758,
      -0.0587421,
      0.0948402,
      0.0660053,
      0.99497,
      -0.0753548
    ],
    "ImageOrientationText": "Tra>Sag(5.2)>Cor(-4.7)",
    "ImageType": [
      "ORIGINAL",
      "PRIMARY",
      "M",
      "ND",
      "MOSAIC"
    ],
    "ImagingFrequency": 123.259,
    "InPlanePhaseEncodingDirectionDICOM": "COL",
    "InstitutionAddress": "Yiheyuan Road 5,Beijing  0FCA35,Haidian,CN,100871",
    "InstitutionName": "CMR of Peking Univeristy",
    "InstitutionalDepartmentName": "Department",
    "MRAcquisitionType": "2D",
    "MagneticFieldStrength": 3,
    "Manufacturer": "Siemens",
    "ManufacturersModelName": "Prisma",
    "Modality": "MR",
    "MultibandAccelerationFactor": 8,
    "PartialFourier": 0.875,
    "PatientPosition": "HFS",
    "PercentPhaseFOV": 100,
    "PercentSampling": 100,
    "PhaseEncodingDirection": "j-",
    "PhaseEncodingSteps": 93,
    "PhaseResolution": 1,
    "PixelBandwidth": 2360,
    "ProcedureStepDescription": "Research^Projects_64CH",
    "ProtocolName": "fMRI_run10_AP",
    "PulseSequenceDetails": "%SiemensSeq%\\ep2d_bold",
    "ReceiveCoilActiveElements": "HC1-7;NC1,2",
    "ReceiveCoilName": "HeadNeck_64",
    "ReconMatrixPE": 106,
    "RefLinesPE": 32,
    "RepetitionTime": 0.71,
    "SAR": 0.10565,
    "ScanOptions": "PFP\\FS",
    "ScanningSequence": "EP",
    "SequenceName": "*epfid2d1_106",
    "SequenceVariant": "SK",
    "SeriesDescription": "fMRI_run10_AP",
    "SeriesNumber": 14,
    "ShimSetting": [
      -3434,
      -2127,
      -1971,
      574,
      3,
      -269,
      -138,
      -11
    ],
    "SliceThickness": 2,
    "SliceTiming": [
      0.3075,
      0,
      0.385,
      0.0775,
      0.46,
      0.155,
      0.5375,
      0.23,
      0.615,
      0.3075,
      0,
      0.385,
      0.0775,
      0.46,
      0.155,
      0.5375,
      0.23,
      0.615,
      0.3075,
      0,
      0.385,
      0.0775,
      0.46,
      0.155,
      0.5375,
      0.23,
      0.615,
      0.3075,
      0,
      0.385,
      0.0775,
      0.46,
      0.155,
      0.5375,
      0.23,
      0.615,
      0.3075,
      0,
      0.385,
      0.0775,
      0.46,
      0.155,
      0.5375,
      0.23,
      0.615,
      0.3075,
      0,
      0.385,
      0.0775,
      0.46,
      0.155,
      0.5375,
      0.23,
      0.615,
      0.3075,
      0,
      0.385,
      0.0775,
      0.46,
      0.155,
      0.5375,
      0.23,
      0.615,
      0.3075,
      0,
      0.385,
      0.0775,
      0.46,
      0.155,
      0.5375,
      0.23,
      0.615
    ],
    "SoftwareVersions": "syngo MR E11",
    "SpacingBetweenSlices": 2,
    "StationName": "AWP66014",
    "TaskName": "Chinese-RDR",
    "TotalReadoutTime": 0.0598493,
    "TxRefAmp": 243.289,
    "dataset": "ds004078",
    "modality": "bold",
    "run_id": 20,
    "subject_id": "02",
    "task_id": "RDR"
  },
  "dummy_trs": 0,
  "dvars_nstd": 42.8921433402111,
  "dvars_std": 1.0212779632981541,
  "dvars_vstd": 1.0005572740633248,
  "efc": 0.5208696422536274,
  "fber": 593.638671875,
  "fd_mean": 0.05325238359882468,
  "fd_num": 3,
  "fd_perc": 0.7894736842105263,
  "fwhm_avg": 3.5262716666666667,
  "fwhm_x": 3.28768,
  "fwhm_y": 3.623825,
  "fwhm_z": 3.66731,
  "gcor": 0.00610003,
  "gsr_x": -0.01468044426292181,
  "gsr_y": 0.06175116077065468,
  "provenance": {
    "md5sum": "13de58af1d38123d7b2765634283657d",
    "settings": {
      "fd_thres": 0.2,
      "testing": false
    },
    "software": "mriqc",
    "version": "23.0.1",
    "webapi_port": null,
    "webapi_url": "https://mriqc.nimh.nih.gov/api/v1"
  },
  "size_t": 380,
  "size_x": 106,
  "size_y": 106,
  "size_z": 72,
  "snr": 2.274826326554117,
  "spacing_tr": 0.7099999785423279,
  "spacing_x": 2.0,
  "spacing_y": 2.0,
  "spacing_z": 2.0,
  "summary_bg_k": 32.78362823477931,
  "summary_bg_mad": 11.486266189084102,
  "summary_bg_mean": 43.88883972167969,
  "summary_bg_median": 20.139474868774414,
  "summary_bg_n": 547839.0,
  "summary_bg_p05": 11.678947448730469,
  "summary_bg_p95": 163.71132965087872,
  "summary_bg_stdv": 69.23384857177734,
  "summary_fg_k": 2.0623996460519862,
  "summary_fg_mad": 190.75432158812413,
  "summary_fg_mean": 540.7289428710938,
  "summary_fg_median": 501.6566162109375,
  "summary_fg_n": 157184.0,
  "summary_fg_p05": 264.11290130615237,
  "summary_fg_p95": 955.529901123047,
  "summary_fg_stdv": 220.5245361328125,
  "tsnr": 31.931050156243145
}