{
  "aor": 0.00036905050505050505,
  "aqi": 0.006710781171717171,
  "bids_meta": {
    "AcquisitionMatrixPE": 106,
    "AcquisitionNumber": 1,
    "AcquisitionTime": "10:33:28.862500",
    "BandwidthPerPixelPhaseEncode": 16.551,
    "BaseResolution": 106,
    "BodyPartExamined": "HEAD",
    "CoilCombinationMethod": "Sum of Squares",
    "ConsistencyInfo": "N4_VE11C_LATEST_20160120",
    "ConversionSoftware": "dcm2niix",
    "ConversionSoftwareVersion": "v1.0.20211006",
    "Dcm2bidsVersion": "2.1.6",
    "DerivedVendorReportedEchoSpacing": 0.000569994,
    "DeviceSerialNumber": "66014",
    "DwellTime": 2e-06,
    "EchoTime": 0.03,
    "EchoTrainLength": 93,
    "EffectiveEchoSpacing": 0.000569994,
    "FlipAngle": 54,
    "ImageOrientationPatientDICOM": [
      0.998485,
      -0.035533,
      0.0420159,
      0.0383579,
      0.996916,
      -0.0684587
    ],
    "ImageOrientationText": "Tra>Cor(-4.0)>Sag(2.3)",
    "ImageType": [
      "ORIGINAL",
      "PRIMARY",
      "M",
      "ND",
      "MOSAIC"
    ],
    "ImagingFrequency": 123.259,
    "InPlanePhaseEncodingDirectionDICOM": "COL",
    "InstitutionAddress": "Yiheyuan Road 5,Beijing  0FCA35,Haidian,CN,100871",
    "InstitutionName": "CMR of Peking Univeristy",
    "InstitutionalDepartmentName": "Department",
    "MRAcquisitionType": "2D",
    "MagneticFieldStrength": 3,
    "Manufacturer": "Siemens",
    "ManufacturersModelName": "Prisma",
    "Modality": "MR",
    "MultibandAccelerationFactor": 8,
    "PartialFourier": 0.875,
    "PatientPosition": "HFS",
    "PercentPhaseFOV": 100,
    "PercentSampling": 100,
    "PhaseEncodingDirection": "j-",
    "PhaseEncodingSteps": 93,
    "PhaseResolution": 1,
    "PixelBandwidth": 2360,
    "ProcedureStepDescription": "Research^Projects_64CH",
    "ProtocolName": "fMRI_run3_AP",
    "PulseSequenceDetails": "%SiemensSeq%\\ep2d_bold",
    "ReceiveCoilActiveElements": "HC1-7;NC1,2",
    "ReceiveCoilName": "HeadNeck_64",
    "ReconMatrixPE": 106,
    "RefLinesPE": 32,
    "RepetitionTime": 0.71,
    "SAR": 0.0893476,
    "ScanOptions": "PFP\\FS",
    "ScanningSequence": "EP",
    "SequenceName": "*epfid2d1_106",
    "SequenceVariant": "SK",
    "SeriesDescription": "fMRI_run3_AP",
    "SeriesNumber": 7,
    "ShimSetting": [
      -3435,
      -2149,
      -1917,
      573,
      -2,
      -295,
      -98,
      -30
    ],
    "SliceThickness": 2,
    "SliceTiming": [
      0.305,
      0,
      0.3825,
      0.075,
      0.46,
      0.1525,
      0.535,
      0.23,
      0.6125,
      0.305,
      0,
      0.3825,
      0.075,
      0.46,
      0.1525,
      0.535,
      0.23,
      0.6125,
      0.305,
      0,
      0.3825,
      0.075,
      0.46,
      0.1525,
      0.535,
      0.23,
      0.6125,
      0.305,
      0,
      0.3825,
      0.075,
      0.46,
      0.1525,
      0.535,
      0.23,
      0.6125,
      0.305,
      0,
      0.3825,
      0.075,
      0.46,
      0.1525,
      0.535,
      0.23,
      0.6125,
      0.305,
      0,
      0.3825,
      0.075,
      0.46,
      0.1525,
      0.535,
      0.23,
      0.6125,
      0.305,
      0,
      0.3825,
      0.075,
      0.46,
      0.1525,
      0.535,
      0.23,
      0.6125,
      0.305,
      0,
      0.3825,
      0.075,
      0.46,
      0.1525,
      0.535,
      0.23,
      0.6125
    ],
    "SoftwareVersions": "syngo MR E11",
    "SpacingBetweenSlices": 2,
    "StationName": "AWP66014",
    "TaskName": "Chinese-RDR",
    "TotalReadoutTime": 0.0598493,
    "TxRefAmp": 228.716,
    "dataset": "ds004078",
    "modality": "bold",
    "run_id": 33,
    "subject_id": "02",
    "task_id": "RDR"
  },
  "dummy_trs": 1,
  "dvars_nstd": 43.578360854736836,
  "dvars_std": 1.023781073967612,
  "dvars_vstd": 1.0045999055870445,
  "efc": 0.5235723237758636,
  "fber": 632.6575317382812,
  "fd_mean": 0.04908383783214748,
  "fd_num": 0,
  "fd_perc": 0.0,
  "fwhm_avg": 3.3051066666666666,
  "fwhm_x": 3.07574,
  "fwhm_y": 3.414315,
  "fwhm_z": 3.425265,
  "gcor": 0.0041839,
  "gsr_x": -0.011925037018954754,
  "gsr_y": 0.06182178854942322,
  "provenance": {
    "md5sum": "8ff9fd91d3b7d59e438cb07f3b98a601",
    "settings": {
      "fd_thres": 0.2,
      "testing": false
    },
    "software": "mriqc",
    "version": "23.0.1",
    "webapi_port": null,
    "webapi_url": "https://mriqc.nimh.nih.gov/api/v1"
  },
  "size_t": 495,
  "size_x": 106,
  "size_y": 106,
  "size_z": 72,
  "snr": 2.4368062800179895,
  "spacing_tr": 0.7099999785423279,
  "spacing_x": 2.0,
  "spacing_y": 2.0,
  "spacing_z": 2.0,
  "summary_bg_k": 35.95914615191564,
  "summary_bg_mad": 9.949909573049712,
  "summary_bg_mean": 39.47792053222656,
  "summary_bg_median": 18.48484992980957,
  "summary_bg_n": 545791.0,
  "summary_bg_p05": 11.155555725097656,
  "summary_bg_p95": 144.3636474609375,
  "summary_bg_stdv": 61.530731201171875,
  "summary_fg_k": 1.682261204600941,
  "summary_fg_mad": 167.40528220010924,
  "summary_fg_mean": 507.6819763183594,
  "summary_fg_median": 475.03839111328125,
  "summary_fg_n": 158975.0,
  "summary_fg_p05": 258.37940979003906,
  "summary_fg_p95": 880.9905334472656,
  "summary_fg_stdv": 194.94241333007812,
  "tsnr": 31.72920773655642
}