{
  "aor": 0.00031268987341772156,
  "aqi": 0.006534478813291139,
  "bids_meta": {
    "AcquisitionMatrixPE": 106,
    "AcquisitionNumber": 1,
    "AcquisitionTime": "11:57:52.980000",
    "BandwidthPerPixelPhaseEncode": 16.551,
    "BaseResolution": 106,
    "BodyPartExamined": "HEAD",
    "CoilCombinationMethod": "Sum of Squares",
    "ConsistencyInfo": "N4_VE11C_LATEST_20160120",
    "ConversionSoftware": "dcm2niix",
    "ConversionSoftwareVersion": "v1.0.20211006",
    "Dcm2bidsVersion": "2.1.6",
    "DerivedVendorReportedEchoSpacing": 0.000569994,
    "DeviceSerialNumber": "66014",
    "DwellTime": 2e-06,
    "EchoTime": 0.03,
    "EchoTrainLength": 93,
    "EffectiveEchoSpacing": 0.000569994,
    "FlipAngle": 54,
    "ImageOrientationPatientDICOM": [
      0.994635,
      -0.0709285,
      0.0753075,
      0.0782795,
      0.991941,
      -0.0996259
    ],
    "ImageOrientationText": "Tra>Cor(-6.0)>Sag(3.9)",
    "ImageType": [
      "ORIGINAL",
      "PRIMARY",
      "M",
      "ND",
      "MOSAIC"
    ],
    "ImagingFrequency": 123.26,
    "InPlanePhaseEncodingDirectionDICOM": "COL",
    "InstitutionAddress": "Yiheyuan Road 5,Beijing  0FCA35,Haidian,CN,100871",
    "InstitutionName": "CMR of Peking Univeristy",
    "InstitutionalDepartmentName": "Department",
    "MRAcquisitionType": "2D",
    "MagneticFieldStrength": 3,
    "Manufacturer": "Siemens",
    "ManufacturersModelName": "Prisma",
    "Modality": "MR",
    "MultibandAccelerationFactor": 8,
    "PartialFourier": 0.875,
    "PatientPosition": "HFS",
    "PercentPhaseFOV": 100,
    "PercentSampling": 100,
    "PhaseEncodingDirection": "j",
    "PhaseEncodingSteps": 93,
    "PhaseResolution": 1,
    "PixelBandwidth": 2360,
    "ProcedureStepDescription": "Research^Projects_64CH",
    "ProtocolName": "fMRI_Rest1_PA",
    "PulseSequenceDetails": "%SiemensSeq%\\ep2d_bold",
    "ReceiveCoilActiveElements": "HC1-7;NC1,2",
    "ReceiveCoilName": "HeadNeck_64",
    "ReconMatrixPE": 106,
    "RefLinesPE": 32,
    "RepetitionTime": 0.71,
    "SAR": 0.0949232,
    "ScanOptions": "PFP\\FS",
    "ScanningSequence": "EP",
    "SequenceName": "*epfid2d1_106",
    "SequenceVariant": "SK",
    "SeriesDescription": "fMRI_Rest1_PA",
    "SeriesNumber": 6,
    "ShimSetting": [
      -3435,
      -2122,
      -1946,
      581,
      -44,
      -351,
      -165,
      -60
    ],
    "SliceThickness": 2,
    "SliceTiming": [
      0.305,
      0,
      0.3825,
      0.075,
      0.46,
      0.1525,
      0.535,
      0.23,
      0.6125,
      0.305,
      0,
      0.3825,
      0.075,
      0.46,
      0.1525,
      0.535,
      0.23,
      0.6125,
      0.305,
      0,
      0.3825,
      0.075,
      0.46,
      0.1525,
      0.535,
      0.23,
      0.6125,
      0.305,
      0,
      0.3825,
      0.075,
      0.46,
      0.1525,
      0.535,
      0.23,
      0.6125,
      0.305,
      0,
      0.3825,
      0.075,
      0.46,
      0.1525,
      0.535,
      0.23,
      0.6125,
      0.305,
      0,
      0.3825,
      0.075,
      0.46,
      0.1525,
      0.535,
      0.23,
      0.6125,
      0.305,
      0,
      0.3825,
      0.075,
      0.46,
      0.1525,
      0.535,
      0.23,
      0.6125,
      0.305,
      0,
      0.3825,
      0.075,
      0.46,
      0.1525,
      0.535,
      0.23,
      0.6125
    ],
    "SoftwareVersions": "syngo MR E11",
    "SpacingBetweenSlices": 2,
    "StationName": "AWP66014",
    "TaskName": "rest",
    "TotalReadoutTime": 0.0598493,
    "TxRefAmp": 233.549,
    "dataset": "ds004078",
    "modality": "bold",
    "run_id": 2,
    "subject_id": "02",
    "task_id": "rest"
  },
  "dummy_trs": 2,
  "dvars_nstd": 47.82873206277339,
  "dvars_std": 1.0654354112202853,
  "dvars_vstd": 1.0023780112202847,
  "efc": 0.5262059267936333,
  "fber": 652.1227416992188,
  "fd_mean": 0.04728193908636097,
  "fd_num": 0,
  "fd_perc": 0.0,
  "fwhm_avg": 3.126571666666667,
  "fwhm_x": 2.94843,
  "fwhm_y": 3.179335,
  "fwhm_z": 3.25195,
  "gcor": 0.00458779,
  "gsr_x": -0.009299559518694878,
  "gsr_y": 0.046928923577070236,
  "provenance": {
    "md5sum": "e93d127ffeeff5058cebfc328294bb8d",
    "settings": {
      "fd_thres": 0.2,
      "testing": false
    },
    "software": "mriqc",
    "version": "23.0.1",
    "webapi_port": null,
    "webapi_url": "https://mriqc.nimh.nih.gov/api/v1"
  },
  "size_t": 632,
  "size_x": 106,
  "size_y": 106,
  "size_z": 72,
  "snr": 2.678853683906252,
  "spacing_tr": 0.7099999785423279,
  "spacing_x": 2.0,
  "spacing_y": 2.0,
  "spacing_z": 2.0,
  "summary_bg_k": 29.806503518758774,
  "summary_bg_mad": 10.230424163446992,
  "summary_bg_mean": 41.68060302734375,
  "summary_bg_median": 18.558544158935547,
  "summary_bg_n": 557109.0,
  "summary_bg_p05": 11.039557456970215,
  "summary_bg_p95": 171.2943115234375,
  "summary_bg_stdv": 65.89112091064453,
  "summary_fg_k": 0.3706984295641229,
  "summary_fg_mad": 170.8863750189381,
  "summary_fg_mean": 497.476318359375,
  "summary_fg_median": 471.97943115234375,
  "summary_fg_n": 151795.0,
  "summary_fg_p05": 259.23655090332034,
  "summary_fg_p95": 828.38642578125,
  "summary_fg_stdv": 176.18650817871094,
  "tsnr": 31.55444512597751
}