{
  "aor": 0.0011188621444201312,
  "aqi": 0.007201739934354486,
  "bids_meta": {
    "AcquisitionMatrixPE": 106,
    "AcquisitionNumber": 1,
    "AcquisitionTime": "10:53:14.845000",
    "BandwidthPerPixelPhaseEncode": 16.551,
    "BaseResolution": 106,
    "BodyPartExamined": "HEAD",
    "CoilCombinationMethod": "Sum of Squares",
    "ConsistencyInfo": "N4_VE11C_LATEST_20160120",
    "ConversionSoftware": "dcm2niix",
    "ConversionSoftwareVersion": "v1.0.20211006",
    "Dcm2bidsVersion": "2.1.6",
    "DerivedVendorReportedEchoSpacing": 0.000569994,
    "DeviceSerialNumber": "66014",
    "DwellTime": 2e-06,
    "EchoTime": 0.03,
    "EchoTrainLength": 93,
    "EffectiveEchoSpacing": 0.000569994,
    "FlipAngle": 54,
    "ImageOrientationPatientDICOM": [
      0.998485,
      -0.035533,
      0.0420159,
      0.0383579,
      0.996916,
      -0.0684587
    ],
    "ImageOrientationText": "Tra>Cor(-4.0)>Sag(2.3)",
    "ImageType": [
      "ORIGINAL",
      "PRIMARY",
      "M",
      "ND",
      "MOSAIC"
    ],
    "ImagingFrequency": 123.259,
    "InPlanePhaseEncodingDirectionDICOM": "COL",
    "InstitutionAddress": "Yiheyuan Road 5,Beijing  0FCA35,Haidian,CN,100871",
    "InstitutionName": "CMR of Peking Univeristy",
    "InstitutionalDepartmentName": "Department",
    "MRAcquisitionType": "2D",
    "MagneticFieldStrength": 3,
    "Manufacturer": "Siemens",
    "ManufacturersModelName": "Prisma",
    "Modality": "MR",
    "MultibandAccelerationFactor": 8,
    "PartialFourier": 0.875,
    "PatientPosition": "HFS",
    "PercentPhaseFOV": 100,
    "PercentSampling": 100,
    "PhaseEncodingDirection": "j-",
    "PhaseEncodingSteps": 93,
    "PhaseResolution": 1,
    "PixelBandwidth": 2360,
    "ProcedureStepDescription": "Research^Projects_64CH",
    "ProtocolName": "fMRI_run6_AP",
    "PulseSequenceDetails": "%SiemensSeq%\\ep2d_bold",
    "ReceiveCoilActiveElements": "HC1-7;NC1,2",
    "ReceiveCoilName": "HeadNeck_64",
    "ReconMatrixPE": 106,
    "RefLinesPE": 32,
    "RepetitionTime": 0.71,
    "SAR": 0.0892425,
    "ScanOptions": "PFP\\FS",
    "ScanningSequence": "EP",
    "SequenceName": "*epfid2d1_106",
    "SequenceVariant": "SK",
    "SeriesDescription": "fMRI_run6_AP",
    "SeriesNumber": 10,
    "ShimSetting": [
      -3435,
      -2149,
      -1917,
      573,
      -2,
      -295,
      -98,
      -30
    ],
    "SliceThickness": 2,
    "SliceTiming": [
      0.3075,
      0,
      0.3825,
      0.0775,
      0.46,
      0.1525,
      0.5375,
      0.23,
      0.6125,
      0.3075,
      0,
      0.3825,
      0.0775,
      0.46,
      0.1525,
      0.5375,
      0.23,
      0.6125,
      0.3075,
      0,
      0.3825,
      0.0775,
      0.46,
      0.1525,
      0.5375,
      0.23,
      0.6125,
      0.3075,
      0,
      0.3825,
      0.0775,
      0.46,
      0.1525,
      0.5375,
      0.23,
      0.6125,
      0.3075,
      0,
      0.3825,
      0.0775,
      0.46,
      0.1525,
      0.5375,
      0.23,
      0.6125,
      0.3075,
      0,
      0.3825,
      0.0775,
      0.46,
      0.1525,
      0.5375,
      0.23,
      0.6125,
      0.3075,
      0,
      0.3825,
      0.0775,
      0.46,
      0.1525,
      0.5375,
      0.23,
      0.6125,
      0.3075,
      0,
      0.3825,
      0.0775,
      0.46,
      0.1525,
      0.5375,
      0.23,
      0.6125
    ],
    "SoftwareVersions": "syngo MR E11",
    "SpacingBetweenSlices": 2,
    "StationName": "AWP66014",
    "TaskName": "Chinese-RDR",
    "TotalReadoutTime": 0.0598493,
    "TxRefAmp": 228.716,
    "dataset": "ds004078",
    "modality": "bold",
    "run_id": 36,
    "subject_id": "02",
    "task_id": "RDR"
  },
  "dummy_trs": 2,
  "dvars_nstd": 44.26902250640353,
  "dvars_std": 1.0367266231359655,
  "dvars_vstd": 1.019076890745614,
  "efc": 0.5252944576763521,
  "fber": 609.762451171875,
  "fd_mean": 0.058643694492388716,
  "fd_num": 6,
  "fd_perc": 1.312910284463895,
  "fwhm_avg": 3.306836666666667,
  "fwhm_x": 3.073355,
  "fwhm_y": 3.427975,
  "fwhm_z": 3.41918,
  "gcor": 0.00749052,
  "gsr_x": -0.015236572362482548,
  "gsr_y": 0.061441488564014435,
  "provenance": {
    "md5sum": "3ea6668ecdc54ad02d08675cab2216dc",
    "settings": {
      "fd_thres": 0.2,
      "testing": false
    },
    "software": "mriqc",
    "version": "23.0.1",
    "webapi_port": null,
    "webapi_url": "https://mriqc.nimh.nih.gov/api/v1"
  },
  "size_t": 457,
  "size_x": 106,
  "size_y": 106,
  "size_z": 72,
  "snr": 2.423899944556705,
  "spacing_tr": 0.7099999785423279,
  "spacing_x": 2.0,
  "spacing_y": 2.0,
  "spacing_z": 2.0,
  "summary_bg_k": 32.82758684574759,
  "summary_bg_mad": 10.355505152004694,
  "summary_bg_mean": 40.67652130126953,
  "summary_bg_median": 18.83807373046875,
  "summary_bg_n": 546984.0,
  "summary_bg_p05": 11.201313018798828,
  "summary_bg_p95": 151.9830390930173,
  "summary_bg_stdv": 63.23740005493164,
  "summary_fg_k": 1.7607857391793003,
  "summary_fg_mad": 167.4918367058466,
  "summary_fg_mean": 506.9012451171875,
  "summary_fg_median": 474.0350036621094,
  "summary_fg_n": 158919.0,
  "summary_fg_p05": 257.24681701660154,
  "summary_fg_p95": 881.7378662109376,
  "summary_fg_stdv": 195.5664520263672,
  "tsnr": 30.758894295431674
}