{
  "aor": 0.00043910669975186104,
  "aqi": 0.00587850965260546,
  "bids_meta": {
    "AcquisitionMatrixPE": 106,
    "AcquisitionNumber": 1,
    "AcquisitionTime": "10:01:44.137500",
    "BandwidthPerPixelPhaseEncode": 16.551,
    "BaseResolution": 106,
    "BodyPartExamined": "HEAD",
    "CoilCombinationMethod": "Sum of Squares",
    "ConsistencyInfo": "N4_VE11C_LATEST_20160120",
    "ConversionSoftware": "dcm2niix",
    "ConversionSoftwareVersion": "v1.0.20211006",
    "Dcm2bidsVersion": "2.1.6",
    "DerivedVendorReportedEchoSpacing": 0.000569994,
    "DeviceSerialNumber": "66014",
    "DwellTime": 2e-06,
    "EchoTime": 0.03,
    "EchoTrainLength": 93,
    "EffectiveEchoSpacing": 0.000569994,
    "FlipAngle": 54,
    "ImageOrientationPatientDICOM": [
      0.999464,
      0.029115,
      -0.0149557,
      -0.0296634,
      0.998843,
      -0.0378596
    ],
    "ImageOrientationText": "Tra>Cor(-2.2)>Sag(-0.8)",
    "ImageType": [
      "ORIGINAL",
      "PRIMARY",
      "M",
      "ND",
      "MOSAIC"
    ],
    "ImagingFrequency": 123.26,
    "InPlanePhaseEncodingDirectionDICOM": "COL",
    "InstitutionAddress": "Yiheyuan Road 5,Beijing F259C2,Haidian,CN,100871",
    "InstitutionName": "CMR of Peking Univeristy",
    "InstitutionalDepartmentName": "Department",
    "MRAcquisitionType": "2D",
    "MagneticFieldStrength": 3,
    "Manufacturer": "Siemens",
    "ManufacturersModelName": "Prisma",
    "Modality": "MR",
    "MultibandAccelerationFactor": 8,
    "PartialFourier": 0.875,
    "PatientPosition": "HFS",
    "PercentPhaseFOV": 100,
    "PercentSampling": 100,
    "PhaseEncodingDirection": "j-",
    "PhaseEncodingSteps": 93,
    "PhaseResolution": 1,
    "PixelBandwidth": 2360,
    "ProcedureStepDescription": "Research^Projects_64CH",
    "ProtocolName": "fMRI_run10_AP",
    "PulseSequenceDetails": "%SiemensSeq%\\ep2d_bold",
    "ReceiveCoilActiveElements": "HC1-7;NC1,2",
    "ReceiveCoilName": "HeadNeck_64",
    "ReconMatrixPE": 106,
    "RefLinesPE": 32,
    "RepetitionTime": 0.71,
    "SAR": 0.113083,
    "ScanOptions": "PFP\\FS",
    "ScanningSequence": "EP",
    "SequenceName": "*epfid2d1_106",
    "SequenceVariant": "SK",
    "SeriesDescription": "fMRI_run10_AP",
    "SeriesNumber": 14,
    "ShimSetting": [
      -3450,
      -2148,
      -1931,
      400,
      21,
      -132,
      -57,
      32
    ],
    "SliceThickness": 2,
    "SliceTiming": [
      0.3075,
      0,
      0.3825,
      0.0775,
      0.46,
      0.1525,
      0.5375,
      0.23,
      0.6125,
      0.3075,
      0,
      0.3825,
      0.0775,
      0.46,
      0.1525,
      0.5375,
      0.23,
      0.6125,
      0.3075,
      0,
      0.3825,
      0.0775,
      0.46,
      0.1525,
      0.5375,
      0.23,
      0.6125,
      0.3075,
      0,
      0.3825,
      0.0775,
      0.46,
      0.1525,
      0.5375,
      0.23,
      0.6125,
      0.3075,
      0,
      0.3825,
      0.0775,
      0.46,
      0.1525,
      0.5375,
      0.23,
      0.6125,
      0.3075,
      0,
      0.3825,
      0.0775,
      0.46,
      0.1525,
      0.5375,
      0.23,
      0.6125,
      0.3075,
      0,
      0.3825,
      0.0775,
      0.46,
      0.1525,
      0.5375,
      0.23,
      0.6125,
      0.3075,
      0,
      0.3825,
      0.0775,
      0.46,
      0.1525,
      0.5375,
      0.23,
      0.6125
    ],
    "SoftwareVersions": "syngo MR E11",
    "SpacingBetweenSlices": 2,
    "StationName": "AWP66014",
    "TaskName": "Chinese-RDR",
    "TotalReadoutTime": 0.0598493,
    "TxRefAmp": 244.08,
    "dataset": "ds004078",
    "modality": "bold",
    "run_id": 40,
    "subject_id": "09",
    "task_id": "RDR"
  },
  "dummy_trs": 0,
  "dvars_nstd": 43.183840870273606,
  "dvars_std": 1.0390122810447773,
  "dvars_vstd": 1.0056349765422887,
  "efc": 0.5415971842639556,
  "fber": 554.8587036132812,
  "fd_mean": 0.06926693493841884,
  "fd_num": 0,
  "fd_perc": 0.0,
  "fwhm_avg": 3.436061666666667,
  "fwhm_x": 3.143435,
  "fwhm_y": 3.47654,
  "fwhm_z": 3.68821,
  "gcor": 0.0291372,
  "gsr_x": -4.07508596254047e-05,
  "gsr_y": 0.04847157746553421,
  "provenance": {
    "md5sum": "f6e7ba2936f50a2a0c4e045c848c525d",
    "settings": {
      "fd_thres": 0.2,
      "testing": false
    },
    "software": "mriqc",
    "version": "23.0.1",
    "webapi_port": null,
    "webapi_url": "https://mriqc.nimh.nih.gov/api/v1"
  },
  "size_t": 403,
  "size_x": 106,
  "size_y": 106,
  "size_z": 72,
  "snr": 2.1053360962031884,
  "spacing_tr": 0.7099999785423279,
  "spacing_x": 2.0,
  "spacing_y": 2.0,
  "spacing_z": 2.0,
  "summary_bg_k": 32.08313326038456,
  "summary_bg_mad": 12.655463218125806,
  "summary_bg_mean": 43.135440826416016,
  "summary_bg_median": 21.129032135009766,
  "summary_bg_n": 512971.0,
  "summary_bg_p05": 11.55831241607666,
  "summary_bg_p95": 155.16128540039062,
  "summary_bg_stdv": 63.45284652709961,
  "summary_fg_k": 2.007641431967521,
  "summary_fg_mad": 203.35933615287976,
  "summary_fg_mean": 552.0015258789062,
  "summary_fg_median": 502.3920593261719,
  "summary_fg_n": 190551.0,
  "summary_fg_p05": 266.1588134765625,
  "summary_fg_p95": 1018.8746643066406,
  "summary_fg_stdv": 238.62733459472656,
  "tsnr": 32.88540453650057
}