{
  "aor": 0.0003748513011152417,
  "aqi": 0.005374418085501859,
  "bids_meta": {
    "AcquisitionMatrixPE": 106,
    "AcquisitionNumber": 1,
    "AcquisitionTime": "09:11:16.375000",
    "BandwidthPerPixelPhaseEncode": 16.551,
    "BaseResolution": 106,
    "BodyPartExamined": "HEAD",
    "CoilCombinationMethod": "Sum of Squares",
    "ConsistencyInfo": "N4_VE11C_LATEST_20160120",
    "ConversionSoftware": "dcm2niix",
    "ConversionSoftwareVersion": "v1.0.20211006",
    "Dcm2bidsVersion": "2.1.6",
    "DerivedVendorReportedEchoSpacing": 0.000569994,
    "DeviceSerialNumber": "66014",
    "DwellTime": 2e-06,
    "EchoTime": 0.03,
    "EchoTrainLength": 93,
    "EffectiveEchoSpacing": 0.000569994,
    "FlipAngle": 54,
    "ImageOrientationPatientDICOM": [
      0.999235,
      -0.0077749,
      0.0383321,
      0.00697608,
      0.999757,
      0.0209293
    ],
    "ImageOrientationText": "Tra>Sag(2.2)>Cor(1.2)",
    "ImageType": [
      "ORIGINAL",
      "PRIMARY",
      "M",
      "ND",
      "MOSAIC"
    ],
    "ImagingFrequency": 123.259,
    "InPlanePhaseEncodingDirectionDICOM": "COL",
    "InstitutionAddress": "Yiheyuan Road 5,Beijing  0FCA35,Haidian,CN,100871",
    "InstitutionName": "CMR of Peking Univeristy",
    "InstitutionalDepartmentName": "Department",
    "MRAcquisitionType": "2D",
    "MagneticFieldStrength": 3,
    "Manufacturer": "Siemens",
    "ManufacturersModelName": "Prisma",
    "Modality": "MR",
    "MultibandAccelerationFactor": 8,
    "PartialFourier": 0.875,
    "PatientPosition": "HFS",
    "PercentPhaseFOV": 100,
    "PercentSampling": 100,
    "PhaseEncodingDirection": "j-",
    "PhaseEncodingSteps": 93,
    "PhaseResolution": 1,
    "PixelBandwidth": 2360,
    "ProcedureStepDescription": "Research^Projects_64CH",
    "ProtocolName": "fMRI_run2_AP",
    "PulseSequenceDetails": "%SiemensSeq%\\ep2d_bold",
    "ReceiveCoilActiveElements": "HC1-7;NC1",
    "ReceiveCoilName": "HeadNeck_64",
    "ReconMatrixPE": 106,
    "RefLinesPE": 32,
    "RepetitionTime": 0.71,
    "SAR": 0.108017,
    "ScanOptions": "PFP\\FS",
    "ScanningSequence": "EP",
    "SequenceName": "*epfid2d1_106",
    "SequenceVariant": "SK",
    "SeriesDescription": "fMRI_run2_AP",
    "SeriesNumber": 6,
    "ShimSetting": [
      -3430,
      -2134,
      -1926,
      360,
      -6,
      -239,
      -87,
      16
    ],
    "SliceThickness": 2,
    "SliceTiming": [
      0.3075,
      0,
      0.385,
      0.0775,
      0.46,
      0.155,
      0.5375,
      0.23,
      0.615,
      0.3075,
      0,
      0.385,
      0.0775,
      0.46,
      0.155,
      0.5375,
      0.23,
      0.615,
      0.3075,
      0,
      0.385,
      0.0775,
      0.46,
      0.155,
      0.5375,
      0.23,
      0.615,
      0.3075,
      0,
      0.385,
      0.0775,
      0.46,
      0.155,
      0.5375,
      0.23,
      0.615,
      0.3075,
      0,
      0.385,
      0.0775,
      0.46,
      0.155,
      0.5375,
      0.23,
      0.615,
      0.3075,
      0,
      0.385,
      0.0775,
      0.46,
      0.155,
      0.5375,
      0.23,
      0.615,
      0.3075,
      0,
      0.385,
      0.0775,
      0.46,
      0.155,
      0.5375,
      0.23,
      0.615,
      0.3075,
      0,
      0.385,
      0.0775,
      0.46,
      0.155,
      0.5375,
      0.23,
      0.615
    ],
    "SoftwareVersions": "syngo MR E11",
    "SpacingBetweenSlices": 2,
    "StationName": "AWP66014",
    "TaskName": "Chinese-RDR",
    "TotalReadoutTime": 0.0598493,
    "TxRefAmp": 244.487,
    "dataset": "ds004078",
    "modality": "bold",
    "run_id": 2,
    "subject_id": "09",
    "task_id": "RDR"
  },
  "dummy_trs": 1,
  "dvars_nstd": 42.12556232331469,
  "dvars_std": 1.072776765661079,
  "dvars_vstd": 1.0033084628305398,
  "efc": 0.5332605540972564,
  "fber": 596.6163940429688,
  "fd_mean": 0.0817133404757617,
  "fd_num": 2,
  "fd_perc": 0.37174721189591076,
  "fwhm_avg": 3.4781633333333333,
  "fwhm_x": 3.178425,
  "fwhm_y": 3.512615,
  "fwhm_z": 3.74345,
  "gcor": 0.00551157,
  "gsr_x": 0.001094931154511869,
  "gsr_y": 0.042835552245378494,
  "provenance": {
    "md5sum": "28f93f351b9ad956a0d01eb5da15bdac",
    "settings": {
      "fd_thres": 0.2,
      "testing": false
    },
    "software": "mriqc",
    "version": "23.0.1",
    "webapi_port": null,
    "webapi_url": "https://mriqc.nimh.nih.gov/api/v1"
  },
  "size_t": 538,
  "size_x": 106,
  "size_y": 106,
  "size_z": 72,
  "snr": 2.023532105384613,
  "spacing_tr": 0.7099999785423279,
  "spacing_x": 2.0,
  "spacing_y": 2.0,
  "spacing_z": 2.0,
  "summary_bg_k": 29.120757229546825,
  "summary_bg_mad": 13.767807951669718,
  "summary_bg_mean": 44.080039978027344,
  "summary_bg_median": 21.63754653930664,
  "summary_bg_n": 512603.0,
  "summary_bg_p05": 11.243494033813477,
  "summary_bg_p95": 157.96430511474597,
  "summary_bg_stdv": 63.78561782836914,
  "summary_fg_k": 2.5326126024020335,
  "summary_fg_mad": 218.51845518646599,
  "summary_fg_mean": 601.8974609375,
  "summary_fg_median": 541.513916015625,
  "summary_fg_n": 185552.0,
  "summary_fg_p05": 295.82750396728517,
  "summary_fg_p95": 1131.655383300781,
  "summary_fg_stdv": 267.6075439453125,
  "tsnr": 32.94426420354284
}