{
  "aor": 0.0007830751173708919,
  "aqi": 0.005032075328638498,
  "bids_meta": {
    "AcquisitionMatrixPE": 106,
    "AcquisitionNumber": 1,
    "AcquisitionTime": "09:32:42.527500",
    "BandwidthPerPixelPhaseEncode": 16.551,
    "BaseResolution": 106,
    "BodyPartExamined": "HEAD",
    "CoilCombinationMethod": "Sum of Squares",
    "ConsistencyInfo": "N4_VE11C_LATEST_20160120",
    "ConversionSoftware": "dcm2niix",
    "ConversionSoftwareVersion": "v1.0.20211006",
    "Dcm2bidsVersion": "2.1.6",
    "DerivedVendorReportedEchoSpacing": 0.000569994,
    "DeviceSerialNumber": "66014",
    "DwellTime": 2e-06,
    "EchoTime": 0.03,
    "EchoTrainLength": 93,
    "EffectiveEchoSpacing": 0.000569994,
    "FlipAngle": 54,
    "ImageOrientationPatientDICOM": [
      0.999716,
      0.00649388,
      0.0229355,
      -0.00697943,
      0.999752,
      0.0211538
    ],
    "ImageOrientationText": "Tra>Sag(1.3)>Cor(1.2)",
    "ImageType": [
      "ORIGINAL",
      "PRIMARY",
      "M",
      "ND",
      "MOSAIC"
    ],
    "ImagingFrequency": 123.259,
    "InPlanePhaseEncodingDirectionDICOM": "COL",
    "InstitutionAddress": "Yiheyuan Road 5,Beijing  0FCA35,Haidian,CN,100871",
    "InstitutionName": "CMR of Peking Univeristy",
    "InstitutionalDepartmentName": "Department",
    "MRAcquisitionType": "2D",
    "MagneticFieldStrength": 3,
    "Manufacturer": "Siemens",
    "ManufacturersModelName": "Prisma",
    "Modality": "MR",
    "MultibandAccelerationFactor": 8,
    "PartialFourier": 0.875,
    "PatientPosition": "HFS",
    "PercentPhaseFOV": 100,
    "PercentSampling": 100,
    "PhaseEncodingDirection": "j-",
    "PhaseEncodingSteps": 93,
    "PhaseResolution": 1,
    "PixelBandwidth": 2360,
    "ProcedureStepDescription": "Research^Projects_64CH",
    "ProtocolName": "fMRI_run8_AP",
    "PulseSequenceDetails": "%SiemensSeq%\\ep2d_bold",
    "ReceiveCoilActiveElements": "HC1-7;NC1,2",
    "ReceiveCoilName": "HeadNeck_64",
    "ReconMatrixPE": 106,
    "RefLinesPE": 32,
    "RepetitionTime": 0.71,
    "SAR": 0.102658,
    "ScanOptions": "PFP\\FS",
    "ScanningSequence": "EP",
    "SequenceName": "*epfid2d1_106",
    "SequenceVariant": "SK",
    "SeriesDescription": "fMRI_run8_AP",
    "SeriesNumber": 12,
    "ShimSetting": [
      -3434,
      -2146,
      -1931,
      370,
      55,
      -165,
      -67,
      37
    ],
    "SliceThickness": 2,
    "SliceTiming": [
      0.3075,
      0,
      0.3825,
      0.0775,
      0.46,
      0.1525,
      0.5375,
      0.23,
      0.6125,
      0.3075,
      0,
      0.3825,
      0.0775,
      0.46,
      0.1525,
      0.5375,
      0.23,
      0.6125,
      0.3075,
      0,
      0.3825,
      0.0775,
      0.46,
      0.1525,
      0.5375,
      0.23,
      0.6125,
      0.3075,
      0,
      0.3825,
      0.0775,
      0.46,
      0.1525,
      0.5375,
      0.23,
      0.6125,
      0.3075,
      0,
      0.3825,
      0.0775,
      0.46,
      0.1525,
      0.5375,
      0.23,
      0.6125,
      0.3075,
      0,
      0.3825,
      0.0775,
      0.46,
      0.1525,
      0.5375,
      0.23,
      0.6125,
      0.3075,
      0,
      0.3825,
      0.0775,
      0.46,
      0.1525,
      0.5375,
      0.23,
      0.6125,
      0.3075,
      0,
      0.3825,
      0.0775,
      0.46,
      0.1525,
      0.5375,
      0.23,
      0.6125
    ],
    "SoftwareVersions": "syngo MR E11",
    "SpacingBetweenSlices": 2,
    "StationName": "AWP66014",
    "TaskName": "Chinese-RDR",
    "TotalReadoutTime": 0.0598493,
    "TxRefAmp": 239.77,
    "dataset": "ds004078",
    "modality": "bold",
    "run_id": 18,
    "subject_id": "09",
    "task_id": "RDR"
  },
  "dummy_trs": 2,
  "dvars_nstd": 42.51284734383528,
  "dvars_std": 1.0867443006823525,
  "dvars_vstd": 1.0174555644941163,
  "efc": 0.5359064084731262,
  "fber": 577.0357055664062,
  "fd_mean": 0.07977315927775983,
  "fd_num": 6,
  "fd_perc": 1.408450704225352,
  "fwhm_avg": 3.43787,
  "fwhm_x": 3.154515,
  "fwhm_y": 3.48695,
  "fwhm_z": 3.672145,
  "gcor": 0.00474546,
  "gsr_x": 0.001736003439873457,
  "gsr_y": 0.037789955735206604,
  "provenance": {
    "md5sum": "b69e962762a510e8d80fa17efe691613",
    "settings": {
      "fd_thres": 0.2,
      "testing": false
    },
    "software": "mriqc",
    "version": "23.0.1",
    "webapi_port": null,
    "webapi_url": "https://mriqc.nimh.nih.gov/api/v1"
  },
  "size_t": 426,
  "size_x": 106,
  "size_y": 106,
  "size_z": 72,
  "snr": 2.0674372272991657,
  "spacing_tr": 0.7099999785423279,
  "spacing_x": 2.0,
  "spacing_y": 2.0,
  "spacing_z": 2.0,
  "summary_bg_k": 27.0623555879502,
  "summary_bg_mad": 13.085877328824246,
  "summary_bg_mean": 43.70966339111328,
  "summary_bg_median": 21.539905548095703,
  "summary_bg_n": 513126.0,
  "summary_bg_p05": 11.683098793029785,
  "summary_bg_p95": 159.4947166442871,
  "summary_bg_stdv": 62.22649383544922,
  "summary_fg_k": 2.4343336272583764,
  "summary_fg_mad": 212.41928086215594,
  "summary_fg_mean": 586.5121459960938,
  "summary_fg_median": 530.1901245117188,
  "summary_fg_n": 184398.0,
  "summary_fg_p05": 291.24613800048826,
  "summary_fg_p95": 1093.1089843749994,
  "summary_fg_stdv": 256.4472961425781,
  "tsnr": 33.678585978690535
}