{
  "aor": 0.00047234177215189866,
  "aqi": 0.005101965738396624,
  "bids_meta": {
    "AcquisitionMatrixPE": 106,
    "AcquisitionNumber": 1,
    "AcquisitionTime": "09:31:48.510000",
    "BandwidthPerPixelPhaseEncode": 16.551,
    "BaseResolution": 106,
    "BodyPartExamined": "HEAD",
    "CoilCombinationMethod": "Sum of Squares",
    "ConsistencyInfo": "N4_VE11C_LATEST_20160120",
    "ConversionSoftware": "dcm2niix",
    "ConversionSoftwareVersion": "v1.0.20211006",
    "Dcm2bidsVersion": "2.1.6",
    "DerivedVendorReportedEchoSpacing": 0.000569994,
    "DeviceSerialNumber": "66014",
    "DwellTime": 2e-06,
    "EchoTime": 0.03,
    "EchoTrainLength": 93,
    "EffectiveEchoSpacing": 0.000569994,
    "FlipAngle": 54,
    "ImageOrientationPatientDICOM": [
      0.999235,
      -0.0077749,
      0.0383321,
      0.00697608,
      0.999757,
      0.0209293
    ],
    "ImageOrientationText": "Tra>Sag(2.2)>Cor(1.2)",
    "ImageType": [
      "ORIGINAL",
      "PRIMARY",
      "M",
      "ND",
      "MOSAIC"
    ],
    "ImagingFrequency": 123.259,
    "InPlanePhaseEncodingDirectionDICOM": "COL",
    "InstitutionAddress": "Yiheyuan Road 5,Beijing  0FCA35,Haidian,CN,100871",
    "InstitutionName": "CMR of Peking Univeristy",
    "InstitutionalDepartmentName": "Department",
    "MRAcquisitionType": "2D",
    "MagneticFieldStrength": 3,
    "Manufacturer": "Siemens",
    "ManufacturersModelName": "Prisma",
    "Modality": "MR",
    "MultibandAccelerationFactor": 8,
    "PartialFourier": 0.875,
    "PatientPosition": "HFS",
    "PercentPhaseFOV": 100,
    "PercentSampling": 100,
    "PhaseEncodingDirection": "j-",
    "PhaseEncodingSteps": 93,
    "PhaseResolution": 1,
    "PixelBandwidth": 2360,
    "ProcedureStepDescription": "Research^Projects_64CH",
    "ProtocolName": "fMRI_run5_AP",
    "PulseSequenceDetails": "%SiemensSeq%\\ep2d_bold",
    "ReceiveCoilActiveElements": "HC1-7;NC1",
    "ReceiveCoilName": "HeadNeck_64",
    "ReconMatrixPE": 106,
    "RefLinesPE": 32,
    "RepetitionTime": 0.71,
    "SAR": 0.107824,
    "ScanOptions": "PFP\\FS",
    "ScanningSequence": "EP",
    "SequenceName": "*epfid2d1_106",
    "SequenceVariant": "SK",
    "SeriesDescription": "fMRI_run5_AP",
    "SeriesNumber": 9,
    "ShimSetting": [
      -3430,
      -2134,
      -1926,
      360,
      -6,
      -239,
      -87,
      16
    ],
    "SliceThickness": 2,
    "SliceTiming": [
      0.3075,
      0,
      0.3825,
      0.0775,
      0.46,
      0.1525,
      0.5375,
      0.23,
      0.6125,
      0.3075,
      0,
      0.3825,
      0.0775,
      0.46,
      0.1525,
      0.5375,
      0.23,
      0.6125,
      0.3075,
      0,
      0.3825,
      0.0775,
      0.46,
      0.1525,
      0.5375,
      0.23,
      0.6125,
      0.3075,
      0,
      0.3825,
      0.0775,
      0.46,
      0.1525,
      0.5375,
      0.23,
      0.6125,
      0.3075,
      0,
      0.3825,
      0.0775,
      0.46,
      0.1525,
      0.5375,
      0.23,
      0.6125,
      0.3075,
      0,
      0.3825,
      0.0775,
      0.46,
      0.1525,
      0.5375,
      0.23,
      0.6125,
      0.3075,
      0,
      0.3825,
      0.0775,
      0.46,
      0.1525,
      0.5375,
      0.23,
      0.6125,
      0.3075,
      0,
      0.3825,
      0.0775,
      0.46,
      0.1525,
      0.5375,
      0.23,
      0.6125
    ],
    "SoftwareVersions": "syngo MR E11",
    "SpacingBetweenSlices": 2,
    "StationName": "AWP66014",
    "TaskName": "Chinese-RDR",
    "TotalReadoutTime": 0.0598493,
    "TxRefAmp": 244.487,
    "dataset": "ds004078",
    "modality": "bold",
    "run_id": 5,
    "subject_id": "09",
    "task_id": "RDR"
  },
  "dummy_trs": 2,
  "dvars_nstd": 42.75213593213534,
  "dvars_std": 1.0804151913107822,
  "dvars_vstd": 1.0091658861310788,
  "efc": 0.5343640542737477,
  "fber": 566.2014770507812,
  "fd_mean": 0.0909040671454814,
  "fd_num": 5,
  "fd_perc": 1.0548523206751055,
  "fwhm_avg": 3.474486666666667,
  "fwhm_x": 3.175195,
  "fwhm_y": 3.50455,
  "fwhm_z": 3.743715,
  "gcor": 0.00523938,
  "gsr_x": 0.00041108281584456563,
  "gsr_y": 0.04151398688554764,
  "provenance": {
    "md5sum": "a3a470d8a5093e2bd2c52d1ef023c663",
    "settings": {
      "fd_thres": 0.2,
      "testing": false
    },
    "software": "mriqc",
    "version": "23.0.1",
    "webapi_port": null,
    "webapi_url": "https://mriqc.nimh.nih.gov/api/v1"
  },
  "size_t": 474,
  "size_x": 106,
  "size_y": 106,
  "size_z": 72,
  "snr": 1.9985014799803502,
  "spacing_tr": 0.7099999785423279,
  "spacing_x": 2.0,
  "spacing_y": 2.0,
  "spacing_z": 2.0,
  "summary_bg_k": 27.4038537927325,
  "summary_bg_mad": 14.191067628902546,
  "summary_bg_mean": 45.17216491699219,
  "summary_bg_median": 22.14134979248047,
  "summary_bg_n": 512463.0,
  "summary_bg_p05": 11.405062675476074,
  "summary_bg_p95": 163.7913436889642,
  "summary_bg_stdv": 65.15206909179688,
  "summary_fg_k": 2.6591089899938405,
  "summary_fg_mad": 219.17804305088782,
  "summary_fg_mean": 601.239013671875,
  "summary_fg_median": 539.99365234375,
  "summary_fg_n": 185495.0,
  "summary_fg_p05": 294.27362060546875,
  "summary_fg_p95": 1137.4604614257812,
  "summary_fg_stdv": 270.19854736328125,
  "tsnr": 33.51366591453552
}