{
  "aor": 0.00032221176470588237,
  "aqi": 0.0051941183058823535,
  "bids_meta": {
    "AcquisitionMatrixPE": 106,
    "AcquisitionNumber": 1,
    "AcquisitionTime": "09:49:23.340000",
    "BandwidthPerPixelPhaseEncode": 16.551,
    "BaseResolution": 106,
    "BodyPartExamined": "HEAD",
    "CoilCombinationMethod": "Sum of Squares",
    "ConsistencyInfo": "N4_VE11C_LATEST_20160120",
    "ConversionSoftware": "dcm2niix",
    "ConversionSoftwareVersion": "v1.0.20211006",
    "Dcm2bidsVersion": "2.1.6",
    "DerivedVendorReportedEchoSpacing": 0.000569994,
    "DeviceSerialNumber": "66014",
    "DwellTime": 2e-06,
    "EchoTime": 0.03,
    "EchoTrainLength": 93,
    "EffectiveEchoSpacing": 0.000569994,
    "FlipAngle": 54,
    "ImageOrientationPatientDICOM": [
      0.999361,
      0.034415,
      -0.00968086,
      -0.0348984,
      0.997864,
      -0.0552188
    ],
    "ImageOrientationText": "Tra>Cor(-3.2)>Sag(-0.4)",
    "ImageType": [
      "ORIGINAL",
      "PRIMARY",
      "M",
      "ND",
      "MOSAIC"
    ],
    "ImagingFrequency": 123.26,
    "InPlanePhaseEncodingDirectionDICOM": "COL",
    "InstitutionAddress": "Yiheyuan Road 5,Beijing F259C2,Haidian,CN,100871",
    "InstitutionName": "CMR of Peking Univeristy",
    "InstitutionalDepartmentName": "Department",
    "MRAcquisitionType": "2D",
    "MagneticFieldStrength": 3,
    "Manufacturer": "Siemens",
    "ManufacturersModelName": "Prisma",
    "Modality": "MR",
    "MultibandAccelerationFactor": 8,
    "PartialFourier": 0.875,
    "PatientPosition": "HFS",
    "PercentPhaseFOV": 100,
    "PercentSampling": 100,
    "PhaseEncodingDirection": "j-",
    "PhaseEncodingSteps": 93,
    "PhaseResolution": 1,
    "PixelBandwidth": 2360,
    "ProcedureStepDescription": "Research^Projects_64CH",
    "ProtocolName": "fMRI_run9_AP",
    "PulseSequenceDetails": "%SiemensSeq%\\ep2d_bold",
    "ReceiveCoilActiveElements": "HC1-7;NC1,2",
    "ReceiveCoilName": "HeadNeck_64",
    "ReconMatrixPE": 106,
    "RefLinesPE": 32,
    "RepetitionTime": 0.71,
    "SAR": 0.101504,
    "ScanOptions": "PFP\\FS",
    "ScanningSequence": "EP",
    "SequenceName": "*epfid2d1_106",
    "SequenceVariant": "SK",
    "SeriesDescription": "fMRI_run9_AP",
    "SeriesNumber": 13,
    "ShimSetting": [
      -3450,
      -2143,
      -1937,
      396,
      14,
      -140,
      -62,
      49
    ],
    "SliceThickness": 2,
    "SliceTiming": [
      0.305,
      0,
      0.3825,
      0.075,
      0.46,
      0.1525,
      0.535,
      0.23,
      0.6125,
      0.305,
      0,
      0.3825,
      0.075,
      0.46,
      0.1525,
      0.535,
      0.23,
      0.6125,
      0.305,
      0,
      0.3825,
      0.075,
      0.46,
      0.1525,
      0.535,
      0.23,
      0.6125,
      0.305,
      0,
      0.3825,
      0.075,
      0.46,
      0.1525,
      0.535,
      0.23,
      0.6125,
      0.305,
      0,
      0.3825,
      0.075,
      0.46,
      0.1525,
      0.535,
      0.23,
      0.6125,
      0.305,
      0,
      0.3825,
      0.075,
      0.46,
      0.1525,
      0.535,
      0.23,
      0.6125,
      0.305,
      0,
      0.3825,
      0.075,
      0.46,
      0.1525,
      0.535,
      0.23,
      0.6125,
      0.305,
      0,
      0.3825,
      0.075,
      0.46,
      0.1525,
      0.535,
      0.23,
      0.6125
    ],
    "SoftwareVersions": "syngo MR E11",
    "SpacingBetweenSlices": 2,
    "StationName": "AWP66014",
    "TaskName": "Chinese-RDR",
    "TotalReadoutTime": 0.0598493,
    "TxRefAmp": 237.799,
    "dataset": "ds004078",
    "modality": "bold",
    "run_id": 59,
    "subject_id": "09",
    "task_id": "RDR"
  },
  "dummy_trs": 2,
  "dvars_nstd": 42.463390944292435,
  "dvars_std": 1.0469554184198118,
  "dvars_vstd": 1.004812209929246,
  "efc": 0.5364074770474074,
  "fber": 573.1806030273438,
  "fd_mean": 0.06717990254357423,
  "fd_num": 0,
  "fd_perc": 0.0,
  "fwhm_avg": 3.457725,
  "fwhm_x": 3.167275,
  "fwhm_y": 3.519365,
  "fwhm_z": 3.686535,
  "gcor": 0.00378733,
  "gsr_x": 0.0025614749174565077,
  "gsr_y": 0.048043906688690186,
  "provenance": {
    "md5sum": "3b08c56e869a2d861499df1b127dd0df",
    "settings": {
      "fd_thres": 0.2,
      "testing": false
    },
    "software": "mriqc",
    "version": "23.0.1",
    "webapi_port": null,
    "webapi_url": "https://mriqc.nimh.nih.gov/api/v1"
  },
  "size_t": 425,
  "size_x": 106,
  "size_y": 106,
  "size_z": 72,
  "snr": 2.044044259072129,
  "spacing_tr": 0.7099999785423279,
  "spacing_x": 2.0,
  "spacing_y": 2.0,
  "spacing_z": 2.0,
  "summary_bg_k": 31.425198543112927,
  "summary_bg_mad": 12.422460569970617,
  "summary_bg_mean": 42.71884536743164,
  "summary_bg_median": 21.075292587280273,
  "summary_bg_n": 513926.0,
  "summary_bg_p05": 11.609411239624023,
  "summary_bg_p95": 153.21176147460938,
  "summary_bg_stdv": 62.638736724853516,
  "summary_fg_k": 2.3090010492906137,
  "summary_fg_mad": 207.82248100883825,
  "summary_fg_mean": 562.956787109375,
  "summary_fg_median": 509.44232177734375,
  "summary_fg_n": 189596.0,
  "summary_fg_p05": 269.8211669921875,
  "summary_fg_p95": 1052.4364624023438,
  "summary_fg_stdv": 249.23187255859375,
  "tsnr": 33.853230186738074
}