{
  "aor": 0.00023557661927330173,
  "aqi": 0.008534643680884675,
  "bids_meta": {
    "AcquisitionMatrixPE": 106,
    "AcquisitionNumber": 1,
    "AcquisitionTime": "19:12:33.217500",
    "BandwidthPerPixelPhaseEncode": 16.551,
    "BaseResolution": 106,
    "BodyPartExamined": "HEAD",
    "CoilCombinationMethod": "Sum of Squares",
    "ConsistencyInfo": "N4_VE11C_LATEST_20160120",
    "ConversionSoftware": "dcm2niix",
    "ConversionSoftwareVersion": "v1.0.20211006",
    "Dcm2bidsVersion": "2.1.6",
    "DerivedVendorReportedEchoSpacing": 0.000569994,
    "DeviceSerialNumber": "66014",
    "DwellTime": 2e-06,
    "EchoTime": 0.03,
    "EchoTrainLength": 93,
    "EffectiveEchoSpacing": 0.000569994,
    "FlipAngle": 54,
    "ImageOrientationPatientDICOM": [
      0.999696,
      0.0216691,
      0.0117696,
      -0.0209406,
      0.998048,
      -0.0588432
    ],
    "ImageOrientationText": "Tra>Cor(-3.4)>Sag(0.7)",
    "ImageType": [
      "ORIGINAL",
      "PRIMARY",
      "M",
      "ND",
      "MOSAIC"
    ],
    "ImagingFrequency": 123.259,
    "InPlanePhaseEncodingDirectionDICOM": "COL",
    "InstitutionAddress": "Yiheyuan Road 5,Beijing  0FCA35,Haidian,CN,100871",
    "InstitutionName": "CMR of Peking Univeristy",
    "InstitutionalDepartmentName": "Department",
    "MRAcquisitionType": "2D",
    "MagneticFieldStrength": 3,
    "Manufacturer": "Siemens",
    "ManufacturersModelName": "Prisma",
    "Modality": "MR",
    "MultibandAccelerationFactor": 8,
    "PartialFourier": 0.875,
    "PatientPosition": "HFS",
    "PercentPhaseFOV": 100,
    "PercentSampling": 100,
    "PhaseEncodingDirection": "j",
    "PhaseEncodingSteps": 93,
    "PhaseResolution": 1,
    "PixelBandwidth": 2360,
    "ProcedureStepDescription": "Research^Projects_64CH",
    "ProtocolName": "fMRI_Rest2_PA",
    "PulseSequenceDetails": "%SiemensSeq%\\ep2d_bold",
    "ReceiveCoilActiveElements": "HC1-7;NC1,2",
    "ReceiveCoilName": "HeadNeck_64",
    "ReconMatrixPE": 106,
    "RefLinesPE": 32,
    "RepetitionTime": 0.71,
    "SAR": 0.11602,
    "ScanOptions": "PFP\\FS",
    "ScanningSequence": "EP",
    "SequenceName": "*epfid2d1_106",
    "SequenceVariant": "SK",
    "SeriesDescription": "fMRI_Rest2_PA",
    "SeriesNumber": 22,
    "ShimSetting": [
      -3439,
      -2106,
      -1938,
      372,
      22,
      -310,
      -143,
      44
    ],
    "SliceThickness": 2,
    "SliceTiming": [
      0.305,
      0,
      0.3825,
      0.075,
      0.46,
      0.1525,
      0.535,
      0.23,
      0.6125,
      0.305,
      0,
      0.3825,
      0.075,
      0.46,
      0.1525,
      0.535,
      0.23,
      0.6125,
      0.305,
      0,
      0.3825,
      0.075,
      0.46,
      0.1525,
      0.535,
      0.23,
      0.6125,
      0.305,
      0,
      0.3825,
      0.075,
      0.46,
      0.1525,
      0.535,
      0.23,
      0.6125,
      0.305,
      0,
      0.3825,
      0.075,
      0.46,
      0.1525,
      0.535,
      0.23,
      0.6125,
      0.305,
      0,
      0.3825,
      0.075,
      0.46,
      0.1525,
      0.535,
      0.23,
      0.6125,
      0.305,
      0,
      0.3825,
      0.075,
      0.46,
      0.1525,
      0.535,
      0.23,
      0.6125,
      0.305,
      0,
      0.3825,
      0.075,
      0.46,
      0.1525,
      0.535,
      0.23,
      0.6125
    ],
    "SoftwareVersions": "syngo MR E11",
    "SpacingBetweenSlices": 2,
    "StationName": "AWP66014",
    "TaskName": "rest",
    "TotalReadoutTime": 0.0598493,
    "TxRefAmp": 251.436,
    "dataset": "ds004078",
    "modality": "bold",
    "run_id": 4,
    "subject_id": "09",
    "task_id": "rest"
  },
  "dummy_trs": 1,
  "dvars_nstd": 40.55749218982593,
  "dvars_std": 0.9979047023259502,
  "dvars_vstd": 0.9728265885601263,
  "efc": 0.541579944567867,
  "fber": 572.8792114257812,
  "fd_mean": 0.0762535625633565,
  "fd_num": 10,
  "fd_perc": 1.5797788309636651,
  "fwhm_avg": 3.4433133333333337,
  "fwhm_x": 3.145845,
  "fwhm_y": 3.523255,
  "fwhm_z": 3.66084,
  "gcor": 0.00872474,
  "gsr_x": 0.004953628405928612,
  "gsr_y": 0.05625646188855171,
  "provenance": {
    "md5sum": "da5e8a223acbd6488ef72e2863a5f787",
    "settings": {
      "fd_thres": 0.2,
      "testing": false
    },
    "software": "mriqc",
    "version": "23.0.1",
    "webapi_port": null,
    "webapi_url": "https://mriqc.nimh.nih.gov/api/v1"
  },
  "size_t": 633,
  "size_x": 106,
  "size_y": 106,
  "size_z": 72,
  "snr": 2.1400712407092715,
  "spacing_tr": 0.7099999785423279,
  "spacing_x": 2.0,
  "spacing_y": 2.0,
  "spacing_z": 2.0,
  "summary_bg_k": 27.37736873444926,
  "summary_bg_mad": 13.807172888846818,
  "summary_bg_mean": 49.45724105834961,
  "summary_bg_median": 22.132701873779297,
  "summary_bg_n": 517250.0,
  "summary_bg_p05": 11.687204360961914,
  "summary_bg_p95": 200.8992111206054,
  "summary_bg_stdv": 76.72409057617188,
  "summary_fg_k": 1.7270094390736235,
  "summary_fg_mad": 220.54002095559534,
  "summary_fg_mean": 587.9349975585938,
  "summary_fg_median": 537.0987548828125,
  "summary_fg_n": 181336.0,
  "summary_fg_p05": 283.8807373046875,
  "summary_fg_p95": 1076.6145629882812,
  "summary_fg_stdv": 250.9716796875,
  "tsnr": 28.008490312378854
}