{
  "aor": 0.00029055555555555556,
  "aqi": 0.00547433705882353,
  "bids_meta": {
    "AcquisitionMatrixPE": 106,
    "AcquisitionNumber": 1,
    "AcquisitionTime": "09:03:3.150000",
    "BandwidthPerPixelPhaseEncode": 16.551,
    "BaseResolution": 106,
    "BodyPartExamined": "HEAD",
    "CoilCombinationMethod": "Sum of Squares",
    "ConsistencyInfo": "N4_VE11C_LATEST_20160120",
    "ConversionSoftware": "dcm2niix",
    "ConversionSoftwareVersion": "v1.0.20211006",
    "Dcm2bidsVersion": "2.1.6",
    "DerivedVendorReportedEchoSpacing": 0.000569994,
    "DeviceSerialNumber": "66014",
    "DwellTime": 2e-06,
    "EchoTime": 0.03,
    "EchoTrainLength": 93,
    "EffectiveEchoSpacing": 0.000569994,
    "FlipAngle": 54,
    "ImageOrientationPatientDICOM": [
      0.999235,
      -0.0077749,
      0.0383321,
      0.00697608,
      0.999757,
      0.0209293
    ],
    "ImageOrientationText": "Tra>Sag(2.2)>Cor(1.2)",
    "ImageType": [
      "ORIGINAL",
      "PRIMARY",
      "M",
      "ND",
      "MOSAIC"
    ],
    "ImagingFrequency": 123.259,
    "InPlanePhaseEncodingDirectionDICOM": "COL",
    "InstitutionAddress": "Yiheyuan Road 5,Beijing  0FCA35,Haidian,CN,100871",
    "InstitutionName": "CMR of Peking Univeristy",
    "InstitutionalDepartmentName": "Department",
    "MRAcquisitionType": "2D",
    "MagneticFieldStrength": 3,
    "Manufacturer": "Siemens",
    "ManufacturersModelName": "Prisma",
    "Modality": "MR",
    "MultibandAccelerationFactor": 8,
    "PartialFourier": 0.875,
    "PatientPosition": "HFS",
    "PercentPhaseFOV": 100,
    "PercentSampling": 100,
    "PhaseEncodingDirection": "j-",
    "PhaseEncodingSteps": 93,
    "PhaseResolution": 1,
    "PixelBandwidth": 2360,
    "ProcedureStepDescription": "Research^Projects_64CH",
    "ProtocolName": "fMRI_run1_AP",
    "PulseSequenceDetails": "%SiemensSeq%\\ep2d_bold",
    "ReceiveCoilActiveElements": "HC1-7;NC1",
    "ReceiveCoilName": "HeadNeck_64",
    "ReconMatrixPE": 106,
    "RefLinesPE": 32,
    "RepetitionTime": 0.71,
    "SAR": 0.108196,
    "ScanOptions": "PFP\\FS",
    "ScanningSequence": "EP",
    "SequenceName": "*epfid2d1_106",
    "SequenceVariant": "SK",
    "SeriesDescription": "fMRI_run1_AP",
    "SeriesNumber": 5,
    "ShimSetting": [
      -3430,
      -2134,
      -1926,
      360,
      -6,
      -239,
      -87,
      16
    ],
    "SliceThickness": 2,
    "SliceTiming": [
      0.3075,
      0,
      0.385,
      0.0775,
      0.46,
      0.155,
      0.5375,
      0.23,
      0.615,
      0.3075,
      0,
      0.385,
      0.0775,
      0.46,
      0.155,
      0.5375,
      0.23,
      0.615,
      0.3075,
      0,
      0.385,
      0.0775,
      0.46,
      0.155,
      0.5375,
      0.23,
      0.615,
      0.3075,
      0,
      0.385,
      0.0775,
      0.46,
      0.155,
      0.5375,
      0.23,
      0.615,
      0.3075,
      0,
      0.385,
      0.0775,
      0.46,
      0.155,
      0.5375,
      0.23,
      0.615,
      0.3075,
      0,
      0.385,
      0.0775,
      0.46,
      0.155,
      0.5375,
      0.23,
      0.615,
      0.3075,
      0,
      0.385,
      0.0775,
      0.46,
      0.155,
      0.5375,
      0.23,
      0.615,
      0.3075,
      0,
      0.385,
      0.0775,
      0.46,
      0.155,
      0.5375,
      0.23,
      0.615
    ],
    "SoftwareVersions": "syngo MR E11",
    "SpacingBetweenSlices": 2,
    "StationName": "AWP66014",
    "TaskName": "Chinese-RDR",
    "TotalReadoutTime": 0.0598493,
    "TxRefAmp": 244.487,
    "dataset": "ds004078",
    "modality": "bold",
    "run_id": 1,
    "subject_id": "09",
    "task_id": "RDR"
  },
  "dummy_trs": 2,
  "dvars_nstd": 40.61914418990175,
  "dvars_std": 1.0535078315384596,
  "dvars_vstd": 0.9937652816039282,
  "efc": 0.5336414635860677,
  "fber": 598.7233276367188,
  "fd_mean": 0.07669021737827661,
  "fd_num": 4,
  "fd_perc": 0.6535947712418301,
  "fwhm_avg": 3.472796666666667,
  "fwhm_x": 3.173525,
  "fwhm_y": 3.50166,
  "fwhm_z": 3.743205,
  "gcor": 0.00906359,
  "gsr_x": 0.00043854370596818626,
  "gsr_y": 0.044381316751241684,
  "provenance": {
    "md5sum": "f70576b07af63f72dda8c9ed8c180c38",
    "settings": {
      "fd_thres": 0.2,
      "testing": false
    },
    "software": "mriqc",
    "version": "23.0.1",
    "webapi_port": null,
    "webapi_url": "https://mriqc.nimh.nih.gov/api/v1"
  },
  "size_t": 612,
  "size_x": 106,
  "size_y": 106,
  "size_z": 72,
  "snr": 2.0384183597115118,
  "spacing_tr": 0.7099999785423279,
  "spacing_x": 2.0,
  "spacing_y": 2.0,
  "spacing_z": 2.0,
  "summary_bg_k": 28.686553426949317,
  "summary_bg_mad": 14.150131826986257,
  "summary_bg_mean": 44.39373016357422,
  "summary_bg_median": 21.763072967529297,
  "summary_bg_n": 513044.0,
  "summary_bg_p05": 11.140522956848145,
  "summary_bg_p95": 158.34942550659176,
  "summary_bg_stdv": 63.62784194946289,
  "summary_fg_k": 2.507852889939689,
  "summary_fg_mad": 219.38390975298134,
  "summary_fg_mean": 605.82470703125,
  "summary_fg_median": 545.6829833984375,
  "summary_fg_n": 185103.0,
  "summary_fg_p05": 298.74574279785156,
  "summary_fg_p95": 1135.2430297851554,
  "summary_fg_stdv": 267.698486328125,
  "tsnr": 32.54256551270373
}