{
  "aor": 0.0002808835341365462,
  "aqi": 0.006727614317269076,
  "bids_meta": {
    "AcquisitionMatrixPE": 106,
    "AcquisitionNumber": 1,
    "AcquisitionTime": "09:01:28.625000",
    "BandwidthPerPixelPhaseEncode": 16.551,
    "BaseResolution": 106,
    "BodyPartExamined": "HEAD",
    "CoilCombinationMethod": "Sum of Squares",
    "ConsistencyInfo": "N4_VE11C_LATEST_20160120",
    "ConversionSoftware": "dcm2niix",
    "ConversionSoftwareVersion": "v1.0.20211006",
    "Dcm2bidsVersion": "2.1.6",
    "DerivedVendorReportedEchoSpacing": 0.000569994,
    "DeviceSerialNumber": "66014",
    "DwellTime": 2e-06,
    "EchoTime": 0.03,
    "EchoTrainLength": 93,
    "EffectiveEchoSpacing": 0.000569994,
    "FlipAngle": 54,
    "ImageOrientationPatientDICOM": [
      0.999716,
      0.00649388,
      0.0229355,
      -0.00697943,
      0.999752,
      0.0211538
    ],
    "ImageOrientationText": "Tra>Sag(1.3)>Cor(1.2)",
    "ImageType": [
      "ORIGINAL",
      "PRIMARY",
      "M",
      "ND",
      "MOSAIC"
    ],
    "ImagingFrequency": 123.259,
    "InPlanePhaseEncodingDirectionDICOM": "COL",
    "InstitutionAddress": "Yiheyuan Road 5,Beijing  0FCA35,Haidian,CN,100871",
    "InstitutionName": "CMR of Peking Univeristy",
    "InstitutionalDepartmentName": "Department",
    "MRAcquisitionType": "2D",
    "MagneticFieldStrength": 3,
    "Manufacturer": "Siemens",
    "ManufacturersModelName": "Prisma",
    "Modality": "MR",
    "MultibandAccelerationFactor": 8,
    "PartialFourier": 0.875,
    "PatientPosition": "HFS",
    "PercentPhaseFOV": 100,
    "PercentSampling": 100,
    "PhaseEncodingDirection": "j-",
    "PhaseEncodingSteps": 93,
    "PhaseResolution": 1,
    "PixelBandwidth": 2360,
    "ProcedureStepDescription": "Research^Projects_64CH",
    "ProtocolName": "fMRI_run3_AP",
    "PulseSequenceDetails": "%SiemensSeq%\\ep2d_bold",
    "ReceiveCoilActiveElements": "HC1-7;NC1,2",
    "ReceiveCoilName": "HeadNeck_64",
    "ReconMatrixPE": 106,
    "RefLinesPE": 32,
    "RepetitionTime": 0.71,
    "SAR": 0.102906,
    "ScanOptions": "PFP\\FS",
    "ScanningSequence": "EP",
    "SequenceName": "*epfid2d1_106",
    "SequenceVariant": "SK",
    "SeriesDescription": "fMRI_run3_AP",
    "SeriesNumber": 7,
    "ShimSetting": [
      -3434,
      -2146,
      -1931,
      370,
      55,
      -165,
      -67,
      37
    ],
    "SliceThickness": 2,
    "SliceTiming": [
      0.305,
      0,
      0.3825,
      0.075,
      0.46,
      0.1525,
      0.535,
      0.23,
      0.6125,
      0.305,
      0,
      0.3825,
      0.075,
      0.46,
      0.1525,
      0.535,
      0.23,
      0.6125,
      0.305,
      0,
      0.3825,
      0.075,
      0.46,
      0.1525,
      0.535,
      0.23,
      0.6125,
      0.305,
      0,
      0.3825,
      0.075,
      0.46,
      0.1525,
      0.535,
      0.23,
      0.6125,
      0.305,
      0,
      0.3825,
      0.075,
      0.46,
      0.1525,
      0.535,
      0.23,
      0.6125,
      0.305,
      0,
      0.3825,
      0.075,
      0.46,
      0.1525,
      0.535,
      0.23,
      0.6125,
      0.305,
      0,
      0.3825,
      0.075,
      0.46,
      0.1525,
      0.535,
      0.23,
      0.6125,
      0.305,
      0,
      0.3825,
      0.075,
      0.46,
      0.1525,
      0.535,
      0.23,
      0.6125
    ],
    "SoftwareVersions": "syngo MR E11",
    "SpacingBetweenSlices": 2,
    "StationName": "AWP66014",
    "TaskName": "Chinese-RDR",
    "TotalReadoutTime": 0.0598493,
    "TxRefAmp": 239.77,
    "dataset": "ds004078",
    "modality": "bold",
    "run_id": 13,
    "subject_id": "09",
    "task_id": "RDR"
  },
  "dummy_trs": 1,
  "dvars_nstd": 39.695781001609696,
  "dvars_std": 1.0205293090945668,
  "dvars_vstd": 0.9927596405835015,
  "efc": 0.5343703595329653,
  "fber": 609.6964111328125,
  "fd_mean": 0.07775495730619542,
  "fd_num": 1,
  "fd_perc": 0.20080321285140562,
  "fwhm_avg": 3.472811666666667,
  "fwhm_x": 3.172555,
  "fwhm_y": 3.51086,
  "fwhm_z": 3.73502,
  "gcor": 0.00349697,
  "gsr_x": -0.0003823885344900191,
  "gsr_y": 0.04743018001317978,
  "provenance": {
    "md5sum": "3505d7e1e5a259df885cbbdca9bd4542",
    "settings": {
      "fd_thres": 0.2,
      "testing": false
    },
    "software": "mriqc",
    "version": "23.0.1",
    "webapi_port": null,
    "webapi_url": "https://mriqc.nimh.nih.gov/api/v1"
  },
  "size_t": 498,
  "size_x": 106,
  "size_y": 106,
  "size_z": 72,
  "snr": 2.087518018158424,
  "spacing_tr": 0.7099999785423279,
  "spacing_x": 2.0,
  "spacing_y": 2.0,
  "spacing_z": 2.0,
  "summary_bg_k": 29.853375399251696,
  "summary_bg_mad": 12.977234570201567,
  "summary_bg_mean": 44.056941986083984,
  "summary_bg_median": 21.259035110473633,
  "summary_bg_n": 515640.0,
  "summary_bg_p05": 11.562248229980469,
  "summary_bg_p95": 159.46193847656247,
  "summary_bg_stdv": 65.06188201904297,
  "summary_fg_k": 2.3982448061806316,
  "summary_fg_mad": 213.30717716147095,
  "summary_fg_mean": 590.7274169921875,
  "summary_fg_median": 534.9578247070312,
  "summary_fg_n": 183905.0,
  "summary_fg_p05": 294.5847229003906,
  "summary_fg_p95": 1096.0240478515623,
  "summary_fg_stdv": 256.2643127441406,
  "tsnr": 32.203273102641106
}