{
  "aor": 0.00035106687898089174,
  "aqi": 0.006730955748407643,
  "bids_meta": {
    "AcquisitionMatrixPE": 106,
    "AcquisitionNumber": 1,
    "AcquisitionTime": "18:33:6.550000",
    "BandwidthPerPixelPhaseEncode": 16.551,
    "BaseResolution": 106,
    "BodyPartExamined": "HEAD",
    "CoilCombinationMethod": "Sum of Squares",
    "ConsistencyInfo": "N4_VE11C_LATEST_20160120",
    "ConversionSoftware": "dcm2niix",
    "ConversionSoftwareVersion": "v1.0.20211006",
    "Dcm2bidsVersion": "2.1.6",
    "DerivedVendorReportedEchoSpacing": 0.000569994,
    "DeviceSerialNumber": "66014",
    "DwellTime": 2e-06,
    "EchoTime": 0.03,
    "EchoTrainLength": 93,
    "EffectiveEchoSpacing": 0.000569994,
    "FlipAngle": 54,
    "ImageOrientationPatientDICOM": [
      0.999696,
      0.0216691,
      0.0117696,
      -0.0209406,
      0.998048,
      -0.0588432
    ],
    "ImageOrientationText": "Tra>Cor(-3.4)>Sag(0.7)",
    "ImageType": [
      "ORIGINAL",
      "PRIMARY",
      "M",
      "ND",
      "MOSAIC"
    ],
    "ImagingFrequency": 123.259,
    "InPlanePhaseEncodingDirectionDICOM": "COL",
    "InstitutionAddress": "Yiheyuan Road 5,Beijing  0FCA35,Haidian,CN,100871",
    "InstitutionName": "CMR of Peking Univeristy",
    "InstitutionalDepartmentName": "Department",
    "MRAcquisitionType": "2D",
    "MagneticFieldStrength": 3,
    "Manufacturer": "Siemens",
    "ManufacturersModelName": "Prisma",
    "Modality": "MR",
    "MultibandAccelerationFactor": 8,
    "PartialFourier": 0.875,
    "PatientPosition": "HFS",
    "PercentPhaseFOV": 100,
    "PercentSampling": 100,
    "PhaseEncodingDirection": "j-",
    "PhaseEncodingSteps": 93,
    "PhaseResolution": 1,
    "PixelBandwidth": 2360,
    "ProcedureStepDescription": "Research^Projects_64CH",
    "ProtocolName": "fMRI_Rest1_AP",
    "PulseSequenceDetails": "%SiemensSeq%\\ep2d_bold",
    "ReceiveCoilActiveElements": "HC1-7;NC1,2",
    "ReceiveCoilName": "HeadNeck_64",
    "ReconMatrixPE": 106,
    "RefLinesPE": 32,
    "RepetitionTime": 0.71,
    "SAR": 0.11602,
    "ScanOptions": "PFP\\FS",
    "ScanningSequence": "EP",
    "SequenceName": "*epfid2d1_106",
    "SequenceVariant": "SK",
    "SeriesDescription": "fMRI_Rest1_AP",
    "SeriesNumber": 5,
    "ShimSetting": [
      -3439,
      -2106,
      -1938,
      372,
      22,
      -310,
      -143,
      44
    ],
    "SliceThickness": 2,
    "SliceTiming": [
      0.305,
      0,
      0.3825,
      0.075,
      0.46,
      0.1525,
      0.535,
      0.23,
      0.6125,
      0.305,
      0,
      0.3825,
      0.075,
      0.46,
      0.1525,
      0.535,
      0.23,
      0.6125,
      0.305,
      0,
      0.3825,
      0.075,
      0.46,
      0.1525,
      0.535,
      0.23,
      0.6125,
      0.305,
      0,
      0.3825,
      0.075,
      0.46,
      0.1525,
      0.535,
      0.23,
      0.6125,
      0.305,
      0,
      0.3825,
      0.075,
      0.46,
      0.1525,
      0.535,
      0.23,
      0.6125,
      0.305,
      0,
      0.3825,
      0.075,
      0.46,
      0.1525,
      0.535,
      0.23,
      0.6125,
      0.305,
      0,
      0.3825,
      0.075,
      0.46,
      0.1525,
      0.535,
      0.23,
      0.6125,
      0.305,
      0,
      0.3825,
      0.075,
      0.46,
      0.1525,
      0.535,
      0.23,
      0.6125
    ],
    "SoftwareVersions": "syngo MR E11",
    "SpacingBetweenSlices": 2,
    "StationName": "AWP66014",
    "TaskName": "rest",
    "TotalReadoutTime": 0.0598493,
    "TxRefAmp": 251.436,
    "dataset": "ds004078",
    "modality": "bold",
    "run_id": 1,
    "subject_id": "09",
    "task_id": "rest"
  },
  "dummy_trs": 6,
  "dvars_nstd": 42.474359089378034,
  "dvars_std": 1.0362921403987235,
  "dvars_vstd": 0.9870396476076554,
  "efc": 0.5324300556822065,
  "fber": 574.4260864257812,
  "fd_mean": 0.08124990969953941,
  "fd_num": 4,
  "fd_perc": 0.6369426751592356,
  "fwhm_avg": 3.5041216666666664,
  "fwhm_x": 3.238445,
  "fwhm_y": 3.556525,
  "fwhm_z": 3.717395,
  "gcor": 0.00502856,
  "gsr_x": 0.0006148579414002597,
  "gsr_y": 0.04563522711396217,
  "provenance": {
    "md5sum": "8a97e2704449c7c4ffb8e612c5e271df",
    "settings": {
      "fd_thres": 0.2,
      "testing": false
    },
    "software": "mriqc",
    "version": "23.0.1",
    "webapi_port": null,
    "webapi_url": "https://mriqc.nimh.nih.gov/api/v1"
  },
  "size_t": 628,
  "size_x": 106,
  "size_y": 106,
  "size_z": 72,
  "snr": 2.000782453756355,
  "spacing_tr": 0.7099999785423279,
  "spacing_x": 2.0,
  "spacing_y": 2.0,
  "spacing_z": 2.0,
  "summary_bg_k": 29.172893859642087,
  "summary_bg_mad": 12.960966010625413,
  "summary_bg_mean": 42.04602813720703,
  "summary_bg_median": 21.136943817138672,
  "summary_bg_n": 513285.0,
  "summary_bg_p05": 11.267516136169434,
  "summary_bg_p95": 147.3292968749999,
  "summary_bg_stdv": 59.52009582519531,
  "summary_fg_k": 2.9507897885210053,
  "summary_fg_mad": 209.8354501464516,
  "summary_fg_mean": 571.32470703125,
  "summary_fg_median": 514.96337890625,
  "summary_fg_n": 187861.0,
  "summary_fg_p05": 276.1448974609375,
  "summary_fg_p95": 1073.386962890625,
  "summary_fg_stdv": 257.38031005859375,
  "tsnr": 29.8792258836329
}