{
  "bids_meta": {
    "AcquisitionMatrixPE": 300,
    "AcquisitionNumber": 1,
    "AcquisitionTime": "20:28:32.205000",
    "BaseResolution": 320,
    "BodyPartExamined": "HEAD",
    "CoilCombinationMethod": "Adaptive Combine",
    "ConsistencyInfo": "N4_VE11C_LATEST_20160120",
    "ConversionSoftware": "dcm2niix",
    "ConversionSoftwareVersion": "v1.0.20211006",
    "Dcm2bidsVersion": "2.1.6",
    "DeviceSerialNumber": "66014",
    "DwellTime": 7.1e-06,
    "EchoTime": 0.00222,
    "FlipAngle": 8,
    "ImageOrientationPatientDICOM": [
      0.0123024,
      0.999918,
      -0.00348988,
      0.020853,
      -0.00374594,
      -0.999776
    ],
    "ImageOrientationText": "Sag>Tra(-1.2)>Cor(0.7)",
    "ImageType": [
      "ORIGINAL",
      "PRIMARY",
      "M",
      "ND"
    ],
    "ImagingFrequency": 123.259,
    "InPlanePhaseEncodingDirectionDICOM": "ROW",
    "InstitutionAddress": "Yiheyuan Road 5,Beijing  0FCA35,Haidian,CN,100871",
    "InstitutionName": "CMR of Peking Univeristy",
    "InstitutionalDepartmentName": "Department",
    "InversionTime": 1,
    "MRAcquisitionType": "3D",
    "MagneticFieldStrength": 3,
    "Manufacturer": "Siemens",
    "ManufacturersModelName": "Prisma",
    "MatrixCoilMode": "GRAPPA",
    "Modality": "MR",
    "ParallelReductionFactorInPlane": 2,
    "PartialFourier": 1,
    "PatientPosition": "HFS",
    "PercentPhaseFOV": 93.75,
    "PercentSampling": 100,
    "PhaseEncodingSteps": 299,
    "PhaseResolution": 1,
    "PixelBandwidth": 220,
    "ProcedureStepDescription": "Research^Projects_64CH",
    "ProtocolName": "T1w_MPR",
    "PulseSequenceDetails": "%SiemensSeq%\\tfl",
    "ReceiveCoilActiveElements": "HC1-7;NC1,2",
    "ReceiveCoilName": "HeadNeck_64",
    "ReconMatrixPE": 300,
    "RefLinesPE": 32,
    "RepetitionTime": 2.4,
    "SAR": 0.0529312,
    "ScanOptions": "IR\\WE",
    "ScanningSequence": "GR\\IR",
    "SequenceName": "*tfl3d1_16ns",
    "SequenceVariant": "SK\\SP\\MP",
    "SeriesDescription": "T1w_MPR",
    "SeriesNumber": 23,
    "ShimSetting": [
      -3454,
      -2144,
      -1954,
      85,
      17,
      -478,
      -59,
      49
    ],
    "SliceThickness": 0.8,
    "SoftwareVersions": "syngo MR E11",
    "SpoilingState": true,
    "StationName": "AWP66014",
    "TxRefAmp": 252.511,
    "dataset": "ds004078",
    "modality": "T1w",
    "run_id": 1,
    "subject_id": "10"
  },
  "cjv": 0.5410340303495538,
  "cnr": 2.5310538695996665,
  "efc": 0.6091703455052532,
  "fber": 8423.03763245754,
  "fwhm_avg": 5.095420757405647,
  "fwhm_x": 5.35043742027227,
  "fwhm_y": 4.62446243109014,
  "fwhm_z": 5.3113624208545325,
  "icvs_csf": 0.1767766195371286,
  "icvs_gm": 0.41066921183187205,
  "icvs_wm": 0.41255416863099936,
  "inu_med": 0.9747642874717712,
  "inu_range": 1.1105332970619202,
  "provenance": {
    "md5sum": "4ef0c2549b2141123487f911936d661f",
    "settings": {
      "testing": false
    },
    "software": "mriqc",
    "version": "23.0.1",
    "warnings": {
      "large_rot_frame": true,
      "small_air_mask": false
    },
    "webapi_port": null,
    "webapi_url": "https://mriqc.nimh.nih.gov/api/v1"
  },
  "qi_1": 0.0,
  "qi_2": 0.00030142300978407865,
  "rpve_csf": 27.324874076100084,
  "rpve_gm": 11.985190952516215,
  "rpve_wm": 13.396150404272326,
  "size_x": 224,
  "size_y": 300,
  "size_z": 320,
  "snr_csf": 2.527864564654988,
  "snr_gm": 12.512398192419727,
  "snr_total": 9.33078550064483,
  "snr_wm": 12.95209374485977,
  "snrd_csf": 24.540774558454533,
  "snrd_gm": 65.94286598089649,
  "snrd_total": 59.48827636206618,
  "snrd_wm": 87.98118854684752,
  "spacing_x": 0.800000011920929,
  "spacing_y": 0.800000011920929,
  "spacing_z": 0.800000011920929,
  "summary_bg_k": 6.999287737479239,
  "summary_bg_mad": 7.447111189398919,
  "summary_bg_mean": 10.743216556351461,
  "summary_bg_median": 5.023000165820122,
  "summary_bg_n": 4208921.0,
  "summary_bg_p05": 0.0,
  "summary_bg_p95": 41.823085591197014,
  "summary_bg_stdv": 15.66015004985984,
  "summary_csf_k": 3.5440108367717453,
  "summary_csf_mad": 87.3271775262147,
  "summary_csf_mean": 287.6544896015239,
  "summary_csf_median": 278.96156710386276,
  "summary_csf_n": 83511.0,
  "summary_csf_p05": 113.73129849135876,
  "summary_csf_p95": 487.0988318696618,
  "summary_csf_stdv": 110.35397259442107,
  "summary_gm_k": 0.12120301855573512,
  "summary_gm_mad": 59.18493629469667,
  "summary_gm_mean": 750.2603338698676,
  "summary_gm_median": 749.5902457982302,
  "summary_gm_n": 77312.0,
  "summary_gm_p05": 652.5141583830118,
  "summary_gm_p95": 849.5743859410286,
  "summary_gm_stdv": 59.907412346474,
  "summary_wm_k": 0.2899071514718288,
  "summary_wm_mad": 76.35248735236365,
  "summary_wm_mean": 1009.3550954153303,
  "summary_wm_median": 1000.1057698577642,
  "summary_wm_n": 495692.0,
  "summary_wm_p05": 900.0449628703298,
  "summary_wm_p95": 1150.90152220428,
  "summary_wm_stdv": 77.21568271203968,
  "tpm_overlap_csf": 0.14108026392224005,
  "tpm_overlap_gm": 0.4379787892445917,
  "tpm_overlap_wm": 0.46113726693125634,
  "wm2max": 0.4070280389920596
}