{
  "bids_meta": {
    "AcquisitionMatrixPE": 300,
    "AcquisitionNumber": 1,
    "AcquisitionTime": "11:07:3.670000",
    "BaseResolution": 320,
    "BodyPartExamined": "HEAD",
    "CoilCombinationMethod": "Adaptive Combine",
    "ConsistencyInfo": "N4_VE11C_LATEST_20160120",
    "ConversionSoftware": "dcm2niix",
    "ConversionSoftwareVersion": "v1.0.20211006",
    "Dcm2bidsVersion": "2.1.6",
    "DeviceSerialNumber": "66014",
    "DwellTime": 2.1e-06,
    "EchoTime": 0.563,
    "EchoTrainLength": 314,
    "FlipAngle": 120,
    "ImageOrientationPatientDICOM": [
      0.00645291,
      0.999486,
      -0.0313877,
      0.0381581,
      -0.0316116,
      -0.998772
    ],
    "ImageOrientationText": "Sag>Tra(-2.2)>Cor(0.3)",
    "ImageType": [
      "ORIGINAL",
      "PRIMARY",
      "M",
      "ND"
    ],
    "ImagingFrequency": 123.259,
    "InPlanePhaseEncodingDirectionDICOM": "ROW",
    "InstitutionAddress": "Yiheyuan Road 5,Beijing F259C2,Haidian,CN,100871",
    "InstitutionName": "CMR of Peking Univeristy",
    "InstitutionalDepartmentName": "Department",
    "MRAcquisitionType": "3D",
    "MagneticFieldStrength": 3,
    "Manufacturer": "Siemens",
    "ManufacturersModelName": "Prisma",
    "MatrixCoilMode": "GRAPPA",
    "Modality": "MR",
    "ParallelReductionFactorInPlane": 2,
    "PartialFourier": 1,
    "PatientPosition": "HFS",
    "PercentPhaseFOV": 93.75,
    "PercentSampling": 100,
    "PhaseEncodingDirection": "i",
    "PhaseEncodingSteps": 297,
    "PhaseResolution": 1,
    "PixelBandwidth": 745,
    "ProcedureStepDescription": "Research^Projects_64CH",
    "ProtocolName": "T2w_SPC",
    "PulseSequenceDetails": "%SiemensSeq%\\tse_vfl",
    "ReceiveCoilActiveElements": "HC1-7;NC1,2",
    "ReceiveCoilName": "HeadNeck_64",
    "ReconMatrixPE": 300,
    "RefLinesPE": 32,
    "RepetitionTime": 3.2,
    "SAR": 0.163699,
    "ScanOptions": "PFP",
    "ScanningSequence": "SE",
    "SequenceName": "*spcR_314ns",
    "SequenceVariant": "SK\\SP",
    "SeriesDescription": "T2w_SPC",
    "SeriesNumber": 28,
    "ShimSetting": [
      -3433,
      -2135,
      -1929,
      122,
      41,
      -536,
      -60,
      18
    ],
    "SliceThickness": 0.8,
    "SoftwareVersions": "syngo MR E11",
    "SpoilingState": true,
    "StationName": "AWP66014",
    "TxRefAmp": 258.728,
    "dataset": "ds004078",
    "modality": "T2w",
    "run_id": 1,
    "subject_id": "12"
  },
  "cjv": 1.064930998374521,
  "cnr": 1.14378681133271,
  "efc": 0.5882479967143956,
  "fber": 4473.447836955412,
  "fwhm_avg": 3.392487449447998,
  "fwhm_x": 3.319862450530194,
  "fwhm_y": 3.6192874460684146,
  "fwhm_z": 3.2383124517453843,
  "icvs_csf": 0.402781124514183,
  "icvs_gm": 0.43400215466478664,
  "icvs_wm": 0.1632167208210303,
  "inu_med": 1.026343584060669,
  "inu_range": 1.0769778490066528,
  "provenance": {
    "md5sum": "6b52e34afed6b5c0fd00dff7f6f0d8e5",
    "settings": {
      "testing": false
    },
    "software": "mriqc",
    "version": "23.0.1",
    "warnings": {
      "large_rot_frame": true,
      "small_air_mask": false
    },
    "webapi_port": null,
    "webapi_url": "https://mriqc.nimh.nih.gov/api/v1"
  },
  "qi_1": 0.0,
  "qi_2": 0.00047285939728116826,
  "rpve_csf": 11.603522013956596,
  "rpve_gm": 11.453752774747183,
  "rpve_wm": 31.29332669686164,
  "size_x": 224,
  "size_y": 300,
  "size_z": 320,
  "snr_csf": 7.480564570456937,
  "snr_gm": 7.833607977820035,
  "snr_total": 5.692837877804881,
  "snr_wm": 1.76434108513767,
  "snrd_csf": 43.92038079810761,
  "snrd_gm": 24.74336886117936,
  "snrd_total": 46.47791643604088,
  "snrd_wm": 70.76999964883565,
  "spacing_x": 0.800000011920929,
  "spacing_y": 0.800000011920929,
  "spacing_z": 0.800000011920929,
  "summary_bg_k": 10.804040298379551,
  "summary_bg_mad": 0.0,
  "summary_bg_mean": 6.226151299029979,
  "summary_bg_median": 0.0,
  "summary_bg_n": 4324537.0,
  "summary_bg_p05": 0.0,
  "summary_bg_p95": 23.797008354216814,
  "summary_bg_stdv": 9.264781597655405,
  "summary_csf_k": 0.2530346122040785,
  "summary_csf_mad": 80.29256431805746,
  "summary_csf_mean": 628.1755086697137,
  "summary_csf_median": 621.1114750765264,
  "summary_csf_n": 143123.0,
  "summary_csf_p05": 502.28571716323495,
  "summary_csf_p95": 773.737267613411,
  "summary_csf_stdv": 83.02973650860804,
  "summary_gm_k": 1.0924963499404337,
  "summary_gm_mad": 39.7212038773449,
  "summary_gm_mean": 349.00557424736445,
  "summary_gm_median": 349.9147787988186,
  "summary_gm_n": 514636.0,
  "summary_gm_p05": 273.7770947739482,
  "summary_gm_p95": 419.84039236977696,
  "summary_gm_stdv": 44.66836224457813,
  "summary_wm_k": -1.5016258771069242,
  "summary_wm_mad": 653.4397807884264,
  "summary_wm_mean": 835.6339091928763,
  "summary_wm_median": 1000.8123352825642,
  "summary_wm_n": 87179.0,
  "summary_wm_p05": 36.41228989139199,
  "summary_wm_p95": 1585.8332738604395,
  "summary_wm_stdv": 567.2409964895398,
  "tpm_overlap_csf": 0.1057640179777503,
  "tpm_overlap_gm": 0.28930406095818345,
  "tpm_overlap_wm": 0.03807073099257062,
  "wm2max": 0.6189978917502413
}