{
  "bids_meta": {
    "AcquisitionMatrixPE": 300,
    "AcquisitionNumber": 1,
    "AcquisitionTime": "11:07:3.670000",
    "BaseResolution": 320,
    "BodyPartExamined": "HEAD",
    "CoilCombinationMethod": "Adaptive Combine",
    "ConsistencyInfo": "N4_VE11C_LATEST_20160120",
    "ConversionSoftware": "dcm2niix",
    "ConversionSoftwareVersion": "v1.0.20211006",
    "Dcm2bidsVersion": "2.1.6",
    "DeviceSerialNumber": "66014",
    "DwellTime": 2.1e-06,
    "EchoTime": 0.563,
    "EchoTrainLength": 314,
    "FlipAngle": 120,
    "ImageOrientationPatientDICOM": [
      0.00645291,
      0.999486,
      -0.0313877,
      0.0381581,
      -0.0316116,
      -0.998772
    ],
    "ImageOrientationText": "Sag>Tra(-2.2)>Cor(0.3)",
    "ImageType": [
      "ORIGINAL",
      "PRIMARY",
      "M",
      "ND",
      "NORM"
    ],
    "ImagingFrequency": 123.259,
    "InPlanePhaseEncodingDirectionDICOM": "ROW",
    "InstitutionAddress": "Yiheyuan Road 5,Beijing F259C2,Haidian,CN,100871",
    "InstitutionName": "CMR of Peking Univeristy",
    "InstitutionalDepartmentName": "Department",
    "MRAcquisitionType": "3D",
    "MagneticFieldStrength": 3,
    "Manufacturer": "Siemens",
    "ManufacturersModelName": "Prisma",
    "MatrixCoilMode": "GRAPPA",
    "Modality": "MR",
    "ParallelReductionFactorInPlane": 2,
    "PartialFourier": 1,
    "PatientPosition": "HFS",
    "PercentPhaseFOV": 93.75,
    "PercentSampling": 100,
    "PhaseEncodingDirection": "i",
    "PhaseEncodingSteps": 297,
    "PhaseResolution": 1,
    "PixelBandwidth": 745,
    "ProcedureStepDescription": "Research^Projects_64CH",
    "ProtocolName": "T2w_SPC",
    "PulseSequenceDetails": "%SiemensSeq%\\tse_vfl",
    "ReceiveCoilActiveElements": "HC1-7;NC1,2",
    "ReceiveCoilName": "HeadNeck_64",
    "ReconMatrixPE": 300,
    "RefLinesPE": 32,
    "RepetitionTime": 3.2,
    "SAR": 0.163699,
    "ScanOptions": "PFP",
    "ScanningSequence": "SE",
    "SequenceName": "*spcR_314ns",
    "SequenceVariant": "SK\\SP",
    "SeriesDescription": "T2w_SPC",
    "SeriesNumber": 29,
    "ShimSetting": [
      -3433,
      -2135,
      -1929,
      122,
      41,
      -536,
      -60,
      18
    ],
    "SliceThickness": 0.8,
    "SoftwareVersions": "syngo MR E11",
    "SpoilingState": true,
    "StationName": "AWP66014",
    "TxRefAmp": 258.728,
    "dataset": "ds004078",
    "modality": "T2w",
    "run_id": 2,
    "subject_id": "12"
  },
  "cjv": 0.37233544086852594,
  "cnr": 1.5770402389321365,
  "efc": 0.5746606721870366,
  "fber": 6405.896094182826,
  "fwhm_avg": 2.4409166302941743,
  "fwhm_x": 2.382187464502641,
  "fwhm_y": 2.677312460104935,
  "fwhm_z": 2.2632499662749472,
  "icvs_csf": 0.3833659653005495,
  "icvs_gm": 0.4434883261359429,
  "icvs_wm": 0.17314570856350756,
  "inu_med": 0.9268254637718201,
  "inu_range": 0.2122207403182983,
  "provenance": {
    "md5sum": "f25279b382d3d7e8982671aa6a409eed",
    "settings": {
      "testing": false
    },
    "software": "mriqc",
    "version": "23.0.1",
    "warnings": {
      "large_rot_frame": true,
      "small_air_mask": false
    },
    "webapi_port": null,
    "webapi_url": "https://mriqc.nimh.nih.gov/api/v1"
  },
  "qi_1": 0.0,
  "qi_2": 0.0009419084177680324,
  "rpve_csf": 11.861565082560718,
  "rpve_gm": 11.293551052218037,
  "rpve_wm": 30.171837023630758,
  "size_x": 224,
  "size_y": 300,
  "size_z": 320,
  "snr_csf": 10.226159192925849,
  "snr_gm": 10.340024782931422,
  "snr_total": 7.644893391177359,
  "snr_wm": 2.368496197674804,
  "snrd_csf": 82.3200386183299,
  "snrd_gm": 50.37878280236731,
  "snrd_total": 94.78296621398904,
  "snrd_wm": 151.6500772212699,
  "spacing_x": 0.800000011920929,
  "spacing_y": 0.800000011920929,
  "spacing_z": 0.800000011920929,
  "summary_bg_k": 29.843661473187332,
  "summary_bg_mad": 0.0,
  "summary_bg_mean": 2.9691676107117138,
  "summary_bg_median": 0.0,
  "summary_bg_n": 4337811.0,
  "summary_bg_p05": 0.0,
  "summary_bg_p95": 12.47318883240223,
  "summary_bg_stdv": 4.320290636269457,
  "summary_csf_k": 1.0634391712554914,
  "summary_csf_mad": 48.2051588158264,
  "summary_csf_mean": 546.3424959573634,
  "summary_csf_median": 542.8586963266134,
  "summary_csf_n": 110414.0,
  "summary_csf_p05": 467.21991533562544,
  "summary_csf_p95": 638.9561468310652,
  "summary_csf_stdv": 53.0850564510232,
  "summary_gm_k": 0.8021135016573728,
  "summary_gm_mad": 30.13637804182923,
  "summary_gm_mean": 332.28665799809636,
  "summary_gm_median": 332.22239461541176,
  "summary_gm_n": 445908.0,
  "summary_gm_p05": 280.0637866407633,
  "summary_gm_p95": 384.13901832699776,
  "summary_gm_stdv": 32.129712362018445,
  "summary_wm_k": -0.9076384429775359,
  "summary_wm_mad": 218.5213559310128,
  "summary_wm_mean": 788.4005129157504,
  "summary_wm_median": 1000.05496352911,
  "summary_wm_n": 79641.0,
  "summary_wm_p05": 27.69619883596897,
  "summary_wm_p95": 1185.2609190493822,
  "summary_wm_stdv": 422.2293816527102,
  "tpm_overlap_csf": 0.10074038706377883,
  "tpm_overlap_gm": 0.28830029158790693,
  "tpm_overlap_wm": 0.04435778043669821,
  "wm2max": 0.841337701034553
}