{
  "bids_meta": {
    "AcquisitionMatrixPE": 300,
    "AcquisitionNumber": 1,
    "AcquisitionTime": "15:49:46.745000",
    "BaseResolution": 320,
    "BodyPartExamined": "HEAD",
    "CoilCombinationMethod": "Adaptive Combine",
    "ConsistencyInfo": "N4_VE11C_LATEST_20160120",
    "ConversionSoftware": "dcm2niix",
    "ConversionSoftwareVersion": "v1.0.20211006",
    "Dcm2bidsVersion": "2.1.6",
    "DeviceSerialNumber": "66014",
    "DwellTime": 7.1e-06,
    "EchoTime": 0.00222,
    "FlipAngle": 8,
    "ImageOrientationPatientDICOM": [
      -0.0107654,
      0.99979,
      -0.0174497,
      -0.0172717,
      -0.0176341,
      -0.999695
    ],
    "ImageOrientationText": "Sag>Tra(1.0)>Cor(-0.6)",
    "ImageType": [
      "ORIGINAL",
      "PRIMARY",
      "M",
      "ND",
      "NORM"
    ],
    "ImagingFrequency": 123.259,
    "InPlanePhaseEncodingDirectionDICOM": "ROW",
    "InstitutionAddress": "Yiheyuan Road 5,Beijing  0FCA35,Haidian,CN,100871",
    "InstitutionName": "CMR of Peking Univeristy",
    "InstitutionalDepartmentName": "Department",
    "InversionTime": 1,
    "MRAcquisitionType": "3D",
    "MagneticFieldStrength": 3,
    "Manufacturer": "Siemens",
    "ManufacturersModelName": "Prisma",
    "MatrixCoilMode": "GRAPPA",
    "Modality": "MR",
    "ParallelReductionFactorInPlane": 2,
    "PartialFourier": 1,
    "PatientPosition": "HFS",
    "PercentPhaseFOV": 93.75,
    "PercentSampling": 100,
    "PhaseEncodingSteps": 299,
    "PhaseResolution": 1,
    "PixelBandwidth": 220,
    "ProcedureStepDescription": "Research^Projects_64CH",
    "ProtocolName": "T1w_MPR",
    "PulseSequenceDetails": "%SiemensSeq%\\tfl",
    "ReceiveCoilActiveElements": "HC1-7;NC1,2",
    "ReceiveCoilName": "HeadNeck_64",
    "ReconMatrixPE": 300,
    "RefLinesPE": 32,
    "RepetitionTime": 2.4,
    "SAR": 0.0562025,
    "ScanOptions": "IR\\WE",
    "ScanningSequence": "GR\\IR",
    "SequenceName": "*tfl3d1_16ns",
    "SequenceVariant": "SK\\SP\\MP",
    "SeriesDescription": "T1w_MPR",
    "SeriesNumber": 4,
    "ShimSetting": [
      -3462,
      -2126,
      -1935,
      -81,
      20,
      -452,
      41,
      60
    ],
    "SliceThickness": 0.8,
    "SoftwareVersions": "syngo MR E11",
    "SpoilingState": true,
    "StationName": "AWP66014",
    "TxRefAmp": 264.421,
    "dataset": "ds004078",
    "modality": "T1w",
    "run_id": 2,
    "subject_id": "05"
  },
  "cjv": 0.37495509934694615,
  "cnr": 3.568666383310843,
  "efc": 0.5984908875018022,
  "fber": 33348.603456000004,
  "fwhm_avg": 4.280274936218934,
  "fwhm_x": 4.340874935315923,
  "fwhm_y": 4.165624937927351,
  "fwhm_z": 4.334324935413526,
  "icvs_csf": 0.18590583384630782,
  "icvs_gm": 0.4421316822179741,
  "icvs_wm": 0.3719624839357181,
  "inu_med": 0.48231661319732666,
  "inu_range": 0.1940429240465164,
  "provenance": {
    "md5sum": "d94118a9aacef38cf9ed5a1a78b7a716",
    "settings": {
      "testing": false
    },
    "software": "mriqc",
    "version": "23.0.1",
    "warnings": {
      "large_rot_frame": true,
      "small_air_mask": false
    },
    "webapi_port": null,
    "webapi_url": "https://mriqc.nimh.nih.gov/api/v1"
  },
  "qi_1": 0.0,
  "qi_2": 0.0007985012020018847,
  "rpve_csf": 25.922378484354375,
  "rpve_gm": 11.816848804663683,
  "rpve_wm": 15.684259326607787,
  "size_x": 224,
  "size_y": 300,
  "size_z": 320,
  "snr_csf": 2.157319755584996,
  "snr_gm": 13.972479775814136,
  "snr_total": 12.710843562027025,
  "snr_wm": 22.002731154681943,
  "snrd_csf": 26.05026855772206,
  "snrd_gm": 70.71822518513605,
  "snrd_total": 63.764329006856265,
  "snrd_wm": 94.52449327771069,
  "spacing_x": 0.800000011920929,
  "spacing_y": 0.800000011920929,
  "spacing_z": 0.800000011920929,
  "summary_bg_k": 8.104051397521523,
  "summary_bg_mad": 0.0,
  "summary_bg_mean": 4.44309730973876,
  "summary_bg_median": 0.0,
  "summary_bg_n": 4164711.0,
  "summary_bg_p05": 0.0,
  "summary_bg_p95": 18.48749068379402,
  "summary_bg_stdv": 6.931257674145062,
  "summary_csf_k": 2.3934200244355806,
  "summary_csf_mad": 109.38575581692986,
  "summary_csf_mean": 286.9144688920023,
  "summary_csf_median": 275.6084440648556,
  "summary_csf_n": 82178.0,
  "summary_csf_p05": 80.42484426498413,
  "summary_csf_p95": 511.9458796933292,
  "summary_csf_stdv": 127.7542498959889,
  "summary_gm_k": 0.346124974576826,
  "summary_gm_mad": 51.114052179273614,
  "summary_gm_mean": 747.2756323407306,
  "summary_gm_median": 748.1895999312401,
  "summary_gm_n": 107426.0,
  "summary_gm_p05": 657.6903511807323,
  "summary_gm_p95": 834.0385774075985,
  "summary_gm_stdv": 53.547124746563604,
  "summary_wm_k": 0.3761483314751026,
  "summary_wm_mad": 43.324843239268986,
  "summary_wm_mean": 999.8890160085546,
  "summary_wm_median": 1000.0568117201328,
  "summary_wm_n": 474337.0,
  "summary_wm_p05": 924.8289118409157,
  "summary_wm_p95": 1073.978375852108,
  "summary_wm_stdv": 45.4514373932168,
  "tpm_overlap_csf": 0.14714093001112613,
  "tpm_overlap_gm": 0.45739522193690724,
  "tpm_overlap_wm": 0.5135599638886681,
  "wm2max": 0.7627577542886848
}