{
  "bids_meta": {
    "AcquisitionMatrixPE": 300,
    "AcquisitionNumber": 1,
    "AcquisitionTime": "15:56:45.687500",
    "BaseResolution": 320,
    "BodyPartExamined": "HEAD",
    "CoilCombinationMethod": "Adaptive Combine",
    "ConsistencyInfo": "N4_VE11C_LATEST_20160120",
    "ConversionSoftware": "dcm2niix",
    "ConversionSoftwareVersion": "v1.0.20211006",
    "Dcm2bidsVersion": "2.1.6",
    "DeviceSerialNumber": "66014",
    "DwellTime": 2.1e-06,
    "EchoTime": 0.563,
    "EchoTrainLength": 314,
    "FlipAngle": 120,
    "ImageOrientationPatientDICOM": [
      -0.0107654,
      0.99979,
      -0.0174497,
      -0.0172717,
      -0.0176341,
      -0.999695
    ],
    "ImageOrientationText": "Sag>Tra(1.0)>Cor(-0.6)",
    "ImageType": [
      "ORIGINAL",
      "PRIMARY",
      "M",
      "ND",
      "NORM"
    ],
    "ImagingFrequency": 123.259,
    "InPlanePhaseEncodingDirectionDICOM": "ROW",
    "InstitutionAddress": "Yiheyuan Road 5,Beijing  0FCA35,Haidian,CN,100871",
    "InstitutionName": "CMR of Peking Univeristy",
    "InstitutionalDepartmentName": "Department",
    "MRAcquisitionType": "3D",
    "MagneticFieldStrength": 3,
    "Manufacturer": "Siemens",
    "ManufacturersModelName": "Prisma",
    "MatrixCoilMode": "GRAPPA",
    "Modality": "MR",
    "ParallelReductionFactorInPlane": 2,
    "PartialFourier": 1,
    "PatientPosition": "HFS",
    "PercentPhaseFOV": 93.75,
    "PercentSampling": 100,
    "PhaseEncodingDirection": "i",
    "PhaseEncodingSteps": 297,
    "PhaseResolution": 1,
    "PixelBandwidth": 745,
    "ProcedureStepDescription": "Research^Projects_64CH",
    "ProtocolName": "T2w_SPC",
    "PulseSequenceDetails": "%SiemensSeq%\\tse_vfl",
    "ReceiveCoilActiveElements": "HC1-7;NC1,2",
    "ReceiveCoilName": "HeadNeck_64",
    "ReconMatrixPE": 300,
    "RefLinesPE": 32,
    "RepetitionTime": 3.2,
    "SAR": 0.193404,
    "ScanOptions": "PFP",
    "ScanningSequence": "SE",
    "SequenceName": "*spcR_314ns",
    "SequenceVariant": "SK\\SP",
    "SeriesDescription": "T2w_SPC",
    "SeriesNumber": 6,
    "ShimSetting": [
      -3462,
      -2126,
      -1935,
      -81,
      20,
      -452,
      41,
      60
    ],
    "SliceThickness": 0.8,
    "SoftwareVersions": "syngo MR E11",
    "SpoilingState": true,
    "StationName": "AWP66014",
    "TxRefAmp": 264.421,
    "dataset": "ds004078",
    "modality": "T2w",
    "run_id": 2,
    "subject_id": "05"
  },
  "cjv": 0.38399811391488536,
  "cnr": 1.5833396340728099,
  "efc": 0.5526128801483524,
  "fber": 6736.283679830707,
  "fwhm_avg": 2.4372999636814003,
  "fwhm_x": 2.372187464651652,
  "fwhm_y": 2.6724999601766473,
  "fwhm_z": 2.2672124662159017,
  "icvs_csf": 0.3575985723895884,
  "icvs_gm": 0.18943523078142077,
  "icvs_wm": 0.4529661968289908,
  "inu_med": 0.9001947343349457,
  "inu_range": 0.21921902596950527,
  "provenance": {
    "md5sum": "0d1364899e62f6d0ea03ae1e8381b8b2",
    "settings": {
      "testing": false
    },
    "software": "mriqc",
    "version": "23.0.1",
    "warnings": {
      "large_rot_frame": true,
      "small_air_mask": false
    },
    "webapi_port": null,
    "webapi_url": "https://mriqc.nimh.nih.gov/api/v1"
  },
  "qi_1": 0.0,
  "qi_2": 0.0014530530888427927,
  "rpve_csf": 13.643300892185179,
  "rpve_gm": 29.99441406446774,
  "rpve_wm": 12.313785521219302,
  "size_x": 224,
  "size_y": 300,
  "size_z": 320,
  "snr_csf": 10.39939125754733,
  "snr_gm": 2.387532402263971,
  "snr_total": 7.710462519725087,
  "snr_wm": 10.344463899363957,
  "snrd_csf": 84.60864728122418,
  "snrd_gm": 162.60617768442884,
  "snrd_total": 100.55323944544209,
  "snrd_wm": 54.444893370673206,
  "spacing_x": 0.800000011920929,
  "spacing_y": 0.800000011920929,
  "spacing_z": 0.800000011920929,
  "summary_bg_k": 8.304887507639872,
  "summary_bg_mad": 0.0,
  "summary_bg_mean": 7.996009422671853,
  "summary_bg_median": 0.0,
  "summary_bg_n": 4126179.0,
  "summary_bg_p05": 0.0,
  "summary_bg_p95": 28.64306029677391,
  "summary_bg_stdv": 12.033773228439141,
  "summary_csf_k": 0.766944669966418,
  "summary_csf_mad": 141.33739315259652,
  "summary_csf_mean": 1560.7705225367838,
  "summary_csf_median": 1554.121057152748,
  "summary_csf_n": 70716.0,
  "summary_csf_p05": 1331.1815265715122,
  "summary_csf_p95": 1813.177794508636,
  "summary_csf_stdv": 149.44240774840054,
  "summary_gm_k": -0.9061641547327719,
  "summary_gm_mad": 668.6810526798715,
  "summary_gm_mean": 2357.649460709645,
  "summary_gm_median": 2986.8068203777075,
  "summary_gm_n": 73430.0,
  "summary_gm_p05": 87.9974981546402,
  "summary_gm_p95": 3535.1302624046803,
  "summary_gm_stdv": 1250.9930670231706,
  "summary_wm_k": 0.4043094510219789,
  "summary_wm_mad": 94.22492876839767,
  "summary_wm_mean": 999.848857282651,
  "summary_wm_median": 1000.0627354383469,
  "summary_wm_n": 413592.0,
  "summary_wm_p05": 842.0558317005634,
  "summary_wm_p95": 1156.3773795962334,
  "summary_wm_stdv": 96.67601300270331,
  "tpm_overlap_csf": 0.10775213056015749,
  "tpm_overlap_gm": 0.11350805386546496,
  "tpm_overlap_wm": 0.4649302538007566,
  "wm2max": 0.2825571099698955
}