{
  "bids_meta": {
    "AcquisitionMatrixPE": 300,
    "AcquisitionNumber": 1,
    "AcquisitionTime": "15:49:46.745000",
    "BaseResolution": 320,
    "BodyPartExamined": "HEAD",
    "CoilCombinationMethod": "Adaptive Combine",
    "ConsistencyInfo": "N4_VE11C_LATEST_20160120",
    "ConversionSoftware": "dcm2niix",
    "ConversionSoftwareVersion": "v1.0.20211006",
    "Dcm2bidsVersion": "2.1.6",
    "DeviceSerialNumber": "66014",
    "DwellTime": 7.1e-06,
    "EchoTime": 0.00222,
    "FlipAngle": 8,
    "ImageOrientationPatientDICOM": [
      -0.0107654,
      0.99979,
      -0.0174497,
      -0.0172717,
      -0.0176341,
      -0.999695
    ],
    "ImageOrientationText": "Sag>Tra(1.0)>Cor(-0.6)",
    "ImageType": [
      "ORIGINAL",
      "PRIMARY",
      "M",
      "ND"
    ],
    "ImagingFrequency": 123.259,
    "InPlanePhaseEncodingDirectionDICOM": "ROW",
    "InstitutionAddress": "Yiheyuan Road 5,Beijing  0FCA35,Haidian,CN,100871",
    "InstitutionName": "CMR of Peking Univeristy",
    "InstitutionalDepartmentName": "Department",
    "InversionTime": 1,
    "MRAcquisitionType": "3D",
    "MagneticFieldStrength": 3,
    "Manufacturer": "Siemens",
    "ManufacturersModelName": "Prisma",
    "MatrixCoilMode": "GRAPPA",
    "Modality": "MR",
    "ParallelReductionFactorInPlane": 2,
    "PartialFourier": 1,
    "PatientPosition": "HFS",
    "PercentPhaseFOV": 93.75,
    "PercentSampling": 100,
    "PhaseEncodingSteps": 299,
    "PhaseResolution": 1,
    "PixelBandwidth": 220,
    "ProcedureStepDescription": "Research^Projects_64CH",
    "ProtocolName": "T1w_MPR",
    "PulseSequenceDetails": "%SiemensSeq%\\tfl",
    "ReceiveCoilActiveElements": "HC1-7;NC1,2",
    "ReceiveCoilName": "HeadNeck_64",
    "ReconMatrixPE": 300,
    "RefLinesPE": 32,
    "RepetitionTime": 2.4,
    "SAR": 0.0562025,
    "ScanOptions": "IR\\WE",
    "ScanningSequence": "GR\\IR",
    "SequenceName": "*tfl3d1_16ns",
    "SequenceVariant": "SK\\SP\\MP",
    "SeriesDescription": "T1w_MPR",
    "SeriesNumber": 3,
    "ShimSetting": [
      -3462,
      -2126,
      -1935,
      -81,
      20,
      -452,
      41,
      60
    ],
    "SliceThickness": 0.8,
    "SoftwareVersions": "syngo MR E11",
    "SpoilingState": true,
    "StationName": "AWP66014",
    "TxRefAmp": 264.421,
    "dataset": "ds004078",
    "modality": "T1w",
    "run_id": 1,
    "subject_id": "05"
  },
  "cjv": 0.5847141453201765,
  "cnr": 2.3167923296404513,
  "efc": 0.603289671022547,
  "fber": 25162.326409853882,
  "fwhm_avg": 5.048766591434181,
  "fwhm_x": 5.1046374239349745,
  "fwhm_y": 4.794512428556198,
  "fwhm_z": 5.247149921811373,
  "icvs_csf": 0.16814616852559663,
  "icvs_gm": 0.40105335886785304,
  "icvs_wm": 0.43080047260655036,
  "inu_med": 1.019609272480011,
  "inu_range": 1.1348879039287567,
  "provenance": {
    "md5sum": "bb258a3d4dd5969716ed881e4f74c9c6",
    "settings": {
      "testing": false
    },
    "software": "mriqc",
    "version": "23.0.1",
    "warnings": {
      "large_rot_frame": true,
      "small_air_mask": false
    },
    "webapi_port": null,
    "webapi_url": "https://mriqc.nimh.nih.gov/api/v1"
  },
  "qi_1": 0.0,
  "qi_2": 0.0005708264199553369,
  "rpve_csf": 28.704526169940817,
  "rpve_gm": 12.268596061253932,
  "rpve_wm": 13.083693370885372,
  "size_x": 224,
  "size_y": 300,
  "size_z": 320,
  "snr_csf": 2.1352023703131793,
  "snr_gm": 12.705500131508453,
  "snr_total": 9.067881192645531,
  "snr_wm": 12.362941076114964,
  "snrd_csf": 14.887106852018336,
  "snrd_gm": 38.626646259139534,
  "snrd_total": 34.67941931823696,
  "snrd_wm": 50.524504843553,
  "spacing_x": 0.800000011920929,
  "spacing_y": 0.800000011920929,
  "spacing_z": 0.800000011920929,
  "summary_bg_k": 4.8023647054262195,
  "summary_bg_mad": 0.0,
  "summary_bg_mean": 9.047079230889752,
  "summary_bg_median": 0.0,
  "summary_bg_n": 4114079.0,
  "summary_bg_p05": 0.0,
  "summary_bg_p95": 34.88236080110073,
  "summary_bg_stdv": 12.968224176671658,
  "summary_csf_k": 18.737418375867936,
  "summary_csf_mad": 98.4872740844499,
  "summary_csf_mean": 313.7392448790738,
  "summary_csf_median": 294.6857158280909,
  "summary_csf_n": 64460.0,
  "summary_csf_p05": 124.95318153072151,
  "summary_csf_p95": 546.8805022239685,
  "summary_csf_stdv": 138.01194402620345,
  "summary_gm_k": 0.17112387189826217,
  "summary_gm_mad": 59.00559152196117,
  "summary_gm_mean": 764.6145905205452,
  "summary_gm_median": 764.6026199758053,
  "summary_gm_n": 61121.0,
  "summary_gm_p05": 664.9303709082305,
  "summary_gm_p95": 863.3969572782516,
  "summary_gm_stdv": 60.17837607404534,
  "summary_wm_k": 0.23133431754041256,
  "summary_wm_mad": 78.70304633885115,
  "summary_wm_mean": 1011.8450787711562,
  "summary_wm_median": 1000.1170828342438,
  "summary_wm_n": 487282.0,
  "summary_wm_p05": 899.8010318055749,
  "summary_wm_p95": 1163.4086711481214,
  "summary_wm_stdv": 80.89628919658226,
  "tpm_overlap_csf": 0.14817667330738432,
  "tpm_overlap_gm": 0.4359420603393794,
  "tpm_overlap_wm": 0.47687017886928657,
  "wm2max": 0.3809269043001404
}