{
  "bids_meta": {
    "AcquisitionMatrixPE": 300,
    "AcquisitionNumber": 1,
    "AcquisitionTime": "12:56:2.740000",
    "BaseResolution": 320,
    "BodyPartExamined": "HEAD",
    "CoilCombinationMethod": "Adaptive Combine",
    "ConsistencyInfo": "N4_VE11C_LATEST_20160120",
    "ConversionSoftware": "dcm2niix",
    "ConversionSoftwareVersion": "v1.0.20211006",
    "Dcm2bidsVersion": "2.1.6",
    "DeviceSerialNumber": "66014",
    "DwellTime": 2.1e-06,
    "EchoTime": 0.563,
    "EchoTrainLength": 314,
    "FlipAngle": 120,
    "ImageOrientationPatientDICOM": [
      0.0145054,
      0.999743,
      0.0174357,
      0.0439155,
      0.0167837,
      -0.998894
    ],
    "ImageOrientationText": "Sag>Tra(-2.5)>Cor(0.9)",
    "ImageType": [
      "ORIGINAL",
      "PRIMARY",
      "M",
      "ND",
      "NORM"
    ],
    "ImagingFrequency": 123.259,
    "InPlanePhaseEncodingDirectionDICOM": "ROW",
    "InstitutionAddress": "Yiheyuan Road 5,Beijing  0FCA35,Haidian,CN,100871",
    "InstitutionName": "CMR of Peking Univeristy",
    "InstitutionalDepartmentName": "Department",
    "MRAcquisitionType": "3D",
    "MagneticFieldStrength": 3,
    "Manufacturer": "Siemens",
    "ManufacturersModelName": "Prisma",
    "MatrixCoilMode": "GRAPPA",
    "Modality": "MR",
    "ParallelReductionFactorInPlane": 2,
    "PartialFourier": 1,
    "PatientPosition": "HFS",
    "PercentPhaseFOV": 93.75,
    "PercentSampling": 100,
    "PhaseEncodingDirection": "i",
    "PhaseEncodingSteps": 297,
    "PhaseResolution": 1,
    "PixelBandwidth": 745,
    "ProcedureStepDescription": "Research^Projects_64CH",
    "ProtocolName": "T2w_SPC",
    "PulseSequenceDetails": "%SiemensSeq%\\tse_vfl",
    "ReceiveCoilActiveElements": "HC1-7;NC1",
    "ReceiveCoilName": "HeadNeck_64",
    "ReconMatrixPE": 300,
    "RefLinesPE": 32,
    "RepetitionTime": 3.2,
    "SAR": 0.20445,
    "ScanOptions": "PFP",
    "ScanningSequence": "SE",
    "SequenceName": "*spcR_314ns",
    "SequenceVariant": "SK\\SP",
    "SeriesDescription": "T2w_SPC",
    "SeriesNumber": 7,
    "ShimSetting": [
      -3442,
      -2179,
      -1958,
      32,
      5,
      -394,
      144,
      55
    ],
    "SliceThickness": 0.8,
    "SoftwareVersions": "syngo MR E11",
    "SpoilingState": true,
    "StationName": "AWP66014",
    "TxRefAmp": 261.345,
    "dataset": "ds004078",
    "modality": "T2w",
    "run_id": 2,
    "subject_id": "03"
  },
  "cjv": 0.3458398961298038,
  "cnr": 1.9831752390564217,
  "efc": 0.5301076649943313,
  "fber": 4065.7601624592985,
  "fwhm_avg": 2.777337458614447,
  "fwhm_x": 2.7339124592615294,
  "fwhm_y": 2.9979124553276235,
  "fwhm_z": 2.6001874612541878,
  "icvs_csf": 0.36399126549132904,
  "icvs_gm": 0.16988132883412432,
  "icvs_wm": 0.46612740567454664,
  "inu_med": 0.9942364990711212,
  "inu_range": 0.37653461992740644,
  "provenance": {
    "md5sum": "865828ddeca057373eb7194cf48fd0d5",
    "settings": {
      "testing": false
    },
    "software": "mriqc",
    "version": "23.0.1",
    "warnings": {
      "large_rot_frame": true,
      "small_air_mask": false
    },
    "webapi_port": null,
    "webapi_url": "https://mriqc.nimh.nih.gov/api/v1"
  },
  "qi_1": 6.121095676126027e-05,
  "qi_2": 0.0015355282271204763,
  "rpve_csf": 11.801134384350854,
  "rpve_gm": 29.13699487391574,
  "rpve_wm": 10.654026573049748,
  "size_x": 224,
  "size_y": 300,
  "size_z": 320,
  "snr_csf": 8.692335829091627,
  "snr_gm": 2.501371896006853,
  "snr_total": 6.408052034298286,
  "snr_wm": 8.030448377796377,
  "snrd_csf": 98.26714107229482,
  "snrd_gm": 273.00971422520877,
  "snrd_total": 142.46300221553233,
  "snrd_wm": 56.11215134909333,
  "spacing_x": 0.800000011920929,
  "spacing_y": 0.800000011920929,
  "spacing_z": 0.800000011920929,
  "summary_bg_k": 19.99349461413651,
  "summary_bg_mad": 0.0,
  "summary_bg_mean": 6.089561181964378,
  "summary_bg_median": 0.0,
  "summary_bg_n": 4084992.0,
  "summary_bg_p05": 0.0,
  "summary_bg_p95": 23.707733631134033,
  "summary_bg_stdv": 11.675481505631078,
  "summary_csf_k": 1.0036573449599322,
  "summary_csf_mad": 185.25324623670213,
  "summary_csf_mean": 1764.2850768475078,
  "summary_csf_median": 1751.2630777359009,
  "summary_csf_n": 64859.0,
  "summary_csf_p05": 1457.9187391877174,
  "summary_csf_p95": 2108.045036315918,
  "summary_csf_stdv": 201.47053813573623,
  "summary_gm_k": -0.4272586482932148,
  "summary_gm_mad": 1219.415808237701,
  "summary_gm_mean": 3975.821353416785,
  "summary_gm_median": 4865.429350733757,
  "summary_gm_n": 97319.0,
  "summary_gm_p05": 109.40536093711853,
  "summary_gm_p95": 5754.760850429535,
  "summary_gm_stdv": 1945.0943544666636,
  "summary_wm_k": 0.7952468558253343,
  "summary_wm_mad": 117.40388466789442,
  "summary_wm_mean": 1000.7497911331258,
  "summary_wm_median": 999.9999775886536,
  "summary_wm_n": 446234.0,
  "summary_wm_p05": 800.1360100507736,
  "summary_wm_p95": 1203.2646446228027,
  "summary_wm_stdv": 124.52590565984131,
  "tpm_overlap_csf": 0.10882324708520398,
  "tpm_overlap_gm": 0.11428020839258209,
  "tpm_overlap_wm": 0.44482196601984864,
  "wm2max": 0.17554751995633486
}