{
  "bids_meta": {
    "AcquisitionMatrixPE": 300,
    "AcquisitionNumber": 1,
    "AcquisitionTime": "12:56:2.740000",
    "BaseResolution": 320,
    "BodyPartExamined": "HEAD",
    "CoilCombinationMethod": "Adaptive Combine",
    "ConsistencyInfo": "N4_VE11C_LATEST_20160120",
    "ConversionSoftware": "dcm2niix",
    "ConversionSoftwareVersion": "v1.0.20211006",
    "Dcm2bidsVersion": "2.1.6",
    "DeviceSerialNumber": "66014",
    "DwellTime": 2.1e-06,
    "EchoTime": 0.563,
    "EchoTrainLength": 314,
    "FlipAngle": 120,
    "ImageOrientationPatientDICOM": [
      0.0145054,
      0.999743,
      0.0174357,
      0.0439155,
      0.0167837,
      -0.998894
    ],
    "ImageOrientationText": "Sag>Tra(-2.5)>Cor(0.9)",
    "ImageType": [
      "ORIGINAL",
      "PRIMARY",
      "M",
      "ND"
    ],
    "ImagingFrequency": 123.259,
    "InPlanePhaseEncodingDirectionDICOM": "ROW",
    "InstitutionAddress": "Yiheyuan Road 5,Beijing  0FCA35,Haidian,CN,100871",
    "InstitutionName": "CMR of Peking Univeristy",
    "InstitutionalDepartmentName": "Department",
    "MRAcquisitionType": "3D",
    "MagneticFieldStrength": 3,
    "Manufacturer": "Siemens",
    "ManufacturersModelName": "Prisma",
    "MatrixCoilMode": "GRAPPA",
    "Modality": "MR",
    "ParallelReductionFactorInPlane": 2,
    "PartialFourier": 1,
    "PatientPosition": "HFS",
    "PercentPhaseFOV": 93.75,
    "PercentSampling": 100,
    "PhaseEncodingDirection": "i",
    "PhaseEncodingSteps": 297,
    "PhaseResolution": 1,
    "PixelBandwidth": 745,
    "ProcedureStepDescription": "Research^Projects_64CH",
    "ProtocolName": "T2w_SPC",
    "PulseSequenceDetails": "%SiemensSeq%\\tse_vfl",
    "ReceiveCoilActiveElements": "HC1-7;NC1",
    "ReceiveCoilName": "HeadNeck_64",
    "ReconMatrixPE": 300,
    "RefLinesPE": 32,
    "RepetitionTime": 3.2,
    "SAR": 0.20445,
    "ScanOptions": "PFP",
    "ScanningSequence": "SE",
    "SequenceName": "*spcR_314ns",
    "SequenceVariant": "SK\\SP",
    "SeriesDescription": "T2w_SPC",
    "SeriesNumber": 6,
    "ShimSetting": [
      -3442,
      -2179,
      -1958,
      32,
      5,
      -394,
      144,
      55
    ],
    "SliceThickness": 0.8,
    "SoftwareVersions": "syngo MR E11",
    "SpoilingState": true,
    "StationName": "AWP66014",
    "TxRefAmp": 261.345,
    "dataset": "ds004078",
    "modality": "T2w",
    "run_id": 1,
    "subject_id": "03"
  },
  "cjv": 0.24747881175866035,
  "cnr": 1.9544542470312387,
  "efc": 0.5572010721865779,
  "fber": 3207.4796597633135,
  "fwhm_avg": 3.5424624472131963,
  "fwhm_x": 3.545262447171473,
  "fwhm_y": 3.6890999450281274,
  "fwhm_z": 3.3930249494399884,
  "icvs_csf": 0.35293057974051745,
  "icvs_gm": 0.1579383298704892,
  "icvs_wm": 0.4891310903889934,
  "inu_med": 0.9890808165073395,
  "inu_range": 0.8510735392570494,
  "provenance": {
    "md5sum": "c28eaf92bb18cf3d277a2e0dfe6adfc4",
    "settings": {
      "testing": false
    },
    "software": "mriqc",
    "version": "23.0.1",
    "warnings": {
      "large_rot_frame": true,
      "small_air_mask": false
    },
    "webapi_port": null,
    "webapi_url": "https://mriqc.nimh.nih.gov/api/v1"
  },
  "qi_1": 1.1366235098297474e-05,
  "qi_2": 0.0005714555537541158,
  "rpve_csf": 12.052649526251203,
  "rpve_gm": 32.25326220269223,
  "rpve_wm": 10.13303875503824,
  "size_x": 224,
  "size_y": 300,
  "size_z": 320,
  "snr_csf": 5.302242236970766,
  "snr_gm": 2.5349105464956634,
  "snr_total": 4.702437027872285,
  "snr_wm": 6.270158300150426,
  "snrd_csf": 46.24123747228526,
  "snrd_gm": 104.5612628809664,
  "snrd_total": 58.133624360279974,
  "snrd_wm": 23.59837272758824,
  "spacing_x": 0.800000011920929,
  "spacing_y": 0.800000011920929,
  "spacing_z": 0.800000011920929,
  "summary_bg_k": 12.32580677185178,
  "summary_bg_mad": 0.0,
  "summary_bg_mean": 19.24993487904607,
  "summary_bg_median": 0.0,
  "summary_bg_n": 4073620.0,
  "summary_bg_p05": 0.0,
  "summary_bg_p95": 72.12776690721512,
  "summary_bg_stdv": 27.76479089702858,
  "summary_csf_k": 0.3394975696956273,
  "summary_csf_mad": 358.23823722884845,
  "summary_csf_mean": 2014.5397364261255,
  "summary_csf_median": 1959.7114268690348,
  "summary_csf_n": 66099.0,
  "summary_csf_p05": 1507.6764076948166,
  "summary_csf_p95": 2703.874205984175,
  "summary_csf_stdv": 369.5977126593843,
  "summary_gm_k": -0.5081828751301543,
  "summary_gm_mad": 711.3587853544277,
  "summary_gm_mean": 3514.665489257773,
  "summary_gm_median": 4431.323919445276,
  "summary_gm_n": 93750.0,
  "summary_gm_p05": 140.23698680102825,
  "summary_gm_p95": 5031.323900446296,
  "summary_gm_stdv": 1748.109136151035,
  "summary_wm_k": 1.4222385329959186,
  "summary_wm_mad": 137.7956886910112,
  "summary_wm_mean": 1001.5300380342824,
  "summary_wm_median": 1000.1030080020428,
  "summary_wm_n": 568416.0,
  "summary_wm_p05": 741.7825628072023,
  "summary_wm_p95": 1265.5331902205944,
  "summary_wm_stdv": 159.50189459325202,
  "tpm_overlap_csf": 0.11677634601565387,
  "tpm_overlap_gm": 0.0986120526424944,
  "tpm_overlap_wm": 0.465603220198895,
  "wm2max": 0.19637437785780762
}