{
  "bids_meta": {
    "AcquisitionMatrixPE": 300,
    "AcquisitionNumber": 1,
    "AcquisitionTime": "12:49:12.320000",
    "BaseResolution": 320,
    "BodyPartExamined": "HEAD",
    "CoilCombinationMethod": "Adaptive Combine",
    "ConsistencyInfo": "N4_VE11C_LATEST_20160120",
    "ConversionSoftware": "dcm2niix",
    "ConversionSoftwareVersion": "v1.0.20211006",
    "Dcm2bidsVersion": "2.1.6",
    "DeviceSerialNumber": "66014",
    "DwellTime": 7.1e-06,
    "EchoTime": 0.00222,
    "FlipAngle": 8,
    "ImageOrientationPatientDICOM": [
      0.0145054,
      0.999743,
      0.0174357,
      0.0439155,
      0.0167837,
      -0.998894
    ],
    "ImageOrientationText": "Sag>Tra(-2.5)>Cor(0.9)",
    "ImageType": [
      "ORIGINAL",
      "PRIMARY",
      "M",
      "ND"
    ],
    "ImagingFrequency": 123.259,
    "InPlanePhaseEncodingDirectionDICOM": "ROW",
    "InstitutionAddress": "Yiheyuan Road 5,Beijing  0FCA35,Haidian,CN,100871",
    "InstitutionName": "CMR of Peking Univeristy",
    "InstitutionalDepartmentName": "Department",
    "InversionTime": 1,
    "MRAcquisitionType": "3D",
    "MagneticFieldStrength": 3,
    "Manufacturer": "Siemens",
    "ManufacturersModelName": "Prisma",
    "MatrixCoilMode": "GRAPPA",
    "Modality": "MR",
    "ParallelReductionFactorInPlane": 2,
    "PartialFourier": 1,
    "PatientPosition": "HFS",
    "PercentPhaseFOV": 93.75,
    "PercentSampling": 100,
    "PhaseEncodingSteps": 299,
    "PhaseResolution": 1,
    "PixelBandwidth": 220,
    "ProcedureStepDescription": "Research^Projects_64CH",
    "ProtocolName": "T1w_MPR",
    "PulseSequenceDetails": "%SiemensSeq%\\tfl",
    "ReceiveCoilActiveElements": "HC1-7;NC1",
    "ReceiveCoilName": "HeadNeck_64",
    "ReconMatrixPE": 300,
    "RefLinesPE": 32,
    "RepetitionTime": 2.4,
    "SAR": 0.0594126,
    "ScanOptions": "IR\\WE",
    "ScanningSequence": "GR\\IR",
    "SequenceName": "*tfl3d1_16ns",
    "SequenceVariant": "SK\\SP\\MP",
    "SeriesDescription": "T1w_MPR",
    "SeriesNumber": 4,
    "ShimSetting": [
      -3442,
      -2179,
      -1958,
      32,
      5,
      -394,
      144,
      55
    ],
    "SliceThickness": 0.8,
    "SoftwareVersions": "syngo MR E11",
    "SpoilingState": true,
    "StationName": "AWP66014",
    "TxRefAmp": 261.345,
    "dataset": "ds004078",
    "modality": "T1w",
    "run_id": 1,
    "subject_id": "03"
  },
  "cjv": 0.5178331390572358,
  "cnr": 2.5639417501931088,
  "efc": 0.6095371177864297,
  "fber": 12769.0,
  "fwhm_avg": 5.132504090186395,
  "fwhm_x": 5.257437421658077,
  "fwhm_y": 4.810399928319455,
  "fwhm_z": 5.329674920581655,
  "icvs_csf": 0.1861469698565261,
  "icvs_gm": 0.40667838205587237,
  "icvs_wm": 0.40717464808760157,
  "inu_med": 1.003515601158142,
  "inu_range": 1.0916640594601625,
  "provenance": {
    "md5sum": "dde3b67453bb0ce922dee06f2fa869a1",
    "settings": {
      "testing": false
    },
    "software": "mriqc",
    "version": "23.0.1",
    "warnings": {
      "large_rot_frame": true,
      "small_air_mask": false
    },
    "webapi_port": null,
    "webapi_url": "https://mriqc.nimh.nih.gov/api/v1"
  },
  "qi_1": 0.0,
  "qi_2": 0.0005076045354464994,
  "rpve_csf": 23.58662909445596,
  "rpve_gm": 10.931356336797698,
  "rpve_wm": 12.435729075897811,
  "size_x": 224,
  "size_y": 300,
  "size_z": 320,
  "snr_csf": 2.8324753315472773,
  "snr_gm": 12.694551591349123,
  "snr_total": 9.55156016886991,
  "snr_wm": 13.127653583713329,
  "snrd_csf": 26.34265821608335,
  "snrd_gm": 72.57924772867416,
  "snrd_total": 65.18845125672625,
  "snrd_wm": 96.64344782542128,
  "spacing_x": 0.800000011920929,
  "spacing_y": 0.800000011920929,
  "spacing_z": 0.800000011920929,
  "summary_bg_k": 5.108622607111087,
  "summary_bg_mad": 6.779547161173177,
  "summary_bg_mean": 8.224953771157653,
  "summary_bg_median": 4.572735071182251,
  "summary_bg_n": 4042190.0,
  "summary_bg_p05": 0.0,
  "summary_bg_p95": 31.437553614377975,
  "summary_bg_stdv": 11.36441437486069,
  "summary_csf_k": 2.441544934503974,
  "summary_csf_mad": 75.28122160219382,
  "summary_csf_mean": 284.8989320094994,
  "summary_csf_median": 272.60169596225023,
  "summary_csf_n": 115928.0,
  "summary_csf_p05": 151.51948188990355,
  "summary_csf_p95": 464.8947322368622,
  "summary_csf_stdv": 96.2410924418272,
  "summary_gm_k": 0.22130148047684983,
  "summary_gm_mad": 57.90863200168755,
  "summary_gm_mean": 750.4139842779288,
  "summary_gm_median": 751.0717354416847,
  "summary_gm_n": 66992.0,
  "summary_gm_p05": 651.5671149864793,
  "summary_gm_p95": 846.5752127096057,
  "summary_gm_stdv": 59.164447387830805,
  "summary_wm_k": 0.6969398443899744,
  "summary_wm_mad": 71.04400462646058,
  "summary_wm_mean": 1011.0746147381259,
  "summary_wm_median": 1000.0952661931515,
  "summary_wm_n": 495317.0,
  "summary_wm_p05": 905.830238007009,
  "summary_wm_p95": 1153.2342584207654,
  "summary_wm_stdv": 76.1822552876227,
  "tpm_overlap_csf": 0.15692030730293663,
  "tpm_overlap_gm": 0.43705891156141896,
  "tpm_overlap_wm": 0.45475521413202835,
  "wm2max": 0.46064063185607723
}