{
  "bids_meta": {
    "AcquisitionMatrixPE": 300,
    "AcquisitionNumber": 1,
    "AcquisitionTime": "12:49:12.320000",
    "BaseResolution": 320,
    "BodyPartExamined": "HEAD",
    "CoilCombinationMethod": "Adaptive Combine",
    "ConsistencyInfo": "N4_VE11C_LATEST_20160120",
    "ConversionSoftware": "dcm2niix",
    "ConversionSoftwareVersion": "v1.0.20211006",
    "Dcm2bidsVersion": "2.1.6",
    "DeviceSerialNumber": "66014",
    "DwellTime": 7.1e-06,
    "EchoTime": 0.00222,
    "FlipAngle": 8,
    "ImageOrientationPatientDICOM": [
      0.0145054,
      0.999743,
      0.0174357,
      0.0439155,
      0.0167837,
      -0.998894
    ],
    "ImageOrientationText": "Sag>Tra(-2.5)>Cor(0.9)",
    "ImageType": [
      "ORIGINAL",
      "PRIMARY",
      "M",
      "ND",
      "NORM"
    ],
    "ImagingFrequency": 123.259,
    "InPlanePhaseEncodingDirectionDICOM": "ROW",
    "InstitutionAddress": "Yiheyuan Road 5,Beijing  0FCA35,Haidian,CN,100871",
    "InstitutionName": "CMR of Peking Univeristy",
    "InstitutionalDepartmentName": "Department",
    "InversionTime": 1,
    "MRAcquisitionType": "3D",
    "MagneticFieldStrength": 3,
    "Manufacturer": "Siemens",
    "ManufacturersModelName": "Prisma",
    "MatrixCoilMode": "GRAPPA",
    "Modality": "MR",
    "ParallelReductionFactorInPlane": 2,
    "PartialFourier": 1,
    "PatientPosition": "HFS",
    "PercentPhaseFOV": 93.75,
    "PercentSampling": 100,
    "PhaseEncodingSteps": 299,
    "PhaseResolution": 1,
    "PixelBandwidth": 220,
    "ProcedureStepDescription": "Research^Projects_64CH",
    "ProtocolName": "T1w_MPR",
    "PulseSequenceDetails": "%SiemensSeq%\\tfl",
    "ReceiveCoilActiveElements": "HC1-7;NC1",
    "ReceiveCoilName": "HeadNeck_64",
    "ReconMatrixPE": 300,
    "RefLinesPE": 32,
    "RepetitionTime": 2.4,
    "SAR": 0.0594126,
    "ScanOptions": "IR\\WE",
    "ScanningSequence": "GR\\IR",
    "SequenceName": "*tfl3d1_16ns",
    "SequenceVariant": "SK\\SP\\MP",
    "SeriesDescription": "T1w_MPR",
    "SeriesNumber": 5,
    "ShimSetting": [
      -3442,
      -2179,
      -1958,
      32,
      5,
      -394,
      144,
      55
    ],
    "SliceThickness": 0.8,
    "SoftwareVersions": "syngo MR E11",
    "SpoilingState": true,
    "StationName": "AWP66014",
    "TxRefAmp": 261.345,
    "dataset": "ds004078",
    "modality": "T1w",
    "run_id": 2,
    "subject_id": "03"
  },
  "cjv": 0.3489104006711578,
  "cnr": 3.8106113310815135,
  "efc": 0.6017908956240652,
  "fber": 29074.095991859347,
  "fwhm_avg": 4.449024933704362,
  "fwhm_x": 4.510887432782539,
  "fwhm_y": 4.294324936009572,
  "fwhm_z": 4.5418624323209755,
  "icvs_csf": 0.21029509617907294,
  "icvs_gm": 0.45021222838740277,
  "icvs_wm": 0.33949267543352435,
  "inu_med": 0.5152553915977478,
  "inu_range": 0.2353436678647995,
  "provenance": {
    "md5sum": "1fbf2be92c0d80da7b4aaffc22aae772",
    "settings": {
      "testing": false
    },
    "software": "mriqc",
    "version": "23.0.1",
    "warnings": {
      "large_rot_frame": true,
      "small_air_mask": false
    },
    "webapi_port": null,
    "webapi_url": "https://mriqc.nimh.nih.gov/api/v1"
  },
  "qi_1": 0.0,
  "qi_2": 0.0007917327292720343,
  "rpve_csf": 20.763807843801537,
  "rpve_gm": 10.382111029239342,
  "rpve_wm": 15.396917956264222,
  "size_x": 224,
  "size_y": 300,
  "size_z": 320,
  "snr_csf": 2.7980998002418476,
  "snr_gm": 13.131973568885892,
  "snr_total": 13.303352007792567,
  "snr_wm": 23.97998265424996,
  "snrd_csf": 34.71738323244627,
  "snrd_gm": 90.28206588114962,
  "snrd_total": 82.68967669416405,
  "snrd_wm": 123.06958096889626,
  "spacing_x": 0.800000011920929,
  "spacing_y": 0.800000011920929,
  "spacing_z": 0.800000011920929,
  "summary_bg_k": 11.566066827777023,
  "summary_bg_mad": 0.0,
  "summary_bg_mean": 3.220682010387698,
  "summary_bg_median": 0.0,
  "summary_bg_n": 4065235.0,
  "summary_bg_p05": 0.0,
  "summary_bg_p95": 13.817683786153793,
  "summary_bg_stdv": 5.323592867225438,
  "summary_csf_k": 1.0626061273725762,
  "summary_csf_mad": 81.78192622133437,
  "summary_csf_mean": 287.16921219814856,
  "summary_csf_median": 282.1110439673066,
  "summary_csf_n": 132995.0,
  "summary_csf_p05": 114.95545260980725,
  "summary_csf_p95": 462.6456624828279,
  "summary_csf_stdv": 100.82198759787713,
  "summary_gm_k": 0.31857330766096537,
  "summary_gm_mad": 53.65414642751559,
  "summary_gm_mean": 732.6232137566235,
  "summary_gm_median": 733.6257945112884,
  "summary_gm_n": 126454.0,
  "summary_gm_p05": 639.0582794958726,
  "summary_gm_p95": 822.9472504146397,
  "summary_gm_stdv": 55.865395242816774,
  "summary_wm_k": 0.6105605524432374,
  "summary_wm_mad": 39.30572696621786,
  "summary_wm_mean": 998.8098458559716,
  "summary_wm_median": 1000.0548640228808,
  "summary_wm_n": 446786.0,
  "summary_wm_p05": 928.7731619514525,
  "summary_wm_p95": 1064.9212129078805,
  "summary_wm_stdv": 41.7036892509852,
  "tpm_overlap_csf": 0.15800694697445844,
  "tpm_overlap_gm": 0.4576365736790792,
  "tpm_overlap_wm": 0.4836659941357467,
  "wm2max": 0.7667262217551235
}