{
  "aor": 0.0003386192468619247,
  "aqi": 0.005986593535564853,
  "bids_meta": {
    "AcquisitionMatrixPE": 106,
    "AcquisitionNumber": 1,
    "AcquisitionTime": "09:25:43.702500",
    "BandwidthPerPixelPhaseEncode": 16.551,
    "BaseResolution": 106,
    "BodyPartExamined": "HEAD",
    "CoilCombinationMethod": "Sum of Squares",
    "ConsistencyInfo": "N4_VE11C_LATEST_20160120",
    "ConversionSoftware": "dcm2niix",
    "ConversionSoftwareVersion": "v1.0.20211006",
    "Dcm2bidsVersion": "2.1.6",
    "DerivedVendorReportedEchoSpacing": 0.000569994,
    "DeviceSerialNumber": "66014",
    "DwellTime": 2e-06,
    "EchoTime": 0.03,
    "EchoTrainLength": 93,
    "EffectiveEchoSpacing": 0.000569994,
    "FlipAngle": 54,
    "ImageOrientationPatientDICOM": [
      0.999464,
      0.029115,
      -0.0149557,
      -0.0296634,
      0.998843,
      -0.0378596
    ],
    "ImageOrientationText": "Tra>Cor(-2.2)>Sag(-0.8)",
    "ImageType": [
      "ORIGINAL",
      "PRIMARY",
      "M",
      "ND",
      "MOSAIC"
    ],
    "ImagingFrequency": 123.26,
    "InPlanePhaseEncodingDirectionDICOM": "COL",
    "InstitutionAddress": "Yiheyuan Road 5,Beijing F259C2,Haidian,CN,100871",
    "InstitutionName": "CMR of Peking Univeristy",
    "InstitutionalDepartmentName": "Department",
    "MRAcquisitionType": "2D",
    "MagneticFieldStrength": 3,
    "Manufacturer": "Siemens",
    "ManufacturersModelName": "Prisma",
    "Modality": "MR",
    "MultibandAccelerationFactor": 8,
    "PartialFourier": 0.875,
    "PatientPosition": "HFS",
    "PercentPhaseFOV": 100,
    "PercentSampling": 100,
    "PhaseEncodingDirection": "j-",
    "PhaseEncodingSteps": 93,
    "PhaseResolution": 1,
    "PixelBandwidth": 2360,
    "ProcedureStepDescription": "Research^Projects_64CH",
    "ProtocolName": "fMRI_run4_AP",
    "PulseSequenceDetails": "%SiemensSeq%\\ep2d_bold",
    "ReceiveCoilActiveElements": "HC1-7;NC1,2",
    "ReceiveCoilName": "HeadNeck_64",
    "ReconMatrixPE": 106,
    "RefLinesPE": 32,
    "RepetitionTime": 0.71,
    "SAR": 0.113408,
    "ScanOptions": "PFP\\FS",
    "ScanningSequence": "EP",
    "SequenceName": "*epfid2d1_106",
    "SequenceVariant": "SK",
    "SeriesDescription": "fMRI_run4_AP",
    "SeriesNumber": 8,
    "ShimSetting": [
      -3450,
      -2148,
      -1931,
      400,
      21,
      -132,
      -57,
      32
    ],
    "SliceThickness": 2,
    "SliceTiming": [
      0.3075,
      0,
      0.3825,
      0.0775,
      0.46,
      0.1525,
      0.5375,
      0.23,
      0.6125,
      0.3075,
      0,
      0.3825,
      0.0775,
      0.46,
      0.1525,
      0.5375,
      0.23,
      0.6125,
      0.3075,
      0,
      0.3825,
      0.0775,
      0.46,
      0.1525,
      0.5375,
      0.23,
      0.6125,
      0.3075,
      0,
      0.3825,
      0.0775,
      0.46,
      0.1525,
      0.5375,
      0.23,
      0.6125,
      0.3075,
      0,
      0.3825,
      0.0775,
      0.46,
      0.1525,
      0.5375,
      0.23,
      0.6125,
      0.3075,
      0,
      0.3825,
      0.0775,
      0.46,
      0.1525,
      0.5375,
      0.23,
      0.6125,
      0.3075,
      0,
      0.3825,
      0.0775,
      0.46,
      0.1525,
      0.5375,
      0.23,
      0.6125,
      0.3075,
      0,
      0.3825,
      0.0775,
      0.46,
      0.1525,
      0.5375,
      0.23,
      0.6125
    ],
    "SoftwareVersions": "syngo MR E11",
    "SpacingBetweenSlices": 2,
    "StationName": "AWP66014",
    "TaskName": "Chinese-RDR",
    "TotalReadoutTime": 0.0598493,
    "TxRefAmp": 244.08,
    "dataset": "ds004078",
    "modality": "bold",
    "run_id": 34,
    "subject_id": "09",
    "task_id": "RDR"
  },
  "dummy_trs": 2,
  "dvars_nstd": 44.50510819943401,
  "dvars_std": 1.0871044271069175,
  "dvars_vstd": 1.0070414639413001,
  "efc": 0.5395439843478382,
  "fber": 592.2341918945312,
  "fd_mean": 0.07118251262393016,
  "fd_num": 1,
  "fd_perc": 0.20920502092050208,
  "fwhm_avg": 3.39264,
  "fwhm_x": 3.10083,
  "fwhm_y": 3.44996,
  "fwhm_z": 3.62713,
  "gcor": 0.0163392,
  "gsr_x": 0.001943711075000465,
  "gsr_y": 0.04148493707180023,
  "provenance": {
    "md5sum": "78653a706d76a2eb1bef5f821fec54aa",
    "settings": {
      "fd_thres": 0.2,
      "testing": false
    },
    "software": "mriqc",
    "version": "23.0.1",
    "webapi_port": null,
    "webapi_url": "https://mriqc.nimh.nih.gov/api/v1"
  },
  "size_t": 478,
  "size_x": 106,
  "size_y": 106,
  "size_z": 72,
  "snr": 2.1710375015418255,
  "spacing_tr": 0.7099999785423279,
  "spacing_x": 2.0,
  "spacing_y": 2.0,
  "spacing_z": 2.0,
  "summary_bg_k": 31.50791536571353,
  "summary_bg_mad": 12.108952164371741,
  "summary_bg_mean": 40.63181686401367,
  "summary_bg_median": 20.54811668395996,
  "summary_bg_n": 511328.0,
  "summary_bg_p05": 11.401673316955566,
  "summary_bg_p95": 142.60804824829094,
  "summary_bg_stdv": 57.451622009277344,
  "summary_fg_k": 1.9734828930561275,
  "summary_fg_mad": 200.62587880336812,
  "summary_fg_mean": 558.91650390625,
  "summary_fg_median": 509.52301025390625,
  "summary_fg_n": 188377.0,
  "summary_fg_p05": 278.4443359375,
  "summary_fg_p95": 1017.8242309570311,
  "summary_fg_stdv": 234.69039916992188,
  "tsnr": 33.07738215383142
}