{
  "aor": 0.0005455780933062882,
  "aqi": 0.005145660973630832,
  "bids_meta": {
    "AcquisitionMatrixPE": 106,
    "AcquisitionNumber": 1,
    "AcquisitionTime": "09:17:57.092500",
    "BandwidthPerPixelPhaseEncode": 16.551,
    "BaseResolution": 106,
    "BodyPartExamined": "HEAD",
    "CoilCombinationMethod": "Sum of Squares",
    "ConsistencyInfo": "N4_VE11C_LATEST_20160120",
    "ConversionSoftware": "dcm2niix",
    "ConversionSoftwareVersion": "v1.0.20211006",
    "Dcm2bidsVersion": "2.1.6",
    "DerivedVendorReportedEchoSpacing": 0.000569994,
    "DeviceSerialNumber": "66014",
    "DwellTime": 2e-06,
    "EchoTime": 0.03,
    "EchoTrainLength": 93,
    "EffectiveEchoSpacing": 0.000569994,
    "FlipAngle": 54,
    "ImageOrientationPatientDICOM": [
      0.9999,
      0.00203696,
      0.0140233,
      -0.00174517,
      0.999782,
      -0.0207888
    ],
    "ImageOrientationText": "Tra>Cor(-1.2)>Sag(0.8)",
    "ImageType": [
      "ORIGINAL",
      "PRIMARY",
      "M",
      "ND",
      "MOSAIC"
    ],
    "ImagingFrequency": 123.26,
    "InPlanePhaseEncodingDirectionDICOM": "COL",
    "InstitutionAddress": "Yiheyuan Road 5,Beijing F259C2,Haidian,CN,100871",
    "InstitutionName": "CMR of Peking Univeristy",
    "InstitutionalDepartmentName": "Department",
    "MRAcquisitionType": "2D",
    "MagneticFieldStrength": 3,
    "Manufacturer": "Siemens",
    "ManufacturersModelName": "Prisma",
    "Modality": "MR",
    "MultibandAccelerationFactor": 8,
    "PartialFourier": 0.875,
    "PatientPosition": "HFS",
    "PercentPhaseFOV": 100,
    "PercentSampling": 100,
    "PhaseEncodingDirection": "j-",
    "PhaseEncodingSteps": 93,
    "PhaseResolution": 1,
    "PixelBandwidth": 2360,
    "ProcedureStepDescription": "Research^Projects_64CH",
    "ProtocolName": "fMRI_run3_AP",
    "PulseSequenceDetails": "%SiemensSeq%\\ep2d_bold",
    "ReceiveCoilActiveElements": "HC1-7;NC1,2",
    "ReceiveCoilName": "HeadNeck_64",
    "ReconMatrixPE": 106,
    "RefLinesPE": 32,
    "RepetitionTime": 0.71,
    "SAR": 0.0972454,
    "ScanOptions": "PFP\\FS",
    "ScanningSequence": "EP",
    "SequenceName": "*epfid2d1_106",
    "SequenceVariant": "SK",
    "SeriesDescription": "fMRI_run3_AP",
    "SeriesNumber": 8,
    "ShimSetting": [
      -3432,
      -2154,
      -1910,
      411,
      19,
      -204,
      -61,
      12
    ],
    "SliceThickness": 2,
    "SliceTiming": [
      0.3075,
      0,
      0.3825,
      0.0775,
      0.46,
      0.1525,
      0.5375,
      0.23,
      0.6125,
      0.3075,
      0,
      0.3825,
      0.0775,
      0.46,
      0.1525,
      0.5375,
      0.23,
      0.6125,
      0.3075,
      0,
      0.3825,
      0.0775,
      0.46,
      0.1525,
      0.5375,
      0.23,
      0.6125,
      0.3075,
      0,
      0.3825,
      0.0775,
      0.46,
      0.1525,
      0.5375,
      0.23,
      0.6125,
      0.3075,
      0,
      0.3825,
      0.0775,
      0.46,
      0.1525,
      0.5375,
      0.23,
      0.6125,
      0.3075,
      0,
      0.3825,
      0.0775,
      0.46,
      0.1525,
      0.5375,
      0.23,
      0.6125,
      0.3075,
      0,
      0.3825,
      0.0775,
      0.46,
      0.1525,
      0.5375,
      0.23,
      0.6125,
      0.3075,
      0,
      0.3825,
      0.0775,
      0.46,
      0.1525,
      0.5375,
      0.23,
      0.6125
    ],
    "SoftwareVersions": "syngo MR E11",
    "SpacingBetweenSlices": 2,
    "StationName": "AWP66014",
    "TaskName": "Chinese-RDR",
    "TotalReadoutTime": 0.0598493,
    "TxRefAmp": 233.055,
    "dataset": "ds004078",
    "modality": "bold",
    "run_id": 23,
    "subject_id": "09",
    "task_id": "RDR"
  },
  "dummy_trs": 4,
  "dvars_nstd": 44.010792685670765,
  "dvars_std": 1.0925065524999997,
  "dvars_vstd": 1.0106986436788619,
  "efc": 0.5345861350810012,
  "fber": 584.7200317382812,
  "fd_mean": 0.07229461981069396,
  "fd_num": 4,
  "fd_perc": 0.8113590263691683,
  "fwhm_avg": 3.407385,
  "fwhm_x": 3.15132,
  "fwhm_y": 3.447455,
  "fwhm_z": 3.62338,
  "gcor": 0.00574715,
  "gsr_x": 0.0033273124136030674,
  "gsr_y": 0.03929474949836731,
  "provenance": {
    "md5sum": "83a743bdf6a062845e178b84387168b4",
    "settings": {
      "fd_thres": 0.2,
      "testing": false
    },
    "software": "mriqc",
    "version": "23.0.1",
    "webapi_port": null,
    "webapi_url": "https://mriqc.nimh.nih.gov/api/v1"
  },
  "size_t": 493,
  "size_x": 106,
  "size_y": 106,
  "size_z": 72,
  "snr": 2.0649174015873704,
  "spacing_tr": 0.7099999785423279,
  "spacing_x": 2.0,
  "spacing_y": 2.0,
  "spacing_z": 2.0,
  "summary_bg_k": 29.36775591018069,
  "summary_bg_mad": 12.396117832836659,
  "summary_bg_mean": 41.37388610839844,
  "summary_bg_median": 20.831642150878906,
  "summary_bg_n": 512368.0,
  "summary_bg_p05": 11.480730056762695,
  "summary_bg_p95": 146.90060424804688,
  "summary_bg_stdv": 58.73735427856445,
  "summary_fg_k": 2.5611242277838135,
  "summary_fg_mad": 204.27130302043955,
  "summary_fg_mean": 572.4814453125,
  "summary_fg_median": 516.3590087890625,
  "summary_fg_n": 185907.0,
  "summary_fg_p05": 285.6604278564453,
  "summary_fg_p95": 1067.1025878906248,
  "summary_fg_stdv": 250.06211853027344,
  "tsnr": 33.77972844801843
}