{
  "aor": 0.00039312775330396473,
  "aqi": 0.005557174185022027,
  "bids_meta": {
    "AcquisitionMatrixPE": 106,
    "AcquisitionNumber": 1,
    "AcquisitionTime": "09:21:1.345000",
    "BandwidthPerPixelPhaseEncode": 16.551,
    "BaseResolution": 106,
    "BodyPartExamined": "HEAD",
    "CoilCombinationMethod": "Sum of Squares",
    "ConsistencyInfo": "N4_VE11C_LATEST_20160120",
    "ConversionSoftware": "dcm2niix",
    "ConversionSoftwareVersion": "v1.0.20211006",
    "Dcm2bidsVersion": "2.1.6",
    "DerivedVendorReportedEchoSpacing": 0.000569994,
    "DeviceSerialNumber": "66014",
    "DwellTime": 2e-06,
    "EchoTime": 0.03,
    "EchoTrainLength": 93,
    "EffectiveEchoSpacing": 0.000569994,
    "FlipAngle": 54,
    "ImageOrientationPatientDICOM": [
      0.999716,
      0.00649388,
      0.0229355,
      -0.00697943,
      0.999752,
      0.0211538
    ],
    "ImageOrientationText": "Tra>Sag(1.3)>Cor(1.2)",
    "ImageType": [
      "ORIGINAL",
      "PRIMARY",
      "M",
      "ND",
      "MOSAIC"
    ],
    "ImagingFrequency": 123.259,
    "InPlanePhaseEncodingDirectionDICOM": "COL",
    "InstitutionAddress": "Yiheyuan Road 5,Beijing  0FCA35,Haidian,CN,100871",
    "InstitutionName": "CMR of Peking Univeristy",
    "InstitutionalDepartmentName": "Department",
    "MRAcquisitionType": "2D",
    "MagneticFieldStrength": 3,
    "Manufacturer": "Siemens",
    "ManufacturersModelName": "Prisma",
    "Modality": "MR",
    "MultibandAccelerationFactor": 8,
    "PartialFourier": 0.875,
    "PatientPosition": "HFS",
    "PercentPhaseFOV": 100,
    "PercentSampling": 100,
    "PhaseEncodingDirection": "j-",
    "PhaseEncodingSteps": 93,
    "PhaseResolution": 1,
    "PixelBandwidth": 2360,
    "ProcedureStepDescription": "Research^Projects_64CH",
    "ProtocolName": "fMRI_run6_AP",
    "PulseSequenceDetails": "%SiemensSeq%\\ep2d_bold",
    "ReceiveCoilActiveElements": "HC1-7;NC1,2",
    "ReceiveCoilName": "HeadNeck_64",
    "ReconMatrixPE": 106,
    "RefLinesPE": 32,
    "RepetitionTime": 0.71,
    "SAR": 0.102772,
    "ScanOptions": "PFP\\FS",
    "ScanningSequence": "EP",
    "SequenceName": "*epfid2d1_106",
    "SequenceVariant": "SK",
    "SeriesDescription": "fMRI_run6_AP",
    "SeriesNumber": 10,
    "ShimSetting": [
      -3434,
      -2146,
      -1931,
      370,
      55,
      -165,
      -67,
      37
    ],
    "SliceThickness": 2,
    "SliceTiming": [
      0.3075,
      0,
      0.385,
      0.0775,
      0.46,
      0.155,
      0.5375,
      0.23,
      0.615,
      0.3075,
      0,
      0.385,
      0.0775,
      0.46,
      0.155,
      0.5375,
      0.23,
      0.615,
      0.3075,
      0,
      0.385,
      0.0775,
      0.46,
      0.155,
      0.5375,
      0.23,
      0.615,
      0.3075,
      0,
      0.385,
      0.0775,
      0.46,
      0.155,
      0.5375,
      0.23,
      0.615,
      0.3075,
      0,
      0.385,
      0.0775,
      0.46,
      0.155,
      0.5375,
      0.23,
      0.615,
      0.3075,
      0,
      0.385,
      0.0775,
      0.46,
      0.155,
      0.5375,
      0.23,
      0.615,
      0.3075,
      0,
      0.385,
      0.0775,
      0.46,
      0.155,
      0.5375,
      0.23,
      0.615,
      0.3075,
      0,
      0.385,
      0.0775,
      0.46,
      0.155,
      0.5375,
      0.23,
      0.615
    ],
    "SoftwareVersions": "syngo MR E11",
    "SpacingBetweenSlices": 2,
    "StationName": "AWP66014",
    "TaskName": "Chinese-RDR",
    "TotalReadoutTime": 0.0598493,
    "TxRefAmp": 239.77,
    "dataset": "ds004078",
    "modality": "bold",
    "run_id": 16,
    "subject_id": "09",
    "task_id": "RDR"
  },
  "dummy_trs": 4,
  "dvars_nstd": 42.62536152907284,
  "dvars_std": 1.0745548095584985,
  "dvars_vstd": 1.006800373112583,
  "efc": 0.535511850891578,
  "fber": 583.8245849609375,
  "fd_mean": 0.07557488759256734,
  "fd_num": 3,
  "fd_perc": 0.6607929515418502,
  "fwhm_avg": 3.4583583333333334,
  "fwhm_x": 3.170835,
  "fwhm_y": 3.50718,
  "fwhm_z": 3.69706,
  "gcor": 0.00501686,
  "gsr_x": 0.0012686713598668575,
  "gsr_y": 0.03914482891559601,
  "provenance": {
    "md5sum": "4e7eb28918d259a5d9164e8af112effd",
    "settings": {
      "fd_thres": 0.2,
      "testing": false
    },
    "software": "mriqc",
    "version": "23.0.1",
    "webapi_port": null,
    "webapi_url": "https://mriqc.nimh.nih.gov/api/v1"
  },
  "size_t": 454,
  "size_x": 106,
  "size_y": 106,
  "size_z": 72,
  "snr": 2.0672677701727196,
  "spacing_tr": 0.7099999785423279,
  "spacing_x": 2.0,
  "spacing_y": 2.0,
  "spacing_z": 2.0,
  "summary_bg_k": 27.401840378267163,
  "summary_bg_mad": 12.98419953843311,
  "summary_bg_mean": 43.32948684692383,
  "summary_bg_median": 21.438325881958008,
  "summary_bg_n": 512532.0,
  "summary_bg_p05": 11.649779319763184,
  "summary_bg_p95": 157.24206619262674,
  "summary_bg_stdv": 61.677799224853516,
  "summary_fg_k": 2.437984191681698,
  "summary_fg_mad": 213.2563665446685,
  "summary_fg_mean": 586.8157958984375,
  "summary_fg_median": 530.90087890625,
  "summary_fg_n": 185405.0,
  "summary_fg_p05": 290.600439453125,
  "summary_fg_p95": 1093.2193359374999,
  "summary_fg_stdv": 256.8121337890625,
  "tsnr": 34.15257804375142
}