{
  "aor": 0.0003322611464968153,
  "aqi": 0.006758131449044586,
  "bids_meta": {
    "AcquisitionMatrixPE": 106,
    "AcquisitionNumber": 1,
    "AcquisitionTime": "18:41:36.780000",
    "BandwidthPerPixelPhaseEncode": 16.551,
    "BaseResolution": 106,
    "BodyPartExamined": "HEAD",
    "CoilCombinationMethod": "Sum of Squares",
    "ConsistencyInfo": "N4_VE11C_LATEST_20160120",
    "ConversionSoftware": "dcm2niix",
    "ConversionSoftwareVersion": "v1.0.20211006",
    "Dcm2bidsVersion": "2.1.6",
    "DerivedVendorReportedEchoSpacing": 0.000569994,
    "DeviceSerialNumber": "66014",
    "DwellTime": 2e-06,
    "EchoTime": 0.03,
    "EchoTrainLength": 93,
    "EffectiveEchoSpacing": 0.000569994,
    "FlipAngle": 54,
    "ImageOrientationPatientDICOM": [
      0.999696,
      0.0216691,
      0.0117696,
      -0.0209406,
      0.998048,
      -0.0588432
    ],
    "ImageOrientationText": "Tra>Cor(-3.4)>Sag(0.7)",
    "ImageType": [
      "ORIGINAL",
      "PRIMARY",
      "M",
      "ND",
      "MOSAIC"
    ],
    "ImagingFrequency": 123.259,
    "InPlanePhaseEncodingDirectionDICOM": "COL",
    "InstitutionAddress": "Yiheyuan Road 5,Beijing  0FCA35,Haidian,CN,100871",
    "InstitutionName": "CMR of Peking Univeristy",
    "InstitutionalDepartmentName": "Department",
    "MRAcquisitionType": "2D",
    "MagneticFieldStrength": 3,
    "Manufacturer": "Siemens",
    "ManufacturersModelName": "Prisma",
    "Modality": "MR",
    "MultibandAccelerationFactor": 8,
    "PartialFourier": 0.875,
    "PatientPosition": "HFS",
    "PercentPhaseFOV": 100,
    "PercentSampling": 100,
    "PhaseEncodingDirection": "j",
    "PhaseEncodingSteps": 93,
    "PhaseResolution": 1,
    "PixelBandwidth": 2360,
    "ProcedureStepDescription": "Research^Projects_64CH",
    "ProtocolName": "fMRI_Rest1_PA",
    "PulseSequenceDetails": "%SiemensSeq%\\ep2d_bold",
    "ReceiveCoilActiveElements": "HC1-7;NC1,2",
    "ReceiveCoilName": "HeadNeck_64",
    "ReconMatrixPE": 106,
    "RefLinesPE": 32,
    "RepetitionTime": 0.71,
    "SAR": 0.11602,
    "ScanOptions": "PFP\\FS",
    "ScanningSequence": "EP",
    "SequenceName": "*epfid2d1_106",
    "SequenceVariant": "SK",
    "SeriesDescription": "fMRI_Rest1_PA",
    "SeriesNumber": 6,
    "ShimSetting": [
      -3439,
      -2106,
      -1938,
      372,
      22,
      -310,
      -143,
      44
    ],
    "SliceThickness": 2,
    "SliceTiming": [
      0.3075,
      0,
      0.385,
      0.0775,
      0.46,
      0.155,
      0.5375,
      0.23,
      0.615,
      0.3075,
      0,
      0.385,
      0.0775,
      0.46,
      0.155,
      0.5375,
      0.23,
      0.615,
      0.3075,
      0,
      0.385,
      0.0775,
      0.46,
      0.155,
      0.5375,
      0.23,
      0.615,
      0.3075,
      0,
      0.385,
      0.0775,
      0.46,
      0.155,
      0.5375,
      0.23,
      0.615,
      0.3075,
      0,
      0.385,
      0.0775,
      0.46,
      0.155,
      0.5375,
      0.23,
      0.615,
      0.3075,
      0,
      0.385,
      0.0775,
      0.46,
      0.155,
      0.5375,
      0.23,
      0.615,
      0.3075,
      0,
      0.385,
      0.0775,
      0.46,
      0.155,
      0.5375,
      0.23,
      0.615,
      0.3075,
      0,
      0.385,
      0.0775,
      0.46,
      0.155,
      0.5375,
      0.23,
      0.615
    ],
    "SoftwareVersions": "syngo MR E11",
    "SpacingBetweenSlices": 2,
    "StationName": "AWP66014",
    "TaskName": "rest",
    "TotalReadoutTime": 0.0598493,
    "TxRefAmp": 251.436,
    "dataset": "ds004078",
    "modality": "bold",
    "run_id": 2,
    "subject_id": "09",
    "task_id": "rest"
  },
  "dummy_trs": 6,
  "dvars_nstd": 39.8896360744179,
  "dvars_std": 1.0107101794417863,
  "dvars_vstd": 0.983889630382775,
  "efc": 0.5379044174177374,
  "fber": 601.248291015625,
  "fd_mean": 0.06285933463172415,
  "fd_num": 0,
  "fd_perc": 0.0,
  "fwhm_avg": 3.4080633333333332,
  "fwhm_x": 3.140755,
  "fwhm_y": 3.479565,
  "fwhm_z": 3.60387,
  "gcor": 0.00540944,
  "gsr_x": 0.004068994428962469,
  "gsr_y": 0.058008577674627304,
  "provenance": {
    "md5sum": "d698963522c9a2b5e47fea93caa09e74",
    "settings": {
      "fd_thres": 0.2,
      "testing": false
    },
    "software": "mriqc",
    "version": "23.0.1",
    "webapi_port": null,
    "webapi_url": "https://mriqc.nimh.nih.gov/api/v1"
  },
  "size_t": 628,
  "size_x": 106,
  "size_y": 106,
  "size_z": 72,
  "snr": 2.133618642822127,
  "spacing_tr": 0.7099999785423279,
  "spacing_x": 2.0,
  "spacing_y": 2.0,
  "spacing_z": 2.0,
  "summary_bg_k": 30.02318096193624,
  "summary_bg_mad": 13.411884784193086,
  "summary_bg_mean": 47.95008850097656,
  "summary_bg_median": 21.68630599975586,
  "summary_bg_n": 518193.0,
  "summary_bg_p05": 11.585987091064453,
  "summary_bg_p95": 194.22961730957016,
  "summary_bg_stdv": 74.36320495605469,
  "summary_fg_k": 1.785016237162039,
  "summary_fg_mad": 220.79439075761067,
  "summary_fg_mean": 589.360595703125,
  "summary_fg_median": 538.3041381835938,
  "summary_fg_n": 180423.0,
  "summary_fg_p05": 284.2867797851562,
  "summary_fg_p95": 1081.233801269531,
  "summary_fg_stdv": 252.29562377929688,
  "tsnr": 30.244052620604634
}