{
  "aor": 0.00029692810457516343,
  "aqi": 0.005494632352941177,
  "bids_meta": {
    "AcquisitionMatrixPE": 106,
    "AcquisitionNumber": 1,
    "AcquisitionTime": "21:13:10.145000",
    "BandwidthPerPixelPhaseEncode": 16.551,
    "BaseResolution": 106,
    "BodyPartExamined": "HEAD",
    "CoilCombinationMethod": "Sum of Squares",
    "ConsistencyInfo": "N4_VE11C_LATEST_20160120",
    "ConversionSoftware": "dcm2niix",
    "ConversionSoftwareVersion": "v1.0.20211006",
    "Dcm2bidsVersion": "2.1.6",
    "DerivedVendorReportedEchoSpacing": 0.000569994,
    "DeviceSerialNumber": "66014",
    "DwellTime": 2e-06,
    "EchoTime": 0.03,
    "EchoTrainLength": 93,
    "EffectiveEchoSpacing": 0.000569994,
    "FlipAngle": 54,
    "ImageOrientationPatientDICOM": [
      0.996546,
      0.0181533,
      0.0810314,
      -0.0139153,
      0.998521,
      -0.0525628
    ],
    "ImageOrientationText": "Tra>Sag(4.7)>Cor(-2.9)",
    "ImageType": [
      "ORIGINAL",
      "PRIMARY",
      "M",
      "ND",
      "MOSAIC"
    ],
    "ImagingFrequency": 123.259,
    "InPlanePhaseEncodingDirectionDICOM": "COL",
    "InstitutionAddress": "Yiheyuan Road 5,Beijing F259C2,Haidian,CN,100871",
    "InstitutionName": "CMR of Peking Univeristy",
    "InstitutionalDepartmentName": "Department",
    "MRAcquisitionType": "2D",
    "MagneticFieldStrength": 3,
    "Manufacturer": "Siemens",
    "ManufacturersModelName": "Prisma",
    "Modality": "MR",
    "MultibandAccelerationFactor": 8,
    "PartialFourier": 0.875,
    "PatientPosition": "HFS",
    "PercentPhaseFOV": 100,
    "PercentSampling": 100,
    "PhaseEncodingDirection": "j-",
    "PhaseEncodingSteps": 93,
    "PhaseResolution": 1,
    "PixelBandwidth": 2360,
    "ProcedureStepDescription": "Research^Projects_64CH",
    "ProtocolName": "fMRI_run6_AP",
    "PulseSequenceDetails": "%SiemensSeq%\\ep2d_bold",
    "ReceiveCoilActiveElements": "HC1-7;NC1,2",
    "ReceiveCoilName": "HeadNeck_64",
    "ReconMatrixPE": 106,
    "RefLinesPE": 32,
    "RepetitionTime": 0.71,
    "SAR": 0.118589,
    "ScanOptions": "PFP\\FS",
    "ScanningSequence": "EP",
    "SequenceName": "*epfid2d1_106",
    "SequenceVariant": "SK",
    "SeriesDescription": "fMRI_run6_AP",
    "SeriesNumber": 10,
    "ShimSetting": [
      -3437,
      -2139,
      -1891,
      406,
      73,
      -115,
      -89,
      58
    ],
    "SliceThickness": 2,
    "SliceTiming": [
      0.305,
      0,
      0.3825,
      0.075,
      0.46,
      0.1525,
      0.535,
      0.23,
      0.6125,
      0.305,
      0,
      0.3825,
      0.075,
      0.46,
      0.1525,
      0.535,
      0.23,
      0.6125,
      0.305,
      0,
      0.3825,
      0.075,
      0.46,
      0.1525,
      0.535,
      0.23,
      0.6125,
      0.305,
      0,
      0.3825,
      0.075,
      0.46,
      0.1525,
      0.535,
      0.23,
      0.6125,
      0.305,
      0,
      0.3825,
      0.075,
      0.46,
      0.1525,
      0.535,
      0.23,
      0.6125,
      0.305,
      0,
      0.3825,
      0.075,
      0.46,
      0.1525,
      0.535,
      0.23,
      0.6125,
      0.305,
      0,
      0.3825,
      0.075,
      0.46,
      0.1525,
      0.535,
      0.23,
      0.6125,
      0.305,
      0,
      0.3825,
      0.075,
      0.46,
      0.1525,
      0.535,
      0.23,
      0.6125
    ],
    "SoftwareVersions": "syngo MR E11",
    "SpacingBetweenSlices": 2,
    "StationName": "AWP66014",
    "TaskName": "Chinese-RDR",
    "TotalReadoutTime": 0.0598493,
    "TxRefAmp": 248.181,
    "dataset": "ds004078",
    "modality": "bold",
    "run_id": 46,
    "subject_id": "09",
    "task_id": "RDR"
  },
  "dummy_trs": 3,
  "dvars_nstd": 45.30992891065503,
  "dvars_std": 1.0795082845851527,
  "dvars_vstd": 1.0001172516593884,
  "efc": 0.5337086265687465,
  "fber": 604.6358032226562,
  "fd_mean": 0.08463485232930767,
  "fd_num": 1,
  "fd_perc": 0.2178649237472767,
  "fwhm_avg": 3.4552483333333335,
  "fwhm_x": 3.193665,
  "fwhm_y": 3.477795,
  "fwhm_z": 3.694285,
  "gcor": 0.00269461,
  "gsr_x": 0.006422173231840134,
  "gsr_y": 0.04269862920045853,
  "provenance": {
    "md5sum": "a5fc290604ef23aab8006e80386cb2cb",
    "settings": {
      "fd_thres": 0.2,
      "testing": false
    },
    "software": "mriqc",
    "version": "23.0.1",
    "webapi_port": null,
    "webapi_url": "https://mriqc.nimh.nih.gov/api/v1"
  },
  "size_t": 459,
  "size_x": 106,
  "size_y": 106,
  "size_z": 72,
  "snr": 2.0481150624831646,
  "spacing_tr": 0.7099999785423279,
  "spacing_x": 2.0,
  "spacing_y": 2.0,
  "spacing_z": 2.0,
  "summary_bg_k": 25.13565529986978,
  "summary_bg_mad": 11.728385791189146,
  "summary_bg_mean": 41.329742431640625,
  "summary_bg_median": 20.344226837158203,
  "summary_bg_n": 514985.0,
  "summary_bg_p05": 11.483659744262695,
  "summary_bg_p95": 148.60957946777341,
  "summary_bg_stdv": 58.83515930175781,
  "summary_fg_k": 2.313878582881423,
  "summary_fg_mad": 202.9986169699258,
  "summary_fg_mean": 562.7796630859375,
  "summary_fg_median": 506.9455261230469,
  "summary_fg_n": 186562.0,
  "summary_fg_p05": 275.93463134765625,
  "summary_fg_p95": 1051.6936401367184,
  "summary_fg_stdv": 247.51742553710938,
  "tsnr": 32.42653419356793
}