{
  "aor": 0.0003239029535864979,
  "aqi": 0.005585170126582279,
  "bids_meta": {
    "AcquisitionMatrixPE": 106,
    "AcquisitionNumber": 1,
    "AcquisitionTime": "21:00:43.312500",
    "BandwidthPerPixelPhaseEncode": 16.551,
    "BaseResolution": 106,
    "BodyPartExamined": "HEAD",
    "CoilCombinationMethod": "Sum of Squares",
    "ConsistencyInfo": "N4_VE11C_LATEST_20160120",
    "ConversionSoftware": "dcm2niix",
    "ConversionSoftwareVersion": "v1.0.20211006",
    "Dcm2bidsVersion": "2.1.6",
    "DerivedVendorReportedEchoSpacing": 0.000569994,
    "DeviceSerialNumber": "66014",
    "DwellTime": 2e-06,
    "EchoTime": 0.03,
    "EchoTrainLength": 93,
    "EffectiveEchoSpacing": 0.000569994,
    "FlipAngle": 54,
    "ImageOrientationPatientDICOM": [
      0.996546,
      0.0181533,
      0.0810314,
      -0.0139153,
      0.998521,
      -0.0525628
    ],
    "ImageOrientationText": "Tra>Sag(4.7)>Cor(-2.9)",
    "ImageType": [
      "ORIGINAL",
      "PRIMARY",
      "M",
      "ND",
      "MOSAIC"
    ],
    "ImagingFrequency": 123.259,
    "InPlanePhaseEncodingDirectionDICOM": "COL",
    "InstitutionAddress": "Yiheyuan Road 5,Beijing F259C2,Haidian,CN,100871",
    "InstitutionName": "CMR of Peking Univeristy",
    "InstitutionalDepartmentName": "Department",
    "MRAcquisitionType": "2D",
    "MagneticFieldStrength": 3,
    "Manufacturer": "Siemens",
    "ManufacturersModelName": "Prisma",
    "Modality": "MR",
    "MultibandAccelerationFactor": 8,
    "PartialFourier": 0.875,
    "PatientPosition": "HFS",
    "PercentPhaseFOV": 100,
    "PercentSampling": 100,
    "PhaseEncodingDirection": "j-",
    "PhaseEncodingSteps": 93,
    "PhaseResolution": 1,
    "PixelBandwidth": 2360,
    "ProcedureStepDescription": "Research^Projects_64CH",
    "ProtocolName": "fMRI_run4_AP",
    "PulseSequenceDetails": "%SiemensSeq%\\ep2d_bold",
    "ReceiveCoilActiveElements": "HC1-7;NC1,2",
    "ReceiveCoilName": "HeadNeck_64",
    "ReconMatrixPE": 106,
    "RefLinesPE": 32,
    "RepetitionTime": 0.71,
    "SAR": 0.118647,
    "ScanOptions": "PFP\\FS",
    "ScanningSequence": "EP",
    "SequenceName": "*epfid2d1_106",
    "SequenceVariant": "SK",
    "SeriesDescription": "fMRI_run4_AP",
    "SeriesNumber": 8,
    "ShimSetting": [
      -3437,
      -2139,
      -1891,
      406,
      73,
      -115,
      -89,
      58
    ],
    "SliceThickness": 2,
    "SliceTiming": [
      0.305,
      0,
      0.3825,
      0.075,
      0.46,
      0.1525,
      0.535,
      0.23,
      0.6125,
      0.305,
      0,
      0.3825,
      0.075,
      0.46,
      0.1525,
      0.535,
      0.23,
      0.6125,
      0.305,
      0,
      0.3825,
      0.075,
      0.46,
      0.1525,
      0.535,
      0.23,
      0.6125,
      0.305,
      0,
      0.3825,
      0.075,
      0.46,
      0.1525,
      0.535,
      0.23,
      0.6125,
      0.305,
      0,
      0.3825,
      0.075,
      0.46,
      0.1525,
      0.535,
      0.23,
      0.6125,
      0.305,
      0,
      0.3825,
      0.075,
      0.46,
      0.1525,
      0.535,
      0.23,
      0.6125,
      0.305,
      0,
      0.3825,
      0.075,
      0.46,
      0.1525,
      0.535,
      0.23,
      0.6125,
      0.305,
      0,
      0.3825,
      0.075,
      0.46,
      0.1525,
      0.535,
      0.23,
      0.6125
    ],
    "SoftwareVersions": "syngo MR E11",
    "SpacingBetweenSlices": 2,
    "StationName": "AWP66014",
    "TaskName": "Chinese-RDR",
    "TotalReadoutTime": 0.0598493,
    "TxRefAmp": 248.181,
    "dataset": "ds004078",
    "modality": "bold",
    "run_id": 44,
    "subject_id": "09",
    "task_id": "RDR"
  },
  "dummy_trs": 3,
  "dvars_nstd": 45.43185311919661,
  "dvars_std": 1.0850254740380545,
  "dvars_vstd": 1.0026342931923888,
  "efc": 0.5332180933642972,
  "fber": 617.2009887695312,
  "fd_mean": 0.08363477299414826,
  "fd_num": 2,
  "fd_perc": 0.4219409282700422,
  "fwhm_avg": 3.438101666666667,
  "fwhm_x": 3.17726,
  "fwhm_y": 3.457535,
  "fwhm_z": 3.67951,
  "gcor": 0.00352565,
  "gsr_x": 0.00617439579218626,
  "gsr_y": 0.044431861490011215,
  "provenance": {
    "md5sum": "96b823b9b9a51a67a5a25caf23e6eeba",
    "settings": {
      "fd_thres": 0.2,
      "testing": false
    },
    "software": "mriqc",
    "version": "23.0.1",
    "webapi_port": null,
    "webapi_url": "https://mriqc.nimh.nih.gov/api/v1"
  },
  "size_t": 474,
  "size_x": 106,
  "size_y": 106,
  "size_z": 72,
  "snr": 2.053910534527842,
  "spacing_tr": 0.7099999785423279,
  "spacing_x": 2.0,
  "spacing_y": 2.0,
  "spacing_z": 2.0,
  "summary_bg_k": 26.613555458551936,
  "summary_bg_mad": 11.532392490062103,
  "summary_bg_mean": 40.51548767089844,
  "summary_bg_median": 20.06962013244629,
  "summary_bg_n": 514791.0,
  "summary_bg_p05": 11.352319717407227,
  "summary_bg_p95": 144.023193359375,
  "summary_bg_stdv": 57.52267837524414,
  "summary_fg_k": 2.2075363691849983,
  "summary_fg_mad": 202.55346981639894,
  "summary_fg_mean": 559.9898681640625,
  "summary_fg_median": 504.7784423828125,
  "summary_fg_n": 187473.0,
  "summary_fg_p05": 272.91053466796876,
  "summary_fg_p95": 1046.8193603515624,
  "summary_fg_stdv": 245.763916015625,
  "tsnr": 32.02726704441011
}