{
  "aor": 0.000319,
  "aqi": 0.005305073975,
  "bids_meta": {
    "AcquisitionMatrixPE": 106,
    "AcquisitionNumber": 1,
    "AcquisitionTime": "09:55:20.810000",
    "BandwidthPerPixelPhaseEncode": 16.551,
    "BaseResolution": 106,
    "BodyPartExamined": "HEAD",
    "CoilCombinationMethod": "Sum of Squares",
    "ConsistencyInfo": "N4_VE11C_LATEST_20160120",
    "ConversionSoftware": "dcm2niix",
    "ConversionSoftwareVersion": "v1.0.20211006",
    "Dcm2bidsVersion": "2.1.6",
    "DerivedVendorReportedEchoSpacing": 0.000569994,
    "DeviceSerialNumber": "66014",
    "DwellTime": 2e-06,
    "EchoTime": 0.03,
    "EchoTrainLength": 93,
    "EffectiveEchoSpacing": 0.000569994,
    "FlipAngle": 54,
    "ImageOrientationPatientDICOM": [
      0.999361,
      0.034415,
      -0.00968086,
      -0.0348984,
      0.997864,
      -0.0552188
    ],
    "ImageOrientationText": "Tra>Cor(-3.2)>Sag(-0.4)",
    "ImageType": [
      "ORIGINAL",
      "PRIMARY",
      "M",
      "ND",
      "MOSAIC"
    ],
    "ImagingFrequency": 123.26,
    "InPlanePhaseEncodingDirectionDICOM": "COL",
    "InstitutionAddress": "Yiheyuan Road 5,Beijing F259C2,Haidian,CN,100871",
    "InstitutionName": "CMR of Peking Univeristy",
    "InstitutionalDepartmentName": "Department",
    "MRAcquisitionType": "2D",
    "MagneticFieldStrength": 3,
    "Manufacturer": "Siemens",
    "ManufacturersModelName": "Prisma",
    "Modality": "MR",
    "MultibandAccelerationFactor": 8,
    "PartialFourier": 0.875,
    "PatientPosition": "HFS",
    "PercentPhaseFOV": 100,
    "PercentSampling": 100,
    "PhaseEncodingDirection": "j-",
    "PhaseEncodingSteps": 93,
    "PhaseResolution": 1,
    "PixelBandwidth": 2360,
    "ProcedureStepDescription": "Research^Projects_64CH",
    "ProtocolName": "fMRI_run10_AP",
    "PulseSequenceDetails": "%SiemensSeq%\\ep2d_bold",
    "ReceiveCoilActiveElements": "HC1-7;NC1,2",
    "ReceiveCoilName": "HeadNeck_64",
    "ReconMatrixPE": 106,
    "RefLinesPE": 32,
    "RepetitionTime": 0.71,
    "SAR": 0.101402,
    "ScanOptions": "PFP\\FS",
    "ScanningSequence": "EP",
    "SequenceName": "*epfid2d1_106",
    "SequenceVariant": "SK",
    "SeriesDescription": "fMRI_run10_AP",
    "SeriesNumber": 14,
    "ShimSetting": [
      -3450,
      -2143,
      -1937,
      396,
      14,
      -140,
      -62,
      49
    ],
    "SliceThickness": 2,
    "SliceTiming": [
      0.3075,
      0,
      0.3825,
      0.0775,
      0.46,
      0.1525,
      0.5375,
      0.23,
      0.6125,
      0.3075,
      0,
      0.3825,
      0.0775,
      0.46,
      0.1525,
      0.5375,
      0.23,
      0.6125,
      0.3075,
      0,
      0.3825,
      0.0775,
      0.46,
      0.1525,
      0.5375,
      0.23,
      0.6125,
      0.3075,
      0,
      0.3825,
      0.0775,
      0.46,
      0.1525,
      0.5375,
      0.23,
      0.6125,
      0.3075,
      0,
      0.3825,
      0.0775,
      0.46,
      0.1525,
      0.5375,
      0.23,
      0.6125,
      0.3075,
      0,
      0.3825,
      0.0775,
      0.46,
      0.1525,
      0.5375,
      0.23,
      0.6125,
      0.3075,
      0,
      0.3825,
      0.0775,
      0.46,
      0.1525,
      0.5375,
      0.23,
      0.6125,
      0.3075,
      0,
      0.3825,
      0.0775,
      0.46,
      0.1525,
      0.5375,
      0.23,
      0.6125
    ],
    "SoftwareVersions": "syngo MR E11",
    "SpacingBetweenSlices": 2,
    "StationName": "AWP66014",
    "TaskName": "Chinese-RDR",
    "TotalReadoutTime": 0.0598493,
    "TxRefAmp": 237.799,
    "dataset": "ds004078",
    "modality": "bold",
    "run_id": 60,
    "subject_id": "09",
    "task_id": "RDR"
  },
  "dummy_trs": 3,
  "dvars_nstd": 42.73695223428565,
  "dvars_std": 1.045816164786967,
  "dvars_vstd": 1.0026082112280699,
  "efc": 0.5369976572915174,
  "fber": 568.7811279296875,
  "fd_mean": 0.07107701062451766,
  "fd_num": 0,
  "fd_perc": 0.0,
  "fwhm_avg": 3.4538316666666664,
  "fwhm_x": 3.177715,
  "fwhm_y": 3.52327,
  "fwhm_z": 3.66051,
  "gcor": 0.00368637,
  "gsr_x": 0.002730586566030979,
  "gsr_y": 0.048719000071287155,
  "provenance": {
    "md5sum": "8edb19271a0528ddb4a27915ae46c8c2",
    "settings": {
      "fd_thres": 0.2,
      "testing": false
    },
    "software": "mriqc",
    "version": "23.0.1",
    "webapi_port": null,
    "webapi_url": "https://mriqc.nimh.nih.gov/api/v1"
  },
  "size_t": 400,
  "size_x": 106,
  "size_y": 106,
  "size_z": 72,
  "snr": 2.0417143304368564,
  "spacing_tr": 0.7099999785423279,
  "spacing_x": 2.0,
  "spacing_y": 2.0,
  "spacing_z": 2.0,
  "summary_bg_k": 31.474719352678456,
  "summary_bg_mad": 12.513163515982288,
  "summary_bg_mean": 43.13994216918945,
  "summary_bg_median": 21.13749885559082,
  "summary_bg_n": 513761.0,
  "summary_bg_p05": 11.6274995803833,
  "summary_bg_p95": 155.3300018310547,
  "summary_bg_stdv": 63.58599853515625,
  "summary_fg_k": 2.2942214409149715,
  "summary_fg_mad": 207.70330454876915,
  "summary_fg_mean": 562.4830322265625,
  "summary_fg_median": 508.8499755859375,
  "summary_fg_n": 189670.0,
  "summary_fg_p05": 269.4986236572266,
  "summary_fg_p95": 1052.5751037597647,
  "summary_fg_stdv": 249.22616577148438,
  "tsnr": 33.86912280321121
}