{
  "aor": 0.0002447388059701493,
  "aqi": 0.0059512599067164185,
  "bids_meta": {
    "AcquisitionMatrixPE": 106,
    "AcquisitionNumber": 1,
    "AcquisitionTime": "08:58:49.875000",
    "BandwidthPerPixelPhaseEncode": 16.551,
    "BaseResolution": 106,
    "BodyPartExamined": "HEAD",
    "CoilCombinationMethod": "Sum of Squares",
    "ConsistencyInfo": "N4_VE11C_LATEST_20160120",
    "ConversionSoftware": "dcm2niix",
    "ConversionSoftwareVersion": "v1.0.20211006",
    "Dcm2bidsVersion": "2.1.6",
    "DerivedVendorReportedEchoSpacing": 0.000569994,
    "DeviceSerialNumber": "66014",
    "DwellTime": 2e-06,
    "EchoTime": 0.03,
    "EchoTrainLength": 93,
    "EffectiveEchoSpacing": 0.000569994,
    "FlipAngle": 54,
    "ImageOrientationPatientDICOM": [
      0.999361,
      0.034415,
      -0.00968086,
      -0.0348984,
      0.997864,
      -0.0552188
    ],
    "ImageOrientationText": "Tra>Cor(-3.2)>Sag(-0.4)",
    "ImageType": [
      "ORIGINAL",
      "PRIMARY",
      "M",
      "ND",
      "MOSAIC"
    ],
    "ImagingFrequency": 123.26,
    "InPlanePhaseEncodingDirectionDICOM": "COL",
    "InstitutionAddress": "Yiheyuan Road 5,Beijing F259C2,Haidian,CN,100871",
    "InstitutionName": "CMR of Peking Univeristy",
    "InstitutionalDepartmentName": "Department",
    "MRAcquisitionType": "2D",
    "MagneticFieldStrength": 3,
    "Manufacturer": "Siemens",
    "ManufacturersModelName": "Prisma",
    "Modality": "MR",
    "MultibandAccelerationFactor": 8,
    "PartialFourier": 0.875,
    "PatientPosition": "HFS",
    "PercentPhaseFOV": 100,
    "PercentSampling": 100,
    "PhaseEncodingDirection": "j-",
    "PhaseEncodingSteps": 93,
    "PhaseResolution": 1,
    "PixelBandwidth": 2360,
    "ProcedureStepDescription": "Research^Projects_64CH",
    "ProtocolName": "fMRI_run1_AP",
    "PulseSequenceDetails": "%SiemensSeq%\\ep2d_bold",
    "ReceiveCoilActiveElements": "HC1-7;NC1,2",
    "ReceiveCoilName": "HeadNeck_64",
    "ReconMatrixPE": 106,
    "RefLinesPE": 32,
    "RepetitionTime": 0.71,
    "SAR": 0.101862,
    "ScanOptions": "PFP\\FS",
    "ScanningSequence": "EP",
    "SequenceName": "*epfid2d1_106",
    "SequenceVariant": "SK",
    "SeriesDescription": "fMRI_run1_AP",
    "SeriesNumber": 5,
    "ShimSetting": [
      -3450,
      -2143,
      -1937,
      396,
      14,
      -140,
      -62,
      49
    ],
    "SliceThickness": 2,
    "SliceTiming": [
      0.3075,
      0,
      0.385,
      0.0775,
      0.46,
      0.155,
      0.5375,
      0.23,
      0.615,
      0.3075,
      0,
      0.385,
      0.0775,
      0.46,
      0.155,
      0.5375,
      0.23,
      0.615,
      0.3075,
      0,
      0.385,
      0.0775,
      0.46,
      0.155,
      0.5375,
      0.23,
      0.615,
      0.3075,
      0,
      0.385,
      0.0775,
      0.46,
      0.155,
      0.5375,
      0.23,
      0.615,
      0.3075,
      0,
      0.385,
      0.0775,
      0.46,
      0.155,
      0.5375,
      0.23,
      0.615,
      0.3075,
      0,
      0.385,
      0.0775,
      0.46,
      0.155,
      0.5375,
      0.23,
      0.615,
      0.3075,
      0,
      0.385,
      0.0775,
      0.46,
      0.155,
      0.5375,
      0.23,
      0.615,
      0.3075,
      0,
      0.385,
      0.0775,
      0.46,
      0.155,
      0.5375,
      0.23,
      0.615
    ],
    "SoftwareVersions": "syngo MR E11",
    "SpacingBetweenSlices": 2,
    "StationName": "AWP66014",
    "TaskName": "Chinese-RDR",
    "TotalReadoutTime": 0.0598493,
    "TxRefAmp": 237.799,
    "dataset": "ds004078",
    "modality": "bold",
    "run_id": 51,
    "subject_id": "09",
    "task_id": "RDR"
  },
  "dummy_trs": 3,
  "dvars_nstd": 40.915613277943905,
  "dvars_std": 1.032187713495327,
  "dvars_vstd": 0.9958897679439251,
  "efc": 0.5344532856636882,
  "fber": 624.2742919921875,
  "fd_mean": 0.060409704048853874,
  "fd_num": 1,
  "fd_perc": 0.1865671641791045,
  "fwhm_avg": 3.4340216666666663,
  "fwhm_x": 3.14337,
  "fwhm_y": 3.481705,
  "fwhm_z": 3.67699,
  "gcor": 0.00294854,
  "gsr_x": 0.00182121223770082,
  "gsr_y": 0.05340944975614548,
  "provenance": {
    "md5sum": "d40254716012b10b31266eadb11b057c",
    "settings": {
      "fd_thres": 0.2,
      "testing": false
    },
    "software": "mriqc",
    "version": "23.0.1",
    "webapi_port": null,
    "webapi_url": "https://mriqc.nimh.nih.gov/api/v1"
  },
  "size_t": 536,
  "size_x": 106,
  "size_y": 106,
  "size_z": 72,
  "snr": 2.0970227648916437,
  "spacing_tr": 0.7099999785423279,
  "spacing_x": 2.0,
  "spacing_y": 2.0,
  "spacing_z": 2.0,
  "summary_bg_k": 35.58225413665343,
  "summary_bg_mad": 12.325512340832935,
  "summary_bg_mean": 41.566402435302734,
  "summary_bg_median": 20.533580780029297,
  "summary_bg_n": 515174.0,
  "summary_bg_p05": 11.307835578918457,
  "summary_bg_p95": 143.9714469909667,
  "summary_bg_stdv": 61.355567932128906,
  "summary_fg_k": 2.116644237056918,
  "summary_fg_mad": 208.1299236991076,
  "summary_fg_mean": 569.8889770507812,
  "summary_fg_median": 517.3917236328125,
  "summary_fg_n": 188924.0,
  "summary_fg_p05": 277.0733123779297,
  "summary_fg_p95": 1052.61630859375,
  "summary_fg_stdv": 246.7261505126953,
  "tsnr": 32.56331474427134
}