{
  "aor": 0.0002957436708860759,
  "aqi": 0.004796019746835443,
  "bids_meta": {
    "AcquisitionMatrixPE": 106,
    "AcquisitionNumber": 1,
    "AcquisitionTime": "19:04:13.207500",
    "BandwidthPerPixelPhaseEncode": 16.551,
    "BaseResolution": 106,
    "BodyPartExamined": "HEAD",
    "CoilCombinationMethod": "Sum of Squares",
    "ConsistencyInfo": "N4_VE11C_LATEST_20160120",
    "ConversionSoftware": "dcm2niix",
    "ConversionSoftwareVersion": "v1.0.20211006",
    "Dcm2bidsVersion": "2.1.6",
    "DerivedVendorReportedEchoSpacing": 0.000569994,
    "DeviceSerialNumber": "66014",
    "DwellTime": 2e-06,
    "EchoTime": 0.03,
    "EchoTrainLength": 93,
    "EffectiveEchoSpacing": 0.000569994,
    "FlipAngle": 54,
    "ImageOrientationPatientDICOM": [
      0.999696,
      0.0216691,
      0.0117696,
      -0.0209406,
      0.998048,
      -0.0588432
    ],
    "ImageOrientationText": "Tra>Cor(-3.4)>Sag(0.7)",
    "ImageType": [
      "ORIGINAL",
      "PRIMARY",
      "M",
      "ND",
      "MOSAIC"
    ],
    "ImagingFrequency": 123.259,
    "InPlanePhaseEncodingDirectionDICOM": "COL",
    "InstitutionAddress": "Yiheyuan Road 5,Beijing  0FCA35,Haidian,CN,100871",
    "InstitutionName": "CMR of Peking Univeristy",
    "InstitutionalDepartmentName": "Department",
    "MRAcquisitionType": "2D",
    "MagneticFieldStrength": 3,
    "Manufacturer": "Siemens",
    "ManufacturersModelName": "Prisma",
    "Modality": "MR",
    "MultibandAccelerationFactor": 8,
    "PartialFourier": 0.875,
    "PatientPosition": "HFS",
    "PercentPhaseFOV": 100,
    "PercentSampling": 100,
    "PhaseEncodingDirection": "j-",
    "PhaseEncodingSteps": 93,
    "PhaseResolution": 1,
    "PixelBandwidth": 2360,
    "ProcedureStepDescription": "Research^Projects_64CH",
    "ProtocolName": "fMRI_Rest2_AP",
    "PulseSequenceDetails": "%SiemensSeq%\\ep2d_bold",
    "ReceiveCoilActiveElements": "HC1-7;NC1,2",
    "ReceiveCoilName": "HeadNeck_64",
    "ReconMatrixPE": 106,
    "RefLinesPE": 32,
    "RepetitionTime": 0.71,
    "SAR": 0.11602,
    "ScanOptions": "PFP\\FS",
    "ScanningSequence": "EP",
    "SequenceName": "*epfid2d1_106",
    "SequenceVariant": "SK",
    "SeriesDescription": "fMRI_Rest2_AP",
    "SeriesNumber": 21,
    "ShimSetting": [
      -3439,
      -2106,
      -1938,
      372,
      22,
      -310,
      -143,
      44
    ],
    "SliceThickness": 2,
    "SliceTiming": [
      0.3075,
      0,
      0.3825,
      0.0775,
      0.46,
      0.1525,
      0.5375,
      0.23,
      0.6125,
      0.3075,
      0,
      0.3825,
      0.0775,
      0.46,
      0.1525,
      0.5375,
      0.23,
      0.6125,
      0.3075,
      0,
      0.3825,
      0.0775,
      0.46,
      0.1525,
      0.5375,
      0.23,
      0.6125,
      0.3075,
      0,
      0.3825,
      0.0775,
      0.46,
      0.1525,
      0.5375,
      0.23,
      0.6125,
      0.3075,
      0,
      0.3825,
      0.0775,
      0.46,
      0.1525,
      0.5375,
      0.23,
      0.6125,
      0.3075,
      0,
      0.3825,
      0.0775,
      0.46,
      0.1525,
      0.5375,
      0.23,
      0.6125,
      0.3075,
      0,
      0.3825,
      0.0775,
      0.46,
      0.1525,
      0.5375,
      0.23,
      0.6125,
      0.3075,
      0,
      0.3825,
      0.0775,
      0.46,
      0.1525,
      0.5375,
      0.23,
      0.6125
    ],
    "SoftwareVersions": "syngo MR E11",
    "SpacingBetweenSlices": 2,
    "StationName": "AWP66014",
    "TaskName": "rest",
    "TotalReadoutTime": 0.0598493,
    "TxRefAmp": 251.436,
    "dataset": "ds004078",
    "modality": "bold",
    "run_id": 3,
    "subject_id": "09",
    "task_id": "rest"
  },
  "dummy_trs": 2,
  "dvars_nstd": 41.68290470440574,
  "dvars_std": 1.049732154326465,
  "dvars_vstd": 1.0025511802218714,
  "efc": 0.532292098206793,
  "fber": 566.6882934570312,
  "fd_mean": 0.07719976062446278,
  "fd_num": 2,
  "fd_perc": 0.31645569620253167,
  "fwhm_avg": 3.52514,
  "fwhm_x": 3.26889,
  "fwhm_y": 3.57426,
  "fwhm_z": 3.73227,
  "gcor": 0.00444375,
  "gsr_x": 0.0012760035460814834,
  "gsr_y": 0.039557695388793945,
  "provenance": {
    "md5sum": "8ce2e4c690f61f28b00741695f72976b",
    "settings": {
      "fd_thres": 0.2,
      "testing": false
    },
    "software": "mriqc",
    "version": "23.0.1",
    "webapi_port": null,
    "webapi_url": "https://mriqc.nimh.nih.gov/api/v1"
  },
  "size_t": 632,
  "size_x": 106,
  "size_y": 106,
  "size_z": 72,
  "snr": 1.9888836665658705,
  "spacing_tr": 0.7099999785423279,
  "spacing_x": 2.0,
  "spacing_y": 2.0,
  "spacing_z": 2.0,
  "summary_bg_k": 28.50831952242425,
  "summary_bg_mad": 12.862513370972433,
  "summary_bg_mean": 43.697052001953125,
  "summary_bg_median": 21.52373504638672,
  "summary_bg_n": 514339.0,
  "summary_bg_p05": 11.772151947021484,
  "summary_bg_p95": 157.18054656982417,
  "summary_bg_stdv": 63.493526458740234,
  "summary_fg_k": 3.1164844088245607,
  "summary_fg_mad": 212.49298566604833,
  "summary_fg_mean": 580.4430541992188,
  "summary_fg_median": 522.8038330078125,
  "summary_fg_n": 185385.0,
  "summary_fg_p05": 280.2503112792969,
  "summary_fg_p95": 1096.2376464843746,
  "summary_fg_stdv": 262.86224365234375,
  "tsnr": 33.62052292563021
}