{
  "bids_meta": {
    "AcquisitionMatrixPE": 300,
    "AcquisitionNumber": 1,
    "AcquisitionTime": "11:00:20.107500",
    "BaseResolution": 320,
    "BodyPartExamined": "HEAD",
    "CoilCombinationMethod": "Adaptive Combine",
    "ConsistencyInfo": "N4_VE11C_LATEST_20160120",
    "ConversionSoftware": "dcm2niix",
    "ConversionSoftwareVersion": "v1.0.20211006",
    "Dcm2bidsVersion": "2.1.6",
    "DeviceSerialNumber": "66014",
    "DwellTime": 7.1e-06,
    "EchoTime": 0.00222,
    "FlipAngle": 8,
    "ImageOrientationPatientDICOM": [
      0.00645291,
      0.999486,
      -0.0313877,
      0.0381581,
      -0.0316116,
      -0.998772
    ],
    "ImageOrientationText": "Sag>Tra(-2.2)>Cor(0.3)",
    "ImageType": [
      "ORIGINAL",
      "PRIMARY",
      "M",
      "ND",
      "NORM"
    ],
    "ImagingFrequency": 123.259,
    "InPlanePhaseEncodingDirectionDICOM": "ROW",
    "InstitutionAddress": "Yiheyuan Road 5,Beijing F259C2,Haidian,CN,100871",
    "InstitutionName": "CMR of Peking Univeristy",
    "InstitutionalDepartmentName": "Department",
    "InversionTime": 1,
    "MRAcquisitionType": "3D",
    "MagneticFieldStrength": 3,
    "Manufacturer": "Siemens",
    "ManufacturersModelName": "Prisma",
    "MatrixCoilMode": "GRAPPA",
    "Modality": "MR",
    "ParallelReductionFactorInPlane": 2,
    "PartialFourier": 1,
    "PatientPosition": "HFS",
    "PercentPhaseFOV": 93.75,
    "PercentSampling": 100,
    "PhaseEncodingSteps": 299,
    "PhaseResolution": 1,
    "PixelBandwidth": 220,
    "ProcedureStepDescription": "Research^Projects_64CH",
    "ProtocolName": "T1w_MPR",
    "PulseSequenceDetails": "%SiemensSeq%\\tfl",
    "ReceiveCoilActiveElements": "HC1-7;NC1,2",
    "ReceiveCoilName": "HeadNeck_64",
    "ReconMatrixPE": 300,
    "RefLinesPE": 32,
    "RepetitionTime": 2.4,
    "SAR": 0.0475703,
    "ScanOptions": "IR\\WE",
    "ScanningSequence": "GR\\IR",
    "SequenceName": "*tfl3d1_16ns",
    "SequenceVariant": "SK\\SP\\MP",
    "SeriesDescription": "T1w_MPR",
    "SeriesNumber": 27,
    "ShimSetting": [
      -3433,
      -2135,
      -1929,
      122,
      41,
      -536,
      -60,
      18
    ],
    "SliceThickness": 0.8,
    "SoftwareVersions": "syngo MR E11",
    "SpoilingState": true,
    "StationName": "AWP66014",
    "TxRefAmp": 258.728,
    "dataset": "ds004078",
    "modality": "T1w",
    "run_id": 2,
    "subject_id": "12"
  },
  "cjv": 0.33611532534095756,
  "cnr": 3.9668639663129324,
  "efc": 0.6180777945366576,
  "fber": 27025.6846119518,
  "fwhm_avg": 4.549399932208659,
  "fwhm_x": 4.665499930478633,
  "fwhm_y": 4.364874934958295,
  "fwhm_z": 4.6178249311890465,
  "icvs_csf": 0.1895113799250482,
  "icvs_gm": 0.455094318529393,
  "icvs_wm": 0.3553943015455588,
  "inu_med": 0.49841755628585815,
  "inu_range": 0.2123144745826721,
  "provenance": {
    "md5sum": "7972a36fd9c7e889892f19b64b46dae5",
    "settings": {
      "testing": false
    },
    "software": "mriqc",
    "version": "23.0.1",
    "warnings": {
      "large_rot_frame": true,
      "small_air_mask": false
    },
    "webapi_port": null,
    "webapi_url": "https://mriqc.nimh.nih.gov/api/v1"
  },
  "qi_1": 0.0,
  "qi_2": 0.0004487139396276731,
  "rpve_csf": 23.401429233647153,
  "rpve_gm": 10.607414266444101,
  "rpve_wm": 14.987560649995189,
  "size_x": 224,
  "size_y": 300,
  "size_z": 320,
  "snr_csf": 2.235532800981044,
  "snr_gm": 13.681824904652128,
  "snr_total": 13.078681275102085,
  "snr_wm": 23.318686119673078,
  "snrd_csf": 38.12274698762124,
  "snrd_gm": 99.00590970370274,
  "snrd_total": 91.08654163437348,
  "snrd_wm": 136.13096821179644,
  "spacing_x": 0.800000011920929,
  "spacing_y": 0.800000011920929,
  "spacing_z": 0.800000011920929,
  "summary_bg_k": 9.595246827043429,
  "summary_bg_mad": 4.812666855666912,
  "summary_bg_mean": 5.2128211123997765,
  "summary_bg_median": 3.2460944652557373,
  "summary_bg_n": 4303924.0,
  "summary_bg_p05": 0.0,
  "summary_bg_p95": 20.97281345911324,
  "summary_bg_stdv": 7.852871421045863,
  "summary_csf_k": 0.3736488390099839,
  "summary_csf_mad": 112.04490023349528,
  "summary_csf_mean": 284.3762335375108,
  "summary_csf_median": 280.0517279673368,
  "summary_csf_n": 108647.0,
  "summary_csf_p05": 63.3495622985065,
  "summary_csf_p95": 500.2282291185111,
  "summary_csf_stdv": 125.27234627317986,
  "summary_gm_k": 0.3332963079362927,
  "summary_gm_mad": 50.79619470317186,
  "summary_gm_mean": 726.5717856184734,
  "summary_gm_median": 727.3026810083538,
  "summary_gm_n": 165224.0,
  "summary_gm_p05": 638.440845021978,
  "summary_gm_p95": 813.5524253547192,
  "summary_gm_stdv": 53.1581485009486,
  "summary_wm_k": 0.31361896036276393,
  "summary_wm_mad": 40.870069313358854,
  "summary_wm_mean": 998.5235000288269,
  "summary_wm_median": 1000.0253363158554,
  "summary_wm_n": 508979.0,
  "summary_wm_p05": 926.1513271182775,
  "summary_wm_p95": 1067.229635791853,
  "summary_wm_stdv": 42.88510719684162,
  "tpm_overlap_csf": 0.1316455373026103,
  "tpm_overlap_gm": 0.4425358242180388,
  "tpm_overlap_wm": 0.468742495638234,
  "wm2max": 0.8651951642275709
}