{
  "bids_meta": {
    "AcquisitionMatrixPE": 300,
    "AcquisitionNumber": 1,
    "AcquisitionTime": "11:00:20.107500",
    "BaseResolution": 320,
    "BodyPartExamined": "HEAD",
    "CoilCombinationMethod": "Adaptive Combine",
    "ConsistencyInfo": "N4_VE11C_LATEST_20160120",
    "ConversionSoftware": "dcm2niix",
    "ConversionSoftwareVersion": "v1.0.20211006",
    "Dcm2bidsVersion": "2.1.6",
    "DeviceSerialNumber": "66014",
    "DwellTime": 7.1e-06,
    "EchoTime": 0.00222,
    "FlipAngle": 8,
    "ImageOrientationPatientDICOM": [
      0.00645291,
      0.999486,
      -0.0313877,
      0.0381581,
      -0.0316116,
      -0.998772
    ],
    "ImageOrientationText": "Sag>Tra(-2.2)>Cor(0.3)",
    "ImageType": [
      "ORIGINAL",
      "PRIMARY",
      "M",
      "ND"
    ],
    "ImagingFrequency": 123.259,
    "InPlanePhaseEncodingDirectionDICOM": "ROW",
    "InstitutionAddress": "Yiheyuan Road 5,Beijing F259C2,Haidian,CN,100871",
    "InstitutionName": "CMR of Peking Univeristy",
    "InstitutionalDepartmentName": "Department",
    "InversionTime": 1,
    "MRAcquisitionType": "3D",
    "MagneticFieldStrength": 3,
    "Manufacturer": "Siemens",
    "ManufacturersModelName": "Prisma",
    "MatrixCoilMode": "GRAPPA",
    "Modality": "MR",
    "ParallelReductionFactorInPlane": 2,
    "PartialFourier": 1,
    "PatientPosition": "HFS",
    "PercentPhaseFOV": 93.75,
    "PercentSampling": 100,
    "PhaseEncodingSteps": 299,
    "PhaseResolution": 1,
    "PixelBandwidth": 220,
    "ProcedureStepDescription": "Research^Projects_64CH",
    "ProtocolName": "T1w_MPR",
    "PulseSequenceDetails": "%SiemensSeq%\\tfl",
    "ReceiveCoilActiveElements": "HC1-7;NC1,2",
    "ReceiveCoilName": "HeadNeck_64",
    "ReconMatrixPE": 300,
    "RefLinesPE": 32,
    "RepetitionTime": 2.4,
    "SAR": 0.0475703,
    "ScanOptions": "IR\\WE",
    "ScanningSequence": "GR\\IR",
    "SequenceName": "*tfl3d1_16ns",
    "SequenceVariant": "SK\\SP\\MP",
    "SeriesDescription": "T1w_MPR",
    "SeriesNumber": 26,
    "ShimSetting": [
      -3433,
      -2135,
      -1929,
      122,
      41,
      -536,
      -60,
      18
    ],
    "SliceThickness": 0.8,
    "SoftwareVersions": "syngo MR E11",
    "SpoilingState": true,
    "StationName": "AWP66014",
    "TxRefAmp": 258.728,
    "dataset": "ds004078",
    "modality": "T1w",
    "run_id": 1,
    "subject_id": "12"
  },
  "cjv": 0.5527673976250276,
  "cnr": 2.4748140634645095,
  "efc": 0.6204052519106517,
  "fber": 8356.918874670053,
  "fwhm_avg": 5.224279088818842,
  "fwhm_x": 5.336399920481445,
  "fwhm_y": 4.884162427220308,
  "fwhm_z": 5.452274918754772,
  "icvs_csf": 0.16842140916355972,
  "icvs_gm": 0.41093537387856854,
  "icvs_wm": 0.42064321695787177,
  "inu_med": 0.9871747493743896,
  "inu_range": 1.1517823338508606,
  "provenance": {
    "md5sum": "d474bb44cf0caede612614a3569935cf",
    "settings": {
      "testing": false
    },
    "software": "mriqc",
    "version": "23.0.1",
    "warnings": {
      "large_rot_frame": true,
      "small_air_mask": false
    },
    "webapi_port": null,
    "webapi_url": "https://mriqc.nimh.nih.gov/api/v1"
  },
  "qi_1": 0.0,
  "qi_2": 0.00035936399522564215,
  "rpve_csf": 26.237440623883533,
  "rpve_gm": 11.078023269454755,
  "rpve_wm": 12.191421936205291,
  "size_x": 224,
  "size_y": 300,
  "size_z": 320,
  "snr_csf": 2.3810621859014875,
  "snr_gm": 12.442489475935613,
  "snr_total": 8.962764522942065,
  "snr_wm": 12.064741906989093,
  "snrd_csf": 24.970886461118727,
  "snrd_gm": 63.586031216088166,
  "snrd_total": 58.006885282317086,
  "snrd_wm": 85.46373816974437,
  "spacing_x": 0.800000011920929,
  "spacing_y": 0.800000011920929,
  "spacing_z": 0.800000011920929,
  "summary_bg_k": 5.8619846103429385,
  "summary_bg_mad": 7.6660694951075055,
  "summary_bg_mean": 11.105981883767056,
  "summary_bg_median": 5.170685298740864,
  "summary_bg_n": 4258739.0,
  "summary_bg_p05": 0.0,
  "summary_bg_p95": 43.05386942625046,
  "summary_bg_stdv": 15.927312384167122,
  "summary_csf_k": 5.824950095287921,
  "summary_csf_mad": 98.72020104924155,
  "summary_csf_mean": 303.2906130303119,
  "summary_csf_median": 292.1964814737439,
  "summary_csf_n": 81227.0,
  "summary_csf_p05": 110.74763716384768,
  "summary_csf_p95": 521.0626204568891,
  "summary_csf_stdv": 122.71610735619383,
  "summary_gm_k": 0.08412506144102139,
  "summary_gm_mad": 59.13825039082933,
  "summary_gm_mean": 744.176056597669,
  "summary_gm_median": 744.0510620698333,
  "summary_gm_n": 91450.0,
  "summary_gm_p05": 646.2011190006509,
  "summary_gm_p95": 843.1672954162584,
  "summary_gm_stdv": 59.798884734597955,
  "summary_wm_k": 0.13845876258044676,
  "summary_wm_mad": 82.37113447294085,
  "summary_wm_mean": 1010.6202368335155,
  "summary_wm_median": 1000.0527464523911,
  "summary_wm_n": 547957.0,
  "summary_wm_p05": 893.5260768793523,
  "summary_wm_p95": 1164.4594341143966,
  "summary_wm_stdv": 82.8904456998087,
  "tpm_overlap_csf": 0.13724008718679245,
  "tpm_overlap_gm": 0.42834429493406784,
  "tpm_overlap_wm": 0.44089376179635,
  "wm2max": 0.41294117647058826
}