{
  "aor": 0.0005882459677419355,
  "aqi": 0.005963987116935484,
  "bids_meta": {
    "AcquisitionMatrixPE": 106,
    "AcquisitionNumber": 1,
    "AcquisitionTime": "15:56:56.422500",
    "BandwidthPerPixelPhaseEncode": 16.551,
    "BaseResolution": 106,
    "BodyPartExamined": "HEAD",
    "CoilCombinationMethod": "Sum of Squares",
    "ConsistencyInfo": "N4_VE11C_LATEST_20160120",
    "ConversionSoftware": "dcm2niix",
    "ConversionSoftwareVersion": "v1.0.20211006",
    "Dcm2bidsVersion": "2.1.6",
    "DerivedVendorReportedEchoSpacing": 0.000569994,
    "DeviceSerialNumber": "66014",
    "DwellTime": 2e-06,
    "EchoTime": 0.03,
    "EchoTrainLength": 93,
    "EffectiveEchoSpacing": 0.000569994,
    "FlipAngle": 54,
    "ImageOrientationPatientDICOM": [
      0.999596,
      0.0279637,
      0.00510541,
      -0.0279213,
      0.999576,
      -0.00821142
    ],
    "ImageOrientationText": "Tra>Cor(-0.5)>Sag(0.3)",
    "ImageType": [
      "ORIGINAL",
      "PRIMARY",
      "M",
      "ND",
      "MOSAIC"
    ],
    "ImagingFrequency": 123.259,
    "InPlanePhaseEncodingDirectionDICOM": "COL",
    "InstitutionAddress": "Yiheyuan Road 5,Beijing  0FCA35,Haidian,CN,100871",
    "InstitutionName": "CMR of Peking Univeristy",
    "InstitutionalDepartmentName": "Department",
    "MRAcquisitionType": "2D",
    "MagneticFieldStrength": 3,
    "Manufacturer": "Siemens",
    "ManufacturersModelName": "Prisma",
    "Modality": "MR",
    "MultibandAccelerationFactor": 8,
    "PartialFourier": 0.875,
    "PatientPosition": "HFS",
    "PercentPhaseFOV": 100,
    "PercentSampling": 100,
    "PhaseEncodingDirection": "j-",
    "PhaseEncodingSteps": 93,
    "PhaseResolution": 1,
    "PixelBandwidth": 2360,
    "ProcedureStepDescription": "Research^Projects_64CH",
    "ProtocolName": "fMRI_run3_AP",
    "PulseSequenceDetails": "%SiemensSeq%\\ep2d_bold",
    "ReceiveCoilActiveElements": "HC1-7;NC1,2",
    "ReceiveCoilName": "HeadNeck_64",
    "ReconMatrixPE": 106,
    "RefLinesPE": 32,
    "RepetitionTime": 0.71,
    "SAR": 0.0995563,
    "ScanOptions": "PFP\\FS",
    "ScanningSequence": "EP",
    "SequenceName": "*epfid2d1_106",
    "SequenceVariant": "SK",
    "SeriesDescription": "fMRI_run3_AP",
    "SeriesNumber": 7,
    "ShimSetting": [
      -3446,
      -2096,
      -1891,
      211,
      17,
      -281,
      -63,
      26
    ],
    "SliceThickness": 2,
    "SliceTiming": [
      0.3075,
      0,
      0.3825,
      0.0775,
      0.46,
      0.1525,
      0.535,
      0.23,
      0.6125,
      0.3075,
      0,
      0.3825,
      0.0775,
      0.46,
      0.1525,
      0.535,
      0.23,
      0.6125,
      0.3075,
      0,
      0.3825,
      0.0775,
      0.46,
      0.1525,
      0.535,
      0.23,
      0.6125,
      0.3075,
      0,
      0.3825,
      0.0775,
      0.46,
      0.1525,
      0.535,
      0.23,
      0.6125,
      0.3075,
      0,
      0.3825,
      0.0775,
      0.46,
      0.1525,
      0.535,
      0.23,
      0.6125,
      0.3075,
      0,
      0.3825,
      0.0775,
      0.46,
      0.1525,
      0.535,
      0.23,
      0.6125,
      0.3075,
      0,
      0.3825,
      0.0775,
      0.46,
      0.1525,
      0.535,
      0.23,
      0.6125,
      0.3075,
      0,
      0.3825,
      0.0775,
      0.46,
      0.1525,
      0.535,
      0.23,
      0.6125
    ],
    "SoftwareVersions": "syngo MR E11",
    "SpacingBetweenSlices": 2,
    "StationName": "AWP66014",
    "TaskName": "Chinese-RDR",
    "TotalReadoutTime": 0.0598493,
    "TxRefAmp": 272.73,
    "dataset": "ds004078",
    "modality": "bold",
    "run_id": 23,
    "subject_id": "06",
    "task_id": "RDR"
  },
  "dummy_trs": 1,
  "dvars_nstd": 46.18482437141412,
  "dvars_std": 1.0597850580202024,
  "dvars_vstd": 1.0081602793131308,
  "efc": 0.5532208099115264,
  "fber": 315.6850891113281,
  "fd_mean": 0.0915536360490828,
  "fd_num": 1,
  "fd_perc": 0.20161290322580644,
  "fwhm_avg": 3.461176666666667,
  "fwhm_x": 3.154495,
  "fwhm_y": 3.65845,
  "fwhm_z": 3.570585,
  "gcor": 0.00665432,
  "gsr_x": 0.013548998162150383,
  "gsr_y": 0.05562981590628624,
  "provenance": {
    "md5sum": "858caf0e2d129d5e993d6f94cb6e056e",
    "settings": {
      "fd_thres": 0.2,
      "testing": false
    },
    "software": "mriqc",
    "version": "23.0.1",
    "webapi_port": null,
    "webapi_url": "https://mriqc.nimh.nih.gov/api/v1"
  },
  "size_t": 496,
  "size_x": 106,
  "size_y": 106,
  "size_z": 72,
  "snr": 2.0032050085622797,
  "spacing_tr": 0.7099999785423279,
  "spacing_x": 2.0,
  "spacing_y": 2.0,
  "spacing_z": 2.0,
  "summary_bg_k": 27.316253342452704,
  "summary_bg_mad": 18.197748318397693,
  "summary_bg_mean": 59.42699432373047,
  "summary_bg_median": 27.221773147583008,
  "summary_bg_n": 522901.0,
  "summary_bg_p05": 12.885080337524414,
  "summary_bg_p95": 226.17942810058594,
  "summary_bg_stdv": 93.07508850097656,
  "summary_fg_k": 1.7175757431685055,
  "summary_fg_mad": 220.16642944808189,
  "summary_fg_mean": 554.0496215820312,
  "summary_fg_median": 506.60784912109375,
  "summary_fg_n": 172114.0,
  "summary_fg_p05": 242.19273681640624,
  "summary_fg_p95": 1038.2627502441408,
  "summary_fg_stdv": 252.89791870117188,
  "tsnr": 30.912355319596827
}