{
  "aor": 0.00037643356643356647,
  "aqi": 0.0058110417948717945,
  "bids_meta": {
    "AcquisitionMatrixPE": 106,
    "AcquisitionNumber": 1,
    "AcquisitionTime": "16:17:27.310000",
    "BandwidthPerPixelPhaseEncode": 16.551,
    "BaseResolution": 106,
    "BodyPartExamined": "HEAD",
    "CoilCombinationMethod": "Sum of Squares",
    "ConsistencyInfo": "N4_VE11C_LATEST_20160120",
    "ConversionSoftware": "dcm2niix",
    "ConversionSoftwareVersion": "v1.0.20211006",
    "Dcm2bidsVersion": "2.1.6",
    "DerivedVendorReportedEchoSpacing": 0.000569994,
    "DeviceSerialNumber": "66014",
    "DwellTime": 2e-06,
    "EchoTime": 0.03,
    "EchoTrainLength": 93,
    "EffectiveEchoSpacing": 0.000569994,
    "FlipAngle": 54,
    "ImageOrientationPatientDICOM": [
      0.999303,
      0.00599568,
      0.0368589,
      -0.00523238,
      0.999771,
      -0.0207703
    ],
    "ImageOrientationText": "Tra>Sag(2.1)>Cor(-1.2)",
    "ImageType": [
      "ORIGINAL",
      "PRIMARY",
      "M",
      "ND",
      "MOSAIC"
    ],
    "ImagingFrequency": 123.259,
    "InPlanePhaseEncodingDirectionDICOM": "COL",
    "InstitutionAddress": "Yiheyuan Road 5,Beijing  0FCA35,Haidian,CN,100871",
    "InstitutionName": "CMR of Peking Univeristy",
    "InstitutionalDepartmentName": "Department",
    "MRAcquisitionType": "2D",
    "MagneticFieldStrength": 3,
    "Manufacturer": "Siemens",
    "ManufacturersModelName": "Prisma",
    "Modality": "MR",
    "MultibandAccelerationFactor": 8,
    "PartialFourier": 0.875,
    "PatientPosition": "HFS",
    "PercentPhaseFOV": 100,
    "PercentSampling": 100,
    "PhaseEncodingDirection": "j-",
    "PhaseEncodingSteps": 93,
    "PhaseResolution": 1,
    "PixelBandwidth": 2360,
    "ProcedureStepDescription": "Research^Projects_64CH",
    "ProtocolName": "fMRI_run8_AP",
    "PulseSequenceDetails": "%SiemensSeq%\\ep2d_bold",
    "ReceiveCoilActiveElements": "HC1-7;NC1,2",
    "ReceiveCoilName": "HeadNeck_64",
    "ReconMatrixPE": 106,
    "RefLinesPE": 32,
    "RepetitionTime": 0.71,
    "SAR": 0.0848956,
    "ScanOptions": "PFP\\FS",
    "ScanningSequence": "EP",
    "SequenceName": "*epfid2d1_106",
    "SequenceVariant": "SK",
    "SeriesDescription": "fMRI_run8_AP",
    "SeriesNumber": 12,
    "ShimSetting": [
      -3433,
      -2103,
      -1888,
      175,
      -20,
      -288,
      -72,
      -15
    ],
    "SliceThickness": 2,
    "SliceTiming": [
      0.305,
      0,
      0.3825,
      0.075,
      0.46,
      0.1525,
      0.535,
      0.23,
      0.6125,
      0.305,
      0,
      0.3825,
      0.075,
      0.46,
      0.1525,
      0.535,
      0.23,
      0.6125,
      0.305,
      0,
      0.3825,
      0.075,
      0.46,
      0.1525,
      0.535,
      0.23,
      0.6125,
      0.305,
      0,
      0.3825,
      0.075,
      0.46,
      0.1525,
      0.535,
      0.23,
      0.6125,
      0.305,
      0,
      0.3825,
      0.075,
      0.46,
      0.1525,
      0.535,
      0.23,
      0.6125,
      0.305,
      0,
      0.3825,
      0.075,
      0.46,
      0.1525,
      0.535,
      0.23,
      0.6125,
      0.305,
      0,
      0.3825,
      0.075,
      0.46,
      0.1525,
      0.535,
      0.23,
      0.6125,
      0.305,
      0,
      0.3825,
      0.075,
      0.46,
      0.1525,
      0.535,
      0.23,
      0.6125
    ],
    "SoftwareVersions": "syngo MR E11",
    "SpacingBetweenSlices": 2,
    "StationName": "AWP66014",
    "TaskName": "Chinese-RDR",
    "TotalReadoutTime": 0.0598493,
    "TxRefAmp": 258.651,
    "dataset": "ds004078",
    "modality": "bold",
    "run_id": 48,
    "subject_id": "06",
    "task_id": "RDR"
  },
  "dummy_trs": 2,
  "dvars_nstd": 48.90306323025698,
  "dvars_std": 1.0718935768925242,
  "dvars_vstd": 1.0064102132476636,
  "efc": 0.5613708762374512,
  "fber": 294.64288330078125,
  "fd_mean": 0.10486552150870873,
  "fd_num": 14,
  "fd_perc": 3.2634032634032635,
  "fwhm_avg": 3.3860883333333334,
  "fwhm_x": 3.06306,
  "fwhm_y": 3.577705,
  "fwhm_z": 3.5175,
  "gcor": 0.00318092,
  "gsr_x": 0.014188416302204132,
  "gsr_y": 0.06342563778162003,
  "provenance": {
    "md5sum": "4fd9ad41a5d6b1c03670b8623255d234",
    "settings": {
      "fd_thres": 0.2,
      "testing": false
    },
    "software": "mriqc",
    "version": "23.0.1",
    "webapi_port": null,
    "webapi_url": "https://mriqc.nimh.nih.gov/api/v1"
  },
  "size_t": 429,
  "size_x": 106,
  "size_y": 106,
  "size_z": 72,
  "snr": 2.0488741478710932,
  "spacing_tr": 0.7099999785423279,
  "spacing_x": 2.0,
  "spacing_y": 2.0,
  "spacing_z": 2.0,
  "summary_bg_k": 24.120077662084356,
  "summary_bg_mad": 18.026234208296373,
  "summary_bg_mean": 60.20550537109375,
  "summary_bg_median": 26.9743595123291,
  "summary_bg_n": 521006.0,
  "summary_bg_p05": 12.69230842590332,
  "summary_bg_p95": 231.0670280456543,
  "summary_bg_stdv": 94.87042236328125,
  "summary_fg_k": 1.6827273100939104,
  "summary_fg_mad": 207.6438068095927,
  "summary_fg_mean": 529.6973876953125,
  "summary_fg_median": 486.30072021484375,
  "summary_fg_n": 173943.0,
  "summary_fg_p05": 234.4321762084961,
  "summary_fg_p95": 985.1380187988278,
  "summary_fg_stdv": 237.3495330810547,
  "tsnr": 30.748939366312698
}