{
  "aor": 0.0004779567307692308,
  "aqi": 0.005884413581730769,
  "bids_meta": {
    "AcquisitionMatrixPE": 106,
    "AcquisitionNumber": 1,
    "AcquisitionTime": "16:35:32.227500",
    "BandwidthPerPixelPhaseEncode": 16.551,
    "BaseResolution": 106,
    "BodyPartExamined": "HEAD",
    "CoilCombinationMethod": "Sum of Squares",
    "ConsistencyInfo": "N4_VE11C_LATEST_20160120",
    "ConversionSoftware": "dcm2niix",
    "ConversionSoftwareVersion": "v1.0.20211006",
    "Dcm2bidsVersion": "2.1.6",
    "DerivedVendorReportedEchoSpacing": 0.000569994,
    "DeviceSerialNumber": "66014",
    "DwellTime": 2e-06,
    "EchoTime": 0.03,
    "EchoTrainLength": 93,
    "EffectiveEchoSpacing": 0.000569994,
    "FlipAngle": 54,
    "ImageOrientationPatientDICOM": [
      0.999596,
      0.0279637,
      0.00510541,
      -0.0279213,
      0.999576,
      -0.00821142
    ],
    "ImageOrientationText": "Tra>Cor(-0.5)>Sag(0.3)",
    "ImageType": [
      "ORIGINAL",
      "PRIMARY",
      "M",
      "ND",
      "MOSAIC"
    ],
    "ImagingFrequency": 123.259,
    "InPlanePhaseEncodingDirectionDICOM": "COL",
    "InstitutionAddress": "Yiheyuan Road 5,Beijing  0FCA35,Haidian,CN,100871",
    "InstitutionName": "CMR of Peking Univeristy",
    "InstitutionalDepartmentName": "Department",
    "MRAcquisitionType": "2D",
    "MagneticFieldStrength": 3,
    "Manufacturer": "Siemens",
    "ManufacturersModelName": "Prisma",
    "Modality": "MR",
    "MultibandAccelerationFactor": 8,
    "PartialFourier": 0.875,
    "PatientPosition": "HFS",
    "PercentPhaseFOV": 100,
    "PercentSampling": 100,
    "PhaseEncodingDirection": "j-",
    "PhaseEncodingSteps": 93,
    "PhaseResolution": 1,
    "PixelBandwidth": 2360,
    "ProcedureStepDescription": "Research^Projects_64CH",
    "ProtocolName": "fMRI_run9_AP",
    "PulseSequenceDetails": "%SiemensSeq%\\ep2d_bold",
    "ReceiveCoilActiveElements": "HC1-7;NC1,2",
    "ReceiveCoilName": "HeadNeck_64",
    "ReconMatrixPE": 106,
    "RefLinesPE": 32,
    "RepetitionTime": 0.71,
    "SAR": 0.099279,
    "ScanOptions": "PFP\\FS",
    "ScanningSequence": "EP",
    "SequenceName": "*epfid2d1_106",
    "SequenceVariant": "SK",
    "SeriesDescription": "fMRI_run9_AP",
    "SeriesNumber": 13,
    "ShimSetting": [
      -3446,
      -2096,
      -1891,
      211,
      17,
      -281,
      -63,
      26
    ],
    "SliceThickness": 2,
    "SliceTiming": [
      0.305,
      0,
      0.3825,
      0.075,
      0.46,
      0.1525,
      0.535,
      0.23,
      0.6125,
      0.305,
      0,
      0.3825,
      0.075,
      0.46,
      0.1525,
      0.535,
      0.23,
      0.6125,
      0.305,
      0,
      0.3825,
      0.075,
      0.46,
      0.1525,
      0.535,
      0.23,
      0.6125,
      0.305,
      0,
      0.3825,
      0.075,
      0.46,
      0.1525,
      0.535,
      0.23,
      0.6125,
      0.305,
      0,
      0.3825,
      0.075,
      0.46,
      0.1525,
      0.535,
      0.23,
      0.6125,
      0.305,
      0,
      0.3825,
      0.075,
      0.46,
      0.1525,
      0.535,
      0.23,
      0.6125,
      0.305,
      0,
      0.3825,
      0.075,
      0.46,
      0.1525,
      0.535,
      0.23,
      0.6125,
      0.305,
      0,
      0.3825,
      0.075,
      0.46,
      0.1525,
      0.535,
      0.23,
      0.6125
    ],
    "SoftwareVersions": "syngo MR E11",
    "SpacingBetweenSlices": 2,
    "StationName": "AWP66014",
    "TaskName": "Chinese-RDR",
    "TotalReadoutTime": 0.0598493,
    "TxRefAmp": 272.73,
    "dataset": "ds004078",
    "modality": "bold",
    "run_id": 29,
    "subject_id": "06",
    "task_id": "RDR"
  },
  "dummy_trs": 1,
  "dvars_nstd": 46.08033506985542,
  "dvars_std": 1.0548937573253017,
  "dvars_vstd": 1.0046718476626508,
  "efc": 0.556462710816981,
  "fber": 294.5133056640625,
  "fd_mean": 0.08678855739690856,
  "fd_num": 2,
  "fd_perc": 0.4807692307692308,
  "fwhm_avg": 3.4819533333333332,
  "fwhm_x": 3.161705,
  "fwhm_y": 3.687125,
  "fwhm_z": 3.59703,
  "gcor": 0.00365375,
  "gsr_x": 0.012302696704864502,
  "gsr_y": 0.058529239147901535,
  "provenance": {
    "md5sum": "32a255373ba8688fa2a58e22f6648f20",
    "settings": {
      "fd_thres": 0.2,
      "testing": false
    },
    "software": "mriqc",
    "version": "23.0.1",
    "webapi_port": null,
    "webapi_url": "https://mriqc.nimh.nih.gov/api/v1"
  },
  "size_t": 416,
  "size_x": 106,
  "size_y": 106,
  "size_z": 72,
  "snr": 1.9844063402699217,
  "spacing_tr": 0.7099999785423279,
  "spacing_x": 2.0,
  "spacing_y": 2.0,
  "spacing_z": 2.0,
  "summary_bg_k": 27.844654040516506,
  "summary_bg_mad": 18.99584233852268,
  "summary_bg_mean": 62.05793380737305,
  "summary_bg_median": 28.182693481445312,
  "summary_bg_n": 521566.0,
  "summary_bg_p05": 13.122596740722656,
  "summary_bg_p95": 237.74340438842773,
  "summary_bg_stdv": 98.00811767578125,
  "summary_fg_k": 1.6792378954485807,
  "summary_fg_mad": 222.7823844183986,
  "summary_fg_mean": 556.8104858398438,
  "summary_fg_median": 508.02166748046875,
  "summary_fg_n": 172567.0,
  "summary_fg_p05": 242.50313415527344,
  "summary_fg_p95": 1049.8613159179683,
  "summary_fg_stdv": 256.0061340332031,
  "tsnr": 30.676213537808508
}