{
  "aor": 0.0004632167832167832,
  "aqi": 0.006126727552447552,
  "bids_meta": {
    "AcquisitionMatrixPE": 106,
    "AcquisitionNumber": 1,
    "AcquisitionTime": "16:10:51.295000",
    "BandwidthPerPixelPhaseEncode": 16.551,
    "BaseResolution": 106,
    "BodyPartExamined": "HEAD",
    "CoilCombinationMethod": "Sum of Squares",
    "ConsistencyInfo": "N4_VE11C_LATEST_20160120",
    "ConversionSoftware": "dcm2niix",
    "ConversionSoftwareVersion": "v1.0.20211006",
    "Dcm2bidsVersion": "2.1.6",
    "DerivedVendorReportedEchoSpacing": 0.000569994,
    "DeviceSerialNumber": "66014",
    "DwellTime": 2e-06,
    "EchoTime": 0.03,
    "EchoTrainLength": 93,
    "EffectiveEchoSpacing": 0.000569994,
    "FlipAngle": 54,
    "ImageOrientationPatientDICOM": [
      0.999844,
      -0.0175243,
      -0.00200323,
      0.0174523,
      0.999348,
      -0.0316078
    ],
    "ImageOrientationText": "Tra>Cor(-1.8)>Sag(-0.1)",
    "ImageType": [
      "ORIGINAL",
      "PRIMARY",
      "M",
      "ND",
      "MOSAIC"
    ],
    "ImagingFrequency": 123.259,
    "InPlanePhaseEncodingDirectionDICOM": "COL",
    "InstitutionAddress": "Yiheyuan Road 5,Beijing  0FCA35,Haidian,CN,100871",
    "InstitutionName": "CMR of Peking Univeristy",
    "InstitutionalDepartmentName": "Department",
    "MRAcquisitionType": "2D",
    "MagneticFieldStrength": 3,
    "Manufacturer": "Siemens",
    "ManufacturersModelName": "Prisma",
    "Modality": "MR",
    "MultibandAccelerationFactor": 8,
    "PartialFourier": 0.875,
    "PatientPosition": "HFS",
    "PercentPhaseFOV": 100,
    "PercentSampling": 100,
    "PhaseEncodingDirection": "j-",
    "PhaseEncodingSteps": 93,
    "PhaseResolution": 1,
    "PixelBandwidth": 2360,
    "ProcedureStepDescription": "Research^Projects_64CH",
    "ProtocolName": "fMRI_run8_AP",
    "PulseSequenceDetails": "%SiemensSeq%\\ep2d_bold",
    "ReceiveCoilActiveElements": "HC1-7;NC1,2",
    "ReceiveCoilName": "HeadNeck_64",
    "ReconMatrixPE": 106,
    "RefLinesPE": 32,
    "RepetitionTime": 0.71,
    "SAR": 0.0962594,
    "ScanOptions": "PFP\\FS",
    "ScanningSequence": "EP",
    "SequenceName": "*epfid2d1_106",
    "SequenceVariant": "SK",
    "SeriesDescription": "fMRI_run8_AP",
    "SeriesNumber": 12,
    "ShimSetting": [
      -3455,
      -2105,
      -1888,
      160,
      80,
      -206,
      -36,
      6
    ],
    "SliceThickness": 2,
    "SliceTiming": [
      0.3075,
      0,
      0.385,
      0.0775,
      0.46,
      0.155,
      0.5375,
      0.23,
      0.615,
      0.3075,
      0,
      0.385,
      0.0775,
      0.46,
      0.155,
      0.5375,
      0.23,
      0.615,
      0.3075,
      0,
      0.385,
      0.0775,
      0.46,
      0.155,
      0.5375,
      0.23,
      0.615,
      0.3075,
      0,
      0.385,
      0.0775,
      0.46,
      0.155,
      0.5375,
      0.23,
      0.615,
      0.3075,
      0,
      0.385,
      0.0775,
      0.46,
      0.155,
      0.5375,
      0.23,
      0.615,
      0.3075,
      0,
      0.385,
      0.0775,
      0.46,
      0.155,
      0.5375,
      0.23,
      0.615,
      0.3075,
      0,
      0.385,
      0.0775,
      0.46,
      0.155,
      0.5375,
      0.23,
      0.615,
      0.3075,
      0,
      0.385,
      0.0775,
      0.46,
      0.155,
      0.5375,
      0.23,
      0.615
    ],
    "SoftwareVersions": "syngo MR E11",
    "SpacingBetweenSlices": 2,
    "StationName": "AWP66014",
    "TaskName": "Chinese-RDR",
    "TotalReadoutTime": 0.0598493,
    "TxRefAmp": 271.297,
    "dataset": "ds004078",
    "modality": "bold",
    "run_id": 38,
    "subject_id": "06",
    "task_id": "RDR"
  },
  "dummy_trs": 2,
  "dvars_nstd": 48.343205995677586,
  "dvars_std": 1.0654479695560743,
  "dvars_vstd": 1.0088052246261674,
  "efc": 0.5609736848134451,
  "fber": 298.5335998535156,
  "fd_mean": 0.0979522419795638,
  "fd_num": 23,
  "fd_perc": 5.361305361305361,
  "fwhm_avg": 3.37558,
  "fwhm_x": 3.07587,
  "fwhm_y": 3.560475,
  "fwhm_z": 3.490395,
  "gcor": 0.00521411,
  "gsr_x": 0.017519239336252213,
  "gsr_y": 0.05108972638845444,
  "provenance": {
    "md5sum": "dc6ff4e2a8e00309601440de5dfc1478",
    "settings": {
      "fd_thres": 0.2,
      "testing": false
    },
    "software": "mriqc",
    "version": "23.0.1",
    "webapi_port": null,
    "webapi_url": "https://mriqc.nimh.nih.gov/api/v1"
  },
  "size_t": 429,
  "size_x": 106,
  "size_y": 106,
  "size_z": 72,
  "snr": 2.080131132447617,
  "spacing_tr": 0.7099999785423279,
  "spacing_x": 2.0,
  "spacing_y": 2.0,
  "spacing_z": 2.0,
  "summary_bg_k": 25.8122076491953,
  "summary_bg_mad": 17.532029698342086,
  "summary_bg_mean": 58.21610641479492,
  "summary_bg_median": 26.780885696411133,
  "summary_bg_n": 520141.0,
  "summary_bg_p05": 12.820512771606445,
  "summary_bg_p95": 219.6666717529297,
  "summary_bg_stdv": 90.0351791381836,
  "summary_fg_k": 1.629682361827859,
  "summary_fg_mad": 205.78105249636405,
  "summary_fg_mean": 527.3120727539062,
  "summary_fg_median": 485.8345031738281,
  "summary_fg_n": 173761.0,
  "summary_fg_p05": 233.3007049560547,
  "summary_fg_p95": 973.7343139648438,
  "summary_fg_stdv": 233.5588836669922,
  "tsnr": 30.237902568886057
}