{
  "aor": 0.0005099080459770115,
  "aqi": 0.0065229532873563225,
  "bids_meta": {
    "AcquisitionMatrixPE": 106,
    "AcquisitionNumber": 1,
    "AcquisitionTime": "19:48:42.297500",
    "BandwidthPerPixelPhaseEncode": 16.551,
    "BaseResolution": 106,
    "BodyPartExamined": "HEAD",
    "CoilCombinationMethod": "Sum of Squares",
    "ConsistencyInfo": "N4_VE11C_LATEST_20160120",
    "ConversionSoftware": "dcm2niix",
    "ConversionSoftwareVersion": "v1.0.20211006",
    "Dcm2bidsVersion": "2.1.6",
    "DerivedVendorReportedEchoSpacing": 0.000569994,
    "DeviceSerialNumber": "66014",
    "DwellTime": 2e-06,
    "EchoTime": 0.03,
    "EchoTrainLength": 93,
    "EffectiveEchoSpacing": 0.000569994,
    "FlipAngle": 54,
    "ImageOrientationPatientDICOM": [
      0.999413,
      0.0162628,
      0.0301639,
      -0.0157,
      0.9997,
      -0.0188023
    ],
    "ImageOrientationText": "Tra>Sag(1.7)>Cor(-1.0)",
    "ImageType": [
      "ORIGINAL",
      "PRIMARY",
      "M",
      "ND",
      "MOSAIC"
    ],
    "ImagingFrequency": 123.259,
    "InPlanePhaseEncodingDirectionDICOM": "COL",
    "InstitutionAddress": "Yiheyuan Road 5,Beijing  0FCA35,Haidian,CN,100871",
    "InstitutionName": "CMR of Peking Univeristy",
    "InstitutionalDepartmentName": "Department",
    "MRAcquisitionType": "2D",
    "MagneticFieldStrength": 3,
    "Manufacturer": "Siemens",
    "ManufacturersModelName": "Prisma",
    "Modality": "MR",
    "MultibandAccelerationFactor": 8,
    "PartialFourier": 0.875,
    "PatientPosition": "HFS",
    "PercentPhaseFOV": 100,
    "PercentSampling": 100,
    "PhaseEncodingDirection": "j-",
    "PhaseEncodingSteps": 93,
    "PhaseResolution": 1,
    "PixelBandwidth": 2360,
    "ProcedureStepDescription": "Research^Projects_64CH",
    "ProtocolName": "fMRI_run7_AP",
    "PulseSequenceDetails": "%SiemensSeq%\\ep2d_bold",
    "ReceiveCoilActiveElements": "HC1-7;NC1,2",
    "ReceiveCoilName": "HeadNeck_64",
    "ReconMatrixPE": 106,
    "RefLinesPE": 32,
    "RepetitionTime": 0.71,
    "SAR": 0.0998697,
    "ScanOptions": "PFP\\FS",
    "ScanningSequence": "EP",
    "SequenceName": "*epfid2d1_106",
    "SequenceVariant": "SK",
    "SeriesDescription": "fMRI_run7_AP",
    "SeriesNumber": 15,
    "ShimSetting": [
      -3435,
      -2098,
      -1888,
      114,
      -11,
      -283,
      -17,
      42
    ],
    "SliceThickness": 2,
    "SliceTiming": [
      0.305,
      0,
      0.3825,
      0.075,
      0.46,
      0.1525,
      0.535,
      0.23,
      0.6125,
      0.305,
      0,
      0.3825,
      0.075,
      0.46,
      0.1525,
      0.535,
      0.23,
      0.6125,
      0.305,
      0,
      0.3825,
      0.075,
      0.46,
      0.1525,
      0.535,
      0.23,
      0.6125,
      0.305,
      0,
      0.3825,
      0.075,
      0.46,
      0.1525,
      0.535,
      0.23,
      0.6125,
      0.305,
      0,
      0.3825,
      0.075,
      0.46,
      0.1525,
      0.535,
      0.23,
      0.6125,
      0.305,
      0,
      0.3825,
      0.075,
      0.46,
      0.1525,
      0.535,
      0.23,
      0.6125,
      0.305,
      0,
      0.3825,
      0.075,
      0.46,
      0.1525,
      0.535,
      0.23,
      0.6125,
      0.305,
      0,
      0.3825,
      0.075,
      0.46,
      0.1525,
      0.535,
      0.23,
      0.6125
    ],
    "SoftwareVersions": "syngo MR E11",
    "SpacingBetweenSlices": 2,
    "StationName": "AWP66014",
    "TaskName": "Chinese-RDR",
    "TotalReadoutTime": 0.0598493,
    "TxRefAmp": 267.486,
    "dataset": "ds004078",
    "modality": "bold",
    "run_id": 7,
    "subject_id": "06",
    "task_id": "RDR"
  },
  "dummy_trs": 2,
  "dvars_nstd": 46.03388325767283,
  "dvars_std": 1.0300761829262666,
  "dvars_vstd": 1.0016356539861753,
  "efc": 0.5575600653610703,
  "fber": 299.122802734375,
  "fd_mean": 0.10085012282243853,
  "fd_num": 26,
  "fd_perc": 5.977011494252873,
  "fwhm_avg": 3.4163616666666665,
  "fwhm_x": 3.093895,
  "fwhm_y": 3.629275,
  "fwhm_z": 3.525915,
  "gcor": 0.00451733,
  "gsr_x": 0.02061588130891323,
  "gsr_y": 0.0487695038318634,
  "provenance": {
    "md5sum": "6623f7680824e37b7670b1acffb221db",
    "settings": {
      "fd_thres": 0.2,
      "testing": false
    },
    "software": "mriqc",
    "version": "23.0.1",
    "webapi_port": null,
    "webapi_url": "https://mriqc.nimh.nih.gov/api/v1"
  },
  "size_t": 435,
  "size_x": 106,
  "size_y": 106,
  "size_z": 72,
  "snr": 2.026580378457215,
  "spacing_tr": 0.7099999785423279,
  "spacing_x": 2.0,
  "spacing_y": 2.0,
  "spacing_z": 2.0,
  "summary_bg_k": 26.271382075762382,
  "summary_bg_mad": 17.767369555690685,
  "summary_bg_mean": 58.70317077636719,
  "summary_bg_median": 27.158620834350586,
  "summary_bg_n": 520923.0,
  "summary_bg_p05": 13.124137878417969,
  "summary_bg_p95": 222.09402313232414,
  "summary_bg_stdv": 91.11710357666016,
  "summary_fg_k": 1.738778652671761,
  "summary_fg_mad": 213.1368507438817,
  "summary_fg_mean": 536.8934326171875,
  "summary_fg_median": 493.10919189453125,
  "summary_fg_n": 173276.0,
  "summary_fg_p05": 232.68391036987305,
  "summary_fg_p95": 999.2195281982422,
  "summary_fg_stdv": 243.3201141357422,
  "tsnr": 29.697784674353898
}