{
  "aor": 0.00020935023771790807,
  "aqi": 0.0051975792234548335,
  "bids_meta": {
    "AcquisitionMatrixPE": 106,
    "AcquisitionNumber": 1,
    "AcquisitionTime": "20:53:58.230000",
    "BandwidthPerPixelPhaseEncode": 16.551,
    "BaseResolution": 106,
    "BodyPartExamined": "HEAD",
    "CoilCombinationMethod": "Sum of Squares",
    "ConsistencyInfo": "N4_VE11C_LATEST_20160120",
    "ConversionSoftware": "dcm2niix",
    "ConversionSoftwareVersion": "v1.0.20211006",
    "Dcm2bidsVersion": "2.1.6",
    "DerivedVendorReportedEchoSpacing": 0.000569994,
    "DeviceSerialNumber": "66014",
    "DwellTime": 2e-06,
    "EchoTime": 0.03,
    "EchoTrainLength": 93,
    "EffectiveEchoSpacing": 0.000569994,
    "FlipAngle": 54,
    "ImageOrientationPatientDICOM": [
      0.999322,
      0.0016593,
      0.0367931,
      0.00174416,
      0.995732,
      -0.092278
    ],
    "ImageOrientationText": "Tra>Cor(-5.3)>Sag(2.1)",
    "ImageType": [
      "ORIGINAL",
      "PRIMARY",
      "M",
      "ND",
      "MOSAIC"
    ],
    "ImagingFrequency": 123.259,
    "InPlanePhaseEncodingDirectionDICOM": "COL",
    "InstitutionAddress": "Yiheyuan Road 5,Beijing  0FCA35,Haidian,CN,100871",
    "InstitutionName": "CMR of Peking Univeristy",
    "InstitutionalDepartmentName": "Department",
    "MRAcquisitionType": "2D",
    "MagneticFieldStrength": 3,
    "Manufacturer": "Siemens",
    "ManufacturersModelName": "Prisma",
    "Modality": "MR",
    "MultibandAccelerationFactor": 8,
    "PartialFourier": 0.875,
    "PatientPosition": "HFS",
    "PercentPhaseFOV": 100,
    "PercentSampling": 100,
    "PhaseEncodingDirection": "j",
    "PhaseEncodingSteps": 93,
    "PhaseResolution": 1,
    "PixelBandwidth": 2360,
    "ProcedureStepDescription": "Research^Projects_64CH",
    "ProtocolName": "fMRI_Rest2_PA",
    "PulseSequenceDetails": "%SiemensSeq%\\ep2d_bold",
    "ReceiveCoilActiveElements": "HC1-7;NC1,2",
    "ReceiveCoilName": "HeadNeck_64",
    "ReconMatrixPE": 106,
    "RefLinesPE": 32,
    "RepetitionTime": 0.71,
    "SAR": 0.088609,
    "ScanOptions": "PFP\\FS",
    "ScanningSequence": "EP",
    "SequenceName": "*epfid2d1_106",
    "SequenceVariant": "SK",
    "SeriesDescription": "fMRI_Rest2_PA",
    "SeriesNumber": 22,
    "ShimSetting": [
      -3431,
      -2073,
      -1900,
      234,
      -44,
      -418,
      -103,
      1
    ],
    "SliceThickness": 2,
    "SliceTiming": [
      0.3075,
      0,
      0.3825,
      0.0775,
      0.46,
      0.1525,
      0.5375,
      0.23,
      0.6125,
      0.3075,
      0,
      0.3825,
      0.0775,
      0.46,
      0.1525,
      0.5375,
      0.23,
      0.6125,
      0.3075,
      0,
      0.3825,
      0.0775,
      0.46,
      0.1525,
      0.5375,
      0.23,
      0.6125,
      0.3075,
      0,
      0.3825,
      0.0775,
      0.46,
      0.1525,
      0.5375,
      0.23,
      0.6125,
      0.3075,
      0,
      0.3825,
      0.0775,
      0.46,
      0.1525,
      0.5375,
      0.23,
      0.6125,
      0.3075,
      0,
      0.3825,
      0.0775,
      0.46,
      0.1525,
      0.5375,
      0.23,
      0.6125,
      0.3075,
      0,
      0.3825,
      0.0775,
      0.46,
      0.1525,
      0.5375,
      0.23,
      0.6125,
      0.3075,
      0,
      0.3825,
      0.0775,
      0.46,
      0.1525,
      0.5375,
      0.23,
      0.6125
    ],
    "SoftwareVersions": "syngo MR E11",
    "SpacingBetweenSlices": 2,
    "StationName": "AWP66014",
    "TaskName": "rest",
    "TotalReadoutTime": 0.0598493,
    "TxRefAmp": 255.358,
    "dataset": "ds004078",
    "modality": "bold",
    "run_id": 4,
    "subject_id": "06",
    "task_id": "rest"
  },
  "dummy_trs": 3,
  "dvars_nstd": 44.76476491909524,
  "dvars_std": 1.0330083327777781,
  "dvars_vstd": 1.0003012498095243,
  "efc": 0.550506395818341,
  "fber": 318.79901123046875,
  "fd_mean": 0.08640298940486175,
  "fd_num": 0,
  "fd_perc": 0.0,
  "fwhm_avg": 3.2688433333333333,
  "fwhm_x": 2.9906,
  "fwhm_y": 3.41426,
  "fwhm_z": 3.40167,
  "gcor": 0.00218277,
  "gsr_x": 0.024718834087252617,
  "gsr_y": 0.046500541269779205,
  "provenance": {
    "md5sum": "41c667cfbaaa0a1fddd53f11e1c3fb10",
    "settings": {
      "fd_thres": 0.2,
      "testing": false
    },
    "software": "mriqc",
    "version": "23.0.1",
    "webapi_port": null,
    "webapi_url": "https://mriqc.nimh.nih.gov/api/v1"
  },
  "size_t": 631,
  "size_x": 106,
  "size_y": 106,
  "size_z": 72,
  "snr": 1.944259191097042,
  "spacing_tr": 0.7099999785423279,
  "spacing_x": 2.0,
  "spacing_y": 2.0,
  "spacing_z": 2.0,
  "summary_bg_k": 35.771538429652594,
  "summary_bg_mad": 17.340101416229594,
  "summary_bg_mean": 54.93203353881836,
  "summary_bg_median": 26.86370849609375,
  "summary_bg_n": 510558.0,
  "summary_bg_p05": 13.012679100036621,
  "summary_bg_p95": 201.9996162414548,
  "summary_bg_stdv": 83.32109832763672,
  "summary_fg_k": 1.875860821514748,
  "summary_fg_mad": 237.63926398605415,
  "summary_fg_mean": 562.3109130859375,
  "summary_fg_median": 513.4072875976562,
  "summary_fg_n": 168557.0,
  "summary_fg_p05": 240.85293579101562,
  "summary_fg_p95": 1059.5480224609366,
  "summary_fg_stdv": 264.0624084472656,
  "tsnr": 31.25048081181012
}