{
  "aor": 0.0004243236074270557,
  "aqi": 0.005637314615384615,
  "bids_meta": {
    "AcquisitionMatrixPE": 106,
    "AcquisitionNumber": 1,
    "AcquisitionTime": "20:05:40.415000",
    "BandwidthPerPixelPhaseEncode": 16.551,
    "BaseResolution": 106,
    "BodyPartExamined": "HEAD",
    "CoilCombinationMethod": "Sum of Squares",
    "ConsistencyInfo": "N4_VE11C_LATEST_20160120",
    "ConversionSoftware": "dcm2niix",
    "ConversionSoftwareVersion": "v1.0.20211006",
    "Dcm2bidsVersion": "2.1.6",
    "DerivedVendorReportedEchoSpacing": 0.000569994,
    "DeviceSerialNumber": "66014",
    "DwellTime": 2e-06,
    "EchoTime": 0.03,
    "EchoTrainLength": 93,
    "EffectiveEchoSpacing": 0.000569994,
    "FlipAngle": 54,
    "ImageOrientationPatientDICOM": [
      0.999413,
      0.0162628,
      0.0301639,
      -0.0157,
      0.9997,
      -0.0188023
    ],
    "ImageOrientationText": "Tra>Sag(1.7)>Cor(-1.0)",
    "ImageType": [
      "ORIGINAL",
      "PRIMARY",
      "M",
      "ND",
      "MOSAIC"
    ],
    "ImagingFrequency": 123.259,
    "InPlanePhaseEncodingDirectionDICOM": "COL",
    "InstitutionAddress": "Yiheyuan Road 5,Beijing  0FCA35,Haidian,CN,100871",
    "InstitutionName": "CMR of Peking Univeristy",
    "InstitutionalDepartmentName": "Department",
    "MRAcquisitionType": "2D",
    "MagneticFieldStrength": 3,
    "Manufacturer": "Siemens",
    "ManufacturersModelName": "Prisma",
    "Modality": "MR",
    "MultibandAccelerationFactor": 8,
    "PartialFourier": 0.875,
    "PatientPosition": "HFS",
    "PercentPhaseFOV": 100,
    "PercentSampling": 100,
    "PhaseEncodingDirection": "j-",
    "PhaseEncodingSteps": 93,
    "PhaseResolution": 1,
    "PixelBandwidth": 2360,
    "ProcedureStepDescription": "Research^Projects_64CH",
    "ProtocolName": "fMRI_run10_AP",
    "PulseSequenceDetails": "%SiemensSeq%\\ep2d_bold",
    "ReceiveCoilActiveElements": "HC1-7;NC1,2",
    "ReceiveCoilName": "HeadNeck_64",
    "ReconMatrixPE": 106,
    "RefLinesPE": 32,
    "RepetitionTime": 0.71,
    "SAR": 0.0996236,
    "ScanOptions": "PFP\\FS",
    "ScanningSequence": "EP",
    "SequenceName": "*epfid2d1_106",
    "SequenceVariant": "SK",
    "SeriesDescription": "fMRI_run10_AP",
    "SeriesNumber": 18,
    "ShimSetting": [
      -3435,
      -2098,
      -1888,
      114,
      -11,
      -283,
      -17,
      42
    ],
    "SliceThickness": 2,
    "SliceTiming": [
      0.305,
      0,
      0.3825,
      0.075,
      0.46,
      0.1525,
      0.535,
      0.23,
      0.6125,
      0.305,
      0,
      0.3825,
      0.075,
      0.46,
      0.1525,
      0.535,
      0.23,
      0.6125,
      0.305,
      0,
      0.3825,
      0.075,
      0.46,
      0.1525,
      0.535,
      0.23,
      0.6125,
      0.305,
      0,
      0.3825,
      0.075,
      0.46,
      0.1525,
      0.535,
      0.23,
      0.6125,
      0.305,
      0,
      0.3825,
      0.075,
      0.46,
      0.1525,
      0.535,
      0.23,
      0.6125,
      0.305,
      0,
      0.3825,
      0.075,
      0.46,
      0.1525,
      0.535,
      0.23,
      0.6125,
      0.305,
      0,
      0.3825,
      0.075,
      0.46,
      0.1525,
      0.535,
      0.23,
      0.6125,
      0.305,
      0,
      0.3825,
      0.075,
      0.46,
      0.1525,
      0.535,
      0.23,
      0.6125
    ],
    "SoftwareVersions": "syngo MR E11",
    "SpacingBetweenSlices": 2,
    "StationName": "AWP66014",
    "TaskName": "Chinese-RDR",
    "TotalReadoutTime": 0.0598493,
    "TxRefAmp": 267.486,
    "dataset": "ds004078",
    "modality": "bold",
    "run_id": 10,
    "subject_id": "06",
    "task_id": "RDR"
  },
  "dummy_trs": 3,
  "dvars_nstd": 45.26392804824469,
  "dvars_std": 1.0302777942021277,
  "dvars_vstd": 1.0087264277659578,
  "efc": 0.5579296014392675,
  "fber": 294.7146301269531,
  "fd_mean": 0.10764187067306802,
  "fd_num": 8,
  "fd_perc": 2.1220159151193636,
  "fwhm_avg": 3.430195,
  "fwhm_x": 3.10136,
  "fwhm_y": 3.644025,
  "fwhm_z": 3.5452,
  "gcor": 0.00351079,
  "gsr_x": 0.021287325769662857,
  "gsr_y": 0.049621809273958206,
  "provenance": {
    "md5sum": "f88ba3f449ca15c5b77a0f8bf37d3266",
    "settings": {
      "fd_thres": 0.2,
      "testing": false
    },
    "software": "mriqc",
    "version": "23.0.1",
    "webapi_port": null,
    "webapi_url": "https://mriqc.nimh.nih.gov/api/v1"
  },
  "size_t": 377,
  "size_x": 106,
  "size_y": 106,
  "size_z": 72,
  "snr": 2.012817134519688,
  "spacing_tr": 0.7099999785423279,
  "spacing_x": 2.0,
  "spacing_y": 2.0,
  "spacing_z": 2.0,
  "summary_bg_k": 26.686177598866713,
  "summary_bg_mad": 17.87774295197382,
  "summary_bg_mean": 59.49371337890625,
  "summary_bg_median": 27.381961822509766,
  "summary_bg_n": 520695.0,
  "summary_bg_p05": 13.230769157409668,
  "summary_bg_p95": 226.00794982910156,
  "summary_bg_stdv": 92.80207824707031,
  "summary_fg_k": 1.753758900806342,
  "summary_fg_mad": 214.80036681036992,
  "summary_fg_mean": 537.9176025390625,
  "summary_fg_median": 493.7135314941406,
  "summary_fg_n": 173363.0,
  "summary_fg_p05": 232.39071807861328,
  "summary_fg_p95": 1005.3792724609375,
  "summary_fg_stdv": 245.2841339111328,
  "tsnr": 30.464306574314833
}