{
  "aor": 0.0004910284463894968,
  "aqi": 0.0063517687308533915,
  "bids_meta": {
    "AcquisitionMatrixPE": 106,
    "AcquisitionNumber": 1,
    "AcquisitionTime": "16:08:38.000000",
    "BandwidthPerPixelPhaseEncode": 16.551,
    "BaseResolution": 106,
    "BodyPartExamined": "HEAD",
    "CoilCombinationMethod": "Sum of Squares",
    "ConsistencyInfo": "N4_VE11C_LATEST_20160120",
    "ConversionSoftware": "dcm2niix",
    "ConversionSoftwareVersion": "v1.0.20211006",
    "Dcm2bidsVersion": "2.1.6",
    "DerivedVendorReportedEchoSpacing": 0.000569994,
    "DeviceSerialNumber": "66014",
    "DwellTime": 2e-06,
    "EchoTime": 0.03,
    "EchoTrainLength": 93,
    "EffectiveEchoSpacing": 0.000569994,
    "FlipAngle": 54,
    "ImageOrientationPatientDICOM": [
      0.999602,
      0.0279061,
      0.00421516,
      -0.0279213,
      0.999604,
      0.00358844
    ],
    "ImageOrientationText": "Tra>Sag(0.2)>Cor(0.2)",
    "ImageType": [
      "ORIGINAL",
      "PRIMARY",
      "M",
      "ND",
      "MOSAIC"
    ],
    "ImagingFrequency": 123.259,
    "InPlanePhaseEncodingDirectionDICOM": "COL",
    "InstitutionAddress": "Yiheyuan Road 5,Beijing  0FCA35,Haidian,CN,100871",
    "InstitutionName": "CMR of Peking Univeristy",
    "InstitutionalDepartmentName": "Department",
    "MRAcquisitionType": "2D",
    "MagneticFieldStrength": 3,
    "Manufacturer": "Siemens",
    "ManufacturersModelName": "Prisma",
    "Modality": "MR",
    "MultibandAccelerationFactor": 8,
    "PartialFourier": 0.875,
    "PatientPosition": "HFS",
    "PercentPhaseFOV": 100,
    "PercentSampling": 100,
    "PhaseEncodingDirection": "j-",
    "PhaseEncodingSteps": 93,
    "PhaseResolution": 1,
    "PixelBandwidth": 2360,
    "ProcedureStepDescription": "Research^Projects_64CH",
    "ProtocolName": "fMRI_run6_AP",
    "PulseSequenceDetails": "%SiemensSeq%\\ep2d_bold",
    "ReceiveCoilActiveElements": "HC1-7;NC1,2",
    "ReceiveCoilName": "HeadNeck_64",
    "ReconMatrixPE": 106,
    "RefLinesPE": 32,
    "RepetitionTime": 0.71,
    "SAR": 0.0955398,
    "ScanOptions": "PFP\\FS",
    "ScanningSequence": "EP",
    "SequenceName": "*epfid2d1_106",
    "SequenceVariant": "SK",
    "SeriesDescription": "fMRI_run6_AP",
    "SeriesNumber": 10,
    "ShimSetting": [
      -3452,
      -2102,
      -1888,
      171,
      21,
      -207,
      -21,
      35
    ],
    "SliceThickness": 2,
    "SliceTiming": [
      0.3075,
      0,
      0.3825,
      0.0775,
      0.46,
      0.1525,
      0.5375,
      0.23,
      0.6125,
      0.3075,
      0,
      0.3825,
      0.0775,
      0.46,
      0.1525,
      0.5375,
      0.23,
      0.6125,
      0.3075,
      0,
      0.3825,
      0.0775,
      0.46,
      0.1525,
      0.5375,
      0.23,
      0.6125,
      0.3075,
      0,
      0.3825,
      0.0775,
      0.46,
      0.1525,
      0.5375,
      0.23,
      0.6125,
      0.3075,
      0,
      0.3825,
      0.0775,
      0.46,
      0.1525,
      0.5375,
      0.23,
      0.6125,
      0.3075,
      0,
      0.3825,
      0.0775,
      0.46,
      0.1525,
      0.5375,
      0.23,
      0.6125,
      0.3075,
      0,
      0.3825,
      0.0775,
      0.46,
      0.1525,
      0.5375,
      0.23,
      0.6125,
      0.3075,
      0,
      0.3825,
      0.0775,
      0.46,
      0.1525,
      0.5375,
      0.23,
      0.6125
    ],
    "SoftwareVersions": "syngo MR E11",
    "SpacingBetweenSlices": 2,
    "StationName": "AWP66014",
    "TaskName": "Chinese-RDR",
    "TotalReadoutTime": 0.0598493,
    "TxRefAmp": 265.693,
    "dataset": "ds004078",
    "modality": "bold",
    "run_id": 16,
    "subject_id": "06",
    "task_id": "RDR"
  },
  "dummy_trs": 1,
  "dvars_nstd": 47.54036306934213,
  "dvars_std": 1.0614066214035094,
  "dvars_vstd": 1.007700950723684,
  "efc": 0.5570212450448911,
  "fber": 315.5587463378906,
  "fd_mean": 0.08316896574746163,
  "fd_num": 1,
  "fd_perc": 0.2188183807439825,
  "fwhm_avg": 3.3417900684236526,
  "fwhm_x": 3.048985,
  "fwhm_y": 3.53251,
  "fwhm_z": 3.4438752052709583,
  "gcor": 0.005536,
  "gsr_x": 0.01815454661846161,
  "gsr_y": 0.04975723847746849,
  "provenance": {
    "md5sum": "bdb67a2a5aee532449a1078f1014b2e3",
    "settings": {
      "fd_thres": 0.2,
      "testing": false
    },
    "software": "mriqc",
    "version": "23.0.1",
    "webapi_port": null,
    "webapi_url": "https://mriqc.nimh.nih.gov/api/v1"
  },
  "size_t": 457,
  "size_x": 106,
  "size_y": 106,
  "size_z": 72,
  "snr": 2.11283543321953,
  "spacing_tr": 0.7099999785423279,
  "spacing_x": 2.0,
  "spacing_y": 2.0,
  "spacing_z": 1.9999998807907104,
  "summary_bg_k": 24.291372553690945,
  "summary_bg_mad": 17.4311239080838,
  "summary_bg_mean": 56.185096740722656,
  "summary_bg_median": 26.332603454589844,
  "summary_bg_n": 522852.0,
  "summary_bg_p05": 12.568927764892578,
  "summary_bg_p95": 211.1551383972166,
  "summary_bg_stdv": 85.53755187988281,
  "summary_fg_k": 1.574373965376016,
  "summary_fg_mad": 205.12146463194225,
  "summary_fg_mean": 530.5418090820312,
  "summary_fg_median": 490.2406921386719,
  "summary_fg_n": 172195.0,
  "summary_fg_p05": 237.0868698120117,
  "summary_fg_p95": 971.3155456542968,
  "summary_fg_stdv": 232.02908325195312,
  "tsnr": 30.482871820917353
}