{
  "bids_meta": {
    "AcquisitionMatrixPE": 300,
    "AcquisitionNumber": 1,
    "AcquisitionTime": "09:52:17.677500",
    "BaseResolution": 320,
    "BodyPartExamined": "HEAD",
    "CoilCombinationMethod": "Adaptive Combine",
    "ConsistencyInfo": "N4_VE11C_LATEST_20160120",
    "ConversionSoftware": "dcm2niix",
    "ConversionSoftwareVersion": "v1.0.20211006",
    "Dcm2bidsVersion": "2.1.6",
    "DeviceSerialNumber": "66014",
    "DwellTime": 2.1e-06,
    "EchoTime": 0.563,
    "EchoTrainLength": 314,
    "FlipAngle": 120,
    "ImageOrientationPatientDICOM": [
      -0.0142436,
      0.995151,
      -0.0973247,
      0.0744238,
      -0.0960095,
      -0.992594
    ],
    "ImageOrientationText": "Sag>Tra(-4.2)>Cor(-1.2)",
    "ImageType": [
      "ORIGINAL",
      "PRIMARY",
      "M",
      "ND"
    ],
    "ImagingFrequency": 123.259,
    "InPlanePhaseEncodingDirectionDICOM": "ROW",
    "InstitutionAddress": "Yiheyuan Road 5,Beijing  0FCA35,Haidian,CN,100871",
    "InstitutionName": "CMR of Peking Univeristy",
    "InstitutionalDepartmentName": "Department",
    "MRAcquisitionType": "3D",
    "MagneticFieldStrength": 3,
    "Manufacturer": "Siemens",
    "ManufacturersModelName": "Prisma",
    "MatrixCoilMode": "GRAPPA",
    "Modality": "MR",
    "ParallelReductionFactorInPlane": 2,
    "PartialFourier": 1,
    "PatientPosition": "HFS",
    "PercentPhaseFOV": 93.75,
    "PercentSampling": 100,
    "PhaseEncodingDirection": "i",
    "PhaseEncodingSteps": 297,
    "PhaseResolution": 1,
    "PixelBandwidth": 745,
    "ProcedureStepDescription": "Research^Projects_64CH",
    "ProtocolName": "T2w_SPC",
    "PulseSequenceDetails": "%SiemensSeq%\\tse_vfl",
    "ReceiveCoilActiveElements": "HC1-7;NC1",
    "ReceiveCoilName": "HeadNeck_64",
    "ReconMatrixPE": 300,
    "RefLinesPE": 32,
    "RepetitionTime": 3.2,
    "SAR": 0.199497,
    "ScanOptions": "PFP",
    "ScanningSequence": "SE",
    "SequenceName": "*spcR_314ns",
    "SequenceVariant": "SK\\SP",
    "SeriesDescription": "T2w_SPC",
    "SeriesNumber": 5,
    "ShimSetting": [
      -3431,
      -2110,
      -1959,
      95,
      -43,
      -599,
      -64,
      -6
    ],
    "SliceThickness": 0.8,
    "SoftwareVersions": "syngo MR E11",
    "SpoilingState": true,
    "StationName": "AWP66014",
    "TxRefAmp": 258.037,
    "dataset": "ds004078",
    "modality": "T2w",
    "run_id": 1,
    "subject_id": "01"
  },
  "cjv": 1.537805081924417,
  "cnr": 0.9683780031682087,
  "efc": 0.5487081029152753,
  "fber": 4538.359433569346,
  "fwhm_avg": 3.1240332867816094,
  "fwhm_x": 3.0662624543091286,
  "fwhm_y": 3.3201999505251654,
  "fwhm_z": 2.985637455510535,
  "icvs_csf": 0.3778311156143071,
  "icvs_gm": 0.4516048200643051,
  "icvs_wm": 0.1705640643213878,
  "inu_med": 1.0221049785614014,
  "inu_range": 0.9017318516969679,
  "provenance": {
    "md5sum": "da9a2c989a60868a37175b1815436bbf",
    "settings": {
      "testing": false
    },
    "software": "mriqc",
    "version": "23.0.1",
    "warnings": {
      "large_rot_frame": true,
      "small_air_mask": false
    },
    "webapi_port": null,
    "webapi_url": "https://mriqc.nimh.nih.gov/api/v1"
  },
  "qi_1": 0.0,
  "qi_2": 0.0005878163904508006,
  "rpve_csf": 13.691649228861506,
  "rpve_gm": 12.549475349614303,
  "rpve_wm": 34.74924253962288,
  "size_x": 224,
  "size_y": 300,
  "size_z": 320,
  "snr_csf": 7.3829995333246785,
  "snr_gm": 7.66740401882891,
  "snr_total": 5.51580482157949,
  "snr_wm": 1.4970109125848825,
  "snrd_csf": 48.610631601006546,
  "snrd_gm": 27.2587140793967,
  "snrd_total": 51.135507848299305,
  "snrd_wm": 77.53717786449467,
  "spacing_x": 0.800000011920929,
  "spacing_y": 0.800000011920929,
  "spacing_z": 0.800000011920929,
  "summary_bg_k": 74.6148603284726,
  "summary_bg_mad": 0.0,
  "summary_bg_mean": 5.479976177325096,
  "summary_bg_median": 0.0,
  "summary_bg_n": 4649053.0,
  "summary_bg_p05": 0.0,
  "summary_bg_p95": 21.065088037401438,
  "summary_bg_stdv": 8.460461313881165,
  "summary_csf_k": 0.5240609258328313,
  "summary_csf_mad": 81.1608760682433,
  "summary_csf_mean": 636.8727167532094,
  "summary_csf_median": 627.7599109187722,
  "summary_csf_n": 70585.0,
  "summary_csf_p05": 511.9864575639367,
  "summary_csf_p95": 788.1588910661638,
  "summary_csf_stdv": 85.02715748971727,
  "summary_gm_k": 1.7838793084874327,
  "summary_gm_mad": 40.15433090220067,
  "summary_gm_mean": 353.04373384587296,
  "summary_gm_median": 352.0202753730118,
  "summary_gm_n": 469155.0,
  "summary_gm_p05": 280.3719261735678,
  "summary_gm_p95": 429.2476607300341,
  "summary_gm_stdv": 45.911223582871294,
  "summary_wm_k": -1.627998217164205,
  "summary_wm_mad": 958.3400048156932,
  "summary_wm_mean": 887.4444772248618,
  "summary_wm_median": 1001.3186470940709,
  "summary_wm_n": 68291.0,
  "summary_wm_p05": 29.670328656211495,
  "summary_wm_p95": 1800.5916544329375,
  "summary_wm_stdv": 668.8737586252174,
  "tpm_overlap_csf": 0.11519977466359012,
  "tpm_overlap_gm": 0.2959756421936774,
  "tpm_overlap_wm": 0.03386556863795453,
  "wm2max": 0.5171757346433281
}