{
  "bids_meta": {
    "AcquisitionMatrixPE": 300,
    "AcquisitionNumber": 1,
    "AcquisitionTime": "09:52:17.677500",
    "BaseResolution": 320,
    "BodyPartExamined": "HEAD",
    "CoilCombinationMethod": "Adaptive Combine",
    "ConsistencyInfo": "N4_VE11C_LATEST_20160120",
    "ConversionSoftware": "dcm2niix",
    "ConversionSoftwareVersion": "v1.0.20211006",
    "Dcm2bidsVersion": "2.1.6",
    "DeviceSerialNumber": "66014",
    "DwellTime": 2.1e-06,
    "EchoTime": 0.563,
    "EchoTrainLength": 314,
    "FlipAngle": 120,
    "ImageOrientationPatientDICOM": [
      -0.0142436,
      0.995151,
      -0.0973247,
      0.0744238,
      -0.0960095,
      -0.992594
    ],
    "ImageOrientationText": "Sag>Tra(-4.2)>Cor(-1.2)",
    "ImageType": [
      "ORIGINAL",
      "PRIMARY",
      "M",
      "ND",
      "NORM"
    ],
    "ImagingFrequency": 123.259,
    "InPlanePhaseEncodingDirectionDICOM": "ROW",
    "InstitutionAddress": "Yiheyuan Road 5,Beijing  0FCA35,Haidian,CN,100871",
    "InstitutionName": "CMR of Peking Univeristy",
    "InstitutionalDepartmentName": "Department",
    "MRAcquisitionType": "3D",
    "MagneticFieldStrength": 3,
    "Manufacturer": "Siemens",
    "ManufacturersModelName": "Prisma",
    "MatrixCoilMode": "GRAPPA",
    "Modality": "MR",
    "ParallelReductionFactorInPlane": 2,
    "PartialFourier": 1,
    "PatientPosition": "HFS",
    "PercentPhaseFOV": 93.75,
    "PercentSampling": 100,
    "PhaseEncodingDirection": "i",
    "PhaseEncodingSteps": 297,
    "PhaseResolution": 1,
    "PixelBandwidth": 745,
    "ProcedureStepDescription": "Research^Projects_64CH",
    "ProtocolName": "T2w_SPC",
    "PulseSequenceDetails": "%SiemensSeq%\\tse_vfl",
    "ReceiveCoilActiveElements": "HC1-7;NC1",
    "ReceiveCoilName": "HeadNeck_64",
    "ReconMatrixPE": 300,
    "RefLinesPE": 32,
    "RepetitionTime": 3.2,
    "SAR": 0.199497,
    "ScanOptions": "PFP",
    "ScanningSequence": "SE",
    "SequenceName": "*spcR_314ns",
    "SequenceVariant": "SK\\SP",
    "SeriesDescription": "T2w_SPC",
    "SeriesNumber": 6,
    "ShimSetting": [
      -3431,
      -2110,
      -1959,
      95,
      -43,
      -599,
      -64,
      -6
    ],
    "SliceThickness": 0.8,
    "SoftwareVersions": "syngo MR E11",
    "SpoilingState": true,
    "StationName": "AWP66014",
    "TxRefAmp": 258.037,
    "dataset": "ds004078",
    "modality": "T2w",
    "run_id": 2,
    "subject_id": "01"
  },
  "cjv": 0.26153485999903975,
  "cnr": 1.7836854930726276,
  "efc": 0.534232448028102,
  "fber": 6252.52615017361,
  "fwhm_avg": 2.437224963682518,
  "fwhm_x": 2.387374964425341,
  "fwhm_y": 2.6525874604733666,
  "fwhm_z": 2.271712466148846,
  "icvs_csf": 0.3635364336483494,
  "icvs_gm": 0.17606575739682453,
  "icvs_wm": 0.460397808954826,
  "inu_med": 0.8645363450050354,
  "inu_range": 0.14331724643707267,
  "provenance": {
    "md5sum": "bcf8e88b88161431071756262e0cf4a9",
    "settings": {
      "testing": false
    },
    "software": "mriqc",
    "version": "23.0.1",
    "warnings": {
      "large_rot_frame": true,
      "small_air_mask": false
    },
    "webapi_port": null,
    "webapi_url": "https://mriqc.nimh.nih.gov/api/v1"
  },
  "qi_1": 0.0,
  "qi_2": 0.0011909377022589688,
  "rpve_csf": 13.936121576040234,
  "rpve_gm": 34.02420031833337,
  "rpve_wm": 12.598281910843436,
  "size_x": 224,
  "size_y": 300,
  "size_z": 320,
  "snr_csf": 9.602231194918549,
  "snr_gm": 2.4653708430076104,
  "snr_total": 7.23975922309783,
  "snr_wm": 9.651675631367333,
  "snrd_csf": 94.48509061794316,
  "snrd_gm": 207.81511880473923,
  "snrd_total": 119.79637074721836,
  "snrd_wm": 57.08890281897274,
  "spacing_x": 0.800000011920929,
  "spacing_y": 0.800000011920929,
  "spacing_z": 0.800000011920929,
  "summary_bg_k": 22.165924475264163,
  "summary_bg_mad": 0.0,
  "summary_bg_mean": 7.5838145624429,
  "summary_bg_median": 0.0,
  "summary_bg_n": 4662766.0,
  "summary_bg_p05": 0.0,
  "summary_bg_p95": 29.082927763462067,
  "summary_bg_stdv": 11.475722489308662,
  "summary_csf_k": 1.4652432207746342,
  "summary_csf_mad": 153.96527740386554,
  "summary_csf_mean": 1663.0248835276614,
  "summary_csf_median": 1655.0518018975854,
  "summary_csf_n": 65229.0,
  "summary_csf_p05": 1402.2223874256015,
  "summary_csf_p95": 1956.2384429574013,
  "summary_csf_stdv": 172.3598486414815,
  "summary_gm_k": -0.7122595817278206,
  "summary_gm_mad": 592.97987618358,
  "summary_gm_mean": 2836.972720592129,
  "summary_gm_median": 3640.2016930915415,
  "summary_gm_n": 53980.0,
  "summary_gm_p05": 88.27766045182943,
  "summary_gm_p95": 4092.187430113554,
  "summary_gm_stdv": 1476.5194393372408,
  "summary_wm_k": 0.7889490009197959,
  "summary_wm_mad": 97.52490160522264,
  "summary_wm_mean": 999.1250562678815,
  "summary_wm_median": 1000.0000091120601,
  "summary_wm_n": 399291.0,
  "summary_wm_p05": 829.0006248801947,
  "summary_wm_p95": 1164.0030286461115,
  "summary_wm_stdv": 103.60882349193056,
  "tpm_overlap_csf": 0.11051611969425024,
  "tpm_overlap_gm": 0.10247141770746145,
  "tpm_overlap_wm": 0.4653574502593145,
  "wm2max": 0.2463626070939723
}