{
  "aor": 0.00022920886075949366,
  "aqi": 0.006456765981012658,
  "bids_meta": {
    "AcquisitionMatrixPE": 106,
    "AcquisitionNumber": 1,
    "AcquisitionTime": "12:24:6.120000",
    "BandwidthPerPixelPhaseEncode": 16.551,
    "BaseResolution": 106,
    "BodyPartExamined": "HEAD",
    "CoilCombinationMethod": "Sum of Squares",
    "ConsistencyInfo": "N4_VE11C_LATEST_20160120",
    "ConversionSoftware": "dcm2niix",
    "ConversionSoftwareVersion": "v1.0.20211006",
    "Dcm2bidsVersion": "2.1.6",
    "DerivedVendorReportedEchoSpacing": 0.000569994,
    "DeviceSerialNumber": "66014",
    "DwellTime": 2e-06,
    "EchoTime": 0.03,
    "EchoTrainLength": 93,
    "EffectiveEchoSpacing": 0.000569994,
    "FlipAngle": 54,
    "ImageOrientationPatientDICOM": [
      0.999479,
      0.030718,
      -0.00993408,
      -0.0296639,
      0.995231,
      0.0929221
    ],
    "ImageOrientationText": "Tra>Cor(5.3)>Sag(-0.7)",
    "ImageType": [
      "ORIGINAL",
      "PRIMARY",
      "M",
      "ND",
      "MOSAIC"
    ],
    "ImagingFrequency": 123.259,
    "InPlanePhaseEncodingDirectionDICOM": "COL",
    "InstitutionAddress": "Yiheyuan Road 5,Beijing  0FCA35,Haidian,CN,100871",
    "InstitutionName": "CMR of Peking Univeristy",
    "InstitutionalDepartmentName": "Department",
    "MRAcquisitionType": "2D",
    "MagneticFieldStrength": 3,
    "Manufacturer": "Siemens",
    "ManufacturersModelName": "Prisma",
    "Modality": "MR",
    "MultibandAccelerationFactor": 8,
    "PartialFourier": 0.875,
    "PatientPosition": "HFS",
    "PercentPhaseFOV": 100,
    "PercentSampling": 100,
    "PhaseEncodingDirection": "j-",
    "PhaseEncodingSteps": 93,
    "PhaseResolution": 1,
    "PixelBandwidth": 2360,
    "ProcedureStepDescription": "Research^Projects_64CH",
    "ProtocolName": "fMRI_Rest1_AP",
    "PulseSequenceDetails": "%SiemensSeq%\\ep2d_bold",
    "ReceiveCoilActiveElements": "HC1-7;NC1,2",
    "ReceiveCoilName": "HeadNeck_64",
    "ReconMatrixPE": 106,
    "RefLinesPE": 32,
    "RepetitionTime": 0.71,
    "SAR": 0.103687,
    "ScanOptions": "PFP\\FS",
    "ScanningSequence": "EP",
    "SequenceName": "*epfid2d1_106",
    "SequenceVariant": "SK",
    "SeriesDescription": "fMRI_Rest1_AP",
    "SeriesNumber": 5,
    "ShimSetting": [
      -3457,
      -2129,
      -1931,
      214,
      -22,
      -546,
      -113,
      27
    ],
    "SliceThickness": 2,
    "SliceTiming": [
      0.305,
      0,
      0.3825,
      0.075,
      0.46,
      0.1525,
      0.535,
      0.23,
      0.6125,
      0.305,
      0,
      0.3825,
      0.075,
      0.46,
      0.1525,
      0.535,
      0.23,
      0.6125,
      0.305,
      0,
      0.3825,
      0.075,
      0.46,
      0.1525,
      0.535,
      0.23,
      0.6125,
      0.305,
      0,
      0.3825,
      0.075,
      0.46,
      0.1525,
      0.535,
      0.23,
      0.6125,
      0.305,
      0,
      0.3825,
      0.075,
      0.46,
      0.1525,
      0.535,
      0.23,
      0.6125,
      0.305,
      0,
      0.3825,
      0.075,
      0.46,
      0.1525,
      0.535,
      0.23,
      0.6125,
      0.305,
      0,
      0.3825,
      0.075,
      0.46,
      0.1525,
      0.535,
      0.23,
      0.6125,
      0.305,
      0,
      0.3825,
      0.075,
      0.46,
      0.1525,
      0.535,
      0.23,
      0.6125
    ],
    "SoftwareVersions": "syngo MR E11",
    "SpacingBetweenSlices": 2,
    "StationName": "AWP66014",
    "TaskName": "rest",
    "TotalReadoutTime": 0.0598493,
    "TxRefAmp": 251.296,
    "dataset": "ds004078",
    "modality": "bold",
    "run_id": 1,
    "subject_id": "01",
    "task_id": "rest"
  },
  "dummy_trs": 2,
  "dvars_nstd": 46.07959213489696,
  "dvars_std": 1.0487786582250387,
  "dvars_vstd": 0.9991666530427904,
  "efc": 0.5358321021904476,
  "fber": 412.7738037109375,
  "fd_mean": 0.09938861870408733,
  "fd_num": 12,
  "fd_perc": 1.8987341772151898,
  "fwhm_avg": 3.4474850730990414,
  "fwhm_x": 3.068245,
  "fwhm_y": 3.595015,
  "fwhm_z": 3.679195219297124,
  "gcor": 0.00304737,
  "gsr_x": -0.006809951737523079,
  "gsr_y": 0.06522704660892487,
  "provenance": {
    "md5sum": "af01d4b03d1f89f2dec1cc6f50a81a4c",
    "settings": {
      "fd_thres": 0.2,
      "testing": false
    },
    "software": "mriqc",
    "version": "23.0.1",
    "webapi_port": null,
    "webapi_url": "https://mriqc.nimh.nih.gov/api/v1"
  },
  "size_t": 632,
  "size_x": 106,
  "size_y": 106,
  "size_z": 72,
  "snr": 2.2138323427729576,
  "spacing_tr": 0.7099999785423279,
  "spacing_x": 2.0,
  "spacing_y": 2.0,
  "spacing_z": 1.9999998807907104,
  "summary_bg_k": 28.702805555220387,
  "summary_bg_mad": 15.790183896762658,
  "summary_bg_mean": 51.235595703125,
  "summary_bg_median": 23.78481101989746,
  "summary_bg_n": 544945.0,
  "summary_bg_p05": 12.01265811920166,
  "summary_bg_p95": 185.95665588378904,
  "summary_bg_stdv": 79.68868255615234,
  "summary_fg_k": 1.9422253923363666,
  "summary_fg_mad": 199.72085710916468,
  "summary_fg_mean": 539.5537719726562,
  "summary_fg_median": 499.8291320800781,
  "summary_fg_n": 157422.0,
  "summary_fg_p05": 251.98647537231446,
  "summary_fg_p95": 959.6093536376948,
  "summary_fg_stdv": 225.77479553222656,
  "tsnr": 31.51402161596343
}