{
  "aor": 0.00031242088607594937,
  "aqi": 0.005971783196202532,
  "bids_meta": {
    "AcquisitionMatrixPE": 106,
    "AcquisitionNumber": 1,
    "AcquisitionTime": "12:54:36.237500",
    "BandwidthPerPixelPhaseEncode": 16.551,
    "BaseResolution": 106,
    "BodyPartExamined": "HEAD",
    "CoilCombinationMethod": "Sum of Squares",
    "ConsistencyInfo": "N4_VE11C_LATEST_20160120",
    "ConversionSoftware": "dcm2niix",
    "ConversionSoftwareVersion": "v1.0.20211006",
    "Dcm2bidsVersion": "2.1.6",
    "DerivedVendorReportedEchoSpacing": 0.000569994,
    "DeviceSerialNumber": "66014",
    "DwellTime": 2e-06,
    "EchoTime": 0.03,
    "EchoTrainLength": 93,
    "EffectiveEchoSpacing": 0.000569994,
    "FlipAngle": 54,
    "ImageOrientationPatientDICOM": [
      0.999479,
      0.030718,
      -0.00993408,
      -0.0296639,
      0.995231,
      0.0929221
    ],
    "ImageOrientationText": "Tra>Cor(5.3)>Sag(-0.7)",
    "ImageType": [
      "ORIGINAL",
      "PRIMARY",
      "M",
      "ND",
      "MOSAIC"
    ],
    "ImagingFrequency": 123.259,
    "InPlanePhaseEncodingDirectionDICOM": "COL",
    "InstitutionAddress": "Yiheyuan Road 5,Beijing  0FCA35,Haidian,CN,100871",
    "InstitutionName": "CMR of Peking Univeristy",
    "InstitutionalDepartmentName": "Department",
    "MRAcquisitionType": "2D",
    "MagneticFieldStrength": 3,
    "Manufacturer": "Siemens",
    "ManufacturersModelName": "Prisma",
    "Modality": "MR",
    "MultibandAccelerationFactor": 8,
    "PartialFourier": 0.875,
    "PatientPosition": "HFS",
    "PercentPhaseFOV": 100,
    "PercentSampling": 100,
    "PhaseEncodingDirection": "j-",
    "PhaseEncodingSteps": 93,
    "PhaseResolution": 1,
    "PixelBandwidth": 2360,
    "ProcedureStepDescription": "Research^Projects_64CH",
    "ProtocolName": "fMRI_Rest2_AP",
    "PulseSequenceDetails": "%SiemensSeq%\\ep2d_bold",
    "ReceiveCoilActiveElements": "HC1-7;NC1,2",
    "ReceiveCoilName": "HeadNeck_64",
    "ReconMatrixPE": 106,
    "RefLinesPE": 32,
    "RepetitionTime": 0.71,
    "SAR": 0.103687,
    "ScanOptions": "PFP\\FS",
    "ScanningSequence": "EP",
    "SequenceName": "*epfid2d1_106",
    "SequenceVariant": "SK",
    "SeriesDescription": "fMRI_Rest2_AP",
    "SeriesNumber": 21,
    "ShimSetting": [
      -3457,
      -2129,
      -1931,
      214,
      -22,
      -546,
      -113,
      27
    ],
    "SliceThickness": 2,
    "SliceTiming": [
      0.305,
      0,
      0.3825,
      0.075,
      0.46,
      0.1525,
      0.535,
      0.23,
      0.6125,
      0.305,
      0,
      0.3825,
      0.075,
      0.46,
      0.1525,
      0.535,
      0.23,
      0.6125,
      0.305,
      0,
      0.3825,
      0.075,
      0.46,
      0.1525,
      0.535,
      0.23,
      0.6125,
      0.305,
      0,
      0.3825,
      0.075,
      0.46,
      0.1525,
      0.535,
      0.23,
      0.6125,
      0.305,
      0,
      0.3825,
      0.075,
      0.46,
      0.1525,
      0.535,
      0.23,
      0.6125,
      0.305,
      0,
      0.3825,
      0.075,
      0.46,
      0.1525,
      0.535,
      0.23,
      0.6125,
      0.305,
      0,
      0.3825,
      0.075,
      0.46,
      0.1525,
      0.535,
      0.23,
      0.6125,
      0.305,
      0,
      0.3825,
      0.075,
      0.46,
      0.1525,
      0.535,
      0.23,
      0.6125
    ],
    "SoftwareVersions": "syngo MR E11",
    "SpacingBetweenSlices": 2,
    "StationName": "AWP66014",
    "TaskName": "rest",
    "TotalReadoutTime": 0.0598493,
    "TxRefAmp": 251.296,
    "dataset": "ds004078",
    "modality": "bold",
    "run_id": 3,
    "subject_id": "01",
    "task_id": "rest"
  },
  "dummy_trs": 2,
  "dvars_nstd": 45.26100103079243,
  "dvars_std": 1.0407472748019018,
  "dvars_vstd": 1.0039702016957213,
  "efc": 0.5381396674372809,
  "fber": 395.92816162109375,
  "fd_mean": 0.09995940625457643,
  "fd_num": 45,
  "fd_perc": 7.120253164556962,
  "fwhm_avg": 3.4316117391663834,
  "fwhm_x": 3.056255,
  "fwhm_y": 3.58955,
  "fwhm_z": 3.64903021749915,
  "gcor": 0.00263581,
  "gsr_x": -0.005076546221971512,
  "gsr_y": 0.06180952861905098,
  "provenance": {
    "md5sum": "316d80f315f5c184e2e64f679762f5af",
    "settings": {
      "fd_thres": 0.2,
      "testing": false
    },
    "software": "mriqc",
    "version": "23.0.1",
    "webapi_port": null,
    "webapi_url": "https://mriqc.nimh.nih.gov/api/v1"
  },
  "size_t": 632,
  "size_x": 106,
  "size_y": 106,
  "size_z": 72,
  "snr": 2.2020661522080234,
  "spacing_tr": 0.7099999785423279,
  "spacing_x": 2.0,
  "spacing_y": 2.0,
  "spacing_z": 1.9999998807907104,
  "summary_bg_k": 28.99540114476211,
  "summary_bg_mad": 15.984893358840932,
  "summary_bg_mean": 53.2390251159668,
  "summary_bg_median": 24.25949478149414,
  "summary_bg_n": 545183.0,
  "summary_bg_p05": 12.232595443725586,
  "summary_bg_p95": 196.61709594726562,
  "summary_bg_stdv": 84.40785217285156,
  "summary_fg_k": 2.083032645205382,
  "summary_fg_mad": 198.7648890618717,
  "summary_fg_mean": 539.8853149414062,
  "summary_fg_median": 499.6155090332031,
  "summary_fg_n": 157089.0,
  "summary_fg_p05": 252.63323059082032,
  "summary_fg_p95": 963.3826171875,
  "summary_fg_stdv": 226.8841552734375,
  "tsnr": 32.21237954683602
}