{
  "aor": 0.00025606924643584525,
  "aqi": 0.005900666965376782,
  "bids_meta": {
    "AcquisitionMatrixPE": 106,
    "AcquisitionNumber": 1,
    "AcquisitionTime": "15:19:29.140000",
    "BandwidthPerPixelPhaseEncode": 16.551,
    "BaseResolution": 106,
    "BodyPartExamined": "HEAD",
    "CoilCombinationMethod": "Sum of Squares",
    "ConsistencyInfo": "N4_VE11C_LATEST_20160120",
    "ConversionSoftware": "dcm2niix",
    "ConversionSoftwareVersion": "v1.0.20211006",
    "Dcm2bidsVersion": "2.1.6",
    "DerivedVendorReportedEchoSpacing": 0.000569994,
    "DeviceSerialNumber": "66014",
    "DwellTime": 2e-06,
    "EchoTime": 0.03,
    "EchoTrainLength": 93,
    "EffectiveEchoSpacing": 0.000569994,
    "FlipAngle": 54,
    "ImageOrientationPatientDICOM": [
      0.999745,
      -0.000473708,
      0.0225861,
      -3.34138e-08,
      0.99978,
      0.0209703
    ],
    "ImageOrientationText": "Tra>Sag(1.3)>Cor(1.2)",
    "ImageType": [
      "ORIGINAL",
      "PRIMARY",
      "M",
      "ND",
      "MOSAIC"
    ],
    "ImagingFrequency": 123.259,
    "InPlanePhaseEncodingDirectionDICOM": "COL",
    "InstitutionAddress": "Yiheyuan Road 5,Beijing  0FCA35,Haidian,CN,100871",
    "InstitutionName": "CMR of Peking Univeristy",
    "InstitutionalDepartmentName": "Department",
    "MRAcquisitionType": "2D",
    "MagneticFieldStrength": 3,
    "Manufacturer": "Siemens",
    "ManufacturersModelName": "Prisma",
    "Modality": "MR",
    "MultibandAccelerationFactor": 8,
    "PartialFourier": 0.875,
    "PatientPosition": "HFS",
    "PercentPhaseFOV": 100,
    "PercentSampling": 100,
    "PhaseEncodingDirection": "j-",
    "PhaseEncodingSteps": 93,
    "PhaseResolution": 1,
    "PixelBandwidth": 2360,
    "ProcedureStepDescription": "Research^Projects_64CH",
    "ProtocolName": "fMRI_run3_AP",
    "PulseSequenceDetails": "%SiemensSeq%\\ep2d_bold",
    "ReceiveCoilActiveElements": "HC1-7;NC1,2",
    "ReceiveCoilName": "HeadNeck_64",
    "ReconMatrixPE": 106,
    "RefLinesPE": 32,
    "RepetitionTime": 0.71,
    "SAR": 0.109703,
    "ScanOptions": "PFP\\FS",
    "ScanningSequence": "EP",
    "SequenceName": "*epfid2d1_106",
    "SequenceVariant": "SK",
    "SeriesDescription": "fMRI_run3_AP",
    "SeriesNumber": 17,
    "ShimSetting": [
      -3446,
      -2089,
      -1945,
      227,
      21,
      -551,
      -80,
      32
    ],
    "SliceThickness": 2,
    "SliceTiming": [
      0.3075,
      0,
      0.385,
      0.0775,
      0.46,
      0.155,
      0.5375,
      0.23,
      0.615,
      0.3075,
      0,
      0.385,
      0.0775,
      0.46,
      0.155,
      0.5375,
      0.23,
      0.615,
      0.3075,
      0,
      0.385,
      0.0775,
      0.46,
      0.155,
      0.5375,
      0.23,
      0.615,
      0.3075,
      0,
      0.385,
      0.0775,
      0.46,
      0.155,
      0.5375,
      0.23,
      0.615,
      0.3075,
      0,
      0.385,
      0.0775,
      0.46,
      0.155,
      0.5375,
      0.23,
      0.615,
      0.3075,
      0,
      0.385,
      0.0775,
      0.46,
      0.155,
      0.5375,
      0.23,
      0.615,
      0.3075,
      0,
      0.385,
      0.0775,
      0.46,
      0.155,
      0.5375,
      0.23,
      0.615,
      0.3075,
      0,
      0.385,
      0.0775,
      0.46,
      0.155,
      0.5375,
      0.23,
      0.615
    ],
    "SoftwareVersions": "syngo MR E11",
    "SpacingBetweenSlices": 2,
    "StationName": "AWP66014",
    "TaskName": "Chinese-RDR",
    "TotalReadoutTime": 0.0598493,
    "TxRefAmp": 268.597,
    "dataset": "ds004078",
    "modality": "bold",
    "run_id": 3,
    "subject_id": "01",
    "task_id": "RDR"
  },
  "dummy_trs": 2,
  "dvars_nstd": 45.379592607428584,
  "dvars_std": 1.037219974693877,
  "dvars_vstd": 1.005175472795918,
  "efc": 0.5441562415588234,
  "fber": 398.2734680175781,
  "fd_mean": 0.09544161881637421,
  "fd_num": 14,
  "fd_perc": 2.8513238289205702,
  "fwhm_avg": 3.3021016666666667,
  "fwhm_x": 2.975865,
  "fwhm_y": 3.473505,
  "fwhm_z": 3.456935,
  "gcor": 0.00437889,
  "gsr_x": -0.004383991006761789,
  "gsr_y": 0.061177611351013184,
  "provenance": {
    "md5sum": "3a6ea35d90937aa540624f98f81ea238",
    "settings": {
      "fd_thres": 0.2,
      "testing": false
    },
    "software": "mriqc",
    "version": "23.0.1",
    "webapi_port": null,
    "webapi_url": "https://mriqc.nimh.nih.gov/api/v1"
  },
  "size_t": 491,
  "size_x": 106,
  "size_y": 106,
  "size_z": 72,
  "snr": 2.39022437166533,
  "spacing_tr": 0.7099999785423279,
  "spacing_x": 2.0,
  "spacing_y": 2.0,
  "spacing_z": 2.0,
  "summary_bg_k": 25.422050602122678,
  "summary_bg_mad": 15.550718221854243,
  "summary_bg_mean": 53.806678771972656,
  "summary_bg_median": 23.680246353149414,
  "summary_bg_n": 550375.0,
  "summary_bg_p05": 11.896130561828613,
  "summary_bg_p95": 205.21853942871093,
  "summary_bg_stdv": 85.74142456054688,
  "summary_fg_k": 1.6239529552594831,
  "summary_fg_mad": 179.54736815772867,
  "summary_fg_mean": 518.1190795898438,
  "summary_fg_median": 485.588623046875,
  "summary_fg_n": 154398.0,
  "summary_fg_p05": 255.52119140625,
  "summary_fg_p95": 900.881295776367,
  "summary_fg_stdv": 203.15542602539062,
  "tsnr": 32.0249105617404
}