{
  "aor": 0.0007112249443207128,
  "aqi": 0.006831025723830735,
  "bids_meta": {
    "AcquisitionMatrixPE": 106,
    "AcquisitionNumber": 1,
    "AcquisitionTime": "15:06:27.457500",
    "BandwidthPerPixelPhaseEncode": 16.551,
    "BaseResolution": 106,
    "BodyPartExamined": "HEAD",
    "CoilCombinationMethod": "Sum of Squares",
    "ConsistencyInfo": "N4_VE11C_LATEST_20160120",
    "ConversionSoftware": "dcm2niix",
    "ConversionSoftwareVersion": "v1.0.20211006",
    "Dcm2bidsVersion": "2.1.6",
    "DerivedVendorReportedEchoSpacing": 0.000569994,
    "DeviceSerialNumber": "66014",
    "DwellTime": 2e-06,
    "EchoTime": 0.03,
    "EchoTrainLength": 93,
    "EffectiveEchoSpacing": 0.000569994,
    "FlipAngle": 54,
    "ImageOrientationPatientDICOM": [
      0.99882,
      0.0394028,
      0.0284053,
      -0.0383708,
      0.998615,
      -0.0360065
    ],
    "ImageOrientationText": "Tra>Cor(-2.0)>Sag(1.7)",
    "ImageType": [
      "ORIGINAL",
      "PRIMARY",
      "M",
      "ND",
      "MOSAIC"
    ],
    "ImagingFrequency": 123.259,
    "InPlanePhaseEncodingDirectionDICOM": "COL",
    "InstitutionAddress": "Yiheyuan Road 5,Beijing  0FCA35,Haidian,CN,100871",
    "InstitutionName": "CMR of Peking Univeristy",
    "InstitutionalDepartmentName": "Department",
    "MRAcquisitionType": "2D",
    "MagneticFieldStrength": 3,
    "Manufacturer": "Siemens",
    "ManufacturersModelName": "Prisma",
    "Modality": "MR",
    "MultibandAccelerationFactor": 8,
    "PartialFourier": 0.875,
    "PatientPosition": "HFS",
    "PercentPhaseFOV": 100,
    "PercentSampling": 100,
    "PhaseEncodingDirection": "j-",
    "PhaseEncodingSteps": 93,
    "PhaseResolution": 1,
    "PixelBandwidth": 2360,
    "ProcedureStepDescription": "Research^Projects_64CH",
    "ProtocolName": "fMRI_run7_AP",
    "PulseSequenceDetails": "%SiemensSeq%\\ep2d_bold",
    "ReceiveCoilActiveElements": "HC1-7;NC1,2",
    "ReceiveCoilName": "HeadNeck_64",
    "ReconMatrixPE": 106,
    "RefLinesPE": 32,
    "RepetitionTime": 0.71,
    "SAR": 0.115973,
    "ScanOptions": "PFP\\FS",
    "ScanningSequence": "EP",
    "SequenceName": "*epfid2d1_106",
    "SequenceVariant": "SK",
    "SeriesDescription": "fMRI_run7_AP",
    "SeriesNumber": 11,
    "ShimSetting": [
      -3453,
      -2110,
      -1935,
      223,
      43,
      -469,
      -87,
      44
    ],
    "SliceThickness": 2,
    "SliceTiming": [
      0.3075,
      0,
      0.3825,
      0.0775,
      0.46,
      0.1525,
      0.5375,
      0.23,
      0.6125,
      0.3075,
      0,
      0.3825,
      0.0775,
      0.46,
      0.1525,
      0.5375,
      0.23,
      0.6125,
      0.3075,
      0,
      0.3825,
      0.0775,
      0.46,
      0.1525,
      0.5375,
      0.23,
      0.6125,
      0.3075,
      0,
      0.3825,
      0.0775,
      0.46,
      0.1525,
      0.5375,
      0.23,
      0.6125,
      0.3075,
      0,
      0.3825,
      0.0775,
      0.46,
      0.1525,
      0.5375,
      0.23,
      0.6125,
      0.3075,
      0,
      0.3825,
      0.0775,
      0.46,
      0.1525,
      0.5375,
      0.23,
      0.6125,
      0.3075,
      0,
      0.3825,
      0.0775,
      0.46,
      0.1525,
      0.5375,
      0.23,
      0.6125,
      0.3075,
      0,
      0.3825,
      0.0775,
      0.46,
      0.1525,
      0.5375,
      0.23,
      0.6125
    ],
    "SoftwareVersions": "syngo MR E11",
    "SpacingBetweenSlices": 2,
    "StationName": "AWP66014",
    "TaskName": "Chinese-RDR",
    "TotalReadoutTime": 0.0598493,
    "TxRefAmp": 271.689,
    "dataset": "ds004078",
    "modality": "bold",
    "run_id": 57,
    "subject_id": "01",
    "task_id": "RDR"
  },
  "dummy_trs": 2,
  "dvars_nstd": 47.780775955825895,
  "dvars_std": 1.0718593333258932,
  "dvars_vstd": 1.01298342984375,
  "efc": 0.5404987921455646,
  "fber": 396.23583984375,
  "fd_mean": 0.10508510909171176,
  "fd_num": 34,
  "fd_perc": 7.572383073496659,
  "fwhm_avg": 3.4008916666666664,
  "fwhm_x": 3.06206,
  "fwhm_y": 3.603925,
  "fwhm_z": 3.53669,
  "gcor": 0.00733774,
  "gsr_x": -0.0039882478304207325,
  "gsr_y": 0.06028471514582634,
  "provenance": {
    "md5sum": "e8bc44d222e56250e30c1d71628f1fda",
    "settings": {
      "fd_thres": 0.2,
      "testing": false
    },
    "software": "mriqc",
    "version": "23.0.1",
    "webapi_port": null,
    "webapi_url": "https://mriqc.nimh.nih.gov/api/v1"
  },
  "size_t": 449,
  "size_x": 106,
  "size_y": 106,
  "size_z": 72,
  "snr": 2.2898230391611585,
  "spacing_tr": 0.7099999785423279,
  "spacing_x": 2.0,
  "spacing_y": 2.0,
  "spacing_z": 2.0,
  "summary_bg_k": 28.4393435128935,
  "summary_bg_mad": 15.991632099927317,
  "summary_bg_mean": 54.574371337890625,
  "summary_bg_median": 24.371938705444336,
  "summary_bg_n": 548184.0,
  "summary_bg_p05": 12.29621410369873,
  "summary_bg_p95": 203.2468887329101,
  "summary_bg_stdv": 87.01172637939453,
  "summary_fg_k": 1.9648906660482979,
  "summary_fg_mad": 191.70804998668,
  "summary_fg_mean": 535.9859008789062,
  "summary_fg_median": 499.57684326171875,
  "summary_fg_n": 154878.0,
  "summary_fg_p05": 257.7504425048828,
  "summary_fg_p95": 947.1249786376951,
  "summary_fg_stdv": 218.17198181152344,
  "tsnr": 31.13357005803846
}