{
  "aor": 0.0003973165137614679,
  "aqi": 0.007490553669724771,
  "bids_meta": {
    "AcquisitionMatrixPE": 106,
    "AcquisitionNumber": 1,
    "AcquisitionTime": "14:57:45.437500",
    "BandwidthPerPixelPhaseEncode": 16.551,
    "BaseResolution": 106,
    "BodyPartExamined": "HEAD",
    "CoilCombinationMethod": "Sum of Squares",
    "ConsistencyInfo": "N4_VE11C_LATEST_20160120",
    "ConversionSoftware": "dcm2niix",
    "ConversionSoftwareVersion": "v1.0.20211006",
    "Dcm2bidsVersion": "2.1.6",
    "DerivedVendorReportedEchoSpacing": 0.000569994,
    "DeviceSerialNumber": "66014",
    "DwellTime": 2e-06,
    "EchoTime": 0.03,
    "EchoTrainLength": 93,
    "EffectiveEchoSpacing": 0.000569994,
    "FlipAngle": 54,
    "ImageOrientationPatientDICOM": [
      0.998619,
      -0.0201582,
      0.0485083,
      0.0191745,
      0.999603,
      0.0206595
    ],
    "ImageOrientationText": "Tra>Sag(2.8)>Cor(1.1)",
    "ImageType": [
      "ORIGINAL",
      "PRIMARY",
      "M",
      "ND",
      "MOSAIC"
    ],
    "ImagingFrequency": 123.259,
    "InPlanePhaseEncodingDirectionDICOM": "COL",
    "InstitutionAddress": "Yiheyuan Road 5,Beijing  0FCA35,Haidian,CN,100871",
    "InstitutionName": "CMR of Peking Univeristy",
    "InstitutionalDepartmentName": "Department",
    "MRAcquisitionType": "2D",
    "MagneticFieldStrength": 3,
    "Manufacturer": "Siemens",
    "ManufacturersModelName": "Prisma",
    "Modality": "MR",
    "MultibandAccelerationFactor": 8,
    "PartialFourier": 0.875,
    "PatientPosition": "HFS",
    "PercentPhaseFOV": 100,
    "PercentSampling": 100,
    "PhaseEncodingDirection": "j-",
    "PhaseEncodingSteps": 93,
    "PhaseResolution": 1,
    "PixelBandwidth": 2360,
    "ProcedureStepDescription": "Research^Projects_64CH",
    "ProtocolName": "fMRI_run7_AP",
    "PulseSequenceDetails": "%SiemensSeq%\\ep2d_bold",
    "ReceiveCoilActiveElements": "HC1-7;NC1,2",
    "ReceiveCoilName": "HeadNeck_64",
    "ReconMatrixPE": 106,
    "RefLinesPE": 32,
    "RepetitionTime": 0.71,
    "SAR": 0.115415,
    "ScanOptions": "PFP\\FS",
    "ScanningSequence": "EP",
    "SequenceName": "*epfid2d1_106",
    "SequenceVariant": "SK",
    "SeriesDescription": "fMRI_run7_AP",
    "SeriesNumber": 12,
    "ShimSetting": [
      -3434,
      -2130,
      -1919,
      307,
      41,
      -381,
      -78,
      -32
    ],
    "SliceThickness": 2,
    "SliceTiming": [
      0.305,
      0,
      0.3825,
      0.075,
      0.46,
      0.1525,
      0.535,
      0.23,
      0.6125,
      0.305,
      0,
      0.3825,
      0.075,
      0.46,
      0.1525,
      0.535,
      0.23,
      0.6125,
      0.305,
      0,
      0.3825,
      0.075,
      0.46,
      0.1525,
      0.535,
      0.23,
      0.6125,
      0.305,
      0,
      0.3825,
      0.075,
      0.46,
      0.1525,
      0.535,
      0.23,
      0.6125,
      0.305,
      0,
      0.3825,
      0.075,
      0.46,
      0.1525,
      0.535,
      0.23,
      0.6125,
      0.305,
      0,
      0.3825,
      0.075,
      0.46,
      0.1525,
      0.535,
      0.23,
      0.6125,
      0.305,
      0,
      0.3825,
      0.075,
      0.46,
      0.1525,
      0.535,
      0.23,
      0.6125,
      0.305,
      0,
      0.3825,
      0.075,
      0.46,
      0.1525,
      0.535,
      0.23,
      0.6125
    ],
    "SoftwareVersions": "syngo MR E11",
    "SpacingBetweenSlices": 2,
    "StationName": "AWP66014",
    "TaskName": "Chinese-RDR",
    "TotalReadoutTime": 0.0598493,
    "TxRefAmp": 267.593,
    "dataset": "ds004078",
    "modality": "bold",
    "run_id": 17,
    "subject_id": "01",
    "task_id": "RDR"
  },
  "dummy_trs": 1,
  "dvars_nstd": 48.475248034229914,
  "dvars_std": 1.0496222609425288,
  "dvars_vstd": 1.0049381637931027,
  "efc": 0.5508025434680497,
  "fber": 398.3879089355469,
  "fd_mean": 0.09699606446748481,
  "fd_num": 5,
  "fd_perc": 1.146788990825688,
  "fwhm_avg": 3.096706731588546,
  "fwhm_x": 2.733575,
  "fwhm_y": 3.28892,
  "fwhm_z": 3.267625194765639,
  "gcor": 0.00743131,
  "gsr_x": -0.009242093190550804,
  "gsr_y": 0.05507484823465347,
  "provenance": {
    "md5sum": "d726e5d1d0daff4704416ea10e39b083",
    "settings": {
      "fd_thres": 0.2,
      "testing": false
    },
    "software": "mriqc",
    "version": "23.0.1",
    "webapi_port": null,
    "webapi_url": "https://mriqc.nimh.nih.gov/api/v1"
  },
  "size_t": 436,
  "size_x": 106,
  "size_y": 106,
  "size_z": 72,
  "snr": 2.5923396220776342,
  "spacing_tr": 0.7099999785423279,
  "spacing_x": 2.0,
  "spacing_y": 2.0,
  "spacing_z": 1.9999998807907104,
  "summary_bg_k": 23.66858679203345,
  "summary_bg_mad": 14.489374984266481,
  "summary_bg_mean": 50.3787727355957,
  "summary_bg_median": 22.701833724975586,
  "summary_bg_n": 550514.0,
  "summary_bg_p05": 11.635320663452148,
  "summary_bg_p95": 192.00079116821283,
  "summary_bg_stdv": 77.11061096191406,
  "summary_fg_k": 1.161469966612973,
  "summary_fg_mad": 159.7963131544456,
  "summary_fg_mean": 487.9520263671875,
  "summary_fg_median": 463.44378662109375,
  "summary_fg_n": 155462.0,
  "summary_fg_p05": 249.11718826293946,
  "summary_fg_p95": 825.0083526611326,
  "summary_fg_stdv": 178.7737579345703,
  "tsnr": 30.517764187650755
}