{
  "aor": 0.00035334210526315787,
  "aqi": 0.006577087763157896,
  "bids_meta": {
    "AcquisitionMatrixPE": 106,
    "AcquisitionNumber": 1,
    "AcquisitionTime": "12:08:29.015000",
    "BandwidthPerPixelPhaseEncode": 16.551,
    "BaseResolution": 106,
    "BodyPartExamined": "HEAD",
    "CoilCombinationMethod": "Sum of Squares",
    "ConsistencyInfo": "N4_VE11C_LATEST_20160120",
    "ConversionSoftware": "dcm2niix",
    "ConversionSoftwareVersion": "v1.0.20211006",
    "Dcm2bidsVersion": "2.1.6",
    "DerivedVendorReportedEchoSpacing": 0.000569994,
    "DeviceSerialNumber": "66014",
    "DwellTime": 2e-06,
    "EchoTime": 0.03,
    "EchoTrainLength": 93,
    "EffectiveEchoSpacing": 0.000569994,
    "FlipAngle": 54,
    "ImageOrientationPatientDICOM": [
      0.99837,
      0.0548448,
      0.0157793,
      -0.0540698,
      0.99748,
      -0.0459369
    ],
    "ImageOrientationText": "Tra>Cor(-2.6)>Sag(1.0)",
    "ImageType": [
      "ORIGINAL",
      "PRIMARY",
      "M",
      "ND",
      "MOSAIC"
    ],
    "ImagingFrequency": 123.259,
    "InPlanePhaseEncodingDirectionDICOM": "COL",
    "InstitutionAddress": "Yiheyuan Road 5,Beijing  0FCA35,Haidian,CN,100871",
    "InstitutionName": "CMR of Peking Univeristy",
    "InstitutionalDepartmentName": "Department",
    "MRAcquisitionType": "2D",
    "MagneticFieldStrength": 3,
    "Manufacturer": "Siemens",
    "ManufacturersModelName": "Prisma",
    "Modality": "MR",
    "MultibandAccelerationFactor": 8,
    "PartialFourier": 0.875,
    "PatientPosition": "HFS",
    "PercentPhaseFOV": 100,
    "PercentSampling": 100,
    "PhaseEncodingDirection": "j-",
    "PhaseEncodingSteps": 93,
    "PhaseResolution": 1,
    "PixelBandwidth": 2360,
    "ProcedureStepDescription": "Research^Projects_64CH",
    "ProtocolName": "fMRI_run10_AP",
    "PulseSequenceDetails": "%SiemensSeq%\\ep2d_bold",
    "ReceiveCoilActiveElements": "HC1-7;NC1,2",
    "ReceiveCoilName": "HeadNeck_64",
    "ReconMatrixPE": 106,
    "RefLinesPE": 32,
    "RepetitionTime": 0.71,
    "SAR": 0.114372,
    "ScanOptions": "PFP\\FS",
    "ScanningSequence": "EP",
    "SequenceName": "*epfid2d1_106",
    "SequenceVariant": "SK",
    "SeriesDescription": "fMRI_run10_AP",
    "SeriesNumber": 26,
    "ShimSetting": [
      -3434,
      -2110,
      -1930,
      375,
      65,
      -404,
      -65,
      0
    ],
    "SliceThickness": 2,
    "SliceTiming": [
      0.3075,
      0,
      0.3825,
      0.0775,
      0.46,
      0.1525,
      0.5375,
      0.23,
      0.6125,
      0.3075,
      0,
      0.3825,
      0.0775,
      0.46,
      0.1525,
      0.5375,
      0.23,
      0.6125,
      0.3075,
      0,
      0.3825,
      0.0775,
      0.46,
      0.1525,
      0.5375,
      0.23,
      0.6125,
      0.3075,
      0,
      0.3825,
      0.0775,
      0.46,
      0.1525,
      0.5375,
      0.23,
      0.6125,
      0.3075,
      0,
      0.3825,
      0.0775,
      0.46,
      0.1525,
      0.5375,
      0.23,
      0.6125,
      0.3075,
      0,
      0.3825,
      0.0775,
      0.46,
      0.1525,
      0.5375,
      0.23,
      0.6125,
      0.3075,
      0,
      0.3825,
      0.0775,
      0.46,
      0.1525,
      0.5375,
      0.23,
      0.6125,
      0.3075,
      0,
      0.3825,
      0.0775,
      0.46,
      0.1525,
      0.5375,
      0.23,
      0.6125
    ],
    "SoftwareVersions": "syngo MR E11",
    "SpacingBetweenSlices": 2,
    "StationName": "AWP66014",
    "TaskName": "Chinese-RDR",
    "TotalReadoutTime": 0.0598493,
    "TxRefAmp": 265.949,
    "dataset": "ds004078",
    "modality": "bold",
    "run_id": 10,
    "subject_id": "01",
    "task_id": "RDR"
  },
  "dummy_trs": 0,
  "dvars_nstd": 47.39111377427444,
  "dvars_std": 1.0540565596042222,
  "dvars_vstd": 1.0034614555672823,
  "efc": 0.5464657622341482,
  "fber": 416.98590087890625,
  "fd_mean": 0.0766161295360637,
  "fd_num": 0,
  "fd_perc": 0.0,
  "fwhm_avg": 3.1868183333333335,
  "fwhm_x": 2.84294,
  "fwhm_y": 3.38157,
  "fwhm_z": 3.335945,
  "gcor": 0.00330412,
  "gsr_x": -0.009978373534977436,
  "gsr_y": 0.05586708337068558,
  "provenance": {
    "md5sum": "e75185d9c52d69b124ee87130bc1e39f",
    "settings": {
      "fd_thres": 0.2,
      "testing": false
    },
    "software": "mriqc",
    "version": "23.0.1",
    "webapi_port": null,
    "webapi_url": "https://mriqc.nimh.nih.gov/api/v1"
  },
  "size_t": 380,
  "size_x": 106,
  "size_y": 106,
  "size_z": 72,
  "snr": 2.4912289529919764,
  "spacing_tr": 0.7099999785423279,
  "spacing_x": 2.0,
  "spacing_y": 2.0,
  "spacing_z": 2.0,
  "summary_bg_k": 22.5984359642944,
  "summary_bg_mad": 14.45927404868359,
  "summary_bg_mean": 51.37283706665039,
  "summary_bg_median": 22.852632522583008,
  "summary_bg_n": 549332.0,
  "summary_bg_p05": 11.860527038574219,
  "summary_bg_p95": 199.2447509765625,
  "summary_bg_stdv": 79.35098266601562,
  "summary_fg_k": 1.4286278632049871,
  "summary_fg_mad": 166.79668593420595,
  "summary_fg_mean": 504.817626953125,
  "summary_fg_median": 476.4131774902344,
  "summary_fg_n": 156239.0,
  "summary_fg_p05": 255.4576385498047,
  "summary_fg_p95": 870.1716186523441,
  "summary_fg_stdv": 191.235595703125,
  "tsnr": 31.49066582415253
}