{
  "aor": 0.0004999109131403118,
  "aqi": 0.00658751285077951,
  "bids_meta": {
    "AcquisitionMatrixPE": 106,
    "AcquisitionNumber": 1,
    "AcquisitionTime": "12:17:12.207500",
    "BandwidthPerPixelPhaseEncode": 16.551,
    "BaseResolution": 106,
    "BodyPartExamined": "HEAD",
    "CoilCombinationMethod": "Sum of Squares",
    "ConsistencyInfo": "N4_VE11C_LATEST_20160120",
    "ConversionSoftware": "dcm2niix",
    "ConversionSoftwareVersion": "v1.0.20211006",
    "Dcm2bidsVersion": "2.1.6",
    "DerivedVendorReportedEchoSpacing": 0.000569994,
    "DeviceSerialNumber": "66014",
    "DwellTime": 2e-06,
    "EchoTime": 0.03,
    "EchoTrainLength": 93,
    "EffectiveEchoSpacing": 0.000569994,
    "FlipAngle": 54,
    "ImageOrientationPatientDICOM": [
      0.999946,
      0.000217995,
      -0.0103695,
      2.66578e-08,
      0.999779,
      0.0210206
    ],
    "ImageOrientationText": "Tra>Cor(1.2)>Sag(-0.6)",
    "ImageType": [
      "ORIGINAL",
      "PRIMARY",
      "M",
      "ND",
      "MOSAIC"
    ],
    "ImagingFrequency": 123.259,
    "InPlanePhaseEncodingDirectionDICOM": "COL",
    "InstitutionAddress": "Yiheyuan Road 5,Beijing  0FCA35,Haidian,CN,100871",
    "InstitutionName": "CMR of Peking Univeristy",
    "InstitutionalDepartmentName": "Department",
    "MRAcquisitionType": "2D",
    "MagneticFieldStrength": 3,
    "Manufacturer": "Siemens",
    "ManufacturersModelName": "Prisma",
    "Modality": "MR",
    "MultibandAccelerationFactor": 8,
    "PartialFourier": 0.875,
    "PatientPosition": "HFS",
    "PercentPhaseFOV": 100,
    "PercentSampling": 100,
    "PhaseEncodingDirection": "j-",
    "PhaseEncodingSteps": 93,
    "PhaseResolution": 1,
    "PixelBandwidth": 2360,
    "ProcedureStepDescription": "Research^Projects_64CH",
    "ProtocolName": "fMRI_run7_AP",
    "PulseSequenceDetails": "%SiemensSeq%\\ep2d_bold",
    "ReceiveCoilActiveElements": "HC1-7;NC1,2",
    "ReceiveCoilName": "HeadNeck_64",
    "ReconMatrixPE": 106,
    "RefLinesPE": 32,
    "RepetitionTime": 0.71,
    "SAR": 0.0976051,
    "ScanOptions": "PFP\\FS",
    "ScanningSequence": "EP",
    "SequenceName": "*epfid2d1_106",
    "SequenceVariant": "SK",
    "SeriesDescription": "fMRI_run7_AP",
    "SeriesNumber": 11,
    "ShimSetting": [
      -3469,
      -2084,
      -1883,
      288,
      66,
      -370,
      -59,
      56
    ],
    "SliceThickness": 2,
    "SliceTiming": [
      0.3075,
      0,
      0.3825,
      0.0775,
      0.46,
      0.1525,
      0.5375,
      0.23,
      0.6125,
      0.3075,
      0,
      0.3825,
      0.0775,
      0.46,
      0.1525,
      0.5375,
      0.23,
      0.6125,
      0.3075,
      0,
      0.3825,
      0.0775,
      0.46,
      0.1525,
      0.5375,
      0.23,
      0.6125,
      0.3075,
      0,
      0.3825,
      0.0775,
      0.46,
      0.1525,
      0.5375,
      0.23,
      0.6125,
      0.3075,
      0,
      0.3825,
      0.0775,
      0.46,
      0.1525,
      0.5375,
      0.23,
      0.6125,
      0.3075,
      0,
      0.3825,
      0.0775,
      0.46,
      0.1525,
      0.5375,
      0.23,
      0.6125,
      0.3075,
      0,
      0.3825,
      0.0775,
      0.46,
      0.1525,
      0.5375,
      0.23,
      0.6125,
      0.3075,
      0,
      0.3825,
      0.0775,
      0.46,
      0.1525,
      0.5375,
      0.23,
      0.6125
    ],
    "SoftwareVersions": "syngo MR E11",
    "SpacingBetweenSlices": 2,
    "StationName": "AWP66014",
    "TaskName": "Chinese-RDR",
    "TotalReadoutTime": 0.0598493,
    "TxRefAmp": 260.452,
    "dataset": "ds004078",
    "modality": "bold",
    "run_id": 47,
    "subject_id": "04",
    "task_id": "RDR"
  },
  "dummy_trs": 0,
  "dvars_nstd": 50.722477342544664,
  "dvars_std": 1.089176894441964,
  "dvars_vstd": 1.0058601559598221,
  "efc": 0.5812753025729527,
  "fber": 259.74969482421875,
  "fd_mean": 0.05590948141417792,
  "fd_num": 0,
  "fd_perc": 0.0,
  "fwhm_avg": 3.5103450000000005,
  "fwhm_x": 3.225245,
  "fwhm_y": 3.65063,
  "fwhm_z": 3.65516,
  "gcor": 0.0079301,
  "gsr_x": 0.007042212411761284,
  "gsr_y": 0.11706749349832535,
  "provenance": {
    "md5sum": "7e48cb40055fb02428b46f6b205cdc40",
    "settings": {
      "fd_thres": 0.2,
      "testing": false
    },
    "software": "mriqc",
    "version": "23.0.1",
    "webapi_port": null,
    "webapi_url": "https://mriqc.nimh.nih.gov/api/v1"
  },
  "size_t": 449,
  "size_x": 106,
  "size_y": 106,
  "size_z": 72,
  "snr": 1.941714268399757,
  "spacing_tr": 0.7099999785423279,
  "spacing_x": 2.0,
  "spacing_y": 2.0,
  "spacing_z": 2.0,
  "summary_bg_k": 28.444171907915635,
  "summary_bg_mad": 19.438929411108926,
  "summary_bg_mean": 75.079833984375,
  "summary_bg_median": 28.61915397644043,
  "summary_bg_n": 491558.0,
  "summary_bg_p05": 13.180400848388672,
  "summary_bg_p95": 326.4485534667956,
  "summary_bg_stdv": 137.86859130859375,
  "summary_fg_k": 1.7783971765754956,
  "summary_fg_mad": 222.0931607979611,
  "summary_fg_mean": 533.9121704101562,
  "summary_fg_median": 486.0345458984375,
  "summary_fg_n": 196388.0,
  "summary_fg_p05": 225.37295074462892,
  "summary_fg_p95": 1007.8611694335938,
  "summary_fg_stdv": 250.3114471435547,
  "tsnr": 29.045587182044983
}