{
  "aor": 0.00027429519071310116,
  "aqi": 0.00847492782752902,
  "bids_meta": {
    "AcquisitionMatrixPE": 106,
    "AcquisitionNumber": 1,
    "AcquisitionTime": "11:34:18.590000",
    "BandwidthPerPixelPhaseEncode": 16.551,
    "BaseResolution": 106,
    "BodyPartExamined": "HEAD",
    "CoilCombinationMethod": "Sum of Squares",
    "ConsistencyInfo": "N4_VE11C_LATEST_20160120",
    "ConversionSoftware": "dcm2niix",
    "ConversionSoftwareVersion": "v1.0.20211006",
    "Dcm2bidsVersion": "2.1.6",
    "DerivedVendorReportedEchoSpacing": 0.000569994,
    "DeviceSerialNumber": "66014",
    "DwellTime": 2e-06,
    "EchoTime": 0.03,
    "EchoTrainLength": 93,
    "EffectiveEchoSpacing": 0.000569994,
    "FlipAngle": 54,
    "ImageOrientationPatientDICOM": [
      0.999778,
      -0.0142837,
      0.0155144,
      0.0139604,
      0.999687,
      0.0207493
    ],
    "ImageOrientationText": "Tra>Cor(1.2)>Sag(0.9)",
    "ImageType": [
      "ORIGINAL",
      "PRIMARY",
      "M",
      "ND",
      "MOSAIC"
    ],
    "ImagingFrequency": 123.259,
    "InPlanePhaseEncodingDirectionDICOM": "COL",
    "InstitutionAddress": "Yiheyuan Road 5,Beijing  0FCA35,Haidian,CN,100871",
    "InstitutionName": "CMR of Peking Univeristy",
    "InstitutionalDepartmentName": "Department",
    "MRAcquisitionType": "2D",
    "MagneticFieldStrength": 3,
    "Manufacturer": "Siemens",
    "ManufacturersModelName": "Prisma",
    "Modality": "MR",
    "MultibandAccelerationFactor": 8,
    "PartialFourier": 0.875,
    "PatientPosition": "HFS",
    "PercentPhaseFOV": 100,
    "PercentSampling": 100,
    "PhaseEncodingDirection": "j-",
    "PhaseEncodingSteps": 93,
    "PhaseResolution": 1,
    "PixelBandwidth": 2360,
    "ProcedureStepDescription": "Research^Projects_64CH",
    "ProtocolName": "fMRI_run1_AP",
    "PulseSequenceDetails": "%SiemensSeq%\\ep2d_bold",
    "ReceiveCoilActiveElements": "HC1-7;NC1,2",
    "ReceiveCoilName": "HeadNeck_64",
    "ReconMatrixPE": 106,
    "RefLinesPE": 32,
    "RepetitionTime": 0.71,
    "SAR": 0.110494,
    "ScanOptions": "PFP\\FS",
    "ScanningSequence": "EP",
    "SequenceName": "*epfid2d1_106",
    "SequenceVariant": "SK",
    "SeriesDescription": "fMRI_run1_AP",
    "SeriesNumber": 5,
    "ShimSetting": [
      -3451,
      -2104,
      -1870,
      267,
      12,
      -337,
      -76,
      33
    ],
    "SliceThickness": 2,
    "SliceTiming": [
      0.3075,
      0,
      0.385,
      0.0775,
      0.46,
      0.155,
      0.5375,
      0.23,
      0.615,
      0.3075,
      0,
      0.385,
      0.0775,
      0.46,
      0.155,
      0.5375,
      0.23,
      0.615,
      0.3075,
      0,
      0.385,
      0.0775,
      0.46,
      0.155,
      0.5375,
      0.23,
      0.615,
      0.3075,
      0,
      0.385,
      0.0775,
      0.46,
      0.155,
      0.5375,
      0.23,
      0.615,
      0.3075,
      0,
      0.385,
      0.0775,
      0.46,
      0.155,
      0.5375,
      0.23,
      0.615,
      0.3075,
      0,
      0.385,
      0.0775,
      0.46,
      0.155,
      0.5375,
      0.23,
      0.615,
      0.3075,
      0,
      0.385,
      0.0775,
      0.46,
      0.155,
      0.5375,
      0.23,
      0.615,
      0.3075,
      0,
      0.385,
      0.0775,
      0.46,
      0.155,
      0.5375,
      0.23,
      0.615
    ],
    "SoftwareVersions": "syngo MR E11",
    "SpacingBetweenSlices": 2,
    "StationName": "AWP66014",
    "TaskName": "Chinese-RDR",
    "TotalReadoutTime": 0.0598493,
    "TxRefAmp": 267.239,
    "dataset": "ds004078",
    "modality": "bold",
    "run_id": 11,
    "subject_id": "04",
    "task_id": "RDR"
  },
  "dummy_trs": 0,
  "dvars_nstd": 51.09671785355483,
  "dvars_std": 1.057994326511628,
  "dvars_vstd": 0.995404002142857,
  "efc": 0.5821615905600674,
  "fber": 298.8966369628906,
  "fd_mean": 0.06877809429257899,
  "fd_num": 1,
  "fd_perc": 0.16583747927031509,
  "fwhm_avg": 3.354468333333333,
  "fwhm_x": 3.0575,
  "fwhm_y": 3.50807,
  "fwhm_z": 3.497835,
  "gcor": 0.0252284,
  "gsr_x": 0.010695586912333965,
  "gsr_y": 0.09092304855585098,
  "provenance": {
    "md5sum": "cc6918647d4e3c27de6db7e3392cc6d9",
    "settings": {
      "fd_thres": 0.2,
      "testing": false
    },
    "software": "mriqc",
    "version": "23.0.1",
    "webapi_port": null,
    "webapi_url": "https://mriqc.nimh.nih.gov/api/v1"
  },
  "size_t": 603,
  "size_x": 106,
  "size_y": 106,
  "size_z": 72,
  "snr": 2.056066875301414,
  "spacing_tr": 0.7099999785423279,
  "spacing_x": 2.0,
  "spacing_y": 2.0,
  "spacing_z": 2.0,
  "summary_bg_k": 21.48335327136237,
  "summary_bg_mad": 17.38062293968631,
  "summary_bg_mean": 61.78217315673828,
  "summary_bg_median": 25.74626922607422,
  "summary_bg_n": 493796.0,
  "summary_bg_p05": 12.127695083618164,
  "summary_bg_p95": 259.5306701660156,
  "summary_bg_stdv": 101.1336441040039,
  "summary_fg_k": 1.2773746973702451,
  "summary_fg_mad": 205.77186767427065,
  "summary_fg_mean": 503.15008544921875,
  "summary_fg_median": 464.2802734375,
  "summary_fg_n": 199025.0,
  "summary_fg_p05": 211.43781433105468,
  "summary_fg_p95": 926.7539062499999,
  "summary_fg_stdv": 225.80934143066406,
  "tsnr": 26.909969904460013
}