{
  "aor": 0.0003498107255520505,
  "aqi": 0.008377076719242904,
  "bids_meta": {
    "AcquisitionMatrixPE": 106,
    "AcquisitionNumber": 1,
    "AcquisitionTime": "10:32:39.195000",
    "BandwidthPerPixelPhaseEncode": 16.551,
    "BaseResolution": 106,
    "BodyPartExamined": "HEAD",
    "CoilCombinationMethod": "Sum of Squares",
    "ConsistencyInfo": "N4_VE11C_LATEST_20160120",
    "ConversionSoftware": "dcm2niix",
    "ConversionSoftwareVersion": "v1.0.20211006",
    "Dcm2bidsVersion": "2.1.6",
    "DerivedVendorReportedEchoSpacing": 0.000569994,
    "DeviceSerialNumber": "66014",
    "DwellTime": 2e-06,
    "EchoTime": 0.03,
    "EchoTrainLength": 93,
    "EffectiveEchoSpacing": 0.000569994,
    "FlipAngle": 54,
    "ImageOrientationPatientDICOM": [
      0.999792,
      0.017335,
      0.0107615,
      -0.0174514,
      0.999789,
      0.0108197
    ],
    "ImageOrientationText": "Tra>Cor(0.6)>Sag(0.6)",
    "ImageType": [
      "ORIGINAL",
      "PRIMARY",
      "M",
      "ND",
      "MOSAIC"
    ],
    "ImagingFrequency": 123.26,
    "InPlanePhaseEncodingDirectionDICOM": "COL",
    "InstitutionAddress": "Yiheyuan Road 5,Beijing  0FCA35,Haidian,CN,100871",
    "InstitutionName": "CMR of Peking Univeristy",
    "InstitutionalDepartmentName": "Department",
    "MRAcquisitionType": "2D",
    "MagneticFieldStrength": 3,
    "Manufacturer": "Siemens",
    "ManufacturersModelName": "Prisma",
    "Modality": "MR",
    "MultibandAccelerationFactor": 8,
    "PartialFourier": 0.875,
    "PatientPosition": "HFS",
    "PercentPhaseFOV": 100,
    "PercentSampling": 100,
    "PhaseEncodingDirection": "j-",
    "PhaseEncodingSteps": 93,
    "PhaseResolution": 1,
    "PixelBandwidth": 2360,
    "ProcedureStepDescription": "Research^Projects_64CH",
    "ProtocolName": "fMRI_Rest2_AP",
    "PulseSequenceDetails": "%SiemensSeq%\\ep2d_bold",
    "ReceiveCoilActiveElements": "HC1-7;NC1,2",
    "ReceiveCoilName": "HeadNeck_64",
    "ReconMatrixPE": 106,
    "RefLinesPE": 32,
    "RepetitionTime": 0.71,
    "SAR": 0.0982473,
    "ScanOptions": "PFP\\FS",
    "ScanningSequence": "EP",
    "SequenceName": "*epfid2d1_106",
    "SequenceVariant": "SK",
    "SeriesDescription": "fMRI_Rest2_AP",
    "SeriesNumber": 21,
    "ShimSetting": [
      -3453,
      -2100,
      -1865,
      280,
      61,
      -308,
      -104,
      19
    ],
    "SliceThickness": 2,
    "SliceTiming": [
      0.3075,
      0,
      0.3825,
      0.0775,
      0.46,
      0.1525,
      0.5375,
      0.23,
      0.6125,
      0.3075,
      0,
      0.3825,
      0.0775,
      0.46,
      0.1525,
      0.5375,
      0.23,
      0.6125,
      0.3075,
      0,
      0.3825,
      0.0775,
      0.46,
      0.1525,
      0.5375,
      0.23,
      0.6125,
      0.3075,
      0,
      0.3825,
      0.0775,
      0.46,
      0.1525,
      0.5375,
      0.23,
      0.6125,
      0.3075,
      0,
      0.3825,
      0.0775,
      0.46,
      0.1525,
      0.5375,
      0.23,
      0.6125,
      0.3075,
      0,
      0.3825,
      0.0775,
      0.46,
      0.1525,
      0.5375,
      0.23,
      0.6125,
      0.3075,
      0,
      0.3825,
      0.0775,
      0.46,
      0.1525,
      0.5375,
      0.23,
      0.6125,
      0.3075,
      0,
      0.3825,
      0.0775,
      0.46,
      0.1525,
      0.5375,
      0.23,
      0.6125
    ],
    "SoftwareVersions": "syngo MR E11",
    "SpacingBetweenSlices": 2,
    "StationName": "AWP66014",
    "TaskName": "rest",
    "TotalReadoutTime": 0.0598493,
    "TxRefAmp": 260.357,
    "dataset": "ds004078",
    "modality": "bold",
    "run_id": 3,
    "subject_id": "04",
    "task_id": "rest"
  },
  "dummy_trs": 0,
  "dvars_nstd": 53.15934799227491,
  "dvars_std": 1.0860489890363347,
  "dvars_vstd": 0.9987976979304898,
  "efc": 0.589120361960901,
  "fber": 279.2761535644531,
  "fd_mean": 0.07865735416584961,
  "fd_num": 4,
  "fd_perc": 0.6309148264984227,
  "fwhm_avg": 3.2689367355991443,
  "fwhm_x": 2.9507,
  "fwhm_y": 3.386625,
  "fwhm_z": 3.4694852067974336,
  "gcor": 0.00863468,
  "gsr_x": 0.01279341708868742,
  "gsr_y": 0.08670482039451599,
  "provenance": {
    "md5sum": "72c2db47c1e2fdba67a6b8d7cc031d7d",
    "settings": {
      "fd_thres": 0.2,
      "testing": false
    },
    "software": "mriqc",
    "version": "23.0.1",
    "webapi_port": null,
    "webapi_url": "https://mriqc.nimh.nih.gov/api/v1"
  },
  "size_t": 634,
  "size_x": 106,
  "size_y": 106,
  "size_z": 72,
  "snr": 2.0263305054952125,
  "spacing_tr": 0.7099999785423279,
  "spacing_x": 2.0,
  "spacing_y": 2.0,
  "spacing_z": 1.9999998807907104,
  "summary_bg_k": 24.95725145262529,
  "summary_bg_mad": 16.734228359586144,
  "summary_bg_mean": 61.583683013916016,
  "summary_bg_median": 25.632492065429688,
  "summary_bg_n": 483642.0,
  "summary_bg_p05": 12.173501968383789,
  "summary_bg_p95": 261.5895889282224,
  "summary_bg_stdv": 102.56688690185547,
  "summary_fg_k": 1.1968879552583696,
  "summary_fg_mad": 199.68359749835722,
  "summary_fg_mean": 487.3676452636719,
  "summary_fg_median": 448.81072998046875,
  "summary_fg_n": 205098.0,
  "summary_fg_p05": 201.41908416748046,
  "summary_fg_p95": 909.1557830810547,
  "summary_fg_stdv": 221.48886108398438,
  "tsnr": 27.244192194426432
}