{
  "aor": 0.0004883177570093459,
  "aqi": 0.006755068971962617,
  "bids_meta": {
    "AcquisitionMatrixPE": 106,
    "AcquisitionNumber": 1,
    "AcquisitionTime": "12:22:3.750000",
    "BandwidthPerPixelPhaseEncode": 16.551,
    "BaseResolution": 106,
    "BodyPartExamined": "HEAD",
    "CoilCombinationMethod": "Sum of Squares",
    "ConsistencyInfo": "N4_VE11C_LATEST_20160120",
    "ConversionSoftware": "dcm2niix",
    "ConversionSoftwareVersion": "v1.0.20211006",
    "Dcm2bidsVersion": "2.1.6",
    "DerivedVendorReportedEchoSpacing": 0.000569994,
    "DeviceSerialNumber": "66014",
    "DwellTime": 2e-06,
    "EchoTime": 0.03,
    "EchoTrainLength": 93,
    "EffectiveEchoSpacing": 0.000569994,
    "FlipAngle": 54,
    "ImageOrientationPatientDICOM": [
      0.999778,
      -0.0142837,
      0.0155144,
      0.0139604,
      0.999687,
      0.0207493
    ],
    "ImageOrientationText": "Tra>Cor(1.2)>Sag(0.9)",
    "ImageType": [
      "ORIGINAL",
      "PRIMARY",
      "M",
      "ND",
      "MOSAIC"
    ],
    "ImagingFrequency": 123.259,
    "InPlanePhaseEncodingDirectionDICOM": "COL",
    "InstitutionAddress": "Yiheyuan Road 5,Beijing  0FCA35,Haidian,CN,100871",
    "InstitutionName": "CMR of Peking Univeristy",
    "InstitutionalDepartmentName": "Department",
    "MRAcquisitionType": "2D",
    "MagneticFieldStrength": 3,
    "Manufacturer": "Siemens",
    "ManufacturersModelName": "Prisma",
    "Modality": "MR",
    "MultibandAccelerationFactor": 8,
    "PartialFourier": 0.875,
    "PatientPosition": "HFS",
    "PercentPhaseFOV": 100,
    "PercentSampling": 100,
    "PhaseEncodingDirection": "j-",
    "PhaseEncodingSteps": 93,
    "PhaseResolution": 1,
    "PixelBandwidth": 2360,
    "ProcedureStepDescription": "Research^Projects_64CH",
    "ProtocolName": "fMRI_run8_AP",
    "PulseSequenceDetails": "%SiemensSeq%\\ep2d_bold",
    "ReceiveCoilActiveElements": "HC1-7;NC1,2",
    "ReceiveCoilName": "HeadNeck_64",
    "ReconMatrixPE": 106,
    "RefLinesPE": 32,
    "RepetitionTime": 0.71,
    "SAR": 0.109952,
    "ScanOptions": "PFP\\FS",
    "ScanningSequence": "EP",
    "SequenceName": "*epfid2d1_106",
    "SequenceVariant": "SK",
    "SeriesDescription": "fMRI_run8_AP",
    "SeriesNumber": 12,
    "ShimSetting": [
      -3451,
      -2104,
      -1870,
      267,
      12,
      -337,
      -76,
      33
    ],
    "SliceThickness": 2,
    "SliceTiming": [
      0.305,
      0,
      0.3825,
      0.075,
      0.46,
      0.1525,
      0.535,
      0.23,
      0.6125,
      0.305,
      0,
      0.3825,
      0.075,
      0.46,
      0.1525,
      0.535,
      0.23,
      0.6125,
      0.305,
      0,
      0.3825,
      0.075,
      0.46,
      0.1525,
      0.535,
      0.23,
      0.6125,
      0.305,
      0,
      0.3825,
      0.075,
      0.46,
      0.1525,
      0.535,
      0.23,
      0.6125,
      0.305,
      0,
      0.3825,
      0.075,
      0.46,
      0.1525,
      0.535,
      0.23,
      0.6125,
      0.305,
      0,
      0.3825,
      0.075,
      0.46,
      0.1525,
      0.535,
      0.23,
      0.6125,
      0.305,
      0,
      0.3825,
      0.075,
      0.46,
      0.1525,
      0.535,
      0.23,
      0.6125,
      0.305,
      0,
      0.3825,
      0.075,
      0.46,
      0.1525,
      0.535,
      0.23,
      0.6125
    ],
    "SoftwareVersions": "syngo MR E11",
    "SpacingBetweenSlices": 2,
    "StationName": "AWP66014",
    "TaskName": "Chinese-RDR",
    "TotalReadoutTime": 0.0598493,
    "TxRefAmp": 267.239,
    "dataset": "ds004078",
    "modality": "bold",
    "run_id": 18,
    "subject_id": "04",
    "task_id": "RDR"
  },
  "dummy_trs": 0,
  "dvars_nstd": 51.585626919250565,
  "dvars_std": 1.0685185999297413,
  "dvars_vstd": 1.0027959992974236,
  "efc": 0.5870991273146148,
  "fber": 270.1596984863281,
  "fd_mean": 0.07122232202050675,
  "fd_num": 0,
  "fd_perc": 0.0,
  "fwhm_avg": 3.3859150000000002,
  "fwhm_x": 3.087405,
  "fwhm_y": 3.53984,
  "fwhm_z": 3.5305,
  "gcor": 0.0180828,
  "gsr_x": 0.009665852412581444,
  "gsr_y": 0.09002191573381424,
  "provenance": {
    "md5sum": "406069879b39ceb82e8c89050121fdc4",
    "settings": {
      "fd_thres": 0.2,
      "testing": false
    },
    "software": "mriqc",
    "version": "23.0.1",
    "webapi_port": null,
    "webapi_url": "https://mriqc.nimh.nih.gov/api/v1"
  },
  "size_t": 428,
  "size_x": 106,
  "size_y": 106,
  "size_z": 72,
  "snr": 2.0261172998981496,
  "spacing_tr": 0.7099999785423279,
  "spacing_x": 2.0,
  "spacing_y": 2.0,
  "spacing_z": 2.0,
  "summary_bg_k": 22.63004204461525,
  "summary_bg_mad": 17.82240355050927,
  "summary_bg_mean": 66.7491683959961,
  "summary_bg_median": 26.908878326416016,
  "summary_bg_n": 489743.0,
  "summary_bg_p05": 12.679905891418457,
  "summary_bg_p95": 286.31213073730356,
  "summary_bg_stdv": 113.40556335449219,
  "summary_fg_k": 1.324499651038277,
  "summary_fg_mad": 207.97305779665524,
  "summary_fg_mean": 502.92828369140625,
  "summary_fg_median": 463.3504638671875,
  "summary_fg_n": 200375.0,
  "summary_fg_p05": 207.52826385498048,
  "summary_fg_p95": 933.5473876953125,
  "summary_fg_stdv": 228.68829345703125,
  "tsnr": 28.108612224226817
}