{
  "aor": 0.000386232741617357,
  "aqi": 0.007724131124260355,
  "bids_meta": {
    "AcquisitionMatrixPE": 106,
    "AcquisitionNumber": 1,
    "AcquisitionTime": "11:45:3.597500",
    "BandwidthPerPixelPhaseEncode": 16.551,
    "BaseResolution": 106,
    "BodyPartExamined": "HEAD",
    "CoilCombinationMethod": "Sum of Squares",
    "ConsistencyInfo": "N4_VE11C_LATEST_20160120",
    "ConversionSoftware": "dcm2niix",
    "ConversionSoftwareVersion": "v1.0.20211006",
    "Dcm2bidsVersion": "2.1.6",
    "DerivedVendorReportedEchoSpacing": 0.000569994,
    "DeviceSerialNumber": "66014",
    "DwellTime": 2e-06,
    "EchoTime": 0.03,
    "EchoTrainLength": 93,
    "EffectiveEchoSpacing": 0.000569994,
    "FlipAngle": 54,
    "ImageOrientationPatientDICOM": [
      0.999946,
      0.000217995,
      -0.0103695,
      2.66578e-08,
      0.999779,
      0.0210206
    ],
    "ImageOrientationText": "Tra>Cor(1.2)>Sag(-0.6)",
    "ImageType": [
      "ORIGINAL",
      "PRIMARY",
      "M",
      "ND",
      "MOSAIC"
    ],
    "ImagingFrequency": 123.259,
    "InPlanePhaseEncodingDirectionDICOM": "COL",
    "InstitutionAddress": "Yiheyuan Road 5,Beijing  0FCA35,Haidian,CN,100871",
    "InstitutionName": "CMR of Peking Univeristy",
    "InstitutionalDepartmentName": "Department",
    "MRAcquisitionType": "2D",
    "MagneticFieldStrength": 3,
    "Manufacturer": "Siemens",
    "ManufacturersModelName": "Prisma",
    "Modality": "MR",
    "MultibandAccelerationFactor": 8,
    "PartialFourier": 0.875,
    "PatientPosition": "HFS",
    "PercentPhaseFOV": 100,
    "PercentSampling": 100,
    "PhaseEncodingDirection": "j-",
    "PhaseEncodingSteps": 93,
    "PhaseResolution": 1,
    "PixelBandwidth": 2360,
    "ProcedureStepDescription": "Research^Projects_64CH",
    "ProtocolName": "fMRI_run2_AP",
    "PulseSequenceDetails": "%SiemensSeq%\\ep2d_bold",
    "ReceiveCoilActiveElements": "HC1-7;NC1,2",
    "ReceiveCoilName": "HeadNeck_64",
    "ReconMatrixPE": 106,
    "RefLinesPE": 32,
    "RepetitionTime": 0.71,
    "SAR": 0.0977937,
    "ScanOptions": "PFP\\FS",
    "ScanningSequence": "EP",
    "SequenceName": "*epfid2d1_106",
    "SequenceVariant": "SK",
    "SeriesDescription": "fMRI_run2_AP",
    "SeriesNumber": 6,
    "ShimSetting": [
      -3469,
      -2084,
      -1883,
      288,
      66,
      -370,
      -59,
      56
    ],
    "SliceThickness": 2,
    "SliceTiming": [
      0.3075,
      0,
      0.3825,
      0.0775,
      0.46,
      0.1525,
      0.5375,
      0.23,
      0.6125,
      0.3075,
      0,
      0.3825,
      0.0775,
      0.46,
      0.1525,
      0.5375,
      0.23,
      0.6125,
      0.3075,
      0,
      0.3825,
      0.0775,
      0.46,
      0.1525,
      0.5375,
      0.23,
      0.6125,
      0.3075,
      0,
      0.3825,
      0.0775,
      0.46,
      0.1525,
      0.5375,
      0.23,
      0.6125,
      0.3075,
      0,
      0.3825,
      0.0775,
      0.46,
      0.1525,
      0.5375,
      0.23,
      0.6125,
      0.3075,
      0,
      0.3825,
      0.0775,
      0.46,
      0.1525,
      0.5375,
      0.23,
      0.6125,
      0.3075,
      0,
      0.3825,
      0.0775,
      0.46,
      0.1525,
      0.5375,
      0.23,
      0.6125,
      0.3075,
      0,
      0.3825,
      0.0775,
      0.46,
      0.1525,
      0.5375,
      0.23,
      0.6125
    ],
    "SoftwareVersions": "syngo MR E11",
    "SpacingBetweenSlices": 2,
    "StationName": "AWP66014",
    "TaskName": "Chinese-RDR",
    "TotalReadoutTime": 0.0598493,
    "TxRefAmp": 260.452,
    "dataset": "ds004078",
    "modality": "bold",
    "run_id": 42,
    "subject_id": "04",
    "task_id": "RDR"
  },
  "dummy_trs": 3,
  "dvars_nstd": 50.45647178616601,
  "dvars_std": 1.091177182411066,
  "dvars_vstd": 1.0056170233201582,
  "efc": 0.5783540919401109,
  "fber": 283.66217041015625,
  "fd_mean": 0.05828274961576334,
  "fd_num": 0,
  "fd_perc": 0.0,
  "fwhm_avg": 3.496536666666667,
  "fwhm_x": 3.20006,
  "fwhm_y": 3.64188,
  "fwhm_z": 3.64767,
  "gcor": 0.00907517,
  "gsr_x": 0.008671626448631287,
  "gsr_y": 0.11242445558309555,
  "provenance": {
    "md5sum": "c8bdbfddbc857f9ba61802c60726cd52",
    "settings": {
      "fd_thres": 0.2,
      "testing": false
    },
    "software": "mriqc",
    "version": "23.0.1",
    "webapi_port": null,
    "webapi_url": "https://mriqc.nimh.nih.gov/api/v1"
  },
  "size_t": 507,
  "size_x": 106,
  "size_y": 106,
  "size_z": 72,
  "snr": 1.9485826155776924,
  "spacing_tr": 0.7099999785423279,
  "spacing_x": 2.0,
  "spacing_y": 2.0,
  "spacing_z": 2.0,
  "summary_bg_k": 26.30486020880681,
  "summary_bg_mad": 18.583703139394014,
  "summary_bg_mean": 70.66368103027344,
  "summary_bg_median": 27.45562171936035,
  "summary_bg_n": 494090.0,
  "summary_bg_p05": 12.794872283935547,
  "summary_bg_p95": 306.920114135742,
  "summary_bg_stdv": 126.28770446777344,
  "summary_fg_k": 1.7465864295917095,
  "summary_fg_mad": 220.30094410859266,
  "summary_fg_mean": 531.8653564453125,
  "summary_fg_median": 484.1873779296875,
  "summary_fg_n": 196980.0,
  "summary_fg_p05": 224.2833366394043,
  "summary_fg_p95": 1002.9222259521482,
  "summary_fg_stdv": 248.481201171875,
  "tsnr": 28.950586554128677
}