{
  "bids_meta": {
    "AcquisitionMatrixPE": 300,
    "AcquisitionNumber": 1,
    "AcquisitionTime": "18:18:31.742500",
    "BaseResolution": 320,
    "BodyPartExamined": "HEAD",
    "CoilCombinationMethod": "Adaptive Combine",
    "ConsistencyInfo": "N4_VE11C_LATEST_20160120",
    "ConversionSoftware": "dcm2niix",
    "ConversionSoftwareVersion": "v1.0.20211006",
    "Dcm2bidsVersion": "2.1.6",
    "DeviceSerialNumber": "66014",
    "DwellTime": 2.1e-06,
    "EchoTime": 0.563,
    "EchoTrainLength": 314,
    "FlipAngle": 120,
    "ImageOrientationPatientDICOM": [
      -0.019491,
      0.999772,
      -0.0087265,
      -0.00331774,
      -0.00879278,
      -0.999956
    ],
    "ImageOrientationText": "Sag>Cor(-1.1)>Tra(0.2)",
    "ImageType": [
      "ORIGINAL",
      "PRIMARY",
      "M",
      "ND"
    ],
    "ImagingFrequency": 123.259,
    "InPlanePhaseEncodingDirectionDICOM": "ROW",
    "InstitutionAddress": "Yiheyuan Road 5,Beijing  0FCA35,Haidian,CN,100871",
    "InstitutionName": "CMR of Peking Univeristy",
    "InstitutionalDepartmentName": "Department",
    "MRAcquisitionType": "3D",
    "MagneticFieldStrength": 3,
    "Manufacturer": "Siemens",
    "ManufacturersModelName": "Prisma",
    "MatrixCoilMode": "GRAPPA",
    "Modality": "MR",
    "ParallelReductionFactorInPlane": 2,
    "PartialFourier": 1,
    "PatientPosition": "HFS",
    "PercentPhaseFOV": 93.75,
    "PercentSampling": 100,
    "PhaseEncodingDirection": "i",
    "PhaseEncodingSteps": 297,
    "PhaseResolution": 1,
    "PixelBandwidth": 745,
    "ProcedureStepDescription": "Research^Projects_64CH",
    "ProtocolName": "T2w_SPC",
    "PulseSequenceDetails": "%SiemensSeq%\\tse_vfl",
    "ReceiveCoilActiveElements": "HC1-7;NC1,2",
    "ReceiveCoilName": "HeadNeck_64",
    "ReconMatrixPE": 300,
    "RefLinesPE": 32,
    "RepetitionTime": 3.2,
    "SAR": 0.20384,
    "ScanOptions": "PFP",
    "ScanningSequence": "SE",
    "SequenceName": "*spcR_314ns",
    "SequenceVariant": "SK\\SP",
    "SeriesDescription": "T2w_SPC",
    "SeriesNumber": 25,
    "ShimSetting": [
      -3443,
      -2094,
      -1947,
      97,
      -28,
      -550,
      -108,
      65
    ],
    "SliceThickness": 0.8,
    "SoftwareVersions": "syngo MR E11",
    "SpoilingState": true,
    "StationName": "AWP66014",
    "TxRefAmp": 260.746,
    "dataset": "ds004078",
    "modality": "T2w",
    "run_id": 1,
    "subject_id": "08"
  },
  "cjv": 0.38117125760617876,
  "cnr": 1.8826660914653883,
  "efc": 0.5387614534175661,
  "fber": 2849.1871604938274,
  "fwhm_avg": 3.67212077861447,
  "fwhm_x": 3.5306374473894024,
  "fwhm_y": 3.8262874429838742,
  "fwhm_z": 3.659437445470133,
  "icvs_csf": 0.23873802690654763,
  "icvs_gm": 0.16139638385342228,
  "icvs_wm": 0.5998655892400301,
  "inu_med": 1.0102677941322327,
  "inu_range": 0.8556478857994076,
  "provenance": {
    "md5sum": "8d231b58098b698206f46fa4f8c2d401",
    "settings": {
      "testing": false
    },
    "software": "mriqc",
    "version": "23.0.1",
    "warnings": {
      "large_rot_frame": true,
      "small_air_mask": false
    },
    "webapi_port": null,
    "webapi_url": "https://mriqc.nimh.nih.gov/api/v1"
  },
  "qi_1": 0.0,
  "qi_2": 0.0005478961504859755,
  "rpve_csf": 16.536406945118458,
  "rpve_gm": 38.30857224438079,
  "rpve_wm": 9.75534518935258,
  "size_x": 224,
  "size_y": 300,
  "size_z": 320,
  "snr_csf": 5.072376349499148,
  "snr_gm": 2.527054375899704,
  "snr_total": 4.339011957216386,
  "snr_wm": 5.417605146250306,
  "snrd_csf": 51.45597692557954,
  "snrd_gm": 97.1170440579233,
  "snrd_total": 57.61256174929159,
  "snrd_wm": 24.264664264371916,
  "spacing_x": 0.800000011920929,
  "spacing_y": 0.800000011920929,
  "spacing_z": 0.800000011920929,
  "summary_bg_k": 14.532899421901558,
  "summary_bg_mad": 0.0,
  "summary_bg_mean": 18.619156602393577,
  "summary_bg_median": 0.0,
  "summary_bg_n": 4630347.0,
  "summary_bg_p05": 0.0,
  "summary_bg_p95": 70.40417133271694,
  "summary_bg_stdv": 27.00773018216112,
  "summary_csf_k": 0.052894264225310295,
  "summary_csf_mad": 495.43982933376384,
  "summary_csf_mean": 2111.9230761466024,
  "summary_csf_median": 2121.2516066357493,
  "summary_csf_n": 25307.0,
  "summary_csf_p05": 1542.1722828820348,
  "summary_csf_p95": 2787.1025671944003,
  "summary_csf_stdv": 418.18854708176707,
  "summary_gm_k": 0.2072965484342424,
  "summary_gm_mad": 996.6786242569685,
  "summary_gm_mean": 3616.5615674228875,
  "summary_gm_median": 4003.6104267835617,
  "summary_gm_n": 98585.0,
  "summary_gm_p05": 172.82117954492577,
  "summary_gm_p95": 5409.788327433169,
  "summary_gm_stdv": 1584.2912442014679,
  "summary_wm_k": 1.3401094826679785,
  "summary_wm_mad": 148.09665966879615,
  "summary_wm_mean": 1028.7856053061946,
  "summary_wm_median": 1000.3008616417646,
  "summary_wm_n": 737811.0,
  "summary_wm_p05": 777.2540282458067,
  "summary_wm_p95": 1397.9039061553776,
  "summary_wm_stdv": 184.63881304632523,
  "tpm_overlap_csf": 0.12662372162226165,
  "tpm_overlap_gm": 0.09253612272916359,
  "tpm_overlap_wm": 0.4462184665272327,
  "wm2max": 0.18269741374628815
}