{
  "bids_meta": {
    "AcquisitionMatrixPE": 300,
    "AcquisitionNumber": 1,
    "AcquisitionTime": "18:11:48.755000",
    "BaseResolution": 320,
    "BodyPartExamined": "HEAD",
    "CoilCombinationMethod": "Adaptive Combine",
    "ConsistencyInfo": "N4_VE11C_LATEST_20160120",
    "ConversionSoftware": "dcm2niix",
    "ConversionSoftwareVersion": "v1.0.20211006",
    "Dcm2bidsVersion": "2.1.6",
    "DeviceSerialNumber": "66014",
    "DwellTime": 7.1e-06,
    "EchoTime": 0.00222,
    "FlipAngle": 8,
    "ImageOrientationPatientDICOM": [
      -0.019491,
      0.999772,
      -0.0087265,
      -0.00331774,
      -0.00879278,
      -0.999956
    ],
    "ImageOrientationText": "Sag>Cor(-1.1)>Tra(0.2)",
    "ImageType": [
      "ORIGINAL",
      "PRIMARY",
      "M",
      "ND"
    ],
    "ImagingFrequency": 123.259,
    "InPlanePhaseEncodingDirectionDICOM": "ROW",
    "InstitutionAddress": "Yiheyuan Road 5,Beijing  0FCA35,Haidian,CN,100871",
    "InstitutionName": "CMR of Peking Univeristy",
    "InstitutionalDepartmentName": "Department",
    "InversionTime": 1,
    "MRAcquisitionType": "3D",
    "MagneticFieldStrength": 3,
    "Manufacturer": "Siemens",
    "ManufacturersModelName": "Prisma",
    "MatrixCoilMode": "GRAPPA",
    "Modality": "MR",
    "ParallelReductionFactorInPlane": 2,
    "PartialFourier": 1,
    "PatientPosition": "HFS",
    "PercentPhaseFOV": 93.75,
    "PercentSampling": 100,
    "PhaseEncodingSteps": 299,
    "PhaseResolution": 1,
    "PixelBandwidth": 220,
    "ProcedureStepDescription": "Research^Projects_64CH",
    "ProtocolName": "T1w_MPR",
    "PulseSequenceDetails": "%SiemensSeq%\\tfl",
    "ReceiveCoilActiveElements": "HC1-7;NC1,2",
    "ReceiveCoilName": "HeadNeck_64",
    "ReconMatrixPE": 300,
    "RefLinesPE": 32,
    "RepetitionTime": 2.4,
    "SAR": 0.0592352,
    "ScanOptions": "IR\\WE",
    "ScanningSequence": "GR\\IR",
    "SequenceName": "*tfl3d1_16ns",
    "SequenceVariant": "SK\\SP\\MP",
    "SeriesDescription": "T1w_MPR",
    "SeriesNumber": 23,
    "ShimSetting": [
      -3443,
      -2094,
      -1947,
      97,
      -28,
      -550,
      -108,
      65
    ],
    "SliceThickness": 0.8,
    "SoftwareVersions": "syngo MR E11",
    "SpoilingState": true,
    "StationName": "AWP66014",
    "TxRefAmp": 260.746,
    "dataset": "ds004078",
    "modality": "T1w",
    "run_id": 1,
    "subject_id": "08"
  },
  "cjv": 0.5336869213796447,
  "cnr": 2.4952100985864707,
  "efc": 0.6012763730825879,
  "fber": 7725.90772244898,
  "fwhm_avg": 5.380916586484761,
  "fwhm_x": 5.4932624181440115,
  "fwhm_y": 5.0248749251235285,
  "fwhm_z": 5.624612416186744,
  "icvs_csf": 0.20606091506541754,
  "icvs_gm": 0.3983730674973583,
  "icvs_wm": 0.3955660174372242,
  "inu_med": 0.9532523155212402,
  "inu_range": 1.131458234786987,
  "provenance": {
    "md5sum": "e3c8868b6f2dc3d384b4e11f0a8a6bbe",
    "settings": {
      "testing": false
    },
    "software": "mriqc",
    "version": "23.0.1",
    "warnings": {
      "large_rot_frame": true,
      "small_air_mask": false
    },
    "webapi_port": null,
    "webapi_url": "https://mriqc.nimh.nih.gov/api/v1"
  },
  "qi_1": 0.0,
  "qi_2": 0.0005350454921057339,
  "rpve_csf": 25.20154502411006,
  "rpve_gm": 12.794255098814038,
  "rpve_wm": 14.464685540757003,
  "size_x": 224,
  "size_y": 300,
  "size_z": 320,
  "snr_csf": 2.92418343160378,
  "snr_gm": 12.931775350943555,
  "snr_total": 9.496440152897316,
  "snr_wm": 12.633361676144611,
  "snrd_csf": 25.50697873478973,
  "snrd_gm": 67.64097254236812,
  "snrd_total": 61.04877082610934,
  "snrd_wm": 89.99836120117018,
  "spacing_x": 0.800000011920929,
  "spacing_y": 0.800000011920929,
  "spacing_z": 0.800000011920929,
  "summary_bg_k": 6.525748228417443,
  "summary_bg_mad": 7.280186386348801,
  "summary_bg_mean": 11.27304254662872,
  "summary_bg_median": 4.910411097109318,
  "summary_bg_n": 4539933.0,
  "summary_bg_p05": 0.0,
  "summary_bg_p95": 44.40265353769064,
  "summary_bg_stdv": 16.39093331429739,
  "summary_csf_k": 2.694455766271635,
  "summary_csf_mad": 74.2733908990266,
  "summary_csf_mean": 295.37731150712375,
  "summary_csf_median": 283.44564481824636,
  "summary_csf_n": 133024.0,
  "summary_csf_p05": 162.20028145238757,
  "summary_csf_p95": 478.6083667203784,
  "summary_csf_stdv": 96.93118986995567,
  "summary_gm_k": 0.17483714760026903,
  "summary_gm_mad": 57.15720801197251,
  "summary_gm_mean": 752.0323385224002,
  "summary_gm_median": 751.6585667692125,
  "summary_gm_n": 72760.0,
  "summary_gm_p05": 657.6816565170884,
  "summary_gm_p95": 847.3071063309908,
  "summary_gm_stdv": 58.12453286766787,
  "summary_wm_k": 0.6084352428602031,
  "summary_wm_mad": 75.43512276918864,
  "summary_wm_mean": 1009.814159012046,
  "summary_wm_median": 1000.1044729165733,
  "summary_wm_n": 466440.0,
  "summary_wm_p05": 898.6574691869318,
  "summary_wm_p95": 1157.2376280240715,
  "summary_wm_stdv": 79.1636799841848,
  "tpm_overlap_csf": 0.14416201907899331,
  "tpm_overlap_gm": 0.42753355981365543,
  "tpm_overlap_wm": 0.4478514928591348,
  "wm2max": 0.43266514497502767
}