{
  "bids_meta": {
    "AcquisitionMatrixPE": 300,
    "AcquisitionNumber": 1,
    "AcquisitionTime": "18:11:48.755000",
    "BaseResolution": 320,
    "BodyPartExamined": "HEAD",
    "CoilCombinationMethod": "Adaptive Combine",
    "ConsistencyInfo": "N4_VE11C_LATEST_20160120",
    "ConversionSoftware": "dcm2niix",
    "ConversionSoftwareVersion": "v1.0.20211006",
    "Dcm2bidsVersion": "2.1.6",
    "DeviceSerialNumber": "66014",
    "DwellTime": 7.1e-06,
    "EchoTime": 0.00222,
    "FlipAngle": 8,
    "ImageOrientationPatientDICOM": [
      -0.019491,
      0.999772,
      -0.0087265,
      -0.00331774,
      -0.00879278,
      -0.999956
    ],
    "ImageOrientationText": "Sag>Cor(-1.1)>Tra(0.2)",
    "ImageType": [
      "ORIGINAL",
      "PRIMARY",
      "M",
      "ND",
      "NORM"
    ],
    "ImagingFrequency": 123.259,
    "InPlanePhaseEncodingDirectionDICOM": "ROW",
    "InstitutionAddress": "Yiheyuan Road 5,Beijing  0FCA35,Haidian,CN,100871",
    "InstitutionName": "CMR of Peking Univeristy",
    "InstitutionalDepartmentName": "Department",
    "InversionTime": 1,
    "MRAcquisitionType": "3D",
    "MagneticFieldStrength": 3,
    "Manufacturer": "Siemens",
    "ManufacturersModelName": "Prisma",
    "MatrixCoilMode": "GRAPPA",
    "Modality": "MR",
    "ParallelReductionFactorInPlane": 2,
    "PartialFourier": 1,
    "PatientPosition": "HFS",
    "PercentPhaseFOV": 93.75,
    "PercentSampling": 100,
    "PhaseEncodingSteps": 299,
    "PhaseResolution": 1,
    "PixelBandwidth": 220,
    "ProcedureStepDescription": "Research^Projects_64CH",
    "ProtocolName": "T1w_MPR",
    "PulseSequenceDetails": "%SiemensSeq%\\tfl",
    "ReceiveCoilActiveElements": "HC1-7;NC1,2",
    "ReceiveCoilName": "HeadNeck_64",
    "ReconMatrixPE": 300,
    "RefLinesPE": 32,
    "RepetitionTime": 2.4,
    "SAR": 0.0592352,
    "ScanOptions": "IR\\WE",
    "ScanningSequence": "GR\\IR",
    "SequenceName": "*tfl3d1_16ns",
    "SequenceVariant": "SK\\SP\\MP",
    "SeriesDescription": "T1w_MPR",
    "SeriesNumber": 24,
    "ShimSetting": [
      -3443,
      -2094,
      -1947,
      97,
      -28,
      -550,
      -108,
      65
    ],
    "SliceThickness": 0.8,
    "SoftwareVersions": "syngo MR E11",
    "SpoilingState": true,
    "StationName": "AWP66014",
    "TxRefAmp": 260.746,
    "dataset": "ds004078",
    "modality": "T1w",
    "run_id": 2,
    "subject_id": "08"
  },
  "cjv": 0.336294851371655,
  "cnr": 3.9514586588722254,
  "efc": 0.5949913304743502,
  "fber": 24484.798185941043,
  "fwhm_avg": 4.6989624299800035,
  "fwhm_x": 4.774787428850123,
  "fwhm_y": 4.53474993242696,
  "fwhm_z": 4.787349928662927,
  "icvs_csf": 0.21654161236934077,
  "icvs_gm": 0.4358374260649327,
  "icvs_wm": 0.3476209615657265,
  "inu_med": 0.4924684315919876,
  "inu_range": 0.18992279469966877,
  "provenance": {
    "md5sum": "c94400c1079b6ac68c978f80ec27d9d9",
    "settings": {
      "testing": false
    },
    "software": "mriqc",
    "version": "23.0.1",
    "warnings": {
      "large_rot_frame": true,
      "small_air_mask": false
    },
    "webapi_port": null,
    "webapi_url": "https://mriqc.nimh.nih.gov/api/v1"
  },
  "qi_1": 0.0,
  "qi_2": 0.0005355106319375948,
  "rpve_csf": 23.899434606214857,
  "rpve_gm": 12.266075859419457,
  "rpve_wm": 17.047471611991988,
  "size_x": 224,
  "size_y": 300,
  "size_z": 320,
  "snr_csf": 2.6332882264490385,
  "snr_gm": 13.114958504283946,
  "snr_total": 12.915695320381225,
  "snr_wm": 22.998839230410688,
  "snrd_csf": 32.76837040718108,
  "snrd_gm": 94.70790916040939,
  "snrd_total": 86.27761411886532,
  "snrd_wm": 131.35656278900552,
  "spacing_x": 0.800000011920929,
  "spacing_y": 0.800000011920929,
  "spacing_z": 0.800000011920929,
  "summary_bg_k": 10.615078958723585,
  "summary_bg_mad": 4.987596995660115,
  "summary_bg_mean": 5.661699034021802,
  "summary_bg_median": 3.3640830516815186,
  "summary_bg_n": 4597844.0,
  "summary_bg_p05": 0.0,
  "summary_bg_p95": 22.57615110464394,
  "summary_bg_stdv": 8.51888744713818,
  "summary_csf_k": 1.6513258999423055,
  "summary_csf_mad": 74.77498933337313,
  "summary_csf_mean": 265.108372663574,
  "summary_csf_median": 249.4677838012576,
  "summary_csf_n": 149498.0,
  "summary_csf_p05": 136.35049118846655,
  "summary_csf_p95": 443.98011712543666,
  "summary_csf_stdv": 94.7359073505941,
  "summary_gm_k": 0.2209754150832688,
  "summary_gm_mad": 53.03218368041732,
  "summary_gm_mean": 721.2949462240576,
  "summary_gm_median": 721.017612811178,
  "summary_gm_n": 127116.0,
  "summary_gm_p05": 632.0796671323478,
  "summary_gm_p95": 813.3262120164,
  "summary_gm_stdv": 54.97651986534943,
  "summary_wm_k": 0.4337045084587188,
  "summary_wm_mad": 40.796984800438594,
  "summary_wm_mean": 999.6420609980302,
  "summary_wm_median": 1000.0262509100139,
  "summary_wm_n": 450228.0,
  "summary_wm_p05": 927.3042368162423,
  "summary_wm_p95": 1070.7508406918496,
  "summary_wm_stdv": 43.481548364819524,
  "tpm_overlap_csf": 0.1390952895023267,
  "tpm_overlap_gm": 0.43743082197485694,
  "tpm_overlap_wm": 0.4701439486721005,
  "wm2max": 0.8482321993847252
}