{
  "aor": 0.0005798148148148148,
  "aqi": 0.006416078544973544,
  "bids_meta": {
    "AcquisitionMatrixPE": 106,
    "AcquisitionNumber": 1,
    "AcquisitionTime": "16:45:51.007500",
    "BandwidthPerPixelPhaseEncode": 16.551,
    "BaseResolution": 106,
    "BodyPartExamined": "HEAD",
    "CoilCombinationMethod": "Sum of Squares",
    "ConsistencyInfo": "N4_VE11C_LATEST_20160120",
    "ConversionSoftware": "dcm2niix",
    "ConversionSoftwareVersion": "v1.0.20211006",
    "Dcm2bidsVersion": "2.1.6",
    "DerivedVendorReportedEchoSpacing": 0.000569994,
    "DeviceSerialNumber": "66014",
    "DwellTime": 2e-06,
    "EchoTime": 0.03,
    "EchoTrainLength": 93,
    "EffectiveEchoSpacing": 0.000569994,
    "FlipAngle": 54,
    "ImageOrientationPatientDICOM": [
      0.999998,
      0.00174325,
      0.000173999,
      -0.00174526,
      0.999923,
      0.0123209
    ],
    "ImageOrientationText": "Tra>Cor(0.7)>Sag(0.0)",
    "ImageType": [
      "ORIGINAL",
      "PRIMARY",
      "M",
      "ND",
      "MOSAIC"
    ],
    "ImagingFrequency": 123.259,
    "InPlanePhaseEncodingDirectionDICOM": "COL",
    "InstitutionAddress": "Yiheyuan Road 5,Beijing  0FCA35,Haidian,CN,100871",
    "InstitutionName": "CMR of Peking Univeristy",
    "InstitutionalDepartmentName": "Department",
    "MRAcquisitionType": "2D",
    "MagneticFieldStrength": 3,
    "Manufacturer": "Siemens",
    "ManufacturersModelName": "Prisma",
    "Modality": "MR",
    "MultibandAccelerationFactor": 8,
    "PartialFourier": 0.875,
    "PatientPosition": "HFS",
    "PercentPhaseFOV": 100,
    "PercentSampling": 100,
    "PhaseEncodingDirection": "j-",
    "PhaseEncodingSteps": 93,
    "PhaseResolution": 1,
    "PixelBandwidth": 2360,
    "ProcedureStepDescription": "Research^Projects_64CH",
    "ProtocolName": "fMRI_run10_AP",
    "PulseSequenceDetails": "%SiemensSeq%\\ep2d_bold",
    "ReceiveCoilActiveElements": "HC1-7;NC1,2",
    "ReceiveCoilName": "HeadNeck_64",
    "ReconMatrixPE": 106,
    "RefLinesPE": 32,
    "RepetitionTime": 0.71,
    "SAR": 0.103326,
    "ScanOptions": "PFP\\FS",
    "ScanningSequence": "EP",
    "SequenceName": "*epfid2d1_106",
    "SequenceVariant": "SK",
    "SeriesDescription": "fMRI_run10_AP",
    "SeriesNumber": 14,
    "ShimSetting": [
      -3461,
      -2108,
      -1887,
      364,
      -36,
      -348,
      -95,
      53
    ],
    "SliceThickness": 2,
    "SliceTiming": [
      0.3075,
      0,
      0.385,
      0.0775,
      0.46,
      0.155,
      0.5375,
      0.23,
      0.615,
      0.3075,
      0,
      0.385,
      0.0775,
      0.46,
      0.155,
      0.5375,
      0.23,
      0.615,
      0.3075,
      0,
      0.385,
      0.0775,
      0.46,
      0.155,
      0.5375,
      0.23,
      0.615,
      0.3075,
      0,
      0.385,
      0.0775,
      0.46,
      0.155,
      0.5375,
      0.23,
      0.615,
      0.3075,
      0,
      0.385,
      0.0775,
      0.46,
      0.155,
      0.5375,
      0.23,
      0.615,
      0.3075,
      0,
      0.385,
      0.0775,
      0.46,
      0.155,
      0.5375,
      0.23,
      0.615,
      0.3075,
      0,
      0.385,
      0.0775,
      0.46,
      0.155,
      0.5375,
      0.23,
      0.615,
      0.3075,
      0,
      0.385,
      0.0775,
      0.46,
      0.155,
      0.5375,
      0.23,
      0.615
    ],
    "SoftwareVersions": "syngo MR E11",
    "SpacingBetweenSlices": 2,
    "StationName": "AWP66014",
    "TaskName": "Chinese-RDR",
    "TotalReadoutTime": 0.0598493,
    "TxRefAmp": 259.517,
    "dataset": "ds004078",
    "modality": "bold",
    "run_id": 10,
    "subject_id": "08",
    "task_id": "RDR"
  },
  "dummy_trs": 2,
  "dvars_nstd": 51.504426029947,
  "dvars_std": 1.0953425997082225,
  "dvars_vstd": 1.008466023023872,
  "efc": 0.5390816651830526,
  "fber": 368.343017578125,
  "fd_mean": 0.09353660015367811,
  "fd_num": 17,
  "fd_perc": 4.497354497354498,
  "fwhm_avg": 3.2448033333333335,
  "fwhm_x": 3.013025,
  "fwhm_y": 3.32467,
  "fwhm_z": 3.396715,
  "gcor": 0.010863,
  "gsr_x": 0.019272299483418465,
  "gsr_y": 0.03131040185689926,
  "provenance": {
    "md5sum": "e4d48ff48eeb4d22d6ad631531ec1211",
    "settings": {
      "fd_thres": 0.2,
      "testing": false
    },
    "software": "mriqc",
    "version": "23.0.1",
    "webapi_port": null,
    "webapi_url": "https://mriqc.nimh.nih.gov/api/v1"
  },
  "size_t": 378,
  "size_x": 106,
  "size_y": 106,
  "size_z": 72,
  "snr": 1.9810769002359254,
  "spacing_tr": 0.7099999785423279,
  "spacing_x": 2.0,
  "spacing_y": 2.0,
  "spacing_z": 2.0,
  "summary_bg_k": 23.049426837339475,
  "summary_bg_mad": 14.351431568586907,
  "summary_bg_mean": 46.87017822265625,
  "summary_bg_median": 23.208993911743164,
  "summary_bg_n": 528333.0,
  "summary_bg_p05": 11.775132179260254,
  "summary_bg_p95": 174.54232788085938,
  "summary_bg_stdv": 67.46863555908203,
  "summary_fg_k": 3.331571248844039,
  "summary_fg_mad": 188.57876300128592,
  "summary_fg_mean": 509.945068359375,
  "summary_fg_median": 461.361083984375,
  "summary_fg_n": 170074.0,
  "summary_fg_p05": 236.4636161804199,
  "summary_fg_p95": 956.0821228027344,
  "summary_fg_stdv": 232.88330078125,
  "tsnr": 28.868846105178818
}