{
  "aor": 0.0005340175438596491,
  "aqi": 0.008260867771929825,
  "bids_meta": {
    "AcquisitionMatrixPE": 106,
    "AcquisitionNumber": 1,
    "AcquisitionTime": "15:55:47.512500",
    "BandwidthPerPixelPhaseEncode": 16.551,
    "BaseResolution": 106,
    "BodyPartExamined": "HEAD",
    "CoilCombinationMethod": "Sum of Squares",
    "ConsistencyInfo": "N4_VE11C_LATEST_20160120",
    "ConversionSoftware": "dcm2niix",
    "ConversionSoftwareVersion": "v1.0.20211006",
    "Dcm2bidsVersion": "2.1.6",
    "DerivedVendorReportedEchoSpacing": 0.000569994,
    "DeviceSerialNumber": "66014",
    "DwellTime": 2e-06,
    "EchoTime": 0.03,
    "EchoTrainLength": 93,
    "EffectiveEchoSpacing": 0.000569994,
    "FlipAngle": 54,
    "ImageOrientationPatientDICOM": [
      0.997537,
      0.061665,
      -0.0334404,
      -0.061012,
      0.997932,
      0.0202112
    ],
    "ImageOrientationText": "Tra>Sag(-2.0)>Cor(1.0)",
    "ImageType": [
      "ORIGINAL",
      "PRIMARY",
      "M",
      "ND",
      "MOSAIC"
    ],
    "ImagingFrequency": 123.26,
    "InPlanePhaseEncodingDirectionDICOM": "COL",
    "InstitutionAddress": "Yiheyuan Road 5,Beijing F259C2,Haidian,CN,100871",
    "InstitutionName": "CMR of Peking Univeristy",
    "InstitutionalDepartmentName": "Department",
    "MRAcquisitionType": "2D",
    "MagneticFieldStrength": 3,
    "Manufacturer": "Siemens",
    "ManufacturersModelName": "Prisma",
    "Modality": "MR",
    "MultibandAccelerationFactor": 8,
    "PartialFourier": 0.875,
    "PatientPosition": "HFS",
    "PercentPhaseFOV": 100,
    "PercentSampling": 100,
    "PhaseEncodingDirection": "j-",
    "PhaseEncodingSteps": 93,
    "PhaseResolution": 1,
    "PixelBandwidth": 2360,
    "ProcedureStepDescription": "Research^Projects_64CH",
    "ProtocolName": "fMRI_run1_AP",
    "PulseSequenceDetails": "%SiemensSeq%\\ep2d_bold",
    "ReceiveCoilActiveElements": "HC1-7;NC1,2",
    "ReceiveCoilName": "HeadNeck_64",
    "ReconMatrixPE": 106,
    "RefLinesPE": 32,
    "RepetitionTime": 0.71,
    "SAR": 0.104623,
    "ScanOptions": "PFP\\FS",
    "ScanningSequence": "EP",
    "SequenceName": "*epfid2d1_106",
    "SequenceVariant": "SK",
    "SeriesDescription": "fMRI_run1_AP",
    "SeriesNumber": 5,
    "ShimSetting": [
      -3470,
      -2098,
      -1903,
      413,
      -5,
      -273,
      -71,
      74
    ],
    "SliceThickness": 2,
    "SliceTiming": [
      0.3075,
      0,
      0.385,
      0.0775,
      0.46,
      0.155,
      0.5375,
      0.23,
      0.615,
      0.3075,
      0,
      0.385,
      0.0775,
      0.46,
      0.155,
      0.5375,
      0.23,
      0.615,
      0.3075,
      0,
      0.385,
      0.0775,
      0.46,
      0.155,
      0.5375,
      0.23,
      0.615,
      0.3075,
      0,
      0.385,
      0.0775,
      0.46,
      0.155,
      0.5375,
      0.23,
      0.615,
      0.3075,
      0,
      0.385,
      0.0775,
      0.46,
      0.155,
      0.5375,
      0.23,
      0.615,
      0.3075,
      0,
      0.385,
      0.0775,
      0.46,
      0.155,
      0.5375,
      0.23,
      0.615,
      0.3075,
      0,
      0.385,
      0.0775,
      0.46,
      0.155,
      0.5375,
      0.23,
      0.615,
      0.3075,
      0,
      0.385,
      0.0775,
      0.46,
      0.155,
      0.5375,
      0.23,
      0.615
    ],
    "SoftwareVersions": "syngo MR E11",
    "SpacingBetweenSlices": 2,
    "StationName": "AWP66014",
    "TaskName": "Chinese-RDR",
    "TotalReadoutTime": 0.0598493,
    "TxRefAmp": 267.394,
    "dataset": "ds004078",
    "modality": "bold",
    "run_id": 31,
    "subject_id": "08",
    "task_id": "RDR"
  },
  "dummy_trs": 6,
  "dvars_nstd": 48.639958199086124,
  "dvars_std": 1.062069053057996,
  "dvars_vstd": 0.9980978946397194,
  "efc": 0.5325476607386262,
  "fber": 446.78826904296875,
  "fd_mean": 0.09807425845910851,
  "fd_num": 9,
  "fd_perc": 1.5789473684210527,
  "fwhm_avg": 3.257816666666667,
  "fwhm_x": 2.983905,
  "fwhm_y": 3.339375,
  "fwhm_z": 3.45017,
  "gcor": 0.00970637,
  "gsr_x": 0.020133059471845627,
  "gsr_y": 0.028265051543712616,
  "provenance": {
    "md5sum": "5823f546ec224b43db07f8076a7d873d",
    "settings": {
      "fd_thres": 0.2,
      "testing": false
    },
    "software": "mriqc",
    "version": "23.0.1",
    "webapi_port": null,
    "webapi_url": "https://mriqc.nimh.nih.gov/api/v1"
  },
  "size_t": 570,
  "size_x": 106,
  "size_y": 106,
  "size_z": 72,
  "snr": 2.0836823451317263,
  "spacing_tr": 0.7099999785423279,
  "spacing_x": 2.0,
  "spacing_y": 2.0,
  "spacing_z": 2.0,
  "summary_bg_k": 25.42851608044667,
  "summary_bg_mad": 12.872628552200297,
  "summary_bg_mean": 41.99337387084961,
  "summary_bg_median": 21.2596492767334,
  "summary_bg_n": 530198.0,
  "summary_bg_p05": 11.138596534729004,
  "summary_bg_p95": 151.55868148803694,
  "summary_bg_stdv": 59.86846160888672,
  "summary_fg_k": 2.2528820740344324,
  "summary_fg_mad": 184.6555092272463,
  "summary_fg_mean": 508.02032470703125,
  "summary_fg_median": 462.5903625488281,
  "summary_fg_n": 168542.0,
  "summary_fg_p05": 243.01684570312503,
  "summary_fg_p95": 939.1647430419921,
  "summary_fg_stdv": 222.00552368164062,
  "tsnr": 27.42904632538557
}