{
  "aor": 0.0005367039106145252,
  "aqi": 0.007258597560521414,
  "bids_meta": {
    "AcquisitionMatrixPE": 106,
    "AcquisitionNumber": 1,
    "AcquisitionTime": "15:53:1.552500",
    "BandwidthPerPixelPhaseEncode": 16.551,
    "BaseResolution": 106,
    "BodyPartExamined": "HEAD",
    "CoilCombinationMethod": "Sum of Squares",
    "ConsistencyInfo": "N4_VE11C_LATEST_20160120",
    "ConversionSoftware": "dcm2niix",
    "ConversionSoftwareVersion": "v1.0.20211006",
    "Dcm2bidsVersion": "2.1.6",
    "DerivedVendorReportedEchoSpacing": 0.000569994,
    "DeviceSerialNumber": "66014",
    "DwellTime": 2e-06,
    "EchoTime": 0.03,
    "EchoTrainLength": 93,
    "EffectiveEchoSpacing": 0.000569994,
    "FlipAngle": 54,
    "ImageOrientationPatientDICOM": [
      0.999998,
      0.00174325,
      0.000173999,
      -0.00174526,
      0.999923,
      0.0123209
    ],
    "ImageOrientationText": "Tra>Cor(0.7)>Sag(0.0)",
    "ImageType": [
      "ORIGINAL",
      "PRIMARY",
      "M",
      "ND",
      "MOSAIC"
    ],
    "ImagingFrequency": 123.259,
    "InPlanePhaseEncodingDirectionDICOM": "COL",
    "InstitutionAddress": "Yiheyuan Road 5,Beijing  0FCA35,Haidian,CN,100871",
    "InstitutionName": "CMR of Peking Univeristy",
    "InstitutionalDepartmentName": "Department",
    "MRAcquisitionType": "2D",
    "MagneticFieldStrength": 3,
    "Manufacturer": "Siemens",
    "ManufacturersModelName": "Prisma",
    "Modality": "MR",
    "MultibandAccelerationFactor": 8,
    "PartialFourier": 0.875,
    "PatientPosition": "HFS",
    "PercentPhaseFOV": 100,
    "PercentSampling": 100,
    "PhaseEncodingDirection": "j-",
    "PhaseEncodingSteps": 93,
    "PhaseResolution": 1,
    "PixelBandwidth": 2360,
    "ProcedureStepDescription": "Research^Projects_64CH",
    "ProtocolName": "fMRI_run2_AP",
    "PulseSequenceDetails": "%SiemensSeq%\\ep2d_bold",
    "ReceiveCoilActiveElements": "HC1-7;NC1,2",
    "ReceiveCoilName": "HeadNeck_64",
    "ReconMatrixPE": 106,
    "RefLinesPE": 32,
    "RepetitionTime": 0.71,
    "SAR": 0.103907,
    "ScanOptions": "PFP\\FS",
    "ScanningSequence": "EP",
    "SequenceName": "*epfid2d1_106",
    "SequenceVariant": "SK",
    "SeriesDescription": "fMRI_run2_AP",
    "SeriesNumber": 6,
    "ShimSetting": [
      -3461,
      -2108,
      -1887,
      364,
      -36,
      -348,
      -95,
      53
    ],
    "SliceThickness": 2,
    "SliceTiming": [
      0.3075,
      0,
      0.3825,
      0.0775,
      0.46,
      0.1525,
      0.5375,
      0.23,
      0.6125,
      0.3075,
      0,
      0.3825,
      0.0775,
      0.46,
      0.1525,
      0.5375,
      0.23,
      0.6125,
      0.3075,
      0,
      0.3825,
      0.0775,
      0.46,
      0.1525,
      0.5375,
      0.23,
      0.6125,
      0.3075,
      0,
      0.3825,
      0.0775,
      0.46,
      0.1525,
      0.5375,
      0.23,
      0.6125,
      0.3075,
      0,
      0.3825,
      0.0775,
      0.46,
      0.1525,
      0.5375,
      0.23,
      0.6125,
      0.3075,
      0,
      0.3825,
      0.0775,
      0.46,
      0.1525,
      0.5375,
      0.23,
      0.6125,
      0.3075,
      0,
      0.3825,
      0.0775,
      0.46,
      0.1525,
      0.5375,
      0.23,
      0.6125,
      0.3075,
      0,
      0.3825,
      0.0775,
      0.46,
      0.1525,
      0.5375,
      0.23,
      0.6125
    ],
    "SoftwareVersions": "syngo MR E11",
    "SpacingBetweenSlices": 2,
    "StationName": "AWP66014",
    "TaskName": "Chinese-RDR",
    "TotalReadoutTime": 0.0598493,
    "TxRefAmp": 259.517,
    "dataset": "ds004078",
    "modality": "bold",
    "run_id": 2,
    "subject_id": "08",
    "task_id": "RDR"
  },
  "dummy_trs": 2,
  "dvars_nstd": 51.32127792444035,
  "dvars_std": 1.0871382364738815,
  "dvars_vstd": 1.002085748619403,
  "efc": 0.5361990842395947,
  "fber": 392.4583435058594,
  "fd_mean": 0.10085379184481184,
  "fd_num": 21,
  "fd_perc": 3.910614525139665,
  "fwhm_avg": 3.30715,
  "fwhm_x": 3.05604,
  "fwhm_y": 3.371325,
  "fwhm_z": 3.494085,
  "gcor": 0.00864141,
  "gsr_x": 0.01802823506295681,
  "gsr_y": 0.03460681810975075,
  "provenance": {
    "md5sum": "3ca02d7056c7b53d9967fbdc44db9ca8",
    "settings": {
      "fd_thres": 0.2,
      "testing": false
    },
    "software": "mriqc",
    "version": "23.0.1",
    "webapi_port": null,
    "webapi_url": "https://mriqc.nimh.nih.gov/api/v1"
  },
  "size_t": 537,
  "size_x": 106,
  "size_y": 106,
  "size_z": 72,
  "snr": 1.9897093091028117,
  "spacing_tr": 0.7099999785423279,
  "spacing_x": 2.0,
  "spacing_y": 2.0,
  "spacing_z": 2.0,
  "summary_bg_k": 24.62859387319606,
  "summary_bg_mad": 13.992230935344802,
  "summary_bg_mean": 45.58100128173828,
  "summary_bg_median": 22.728118896484375,
  "summary_bg_n": 528149.0,
  "summary_bg_p05": 11.653631210327148,
  "summary_bg_p95": 168.4208526611328,
  "summary_bg_stdv": 65.5177993774414,
  "summary_fg_k": 3.2486993993673545,
  "summary_fg_mad": 189.1353044010884,
  "summary_fg_mean": 515.02880859375,
  "summary_fg_median": 465.5325927734375,
  "summary_fg_n": 170411.0,
  "summary_fg_p05": 240.3091278076172,
  "summary_fg_p95": 962.9478454589844,
  "summary_fg_stdv": 233.96946716308594,
  "tsnr": 28.26294611208141
}