{
  "aor": 0.0003681012658227848,
  "aqi": 0.006022046582278482,
  "bids_meta": {
    "AcquisitionMatrixPE": 106,
    "AcquisitionNumber": 1,
    "AcquisitionTime": "18:03:49.890000",
    "BandwidthPerPixelPhaseEncode": 16.551,
    "BaseResolution": 106,
    "BodyPartExamined": "HEAD",
    "CoilCombinationMethod": "Sum of Squares",
    "ConsistencyInfo": "N4_VE11C_LATEST_20160120",
    "ConversionSoftware": "dcm2niix",
    "ConversionSoftwareVersion": "v1.0.20211006",
    "Dcm2bidsVersion": "2.1.6",
    "DerivedVendorReportedEchoSpacing": 0.000569994,
    "DeviceSerialNumber": "66014",
    "DwellTime": 2e-06,
    "EchoTime": 0.03,
    "EchoTrainLength": 93,
    "EffectiveEchoSpacing": 0.000569994,
    "FlipAngle": 54,
    "ImageOrientationPatientDICOM": [
      0.999906,
      0.00850038,
      0.0107547,
      -0.00872603,
      0.999739,
      0.0211109
    ],
    "ImageOrientationText": "Tra>Cor(1.2)>Sag(0.6)",
    "ImageType": [
      "ORIGINAL",
      "PRIMARY",
      "M",
      "ND",
      "MOSAIC"
    ],
    "ImagingFrequency": 123.259,
    "InPlanePhaseEncodingDirectionDICOM": "COL",
    "InstitutionAddress": "Yiheyuan Road 5,Beijing  0FCA35,Haidian,CN,100871",
    "InstitutionName": "CMR of Peking Univeristy",
    "InstitutionalDepartmentName": "Department",
    "MRAcquisitionType": "2D",
    "MagneticFieldStrength": 3,
    "Manufacturer": "Siemens",
    "ManufacturersModelName": "Prisma",
    "Modality": "MR",
    "MultibandAccelerationFactor": 8,
    "PartialFourier": 0.875,
    "PatientPosition": "HFS",
    "PercentPhaseFOV": 100,
    "PercentSampling": 100,
    "PhaseEncodingDirection": "j",
    "PhaseEncodingSteps": 93,
    "PhaseResolution": 1,
    "PixelBandwidth": 2360,
    "ProcedureStepDescription": "Research^Projects_64CH",
    "ProtocolName": "fMRI_Rest2_PA",
    "PulseSequenceDetails": "%SiemensSeq%\\ep2d_bold",
    "ReceiveCoilActiveElements": "HC1-7;NC1,2",
    "ReceiveCoilName": "HeadNeck_64",
    "ReconMatrixPE": 106,
    "RefLinesPE": 32,
    "RepetitionTime": 0.71,
    "SAR": 0.11038,
    "ScanOptions": "PFP\\FS",
    "ScanningSequence": "EP",
    "SequenceName": "*epfid2d1_106",
    "SequenceVariant": "SK",
    "SeriesDescription": "fMRI_Rest2_PA",
    "SeriesNumber": 22,
    "ShimSetting": [
      -3454,
      -2090,
      -1897,
      378,
      -26,
      -315,
      -100,
      60
    ],
    "SliceThickness": 2,
    "SliceTiming": [
      0.3075,
      0,
      0.3825,
      0.0775,
      0.46,
      0.1525,
      0.5375,
      0.23,
      0.6125,
      0.3075,
      0,
      0.3825,
      0.0775,
      0.46,
      0.1525,
      0.5375,
      0.23,
      0.6125,
      0.3075,
      0,
      0.3825,
      0.0775,
      0.46,
      0.1525,
      0.5375,
      0.23,
      0.6125,
      0.3075,
      0,
      0.3825,
      0.0775,
      0.46,
      0.1525,
      0.5375,
      0.23,
      0.6125,
      0.3075,
      0,
      0.3825,
      0.0775,
      0.46,
      0.1525,
      0.5375,
      0.23,
      0.6125,
      0.3075,
      0,
      0.3825,
      0.0775,
      0.46,
      0.1525,
      0.5375,
      0.23,
      0.6125,
      0.3075,
      0,
      0.3825,
      0.0775,
      0.46,
      0.1525,
      0.5375,
      0.23,
      0.6125,
      0.3075,
      0,
      0.3825,
      0.0775,
      0.46,
      0.1525,
      0.5375,
      0.23,
      0.6125
    ],
    "SoftwareVersions": "syngo MR E11",
    "SpacingBetweenSlices": 2,
    "StationName": "AWP66014",
    "TaskName": "rest",
    "TotalReadoutTime": 0.0598493,
    "TxRefAmp": 260.746,
    "dataset": "ds004078",
    "modality": "bold",
    "run_id": 4,
    "subject_id": "08",
    "task_id": "rest"
  },
  "dummy_trs": 2,
  "dvars_nstd": 47.005794174405686,
  "dvars_std": 1.0352797599683028,
  "dvars_vstd": 1.0042194158954048,
  "efc": 0.5425491187790006,
  "fber": 405.4245300292969,
  "fd_mean": 0.09114217314161323,
  "fd_num": 10,
  "fd_perc": 1.5822784810126582,
  "fwhm_avg": 3.18746,
  "fwhm_x": 2.91528,
  "fwhm_y": 3.32575,
  "fwhm_z": 3.32135,
  "gcor": 0.0115746,
  "gsr_x": 0.022232208400964737,
  "gsr_y": 0.06276533007621765,
  "provenance": {
    "md5sum": "1dbbb205643346864504ce882f07da0a",
    "settings": {
      "fd_thres": 0.2,
      "testing": false
    },
    "software": "mriqc",
    "version": "23.0.1",
    "webapi_port": null,
    "webapi_url": "https://mriqc.nimh.nih.gov/api/v1"
  },
  "size_t": 632,
  "size_x": 106,
  "size_y": 106,
  "size_z": 72,
  "snr": 2.0675730636021235,
  "spacing_tr": 0.7099999785423279,
  "spacing_x": 2.0,
  "spacing_y": 2.0,
  "spacing_z": 2.0,
  "summary_bg_k": 36.88473023593408,
  "summary_bg_mad": 13.875937457456821,
  "summary_bg_mean": 47.3424072265625,
  "summary_bg_median": 22.19936752319336,
  "summary_bg_n": 529099.0,
  "summary_bg_p05": 11.246835708618164,
  "summary_bg_p95": 183.2376663208007,
  "summary_bg_stdv": 73.89054107666016,
  "summary_fg_k": 0.975819511126268,
  "summary_fg_mad": 197.06413600729053,
  "summary_fg_mean": 502.5158996582031,
  "summary_fg_median": 458.0545959472656,
  "summary_fg_n": 169650.0,
  "summary_fg_p05": 225.72136840820312,
  "summary_fg_p95": 928.1497222900389,
  "summary_fg_stdv": 221.54150390625,
  "tsnr": 29.298279948765412
}