{
  "aor": 0.0004951224489795919,
  "aqi": 0.007004947918367347,
  "bids_meta": {
    "AcquisitionMatrixPE": 106,
    "AcquisitionNumber": 1,
    "AcquisitionTime": "16:00:17.500000",
    "BandwidthPerPixelPhaseEncode": 16.551,
    "BaseResolution": 106,
    "BodyPartExamined": "HEAD",
    "CoilCombinationMethod": "Sum of Squares",
    "ConsistencyInfo": "N4_VE11C_LATEST_20160120",
    "ConversionSoftware": "dcm2niix",
    "ConversionSoftwareVersion": "v1.0.20211006",
    "Dcm2bidsVersion": "2.1.6",
    "DerivedVendorReportedEchoSpacing": 0.000569994,
    "DeviceSerialNumber": "66014",
    "DwellTime": 2e-06,
    "EchoTime": 0.03,
    "EchoTrainLength": 93,
    "EffectiveEchoSpacing": 0.000569994,
    "FlipAngle": 54,
    "ImageOrientationPatientDICOM": [
      0.999998,
      0.00174325,
      0.000173999,
      -0.00174526,
      0.999923,
      0.0123209
    ],
    "ImageOrientationText": "Tra>Cor(0.7)>Sag(0.0)",
    "ImageType": [
      "ORIGINAL",
      "PRIMARY",
      "M",
      "ND",
      "MOSAIC"
    ],
    "ImagingFrequency": 123.259,
    "InPlanePhaseEncodingDirectionDICOM": "COL",
    "InstitutionAddress": "Yiheyuan Road 5,Beijing  0FCA35,Haidian,CN,100871",
    "InstitutionName": "CMR of Peking Univeristy",
    "InstitutionalDepartmentName": "Department",
    "MRAcquisitionType": "2D",
    "MagneticFieldStrength": 3,
    "Manufacturer": "Siemens",
    "ManufacturersModelName": "Prisma",
    "Modality": "MR",
    "MultibandAccelerationFactor": 8,
    "PartialFourier": 0.875,
    "PatientPosition": "HFS",
    "PercentPhaseFOV": 100,
    "PercentSampling": 100,
    "PhaseEncodingDirection": "j-",
    "PhaseEncodingSteps": 93,
    "PhaseResolution": 1,
    "PixelBandwidth": 2360,
    "ProcedureStepDescription": "Research^Projects_64CH",
    "ProtocolName": "fMRI_run3_AP",
    "PulseSequenceDetails": "%SiemensSeq%\\ep2d_bold",
    "ReceiveCoilActiveElements": "HC1-7;NC1,2",
    "ReceiveCoilName": "HeadNeck_64",
    "ReconMatrixPE": 106,
    "RefLinesPE": 32,
    "RepetitionTime": 0.71,
    "SAR": 0.103776,
    "ScanOptions": "PFP\\FS",
    "ScanningSequence": "EP",
    "SequenceName": "*epfid2d1_106",
    "SequenceVariant": "SK",
    "SeriesDescription": "fMRI_run3_AP",
    "SeriesNumber": 7,
    "ShimSetting": [
      -3461,
      -2108,
      -1887,
      364,
      -36,
      -348,
      -95,
      53
    ],
    "SliceThickness": 2,
    "SliceTiming": [
      0.3075,
      0,
      0.385,
      0.0775,
      0.46,
      0.155,
      0.5375,
      0.23,
      0.615,
      0.3075,
      0,
      0.385,
      0.0775,
      0.46,
      0.155,
      0.5375,
      0.23,
      0.615,
      0.3075,
      0,
      0.385,
      0.0775,
      0.46,
      0.155,
      0.5375,
      0.23,
      0.615,
      0.3075,
      0,
      0.385,
      0.0775,
      0.46,
      0.155,
      0.5375,
      0.23,
      0.615,
      0.3075,
      0,
      0.385,
      0.0775,
      0.46,
      0.155,
      0.5375,
      0.23,
      0.615,
      0.3075,
      0,
      0.385,
      0.0775,
      0.46,
      0.155,
      0.5375,
      0.23,
      0.615,
      0.3075,
      0,
      0.385,
      0.0775,
      0.46,
      0.155,
      0.5375,
      0.23,
      0.615,
      0.3075,
      0,
      0.385,
      0.0775,
      0.46,
      0.155,
      0.5375,
      0.23,
      0.615
    ],
    "SoftwareVersions": "syngo MR E11",
    "SpacingBetweenSlices": 2,
    "StationName": "AWP66014",
    "TaskName": "Chinese-RDR",
    "TotalReadoutTime": 0.0598493,
    "TxRefAmp": 259.517,
    "dataset": "ds004078",
    "modality": "bold",
    "run_id": 3,
    "subject_id": "08",
    "task_id": "RDR"
  },
  "dummy_trs": 3,
  "dvars_nstd": 50.575970101676894,
  "dvars_std": 1.0826500850306753,
  "dvars_vstd": 1.0066660425971368,
  "efc": 0.5377886480696975,
  "fber": 383.6688537597656,
  "fd_mean": 0.09012295325413908,
  "fd_num": 18,
  "fd_perc": 3.673469387755102,
  "fwhm_avg": 3.286671666666667,
  "fwhm_x": 3.040325,
  "fwhm_y": 3.360445,
  "fwhm_z": 3.459245,
  "gcor": 0.00892367,
  "gsr_x": 0.01758749969303608,
  "gsr_y": 0.03383179008960724,
  "provenance": {
    "md5sum": "60eb53af610af522a788314c4af32096",
    "settings": {
      "fd_thres": 0.2,
      "testing": false
    },
    "software": "mriqc",
    "version": "23.0.1",
    "webapi_port": null,
    "webapi_url": "https://mriqc.nimh.nih.gov/api/v1"
  },
  "size_t": 490,
  "size_x": 106,
  "size_y": 106,
  "size_z": 72,
  "snr": 1.9881315744675372,
  "spacing_tr": 0.7099999785423279,
  "spacing_x": 2.0,
  "spacing_y": 2.0,
  "spacing_z": 2.0,
  "summary_bg_k": 23.776860817241914,
  "summary_bg_mad": 14.332828627656657,
  "summary_bg_mean": 46.55307388305664,
  "summary_bg_median": 23.036733627319336,
  "summary_bg_n": 528180.0,
  "summary_bg_p05": 11.708162307739258,
  "summary_bg_p95": 172.9879516601562,
  "summary_bg_stdv": 66.799072265625,
  "summary_fg_k": 3.189140733951949,
  "summary_fg_mad": 190.09378356969262,
  "summary_fg_mean": 515.5381469726562,
  "summary_fg_median": 466.21630859375,
  "summary_fg_n": 170703.0,
  "summary_fg_p05": 239.68162536621094,
  "summary_fg_p95": 964.7497497558593,
  "summary_fg_stdv": 234.49903869628906,
  "tsnr": 28.613185771973804
}