{
  "aor": 0.0005453183520599251,
  "aqi": 0.007135795561797753,
  "bids_meta": {
    "AcquisitionMatrixPE": 106,
    "AcquisitionNumber": 1,
    "AcquisitionTime": "15:50:42.475000",
    "BandwidthPerPixelPhaseEncode": 16.551,
    "BaseResolution": 106,
    "BodyPartExamined": "HEAD",
    "CoilCombinationMethod": "Sum of Squares",
    "ConsistencyInfo": "N4_VE11C_LATEST_20160120",
    "ConversionSoftware": "dcm2niix",
    "ConversionSoftwareVersion": "v1.0.20211006",
    "Dcm2bidsVersion": "2.1.6",
    "DerivedVendorReportedEchoSpacing": 0.000569994,
    "DeviceSerialNumber": "66014",
    "DwellTime": 2e-06,
    "EchoTime": 0.03,
    "EchoTrainLength": 93,
    "EffectiveEchoSpacing": 0.000569994,
    "FlipAngle": 54,
    "ImageOrientationPatientDICOM": [
      0.999879,
      0.000137034,
      -0.0155592,
      -2.19601e-08,
      0.999961,
      0.00880549
    ],
    "ImageOrientationText": "Tra>Sag(-0.9)>Cor(0.5)",
    "ImageType": [
      "ORIGINAL",
      "PRIMARY",
      "M",
      "ND",
      "MOSAIC"
    ],
    "ImagingFrequency": 123.259,
    "InPlanePhaseEncodingDirectionDICOM": "COL",
    "InstitutionAddress": "Yiheyuan Road 5,Beijing  0FCA35,Haidian,CN,100871",
    "InstitutionName": "CMR of Peking Univeristy",
    "InstitutionalDepartmentName": "Department",
    "MRAcquisitionType": "2D",
    "MagneticFieldStrength": 3,
    "Manufacturer": "Siemens",
    "ManufacturersModelName": "Prisma",
    "Modality": "MR",
    "MultibandAccelerationFactor": 8,
    "PartialFourier": 0.875,
    "PatientPosition": "HFS",
    "PercentPhaseFOV": 100,
    "PercentSampling": 100,
    "PhaseEncodingDirection": "j-",
    "PhaseEncodingSteps": 93,
    "PhaseResolution": 1,
    "PixelBandwidth": 2360,
    "ProcedureStepDescription": "Research^Projects_64CH",
    "ProtocolName": "fMRI_run2_AP",
    "PulseSequenceDetails": "%SiemensSeq%\\ep2d_bold",
    "ReceiveCoilActiveElements": "HC1-7;NC1,2",
    "ReceiveCoilName": "HeadNeck_64",
    "ReconMatrixPE": 106,
    "RefLinesPE": 32,
    "RepetitionTime": 0.71,
    "SAR": 0.11541,
    "ScanOptions": "PFP\\FS",
    "ScanningSequence": "EP",
    "SequenceName": "*epfid2d1_106",
    "SequenceVariant": "SK",
    "SeriesDescription": "fMRI_run2_AP",
    "SeriesNumber": 7,
    "ShimSetting": [
      -3467,
      -2122,
      -1891,
      364,
      -35,
      -318,
      -88,
      84
    ],
    "SliceThickness": 2,
    "SliceTiming": [
      0.305,
      0,
      0.3825,
      0.075,
      0.46,
      0.1525,
      0.535,
      0.23,
      0.6125,
      0.305,
      0,
      0.3825,
      0.075,
      0.46,
      0.1525,
      0.535,
      0.23,
      0.6125,
      0.305,
      0,
      0.3825,
      0.075,
      0.46,
      0.1525,
      0.535,
      0.23,
      0.6125,
      0.305,
      0,
      0.3825,
      0.075,
      0.46,
      0.1525,
      0.535,
      0.23,
      0.6125,
      0.305,
      0,
      0.3825,
      0.075,
      0.46,
      0.1525,
      0.535,
      0.23,
      0.6125,
      0.305,
      0,
      0.3825,
      0.075,
      0.46,
      0.1525,
      0.535,
      0.23,
      0.6125,
      0.305,
      0,
      0.3825,
      0.075,
      0.46,
      0.1525,
      0.535,
      0.23,
      0.6125,
      0.305,
      0,
      0.3825,
      0.075,
      0.46,
      0.1525,
      0.535,
      0.23,
      0.6125
    ],
    "SoftwareVersions": "syngo MR E11",
    "SpacingBetweenSlices": 2,
    "StationName": "AWP66014",
    "TaskName": "Chinese-RDR",
    "TotalReadoutTime": 0.0598493,
    "TxRefAmp": 264.371,
    "dataset": "ds004078",
    "modality": "bold",
    "run_id": 12,
    "subject_id": "08",
    "task_id": "RDR"
  },
  "dummy_trs": 4,
  "dvars_nstd": 49.94710228729835,
  "dvars_std": 1.1005267456848025,
  "dvars_vstd": 1.0064685092495314,
  "efc": 0.5303788910079884,
  "fber": 436.3174743652344,
  "fd_mean": 0.08229135037038171,
  "fd_num": 2,
  "fd_perc": 0.37453183520599254,
  "fwhm_avg": 3.37316,
  "fwhm_x": 3.115295,
  "fwhm_y": 3.442595,
  "fwhm_z": 3.56159,
  "gcor": 0.0030793,
  "gsr_x": 0.02425295114517212,
  "gsr_y": 0.029528558254241943,
  "provenance": {
    "md5sum": "a2e40ec165183c24b81ba37c66d281f5",
    "settings": {
      "fd_thres": 0.2,
      "testing": false
    },
    "software": "mriqc",
    "version": "23.0.1",
    "webapi_port": null,
    "webapi_url": "https://mriqc.nimh.nih.gov/api/v1"
  },
  "size_t": 534,
  "size_x": 106,
  "size_y": 106,
  "size_z": 72,
  "snr": 1.9663647998387757,
  "spacing_tr": 0.7099999785423279,
  "spacing_x": 2.0,
  "spacing_y": 2.0,
  "spacing_z": 2.0,
  "summary_bg_k": 24.512965688300298,
  "summary_bg_mad": 13.748776593083326,
  "summary_bg_mean": 45.92866897583008,
  "summary_bg_median": 22.4063663482666,
  "summary_bg_n": 531330.0,
  "summary_bg_p05": 11.488763809204102,
  "summary_bg_p95": 172.0955047607422,
  "summary_bg_stdv": 67.09130096435547,
  "summary_fg_k": 3.268766321687318,
  "summary_fg_mad": 198.6658920631507,
  "summary_fg_mean": 534.5305786132812,
  "summary_fg_median": 481.72845458984375,
  "summary_fg_n": 169228.0,
  "summary_fg_p05": 251.15234451293946,
  "summary_fg_p95": 1005.3873535156249,
  "summary_fg_stdv": 244.98355102539062,
  "tsnr": 29.315906669944525
}