{
  "aor": 0.0006133386075949367,
  "aqi": 0.006430396693037975,
  "bids_meta": {
    "AcquisitionMatrixPE": 106,
    "AcquisitionNumber": 1,
    "AcquisitionTime": "17:55:34.207500",
    "BandwidthPerPixelPhaseEncode": 16.551,
    "BaseResolution": 106,
    "BodyPartExamined": "HEAD",
    "CoilCombinationMethod": "Sum of Squares",
    "ConsistencyInfo": "N4_VE11C_LATEST_20160120",
    "ConversionSoftware": "dcm2niix",
    "ConversionSoftwareVersion": "v1.0.20211006",
    "Dcm2bidsVersion": "2.1.6",
    "DerivedVendorReportedEchoSpacing": 0.000569994,
    "DeviceSerialNumber": "66014",
    "DwellTime": 2e-06,
    "EchoTime": 0.03,
    "EchoTrainLength": 93,
    "EffectiveEchoSpacing": 0.000569994,
    "FlipAngle": 54,
    "ImageOrientationPatientDICOM": [
      0.999906,
      0.00850038,
      0.0107547,
      -0.00872603,
      0.999739,
      0.0211109
    ],
    "ImageOrientationText": "Tra>Cor(1.2)>Sag(0.6)",
    "ImageType": [
      "ORIGINAL",
      "PRIMARY",
      "M",
      "ND",
      "MOSAIC"
    ],
    "ImagingFrequency": 123.259,
    "InPlanePhaseEncodingDirectionDICOM": "COL",
    "InstitutionAddress": "Yiheyuan Road 5,Beijing  0FCA35,Haidian,CN,100871",
    "InstitutionName": "CMR of Peking Univeristy",
    "InstitutionalDepartmentName": "Department",
    "MRAcquisitionType": "2D",
    "MagneticFieldStrength": 3,
    "Manufacturer": "Siemens",
    "ManufacturersModelName": "Prisma",
    "Modality": "MR",
    "MultibandAccelerationFactor": 8,
    "PartialFourier": 0.875,
    "PatientPosition": "HFS",
    "PercentPhaseFOV": 100,
    "PercentSampling": 100,
    "PhaseEncodingDirection": "j-",
    "PhaseEncodingSteps": 93,
    "PhaseResolution": 1,
    "PixelBandwidth": 2360,
    "ProcedureStepDescription": "Research^Projects_64CH",
    "ProtocolName": "fMRI_Rest2_AP",
    "PulseSequenceDetails": "%SiemensSeq%\\ep2d_bold",
    "ReceiveCoilActiveElements": "HC1-7;NC1,2",
    "ReceiveCoilName": "HeadNeck_64",
    "ReconMatrixPE": 106,
    "RefLinesPE": 32,
    "RepetitionTime": 0.71,
    "SAR": 0.11038,
    "ScanOptions": "PFP\\FS",
    "ScanningSequence": "EP",
    "SequenceName": "*epfid2d1_106",
    "SequenceVariant": "SK",
    "SeriesDescription": "fMRI_Rest2_AP",
    "SeriesNumber": 21,
    "ShimSetting": [
      -3454,
      -2090,
      -1897,
      378,
      -26,
      -315,
      -100,
      60
    ],
    "SliceThickness": 2,
    "SliceTiming": [
      0.305,
      0,
      0.3825,
      0.075,
      0.46,
      0.1525,
      0.535,
      0.23,
      0.6125,
      0.305,
      0,
      0.3825,
      0.075,
      0.46,
      0.1525,
      0.535,
      0.23,
      0.6125,
      0.305,
      0,
      0.3825,
      0.075,
      0.46,
      0.1525,
      0.535,
      0.23,
      0.6125,
      0.305,
      0,
      0.3825,
      0.075,
      0.46,
      0.1525,
      0.535,
      0.23,
      0.6125,
      0.305,
      0,
      0.3825,
      0.075,
      0.46,
      0.1525,
      0.535,
      0.23,
      0.6125,
      0.305,
      0,
      0.3825,
      0.075,
      0.46,
      0.1525,
      0.535,
      0.23,
      0.6125,
      0.305,
      0,
      0.3825,
      0.075,
      0.46,
      0.1525,
      0.535,
      0.23,
      0.6125,
      0.305,
      0,
      0.3825,
      0.075,
      0.46,
      0.1525,
      0.535,
      0.23,
      0.6125
    ],
    "SoftwareVersions": "syngo MR E11",
    "SpacingBetweenSlices": 2,
    "StationName": "AWP66014",
    "TaskName": "rest",
    "TotalReadoutTime": 0.0598493,
    "TxRefAmp": 260.746,
    "dataset": "ds004078",
    "modality": "bold",
    "run_id": 3,
    "subject_id": "08",
    "task_id": "rest"
  },
  "dummy_trs": 2,
  "dvars_nstd": 47.390858724389886,
  "dvars_std": 1.060963519952454,
  "dvars_vstd": 1.0067153318225026,
  "efc": 0.5315714629476046,
  "fber": 450.89984130859375,
  "fd_mean": 0.10109334092438765,
  "fd_num": 11,
  "fd_perc": 1.740506329113924,
  "fwhm_avg": 3.216443333333333,
  "fwhm_x": 2.97707,
  "fwhm_y": 3.28806,
  "fwhm_z": 3.3842,
  "gcor": 0.00776428,
  "gsr_x": 0.020181111991405487,
  "gsr_y": 0.039262574166059494,
  "provenance": {
    "md5sum": "0667d6c84c4e24cc4cde374356a0c5c0",
    "settings": {
      "fd_thres": 0.2,
      "testing": false
    },
    "software": "mriqc",
    "version": "23.0.1",
    "webapi_port": null,
    "webapi_url": "https://mriqc.nimh.nih.gov/api/v1"
  },
  "size_t": 632,
  "size_x": 106,
  "size_y": 106,
  "size_z": 72,
  "snr": 2.0463917382461543,
  "spacing_tr": 0.7099999785423279,
  "spacing_x": 2.0,
  "spacing_y": 2.0,
  "spacing_z": 2.0,
  "summary_bg_k": 26.042868998824915,
  "summary_bg_mad": 12.914122852381194,
  "summary_bg_mean": 44.55396270751953,
  "summary_bg_median": 21.35601234436035,
  "summary_bg_n": 534713.0,
  "summary_bg_p05": 11.15506362915039,
  "summary_bg_p95": 167.29019470214837,
  "summary_bg_stdv": 66.55477905273438,
  "summary_fg_k": 2.6877841386297057,
  "summary_fg_mad": 187.13161057642654,
  "summary_fg_mean": 512.3934936523438,
  "summary_fg_median": 465.5174255371094,
  "summary_fg_n": 166239.0,
  "summary_fg_p05": 242.26219024658204,
  "summary_fg_p95": 950.4889404296878,
  "summary_fg_stdv": 227.48138427734375,
  "tsnr": 29.661119032185525
}