{
  "aor": 0.0006629365079365079,
  "aqi": 0.005563223968253967,
  "bids_meta": {
    "AcquisitionMatrixPE": 106,
    "AcquisitionNumber": 1,
    "AcquisitionTime": "16:42:17.367500",
    "BandwidthPerPixelPhaseEncode": 16.551,
    "BaseResolution": 106,
    "BodyPartExamined": "HEAD",
    "CoilCombinationMethod": "Sum of Squares",
    "ConsistencyInfo": "N4_VE11C_LATEST_20160120",
    "ConversionSoftware": "dcm2niix",
    "ConversionSoftwareVersion": "v1.0.20211006",
    "Dcm2bidsVersion": "2.1.6",
    "DerivedVendorReportedEchoSpacing": 0.000569994,
    "DeviceSerialNumber": "66014",
    "DwellTime": 2e-06,
    "EchoTime": 0.03,
    "EchoTrainLength": 93,
    "EffectiveEchoSpacing": 0.000569994,
    "FlipAngle": 54,
    "ImageOrientationPatientDICOM": [
      0.999879,
      0.000137034,
      -0.0155592,
      -2.19601e-08,
      0.999961,
      0.00880549
    ],
    "ImageOrientationText": "Tra>Sag(-0.9)>Cor(0.5)",
    "ImageType": [
      "ORIGINAL",
      "PRIMARY",
      "M",
      "ND",
      "MOSAIC"
    ],
    "ImagingFrequency": 123.259,
    "InPlanePhaseEncodingDirectionDICOM": "COL",
    "InstitutionAddress": "Yiheyuan Road 5,Beijing  0FCA35,Haidian,CN,100871",
    "InstitutionName": "CMR of Peking Univeristy",
    "InstitutionalDepartmentName": "Department",
    "MRAcquisitionType": "2D",
    "MagneticFieldStrength": 3,
    "Manufacturer": "Siemens",
    "ManufacturersModelName": "Prisma",
    "Modality": "MR",
    "MultibandAccelerationFactor": 8,
    "PartialFourier": 0.875,
    "PatientPosition": "HFS",
    "PercentPhaseFOV": 100,
    "PercentSampling": 100,
    "PhaseEncodingDirection": "j-",
    "PhaseEncodingSteps": 93,
    "PhaseResolution": 1,
    "PixelBandwidth": 2360,
    "ProcedureStepDescription": "Research^Projects_64CH",
    "ProtocolName": "fMRI_run10_AP",
    "PulseSequenceDetails": "%SiemensSeq%\\ep2d_bold",
    "ReceiveCoilActiveElements": "HC1-7;NC1,2",
    "ReceiveCoilName": "HeadNeck_64",
    "ReconMatrixPE": 106,
    "RefLinesPE": 32,
    "RepetitionTime": 0.71,
    "SAR": 0.114768,
    "ScanOptions": "PFP\\FS",
    "ScanningSequence": "EP",
    "SequenceName": "*epfid2d1_106",
    "SequenceVariant": "SK",
    "SeriesDescription": "fMRI_run10_AP",
    "SeriesNumber": 15,
    "ShimSetting": [
      -3467,
      -2122,
      -1891,
      364,
      -35,
      -318,
      -88,
      84
    ],
    "SliceThickness": 2,
    "SliceTiming": [
      0.3075,
      0,
      0.3825,
      0.0775,
      0.46,
      0.1525,
      0.535,
      0.23,
      0.6125,
      0.3075,
      0,
      0.3825,
      0.0775,
      0.46,
      0.1525,
      0.535,
      0.23,
      0.6125,
      0.3075,
      0,
      0.3825,
      0.0775,
      0.46,
      0.1525,
      0.535,
      0.23,
      0.6125,
      0.3075,
      0,
      0.3825,
      0.0775,
      0.46,
      0.1525,
      0.535,
      0.23,
      0.6125,
      0.3075,
      0,
      0.3825,
      0.0775,
      0.46,
      0.1525,
      0.535,
      0.23,
      0.6125,
      0.3075,
      0,
      0.3825,
      0.0775,
      0.46,
      0.1525,
      0.535,
      0.23,
      0.6125,
      0.3075,
      0,
      0.3825,
      0.0775,
      0.46,
      0.1525,
      0.535,
      0.23,
      0.6125,
      0.3075,
      0,
      0.3825,
      0.0775,
      0.46,
      0.1525,
      0.535,
      0.23,
      0.6125
    ],
    "SoftwareVersions": "syngo MR E11",
    "SpacingBetweenSlices": 2,
    "StationName": "AWP66014",
    "TaskName": "Chinese-RDR",
    "TotalReadoutTime": 0.0598493,
    "TxRefAmp": 264.371,
    "dataset": "ds004078",
    "modality": "bold",
    "run_id": 20,
    "subject_id": "08",
    "task_id": "RDR"
  },
  "dummy_trs": 2,
  "dvars_nstd": 49.108996060026556,
  "dvars_std": 1.095865704562334,
  "dvars_vstd": 1.0140990567904506,
  "efc": 0.5333686613581458,
  "fber": 409.5260009765625,
  "fd_mean": 0.07979180325559962,
  "fd_num": 2,
  "fd_perc": 0.5291005291005291,
  "fwhm_avg": 3.3572333333333333,
  "fwhm_x": 3.09526,
  "fwhm_y": 3.44752,
  "fwhm_z": 3.52892,
  "gcor": 0.00366787,
  "gsr_x": 0.025471951812505722,
  "gsr_y": 0.028654642403125763,
  "provenance": {
    "md5sum": "d5cac117eac081b41ef1a15ca4dc43d2",
    "settings": {
      "fd_thres": 0.2,
      "testing": false
    },
    "software": "mriqc",
    "version": "23.0.1",
    "webapi_port": null,
    "webapi_url": "https://mriqc.nimh.nih.gov/api/v1"
  },
  "size_t": 378,
  "size_x": 106,
  "size_y": 106,
  "size_z": 72,
  "snr": 1.9383688284453031,
  "spacing_tr": 0.7099999785423279,
  "spacing_x": 2.0,
  "spacing_y": 2.0,
  "spacing_z": 2.0,
  "summary_bg_k": 25.78183878364967,
  "summary_bg_mad": 14.07295585033536,
  "summary_bg_mean": 47.32828140258789,
  "summary_bg_median": 22.949735641479492,
  "summary_bg_n": 529025.0,
  "summary_bg_p05": 11.690475463867188,
  "summary_bg_p95": 177.74020690917965,
  "summary_bg_stdv": 70.12753295898438,
  "summary_fg_k": 3.435101846845191,
  "summary_fg_mad": 199.29821955658105,
  "summary_fg_mean": 532.6483764648438,
  "summary_fg_median": 479.5224609375,
  "summary_fg_n": 170530.0,
  "summary_fg_p05": 247.23663101196288,
  "summary_fg_p95": 1008.6326416015621,
  "summary_fg_stdv": 247.38380432128906,
  "tsnr": 30.419126401422545
}