{
  "aor": 0.0006342857142857142,
  "aqi": 0.006620895628997868,
  "bids_meta": {
    "AcquisitionMatrixPE": 106,
    "AcquisitionNumber": 1,
    "AcquisitionTime": "16:24:7.170000",
    "BandwidthPerPixelPhaseEncode": 16.551,
    "BaseResolution": 106,
    "BodyPartExamined": "HEAD",
    "CoilCombinationMethod": "Sum of Squares",
    "ConsistencyInfo": "N4_VE11C_LATEST_20160120",
    "ConversionSoftware": "dcm2niix",
    "ConversionSoftwareVersion": "v1.0.20211006",
    "Dcm2bidsVersion": "2.1.6",
    "DerivedVendorReportedEchoSpacing": 0.000569994,
    "DeviceSerialNumber": "66014",
    "DwellTime": 2e-06,
    "EchoTime": 0.03,
    "EchoTrainLength": 93,
    "EffectiveEchoSpacing": 0.000569994,
    "FlipAngle": 54,
    "ImageOrientationPatientDICOM": [
      0.997537,
      0.061665,
      -0.0334404,
      -0.061012,
      0.997932,
      0.0202112
    ],
    "ImageOrientationText": "Tra>Sag(-2.0)>Cor(1.0)",
    "ImageType": [
      "ORIGINAL",
      "PRIMARY",
      "M",
      "ND",
      "MOSAIC"
    ],
    "ImagingFrequency": 123.26,
    "InPlanePhaseEncodingDirectionDICOM": "COL",
    "InstitutionAddress": "Yiheyuan Road 5,Beijing F259C2,Haidian,CN,100871",
    "InstitutionName": "CMR of Peking Univeristy",
    "InstitutionalDepartmentName": "Department",
    "MRAcquisitionType": "2D",
    "MagneticFieldStrength": 3,
    "Manufacturer": "Siemens",
    "ManufacturersModelName": "Prisma",
    "Modality": "MR",
    "MultibandAccelerationFactor": 8,
    "PartialFourier": 0.875,
    "PatientPosition": "HFS",
    "PercentPhaseFOV": 100,
    "PercentSampling": 100,
    "PhaseEncodingDirection": "j-",
    "PhaseEncodingSteps": 93,
    "PhaseResolution": 1,
    "PixelBandwidth": 2360,
    "ProcedureStepDescription": "Research^Projects_64CH",
    "ProtocolName": "fMRI_run5_AP",
    "PulseSequenceDetails": "%SiemensSeq%\\ep2d_bold",
    "ReceiveCoilActiveElements": "HC1-7;NC1,2",
    "ReceiveCoilName": "HeadNeck_64",
    "ReconMatrixPE": 106,
    "RefLinesPE": 32,
    "RepetitionTime": 0.71,
    "SAR": 0.104332,
    "ScanOptions": "PFP\\FS",
    "ScanningSequence": "EP",
    "SequenceName": "*epfid2d1_106",
    "SequenceVariant": "SK",
    "SeriesDescription": "fMRI_run5_AP",
    "SeriesNumber": 9,
    "ShimSetting": [
      -3470,
      -2098,
      -1903,
      413,
      -5,
      -273,
      -71,
      74
    ],
    "SliceThickness": 2,
    "SliceTiming": [
      0.3075,
      0,
      0.385,
      0.0775,
      0.46,
      0.155,
      0.5375,
      0.23,
      0.615,
      0.3075,
      0,
      0.385,
      0.0775,
      0.46,
      0.155,
      0.5375,
      0.23,
      0.615,
      0.3075,
      0,
      0.385,
      0.0775,
      0.46,
      0.155,
      0.5375,
      0.23,
      0.615,
      0.3075,
      0,
      0.385,
      0.0775,
      0.46,
      0.155,
      0.5375,
      0.23,
      0.615,
      0.3075,
      0,
      0.385,
      0.0775,
      0.46,
      0.155,
      0.5375,
      0.23,
      0.615,
      0.3075,
      0,
      0.385,
      0.0775,
      0.46,
      0.155,
      0.5375,
      0.23,
      0.615,
      0.3075,
      0,
      0.385,
      0.0775,
      0.46,
      0.155,
      0.5375,
      0.23,
      0.615,
      0.3075,
      0,
      0.385,
      0.0775,
      0.46,
      0.155,
      0.5375,
      0.23,
      0.615
    ],
    "SoftwareVersions": "syngo MR E11",
    "SpacingBetweenSlices": 2,
    "StationName": "AWP66014",
    "TaskName": "Chinese-RDR",
    "TotalReadoutTime": 0.0598493,
    "TxRefAmp": 267.394,
    "dataset": "ds004078",
    "modality": "bold",
    "run_id": 35,
    "subject_id": "08",
    "task_id": "RDR"
  },
  "dummy_trs": 3,
  "dvars_nstd": 50.54513133282053,
  "dvars_std": 1.0991872217948715,
  "dvars_vstd": 1.0068831821367519,
  "efc": 0.5347197826323924,
  "fber": 436.1922302246094,
  "fd_mean": 0.07495315067350262,
  "fd_num": 0,
  "fd_perc": 0.0,
  "fwhm_avg": 3.22883,
  "fwhm_x": 2.93957,
  "fwhm_y": 3.300775,
  "fwhm_z": 3.446145,
  "gcor": 0.00496627,
  "gsr_x": 0.024195706471800804,
  "gsr_y": 0.02527768351137638,
  "provenance": {
    "md5sum": "cafdb75b1a1eef18a1ab1682dc8983c5",
    "settings": {
      "fd_thres": 0.2,
      "testing": false
    },
    "software": "mriqc",
    "version": "23.0.1",
    "webapi_port": null,
    "webapi_url": "https://mriqc.nimh.nih.gov/api/v1"
  },
  "size_t": 469,
  "size_x": 106,
  "size_y": 106,
  "size_z": 72,
  "snr": 2.101598022620408,
  "spacing_tr": 0.7099999785423279,
  "spacing_x": 2.0,
  "spacing_y": 2.0,
  "spacing_z": 2.0,
  "summary_bg_k": 25.655525858783175,
  "summary_bg_mad": 12.764920394471051,
  "summary_bg_mean": 42.886695861816406,
  "summary_bg_median": 21.409381866455078,
  "summary_bg_n": 531034.0,
  "summary_bg_p05": 11.223880767822266,
  "summary_bg_p95": 157.62271118164048,
  "summary_bg_stdv": 62.25802230834961,
  "summary_fg_k": 2.2747520037300113,
  "summary_fg_mad": 183.93122039930938,
  "summary_fg_mean": 506.827392578125,
  "summary_fg_median": 461.8976745605469,
  "summary_fg_n": 167753.0,
  "summary_fg_p05": 244.90234985351563,
  "summary_fg_p95": 932.6349853515624,
  "summary_fg_stdv": 219.7833709716797,
  "tsnr": 29.095648031914607
}