{
  "aor": 0.00023643987341772152,
  "aqi": 0.007443325917721518,
  "bids_meta": {
    "AcquisitionMatrixPE": 106,
    "AcquisitionNumber": 1,
    "AcquisitionTime": "17:33:16.280000",
    "BandwidthPerPixelPhaseEncode": 16.551,
    "BaseResolution": 106,
    "BodyPartExamined": "HEAD",
    "CoilCombinationMethod": "Sum of Squares",
    "ConsistencyInfo": "N4_VE11C_LATEST_20160120",
    "ConversionSoftware": "dcm2niix",
    "ConversionSoftwareVersion": "v1.0.20211006",
    "Dcm2bidsVersion": "2.1.6",
    "DerivedVendorReportedEchoSpacing": 0.000569994,
    "DeviceSerialNumber": "66014",
    "DwellTime": 2e-06,
    "EchoTime": 0.03,
    "EchoTrainLength": 93,
    "EffectiveEchoSpacing": 0.000569994,
    "FlipAngle": 54,
    "ImageOrientationPatientDICOM": [
      0.999906,
      0.00850038,
      0.0107547,
      -0.00872603,
      0.999739,
      0.0211109
    ],
    "ImageOrientationText": "Tra>Cor(1.2)>Sag(0.6)",
    "ImageType": [
      "ORIGINAL",
      "PRIMARY",
      "M",
      "ND",
      "MOSAIC"
    ],
    "ImagingFrequency": 123.259,
    "InPlanePhaseEncodingDirectionDICOM": "COL",
    "InstitutionAddress": "Yiheyuan Road 5,Beijing  0FCA35,Haidian,CN,100871",
    "InstitutionName": "CMR of Peking Univeristy",
    "InstitutionalDepartmentName": "Department",
    "MRAcquisitionType": "2D",
    "MagneticFieldStrength": 3,
    "Manufacturer": "Siemens",
    "ManufacturersModelName": "Prisma",
    "Modality": "MR",
    "MultibandAccelerationFactor": 8,
    "PartialFourier": 0.875,
    "PatientPosition": "HFS",
    "PercentPhaseFOV": 100,
    "PercentSampling": 100,
    "PhaseEncodingDirection": "j",
    "PhaseEncodingSteps": 93,
    "PhaseResolution": 1,
    "PixelBandwidth": 2360,
    "ProcedureStepDescription": "Research^Projects_64CH",
    "ProtocolName": "fMRI_Rest1_PA",
    "PulseSequenceDetails": "%SiemensSeq%\\ep2d_bold",
    "ReceiveCoilActiveElements": "HC1-7;NC1,2",
    "ReceiveCoilName": "HeadNeck_64",
    "ReconMatrixPE": 106,
    "RefLinesPE": 32,
    "RepetitionTime": 0.71,
    "SAR": 0.11038,
    "ScanOptions": "PFP\\FS",
    "ScanningSequence": "EP",
    "SequenceName": "*epfid2d1_106",
    "SequenceVariant": "SK",
    "SeriesDescription": "fMRI_Rest1_PA",
    "SeriesNumber": 6,
    "ShimSetting": [
      -3454,
      -2090,
      -1897,
      378,
      -26,
      -315,
      -100,
      60
    ],
    "SliceThickness": 2,
    "SliceTiming": [
      0.3075,
      0,
      0.3825,
      0.0775,
      0.46,
      0.1525,
      0.5375,
      0.23,
      0.6125,
      0.3075,
      0,
      0.3825,
      0.0775,
      0.46,
      0.1525,
      0.5375,
      0.23,
      0.6125,
      0.3075,
      0,
      0.3825,
      0.0775,
      0.46,
      0.1525,
      0.5375,
      0.23,
      0.6125,
      0.3075,
      0,
      0.3825,
      0.0775,
      0.46,
      0.1525,
      0.5375,
      0.23,
      0.6125,
      0.3075,
      0,
      0.3825,
      0.0775,
      0.46,
      0.1525,
      0.5375,
      0.23,
      0.6125,
      0.3075,
      0,
      0.3825,
      0.0775,
      0.46,
      0.1525,
      0.5375,
      0.23,
      0.6125,
      0.3075,
      0,
      0.3825,
      0.0775,
      0.46,
      0.1525,
      0.5375,
      0.23,
      0.6125,
      0.3075,
      0,
      0.3825,
      0.0775,
      0.46,
      0.1525,
      0.5375,
      0.23,
      0.6125
    ],
    "SoftwareVersions": "syngo MR E11",
    "SpacingBetweenSlices": 2,
    "StationName": "AWP66014",
    "TaskName": "rest",
    "TotalReadoutTime": 0.0598493,
    "TxRefAmp": 260.746,
    "dataset": "ds004078",
    "modality": "bold",
    "run_id": 2,
    "subject_id": "08",
    "task_id": "rest"
  },
  "dummy_trs": 2,
  "dvars_nstd": 46.65445847683042,
  "dvars_std": 1.0219790974801894,
  "dvars_vstd": 0.9902819209191757,
  "efc": 0.5397042097640328,
  "fber": 428.20904541015625,
  "fd_mean": 0.09287383585595983,
  "fd_num": 9,
  "fd_perc": 1.4240506329113924,
  "fwhm_avg": 3.236978333333333,
  "fwhm_x": 2.939055,
  "fwhm_y": 3.376315,
  "fwhm_z": 3.395565,
  "gcor": 0.00677634,
  "gsr_x": 0.021108301356434822,
  "gsr_y": 0.0631585344672203,
  "provenance": {
    "md5sum": "beee9d20de9a5c248baa0816f327f49c",
    "settings": {
      "fd_thres": 0.2,
      "testing": false
    },
    "software": "mriqc",
    "version": "23.0.1",
    "webapi_port": null,
    "webapi_url": "https://mriqc.nimh.nih.gov/api/v1"
  },
  "size_t": 632,
  "size_x": 106,
  "size_y": 106,
  "size_z": 72,
  "snr": 2.072373108931738,
  "spacing_tr": 0.7099999785423279,
  "spacing_x": 2.0,
  "spacing_y": 2.0,
  "spacing_z": 2.0,
  "summary_bg_k": 39.36677305138361,
  "summary_bg_mad": 13.796176835672496,
  "summary_bg_mean": 46.48366165161133,
  "summary_bg_median": 22.026899337768555,
  "summary_bg_n": 528843.0,
  "summary_bg_p05": 11.175633430480957,
  "summary_bg_p95": 177.17848968505794,
  "summary_bg_stdv": 72.2088394165039,
  "summary_fg_k": 0.9374388077803859,
  "summary_fg_mad": 200.8761765167706,
  "summary_fg_mean": 509.69580078125,
  "summary_fg_median": 465.003173828125,
  "summary_fg_n": 170201.0,
  "summary_fg_p05": 229.3069610595703,
  "summary_fg_p95": 940.6788330078125,
  "summary_fg_stdv": 224.38131713867188,
  "tsnr": 27.618327716598287
}