{
  "aor": 0.000221434184675835,
  "aqi": 0.007152353359528487,
  "bids_meta": {
    "AcquisitionMatrixPE": 106,
    "AcquisitionNumber": 1,
    "AcquisitionTime": "10:34:14.387500",
    "BandwidthPerPixelPhaseEncode": 16.551,
    "BaseResolution": 106,
    "BodyPartExamined": "HEAD",
    "CoilCombinationMethod": "Sum of Squares",
    "ConsistencyInfo": "N4_VE11C_LATEST_20160120",
    "ConversionSoftware": "dcm2niix",
    "ConversionSoftwareVersion": "v1.0.20211006",
    "Dcm2bidsVersion": "2.1.6",
    "DerivedVendorReportedEchoSpacing": 0.000569994,
    "DeviceSerialNumber": "66014",
    "DwellTime": 2e-06,
    "EchoTime": 0.03,
    "EchoTrainLength": 93,
    "EffectiveEchoSpacing": 0.000569994,
    "FlipAngle": 54,
    "ImageOrientationPatientDICOM": [
      0.99802,
      -0.0246805,
      0.0578594,
      0.0331077,
      0.9882,
      -0.14955
    ],
    "ImageOrientationText": "Tra>Cor(-8.7)>Sag(3.1)",
    "ImageType": [
      "ORIGINAL",
      "PRIMARY",
      "M",
      "ND",
      "MOSAIC"
    ],
    "ImagingFrequency": 123.259,
    "InPlanePhaseEncodingDirectionDICOM": "COL",
    "InstitutionAddress": "Yiheyuan Road 5,Beijing  0FCA35,Haidian,CN,100871",
    "InstitutionName": "CMR of Peking Univeristy",
    "InstitutionalDepartmentName": "Department",
    "MRAcquisitionType": "2D",
    "MagneticFieldStrength": 3,
    "Manufacturer": "Siemens",
    "ManufacturersModelName": "Prisma",
    "Modality": "MR",
    "MultibandAccelerationFactor": 8,
    "PartialFourier": 0.875,
    "PatientPosition": "HFS",
    "PercentPhaseFOV": 100,
    "PercentSampling": 100,
    "PhaseEncodingDirection": "j-",
    "PhaseEncodingSteps": 93,
    "PhaseResolution": 1,
    "PixelBandwidth": 2360,
    "ProcedureStepDescription": "Research^Projects_64CH",
    "ProtocolName": "fMRI_run2_AP",
    "PulseSequenceDetails": "%SiemensSeq%\\ep2d_bold",
    "ReceiveCoilActiveElements": "HC1-7;NC1,2",
    "ReceiveCoilName": "HeadNeck_64",
    "ReconMatrixPE": 106,
    "RefLinesPE": 32,
    "RepetitionTime": 0.71,
    "SAR": 0.0957829,
    "ScanOptions": "PFP\\FS",
    "ScanningSequence": "EP",
    "SequenceName": "*epfid2d1_106",
    "SequenceVariant": "SK",
    "SeriesDescription": "fMRI_run2_AP",
    "SeriesNumber": 6,
    "ShimSetting": [
      -3427,
      -2125,
      -1990,
      626,
      29,
      -318,
      -121,
      -26
    ],
    "SliceThickness": 2,
    "SliceTiming": [
      0.3075,
      0,
      0.385,
      0.0775,
      0.46,
      0.155,
      0.5375,
      0.23,
      0.615,
      0.3075,
      0,
      0.385,
      0.0775,
      0.46,
      0.155,
      0.5375,
      0.23,
      0.615,
      0.3075,
      0,
      0.385,
      0.0775,
      0.46,
      0.155,
      0.5375,
      0.23,
      0.615,
      0.3075,
      0,
      0.385,
      0.0775,
      0.46,
      0.155,
      0.5375,
      0.23,
      0.615,
      0.3075,
      0,
      0.385,
      0.0775,
      0.46,
      0.155,
      0.5375,
      0.23,
      0.615,
      0.3075,
      0,
      0.385,
      0.0775,
      0.46,
      0.155,
      0.5375,
      0.23,
      0.615,
      0.3075,
      0,
      0.385,
      0.0775,
      0.46,
      0.155,
      0.5375,
      0.23,
      0.615,
      0.3075,
      0,
      0.385,
      0.0775,
      0.46,
      0.155,
      0.5375,
      0.23,
      0.615
    ],
    "SoftwareVersions": "syngo MR E11",
    "SpacingBetweenSlices": 2,
    "StationName": "AWP66014",
    "TaskName": "Chinese-RDR",
    "TotalReadoutTime": 0.0598493,
    "TxRefAmp": 245.741,
    "dataset": "ds004078",
    "modality": "bold",
    "run_id": 42,
    "subject_id": "02",
    "task_id": "RDR"
  },
  "dummy_trs": 1,
  "dvars_nstd": 42.99750175618112,
  "dvars_std": 1.011516261240158,
  "dvars_vstd": 0.9984594916141732,
  "efc": 0.5226250184384721,
  "fber": 666.5902709960938,
  "fd_mean": 0.05916646135615347,
  "fd_num": 1,
  "fd_perc": 0.19646365422396855,
  "fwhm_avg": 3.2749366666666666,
  "fwhm_x": 3.04405,
  "fwhm_y": 3.39026,
  "fwhm_z": 3.3905,
  "gcor": 0.00470688,
  "gsr_x": -0.01443652343004942,
  "gsr_y": 0.06681063771247864,
  "provenance": {
    "md5sum": "9848e3df34f4afadf6e412b1723348ad",
    "settings": {
      "fd_thres": 0.2,
      "testing": false
    },
    "software": "mriqc",
    "version": "23.0.1",
    "webapi_port": null,
    "webapi_url": "https://mriqc.nimh.nih.gov/api/v1"
  },
  "size_t": 509,
  "size_x": 106,
  "size_y": 106,
  "size_z": 72,
  "snr": 2.5166125986063244,
  "spacing_tr": 0.7099999785423279,
  "spacing_x": 2.0,
  "spacing_y": 2.0,
  "spacing_z": 2.0,
  "summary_bg_k": 36.11701369449739,
  "summary_bg_mad": 9.46943139512787,
  "summary_bg_mean": 38.76216125488281,
  "summary_bg_median": 18.01375389099121,
  "summary_bg_n": 548763.0,
  "summary_bg_p05": 10.97053050994873,
  "summary_bg_p95": 143.14735412597656,
  "summary_bg_stdv": 60.46785354614258,
  "summary_fg_k": 1.3485682692615013,
  "summary_fg_mad": 161.83376006916504,
  "summary_fg_mean": 503.7905578613281,
  "summary_fg_median": 473.2220153808594,
  "summary_fg_n": 157565.0,
  "summary_fg_p05": 262.98822021484375,
  "summary_fg_p95": 866.4711669921875,
  "summary_fg_stdv": 188.03868103027344,
  "tsnr": 30.634786740411073
}