{
  "aor": 0.00018541996830427892,
  "aqi": 0.008245061347068145,
  "bids_meta": {
    "AcquisitionMatrixPE": 106,
    "AcquisitionNumber": 1,
    "AcquisitionTime": "12:27:49.395000",
    "BandwidthPerPixelPhaseEncode": 16.551,
    "BaseResolution": 106,
    "BodyPartExamined": "HEAD",
    "CoilCombinationMethod": "Sum of Squares",
    "ConsistencyInfo": "N4_VE11C_LATEST_20160120",
    "ConversionSoftware": "dcm2niix",
    "ConversionSoftwareVersion": "v1.0.20211006",
    "Dcm2bidsVersion": "2.1.6",
    "DerivedVendorReportedEchoSpacing": 0.000569994,
    "DeviceSerialNumber": "66014",
    "DwellTime": 2e-06,
    "EchoTime": 0.03,
    "EchoTrainLength": 93,
    "EffectiveEchoSpacing": 0.000569994,
    "FlipAngle": 54,
    "ImageOrientationPatientDICOM": [
      0.994635,
      -0.0709285,
      0.0753075,
      0.0782795,
      0.991941,
      -0.0996259
    ],
    "ImageOrientationText": "Tra>Cor(-6.0)>Sag(3.9)",
    "ImageType": [
      "ORIGINAL",
      "PRIMARY",
      "M",
      "ND",
      "MOSAIC"
    ],
    "ImagingFrequency": 123.26,
    "InPlanePhaseEncodingDirectionDICOM": "COL",
    "InstitutionAddress": "Yiheyuan Road 5,Beijing  0FCA35,Haidian,CN,100871",
    "InstitutionName": "CMR of Peking Univeristy",
    "InstitutionalDepartmentName": "Department",
    "MRAcquisitionType": "2D",
    "MagneticFieldStrength": 3,
    "Manufacturer": "Siemens",
    "ManufacturersModelName": "Prisma",
    "Modality": "MR",
    "MultibandAccelerationFactor": 8,
    "PartialFourier": 0.875,
    "PatientPosition": "HFS",
    "PercentPhaseFOV": 100,
    "PercentSampling": 100,
    "PhaseEncodingDirection": "j",
    "PhaseEncodingSteps": 93,
    "PhaseResolution": 1,
    "PixelBandwidth": 2360,
    "ProcedureStepDescription": "Research^Projects_64CH",
    "ProtocolName": "fMRI_Rest2_PA",
    "PulseSequenceDetails": "%SiemensSeq%\\ep2d_bold",
    "ReceiveCoilActiveElements": "HC1-7;NC1,2",
    "ReceiveCoilName": "HeadNeck_64",
    "ReconMatrixPE": 106,
    "RefLinesPE": 32,
    "RepetitionTime": 0.71,
    "SAR": 0.0949232,
    "ScanOptions": "PFP\\FS",
    "ScanningSequence": "EP",
    "SequenceName": "*epfid2d1_106",
    "SequenceVariant": "SK",
    "SeriesDescription": "fMRI_Rest2_PA",
    "SeriesNumber": 22,
    "ShimSetting": [
      -3435,
      -2122,
      -1946,
      581,
      -44,
      -351,
      -165,
      -60
    ],
    "SliceThickness": 2,
    "SliceTiming": [
      0.3075,
      0,
      0.385,
      0.0775,
      0.46,
      0.155,
      0.5375,
      0.23,
      0.615,
      0.3075,
      0,
      0.385,
      0.0775,
      0.46,
      0.155,
      0.5375,
      0.23,
      0.615,
      0.3075,
      0,
      0.385,
      0.0775,
      0.46,
      0.155,
      0.5375,
      0.23,
      0.615,
      0.3075,
      0,
      0.385,
      0.0775,
      0.46,
      0.155,
      0.5375,
      0.23,
      0.615,
      0.3075,
      0,
      0.385,
      0.0775,
      0.46,
      0.155,
      0.5375,
      0.23,
      0.615,
      0.3075,
      0,
      0.385,
      0.0775,
      0.46,
      0.155,
      0.5375,
      0.23,
      0.615,
      0.3075,
      0,
      0.385,
      0.0775,
      0.46,
      0.155,
      0.5375,
      0.23,
      0.615,
      0.3075,
      0,
      0.385,
      0.0775,
      0.46,
      0.155,
      0.5375,
      0.23,
      0.615
    ],
    "SoftwareVersions": "syngo MR E11",
    "SpacingBetweenSlices": 2,
    "StationName": "AWP66014",
    "TaskName": "rest",
    "TotalReadoutTime": 0.0598493,
    "TxRefAmp": 233.549,
    "dataset": "ds004078",
    "modality": "bold",
    "run_id": 4,
    "subject_id": "02",
    "task_id": "rest"
  },
  "dummy_trs": 3,
  "dvars_nstd": 47.54616867558732,
  "dvars_std": 1.0410067715555562,
  "dvars_vstd": 0.9893779238730154,
  "efc": 0.5280163742298724,
  "fber": 627.1611328125,
  "fd_mean": 0.04771805597555867,
  "fd_num": 0,
  "fd_perc": 0.0,
  "fwhm_avg": 3.181831666666666,
  "fwhm_x": 2.952555,
  "fwhm_y": 3.220145,
  "fwhm_z": 3.372795,
  "gcor": 0.00312511,
  "gsr_x": -0.008136468939483166,
  "gsr_y": 0.05496756359934807,
  "provenance": {
    "md5sum": "603950d1ae4a3978cde5745183c5d1d2",
    "settings": {
      "fd_thres": 0.2,
      "testing": false
    },
    "software": "mriqc",
    "version": "23.0.1",
    "webapi_port": null,
    "webapi_url": "https://mriqc.nimh.nih.gov/api/v1"
  },
  "size_t": 631,
  "size_x": 106,
  "size_y": 106,
  "size_z": 72,
  "snr": 2.628721446443235,
  "spacing_tr": 0.7099999785423279,
  "spacing_x": 2.0,
  "spacing_y": 2.0,
  "spacing_z": 2.0,
  "summary_bg_k": 44.31041742286582,
  "summary_bg_mad": 10.373517074518219,
  "summary_bg_mean": 41.3923454284668,
  "summary_bg_median": 18.811410903930664,
  "summary_bg_n": 552519.0,
  "summary_bg_p05": 11.125198364257812,
  "summary_bg_p95": 164.52313842773435,
  "summary_bg_stdv": 66.60614776611328,
  "summary_fg_k": 0.3347552054163292,
  "summary_fg_mad": 173.78163002266655,
  "summary_fg_mean": 496.6331481933594,
  "summary_fg_median": 472.19732666015625,
  "summary_fg_n": 154880.0,
  "summary_fg_p05": 253.16458740234376,
  "summary_fg_p95": 832.7513793945312,
  "summary_fg_stdv": 179.62945556640625,
  "tsnr": 28.65525548439473
}