{
  "aor": 0.00022383928571428574,
  "aqi": 0.007222971428571429,
  "bids_meta": {
    "AcquisitionMatrixPE": 106,
    "AcquisitionNumber": 1,
    "AcquisitionTime": "10:26:54.012500",
    "BandwidthPerPixelPhaseEncode": 16.551,
    "BaseResolution": 106,
    "BodyPartExamined": "HEAD",
    "CoilCombinationMethod": "Sum of Squares",
    "ConsistencyInfo": "N4_VE11C_LATEST_20160120",
    "ConversionSoftware": "dcm2niix",
    "ConversionSoftwareVersion": "v1.0.20211006",
    "Dcm2bidsVersion": "2.1.6",
    "DerivedVendorReportedEchoSpacing": 0.000569994,
    "DeviceSerialNumber": "66014",
    "DwellTime": 2e-06,
    "EchoTime": 0.03,
    "EchoTrainLength": 93,
    "EffectiveEchoSpacing": 0.000569994,
    "FlipAngle": 54,
    "ImageOrientationPatientDICOM": [
      0.99802,
      -0.0246805,
      0.0578594,
      0.0331077,
      0.9882,
      -0.14955
    ],
    "ImageOrientationText": "Tra>Cor(-8.7)>Sag(3.1)",
    "ImageType": [
      "ORIGINAL",
      "PRIMARY",
      "M",
      "ND",
      "MOSAIC"
    ],
    "ImagingFrequency": 123.259,
    "InPlanePhaseEncodingDirectionDICOM": "COL",
    "InstitutionAddress": "Yiheyuan Road 5,Beijing  0FCA35,Haidian,CN,100871",
    "InstitutionName": "CMR of Peking Univeristy",
    "InstitutionalDepartmentName": "Department",
    "MRAcquisitionType": "2D",
    "MagneticFieldStrength": 3,
    "Manufacturer": "Siemens",
    "ManufacturersModelName": "Prisma",
    "Modality": "MR",
    "MultibandAccelerationFactor": 8,
    "PartialFourier": 0.875,
    "PatientPosition": "HFS",
    "PercentPhaseFOV": 100,
    "PercentSampling": 100,
    "PhaseEncodingDirection": "j-",
    "PhaseEncodingSteps": 93,
    "PhaseResolution": 1,
    "PixelBandwidth": 2360,
    "ProcedureStepDescription": "Research^Projects_64CH",
    "ProtocolName": "fMRI_run1_AP",
    "PulseSequenceDetails": "%SiemensSeq%\\ep2d_bold",
    "ReceiveCoilActiveElements": "HC1-7;NC1,2",
    "ReceiveCoilName": "HeadNeck_64",
    "ReconMatrixPE": 106,
    "RefLinesPE": 32,
    "RepetitionTime": 0.71,
    "SAR": 0.0959073,
    "ScanOptions": "PFP\\FS",
    "ScanningSequence": "EP",
    "SequenceName": "*epfid2d1_106",
    "SequenceVariant": "SK",
    "SeriesDescription": "fMRI_run1_AP",
    "SeriesNumber": 5,
    "ShimSetting": [
      -3427,
      -2125,
      -1990,
      626,
      29,
      -318,
      -121,
      -26
    ],
    "SliceThickness": 2,
    "SliceTiming": [
      0.3075,
      0,
      0.385,
      0.0775,
      0.46,
      0.155,
      0.5375,
      0.23,
      0.615,
      0.3075,
      0,
      0.385,
      0.0775,
      0.46,
      0.155,
      0.5375,
      0.23,
      0.615,
      0.3075,
      0,
      0.385,
      0.0775,
      0.46,
      0.155,
      0.5375,
      0.23,
      0.615,
      0.3075,
      0,
      0.385,
      0.0775,
      0.46,
      0.155,
      0.5375,
      0.23,
      0.615,
      0.3075,
      0,
      0.385,
      0.0775,
      0.46,
      0.155,
      0.5375,
      0.23,
      0.615,
      0.3075,
      0,
      0.385,
      0.0775,
      0.46,
      0.155,
      0.5375,
      0.23,
      0.615,
      0.3075,
      0,
      0.385,
      0.0775,
      0.46,
      0.155,
      0.5375,
      0.23,
      0.615,
      0.3075,
      0,
      0.385,
      0.0775,
      0.46,
      0.155,
      0.5375,
      0.23,
      0.615
    ],
    "SoftwareVersions": "syngo MR E11",
    "SpacingBetweenSlices": 2,
    "StationName": "AWP66014",
    "TaskName": "Chinese-RDR",
    "TotalReadoutTime": 0.0598493,
    "TxRefAmp": 245.741,
    "dataset": "ds004078",
    "modality": "bold",
    "run_id": 41,
    "subject_id": "02",
    "task_id": "RDR"
  },
  "dummy_trs": 1,
  "dvars_nstd": 42.899060189373884,
  "dvars_std": 1.00943277805009,
  "dvars_vstd": 0.9945296448658321,
  "efc": 0.5221510864228489,
  "fber": 668.3870849609375,
  "fd_mean": 0.059729048475242956,
  "fd_num": 0,
  "fd_perc": 0.0,
  "fwhm_avg": 3.282336666666667,
  "fwhm_x": 3.05392,
  "fwhm_y": 3.39381,
  "fwhm_z": 3.39928,
  "gcor": 0.00331568,
  "gsr_x": -0.01410457119345665,
  "gsr_y": 0.0674869641661644,
  "provenance": {
    "md5sum": "9efec0c295dcdbbf3de5d69a047d2131",
    "settings": {
      "fd_thres": 0.2,
      "testing": false
    },
    "software": "mriqc",
    "version": "23.0.1",
    "webapi_port": null,
    "webapi_url": "https://mriqc.nimh.nih.gov/api/v1"
  },
  "size_t": 560,
  "size_x": 106,
  "size_y": 106,
  "size_z": 72,
  "snr": 2.521264779561584,
  "spacing_tr": 0.7099999785423279,
  "spacing_x": 2.0,
  "spacing_y": 2.0,
  "spacing_z": 2.0,
  "summary_bg_k": 39.39932012100228,
  "summary_bg_mad": 9.55749031138051,
  "summary_bg_mean": 38.63505935668945,
  "summary_bg_median": 18.00535774230957,
  "summary_bg_n": 548637.0,
  "summary_bg_p05": 10.916071891784668,
  "summary_bg_p95": 141.52178039550773,
  "summary_bg_stdv": 60.438228607177734,
  "summary_fg_k": 1.3502455698561002,
  "summary_fg_mad": 161.9795860869337,
  "summary_fg_mean": 504.9101867675781,
  "summary_fg_median": 474.2124938964844,
  "summary_fg_n": 157381.0,
  "summary_fg_p05": 264.69287109375,
  "summary_fg_p95": 867.794677734375,
  "summary_fg_stdv": 188.08456420898438,
  "tsnr": 30.378579644253477
}