{
  "aor": 0.0002813839285714286,
  "aqi": 0.007698307522321429,
  "bids_meta": {
    "AcquisitionMatrixPE": 106,
    "AcquisitionNumber": 1,
    "AcquisitionTime": "11:06:30.542500",
    "BandwidthPerPixelPhaseEncode": 16.551,
    "BaseResolution": 106,
    "BodyPartExamined": "HEAD",
    "CoilCombinationMethod": "Sum of Squares",
    "ConsistencyInfo": "N4_VE11C_LATEST_20160120",
    "ConversionSoftware": "dcm2niix",
    "ConversionSoftwareVersion": "v1.0.20211006",
    "Dcm2bidsVersion": "2.1.6",
    "DerivedVendorReportedEchoSpacing": 0.000569994,
    "DeviceSerialNumber": "66014",
    "DwellTime": 2e-06,
    "EchoTime": 0.03,
    "EchoTrainLength": 93,
    "EffectiveEchoSpacing": 0.000569994,
    "FlipAngle": 54,
    "ImageOrientationPatientDICOM": [
      0.99802,
      -0.0246805,
      0.0578594,
      0.0331077,
      0.9882,
      -0.14955
    ],
    "ImageOrientationText": "Tra>Cor(-8.7)>Sag(3.1)",
    "ImageType": [
      "ORIGINAL",
      "PRIMARY",
      "M",
      "ND",
      "MOSAIC"
    ],
    "ImagingFrequency": 123.259,
    "InPlanePhaseEncodingDirectionDICOM": "COL",
    "InstitutionAddress": "Yiheyuan Road 5,Beijing  0FCA35,Haidian,CN,100871",
    "InstitutionName": "CMR of Peking Univeristy",
    "InstitutionalDepartmentName": "Department",
    "MRAcquisitionType": "2D",
    "MagneticFieldStrength": 3,
    "Manufacturer": "Siemens",
    "ManufacturersModelName": "Prisma",
    "Modality": "MR",
    "MultibandAccelerationFactor": 8,
    "PartialFourier": 0.875,
    "PatientPosition": "HFS",
    "PercentPhaseFOV": 100,
    "PercentSampling": 100,
    "PhaseEncodingDirection": "j-",
    "PhaseEncodingSteps": 93,
    "PhaseResolution": 1,
    "PixelBandwidth": 2360,
    "ProcedureStepDescription": "Research^Projects_64CH",
    "ProtocolName": "fMRI_run7_AP",
    "PulseSequenceDetails": "%SiemensSeq%\\ep2d_bold",
    "ReceiveCoilActiveElements": "HC1-7;NC1,2",
    "ReceiveCoilName": "HeadNeck_64",
    "ReconMatrixPE": 106,
    "RefLinesPE": 32,
    "RepetitionTime": 0.71,
    "SAR": 0.0955983,
    "ScanOptions": "PFP\\FS",
    "ScanningSequence": "EP",
    "SequenceName": "*epfid2d1_106",
    "SequenceVariant": "SK",
    "SeriesDescription": "fMRI_run7_AP",
    "SeriesNumber": 11,
    "ShimSetting": [
      -3427,
      -2125,
      -1990,
      626,
      29,
      -318,
      -121,
      -26
    ],
    "SliceThickness": 2,
    "SliceTiming": [
      0.305,
      0,
      0.3825,
      0.075,
      0.46,
      0.1525,
      0.535,
      0.23,
      0.6125,
      0.305,
      0,
      0.3825,
      0.075,
      0.46,
      0.1525,
      0.535,
      0.23,
      0.6125,
      0.305,
      0,
      0.3825,
      0.075,
      0.46,
      0.1525,
      0.535,
      0.23,
      0.6125,
      0.305,
      0,
      0.3825,
      0.075,
      0.46,
      0.1525,
      0.535,
      0.23,
      0.6125,
      0.305,
      0,
      0.3825,
      0.075,
      0.46,
      0.1525,
      0.535,
      0.23,
      0.6125,
      0.305,
      0,
      0.3825,
      0.075,
      0.46,
      0.1525,
      0.535,
      0.23,
      0.6125,
      0.305,
      0,
      0.3825,
      0.075,
      0.46,
      0.1525,
      0.535,
      0.23,
      0.6125,
      0.305,
      0,
      0.3825,
      0.075,
      0.46,
      0.1525,
      0.535,
      0.23,
      0.6125
    ],
    "SoftwareVersions": "syngo MR E11",
    "SpacingBetweenSlices": 2,
    "StationName": "AWP66014",
    "TaskName": "Chinese-RDR",
    "TotalReadoutTime": 0.0598493,
    "TxRefAmp": 245.741,
    "dataset": "ds004078",
    "modality": "bold",
    "run_id": 47,
    "subject_id": "02",
    "task_id": "RDR"
  },
  "dummy_trs": 1,
  "dvars_nstd": 43.43722328530199,
  "dvars_std": 1.013837235950783,
  "dvars_vstd": 0.999913507919463,
  "efc": 0.5236629918071448,
  "fber": 641.1949462890625,
  "fd_mean": 0.06059763384684116,
  "fd_num": 3,
  "fd_perc": 0.6696428571428571,
  "fwhm_avg": 3.3357233333333327,
  "fwhm_x": 3.0913,
  "fwhm_y": 3.453715,
  "fwhm_z": 3.462155,
  "gcor": 0.00575843,
  "gsr_x": -0.01015525870025158,
  "gsr_y": 0.06609079986810684,
  "provenance": {
    "md5sum": "0c12b6fc64a970420deade414089d9a2",
    "settings": {
      "fd_thres": 0.2,
      "testing": false
    },
    "software": "mriqc",
    "version": "23.0.1",
    "webapi_port": null,
    "webapi_url": "https://mriqc.nimh.nih.gov/api/v1"
  },
  "size_t": 448,
  "size_x": 106,
  "size_y": 106,
  "size_z": 72,
  "snr": 2.4601943843222234,
  "spacing_tr": 0.7099999785423279,
  "spacing_x": 2.0,
  "spacing_y": 2.0,
  "spacing_z": 2.0,
  "summary_bg_k": 31.155666659758033,
  "summary_bg_mad": 9.600511644791222,
  "summary_bg_mean": 39.209144592285156,
  "summary_bg_median": 18.24776840209961,
  "summary_bg_n": 547333.0,
  "summary_bg_p05": 11.158482551574707,
  "summary_bg_p95": 145.5357208251953,
  "summary_bg_stdv": 60.1672477722168,
  "summary_fg_k": 1.4230093578980911,
  "summary_fg_mad": 163.64554540658963,
  "summary_fg_mean": 503.82476806640625,
  "summary_fg_median": 471.32257080078125,
  "summary_fg_n": 157974.0,
  "summary_fg_p05": 260.86229095458987,
  "summary_fg_p95": 875.2568450927735,
  "summary_fg_stdv": 191.57879638671875,
  "tsnr": 30.895711017306894
}