{
  "aor": 0.00030709565217391303,
  "aqi": 0.007378849078260869,
  "bids_meta": {
    "AcquisitionMatrixPE": 106,
    "AcquisitionNumber": 1,
    "AcquisitionTime": "10:18:55.567500",
    "BandwidthPerPixelPhaseEncode": 16.551,
    "BaseResolution": 106,
    "BodyPartExamined": "HEAD",
    "CoilCombinationMethod": "Sum of Squares",
    "ConsistencyInfo": "N4_VE11C_LATEST_20160120",
    "ConversionSoftware": "dcm2niix",
    "ConversionSoftwareVersion": "v1.0.20211006",
    "Dcm2bidsVersion": "2.1.6",
    "DerivedVendorReportedEchoSpacing": 0.000569994,
    "DeviceSerialNumber": "66014",
    "DwellTime": 2e-06,
    "EchoTime": 0.03,
    "EchoTrainLength": 93,
    "EffectiveEchoSpacing": 0.000569994,
    "FlipAngle": 54,
    "ImageOrientationPatientDICOM": [
      0.998485,
      -0.035533,
      0.0420159,
      0.0383579,
      0.996916,
      -0.0684587
    ],
    "ImageOrientationText": "Tra>Cor(-4.0)>Sag(2.3)",
    "ImageType": [
      "ORIGINAL",
      "PRIMARY",
      "M",
      "ND",
      "MOSAIC"
    ],
    "ImagingFrequency": 123.259,
    "InPlanePhaseEncodingDirectionDICOM": "COL",
    "InstitutionAddress": "Yiheyuan Road 5,Beijing  0FCA35,Haidian,CN,100871",
    "InstitutionName": "CMR of Peking Univeristy",
    "InstitutionalDepartmentName": "Department",
    "MRAcquisitionType": "2D",
    "MagneticFieldStrength": 3,
    "Manufacturer": "Siemens",
    "ManufacturersModelName": "Prisma",
    "Modality": "MR",
    "MultibandAccelerationFactor": 8,
    "PartialFourier": 0.875,
    "PatientPosition": "HFS",
    "PercentPhaseFOV": 100,
    "PercentSampling": 100,
    "PhaseEncodingDirection": "j-",
    "PhaseEncodingSteps": 93,
    "PhaseResolution": 1,
    "PixelBandwidth": 2360,
    "ProcedureStepDescription": "Research^Projects_64CH",
    "ProtocolName": "fMRI_run1_AP",
    "PulseSequenceDetails": "%SiemensSeq%\\ep2d_bold",
    "ReceiveCoilActiveElements": "HC1-7;NC1,2",
    "ReceiveCoilName": "HeadNeck_64",
    "ReconMatrixPE": 106,
    "RefLinesPE": 32,
    "RepetitionTime": 0.71,
    "SAR": 0.0895299,
    "ScanOptions": "PFP\\FS",
    "ScanningSequence": "EP",
    "SequenceName": "*epfid2d1_106",
    "SequenceVariant": "SK",
    "SeriesDescription": "fMRI_run1_AP",
    "SeriesNumber": 5,
    "ShimSetting": [
      -3435,
      -2149,
      -1917,
      573,
      -2,
      -295,
      -98,
      -30
    ],
    "SliceThickness": 2,
    "SliceTiming": [
      0.305,
      0,
      0.3825,
      0.075,
      0.46,
      0.1525,
      0.535,
      0.23,
      0.6125,
      0.305,
      0,
      0.3825,
      0.075,
      0.46,
      0.1525,
      0.535,
      0.23,
      0.6125,
      0.305,
      0,
      0.3825,
      0.075,
      0.46,
      0.1525,
      0.535,
      0.23,
      0.6125,
      0.305,
      0,
      0.3825,
      0.075,
      0.46,
      0.1525,
      0.535,
      0.23,
      0.6125,
      0.305,
      0,
      0.3825,
      0.075,
      0.46,
      0.1525,
      0.535,
      0.23,
      0.6125,
      0.305,
      0,
      0.3825,
      0.075,
      0.46,
      0.1525,
      0.535,
      0.23,
      0.6125,
      0.305,
      0,
      0.3825,
      0.075,
      0.46,
      0.1525,
      0.535,
      0.23,
      0.6125,
      0.305,
      0,
      0.3825,
      0.075,
      0.46,
      0.1525,
      0.535,
      0.23,
      0.6125
    ],
    "SoftwareVersions": "syngo MR E11",
    "SpacingBetweenSlices": 2,
    "StationName": "AWP66014",
    "TaskName": "Chinese-RDR",
    "TotalReadoutTime": 0.0598493,
    "TxRefAmp": 228.716,
    "dataset": "ds004078",
    "modality": "bold",
    "run_id": 31,
    "subject_id": "02",
    "task_id": "RDR"
  },
  "dummy_trs": 1,
  "dvars_nstd": 42.65015263864112,
  "dvars_std": 1.0125680399303136,
  "dvars_vstd": 0.9988867576132399,
  "efc": 0.5226861555088606,
  "fber": 650.3031616210938,
  "fd_mean": 0.05863158729307126,
  "fd_num": 1,
  "fd_perc": 0.17391304347826086,
  "fwhm_avg": 3.301746666666667,
  "fwhm_x": 3.06235,
  "fwhm_y": 3.419575,
  "fwhm_z": 3.423315,
  "gcor": 0.00426664,
  "gsr_x": -0.015480934642255306,
  "gsr_y": 0.06217791512608528,
  "provenance": {
    "md5sum": "4779d26fefac0a39e37e410dbf869c15",
    "settings": {
      "fd_thres": 0.2,
      "testing": false
    },
    "software": "mriqc",
    "version": "23.0.1",
    "webapi_port": null,
    "webapi_url": "https://mriqc.nimh.nih.gov/api/v1"
  },
  "size_t": 575,
  "size_x": 106,
  "size_y": 106,
  "size_z": 72,
  "snr": 2.4597165867046984,
  "spacing_tr": 0.7099999785423279,
  "spacing_x": 2.0,
  "spacing_y": 2.0,
  "spacing_z": 2.0,
  "summary_bg_k": 37.629331138336354,
  "summary_bg_mad": 9.893470142091834,
  "summary_bg_mean": 39.31484603881836,
  "summary_bg_median": 18.325218200683594,
  "summary_bg_n": 547405.0,
  "summary_bg_p05": 11.071304321289062,
  "summary_bg_p95": 143.3318359375,
  "summary_bg_stdv": 61.14464569091797,
  "summary_fg_k": 1.634604488237561,
  "summary_fg_mad": 166.59034415510763,
  "summary_fg_mean": 507.7475280761719,
  "summary_fg_median": 475.71044921875,
  "summary_fg_n": 158406.0,
  "summary_fg_p05": 259.2839126586914,
  "summary_fg_p95": 877.3300323486328,
  "summary_fg_stdv": 193.39990234375,
  "tsnr": 30.170912988483906
}