{
  "bids_meta": {
    "AcquisitionMatrixPE": 300,
    "AcquisitionNumber": 1,
    "AcquisitionTime": "15:00:28.502500",
    "BaseResolution": 320,
    "BodyPartExamined": "HEAD",
    "CoilCombinationMethod": "Adaptive Combine",
    "ConsistencyInfo": "N4_VE11C_LATEST_20160120",
    "ConversionSoftware": "dcm2niix",
    "ConversionSoftwareVersion": "v1.0.20211006",
    "Dcm2bidsVersion": "2.1.6",
    "DeviceSerialNumber": "66014",
    "DwellTime": 2.1e-06,
    "EchoTime": 0.563,
    "EchoTrainLength": 314,
    "FlipAngle": 120,
    "ImageOrientationPatientDICOM": [
      0.0185219,
      0.997269,
      -0.0714891,
      0.0140025,
      -0.0717531,
      -0.997324
    ],
    "ImageOrientationText": "Sag>Cor(1.0)>Tra(-0.9)",
    "ImageType": [
      "ORIGINAL",
      "PRIMARY",
      "M",
      "ND",
      "NORM"
    ],
    "ImagingFrequency": 123.259,
    "InPlanePhaseEncodingDirectionDICOM": "ROW",
    "InstitutionAddress": "Yiheyuan Road 5,Beijing  0FCA35,Haidian,CN,100871",
    "InstitutionName": "CMR of Peking Univeristy",
    "InstitutionalDepartmentName": "Department",
    "MRAcquisitionType": "3D",
    "MagneticFieldStrength": 3,
    "Manufacturer": "Siemens",
    "ManufacturersModelName": "Prisma",
    "MatrixCoilMode": "GRAPPA",
    "Modality": "MR",
    "ParallelReductionFactorInPlane": 2,
    "PartialFourier": 1,
    "PatientPosition": "HFS",
    "PercentPhaseFOV": 93.75,
    "PercentSampling": 100,
    "PhaseEncodingDirection": "i",
    "PhaseEncodingSteps": 297,
    "PhaseResolution": 1,
    "PixelBandwidth": 745,
    "ProcedureStepDescription": "Research^Projects_64CH",
    "ProtocolName": "T2w_SPC",
    "PulseSequenceDetails": "%SiemensSeq%\\tse_vfl",
    "ReceiveCoilActiveElements": "HC1-7;NC1,2",
    "ReceiveCoilName": "HeadNeck_64",
    "ReconMatrixPE": 300,
    "RefLinesPE": 32,
    "RepetitionTime": 3.2,
    "SAR": 0.165768,
    "ScanOptions": "PFP",
    "ScanningSequence": "SE",
    "SequenceName": "*spcR_314ns",
    "SequenceVariant": "SK\\SP",
    "SeriesDescription": "T2w_SPC",
    "SeriesNumber": 26,
    "ShimSetting": [
      -3463,
      -2100,
      -1966,
      -229,
      48,
      -400,
      92,
      0
    ],
    "SliceThickness": 0.8,
    "SoftwareVersions": "syngo MR E11",
    "SpoilingState": true,
    "StationName": "AWP66014",
    "TxRefAmp": 233.606,
    "dataset": "ds004078",
    "modality": "T2w",
    "run_id": 2,
    "subject_id": "07"
  },
  "cjv": 0.23097381930403063,
  "cnr": 1.6795664512839295,
  "efc": 0.5432739479466037,
  "fber": 6468.622272712085,
  "fwhm_avg": 2.432370797088184,
  "fwhm_x": 2.3631999647855766,
  "fwhm_y": 2.673587460160442,
  "fwhm_z": 2.2603249663185334,
  "icvs_csf": 0.3919930685626055,
  "icvs_gm": 0.15383015398828073,
  "icvs_wm": 0.4541767774491138,
  "inu_med": 0.9615969061851501,
  "inu_range": 0.23520308136939994,
  "provenance": {
    "md5sum": "d0206e71e71ec50b3558c63f7c68b96f",
    "settings": {
      "testing": false
    },
    "software": "mriqc",
    "version": "23.0.1",
    "warnings": {
      "large_rot_frame": true,
      "small_air_mask": false
    },
    "webapi_port": null,
    "webapi_url": "https://mriqc.nimh.nih.gov/api/v1"
  },
  "qi_1": 0.0,
  "qi_2": 0.001638392019148125,
  "rpve_csf": 13.250925140722552,
  "rpve_gm": 37.80657239916721,
  "rpve_wm": 12.665858011996368,
  "size_x": 224,
  "size_y": 300,
  "size_z": 320,
  "snr_csf": 9.607841611143167,
  "snr_gm": 2.397096038525347,
  "snr_total": 7.183209814183916,
  "snr_wm": 9.544691792883233,
  "snrd_csf": 102.90133817956136,
  "snrd_gm": 198.870393632906,
  "snrd_total": 120.30310160361296,
  "snrd_wm": 59.137572998371546,
  "spacing_x": 0.800000011920929,
  "spacing_y": 0.800000011920929,
  "spacing_z": 0.800000011920929,
  "summary_bg_k": 7.029774677318278,
  "summary_bg_mad": 0.0,
  "summary_bg_mean": 6.756346868626473,
  "summary_bg_median": 0.0,
  "summary_bg_n": 4294256.0,
  "summary_bg_p05": 0.0,
  "summary_bg_p95": 27.177047982811928,
  "summary_bg_stdv": 11.0773769745462,
  "summary_csf_k": 0.8704739777210224,
  "summary_csf_mad": 169.82806987493635,
  "summary_csf_mean": 1745.478099461756,
  "summary_csf_median": 1739.9077721834183,
  "summary_csf_n": 103705.0,
  "summary_csf_p05": 1463.3074191063643,
  "summary_csf_p95": 2050.2451503425837,
  "summary_csf_stdv": 181.09159724376354,
  "summary_gm_k": -0.907763487620528,
  "summary_gm_mad": 448.0297475869938,
  "summary_gm_mean": 2543.4425706928373,
  "summary_gm_median": 3362.601008504629,
  "summary_gm_n": 46091.0,
  "summary_gm_p05": 66.03229695558548,
  "summary_gm_p95": 3731.3293916136026,
  "summary_gm_stdv": 1402.7658785532435,
  "summary_wm_k": 0.9558896407722011,
  "summary_wm_mad": 97.68587530880542,
  "summary_wm_mean": 1000.7392941945277,
  "summary_wm_median": 999.9279378503561,
  "summary_wm_n": 450640.0,
  "summary_wm_p05": 831.7474260628223,
  "summary_wm_p95": 1169.6943781673908,
  "summary_wm_stdv": 104.76261047445854,
  "tpm_overlap_csf": 0.11120498534433584,
  "tpm_overlap_gm": 0.09485124927881323,
  "tpm_overlap_wm": 0.45687627499502936,
  "wm2max": 0.26748042732076055
}