{
  "aor": 0.0005049896907216494,
  "aqi": 0.00573930243298969,
  "bids_meta": {
    "AcquisitionMatrixPE": 106,
    "AcquisitionNumber": 1,
    "AcquisitionTime": "16:03:48.745000",
    "BandwidthPerPixelPhaseEncode": 16.551,
    "BaseResolution": 106,
    "BodyPartExamined": "HEAD",
    "CoilCombinationMethod": "Sum of Squares",
    "ConsistencyInfo": "N4_VE11C_LATEST_20160120",
    "ConversionSoftware": "dcm2niix",
    "ConversionSoftwareVersion": "v1.0.20211006",
    "Dcm2bidsVersion": "2.1.6",
    "DerivedVendorReportedEchoSpacing": 0.000569994,
    "DeviceSerialNumber": "66014",
    "DwellTime": 2e-06,
    "EchoTime": 0.03,
    "EchoTrainLength": 93,
    "EffectiveEchoSpacing": 0.000569994,
    "FlipAngle": 54,
    "ImageOrientationPatientDICOM": [
      0.999596,
      0.0279637,
      0.00510541,
      -0.0279213,
      0.999576,
      -0.00821142
    ],
    "ImageOrientationText": "Tra>Cor(-0.5)>Sag(0.3)",
    "ImageType": [
      "ORIGINAL",
      "PRIMARY",
      "M",
      "ND",
      "MOSAIC"
    ],
    "ImagingFrequency": 123.259,
    "InPlanePhaseEncodingDirectionDICOM": "COL",
    "InstitutionAddress": "Yiheyuan Road 5,Beijing  0FCA35,Haidian,CN,100871",
    "InstitutionName": "CMR of Peking Univeristy",
    "InstitutionalDepartmentName": "Department",
    "MRAcquisitionType": "2D",
    "MagneticFieldStrength": 3,
    "Manufacturer": "Siemens",
    "ManufacturersModelName": "Prisma",
    "Modality": "MR",
    "MultibandAccelerationFactor": 8,
    "PartialFourier": 0.875,
    "PatientPosition": "HFS",
    "PercentPhaseFOV": 100,
    "PercentSampling": 100,
    "PhaseEncodingDirection": "j-",
    "PhaseEncodingSteps": 93,
    "PhaseResolution": 1,
    "PixelBandwidth": 2360,
    "ProcedureStepDescription": "Research^Projects_64CH",
    "ProtocolName": "fMRI_run4_AP",
    "PulseSequenceDetails": "%SiemensSeq%\\ep2d_bold",
    "ReceiveCoilActiveElements": "HC1-7;NC1,2",
    "ReceiveCoilName": "HeadNeck_64",
    "ReconMatrixPE": 106,
    "RefLinesPE": 32,
    "RepetitionTime": 0.71,
    "SAR": 0.0995265,
    "ScanOptions": "PFP\\FS",
    "ScanningSequence": "EP",
    "SequenceName": "*epfid2d1_106",
    "SequenceVariant": "SK",
    "SeriesDescription": "fMRI_run4_AP",
    "SeriesNumber": 8,
    "ShimSetting": [
      -3446,
      -2096,
      -1891,
      211,
      17,
      -281,
      -63,
      26
    ],
    "SliceThickness": 2,
    "SliceTiming": [
      0.3075,
      0,
      0.385,
      0.0775,
      0.46,
      0.155,
      0.5375,
      0.23,
      0.615,
      0.3075,
      0,
      0.385,
      0.0775,
      0.46,
      0.155,
      0.5375,
      0.23,
      0.615,
      0.3075,
      0,
      0.385,
      0.0775,
      0.46,
      0.155,
      0.5375,
      0.23,
      0.615,
      0.3075,
      0,
      0.385,
      0.0775,
      0.46,
      0.155,
      0.5375,
      0.23,
      0.615,
      0.3075,
      0,
      0.385,
      0.0775,
      0.46,
      0.155,
      0.5375,
      0.23,
      0.615,
      0.3075,
      0,
      0.385,
      0.0775,
      0.46,
      0.155,
      0.5375,
      0.23,
      0.615,
      0.3075,
      0,
      0.385,
      0.0775,
      0.46,
      0.155,
      0.5375,
      0.23,
      0.615,
      0.3075,
      0,
      0.385,
      0.0775,
      0.46,
      0.155,
      0.5375,
      0.23,
      0.615
    ],
    "SoftwareVersions": "syngo MR E11",
    "SpacingBetweenSlices": 2,
    "StationName": "AWP66014",
    "TaskName": "Chinese-RDR",
    "TotalReadoutTime": 0.0598493,
    "TxRefAmp": 272.73,
    "dataset": "ds004078",
    "modality": "bold",
    "run_id": 24,
    "subject_id": "06",
    "task_id": "RDR"
  },
  "dummy_trs": 2,
  "dvars_nstd": 47.04165520144628,
  "dvars_std": 1.0735823569834704,
  "dvars_vstd": 1.0097833463223134,
  "efc": 0.5540088076869134,
  "fber": 312.0809631347656,
  "fd_mean": 0.08691787964512528,
  "fd_num": 3,
  "fd_perc": 0.6185567010309279,
  "fwhm_avg": 3.451238333333334,
  "fwhm_x": 3.152925,
  "fwhm_y": 3.653025,
  "fwhm_z": 3.547765,
  "gcor": 0.00429292,
  "gsr_x": 0.013035718351602554,
  "gsr_y": 0.05710545554757118,
  "provenance": {
    "md5sum": "b3ad191d2d7bec86546ede10913c383a",
    "settings": {
      "fd_thres": 0.2,
      "testing": false
    },
    "software": "mriqc",
    "version": "23.0.1",
    "webapi_port": null,
    "webapi_url": "https://mriqc.nimh.nih.gov/api/v1"
  },
  "size_t": 485,
  "size_x": 106,
  "size_y": 106,
  "size_z": 72,
  "snr": 2.000956343208127,
  "spacing_tr": 0.7099999785423279,
  "spacing_x": 2.0,
  "spacing_y": 2.0,
  "spacing_z": 2.0,
  "summary_bg_k": 27.822463211585838,
  "summary_bg_mad": 18.255878797265627,
  "summary_bg_mean": 59.980472564697266,
  "summary_bg_median": 27.36288833618164,
  "summary_bg_n": 522252.0,
  "summary_bg_p05": 12.971134185791016,
  "summary_bg_p95": 228.04309844970683,
  "summary_bg_stdv": 94.3191146850586,
  "summary_fg_k": 1.6830831096351497,
  "summary_fg_mad": 221.1614669233436,
  "summary_fg_mean": 555.1307983398438,
  "summary_fg_median": 507.41650390625,
  "summary_fg_n": 172293.0,
  "summary_fg_p05": 242.1558837890625,
  "summary_fg_p95": 1041.6936035156248,
  "summary_fg_stdv": 253.5862579345703,
  "tsnr": 31.22460407926701
}