{
  "aor": 0.00022280254777070062,
  "aqi": 0.005246233025477707,
  "bids_meta": {
    "AcquisitionMatrixPE": 106,
    "AcquisitionNumber": 1,
    "AcquisitionTime": "20:22:31.057500",
    "BandwidthPerPixelPhaseEncode": 16.551,
    "BaseResolution": 106,
    "BodyPartExamined": "HEAD",
    "CoilCombinationMethod": "Sum of Squares",
    "ConsistencyInfo": "N4_VE11C_LATEST_20160120",
    "ConversionSoftware": "dcm2niix",
    "ConversionSoftwareVersion": "v1.0.20211006",
    "Dcm2bidsVersion": "2.1.6",
    "DerivedVendorReportedEchoSpacing": 0.000569994,
    "DeviceSerialNumber": "66014",
    "DwellTime": 2e-06,
    "EchoTime": 0.03,
    "EchoTrainLength": 93,
    "EffectiveEchoSpacing": 0.000569994,
    "FlipAngle": 54,
    "ImageOrientationPatientDICOM": [
      0.999322,
      0.0016593,
      0.0367931,
      0.00174416,
      0.995732,
      -0.092278
    ],
    "ImageOrientationText": "Tra>Cor(-5.3)>Sag(2.1)",
    "ImageType": [
      "ORIGINAL",
      "PRIMARY",
      "M",
      "ND",
      "MOSAIC"
    ],
    "ImagingFrequency": 123.259,
    "InPlanePhaseEncodingDirectionDICOM": "COL",
    "InstitutionAddress": "Yiheyuan Road 5,Beijing  0FCA35,Haidian,CN,100871",
    "InstitutionName": "CMR of Peking Univeristy",
    "InstitutionalDepartmentName": "Department",
    "MRAcquisitionType": "2D",
    "MagneticFieldStrength": 3,
    "Manufacturer": "Siemens",
    "ManufacturersModelName": "Prisma",
    "Modality": "MR",
    "MultibandAccelerationFactor": 8,
    "PartialFourier": 0.875,
    "PatientPosition": "HFS",
    "PercentPhaseFOV": 100,
    "PercentSampling": 100,
    "PhaseEncodingDirection": "j",
    "PhaseEncodingSteps": 93,
    "PhaseResolution": 1,
    "PixelBandwidth": 2360,
    "ProcedureStepDescription": "Research^Projects_64CH",
    "ProtocolName": "fMRI_Rest1_PA",
    "PulseSequenceDetails": "%SiemensSeq%\\ep2d_bold",
    "ReceiveCoilActiveElements": "HC1-7;NC1,2",
    "ReceiveCoilName": "HeadNeck_64",
    "ReconMatrixPE": 106,
    "RefLinesPE": 32,
    "RepetitionTime": 0.71,
    "SAR": 0.088609,
    "ScanOptions": "PFP\\FS",
    "ScanningSequence": "EP",
    "SequenceName": "*epfid2d1_106",
    "SequenceVariant": "SK",
    "SeriesDescription": "fMRI_Rest1_PA",
    "SeriesNumber": 6,
    "ShimSetting": [
      -3431,
      -2073,
      -1900,
      234,
      -44,
      -418,
      -103,
      1
    ],
    "SliceThickness": 2,
    "SliceTiming": [
      0.305,
      0,
      0.3825,
      0.075,
      0.46,
      0.1525,
      0.535,
      0.23,
      0.6125,
      0.305,
      0,
      0.3825,
      0.075,
      0.46,
      0.1525,
      0.535,
      0.23,
      0.6125,
      0.305,
      0,
      0.3825,
      0.075,
      0.46,
      0.1525,
      0.535,
      0.23,
      0.6125,
      0.305,
      0,
      0.3825,
      0.075,
      0.46,
      0.1525,
      0.535,
      0.23,
      0.6125,
      0.305,
      0,
      0.3825,
      0.075,
      0.46,
      0.1525,
      0.535,
      0.23,
      0.6125,
      0.305,
      0,
      0.3825,
      0.075,
      0.46,
      0.1525,
      0.535,
      0.23,
      0.6125,
      0.305,
      0,
      0.3825,
      0.075,
      0.46,
      0.1525,
      0.535,
      0.23,
      0.6125,
      0.305,
      0,
      0.3825,
      0.075,
      0.46,
      0.1525,
      0.535,
      0.23,
      0.6125
    ],
    "SoftwareVersions": "syngo MR E11",
    "SpacingBetweenSlices": 2,
    "StationName": "AWP66014",
    "TaskName": "rest",
    "TotalReadoutTime": 0.0598493,
    "TxRefAmp": 255.358,
    "dataset": "ds004078",
    "modality": "bold",
    "run_id": 2,
    "subject_id": "06",
    "task_id": "rest"
  },
  "dummy_trs": 6,
  "dvars_nstd": 45.66848322923444,
  "dvars_std": 1.0455007774003182,
  "dvars_vstd": 1.0010879132216914,
  "efc": 0.5483731430541822,
  "fber": 338.2456970214844,
  "fd_mean": 0.0856340842219982,
  "fd_num": 0,
  "fd_perc": 0.0,
  "fwhm_avg": 3.2417183333333335,
  "fwhm_x": 2.956925,
  "fwhm_y": 3.412775,
  "fwhm_z": 3.355455,
  "gcor": 0.00315372,
  "gsr_x": 0.022235753014683723,
  "gsr_y": 0.048622000962495804,
  "provenance": {
    "md5sum": "4f9cb340a9599348af1da454b6644639",
    "settings": {
      "fd_thres": 0.2,
      "testing": false
    },
    "software": "mriqc",
    "version": "23.0.1",
    "webapi_port": null,
    "webapi_url": "https://mriqc.nimh.nih.gov/api/v1"
  },
  "size_t": 628,
  "size_x": 106,
  "size_y": 106,
  "size_z": 72,
  "snr": 1.984712293752273,
  "spacing_tr": 0.7099999785423279,
  "spacing_x": 2.0,
  "spacing_y": 2.0,
  "spacing_z": 2.0,
  "summary_bg_k": 33.43459821192288,
  "summary_bg_mad": 16.74773977583069,
  "summary_bg_mean": 52.958465576171875,
  "summary_bg_median": 26.02547836303711,
  "summary_bg_n": 513632.0,
  "summary_bg_p05": 12.71019172668457,
  "summary_bg_p95": 195.20526199340804,
  "summary_bg_stdv": 79.78653717041016,
  "summary_fg_k": 1.7966164840039829,
  "summary_fg_mad": 232.9031082113193,
  "summary_fg_mean": 554.5555419921875,
  "summary_fg_median": 507.90924072265625,
  "summary_fg_n": 168142.0,
  "summary_fg_p05": 240.48272171020508,
  "summary_fg_p95": 1033.4993652343749,
  "summary_fg_stdv": 255.91000366210938,
  "tsnr": 31.82228340790607
}