{
  "aor": 0.0004817132216014898,
  "aqi": 0.006653680353817505,
  "bids_meta": {
    "AcquisitionMatrixPE": 106,
    "AcquisitionNumber": 1,
    "AcquisitionTime": "15:38:50.902500",
    "BandwidthPerPixelPhaseEncode": 16.551,
    "BaseResolution": 106,
    "BodyPartExamined": "HEAD",
    "CoilCombinationMethod": "Sum of Squares",
    "ConsistencyInfo": "N4_VE11C_LATEST_20160120",
    "ConversionSoftware": "dcm2niix",
    "ConversionSoftwareVersion": "v1.0.20211006",
    "Dcm2bidsVersion": "2.1.6",
    "DerivedVendorReportedEchoSpacing": 0.000569994,
    "DeviceSerialNumber": "66014",
    "DwellTime": 2e-06,
    "EchoTime": 0.03,
    "EchoTrainLength": 93,
    "EffectiveEchoSpacing": 0.000569994,
    "FlipAngle": 54,
    "ImageOrientationPatientDICOM": [
      0.999364,
      -0.00611241,
      0.0351324,
      0.00697701,
      0.999674,
      -0.0245401
    ],
    "ImageOrientationText": "Tra>Sag(2.0)>Cor(-1.4)",
    "ImageType": [
      "ORIGINAL",
      "PRIMARY",
      "M",
      "ND",
      "MOSAIC"
    ],
    "ImagingFrequency": 123.259,
    "InPlanePhaseEncodingDirectionDICOM": "COL",
    "InstitutionAddress": "Yiheyuan Road 5,Beijing  0FCA35,Haidian,CN,100871",
    "InstitutionName": "CMR of Peking Univeristy",
    "InstitutionalDepartmentName": "Department",
    "MRAcquisitionType": "2D",
    "MagneticFieldStrength": 3,
    "Manufacturer": "Siemens",
    "ManufacturersModelName": "Prisma",
    "Modality": "MR",
    "MultibandAccelerationFactor": 8,
    "PartialFourier": 0.875,
    "PatientPosition": "HFS",
    "PercentPhaseFOV": 100,
    "PercentSampling": 100,
    "PhaseEncodingDirection": "j-",
    "PhaseEncodingSteps": 93,
    "PhaseResolution": 1,
    "PixelBandwidth": 2360,
    "ProcedureStepDescription": "Research^Projects_64CH",
    "ProtocolName": "fMRI_run1_AP",
    "PulseSequenceDetails": "%SiemensSeq%\\ep2d_bold",
    "ReceiveCoilActiveElements": "HC1-7;NC1,2",
    "ReceiveCoilName": "HeadNeck_64",
    "ReconMatrixPE": 106,
    "RefLinesPE": 32,
    "RepetitionTime": 0.71,
    "SAR": 0.0944493,
    "ScanOptions": "PFP\\FS",
    "ScanningSequence": "EP",
    "SequenceName": "*epfid2d1_106",
    "SequenceVariant": "SK",
    "SeriesDescription": "fMRI_run1_AP",
    "SeriesNumber": 5,
    "ShimSetting": [
      -3434,
      -2084,
      -1899,
      195,
      33,
      -311,
      -77,
      -4
    ],
    "SliceThickness": 2,
    "SliceTiming": [
      0.3075,
      0,
      0.385,
      0.0775,
      0.46,
      0.155,
      0.5375,
      0.23,
      0.615,
      0.3075,
      0,
      0.385,
      0.0775,
      0.46,
      0.155,
      0.5375,
      0.23,
      0.615,
      0.3075,
      0,
      0.385,
      0.0775,
      0.46,
      0.155,
      0.5375,
      0.23,
      0.615,
      0.3075,
      0,
      0.385,
      0.0775,
      0.46,
      0.155,
      0.5375,
      0.23,
      0.615,
      0.3075,
      0,
      0.385,
      0.0775,
      0.46,
      0.155,
      0.5375,
      0.23,
      0.615,
      0.3075,
      0,
      0.385,
      0.0775,
      0.46,
      0.155,
      0.5375,
      0.23,
      0.615,
      0.3075,
      0,
      0.385,
      0.0775,
      0.46,
      0.155,
      0.5375,
      0.23,
      0.615,
      0.3075,
      0,
      0.385,
      0.0775,
      0.46,
      0.155,
      0.5375,
      0.23,
      0.615
    ],
    "SoftwareVersions": "syngo MR E11",
    "SpacingBetweenSlices": 2,
    "StationName": "AWP66014",
    "TaskName": "Chinese-RDR",
    "TotalReadoutTime": 0.0598493,
    "TxRefAmp": 269.884,
    "dataset": "ds004078",
    "modality": "bold",
    "run_id": 51,
    "subject_id": "06",
    "task_id": "RDR"
  },
  "dummy_trs": 2,
  "dvars_nstd": 48.44019222981341,
  "dvars_std": 1.0603924634888056,
  "dvars_vstd": 1.0081168410074617,
  "efc": 0.5571521390337126,
  "fber": 337.3448181152344,
  "fd_mean": 0.1397935328158149,
  "fd_num": 115,
  "fd_perc": 21.415270018621975,
  "fwhm_avg": 3.329231666666667,
  "fwhm_x": 3.00675,
  "fwhm_y": 3.49296,
  "fwhm_z": 3.487985,
  "gcor": 0.00391147,
  "gsr_x": 0.018359091132879257,
  "gsr_y": 0.04894665628671646,
  "provenance": {
    "md5sum": "6eac9e8baffce33f0b7fc3f8a4f377f0",
    "settings": {
      "fd_thres": 0.2,
      "testing": false
    },
    "software": "mriqc",
    "version": "23.0.1",
    "webapi_port": null,
    "webapi_url": "https://mriqc.nimh.nih.gov/api/v1"
  },
  "size_t": 537,
  "size_x": 106,
  "size_y": 106,
  "size_z": 72,
  "snr": 2.1667343455480736,
  "spacing_tr": 0.7099999785423279,
  "spacing_x": 2.0,
  "spacing_y": 2.0,
  "spacing_z": 2.0,
  "summary_bg_k": 25.968424627945915,
  "summary_bg_mad": 16.217514248688666,
  "summary_bg_mean": 52.641841888427734,
  "summary_bg_median": 24.670391082763672,
  "summary_bg_n": 522168.0,
  "summary_bg_p05": 11.9013032913208,
  "summary_bg_p95": 195.3724365234375,
  "summary_bg_stdv": 80.71013641357422,
  "summary_fg_k": 1.2767109818116227,
  "summary_fg_mad": 192.06467445830663,
  "summary_fg_mean": 509.5556335449219,
  "summary_fg_median": 472.175048828125,
  "summary_fg_n": 173315.0,
  "summary_fg_p05": 232.89404602050783,
  "summary_fg_p95": 929.7595886230466,
  "summary_fg_stdv": 217.9195098876953,
  "tsnr": 29.48074227257166
}