{
  "aor": 0.0004291532258064516,
  "aqi": 0.006215680826612903,
  "bids_meta": {
    "AcquisitionMatrixPE": 106,
    "AcquisitionNumber": 1,
    "AcquisitionTime": "15:48:50.880000",
    "BandwidthPerPixelPhaseEncode": 16.551,
    "BaseResolution": 106,
    "BodyPartExamined": "HEAD",
    "CoilCombinationMethod": "Sum of Squares",
    "ConsistencyInfo": "N4_VE11C_LATEST_20160120",
    "ConversionSoftware": "dcm2niix",
    "ConversionSoftwareVersion": "v1.0.20211006",
    "Dcm2bidsVersion": "2.1.6",
    "DerivedVendorReportedEchoSpacing": 0.000569994,
    "DeviceSerialNumber": "66014",
    "DwellTime": 2e-06,
    "EchoTime": 0.03,
    "EchoTrainLength": 93,
    "EffectiveEchoSpacing": 0.000569994,
    "FlipAngle": 54,
    "ImageOrientationPatientDICOM": [
      0.999602,
      0.0279061,
      0.00421516,
      -0.0279213,
      0.999604,
      0.00358844
    ],
    "ImageOrientationText": "Tra>Sag(0.2)>Cor(0.2)",
    "ImageType": [
      "ORIGINAL",
      "PRIMARY",
      "M",
      "ND",
      "MOSAIC"
    ],
    "ImagingFrequency": 123.259,
    "InPlanePhaseEncodingDirectionDICOM": "COL",
    "InstitutionAddress": "Yiheyuan Road 5,Beijing  0FCA35,Haidian,CN,100871",
    "InstitutionName": "CMR of Peking Univeristy",
    "InstitutionalDepartmentName": "Department",
    "MRAcquisitionType": "2D",
    "MagneticFieldStrength": 3,
    "Manufacturer": "Siemens",
    "ManufacturersModelName": "Prisma",
    "Modality": "MR",
    "MultibandAccelerationFactor": 8,
    "PartialFourier": 0.875,
    "PatientPosition": "HFS",
    "PercentPhaseFOV": 100,
    "PercentSampling": 100,
    "PhaseEncodingDirection": "j-",
    "PhaseEncodingSteps": 93,
    "PhaseResolution": 1,
    "PixelBandwidth": 2360,
    "ProcedureStepDescription": "Research^Projects_64CH",
    "ProtocolName": "fMRI_run3_AP",
    "PulseSequenceDetails": "%SiemensSeq%\\ep2d_bold",
    "ReceiveCoilActiveElements": "HC1-7;NC1,2",
    "ReceiveCoilName": "HeadNeck_64",
    "ReconMatrixPE": 106,
    "RefLinesPE": 32,
    "RepetitionTime": 0.71,
    "SAR": 0.095664,
    "ScanOptions": "PFP\\FS",
    "ScanningSequence": "EP",
    "SequenceName": "*epfid2d1_106",
    "SequenceVariant": "SK",
    "SeriesDescription": "fMRI_run3_AP",
    "SeriesNumber": 7,
    "ShimSetting": [
      -3452,
      -2102,
      -1888,
      171,
      21,
      -207,
      -21,
      35
    ],
    "SliceThickness": 2,
    "SliceTiming": [
      0.305,
      0,
      0.3825,
      0.075,
      0.46,
      0.1525,
      0.535,
      0.23,
      0.6125,
      0.305,
      0,
      0.3825,
      0.075,
      0.46,
      0.1525,
      0.535,
      0.23,
      0.6125,
      0.305,
      0,
      0.3825,
      0.075,
      0.46,
      0.1525,
      0.535,
      0.23,
      0.6125,
      0.305,
      0,
      0.3825,
      0.075,
      0.46,
      0.1525,
      0.535,
      0.23,
      0.6125,
      0.305,
      0,
      0.3825,
      0.075,
      0.46,
      0.1525,
      0.535,
      0.23,
      0.6125,
      0.305,
      0,
      0.3825,
      0.075,
      0.46,
      0.1525,
      0.535,
      0.23,
      0.6125,
      0.305,
      0,
      0.3825,
      0.075,
      0.46,
      0.1525,
      0.535,
      0.23,
      0.6125,
      0.305,
      0,
      0.3825,
      0.075,
      0.46,
      0.1525,
      0.535,
      0.23,
      0.6125
    ],
    "SoftwareVersions": "syngo MR E11",
    "SpacingBetweenSlices": 2,
    "StationName": "AWP66014",
    "TaskName": "Chinese-RDR",
    "TotalReadoutTime": 0.0598493,
    "TxRefAmp": 265.693,
    "dataset": "ds004078",
    "modality": "bold",
    "run_id": 13,
    "subject_id": "06",
    "task_id": "RDR"
  },
  "dummy_trs": 3,
  "dvars_nstd": 46.102844245939416,
  "dvars_std": 1.0403558497171714,
  "dvars_vstd": 1.0032258517575765,
  "efc": 0.5557735619471766,
  "fber": 327.57965087890625,
  "fd_mean": 0.08721323112677497,
  "fd_num": 1,
  "fd_perc": 0.20161290322580644,
  "fwhm_avg": 3.318025068320338,
  "fwhm_x": 3.017215,
  "fwhm_y": 3.498185,
  "fwhm_z": 3.438675204961014,
  "gcor": 0.00597901,
  "gsr_x": 0.017339928075671196,
  "gsr_y": 0.049581050872802734,
  "provenance": {
    "md5sum": "f024ddfc811464306d42f397fb5b403d",
    "settings": {
      "fd_thres": 0.2,
      "testing": false
    },
    "software": "mriqc",
    "version": "23.0.1",
    "webapi_port": null,
    "webapi_url": "https://mriqc.nimh.nih.gov/api/v1"
  },
  "size_t": 496,
  "size_x": 106,
  "size_y": 106,
  "size_z": 72,
  "snr": 2.136157231853204,
  "spacing_tr": 0.7099999785423279,
  "spacing_x": 2.0,
  "spacing_y": 2.0,
  "spacing_z": 1.9999998807907104,
  "summary_bg_k": 25.0478514032418,
  "summary_bg_mad": 16.99014357578684,
  "summary_bg_mean": 54.414207458496094,
  "summary_bg_median": 25.766128540039062,
  "summary_bg_n": 523034.0,
  "summary_bg_p05": 12.409274101257324,
  "summary_bg_p95": 202.70362854003906,
  "summary_bg_stdv": 82.43643188476562,
  "summary_fg_k": 1.5124795965875544,
  "summary_fg_mad": 201.91786202936382,
  "summary_fg_mean": 526.8111572265625,
  "summary_fg_median": 487.6915283203125,
  "summary_fg_n": 172333.0,
  "summary_fg_p05": 236.98184204101562,
  "summary_fg_p95": 961.5560180664062,
  "summary_fg_stdv": 228.3025360107422,
  "tsnr": 30.327843578299507
}