{
  "aor": 0.0002477689873417722,
  "aqi": 0.006092915838607595,
  "bids_meta": {
    "AcquisitionMatrixPE": 106,
    "AcquisitionNumber": 1,
    "AcquisitionTime": "20:13:54.967500",
    "BandwidthPerPixelPhaseEncode": 16.551,
    "BaseResolution": 106,
    "BodyPartExamined": "HEAD",
    "CoilCombinationMethod": "Sum of Squares",
    "ConsistencyInfo": "N4_VE11C_LATEST_20160120",
    "ConversionSoftware": "dcm2niix",
    "ConversionSoftwareVersion": "v1.0.20211006",
    "Dcm2bidsVersion": "2.1.6",
    "DerivedVendorReportedEchoSpacing": 0.000569994,
    "DeviceSerialNumber": "66014",
    "DwellTime": 2e-06,
    "EchoTime": 0.03,
    "EchoTrainLength": 93,
    "EffectiveEchoSpacing": 0.000569994,
    "FlipAngle": 54,
    "ImageOrientationPatientDICOM": [
      0.999322,
      0.0016593,
      0.0367931,
      0.00174416,
      0.995732,
      -0.092278
    ],
    "ImageOrientationText": "Tra>Cor(-5.3)>Sag(2.1)",
    "ImageType": [
      "ORIGINAL",
      "PRIMARY",
      "M",
      "ND",
      "MOSAIC"
    ],
    "ImagingFrequency": 123.259,
    "InPlanePhaseEncodingDirectionDICOM": "COL",
    "InstitutionAddress": "Yiheyuan Road 5,Beijing  0FCA35,Haidian,CN,100871",
    "InstitutionName": "CMR of Peking Univeristy",
    "InstitutionalDepartmentName": "Department",
    "MRAcquisitionType": "2D",
    "MagneticFieldStrength": 3,
    "Manufacturer": "Siemens",
    "ManufacturersModelName": "Prisma",
    "Modality": "MR",
    "MultibandAccelerationFactor": 8,
    "PartialFourier": 0.875,
    "PatientPosition": "HFS",
    "PercentPhaseFOV": 100,
    "PercentSampling": 100,
    "PhaseEncodingDirection": "j-",
    "PhaseEncodingSteps": 93,
    "PhaseResolution": 1,
    "PixelBandwidth": 2360,
    "ProcedureStepDescription": "Research^Projects_64CH",
    "ProtocolName": "fMRI_Rest1_AP",
    "PulseSequenceDetails": "%SiemensSeq%\\ep2d_bold",
    "ReceiveCoilActiveElements": "HC1-7;NC1,2",
    "ReceiveCoilName": "HeadNeck_64",
    "ReconMatrixPE": 106,
    "RefLinesPE": 32,
    "RepetitionTime": 0.71,
    "SAR": 0.088609,
    "ScanOptions": "PFP\\FS",
    "ScanningSequence": "EP",
    "SequenceName": "*epfid2d1_106",
    "SequenceVariant": "SK",
    "SeriesDescription": "fMRI_Rest1_AP",
    "SeriesNumber": 5,
    "ShimSetting": [
      -3431,
      -2073,
      -1900,
      234,
      -44,
      -418,
      -103,
      1
    ],
    "SliceThickness": 2,
    "SliceTiming": [
      0.3075,
      0,
      0.3825,
      0.0775,
      0.46,
      0.1525,
      0.535,
      0.23,
      0.6125,
      0.3075,
      0,
      0.3825,
      0.0775,
      0.46,
      0.1525,
      0.535,
      0.23,
      0.6125,
      0.3075,
      0,
      0.3825,
      0.0775,
      0.46,
      0.1525,
      0.535,
      0.23,
      0.6125,
      0.3075,
      0,
      0.3825,
      0.0775,
      0.46,
      0.1525,
      0.535,
      0.23,
      0.6125,
      0.3075,
      0,
      0.3825,
      0.0775,
      0.46,
      0.1525,
      0.535,
      0.23,
      0.6125,
      0.3075,
      0,
      0.3825,
      0.0775,
      0.46,
      0.1525,
      0.535,
      0.23,
      0.6125,
      0.3075,
      0,
      0.3825,
      0.0775,
      0.46,
      0.1525,
      0.535,
      0.23,
      0.6125,
      0.3075,
      0,
      0.3825,
      0.0775,
      0.46,
      0.1525,
      0.535,
      0.23,
      0.6125
    ],
    "SoftwareVersions": "syngo MR E11",
    "SpacingBetweenSlices": 2,
    "StationName": "AWP66014",
    "TaskName": "rest",
    "TotalReadoutTime": 0.0598493,
    "TxRefAmp": 255.358,
    "dataset": "ds004078",
    "modality": "bold",
    "run_id": 1,
    "subject_id": "06",
    "task_id": "rest"
  },
  "dummy_trs": 2,
  "dvars_nstd": 46.44835931865291,
  "dvars_std": 1.0376395694770206,
  "dvars_vstd": 0.9962976290174331,
  "efc": 0.5479852498921869,
  "fber": 323.2386474609375,
  "fd_mean": 0.08959741241233331,
  "fd_num": 0,
  "fd_perc": 0.0,
  "fwhm_avg": 3.43446,
  "fwhm_x": 3.17041,
  "fwhm_y": 3.632585,
  "fwhm_z": 3.500385,
  "gcor": 0.00265257,
  "gsr_x": 0.01799478754401207,
  "gsr_y": 0.05404818058013916,
  "provenance": {
    "md5sum": "8baae72639da29a14c0ebe4184f4dc71",
    "settings": {
      "fd_thres": 0.2,
      "testing": false
    },
    "software": "mriqc",
    "version": "23.0.1",
    "webapi_port": null,
    "webapi_url": "https://mriqc.nimh.nih.gov/api/v1"
  },
  "size_t": 632,
  "size_x": 106,
  "size_y": 106,
  "size_z": 72,
  "snr": 1.9348018554270854,
  "spacing_tr": 0.7099999785423279,
  "spacing_x": 2.0,
  "spacing_y": 2.0,
  "spacing_z": 2.0,
  "summary_bg_k": 30.667353596955365,
  "summary_bg_mad": 17.704428922148836,
  "summary_bg_mean": 58.058589935302734,
  "summary_bg_median": 26.39873504638672,
  "summary_bg_n": 524998.0,
  "summary_bg_p05": 12.598101615905762,
  "summary_bg_p95": 222.003248596191,
  "summary_bg_stdv": 92.20097351074219,
  "summary_fg_k": 2.202775082171418,
  "summary_fg_mad": 217.6376171740799,
  "summary_fg_mean": 546.3789672851562,
  "summary_fg_median": 495.4889221191406,
  "summary_fg_n": 171105.0,
  "summary_fg_p05": 237.43671569824218,
  "summary_fg_p95": 1037.5962402343748,
  "summary_fg_stdv": 256.09210205078125,
  "tsnr": 29.8151283133775
}