{
  "aor": 0.0003739956803455723,
  "aqi": 0.006627058552915767,
  "bids_meta": {
    "AcquisitionMatrixPE": 106,
    "AcquisitionNumber": 1,
    "AcquisitionTime": "16:06:25.600000",
    "BandwidthPerPixelPhaseEncode": 16.551,
    "BaseResolution": 106,
    "BodyPartExamined": "HEAD",
    "CoilCombinationMethod": "Sum of Squares",
    "ConsistencyInfo": "N4_VE11C_LATEST_20160120",
    "ConversionSoftware": "dcm2niix",
    "ConversionSoftwareVersion": "v1.0.20211006",
    "Dcm2bidsVersion": "2.1.6",
    "DerivedVendorReportedEchoSpacing": 0.000569994,
    "DeviceSerialNumber": "66014",
    "DwellTime": 2e-06,
    "EchoTime": 0.03,
    "EchoTrainLength": 93,
    "EffectiveEchoSpacing": 0.000569994,
    "FlipAngle": 54,
    "ImageOrientationPatientDICOM": [
      0.999364,
      -0.00611241,
      0.0351324,
      0.00697701,
      0.999674,
      -0.0245401
    ],
    "ImageOrientationText": "Tra>Sag(2.0)>Cor(-1.4)",
    "ImageType": [
      "ORIGINAL",
      "PRIMARY",
      "M",
      "ND",
      "MOSAIC"
    ],
    "ImagingFrequency": 123.259,
    "InPlanePhaseEncodingDirectionDICOM": "COL",
    "InstitutionAddress": "Yiheyuan Road 5,Beijing  0FCA35,Haidian,CN,100871",
    "InstitutionName": "CMR of Peking Univeristy",
    "InstitutionalDepartmentName": "Department",
    "MRAcquisitionType": "2D",
    "MagneticFieldStrength": 3,
    "Manufacturer": "Siemens",
    "ManufacturersModelName": "Prisma",
    "Modality": "MR",
    "MultibandAccelerationFactor": 8,
    "PartialFourier": 0.875,
    "PatientPosition": "HFS",
    "PercentPhaseFOV": 100,
    "PercentSampling": 100,
    "PhaseEncodingDirection": "j-",
    "PhaseEncodingSteps": 93,
    "PhaseResolution": 1,
    "PixelBandwidth": 2360,
    "ProcedureStepDescription": "Research^Projects_64CH",
    "ProtocolName": "fMRI_run5_AP",
    "PulseSequenceDetails": "%SiemensSeq%\\ep2d_bold",
    "ReceiveCoilActiveElements": "HC1-7;NC1,2",
    "ReceiveCoilName": "HeadNeck_64",
    "ReconMatrixPE": 106,
    "RefLinesPE": 32,
    "RepetitionTime": 0.71,
    "SAR": 0.0942503,
    "ScanOptions": "PFP\\FS",
    "ScanningSequence": "EP",
    "SequenceName": "*epfid2d1_106",
    "SequenceVariant": "SK",
    "SeriesDescription": "fMRI_run5_AP",
    "SeriesNumber": 9,
    "ShimSetting": [
      -3434,
      -2084,
      -1899,
      195,
      33,
      -311,
      -77,
      -4
    ],
    "SliceThickness": 2,
    "SliceTiming": [
      0.3075,
      0,
      0.385,
      0.0775,
      0.46,
      0.155,
      0.5375,
      0.23,
      0.615,
      0.3075,
      0,
      0.385,
      0.0775,
      0.46,
      0.155,
      0.5375,
      0.23,
      0.615,
      0.3075,
      0,
      0.385,
      0.0775,
      0.46,
      0.155,
      0.5375,
      0.23,
      0.615,
      0.3075,
      0,
      0.385,
      0.0775,
      0.46,
      0.155,
      0.5375,
      0.23,
      0.615,
      0.3075,
      0,
      0.385,
      0.0775,
      0.46,
      0.155,
      0.5375,
      0.23,
      0.615,
      0.3075,
      0,
      0.385,
      0.0775,
      0.46,
      0.155,
      0.5375,
      0.23,
      0.615,
      0.3075,
      0,
      0.385,
      0.0775,
      0.46,
      0.155,
      0.5375,
      0.23,
      0.615,
      0.3075,
      0,
      0.385,
      0.0775,
      0.46,
      0.155,
      0.5375,
      0.23,
      0.615
    ],
    "SoftwareVersions": "syngo MR E11",
    "SpacingBetweenSlices": 2,
    "StationName": "AWP66014",
    "TaskName": "Chinese-RDR",
    "TotalReadoutTime": 0.0598493,
    "TxRefAmp": 269.884,
    "dataset": "ds004078",
    "modality": "bold",
    "run_id": 55,
    "subject_id": "06",
    "task_id": "RDR"
  },
  "dummy_trs": 3,
  "dvars_nstd": 49.19938563067096,
  "dvars_std": 1.065455841796537,
  "dvars_vstd": 1.0060786391774894,
  "efc": 0.5602798668592834,
  "fber": 317.2370910644531,
  "fd_mean": 0.1260089882874124,
  "fd_num": 73,
  "fd_perc": 15.766738660907128,
  "fwhm_avg": 3.312813333333333,
  "fwhm_x": 3.00716,
  "fwhm_y": 3.493025,
  "fwhm_z": 3.438255,
  "gcor": 0.00297957,
  "gsr_x": 0.020415835082530975,
  "gsr_y": 0.04762211814522743,
  "provenance": {
    "md5sum": "e2adc2604bfa35ec692bf4e7173e81f8",
    "settings": {
      "fd_thres": 0.2,
      "testing": false
    },
    "software": "mriqc",
    "version": "23.0.1",
    "webapi_port": null,
    "webapi_url": "https://mriqc.nimh.nih.gov/api/v1"
  },
  "size_t": 463,
  "size_x": 106,
  "size_y": 106,
  "size_z": 72,
  "snr": 2.1308001325372175,
  "spacing_tr": 0.7099999785423279,
  "spacing_x": 2.0,
  "spacing_y": 2.0,
  "spacing_z": 2.0,
  "summary_bg_k": 24.16645101186045,
  "summary_bg_mad": 16.4975509342418,
  "summary_bg_mean": 55.16893005371094,
  "summary_bg_median": 25.36932945251465,
  "summary_bg_n": 520290.0,
  "summary_bg_p05": 12.235421180725098,
  "summary_bg_p95": 208.17202377319327,
  "summary_bg_stdv": 85.42887115478516,
  "summary_fg_k": 1.3792175910645579,
  "summary_fg_mad": 194.88212994681533,
  "summary_fg_mean": 512.1528930664062,
  "summary_fg_median": 473.224609375,
  "summary_fg_n": 173880.0,
  "summary_fg_p05": 231.34762420654297,
  "summary_fg_p95": 939.1348815917967,
  "summary_fg_stdv": 222.0871124267578,
  "tsnr": 30.124477092176676
}