{
  "aor": 0.0004749406175771972,
  "aqi": 0.00614275541567696,
  "bids_meta": {
    "AcquisitionMatrixPE": 106,
    "AcquisitionNumber": 1,
    "AcquisitionTime": "16:16:45.935000",
    "BandwidthPerPixelPhaseEncode": 16.551,
    "BaseResolution": 106,
    "BodyPartExamined": "HEAD",
    "CoilCombinationMethod": "Sum of Squares",
    "ConsistencyInfo": "N4_VE11C_LATEST_20160120",
    "ConversionSoftware": "dcm2niix",
    "ConversionSoftwareVersion": "v1.0.20211006",
    "Dcm2bidsVersion": "2.1.6",
    "DerivedVendorReportedEchoSpacing": 0.000569994,
    "DeviceSerialNumber": "66014",
    "DwellTime": 2e-06,
    "EchoTime": 0.03,
    "EchoTrainLength": 93,
    "EffectiveEchoSpacing": 0.000569994,
    "FlipAngle": 54,
    "ImageOrientationPatientDICOM": [
      0.999844,
      -0.0175243,
      -0.00200323,
      0.0174523,
      0.999348,
      -0.0316078
    ],
    "ImageOrientationText": "Tra>Cor(-1.8)>Sag(-0.1)",
    "ImageType": [
      "ORIGINAL",
      "PRIMARY",
      "M",
      "ND",
      "MOSAIC"
    ],
    "ImagingFrequency": 123.259,
    "InPlanePhaseEncodingDirectionDICOM": "COL",
    "InstitutionAddress": "Yiheyuan Road 5,Beijing  0FCA35,Haidian,CN,100871",
    "InstitutionName": "CMR of Peking Univeristy",
    "InstitutionalDepartmentName": "Department",
    "MRAcquisitionType": "2D",
    "MagneticFieldStrength": 3,
    "Manufacturer": "Siemens",
    "ManufacturersModelName": "Prisma",
    "Modality": "MR",
    "MultibandAccelerationFactor": 8,
    "PartialFourier": 0.875,
    "PatientPosition": "HFS",
    "PercentPhaseFOV": 100,
    "PercentSampling": 100,
    "PhaseEncodingDirection": "j-",
    "PhaseEncodingSteps": 93,
    "PhaseResolution": 1,
    "PixelBandwidth": 2360,
    "ProcedureStepDescription": "Research^Projects_64CH",
    "ProtocolName": "fMRI_run9_AP",
    "PulseSequenceDetails": "%SiemensSeq%\\ep2d_bold",
    "ReceiveCoilActiveElements": "HC1-7;NC1,2",
    "ReceiveCoilName": "HeadNeck_64",
    "ReconMatrixPE": 106,
    "RefLinesPE": 32,
    "RepetitionTime": 0.71,
    "SAR": 0.096229,
    "ScanOptions": "PFP\\FS",
    "ScanningSequence": "EP",
    "SequenceName": "*epfid2d1_106",
    "SequenceVariant": "SK",
    "SeriesDescription": "fMRI_run9_AP",
    "SeriesNumber": 13,
    "ShimSetting": [
      -3455,
      -2105,
      -1888,
      160,
      80,
      -206,
      -36,
      6
    ],
    "SliceThickness": 2,
    "SliceTiming": [
      0.3075,
      0,
      0.385,
      0.0775,
      0.46,
      0.155,
      0.5375,
      0.23,
      0.615,
      0.3075,
      0,
      0.385,
      0.0775,
      0.46,
      0.155,
      0.5375,
      0.23,
      0.615,
      0.3075,
      0,
      0.385,
      0.0775,
      0.46,
      0.155,
      0.5375,
      0.23,
      0.615,
      0.3075,
      0,
      0.385,
      0.0775,
      0.46,
      0.155,
      0.5375,
      0.23,
      0.615,
      0.3075,
      0,
      0.385,
      0.0775,
      0.46,
      0.155,
      0.5375,
      0.23,
      0.615,
      0.3075,
      0,
      0.385,
      0.0775,
      0.46,
      0.155,
      0.5375,
      0.23,
      0.615,
      0.3075,
      0,
      0.385,
      0.0775,
      0.46,
      0.155,
      0.5375,
      0.23,
      0.615,
      0.3075,
      0,
      0.385,
      0.0775,
      0.46,
      0.155,
      0.5375,
      0.23,
      0.615
    ],
    "SoftwareVersions": "syngo MR E11",
    "SpacingBetweenSlices": 2,
    "StationName": "AWP66014",
    "TaskName": "Chinese-RDR",
    "TotalReadoutTime": 0.0598493,
    "TxRefAmp": 271.297,
    "dataset": "ds004078",
    "modality": "bold",
    "run_id": 39,
    "subject_id": "06",
    "task_id": "RDR"
  },
  "dummy_trs": 2,
  "dvars_nstd": 48.610190636666644,
  "dvars_std": 1.0707963736666684,
  "dvars_vstd": 1.0079702227142857,
  "efc": 0.5612042657486312,
  "fber": 293.9034423828125,
  "fd_mean": 0.08904325199495365,
  "fd_num": 4,
  "fd_perc": 0.9501187648456056,
  "fwhm_avg": 3.385885,
  "fwhm_x": 3.079255,
  "fwhm_y": 3.57242,
  "fwhm_z": 3.50598,
  "gcor": 0.0039535,
  "gsr_x": 0.017303302884101868,
  "gsr_y": 0.051880959421396255,
  "provenance": {
    "md5sum": "b911566bd8850084604771c8c61c29f6",
    "settings": {
      "fd_thres": 0.2,
      "testing": false
    },
    "software": "mriqc",
    "version": "23.0.1",
    "webapi_port": null,
    "webapi_url": "https://mriqc.nimh.nih.gov/api/v1"
  },
  "size_t": 421,
  "size_x": 106,
  "size_y": 106,
  "size_z": 72,
  "snr": 2.072015624560369,
  "spacing_tr": 0.7099999785423279,
  "spacing_x": 2.0,
  "spacing_y": 2.0,
  "spacing_z": 2.0,
  "summary_bg_k": 25.557751962475063,
  "summary_bg_mad": 17.731361263779863,
  "summary_bg_mean": 58.48306655883789,
  "summary_bg_median": 26.985750198364258,
  "summary_bg_n": 519463.0,
  "summary_bg_p05": 12.85748291015625,
  "summary_bg_p95": 220.833740234375,
  "summary_bg_stdv": 90.28282165527344,
  "summary_fg_k": 1.6585652847920853,
  "summary_fg_mad": 206.57472518972088,
  "summary_fg_mean": 528.7369384765625,
  "summary_fg_median": 486.6021728515625,
  "summary_fg_n": 173802.0,
  "summary_fg_p05": 233.83135986328125,
  "summary_fg_p95": 976.8903320312498,
  "summary_fg_stdv": 234.8441619873047,
  "tsnr": 30.2069881609641
}