{
  "aor": 0.0003463449367088608,
  "aqi": 0.005681855348101266,
  "bids_meta": {
    "AcquisitionMatrixPE": 106,
    "AcquisitionNumber": 1,
    "AcquisitionTime": "20:45:14.435000",
    "BandwidthPerPixelPhaseEncode": 16.551,
    "BaseResolution": 106,
    "BodyPartExamined": "HEAD",
    "CoilCombinationMethod": "Sum of Squares",
    "ConsistencyInfo": "N4_VE11C_LATEST_20160120",
    "ConversionSoftware": "dcm2niix",
    "ConversionSoftwareVersion": "v1.0.20211006",
    "Dcm2bidsVersion": "2.1.6",
    "DerivedVendorReportedEchoSpacing": 0.000569994,
    "DeviceSerialNumber": "66014",
    "DwellTime": 2e-06,
    "EchoTime": 0.03,
    "EchoTrainLength": 93,
    "EffectiveEchoSpacing": 0.000569994,
    "FlipAngle": 54,
    "ImageOrientationPatientDICOM": [
      0.999322,
      0.0016593,
      0.0367931,
      0.00174416,
      0.995732,
      -0.092278
    ],
    "ImageOrientationText": "Tra>Cor(-5.3)>Sag(2.1)",
    "ImageType": [
      "ORIGINAL",
      "PRIMARY",
      "M",
      "ND",
      "MOSAIC"
    ],
    "ImagingFrequency": 123.259,
    "InPlanePhaseEncodingDirectionDICOM": "COL",
    "InstitutionAddress": "Yiheyuan Road 5,Beijing  0FCA35,Haidian,CN,100871",
    "InstitutionName": "CMR of Peking Univeristy",
    "InstitutionalDepartmentName": "Department",
    "MRAcquisitionType": "2D",
    "MagneticFieldStrength": 3,
    "Manufacturer": "Siemens",
    "ManufacturersModelName": "Prisma",
    "Modality": "MR",
    "MultibandAccelerationFactor": 8,
    "PartialFourier": 0.875,
    "PatientPosition": "HFS",
    "PercentPhaseFOV": 100,
    "PercentSampling": 100,
    "PhaseEncodingDirection": "j-",
    "PhaseEncodingSteps": 93,
    "PhaseResolution": 1,
    "PixelBandwidth": 2360,
    "ProcedureStepDescription": "Research^Projects_64CH",
    "ProtocolName": "fMRI_Rest2_AP",
    "PulseSequenceDetails": "%SiemensSeq%\\ep2d_bold",
    "ReceiveCoilActiveElements": "HC1-7;NC1,2",
    "ReceiveCoilName": "HeadNeck_64",
    "ReconMatrixPE": 106,
    "RefLinesPE": 32,
    "RepetitionTime": 0.71,
    "SAR": 0.088609,
    "ScanOptions": "PFP\\FS",
    "ScanningSequence": "EP",
    "SequenceName": "*epfid2d1_106",
    "SequenceVariant": "SK",
    "SeriesDescription": "fMRI_Rest2_AP",
    "SeriesNumber": 21,
    "ShimSetting": [
      -3431,
      -2073,
      -1900,
      234,
      -44,
      -418,
      -103,
      1
    ],
    "SliceThickness": 2,
    "SliceTiming": [
      0.305,
      0,
      0.3825,
      0.075,
      0.46,
      0.1525,
      0.535,
      0.23,
      0.6125,
      0.305,
      0,
      0.3825,
      0.075,
      0.46,
      0.1525,
      0.535,
      0.23,
      0.6125,
      0.305,
      0,
      0.3825,
      0.075,
      0.46,
      0.1525,
      0.535,
      0.23,
      0.6125,
      0.305,
      0,
      0.3825,
      0.075,
      0.46,
      0.1525,
      0.535,
      0.23,
      0.6125,
      0.305,
      0,
      0.3825,
      0.075,
      0.46,
      0.1525,
      0.535,
      0.23,
      0.6125,
      0.305,
      0,
      0.3825,
      0.075,
      0.46,
      0.1525,
      0.535,
      0.23,
      0.6125,
      0.305,
      0,
      0.3825,
      0.075,
      0.46,
      0.1525,
      0.535,
      0.23,
      0.6125,
      0.305,
      0,
      0.3825,
      0.075,
      0.46,
      0.1525,
      0.535,
      0.23,
      0.6125
    ],
    "SoftwareVersions": "syngo MR E11",
    "SpacingBetweenSlices": 2,
    "StationName": "AWP66014",
    "TaskName": "rest",
    "TotalReadoutTime": 0.0598493,
    "TxRefAmp": 255.358,
    "dataset": "ds004078",
    "modality": "bold",
    "run_id": 3,
    "subject_id": "06",
    "task_id": "rest"
  },
  "dummy_trs": 2,
  "dvars_nstd": 46.168098298494485,
  "dvars_std": 1.0409632899999979,
  "dvars_vstd": 1.0026518269730602,
  "efc": 0.5513273565311567,
  "fber": 296.3544616699219,
  "fd_mean": 0.09884062330183233,
  "fd_num": 2,
  "fd_perc": 0.31645569620253167,
  "fwhm_avg": 3.461926666666667,
  "fwhm_x": 3.18428,
  "fwhm_y": 3.66457,
  "fwhm_z": 3.53693,
  "gcor": 0.00250351,
  "gsr_x": 0.01906212605535984,
  "gsr_y": 0.056743424385786057,
  "provenance": {
    "md5sum": "e88a329421653acb41cce1af1611a87f",
    "settings": {
      "fd_thres": 0.2,
      "testing": false
    },
    "software": "mriqc",
    "version": "23.0.1",
    "webapi_port": null,
    "webapi_url": "https://mriqc.nimh.nih.gov/api/v1"
  },
  "size_t": 632,
  "size_x": 106,
  "size_y": 106,
  "size_z": 72,
  "snr": 1.901141871157121,
  "spacing_tr": 0.7099999785423279,
  "spacing_x": 2.0,
  "spacing_y": 2.0,
  "spacing_z": 2.0,
  "summary_bg_k": 31.450428376414777,
  "summary_bg_mad": 18.544257608796453,
  "summary_bg_mean": 62.0981330871582,
  "summary_bg_median": 27.588607788085938,
  "summary_bg_n": 523727.0,
  "summary_bg_p05": 12.966772079467773,
  "summary_bg_p95": 241.6661376953125,
  "summary_bg_stdv": 100.67135620117188,
  "summary_fg_k": 2.278587540134896,
  "summary_fg_mad": 221.00507609789605,
  "summary_fg_mean": 551.001953125,
  "summary_fg_median": 498.00396728515625,
  "summary_fg_n": 171084.0,
  "summary_fg_p05": 237.603409576416,
  "summary_fg_p95": 1055.0806274414062,
  "summary_fg_stdv": 261.94915771484375,
  "tsnr": 30.42060309369117
}