{
  "aor": 0.0004117346938775511,
  "aqi": 0.006053157448979591,
  "bids_meta": {
    "AcquisitionMatrixPE": 106,
    "AcquisitionNumber": 1,
    "AcquisitionTime": "15:44:47.377500",
    "BandwidthPerPixelPhaseEncode": 16.551,
    "BaseResolution": 106,
    "BodyPartExamined": "HEAD",
    "CoilCombinationMethod": "Sum of Squares",
    "ConsistencyInfo": "N4_VE11C_LATEST_20160120",
    "ConversionSoftware": "dcm2niix",
    "ConversionSoftwareVersion": "v1.0.20211006",
    "Dcm2bidsVersion": "2.1.6",
    "DerivedVendorReportedEchoSpacing": 0.000569994,
    "DeviceSerialNumber": "66014",
    "DwellTime": 2e-06,
    "EchoTime": 0.03,
    "EchoTrainLength": 93,
    "EffectiveEchoSpacing": 0.000569994,
    "FlipAngle": 54,
    "ImageOrientationPatientDICOM": [
      0.999303,
      0.00599568,
      0.0368589,
      -0.00523238,
      0.999771,
      -0.0207703
    ],
    "ImageOrientationText": "Tra>Sag(2.1)>Cor(-1.2)",
    "ImageType": [
      "ORIGINAL",
      "PRIMARY",
      "M",
      "ND",
      "MOSAIC"
    ],
    "ImagingFrequency": 123.259,
    "InPlanePhaseEncodingDirectionDICOM": "COL",
    "InstitutionAddress": "Yiheyuan Road 5,Beijing  0FCA35,Haidian,CN,100871",
    "InstitutionName": "CMR of Peking Univeristy",
    "InstitutionalDepartmentName": "Department",
    "MRAcquisitionType": "2D",
    "MagneticFieldStrength": 3,
    "Manufacturer": "Siemens",
    "ManufacturersModelName": "Prisma",
    "Modality": "MR",
    "MultibandAccelerationFactor": 8,
    "PartialFourier": 0.875,
    "PatientPosition": "HFS",
    "PercentPhaseFOV": 100,
    "PercentSampling": 100,
    "PhaseEncodingDirection": "j-",
    "PhaseEncodingSteps": 93,
    "PhaseResolution": 1,
    "PixelBandwidth": 2360,
    "ProcedureStepDescription": "Research^Projects_64CH",
    "ProtocolName": "fMRI_run3_AP",
    "PulseSequenceDetails": "%SiemensSeq%\\ep2d_bold",
    "ReceiveCoilActiveElements": "HC1-7;NC1,2",
    "ReceiveCoilName": "HeadNeck_64",
    "ReconMatrixPE": 106,
    "RefLinesPE": 32,
    "RepetitionTime": 0.71,
    "SAR": 0.085075,
    "ScanOptions": "PFP\\FS",
    "ScanningSequence": "EP",
    "SequenceName": "*epfid2d1_106",
    "SequenceVariant": "SK",
    "SeriesDescription": "fMRI_run3_AP",
    "SeriesNumber": 7,
    "ShimSetting": [
      -3433,
      -2103,
      -1888,
      175,
      -20,
      -288,
      -72,
      -15
    ],
    "SliceThickness": 2,
    "SliceTiming": [
      0.3075,
      0,
      0.3825,
      0.0775,
      0.46,
      0.1525,
      0.5375,
      0.23,
      0.6125,
      0.3075,
      0,
      0.3825,
      0.0775,
      0.46,
      0.1525,
      0.5375,
      0.23,
      0.6125,
      0.3075,
      0,
      0.3825,
      0.0775,
      0.46,
      0.1525,
      0.5375,
      0.23,
      0.6125,
      0.3075,
      0,
      0.3825,
      0.0775,
      0.46,
      0.1525,
      0.5375,
      0.23,
      0.6125,
      0.3075,
      0,
      0.3825,
      0.0775,
      0.46,
      0.1525,
      0.5375,
      0.23,
      0.6125,
      0.3075,
      0,
      0.3825,
      0.0775,
      0.46,
      0.1525,
      0.5375,
      0.23,
      0.6125,
      0.3075,
      0,
      0.3825,
      0.0775,
      0.46,
      0.1525,
      0.5375,
      0.23,
      0.6125,
      0.3075,
      0,
      0.3825,
      0.0775,
      0.46,
      0.1525,
      0.5375,
      0.23,
      0.6125
    ],
    "SoftwareVersions": "syngo MR E11",
    "SpacingBetweenSlices": 2,
    "StationName": "AWP66014",
    "TaskName": "Chinese-RDR",
    "TotalReadoutTime": 0.0598493,
    "TxRefAmp": 258.651,
    "dataset": "ds004078",
    "modality": "bold",
    "run_id": 43,
    "subject_id": "06",
    "task_id": "RDR"
  },
  "dummy_trs": 3,
  "dvars_nstd": 49.30774722247447,
  "dvars_std": 1.075501072740287,
  "dvars_vstd": 1.0088590527811863,
  "efc": 0.5589507740855946,
  "fber": 313.6744384765625,
  "fd_mean": 0.10700158246960631,
  "fd_num": 43,
  "fd_perc": 8.775510204081632,
  "fwhm_avg": 3.3605816666666666,
  "fwhm_x": 3.03731,
  "fwhm_y": 3.556115,
  "fwhm_z": 3.48832,
  "gcor": 0.00457518,
  "gsr_x": 0.015186767093837261,
  "gsr_y": 0.05550163611769676,
  "provenance": {
    "md5sum": "066c9a12a0a3a233997a6f840c5b724c",
    "settings": {
      "fd_thres": 0.2,
      "testing": false
    },
    "software": "mriqc",
    "version": "23.0.1",
    "webapi_port": null,
    "webapi_url": "https://mriqc.nimh.nih.gov/api/v1"
  },
  "size_t": 490,
  "size_x": 106,
  "size_y": 106,
  "size_z": 72,
  "snr": 2.0845693898624025,
  "spacing_tr": 0.7099999785423279,
  "spacing_x": 2.0,
  "spacing_y": 2.0,
  "spacing_z": 2.0,
  "summary_bg_k": 26.063664417021204,
  "summary_bg_mad": 17.080180565639953,
  "summary_bg_mean": 55.90801239013672,
  "summary_bg_median": 25.912242889404297,
  "summary_bg_n": 519264.0,
  "summary_bg_p05": 12.46938705444336,
  "summary_bg_p95": 209.00519866943344,
  "summary_bg_stdv": 86.59736633300781,
  "summary_fg_k": 1.5438446570712836,
  "summary_fg_mad": 202.24810841586506,
  "summary_fg_mean": 523.05126953125,
  "summary_fg_median": 481.665283203125,
  "summary_fg_n": 174892.0,
  "summary_fg_p05": 232.61671829223633,
  "summary_fg_p95": 966.4232452392574,
  "summary_fg_stdv": 231.06158447265625,
  "tsnr": 30.150919896317646
}