{
  "aor": 0.00023813432835820896,
  "aqi": 0.006556960093283582,
  "bids_meta": {
    "AcquisitionMatrixPE": 106,
    "AcquisitionNumber": 1,
    "AcquisitionTime": "14:24:10.472500",
    "BandwidthPerPixelPhaseEncode": 16.551,
    "BaseResolution": 106,
    "BodyPartExamined": "HEAD",
    "CoilCombinationMethod": "Sum of Squares",
    "ConsistencyInfo": "N4_VE11C_LATEST_20160120",
    "ConversionSoftware": "dcm2niix",
    "ConversionSoftwareVersion": "v1.0.20211006",
    "Dcm2bidsVersion": "2.1.6",
    "DerivedVendorReportedEchoSpacing": 0.000569994,
    "DeviceSerialNumber": "66014",
    "DwellTime": 2e-06,
    "EchoTime": 0.03,
    "EchoTrainLength": 93,
    "EffectiveEchoSpacing": 0.000569994,
    "FlipAngle": 54,
    "ImageOrientationPatientDICOM": [
      0.99882,
      0.0394028,
      0.0284053,
      -0.0383708,
      0.998615,
      -0.0360065
    ],
    "ImageOrientationText": "Tra>Cor(-2.0)>Sag(1.7)",
    "ImageType": [
      "ORIGINAL",
      "PRIMARY",
      "M",
      "ND",
      "MOSAIC"
    ],
    "ImagingFrequency": 123.259,
    "InPlanePhaseEncodingDirectionDICOM": "COL",
    "InstitutionAddress": "Yiheyuan Road 5,Beijing  0FCA35,Haidian,CN,100871",
    "InstitutionName": "CMR of Peking Univeristy",
    "InstitutionalDepartmentName": "Department",
    "MRAcquisitionType": "2D",
    "MagneticFieldStrength": 3,
    "Manufacturer": "Siemens",
    "ManufacturersModelName": "Prisma",
    "Modality": "MR",
    "MultibandAccelerationFactor": 8,
    "PartialFourier": 0.875,
    "PatientPosition": "HFS",
    "PercentPhaseFOV": 100,
    "PercentSampling": 100,
    "PhaseEncodingDirection": "j-",
    "PhaseEncodingSteps": 93,
    "PhaseResolution": 1,
    "PixelBandwidth": 2360,
    "ProcedureStepDescription": "Research^Projects_64CH",
    "ProtocolName": "fMRI_run1_AP",
    "PulseSequenceDetails": "%SiemensSeq%\\ep2d_bold",
    "ReceiveCoilActiveElements": "HC1-7;NC1,2",
    "ReceiveCoilName": "HeadNeck_64",
    "ReconMatrixPE": 106,
    "RefLinesPE": 32,
    "RepetitionTime": 0.71,
    "SAR": 0.116278,
    "ScanOptions": "PFP\\FS",
    "ScanningSequence": "EP",
    "SequenceName": "*epfid2d1_106",
    "SequenceVariant": "SK",
    "SeriesDescription": "fMRI_run1_AP",
    "SeriesNumber": 5,
    "ShimSetting": [
      -3453,
      -2110,
      -1935,
      223,
      43,
      -469,
      -87,
      44
    ],
    "SliceThickness": 2,
    "SliceTiming": [
      0.3075,
      0,
      0.3825,
      0.0775,
      0.46,
      0.1525,
      0.535,
      0.23,
      0.6125,
      0.3075,
      0,
      0.3825,
      0.0775,
      0.46,
      0.1525,
      0.535,
      0.23,
      0.6125,
      0.3075,
      0,
      0.3825,
      0.0775,
      0.46,
      0.1525,
      0.535,
      0.23,
      0.6125,
      0.3075,
      0,
      0.3825,
      0.0775,
      0.46,
      0.1525,
      0.535,
      0.23,
      0.6125,
      0.3075,
      0,
      0.3825,
      0.0775,
      0.46,
      0.1525,
      0.535,
      0.23,
      0.6125,
      0.3075,
      0,
      0.3825,
      0.0775,
      0.46,
      0.1525,
      0.535,
      0.23,
      0.6125,
      0.3075,
      0,
      0.3825,
      0.0775,
      0.46,
      0.1525,
      0.535,
      0.23,
      0.6125,
      0.3075,
      0,
      0.3825,
      0.0775,
      0.46,
      0.1525,
      0.535,
      0.23,
      0.6125
    ],
    "SoftwareVersions": "syngo MR E11",
    "SpacingBetweenSlices": 2,
    "StationName": "AWP66014",
    "TaskName": "Chinese-RDR",
    "TotalReadoutTime": 0.0598493,
    "TxRefAmp": 271.689,
    "dataset": "ds004078",
    "modality": "bold",
    "run_id": 51,
    "subject_id": "01",
    "task_id": "RDR"
  },
  "dummy_trs": 3,
  "dvars_nstd": 46.132164778635506,
  "dvars_std": 1.0371472918878497,
  "dvars_vstd": 0.9995811596074782,
  "efc": 0.537934028192038,
  "fber": 426.75421142578125,
  "fd_mean": 0.12315977503073369,
  "fd_num": 65,
  "fd_perc": 12.126865671641792,
  "fwhm_avg": 3.34524,
  "fwhm_x": 2.99582,
  "fwhm_y": 3.5435,
  "fwhm_z": 3.4964,
  "gcor": 0.0036561,
  "gsr_x": -0.005024279933422804,
  "gsr_y": 0.06019870564341545,
  "provenance": {
    "md5sum": "3c172145e9635485dd8502ab6c795745",
    "settings": {
      "fd_thres": 0.2,
      "testing": false
    },
    "software": "mriqc",
    "version": "23.0.1",
    "webapi_port": null,
    "webapi_url": "https://mriqc.nimh.nih.gov/api/v1"
  },
  "size_t": 536,
  "size_x": 106,
  "size_y": 106,
  "size_z": 72,
  "snr": 2.335367371678658,
  "spacing_tr": 0.7099999785423279,
  "spacing_x": 2.0,
  "spacing_y": 2.0,
  "spacing_z": 2.0,
  "summary_bg_k": 28.196036409105645,
  "summary_bg_mad": 15.155182681260495,
  "summary_bg_mean": 51.73393249511719,
  "summary_bg_median": 23.397388458251953,
  "summary_bg_n": 548828.0,
  "summary_bg_p05": 12.056623077392581,
  "summary_bg_p95": 192.7157638549804,
  "summary_bg_stdv": 81.58612060546875,
  "summary_fg_k": 1.8715953595647061,
  "summary_fg_mad": 187.12876011439755,
  "summary_fg_mean": 529.7909545898438,
  "summary_fg_median": 495.68096923828125,
  "summary_fg_n": 155240.0,
  "summary_fg_p05": 257.44198150634764,
  "summary_fg_p95": 927.9721710205077,
  "summary_fg_stdv": 212.24899291992188,
  "tsnr": 31.25290964555461
}