{
  "aor": 0.00034461176470588237,
  "aqi": 0.006502935670588235,
  "bids_meta": {
    "AcquisitionMatrixPE": 106,
    "AcquisitionNumber": 1,
    "AcquisitionTime": "15:09:56.752500",
    "BandwidthPerPixelPhaseEncode": 16.551,
    "BaseResolution": 106,
    "BodyPartExamined": "HEAD",
    "CoilCombinationMethod": "Sum of Squares",
    "ConsistencyInfo": "N4_VE11C_LATEST_20160120",
    "ConversionSoftware": "dcm2niix",
    "ConversionSoftwareVersion": "v1.0.20211006",
    "Dcm2bidsVersion": "2.1.6",
    "DerivedVendorReportedEchoSpacing": 0.000569994,
    "DeviceSerialNumber": "66014",
    "DwellTime": 2e-06,
    "EchoTime": 0.03,
    "EchoTrainLength": 93,
    "EffectiveEchoSpacing": 0.000569994,
    "FlipAngle": 54,
    "ImageOrientationPatientDICOM": [
      0.999383,
      -0.0298428,
      0.0185069,
      0.029661,
      0.99951,
      0.0100222
    ],
    "ImageOrientationText": "Tra>Sag(1.1)>Cor(0.5)",
    "ImageType": [
      "ORIGINAL",
      "PRIMARY",
      "M",
      "ND",
      "MOSAIC"
    ],
    "ImagingFrequency": 123.259,
    "InPlanePhaseEncodingDirectionDICOM": "COL",
    "InstitutionAddress": "Yiheyuan Road 5,Beijing  0FCA35,Haidian,CN,100871",
    "InstitutionName": "CMR of Peking Univeristy",
    "InstitutionalDepartmentName": "Department",
    "MRAcquisitionType": "2D",
    "MagneticFieldStrength": 3,
    "Manufacturer": "Siemens",
    "ManufacturersModelName": "Prisma",
    "Modality": "MR",
    "MultibandAccelerationFactor": 8,
    "PartialFourier": 0.875,
    "PatientPosition": "HFS",
    "PercentPhaseFOV": 100,
    "PercentSampling": 100,
    "PhaseEncodingDirection": "j-",
    "PhaseEncodingSteps": 93,
    "PhaseResolution": 1,
    "PixelBandwidth": 2360,
    "ProcedureStepDescription": "Research^Projects_64CH",
    "ProtocolName": "fMRI_run9_AP",
    "PulseSequenceDetails": "%SiemensSeq%\\ep2d_bold",
    "ReceiveCoilActiveElements": "HC1-7;NC1,2",
    "ReceiveCoilName": "HeadNeck_64",
    "ReconMatrixPE": 106,
    "RefLinesPE": 32,
    "RepetitionTime": 0.71,
    "SAR": 0.0945272,
    "ScanOptions": "PFP\\FS",
    "ScanningSequence": "EP",
    "SequenceName": "*epfid2d1_106",
    "SequenceVariant": "SK",
    "SeriesDescription": "fMRI_run9_AP",
    "SeriesNumber": 13,
    "ShimSetting": [
      -3444,
      -2118,
      -1930,
      267,
      12,
      -499,
      -84,
      -40
    ],
    "SliceThickness": 2,
    "SliceTiming": [
      0.305,
      0,
      0.3825,
      0.075,
      0.46,
      0.1525,
      0.535,
      0.23,
      0.6125,
      0.305,
      0,
      0.3825,
      0.075,
      0.46,
      0.1525,
      0.535,
      0.23,
      0.6125,
      0.305,
      0,
      0.3825,
      0.075,
      0.46,
      0.1525,
      0.535,
      0.23,
      0.6125,
      0.305,
      0,
      0.3825,
      0.075,
      0.46,
      0.1525,
      0.535,
      0.23,
      0.6125,
      0.305,
      0,
      0.3825,
      0.075,
      0.46,
      0.1525,
      0.535,
      0.23,
      0.6125,
      0.305,
      0,
      0.3825,
      0.075,
      0.46,
      0.1525,
      0.535,
      0.23,
      0.6125,
      0.305,
      0,
      0.3825,
      0.075,
      0.46,
      0.1525,
      0.535,
      0.23,
      0.6125,
      0.305,
      0,
      0.3825,
      0.075,
      0.46,
      0.1525,
      0.535,
      0.23,
      0.6125
    ],
    "SoftwareVersions": "syngo MR E11",
    "SpacingBetweenSlices": 2,
    "StationName": "AWP66014",
    "TaskName": "Chinese-RDR",
    "TotalReadoutTime": 0.0598493,
    "TxRefAmp": 252.306,
    "dataset": "ds004078",
    "modality": "bold",
    "run_id": 49,
    "subject_id": "01",
    "task_id": "RDR"
  },
  "dummy_trs": 2,
  "dvars_nstd": 46.982632376273564,
  "dvars_std": 1.0514767415566029,
  "dvars_vstd": 1.0063771459905664,
  "efc": 0.5430611616968568,
  "fber": 386.950439453125,
  "fd_mean": 0.10276190386819323,
  "fd_num": 14,
  "fd_perc": 3.2941176470588234,
  "fwhm_avg": 3.3212816666666662,
  "fwhm_x": 2.99635,
  "fwhm_y": 3.506795,
  "fwhm_z": 3.4607,
  "gcor": 0.00454049,
  "gsr_x": -0.010317734442651272,
  "gsr_y": 0.07056152075529099,
  "provenance": {
    "md5sum": "c7fa3fb24db7f26eaba6c94043a71fb1",
    "settings": {
      "fd_thres": 0.2,
      "testing": false
    },
    "software": "mriqc",
    "version": "23.0.1",
    "webapi_port": null,
    "webapi_url": "https://mriqc.nimh.nih.gov/api/v1"
  },
  "size_t": 425,
  "size_x": 106,
  "size_y": 106,
  "size_z": 72,
  "snr": 2.3265953410677627,
  "spacing_tr": 0.7099999785423279,
  "spacing_x": 2.0,
  "spacing_y": 2.0,
  "spacing_z": 2.0,
  "summary_bg_k": 27.15563206582238,
  "summary_bg_mad": 15.603950883029512,
  "summary_bg_mean": 53.610294342041016,
  "summary_bg_median": 23.872940063476562,
  "summary_bg_n": 548337.0,
  "summary_bg_p05": 12.044705390930176,
  "summary_bg_p95": 200.09505615234355,
  "summary_bg_stdv": 85.97647857666016,
  "summary_fg_k": 1.9528864502473544,
  "summary_fg_mad": 183.89149491261966,
  "summary_fg_mean": 519.8914794921875,
  "summary_fg_median": 485.5552673339844,
  "summary_fg_n": 154444.0,
  "summary_fg_p05": 253.45717163085936,
  "summary_fg_p95": 911.9375976562504,
  "summary_fg_stdv": 208.6970977783203,
  "tsnr": 31.34506885986775
}