{
  "aor": 0.0003713793103448276,
  "aqi": 0.006560357747126437,
  "bids_meta": {
    "AcquisitionMatrixPE": 106,
    "AcquisitionNumber": 1,
    "AcquisitionTime": "11:49:45.350000",
    "BandwidthPerPixelPhaseEncode": 16.551,
    "BaseResolution": 106,
    "BodyPartExamined": "HEAD",
    "CoilCombinationMethod": "Sum of Squares",
    "ConsistencyInfo": "N4_VE11C_LATEST_20160120",
    "ConversionSoftware": "dcm2niix",
    "ConversionSoftwareVersion": "v1.0.20211006",
    "Dcm2bidsVersion": "2.1.6",
    "DerivedVendorReportedEchoSpacing": 0.000569994,
    "DeviceSerialNumber": "66014",
    "DwellTime": 2e-06,
    "EchoTime": 0.03,
    "EchoTrainLength": 93,
    "EffectiveEchoSpacing": 0.000569994,
    "FlipAngle": 54,
    "ImageOrientationPatientDICOM": [
      0.99837,
      0.0548448,
      0.0157793,
      -0.0540698,
      0.99748,
      -0.0459369
    ],
    "ImageOrientationText": "Tra>Cor(-2.6)>Sag(1.0)",
    "ImageType": [
      "ORIGINAL",
      "PRIMARY",
      "M",
      "ND",
      "MOSAIC"
    ],
    "ImagingFrequency": 123.259,
    "InPlanePhaseEncodingDirectionDICOM": "COL",
    "InstitutionAddress": "Yiheyuan Road 5,Beijing  0FCA35,Haidian,CN,100871",
    "InstitutionName": "CMR of Peking Univeristy",
    "InstitutionalDepartmentName": "Department",
    "MRAcquisitionType": "2D",
    "MagneticFieldStrength": 3,
    "Manufacturer": "Siemens",
    "ManufacturersModelName": "Prisma",
    "Modality": "MR",
    "MultibandAccelerationFactor": 8,
    "PartialFourier": 0.875,
    "PatientPosition": "HFS",
    "PercentPhaseFOV": 100,
    "PercentSampling": 100,
    "PhaseEncodingDirection": "j-",
    "PhaseEncodingSteps": 93,
    "PhaseResolution": 1,
    "PixelBandwidth": 2360,
    "ProcedureStepDescription": "Research^Projects_64CH",
    "ProtocolName": "fMRI_run7_AP",
    "PulseSequenceDetails": "%SiemensSeq%\\ep2d_bold",
    "ReceiveCoilActiveElements": "HC1-7;NC1,2",
    "ReceiveCoilName": "HeadNeck_64",
    "ReconMatrixPE": 106,
    "RefLinesPE": 32,
    "RepetitionTime": 0.71,
    "SAR": 0.114654,
    "ScanOptions": "PFP\\FS",
    "ScanningSequence": "EP",
    "SequenceName": "*epfid2d1_106",
    "SequenceVariant": "SK",
    "SeriesDescription": "fMRI_run7_AP",
    "SeriesNumber": 23,
    "ShimSetting": [
      -3434,
      -2110,
      -1930,
      375,
      65,
      -404,
      -65,
      0
    ],
    "SliceThickness": 2,
    "SliceTiming": [
      0.305,
      0,
      0.3825,
      0.075,
      0.46,
      0.1525,
      0.535,
      0.23,
      0.6125,
      0.305,
      0,
      0.3825,
      0.075,
      0.46,
      0.1525,
      0.535,
      0.23,
      0.6125,
      0.305,
      0,
      0.3825,
      0.075,
      0.46,
      0.1525,
      0.535,
      0.23,
      0.6125,
      0.305,
      0,
      0.3825,
      0.075,
      0.46,
      0.1525,
      0.535,
      0.23,
      0.6125,
      0.305,
      0,
      0.3825,
      0.075,
      0.46,
      0.1525,
      0.535,
      0.23,
      0.6125,
      0.305,
      0,
      0.3825,
      0.075,
      0.46,
      0.1525,
      0.535,
      0.23,
      0.6125,
      0.305,
      0,
      0.3825,
      0.075,
      0.46,
      0.1525,
      0.535,
      0.23,
      0.6125,
      0.305,
      0,
      0.3825,
      0.075,
      0.46,
      0.1525,
      0.535,
      0.23,
      0.6125
    ],
    "SoftwareVersions": "syngo MR E11",
    "SpacingBetweenSlices": 2,
    "StationName": "AWP66014",
    "TaskName": "Chinese-RDR",
    "TotalReadoutTime": 0.0598493,
    "TxRefAmp": 265.949,
    "dataset": "ds004078",
    "modality": "bold",
    "run_id": 7,
    "subject_id": "01",
    "task_id": "RDR"
  },
  "dummy_trs": 2,
  "dvars_nstd": 47.51176249599078,
  "dvars_std": 1.0565650005069127,
  "dvars_vstd": 1.0075485358525347,
  "efc": 0.5452211918593386,
  "fber": 427.39404296875,
  "fd_mean": 0.10097930964631067,
  "fd_num": 19,
  "fd_perc": 4.367816091954023,
  "fwhm_avg": 3.1673033333333334,
  "fwhm_x": 2.81979,
  "fwhm_y": 3.35761,
  "fwhm_z": 3.32451,
  "gcor": 0.00319606,
  "gsr_x": -0.010341648943722248,
  "gsr_y": 0.05558066815137863,
  "provenance": {
    "md5sum": "a23088514584e0d5cc120ba8ac715d00",
    "settings": {
      "fd_thres": 0.2,
      "testing": false
    },
    "software": "mriqc",
    "version": "23.0.1",
    "webapi_port": null,
    "webapi_url": "https://mriqc.nimh.nih.gov/api/v1"
  },
  "size_t": 435,
  "size_x": 106,
  "size_y": 106,
  "size_z": 72,
  "snr": 2.4921770620358066,
  "spacing_tr": 0.7099999785423279,
  "spacing_x": 2.0,
  "spacing_y": 2.0,
  "spacing_z": 2.0,
  "summary_bg_k": 22.82429192342579,
  "summary_bg_mad": 14.273879489307184,
  "summary_bg_mean": 50.74474334716797,
  "summary_bg_median": 22.588504791259766,
  "summary_bg_n": 549419.0,
  "summary_bg_p05": 11.72873592376709,
  "summary_bg_p95": 196.15194854736322,
  "summary_bg_stdv": 78.64027404785156,
  "summary_fg_k": 1.4832646182524094,
  "summary_fg_mad": 166.23722620423092,
  "summary_fg_mean": 504.976318359375,
  "summary_fg_median": 476.79425048828125,
  "summary_fg_n": 156180.0,
  "summary_fg_p05": 255.0017288208008,
  "summary_fg_p95": 870.1265197753906,
  "summary_fg_stdv": 191.3157501220703,
  "tsnr": 31.574089732021093
}