{
  "aor": 0.0002715213946117274,
  "aqi": 0.006317749651347068,
  "bids_meta": {
    "AcquisitionMatrixPE": 106,
    "AcquisitionNumber": 1,
    "AcquisitionTime": "12:32:21.542500",
    "BandwidthPerPixelPhaseEncode": 16.551,
    "BaseResolution": 106,
    "BodyPartExamined": "HEAD",
    "CoilCombinationMethod": "Sum of Squares",
    "ConsistencyInfo": "N4_VE11C_LATEST_20160120",
    "ConversionSoftware": "dcm2niix",
    "ConversionSoftwareVersion": "v1.0.20211006",
    "Dcm2bidsVersion": "2.1.6",
    "DerivedVendorReportedEchoSpacing": 0.000569994,
    "DeviceSerialNumber": "66014",
    "DwellTime": 2e-06,
    "EchoTime": 0.03,
    "EchoTrainLength": 93,
    "EffectiveEchoSpacing": 0.000569994,
    "FlipAngle": 54,
    "ImageOrientationPatientDICOM": [
      0.999479,
      0.030718,
      -0.00993408,
      -0.0296639,
      0.995231,
      0.0929221
    ],
    "ImageOrientationText": "Tra>Cor(5.3)>Sag(-0.7)",
    "ImageType": [
      "ORIGINAL",
      "PRIMARY",
      "M",
      "ND",
      "MOSAIC"
    ],
    "ImagingFrequency": 123.259,
    "InPlanePhaseEncodingDirectionDICOM": "COL",
    "InstitutionAddress": "Yiheyuan Road 5,Beijing  0FCA35,Haidian,CN,100871",
    "InstitutionName": "CMR of Peking Univeristy",
    "InstitutionalDepartmentName": "Department",
    "MRAcquisitionType": "2D",
    "MagneticFieldStrength": 3,
    "Manufacturer": "Siemens",
    "ManufacturersModelName": "Prisma",
    "Modality": "MR",
    "MultibandAccelerationFactor": 8,
    "PartialFourier": 0.875,
    "PatientPosition": "HFS",
    "PercentPhaseFOV": 100,
    "PercentSampling": 100,
    "PhaseEncodingDirection": "j",
    "PhaseEncodingSteps": 93,
    "PhaseResolution": 1,
    "PixelBandwidth": 2360,
    "ProcedureStepDescription": "Research^Projects_64CH",
    "ProtocolName": "fMRI_Rest1_PA",
    "PulseSequenceDetails": "%SiemensSeq%\\ep2d_bold",
    "ReceiveCoilActiveElements": "HC1-7;NC1,2",
    "ReceiveCoilName": "HeadNeck_64",
    "ReconMatrixPE": 106,
    "RefLinesPE": 32,
    "RepetitionTime": 0.71,
    "SAR": 0.103687,
    "ScanOptions": "PFP\\FS",
    "ScanningSequence": "EP",
    "SequenceName": "*epfid2d1_106",
    "SequenceVariant": "SK",
    "SeriesDescription": "fMRI_Rest1_PA",
    "SeriesNumber": 6,
    "ShimSetting": [
      -3457,
      -2129,
      -1931,
      214,
      -22,
      -546,
      -113,
      27
    ],
    "SliceThickness": 2,
    "SliceTiming": [
      0.3075,
      0,
      0.385,
      0.0775,
      0.46,
      0.155,
      0.5375,
      0.23,
      0.615,
      0.3075,
      0,
      0.385,
      0.0775,
      0.46,
      0.155,
      0.5375,
      0.23,
      0.615,
      0.3075,
      0,
      0.385,
      0.0775,
      0.46,
      0.155,
      0.5375,
      0.23,
      0.615,
      0.3075,
      0,
      0.385,
      0.0775,
      0.46,
      0.155,
      0.5375,
      0.23,
      0.615,
      0.3075,
      0,
      0.385,
      0.0775,
      0.46,
      0.155,
      0.5375,
      0.23,
      0.615,
      0.3075,
      0,
      0.385,
      0.0775,
      0.46,
      0.155,
      0.5375,
      0.23,
      0.615,
      0.3075,
      0,
      0.385,
      0.0775,
      0.46,
      0.155,
      0.5375,
      0.23,
      0.615,
      0.3075,
      0,
      0.385,
      0.0775,
      0.46,
      0.155,
      0.5375,
      0.23,
      0.615
    ],
    "SoftwareVersions": "syngo MR E11",
    "SpacingBetweenSlices": 2,
    "StationName": "AWP66014",
    "TaskName": "rest",
    "TotalReadoutTime": 0.0598493,
    "TxRefAmp": 251.296,
    "dataset": "ds004078",
    "modality": "bold",
    "run_id": 2,
    "subject_id": "01",
    "task_id": "rest"
  },
  "dummy_trs": 3,
  "dvars_nstd": 45.49393733771428,
  "dvars_std": 1.061028052873016,
  "dvars_vstd": 1.0026799320793638,
  "efc": 0.5362755055775804,
  "fber": 430.510986328125,
  "fd_mean": 0.08585530268814386,
  "fd_num": 5,
  "fd_perc": 0.7923930269413629,
  "fwhm_avg": 3.339166736438676,
  "fwhm_x": 3.018765,
  "fwhm_y": 3.486995,
  "fwhm_z": 3.5117402093160277,
  "gcor": 0.00826819,
  "gsr_x": -0.00518265413120389,
  "gsr_y": 0.07030420005321503,
  "provenance": {
    "md5sum": "dbcb6cd7bece4537d793b5a86b73b6eb",
    "settings": {
      "fd_thres": 0.2,
      "testing": false
    },
    "software": "mriqc",
    "version": "23.0.1",
    "webapi_port": null,
    "webapi_url": "https://mriqc.nimh.nih.gov/api/v1"
  },
  "size_t": 631,
  "size_x": 106,
  "size_y": 106,
  "size_z": 72,
  "snr": 2.2683959682816157,
  "spacing_tr": 0.7099999785423279,
  "spacing_x": 2.0,
  "spacing_y": 2.0,
  "spacing_z": 1.9999998807907104,
  "summary_bg_k": 28.579955217386726,
  "summary_bg_mad": 16.233437811868455,
  "summary_bg_mean": 55.422401428222656,
  "summary_bg_median": 24.27892303466797,
  "summary_bg_n": 551545.0,
  "summary_bg_p05": 12.064976692199707,
  "summary_bg_p95": 217.1267852783203,
  "summary_bg_stdv": 89.0171890258789,
  "summary_fg_k": 1.1612235509578772,
  "summary_fg_mad": 212.71468826830287,
  "summary_fg_mean": 551.0299072265625,
  "summary_fg_median": 515.7496337890625,
  "summary_fg_n": 152515.0,
  "summary_fg_p05": 254.4767074584961,
  "summary_fg_p95": 976.8084472656249,
  "summary_fg_stdv": 227.36239624023438,
  "tsnr": 32.563424142077565
}