{
  "aor": 0.00030919847328244275,
  "aqi": 0.005603250286259542,
  "bids_meta": {
    "AcquisitionMatrixPE": 106,
    "AcquisitionNumber": 1,
    "AcquisitionTime": "14:15:59.610000",
    "BandwidthPerPixelPhaseEncode": 16.551,
    "BaseResolution": 106,
    "BodyPartExamined": "HEAD",
    "CoilCombinationMethod": "Sum of Squares",
    "ConsistencyInfo": "N4_VE11C_LATEST_20160120",
    "ConversionSoftware": "dcm2niix",
    "ConversionSoftwareVersion": "v1.0.20211006",
    "Dcm2bidsVersion": "2.1.6",
    "DerivedVendorReportedEchoSpacing": 0.000569994,
    "DeviceSerialNumber": "66014",
    "DwellTime": 2e-06,
    "EchoTime": 0.03,
    "EchoTrainLength": 93,
    "EffectiveEchoSpacing": 0.000569994,
    "FlipAngle": 54,
    "ImageOrientationPatientDICOM": [
      0.999745,
      -0.000473708,
      0.0225861,
      -3.34138e-08,
      0.99978,
      0.0209703
    ],
    "ImageOrientationText": "Tra>Sag(1.3)>Cor(1.2)",
    "ImageType": [
      "ORIGINAL",
      "PRIMARY",
      "M",
      "ND",
      "MOSAIC"
    ],
    "ImagingFrequency": 123.259,
    "InPlanePhaseEncodingDirectionDICOM": "COL",
    "InstitutionAddress": "Yiheyuan Road 5,Beijing  0FCA35,Haidian,CN,100871",
    "InstitutionName": "CMR of Peking Univeristy",
    "InstitutionalDepartmentName": "Department",
    "MRAcquisitionType": "2D",
    "MagneticFieldStrength": 3,
    "Manufacturer": "Siemens",
    "ManufacturersModelName": "Prisma",
    "Modality": "MR",
    "MultibandAccelerationFactor": 8,
    "PartialFourier": 0.875,
    "PatientPosition": "HFS",
    "PercentPhaseFOV": 100,
    "PercentSampling": 100,
    "PhaseEncodingDirection": "j-",
    "PhaseEncodingSteps": 93,
    "PhaseResolution": 1,
    "PixelBandwidth": 2360,
    "ProcedureStepDescription": "Research^Projects_64CH",
    "ProtocolName": "fMRI_run2_AP",
    "PulseSequenceDetails": "%SiemensSeq%\\ep2d_bold",
    "ReceiveCoilActiveElements": "HC1-7;NC1,2",
    "ReceiveCoilName": "HeadNeck_64",
    "ReconMatrixPE": 106,
    "RefLinesPE": 32,
    "RepetitionTime": 0.71,
    "SAR": 0.10981,
    "ScanOptions": "PFP\\FS",
    "ScanningSequence": "EP",
    "SequenceName": "*epfid2d1_106",
    "SequenceVariant": "SK",
    "SeriesDescription": "fMRI_run2_AP",
    "SeriesNumber": 7,
    "ShimSetting": [
      -3446,
      -2089,
      -1945,
      227,
      21,
      -551,
      -80,
      32
    ],
    "SliceThickness": 2,
    "SliceTiming": [
      0.3075,
      0,
      0.3825,
      0.0775,
      0.46,
      0.1525,
      0.5375,
      0.23,
      0.6125,
      0.3075,
      0,
      0.3825,
      0.0775,
      0.46,
      0.1525,
      0.5375,
      0.23,
      0.6125,
      0.3075,
      0,
      0.3825,
      0.0775,
      0.46,
      0.1525,
      0.5375,
      0.23,
      0.6125,
      0.3075,
      0,
      0.3825,
      0.0775,
      0.46,
      0.1525,
      0.5375,
      0.23,
      0.6125,
      0.3075,
      0,
      0.3825,
      0.0775,
      0.46,
      0.1525,
      0.5375,
      0.23,
      0.6125,
      0.3075,
      0,
      0.3825,
      0.0775,
      0.46,
      0.1525,
      0.5375,
      0.23,
      0.6125,
      0.3075,
      0,
      0.3825,
      0.0775,
      0.46,
      0.1525,
      0.5375,
      0.23,
      0.6125,
      0.3075,
      0,
      0.3825,
      0.0775,
      0.46,
      0.1525,
      0.5375,
      0.23,
      0.6125
    ],
    "SoftwareVersions": "syngo MR E11",
    "SpacingBetweenSlices": 2,
    "StationName": "AWP66014",
    "TaskName": "Chinese-RDR",
    "TotalReadoutTime": 0.0598493,
    "TxRefAmp": 268.597,
    "dataset": "ds004078",
    "modality": "bold",
    "run_id": 22,
    "subject_id": "01",
    "task_id": "RDR"
  },
  "dummy_trs": 4,
  "dvars_nstd": 44.550976864455066,
  "dvars_std": 1.0363432055258117,
  "dvars_vstd": 1.003181458279159,
  "efc": 0.539176164257909,
  "fber": 407.3060302734375,
  "fd_mean": 0.10103031712350213,
  "fd_num": 21,
  "fd_perc": 4.00763358778626,
  "fwhm_avg": 3.3994983333333337,
  "fwhm_x": 3.072265,
  "fwhm_y": 3.567605,
  "fwhm_z": 3.558625,
  "gcor": 0.00395899,
  "gsr_x": -0.006483693141490221,
  "gsr_y": 0.06073593348264694,
  "provenance": {
    "md5sum": "284add80b0169305a8268cfe4d0f6895",
    "settings": {
      "fd_thres": 0.2,
      "testing": false
    },
    "software": "mriqc",
    "version": "23.0.1",
    "webapi_port": null,
    "webapi_url": "https://mriqc.nimh.nih.gov/api/v1"
  },
  "size_t": 524,
  "size_x": 106,
  "size_y": 106,
  "size_z": 72,
  "snr": 2.3091308684572565,
  "spacing_tr": 0.7099999785423279,
  "spacing_x": 2.0,
  "spacing_y": 2.0,
  "spacing_z": 2.0,
  "summary_bg_k": 27.238880738654146,
  "summary_bg_mad": 15.909679902674277,
  "summary_bg_mean": 54.01542663574219,
  "summary_bg_median": 24.007633209228516,
  "summary_bg_n": 550802.0,
  "summary_bg_p05": 12.076335906982422,
  "summary_bg_p95": 204.59914779663077,
  "summary_bg_stdv": 86.19426727294922,
  "summary_fg_k": 1.891707262578045,
  "summary_fg_mad": 191.4367583942069,
  "summary_fg_mean": 534.6336669921875,
  "summary_fg_median": 498.1240539550781,
  "summary_fg_n": 154027.0,
  "summary_fg_p05": 259.31488037109375,
  "summary_fg_p95": 938.8973388671869,
  "summary_fg_stdv": 215.7185821533203,
  "tsnr": 32.510705006541684
}