{
  "aor": 0.0002913404255319149,
  "aqi": 0.00632424744680851,
  "bids_meta": {
    "AcquisitionMatrixPE": 106,
    "AcquisitionNumber": 1,
    "AcquisitionTime": "14:36:15.585000",
    "BandwidthPerPixelPhaseEncode": 16.551,
    "BaseResolution": 106,
    "BodyPartExamined": "HEAD",
    "CoilCombinationMethod": "Sum of Squares",
    "ConsistencyInfo": "N4_VE11C_LATEST_20160120",
    "ConversionSoftware": "dcm2niix",
    "ConversionSoftwareVersion": "v1.0.20211006",
    "Dcm2bidsVersion": "2.1.6",
    "DerivedVendorReportedEchoSpacing": 0.000569994,
    "DeviceSerialNumber": "66014",
    "DwellTime": 2e-06,
    "EchoTime": 0.03,
    "EchoTrainLength": 93,
    "EffectiveEchoSpacing": 0.000569994,
    "FlipAngle": 54,
    "ImageOrientationPatientDICOM": [
      0.999604,
      -0.0278087,
      0.00437252,
      0.0279214,
      0.99921,
      -0.0282779
    ],
    "ImageOrientationText": "Tra>Cor(-1.6)>Sag(0.2)",
    "ImageType": [
      "ORIGINAL",
      "PRIMARY",
      "M",
      "ND",
      "MOSAIC"
    ],
    "ImagingFrequency": 123.259,
    "InPlanePhaseEncodingDirectionDICOM": "COL",
    "InstitutionAddress": "Yiheyuan Road 5,Beijing  0FCA35,Haidian,CN,100871",
    "InstitutionName": "CMR of Peking Univeristy",
    "InstitutionalDepartmentName": "Department",
    "MRAcquisitionType": "2D",
    "MagneticFieldStrength": 3,
    "Manufacturer": "Siemens",
    "ManufacturersModelName": "Prisma",
    "Modality": "MR",
    "MultibandAccelerationFactor": 8,
    "PartialFourier": 0.875,
    "PatientPosition": "HFS",
    "PercentPhaseFOV": 100,
    "PercentSampling": 100,
    "PhaseEncodingDirection": "j-",
    "PhaseEncodingSteps": 93,
    "PhaseResolution": 1,
    "PixelBandwidth": 2360,
    "ProcedureStepDescription": "Research^Projects_64CH",
    "ProtocolName": "fMRI_run5_AP",
    "PulseSequenceDetails": "%SiemensSeq%\\ep2d_bold",
    "ReceiveCoilActiveElements": "HC1-7;NC1,2",
    "ReceiveCoilName": "HeadNeck_64",
    "ReconMatrixPE": 106,
    "RefLinesPE": 32,
    "RepetitionTime": 0.71,
    "SAR": 0.108699,
    "ScanOptions": "PFP\\FS",
    "ScanningSequence": "EP",
    "SequenceName": "*epfid2d1_106",
    "SequenceVariant": "SK",
    "SeriesDescription": "fMRI_run5_AP",
    "SeriesNumber": 9,
    "ShimSetting": [
      -3449,
      -2106,
      -1939,
      194,
      14,
      -467,
      -98,
      -11
    ],
    "SliceThickness": 2,
    "SliceTiming": [
      0.3075,
      0,
      0.3825,
      0.0775,
      0.46,
      0.1525,
      0.5375,
      0.23,
      0.6125,
      0.3075,
      0,
      0.3825,
      0.0775,
      0.46,
      0.1525,
      0.5375,
      0.23,
      0.6125,
      0.3075,
      0,
      0.3825,
      0.0775,
      0.46,
      0.1525,
      0.5375,
      0.23,
      0.6125,
      0.3075,
      0,
      0.3825,
      0.0775,
      0.46,
      0.1525,
      0.5375,
      0.23,
      0.6125,
      0.3075,
      0,
      0.3825,
      0.0775,
      0.46,
      0.1525,
      0.5375,
      0.23,
      0.6125,
      0.3075,
      0,
      0.3825,
      0.0775,
      0.46,
      0.1525,
      0.5375,
      0.23,
      0.6125,
      0.3075,
      0,
      0.3825,
      0.0775,
      0.46,
      0.1525,
      0.5375,
      0.23,
      0.6125,
      0.3075,
      0,
      0.3825,
      0.0775,
      0.46,
      0.1525,
      0.5375,
      0.23,
      0.6125
    ],
    "SoftwareVersions": "syngo MR E11",
    "SpacingBetweenSlices": 2,
    "StationName": "AWP66014",
    "TaskName": "Chinese-RDR",
    "TotalReadoutTime": 0.0598493,
    "TxRefAmp": 263.226,
    "dataset": "ds004078",
    "modality": "bold",
    "run_id": 35,
    "subject_id": "01",
    "task_id": "RDR"
  },
  "dummy_trs": 2,
  "dvars_nstd": 47.12685448771859,
  "dvars_std": 1.0535874670575698,
  "dvars_vstd": 1.0080734058208962,
  "efc": 0.5454504159665918,
  "fber": 413.65020751953125,
  "fd_mean": 0.08542581321292766,
  "fd_num": 9,
  "fd_perc": 1.9148936170212767,
  "fwhm_avg": 3.209686666666667,
  "fwhm_x": 2.855535,
  "fwhm_y": 3.42509,
  "fwhm_z": 3.348435,
  "gcor": 0.00535529,
  "gsr_x": -0.005883282516151667,
  "gsr_y": 0.06115571781992912,
  "provenance": {
    "md5sum": "8c5ab7e1b05628fff9de75fc414e1277",
    "settings": {
      "fd_thres": 0.2,
      "testing": false
    },
    "software": "mriqc",
    "version": "23.0.1",
    "webapi_port": null,
    "webapi_url": "https://mriqc.nimh.nih.gov/api/v1"
  },
  "size_t": 470,
  "size_x": 106,
  "size_y": 106,
  "size_z": 72,
  "snr": 2.5330143568642427,
  "spacing_tr": 0.7099999785423279,
  "spacing_x": 2.0,
  "spacing_y": 2.0,
  "spacing_z": 2.0,
  "summary_bg_k": 25.81151842089936,
  "summary_bg_mad": 14.62097838420301,
  "summary_bg_mean": 50.40005874633789,
  "summary_bg_median": 22.882978439331055,
  "summary_bg_n": 551106.0,
  "summary_bg_p05": 11.84255313873291,
  "summary_bg_p95": 189.82658767700195,
  "summary_bg_stdv": 77.28286743164062,
  "summary_fg_k": 1.1265011838014942,
  "summary_fg_mad": 172.8162283034205,
  "summary_fg_mean": 503.861572265625,
  "summary_fg_median": 476.6478576660156,
  "summary_fg_n": 154240.0,
  "summary_fg_p05": 253.43808059692384,
  "summary_fg_p95": 850.1043548583984,
  "summary_fg_stdv": 188.17355346679688,
  "tsnr": 31.486551340669394
}