{
  "aor": 0.00032059479553903347,
  "aqi": 0.007029936524163568,
  "bids_meta": {
    "AcquisitionMatrixPE": 106,
    "AcquisitionNumber": 1,
    "AcquisitionTime": "11:11:55.860000",
    "BandwidthPerPixelPhaseEncode": 16.551,
    "BaseResolution": 106,
    "BodyPartExamined": "HEAD",
    "CoilCombinationMethod": "Sum of Squares",
    "ConsistencyInfo": "N4_VE11C_LATEST_20160120",
    "ConversionSoftware": "dcm2niix",
    "ConversionSoftwareVersion": "v1.0.20211006",
    "Dcm2bidsVersion": "2.1.6",
    "DerivedVendorReportedEchoSpacing": 0.000569994,
    "DeviceSerialNumber": "66014",
    "DwellTime": 2e-06,
    "EchoTime": 0.03,
    "EchoTrainLength": 93,
    "EffectiveEchoSpacing": 0.000569994,
    "FlipAngle": 54,
    "ImageOrientationPatientDICOM": [
      0.99837,
      0.0548448,
      0.0157793,
      -0.0540698,
      0.99748,
      -0.0459369
    ],
    "ImageOrientationText": "Tra>Cor(-2.6)>Sag(1.0)",
    "ImageType": [
      "ORIGINAL",
      "PRIMARY",
      "M",
      "ND",
      "MOSAIC"
    ],
    "ImagingFrequency": 123.259,
    "InPlanePhaseEncodingDirectionDICOM": "COL",
    "InstitutionAddress": "Yiheyuan Road 5,Beijing  0FCA35,Haidian,CN,100871",
    "InstitutionName": "CMR of Peking Univeristy",
    "InstitutionalDepartmentName": "Department",
    "MRAcquisitionType": "2D",
    "MagneticFieldStrength": 3,
    "Manufacturer": "Siemens",
    "ManufacturersModelName": "Prisma",
    "Modality": "MR",
    "MultibandAccelerationFactor": 8,
    "PartialFourier": 0.875,
    "PatientPosition": "HFS",
    "PercentPhaseFOV": 100,
    "PercentSampling": 100,
    "PhaseEncodingDirection": "j-",
    "PhaseEncodingSteps": 93,
    "PhaseResolution": 1,
    "PixelBandwidth": 2360,
    "ProcedureStepDescription": "Research^Projects_64CH",
    "ProtocolName": "fMRI_run2_AP",
    "PulseSequenceDetails": "%SiemensSeq%\\ep2d_bold",
    "ReceiveCoilActiveElements": "HC1-7;NC1,2",
    "ReceiveCoilName": "HeadNeck_64",
    "ReconMatrixPE": 106,
    "RefLinesPE": 32,
    "RepetitionTime": 0.71,
    "SAR": 0.115014,
    "ScanOptions": "PFP\\FS",
    "ScanningSequence": "EP",
    "SequenceName": "*epfid2d1_106",
    "SequenceVariant": "SK",
    "SeriesDescription": "fMRI_run2_AP",
    "SeriesNumber": 18,
    "ShimSetting": [
      -3434,
      -2110,
      -1930,
      375,
      65,
      -404,
      -65,
      0
    ],
    "SliceThickness": 2,
    "SliceTiming": [
      0.3075,
      0,
      0.3825,
      0.0775,
      0.46,
      0.1525,
      0.5375,
      0.23,
      0.6125,
      0.3075,
      0,
      0.3825,
      0.0775,
      0.46,
      0.1525,
      0.5375,
      0.23,
      0.6125,
      0.3075,
      0,
      0.3825,
      0.0775,
      0.46,
      0.1525,
      0.5375,
      0.23,
      0.6125,
      0.3075,
      0,
      0.3825,
      0.0775,
      0.46,
      0.1525,
      0.5375,
      0.23,
      0.6125,
      0.3075,
      0,
      0.3825,
      0.0775,
      0.46,
      0.1525,
      0.5375,
      0.23,
      0.6125,
      0.3075,
      0,
      0.3825,
      0.0775,
      0.46,
      0.1525,
      0.5375,
      0.23,
      0.6125,
      0.3075,
      0,
      0.3825,
      0.0775,
      0.46,
      0.1525,
      0.5375,
      0.23,
      0.6125,
      0.3075,
      0,
      0.3825,
      0.0775,
      0.46,
      0.1525,
      0.5375,
      0.23,
      0.6125
    ],
    "SoftwareVersions": "syngo MR E11",
    "SpacingBetweenSlices": 2,
    "StationName": "AWP66014",
    "TaskName": "Chinese-RDR",
    "TotalReadoutTime": 0.0598493,
    "TxRefAmp": 265.949,
    "dataset": "ds004078",
    "modality": "bold",
    "run_id": 2,
    "subject_id": "01",
    "task_id": "RDR"
  },
  "dummy_trs": 1,
  "dvars_nstd": 47.50058239128493,
  "dvars_std": 1.0556097495344505,
  "dvars_vstd": 1.005696476424581,
  "efc": 0.5441623871912253,
  "fber": 435.6589050292969,
  "fd_mean": 0.10375134849543789,
  "fd_num": 36,
  "fd_perc": 6.691449814126394,
  "fwhm_avg": 3.1748816666666664,
  "fwhm_x": 2.807315,
  "fwhm_y": 3.377425,
  "fwhm_z": 3.339905,
  "gcor": 0.00370687,
  "gsr_x": -0.007608968298882246,
  "gsr_y": 0.0596170574426651,
  "provenance": {
    "md5sum": "e7bc5ae66fae6830fe5cc1d5204aa870",
    "settings": {
      "fd_thres": 0.2,
      "testing": false
    },
    "software": "mriqc",
    "version": "23.0.1",
    "webapi_port": null,
    "webapi_url": "https://mriqc.nimh.nih.gov/api/v1"
  },
  "size_t": 538,
  "size_x": 106,
  "size_y": 106,
  "size_z": 72,
  "snr": 2.502665522082386,
  "spacing_tr": 0.7099999785423279,
  "spacing_x": 2.0,
  "spacing_y": 2.0,
  "spacing_z": 2.0,
  "summary_bg_k": 25.428023003505512,
  "summary_bg_mad": 14.277623548559545,
  "summary_bg_mean": 49.79307174682617,
  "summary_bg_median": 22.440519332885742,
  "summary_bg_n": 547209.0,
  "summary_bg_p05": 11.622676849365234,
  "summary_bg_p95": 188.03457031249997,
  "summary_bg_stdv": 77.5551528930664,
  "summary_fg_k": 1.3782634405591132,
  "summary_fg_mad": 167.45966720580518,
  "summary_fg_mean": 507.5129089355469,
  "summary_fg_median": 479.7230529785156,
  "summary_fg_n": 156991.0,
  "summary_fg_p05": 257.0130157470703,
  "summary_fg_p95": 873.3085327148438,
  "summary_fg_stdv": 191.68423461914062,
  "tsnr": 30.71934231929481
}