{
  "aor": 0.00038543269230769235,
  "aqi": 0.005903067115384616,
  "bids_meta": {
    "AcquisitionMatrixPE": 106,
    "AcquisitionNumber": 1,
    "AcquisitionTime": "15:05:53.175000",
    "BandwidthPerPixelPhaseEncode": 16.551,
    "BaseResolution": 106,
    "BodyPartExamined": "HEAD",
    "CoilCombinationMethod": "Sum of Squares",
    "ConsistencyInfo": "N4_VE11C_LATEST_20160120",
    "ConversionSoftware": "dcm2niix",
    "ConversionSoftwareVersion": "v1.0.20211006",
    "Dcm2bidsVersion": "2.1.6",
    "DerivedVendorReportedEchoSpacing": 0.000569994,
    "DeviceSerialNumber": "66014",
    "DwellTime": 2e-06,
    "EchoTime": 0.03,
    "EchoTrainLength": 93,
    "EffectiveEchoSpacing": 0.000569994,
    "FlipAngle": 54,
    "ImageOrientationPatientDICOM": [
      0.999745,
      -0.000473708,
      0.0225861,
      -3.34138e-08,
      0.99978,
      0.0209703
    ],
    "ImageOrientationText": "Tra>Sag(1.3)>Cor(1.2)",
    "ImageType": [
      "ORIGINAL",
      "PRIMARY",
      "M",
      "ND",
      "MOSAIC"
    ],
    "ImagingFrequency": 123.259,
    "InPlanePhaseEncodingDirectionDICOM": "COL",
    "InstitutionAddress": "Yiheyuan Road 5,Beijing  0FCA35,Haidian,CN,100871",
    "InstitutionName": "CMR of Peking Univeristy",
    "InstitutionalDepartmentName": "Department",
    "MRAcquisitionType": "2D",
    "MagneticFieldStrength": 3,
    "Manufacturer": "Siemens",
    "ManufacturersModelName": "Prisma",
    "Modality": "MR",
    "MultibandAccelerationFactor": 8,
    "PartialFourier": 0.875,
    "PatientPosition": "HFS",
    "PercentPhaseFOV": 100,
    "PercentSampling": 100,
    "PhaseEncodingDirection": "j-",
    "PhaseEncodingSteps": 93,
    "PhaseResolution": 1,
    "PixelBandwidth": 2360,
    "ProcedureStepDescription": "Research^Projects_64CH",
    "ProtocolName": "fMRI_run9_AP",
    "PulseSequenceDetails": "%SiemensSeq%\\ep2d_bold",
    "ReceiveCoilActiveElements": "HC1-7;NC1,2",
    "ReceiveCoilName": "HeadNeck_64",
    "ReconMatrixPE": 106,
    "RefLinesPE": 32,
    "RepetitionTime": 0.71,
    "SAR": 0.10941,
    "ScanOptions": "PFP\\FS",
    "ScanningSequence": "EP",
    "SequenceName": "*epfid2d1_106",
    "SequenceVariant": "SK",
    "SeriesDescription": "fMRI_run9_AP",
    "SeriesNumber": 15,
    "ShimSetting": [
      -3446,
      -2089,
      -1945,
      227,
      21,
      -551,
      -80,
      32
    ],
    "SliceThickness": 2,
    "SliceTiming": [
      0.305,
      0,
      0.3825,
      0.075,
      0.46,
      0.1525,
      0.535,
      0.23,
      0.6125,
      0.305,
      0,
      0.3825,
      0.075,
      0.46,
      0.1525,
      0.535,
      0.23,
      0.6125,
      0.305,
      0,
      0.3825,
      0.075,
      0.46,
      0.1525,
      0.535,
      0.23,
      0.6125,
      0.305,
      0,
      0.3825,
      0.075,
      0.46,
      0.1525,
      0.535,
      0.23,
      0.6125,
      0.305,
      0,
      0.3825,
      0.075,
      0.46,
      0.1525,
      0.535,
      0.23,
      0.6125,
      0.305,
      0,
      0.3825,
      0.075,
      0.46,
      0.1525,
      0.535,
      0.23,
      0.6125,
      0.305,
      0,
      0.3825,
      0.075,
      0.46,
      0.1525,
      0.535,
      0.23,
      0.6125,
      0.305,
      0,
      0.3825,
      0.075,
      0.46,
      0.1525,
      0.535,
      0.23,
      0.6125
    ],
    "SoftwareVersions": "syngo MR E11",
    "SpacingBetweenSlices": 2,
    "StationName": "AWP66014",
    "TaskName": "Chinese-RDR",
    "TotalReadoutTime": 0.0598493,
    "TxRefAmp": 268.597,
    "dataset": "ds004078",
    "modality": "bold",
    "run_id": 29,
    "subject_id": "01",
    "task_id": "RDR"
  },
  "dummy_trs": 1,
  "dvars_nstd": 45.06572559773493,
  "dvars_std": 1.03878467426506,
  "dvars_vstd": 1.0053366206506018,
  "efc": 0.5430179028298195,
  "fber": 395.6064758300781,
  "fd_mean": 0.09678297749596383,
  "fd_num": 14,
  "fd_perc": 3.3653846153846154,
  "fwhm_avg": 3.3241899999999998,
  "fwhm_x": 3.003295,
  "fwhm_y": 3.48803,
  "fwhm_z": 3.481245,
  "gcor": 0.00636177,
  "gsr_x": -0.011653993278741837,
  "gsr_y": 0.06018102169036865,
  "provenance": {
    "md5sum": "4795af68d5ed389ead3f66032635813a",
    "settings": {
      "fd_thres": 0.2,
      "testing": false
    },
    "software": "mriqc",
    "version": "23.0.1",
    "webapi_port": null,
    "webapi_url": "https://mriqc.nimh.nih.gov/api/v1"
  },
  "size_t": 416,
  "size_x": 106,
  "size_y": 106,
  "size_z": 72,
  "snr": 2.352400653932561,
  "spacing_tr": 0.7099999785423279,
  "spacing_x": 2.0,
  "spacing_y": 2.0,
  "spacing_z": 2.0,
  "summary_bg_k": 25.353523471158216,
  "summary_bg_mad": 15.998560306247771,
  "summary_bg_mean": 55.060630798339844,
  "summary_bg_median": 24.108173370361328,
  "summary_bg_n": 551952.0,
  "summary_bg_p05": 12.019230842590332,
  "summary_bg_p95": 211.9097457885741,
  "summary_bg_stdv": 87.7333755493164,
  "summary_fg_k": 1.792608247846876,
  "summary_fg_mad": 184.58755059284093,
  "summary_fg_mean": 525.3423461914062,
  "summary_fg_median": 490.8846435546875,
  "summary_fg_n": 154007.0,
  "summary_fg_p05": 257.15697326660154,
  "summary_fg_p95": 917.528155517578,
  "summary_fg_stdv": 208.67323303222656,
  "tsnr": 32.09175113809761
}