{
  "aor": 0.00031713080168776375,
  "aqi": 0.00735312082278481,
  "bids_meta": {
    "AcquisitionMatrixPE": 106,
    "AcquisitionNumber": 1,
    "AcquisitionTime": "14:42:9.892500",
    "BandwidthPerPixelPhaseEncode": 16.551,
    "BaseResolution": 106,
    "BodyPartExamined": "HEAD",
    "CoilCombinationMethod": "Sum of Squares",
    "ConsistencyInfo": "N4_VE11C_LATEST_20160120",
    "ConversionSoftware": "dcm2niix",
    "ConversionSoftwareVersion": "v1.0.20211006",
    "Dcm2bidsVersion": "2.1.6",
    "DerivedVendorReportedEchoSpacing": 0.000569994,
    "DeviceSerialNumber": "66014",
    "DwellTime": 2e-06,
    "EchoTime": 0.03,
    "EchoTrainLength": 93,
    "EffectiveEchoSpacing": 0.000569994,
    "FlipAngle": 54,
    "ImageOrientationPatientDICOM": [
      0.998619,
      -0.0201582,
      0.0485083,
      0.0191745,
      0.999603,
      0.0206595
    ],
    "ImageOrientationText": "Tra>Sag(2.8)>Cor(1.1)",
    "ImageType": [
      "ORIGINAL",
      "PRIMARY",
      "M",
      "ND",
      "MOSAIC"
    ],
    "ImagingFrequency": 123.259,
    "InPlanePhaseEncodingDirectionDICOM": "COL",
    "InstitutionAddress": "Yiheyuan Road 5,Beijing  0FCA35,Haidian,CN,100871",
    "InstitutionName": "CMR of Peking Univeristy",
    "InstitutionalDepartmentName": "Department",
    "MRAcquisitionType": "2D",
    "MagneticFieldStrength": 3,
    "Manufacturer": "Siemens",
    "ManufacturersModelName": "Prisma",
    "Modality": "MR",
    "MultibandAccelerationFactor": 8,
    "PartialFourier": 0.875,
    "PatientPosition": "HFS",
    "PercentPhaseFOV": 100,
    "PercentSampling": 100,
    "PhaseEncodingDirection": "j-",
    "PhaseEncodingSteps": 93,
    "PhaseResolution": 1,
    "PixelBandwidth": 2360,
    "ProcedureStepDescription": "Research^Projects_64CH",
    "ProtocolName": "fMRI_run5_AP",
    "PulseSequenceDetails": "%SiemensSeq%\\ep2d_bold",
    "ReceiveCoilActiveElements": "HC1-7;NC1,2",
    "ReceiveCoilName": "HeadNeck_64",
    "ReconMatrixPE": 106,
    "RefLinesPE": 32,
    "RepetitionTime": 0.71,
    "SAR": 0.115571,
    "ScanOptions": "PFP\\FS",
    "ScanningSequence": "EP",
    "SequenceName": "*epfid2d1_106",
    "SequenceVariant": "SK",
    "SeriesDescription": "fMRI_run5_AP",
    "SeriesNumber": 10,
    "ShimSetting": [
      -3434,
      -2130,
      -1919,
      307,
      41,
      -381,
      -78,
      -32
    ],
    "SliceThickness": 2,
    "SliceTiming": [
      0.3075,
      0,
      0.385,
      0.0775,
      0.46,
      0.155,
      0.5375,
      0.23,
      0.615,
      0.3075,
      0,
      0.385,
      0.0775,
      0.46,
      0.155,
      0.5375,
      0.23,
      0.615,
      0.3075,
      0,
      0.385,
      0.0775,
      0.46,
      0.155,
      0.5375,
      0.23,
      0.615,
      0.3075,
      0,
      0.385,
      0.0775,
      0.46,
      0.155,
      0.5375,
      0.23,
      0.615,
      0.3075,
      0,
      0.385,
      0.0775,
      0.46,
      0.155,
      0.5375,
      0.23,
      0.615,
      0.3075,
      0,
      0.385,
      0.0775,
      0.46,
      0.155,
      0.5375,
      0.23,
      0.615,
      0.3075,
      0,
      0.385,
      0.0775,
      0.46,
      0.155,
      0.5375,
      0.23,
      0.615,
      0.3075,
      0,
      0.385,
      0.0775,
      0.46,
      0.155,
      0.5375,
      0.23,
      0.615
    ],
    "SoftwareVersions": "syngo MR E11",
    "SpacingBetweenSlices": 2,
    "StationName": "AWP66014",
    "TaskName": "Chinese-RDR",
    "TotalReadoutTime": 0.0598493,
    "TxRefAmp": 267.593,
    "dataset": "ds004078",
    "modality": "bold",
    "run_id": 15,
    "subject_id": "01",
    "task_id": "RDR"
  },
  "dummy_trs": 2,
  "dvars_nstd": 48.76135542621559,
  "dvars_std": 1.0603684540169123,
  "dvars_vstd": 1.0076193248414376,
  "efc": 0.5491002032927,
  "fber": 403.758544921875,
  "fd_mean": 0.09797975466332134,
  "fd_num": 11,
  "fd_perc": 2.320675105485232,
  "fwhm_avg": 3.1201517320236607,
  "fwhm_x": 2.76616,
  "fwhm_y": 3.30477,
  "fwhm_z": 3.2895251960709806,
  "gcor": 0.00514854,
  "gsr_x": -0.009630533866584301,
  "gsr_y": 0.05551184341311455,
  "provenance": {
    "md5sum": "7eff71b881f15565232fab27cd54ad5c",
    "settings": {
      "fd_thres": 0.2,
      "testing": false
    },
    "software": "mriqc",
    "version": "23.0.1",
    "webapi_port": null,
    "webapi_url": "https://mriqc.nimh.nih.gov/api/v1"
  },
  "size_t": 474,
  "size_x": 106,
  "size_y": 106,
  "size_z": 72,
  "snr": 2.5926722631571795,
  "spacing_tr": 0.7099999785423279,
  "spacing_x": 2.0,
  "spacing_y": 2.0,
  "spacing_z": 1.9999998807907104,
  "summary_bg_k": 24.01065137598941,
  "summary_bg_mad": 14.547644027260821,
  "summary_bg_mean": 50.114139556884766,
  "summary_bg_median": 22.706750869750977,
  "summary_bg_n": 551252.0,
  "summary_bg_p05": 11.63291072845459,
  "summary_bg_p95": 189.91770935058594,
  "summary_bg_stdv": 76.5158920288086,
  "summary_fg_k": 1.2021295624906543,
  "summary_fg_mad": 160.92491513620843,
  "summary_fg_mean": 491.542724609375,
  "summary_fg_median": 466.4704284667969,
  "summary_fg_n": 154683.0,
  "summary_fg_p05": 251.98584747314453,
  "summary_fg_p95": 830.7459228515625,
  "summary_fg_stdv": 179.91819763183594,
  "tsnr": 30.75193983502686
}