{
  "aor": 0.0003849250936329588,
  "aqi": 0.007235940187265918,
  "bids_meta": {
    "AcquisitionMatrixPE": 106,
    "AcquisitionNumber": 1,
    "AcquisitionTime": "14:18:58.332500",
    "BandwidthPerPixelPhaseEncode": 16.551,
    "BaseResolution": 106,
    "BodyPartExamined": "HEAD",
    "CoilCombinationMethod": "Sum of Squares",
    "ConsistencyInfo": "N4_VE11C_LATEST_20160120",
    "ConversionSoftware": "dcm2niix",
    "ConversionSoftwareVersion": "v1.0.20211006",
    "Dcm2bidsVersion": "2.1.6",
    "DerivedVendorReportedEchoSpacing": 0.000569994,
    "DeviceSerialNumber": "66014",
    "DwellTime": 2e-06,
    "EchoTime": 0.03,
    "EchoTrainLength": 93,
    "EffectiveEchoSpacing": 0.000569994,
    "FlipAngle": 54,
    "ImageOrientationPatientDICOM": [
      0.998619,
      -0.0201582,
      0.0485083,
      0.0191745,
      0.999603,
      0.0206595
    ],
    "ImageOrientationText": "Tra>Sag(2.8)>Cor(1.1)",
    "ImageType": [
      "ORIGINAL",
      "PRIMARY",
      "M",
      "ND",
      "MOSAIC"
    ],
    "ImagingFrequency": 123.259,
    "InPlanePhaseEncodingDirectionDICOM": "COL",
    "InstitutionAddress": "Yiheyuan Road 5,Beijing  0FCA35,Haidian,CN,100871",
    "InstitutionName": "CMR of Peking Univeristy",
    "InstitutionalDepartmentName": "Department",
    "MRAcquisitionType": "2D",
    "MagneticFieldStrength": 3,
    "Manufacturer": "Siemens",
    "ManufacturersModelName": "Prisma",
    "Modality": "MR",
    "MultibandAccelerationFactor": 8,
    "PartialFourier": 0.875,
    "PatientPosition": "HFS",
    "PercentPhaseFOV": 100,
    "PercentSampling": 100,
    "PhaseEncodingDirection": "j-",
    "PhaseEncodingSteps": 93,
    "PhaseResolution": 1,
    "PixelBandwidth": 2360,
    "ProcedureStepDescription": "Research^Projects_64CH",
    "ProtocolName": "fMRI_run2_AP",
    "PulseSequenceDetails": "%SiemensSeq%\\ep2d_bold",
    "ReceiveCoilActiveElements": "HC1-7;NC1,2",
    "ReceiveCoilName": "HeadNeck_64",
    "ReconMatrixPE": 106,
    "RefLinesPE": 32,
    "RepetitionTime": 0.71,
    "SAR": 0.115774,
    "ScanOptions": "PFP\\FS",
    "ScanningSequence": "EP",
    "SequenceName": "*epfid2d1_106",
    "SequenceVariant": "SK",
    "SeriesDescription": "fMRI_run2_AP",
    "SeriesNumber": 7,
    "ShimSetting": [
      -3434,
      -2130,
      -1919,
      307,
      41,
      -381,
      -78,
      -32
    ],
    "SliceThickness": 2,
    "SliceTiming": [
      0.3075,
      0,
      0.385,
      0.0775,
      0.46,
      0.155,
      0.5375,
      0.23,
      0.615,
      0.3075,
      0,
      0.385,
      0.0775,
      0.46,
      0.155,
      0.5375,
      0.23,
      0.615,
      0.3075,
      0,
      0.385,
      0.0775,
      0.46,
      0.155,
      0.5375,
      0.23,
      0.615,
      0.3075,
      0,
      0.385,
      0.0775,
      0.46,
      0.155,
      0.5375,
      0.23,
      0.615,
      0.3075,
      0,
      0.385,
      0.0775,
      0.46,
      0.155,
      0.5375,
      0.23,
      0.615,
      0.3075,
      0,
      0.385,
      0.0775,
      0.46,
      0.155,
      0.5375,
      0.23,
      0.615,
      0.3075,
      0,
      0.385,
      0.0775,
      0.46,
      0.155,
      0.5375,
      0.23,
      0.615,
      0.3075,
      0,
      0.385,
      0.0775,
      0.46,
      0.155,
      0.5375,
      0.23,
      0.615
    ],
    "SoftwareVersions": "syngo MR E11",
    "SpacingBetweenSlices": 2,
    "StationName": "AWP66014",
    "TaskName": "Chinese-RDR",
    "TotalReadoutTime": 0.0598493,
    "TxRefAmp": 267.593,
    "dataset": "ds004078",
    "modality": "bold",
    "run_id": 12,
    "subject_id": "01",
    "task_id": "RDR"
  },
  "dummy_trs": 4,
  "dvars_nstd": 47.111775654165115,
  "dvars_std": 1.0459715301313317,
  "dvars_vstd": 1.008653440731707,
  "efc": 0.545645440028595,
  "fber": 418.278564453125,
  "fd_mean": 0.1068682734005192,
  "fd_num": 28,
  "fd_perc": 5.2434456928838955,
  "fwhm_avg": 3.1413733990712007,
  "fwhm_x": 2.791255,
  "fwhm_y": 3.32417,
  "fwhm_z": 3.308695197213602,
  "gcor": 0.00397691,
  "gsr_x": -0.009779674001038074,
  "gsr_y": 0.05536073446273804,
  "provenance": {
    "md5sum": "67248b9f3f31887362fc8f15f8dd716f",
    "settings": {
      "fd_thres": 0.2,
      "testing": false
    },
    "software": "mriqc",
    "version": "23.0.1",
    "webapi_port": null,
    "webapi_url": "https://mriqc.nimh.nih.gov/api/v1"
  },
  "size_t": 534,
  "size_x": 106,
  "size_y": 106,
  "size_z": 72,
  "snr": 2.588526267404416,
  "spacing_tr": 0.7099999785423279,
  "spacing_x": 2.0,
  "spacing_y": 2.0,
  "spacing_z": 1.9999998807907104,
  "summary_bg_k": 25.284318926448403,
  "summary_bg_mad": 14.292953265483295,
  "summary_bg_mean": 48.871620178222656,
  "summary_bg_median": 22.475656509399414,
  "summary_bg_n": 551509.0,
  "summary_bg_p05": 11.621723175048828,
  "summary_bg_p95": 183.11422729492188,
  "summary_bg_stdv": 74.52913665771484,
  "summary_fg_k": 1.2382658552811154,
  "summary_fg_mad": 162.48932109040305,
  "summary_fg_mean": 495.1432800292969,
  "summary_fg_median": 470.0561828613281,
  "summary_fg_n": 154555.0,
  "summary_fg_p05": 252.93651733398437,
  "summary_fg_p95": 835.8387817382812,
  "summary_fg_stdv": 181.59161376953125,
  "tsnr": 30.7068265741691
}