{
  "aor": 0.00031508158508158506,
  "aqi": 0.005860377365967366,
  "bids_meta": {
    "AcquisitionMatrixPE": 106,
    "AcquisitionNumber": 1,
    "AcquisitionTime": "14:58:24.882500",
    "BandwidthPerPixelPhaseEncode": 16.551,
    "BaseResolution": 106,
    "BodyPartExamined": "HEAD",
    "CoilCombinationMethod": "Sum of Squares",
    "ConsistencyInfo": "N4_VE11C_LATEST_20160120",
    "ConversionSoftware": "dcm2niix",
    "ConversionSoftwareVersion": "v1.0.20211006",
    "Dcm2bidsVersion": "2.1.6",
    "DerivedVendorReportedEchoSpacing": 0.000569994,
    "DeviceSerialNumber": "66014",
    "DwellTime": 2e-06,
    "EchoTime": 0.03,
    "EchoTrainLength": 93,
    "EffectiveEchoSpacing": 0.000569994,
    "FlipAngle": 54,
    "ImageOrientationPatientDICOM": [
      0.999745,
      -0.000473708,
      0.0225861,
      -3.34138e-08,
      0.99978,
      0.0209703
    ],
    "ImageOrientationText": "Tra>Sag(1.3)>Cor(1.2)",
    "ImageType": [
      "ORIGINAL",
      "PRIMARY",
      "M",
      "ND",
      "MOSAIC"
    ],
    "ImagingFrequency": 123.259,
    "InPlanePhaseEncodingDirectionDICOM": "COL",
    "InstitutionAddress": "Yiheyuan Road 5,Beijing  0FCA35,Haidian,CN,100871",
    "InstitutionName": "CMR of Peking Univeristy",
    "InstitutionalDepartmentName": "Department",
    "MRAcquisitionType": "2D",
    "MagneticFieldStrength": 3,
    "Manufacturer": "Siemens",
    "ManufacturersModelName": "Prisma",
    "Modality": "MR",
    "MultibandAccelerationFactor": 8,
    "PartialFourier": 0.875,
    "PatientPosition": "HFS",
    "PercentPhaseFOV": 100,
    "PercentSampling": 100,
    "PhaseEncodingDirection": "j-",
    "PhaseEncodingSteps": 93,
    "PhaseResolution": 1,
    "PixelBandwidth": 2360,
    "ProcedureStepDescription": "Research^Projects_64CH",
    "ProtocolName": "fMRI_run8_AP",
    "PulseSequenceDetails": "%SiemensSeq%\\ep2d_bold",
    "ReceiveCoilActiveElements": "HC1-7;NC1,2",
    "ReceiveCoilName": "HeadNeck_64",
    "ReconMatrixPE": 106,
    "RefLinesPE": 32,
    "RepetitionTime": 0.71,
    "SAR": 0.109467,
    "ScanOptions": "PFP\\FS",
    "ScanningSequence": "EP",
    "SequenceName": "*epfid2d1_106",
    "SequenceVariant": "SK",
    "SeriesDescription": "fMRI_run8_AP",
    "SeriesNumber": 14,
    "ShimSetting": [
      -3446,
      -2089,
      -1945,
      227,
      21,
      -551,
      -80,
      32
    ],
    "SliceThickness": 2,
    "SliceTiming": [
      0.305,
      0,
      0.3825,
      0.075,
      0.46,
      0.1525,
      0.535,
      0.23,
      0.6125,
      0.305,
      0,
      0.3825,
      0.075,
      0.46,
      0.1525,
      0.535,
      0.23,
      0.6125,
      0.305,
      0,
      0.3825,
      0.075,
      0.46,
      0.1525,
      0.535,
      0.23,
      0.6125,
      0.305,
      0,
      0.3825,
      0.075,
      0.46,
      0.1525,
      0.535,
      0.23,
      0.6125,
      0.305,
      0,
      0.3825,
      0.075,
      0.46,
      0.1525,
      0.535,
      0.23,
      0.6125,
      0.305,
      0,
      0.3825,
      0.075,
      0.46,
      0.1525,
      0.535,
      0.23,
      0.6125,
      0.305,
      0,
      0.3825,
      0.075,
      0.46,
      0.1525,
      0.535,
      0.23,
      0.6125,
      0.305,
      0,
      0.3825,
      0.075,
      0.46,
      0.1525,
      0.535,
      0.23,
      0.6125
    ],
    "SoftwareVersions": "syngo MR E11",
    "SpacingBetweenSlices": 2,
    "StationName": "AWP66014",
    "TaskName": "Chinese-RDR",
    "TotalReadoutTime": 0.0598493,
    "TxRefAmp": 268.597,
    "dataset": "ds004078",
    "modality": "bold",
    "run_id": 28,
    "subject_id": "01",
    "task_id": "RDR"
  },
  "dummy_trs": 1,
  "dvars_nstd": 45.359356086869205,
  "dvars_std": 1.0406930563084114,
  "dvars_vstd": 1.0069767563551406,
  "efc": 0.5425619687376593,
  "fber": 392.6777038574219,
  "fd_mean": 0.09536363184138097,
  "fd_num": 10,
  "fd_perc": 2.331002331002331,
  "fwhm_avg": 3.3603583333333336,
  "fwhm_x": 3.039725,
  "fwhm_y": 3.538205,
  "fwhm_z": 3.503145,
  "gcor": 0.00669259,
  "gsr_x": -0.006206418387591839,
  "gsr_y": 0.06167243793606758,
  "provenance": {
    "md5sum": "9373be2d90c6ec163d56e3def67ebff8",
    "settings": {
      "fd_thres": 0.2,
      "testing": false
    },
    "software": "mriqc",
    "version": "23.0.1",
    "webapi_port": null,
    "webapi_url": "https://mriqc.nimh.nih.gov/api/v1"
  },
  "size_t": 429,
  "size_x": 106,
  "size_y": 106,
  "size_z": 72,
  "snr": 2.323559452185945,
  "spacing_tr": 0.7099999785423279,
  "spacing_x": 2.0,
  "spacing_y": 2.0,
  "spacing_z": 2.0,
  "summary_bg_k": 26.58945397099076,
  "summary_bg_mad": 15.8282480278551,
  "summary_bg_mean": 54.46734619140625,
  "summary_bg_median": 24.053613662719727,
  "summary_bg_n": 549703.0,
  "summary_bg_p05": 12.095571517944336,
  "summary_bg_p95": 206.0081588745113,
  "summary_bg_stdv": 87.30567932128906,
  "summary_fg_k": 1.7684387879888614,
  "summary_fg_mad": 186.44844984347927,
  "summary_fg_mean": 524.972900390625,
  "summary_fg_median": 490.37530517578125,
  "summary_fg_n": 154796.0,
  "summary_fg_p05": 252.81293869018555,
  "summary_fg_p95": 919.959228515625,
  "summary_fg_stdv": 211.044189453125,
  "tsnr": 31.992173109203577
}