{
  "aor": 0.00036256613756613756,
  "aqi": 0.006967185052910053,
  "bids_meta": {
    "AcquisitionMatrixPE": 106,
    "AcquisitionNumber": 1,
    "AcquisitionTime": "15:17:43.612500",
    "BandwidthPerPixelPhaseEncode": 16.551,
    "BaseResolution": 106,
    "BodyPartExamined": "HEAD",
    "CoilCombinationMethod": "Sum of Squares",
    "ConsistencyInfo": "N4_VE11C_LATEST_20160120",
    "ConversionSoftware": "dcm2niix",
    "ConversionSoftwareVersion": "v1.0.20211006",
    "Dcm2bidsVersion": "2.1.6",
    "DerivedVendorReportedEchoSpacing": 0.000569994,
    "DeviceSerialNumber": "66014",
    "DwellTime": 2e-06,
    "EchoTime": 0.03,
    "EchoTrainLength": 93,
    "EffectiveEchoSpacing": 0.000569994,
    "FlipAngle": 54,
    "ImageOrientationPatientDICOM": [
      0.998619,
      -0.0201582,
      0.0485083,
      0.0191745,
      0.999603,
      0.0206595
    ],
    "ImageOrientationText": "Tra>Sag(2.8)>Cor(1.1)",
    "ImageType": [
      "ORIGINAL",
      "PRIMARY",
      "M",
      "ND",
      "MOSAIC"
    ],
    "ImagingFrequency": 123.259,
    "InPlanePhaseEncodingDirectionDICOM": "COL",
    "InstitutionAddress": "Yiheyuan Road 5,Beijing  0FCA35,Haidian,CN,100871",
    "InstitutionName": "CMR of Peking Univeristy",
    "InstitutionalDepartmentName": "Department",
    "MRAcquisitionType": "2D",
    "MagneticFieldStrength": 3,
    "Manufacturer": "Siemens",
    "ManufacturersModelName": "Prisma",
    "Modality": "MR",
    "MultibandAccelerationFactor": 8,
    "PartialFourier": 0.875,
    "PatientPosition": "HFS",
    "PercentPhaseFOV": 100,
    "PercentSampling": 100,
    "PhaseEncodingDirection": "j-",
    "PhaseEncodingSteps": 93,
    "PhaseResolution": 1,
    "PixelBandwidth": 2360,
    "ProcedureStepDescription": "Research^Projects_64CH",
    "ProtocolName": "fMRI_run10_AP",
    "PulseSequenceDetails": "%SiemensSeq%\\ep2d_bold",
    "ReceiveCoilActiveElements": "HC1-7;NC1,2",
    "ReceiveCoilName": "HeadNeck_64",
    "ReconMatrixPE": 106,
    "RefLinesPE": 32,
    "RepetitionTime": 0.71,
    "SAR": 0.11513,
    "ScanOptions": "PFP\\FS",
    "ScanningSequence": "EP",
    "SequenceName": "*epfid2d1_106",
    "SequenceVariant": "SK",
    "SeriesDescription": "fMRI_run10_AP",
    "SeriesNumber": 15,
    "ShimSetting": [
      -3434,
      -2130,
      -1919,
      307,
      41,
      -381,
      -78,
      -32
    ],
    "SliceThickness": 2,
    "SliceTiming": [
      0.3075,
      0,
      0.3825,
      0.0775,
      0.46,
      0.1525,
      0.5375,
      0.23,
      0.6125,
      0.3075,
      0,
      0.3825,
      0.0775,
      0.46,
      0.1525,
      0.5375,
      0.23,
      0.6125,
      0.3075,
      0,
      0.3825,
      0.0775,
      0.46,
      0.1525,
      0.5375,
      0.23,
      0.6125,
      0.3075,
      0,
      0.3825,
      0.0775,
      0.46,
      0.1525,
      0.5375,
      0.23,
      0.6125,
      0.3075,
      0,
      0.3825,
      0.0775,
      0.46,
      0.1525,
      0.5375,
      0.23,
      0.6125,
      0.3075,
      0,
      0.3825,
      0.0775,
      0.46,
      0.1525,
      0.5375,
      0.23,
      0.6125,
      0.3075,
      0,
      0.3825,
      0.0775,
      0.46,
      0.1525,
      0.5375,
      0.23,
      0.6125,
      0.3075,
      0,
      0.3825,
      0.0775,
      0.46,
      0.1525,
      0.5375,
      0.23,
      0.6125
    ],
    "SoftwareVersions": "syngo MR E11",
    "SpacingBetweenSlices": 2,
    "StationName": "AWP66014",
    "TaskName": "Chinese-RDR",
    "TotalReadoutTime": 0.0598493,
    "TxRefAmp": 267.593,
    "dataset": "ds004078",
    "modality": "bold",
    "run_id": 20,
    "subject_id": "01",
    "task_id": "RDR"
  },
  "dummy_trs": 2,
  "dvars_nstd": 47.809402738886,
  "dvars_std": 1.0482757621750665,
  "dvars_vstd": 1.010577628063659,
  "efc": 0.5512950321009905,
  "fber": 386.9666748046875,
  "fd_mean": 0.09474683814354859,
  "fd_num": 6,
  "fd_perc": 1.5873015873015872,
  "fwhm_avg": 3.1284967320867416,
  "fwhm_x": 2.76605,
  "fwhm_y": 3.32674,
  "fwhm_z": 3.2927001962602254,
  "gcor": 0.00652272,
  "gsr_x": -0.004993468523025513,
  "gsr_y": 0.055046577006578445,
  "provenance": {
    "md5sum": "634acc47a9de5f1c3c55f8ae0b950d55",
    "settings": {
      "fd_thres": 0.2,
      "testing": false
    },
    "software": "mriqc",
    "version": "23.0.1",
    "webapi_port": null,
    "webapi_url": "https://mriqc.nimh.nih.gov/api/v1"
  },
  "size_t": 378,
  "size_x": 106,
  "size_y": 106,
  "size_z": 72,
  "snr": 2.5807366734706396,
  "spacing_tr": 0.7099999785423279,
  "spacing_x": 2.0,
  "spacing_y": 2.0,
  "spacing_z": 1.9999998807907104,
  "summary_bg_k": 23.951582734473142,
  "summary_bg_mad": 14.802487492361331,
  "summary_bg_mean": 50.528141021728516,
  "summary_bg_median": 23.018518447875977,
  "summary_bg_n": 549188.0,
  "summary_bg_p05": 11.722222328186035,
  "summary_bg_p95": 190.1207649230956,
  "summary_bg_stdv": 77.09099578857422,
  "summary_fg_k": 1.187861155199693,
  "summary_fg_mad": 161.67816103872556,
  "summary_fg_mean": 489.4914855957031,
  "summary_fg_median": 464.7671813964844,
  "summary_fg_n": 155299.0,
  "summary_fg_p05": 248.7301483154297,
  "summary_fg_p95": 828.4801086425783,
  "summary_fg_stdv": 180.09031677246094,
  "tsnr": 30.728885672986507
}