{
  "aor": 0.0006644206773618539,
  "aqi": 0.0071373207308377895,
  "bids_meta": {
    "AcquisitionMatrixPE": 106,
    "AcquisitionNumber": 1,
    "AcquisitionTime": "16:01:15.070000",
    "BandwidthPerPixelPhaseEncode": 16.551,
    "BaseResolution": 106,
    "BodyPartExamined": "HEAD",
    "CoilCombinationMethod": "Sum of Squares",
    "ConsistencyInfo": "N4_VE11C_LATEST_20160120",
    "ConversionSoftware": "dcm2niix",
    "ConversionSoftwareVersion": "v1.0.20211006",
    "Dcm2bidsVersion": "2.1.6",
    "DerivedVendorReportedEchoSpacing": 0.000569994,
    "DeviceSerialNumber": "66014",
    "DwellTime": 2e-06,
    "EchoTime": 0.03,
    "EchoTrainLength": 93,
    "EffectiveEchoSpacing": 0.000569994,
    "FlipAngle": 54,
    "ImageOrientationPatientDICOM": [
      0.998076,
      0.0615612,
      -0.00737522,
      -0.061045,
      0.996516,
      0.0568299
    ],
    "ImageOrientationText": "Tra>Cor(3.2)>Sag(-0.6)",
    "ImageType": [
      "ORIGINAL",
      "PRIMARY",
      "M",
      "ND",
      "MOSAIC"
    ],
    "ImagingFrequency": 123.259,
    "InPlanePhaseEncodingDirectionDICOM": "COL",
    "InstitutionAddress": "Yiheyuan Road 5,Beijing F259C2,Haidian,CN,100871",
    "InstitutionName": "CMR of Peking Univeristy",
    "InstitutionalDepartmentName": "Department",
    "MRAcquisitionType": "2D",
    "MagneticFieldStrength": 3,
    "Manufacturer": "Siemens",
    "ManufacturersModelName": "Prisma",
    "Modality": "MR",
    "MultibandAccelerationFactor": 8,
    "PartialFourier": 0.875,
    "PatientPosition": "HFS",
    "PercentPhaseFOV": 100,
    "PercentSampling": 100,
    "PhaseEncodingDirection": "j-",
    "PhaseEncodingSteps": 93,
    "PhaseResolution": 1,
    "PixelBandwidth": 2360,
    "ProcedureStepDescription": "Research^Projects_64CH",
    "ProtocolName": "fMRI_run1_AP",
    "PulseSequenceDetails": "%SiemensSeq%\\ep2d_bold",
    "ReceiveCoilActiveElements": "HC1-7;NC1,2",
    "ReceiveCoilName": "HeadNeck_64",
    "ReconMatrixPE": 106,
    "RefLinesPE": 32,
    "RepetitionTime": 0.71,
    "SAR": 0.104198,
    "ScanOptions": "PFP\\FS",
    "ScanningSequence": "EP",
    "SequenceName": "*epfid2d1_106",
    "SequenceVariant": "SK",
    "SeriesDescription": "fMRI_run1_AP",
    "SeriesNumber": 5,
    "ShimSetting": [
      -3462,
      -2129,
      -1886,
      397,
      9,
      -260,
      -20,
      81
    ],
    "SliceThickness": 2,
    "SliceTiming": [
      0.3075,
      0,
      0.385,
      0.0775,
      0.46,
      0.155,
      0.5375,
      0.23,
      0.615,
      0.3075,
      0,
      0.385,
      0.0775,
      0.46,
      0.155,
      0.5375,
      0.23,
      0.615,
      0.3075,
      0,
      0.385,
      0.0775,
      0.46,
      0.155,
      0.5375,
      0.23,
      0.615,
      0.3075,
      0,
      0.385,
      0.0775,
      0.46,
      0.155,
      0.5375,
      0.23,
      0.615,
      0.3075,
      0,
      0.385,
      0.0775,
      0.46,
      0.155,
      0.5375,
      0.23,
      0.615,
      0.3075,
      0,
      0.385,
      0.0775,
      0.46,
      0.155,
      0.5375,
      0.23,
      0.615,
      0.3075,
      0,
      0.385,
      0.0775,
      0.46,
      0.155,
      0.5375,
      0.23,
      0.615,
      0.3075,
      0,
      0.385,
      0.0775,
      0.46,
      0.155,
      0.5375,
      0.23,
      0.615
    ],
    "SoftwareVersions": "syngo MR E11",
    "SpacingBetweenSlices": 2,
    "StationName": "AWP66014",
    "TaskName": "Chinese-RDR",
    "TotalReadoutTime": 0.0598493,
    "TxRefAmp": 253.474,
    "dataset": "ds004078",
    "modality": "bold",
    "run_id": 41,
    "subject_id": "08",
    "task_id": "RDR"
  },
  "dummy_trs": 0,
  "dvars_nstd": 49.68080427307139,
  "dvars_std": 1.0866566688750006,
  "dvars_vstd": 0.998491412553571,
  "efc": 0.5330694807989401,
  "fber": 439.720703125,
  "fd_mean": 0.08284294645767701,
  "fd_num": 0,
  "fd_perc": 0.0,
  "fwhm_avg": 3.2430683333333334,
  "fwhm_x": 3.00526,
  "fwhm_y": 3.32296,
  "fwhm_z": 3.400985,
  "gcor": 0.00737771,
  "gsr_x": 0.014593739062547684,
  "gsr_y": 0.033841002732515335,
  "provenance": {
    "md5sum": "c7e2ecab6106e80343e1047e4b1839b9",
    "settings": {
      "fd_thres": 0.2,
      "testing": false
    },
    "software": "mriqc",
    "version": "23.0.1",
    "webapi_port": null,
    "webapi_url": "https://mriqc.nimh.nih.gov/api/v1"
  },
  "size_t": 561,
  "size_x": 106,
  "size_y": 106,
  "size_z": 72,
  "snr": 2.0908972753481545,
  "spacing_tr": 0.7099999785423279,
  "spacing_x": 2.0,
  "spacing_y": 2.0,
  "spacing_z": 2.0,
  "summary_bg_k": 23.368477525920518,
  "summary_bg_mad": 13.219208538581917,
  "summary_bg_mean": 42.06476974487305,
  "summary_bg_median": 21.64171028137207,
  "summary_bg_n": 529776.0,
  "summary_bg_p05": 11.28164005279541,
  "summary_bg_p95": 151.72370529174805,
  "summary_bg_stdv": 57.64018249511719,
  "summary_fg_k": 2.8324578292021094,
  "summary_fg_mad": 187.29413215750785,
  "summary_fg_mean": 514.1804809570312,
  "summary_fg_median": 468.6310119628906,
  "summary_fg_n": 169073.0,
  "summary_fg_p05": 247.67878112792968,
  "summary_fg_p95": 941.3953369140625,
  "summary_fg_stdv": 224.12847900390625,
  "tsnr": 28.547241385327652
}