{
  "aor": 0.000648384,
  "aqi": 0.007402684944000001,
  "bids_meta": {
    "AcquisitionMatrixPE": 106,
    "AcquisitionNumber": 1,
    "AcquisitionTime": "17:24:38.300000",
    "BandwidthPerPixelPhaseEncode": 16.551,
    "BaseResolution": 106,
    "BodyPartExamined": "HEAD",
    "CoilCombinationMethod": "Sum of Squares",
    "ConsistencyInfo": "N4_VE11C_LATEST_20160120",
    "ConversionSoftware": "dcm2niix",
    "ConversionSoftwareVersion": "v1.0.20211006",
    "Dcm2bidsVersion": "2.1.6",
    "DerivedVendorReportedEchoSpacing": 0.000569994,
    "DeviceSerialNumber": "66014",
    "DwellTime": 2e-06,
    "EchoTime": 0.03,
    "EchoTrainLength": 93,
    "EffectiveEchoSpacing": 0.000569994,
    "FlipAngle": 54,
    "ImageOrientationPatientDICOM": [
      0.999906,
      0.00850038,
      0.0107547,
      -0.00872603,
      0.999739,
      0.0211109
    ],
    "ImageOrientationText": "Tra>Cor(1.2)>Sag(0.6)",
    "ImageType": [
      "ORIGINAL",
      "PRIMARY",
      "M",
      "ND",
      "MOSAIC"
    ],
    "ImagingFrequency": 123.259,
    "InPlanePhaseEncodingDirectionDICOM": "COL",
    "InstitutionAddress": "Yiheyuan Road 5,Beijing  0FCA35,Haidian,CN,100871",
    "InstitutionName": "CMR of Peking Univeristy",
    "InstitutionalDepartmentName": "Department",
    "MRAcquisitionType": "2D",
    "MagneticFieldStrength": 3,
    "Manufacturer": "Siemens",
    "ManufacturersModelName": "Prisma",
    "Modality": "MR",
    "MultibandAccelerationFactor": 8,
    "PartialFourier": 0.875,
    "PatientPosition": "HFS",
    "PercentPhaseFOV": 100,
    "PercentSampling": 100,
    "PhaseEncodingDirection": "j-",
    "PhaseEncodingSteps": 93,
    "PhaseResolution": 1,
    "PixelBandwidth": 2360,
    "ProcedureStepDescription": "Research^Projects_64CH",
    "ProtocolName": "fMRI_Rest1_AP",
    "PulseSequenceDetails": "%SiemensSeq%\\ep2d_bold",
    "ReceiveCoilActiveElements": "HC1-7;NC1,2",
    "ReceiveCoilName": "HeadNeck_64",
    "ReconMatrixPE": 106,
    "RefLinesPE": 32,
    "RepetitionTime": 0.71,
    "SAR": 0.11038,
    "ScanOptions": "PFP\\FS",
    "ScanningSequence": "EP",
    "SequenceName": "*epfid2d1_106",
    "SequenceVariant": "SK",
    "SeriesDescription": "fMRI_Rest1_AP",
    "SeriesNumber": 5,
    "ShimSetting": [
      -3454,
      -2090,
      -1897,
      378,
      -26,
      -315,
      -100,
      60
    ],
    "SliceThickness": 2,
    "SliceTiming": [
      0.3075,
      0,
      0.3825,
      0.0775,
      0.46,
      0.1525,
      0.5375,
      0.23,
      0.6125,
      0.3075,
      0,
      0.3825,
      0.0775,
      0.46,
      0.1525,
      0.5375,
      0.23,
      0.6125,
      0.3075,
      0,
      0.3825,
      0.0775,
      0.46,
      0.1525,
      0.5375,
      0.23,
      0.6125,
      0.3075,
      0,
      0.3825,
      0.0775,
      0.46,
      0.1525,
      0.5375,
      0.23,
      0.6125,
      0.3075,
      0,
      0.3825,
      0.0775,
      0.46,
      0.1525,
      0.5375,
      0.23,
      0.6125,
      0.3075,
      0,
      0.3825,
      0.0775,
      0.46,
      0.1525,
      0.5375,
      0.23,
      0.6125,
      0.3075,
      0,
      0.3825,
      0.0775,
      0.46,
      0.1525,
      0.5375,
      0.23,
      0.6125,
      0.3075,
      0,
      0.3825,
      0.0775,
      0.46,
      0.1525,
      0.5375,
      0.23,
      0.6125
    ],
    "SoftwareVersions": "syngo MR E11",
    "SpacingBetweenSlices": 2,
    "StationName": "AWP66014",
    "TaskName": "rest",
    "TotalReadoutTime": 0.0598493,
    "TxRefAmp": 260.746,
    "dataset": "ds004078",
    "modality": "bold",
    "run_id": 1,
    "subject_id": "08",
    "task_id": "rest"
  },
  "dummy_trs": 9,
  "dvars_nstd": 48.16584493541665,
  "dvars_std": 1.0666711752243587,
  "dvars_vstd": 1.0075354415384605,
  "efc": 0.5312242347168924,
  "fber": 441.868896484375,
  "fd_mean": 0.11200893072369161,
  "fd_num": 60,
  "fd_perc": 9.6,
  "fwhm_avg": 3.279246666666667,
  "fwhm_x": 3.03277,
  "fwhm_y": 3.364465,
  "fwhm_z": 3.440505,
  "gcor": 0.0094737,
  "gsr_x": 0.01890597492456436,
  "gsr_y": 0.035498179495334625,
  "provenance": {
    "md5sum": "299e1cae918d313038486e5baa09174a",
    "settings": {
      "fd_thres": 0.2,
      "testing": false
    },
    "software": "mriqc",
    "version": "23.0.1",
    "webapi_port": null,
    "webapi_url": "https://mriqc.nimh.nih.gov/api/v1"
  },
  "size_t": 625,
  "size_x": 106,
  "size_y": 106,
  "size_z": 72,
  "snr": 2.0306856334123085,
  "spacing_tr": 0.7099999785423279,
  "spacing_x": 2.0,
  "spacing_y": 2.0,
  "spacing_z": 2.0,
  "summary_bg_k": 24.17848928197783,
  "summary_bg_mad": 13.547427364294673,
  "summary_bg_mean": 43.097686767578125,
  "summary_bg_median": 21.72480010986328,
  "summary_bg_n": 529389.0,
  "summary_bg_p05": 11.145599365234375,
  "summary_bg_p95": 156.57535400390623,
  "summary_bg_stdv": 60.7454948425293,
  "summary_fg_k": 2.94082768626658,
  "summary_fg_mad": 190.29021659983306,
  "summary_fg_mean": 519.6676025390625,
  "summary_fg_median": 471.32958984375,
  "summary_fg_n": 168368.0,
  "summary_fg_p05": 245.26031723022462,
  "summary_fg_p95": 963.6877288818358,
  "summary_fg_stdv": 232.1029815673828,
  "tsnr": 28.04781040782109
}