{
  "aor": 0.00046554817275747503,
  "aqi": 0.008331871594684384,
  "bids_meta": {
    "AcquisitionMatrixPE": 106,
    "AcquisitionNumber": 1,
    "AcquisitionTime": "15:38:29.147500",
    "BandwidthPerPixelPhaseEncode": 16.551,
    "BaseResolution": 106,
    "BodyPartExamined": "HEAD",
    "CoilCombinationMethod": "Sum of Squares",
    "ConsistencyInfo": "N4_VE11C_LATEST_20160120",
    "ConversionSoftware": "dcm2niix",
    "ConversionSoftwareVersion": "v1.0.20211006",
    "Dcm2bidsVersion": "2.1.6",
    "DerivedVendorReportedEchoSpacing": 0.000569994,
    "DeviceSerialNumber": "66014",
    "DwellTime": 2e-06,
    "EchoTime": 0.03,
    "EchoTrainLength": 93,
    "EffectiveEchoSpacing": 0.000569994,
    "FlipAngle": 54,
    "ImageOrientationPatientDICOM": [
      0.999879,
      0.000137034,
      -0.0155592,
      -2.19601e-08,
      0.999961,
      0.00880549
    ],
    "ImageOrientationText": "Tra>Sag(-0.9)>Cor(0.5)",
    "ImageType": [
      "ORIGINAL",
      "PRIMARY",
      "M",
      "ND",
      "MOSAIC"
    ],
    "ImagingFrequency": 123.259,
    "InPlanePhaseEncodingDirectionDICOM": "COL",
    "InstitutionAddress": "Yiheyuan Road 5,Beijing  0FCA35,Haidian,CN,100871",
    "InstitutionName": "CMR of Peking Univeristy",
    "InstitutionalDepartmentName": "Department",
    "MRAcquisitionType": "2D",
    "MagneticFieldStrength": 3,
    "Manufacturer": "Siemens",
    "ManufacturersModelName": "Prisma",
    "Modality": "MR",
    "MultibandAccelerationFactor": 8,
    "PartialFourier": 0.875,
    "PatientPosition": "HFS",
    "PercentPhaseFOV": 100,
    "PercentSampling": 100,
    "PhaseEncodingDirection": "j-",
    "PhaseEncodingSteps": 93,
    "PhaseResolution": 1,
    "PixelBandwidth": 2360,
    "ProcedureStepDescription": "Research^Projects_64CH",
    "ProtocolName": "fMRI_run1_AP",
    "PulseSequenceDetails": "%SiemensSeq%\\ep2d_bold",
    "ReceiveCoilActiveElements": "HC1-7;NC1,2",
    "ReceiveCoilName": "HeadNeck_64",
    "ReconMatrixPE": 106,
    "RefLinesPE": 32,
    "RepetitionTime": 0.71,
    "SAR": 0.115579,
    "ScanOptions": "PFP\\FS",
    "ScanningSequence": "EP",
    "SequenceName": "*epfid2d1_106",
    "SequenceVariant": "SK",
    "SeriesDescription": "fMRI_run1_AP",
    "SeriesNumber": 5,
    "ShimSetting": [
      -3467,
      -2122,
      -1891,
      364,
      -35,
      -318,
      -88,
      84
    ],
    "SliceThickness": 2,
    "SliceTiming": [
      0.305,
      0,
      0.3825,
      0.075,
      0.46,
      0.1525,
      0.535,
      0.23,
      0.6125,
      0.305,
      0,
      0.3825,
      0.075,
      0.46,
      0.1525,
      0.535,
      0.23,
      0.6125,
      0.305,
      0,
      0.3825,
      0.075,
      0.46,
      0.1525,
      0.535,
      0.23,
      0.6125,
      0.305,
      0,
      0.3825,
      0.075,
      0.46,
      0.1525,
      0.535,
      0.23,
      0.6125,
      0.305,
      0,
      0.3825,
      0.075,
      0.46,
      0.1525,
      0.535,
      0.23,
      0.6125,
      0.305,
      0,
      0.3825,
      0.075,
      0.46,
      0.1525,
      0.535,
      0.23,
      0.6125,
      0.305,
      0,
      0.3825,
      0.075,
      0.46,
      0.1525,
      0.535,
      0.23,
      0.6125,
      0.305,
      0,
      0.3825,
      0.075,
      0.46,
      0.1525,
      0.535,
      0.23,
      0.6125
    ],
    "SoftwareVersions": "syngo MR E11",
    "SpacingBetweenSlices": 2,
    "StationName": "AWP66014",
    "TaskName": "Chinese-RDR",
    "TotalReadoutTime": 0.0598493,
    "TxRefAmp": 264.371,
    "dataset": "ds004078",
    "modality": "bold",
    "run_id": 11,
    "subject_id": "08",
    "task_id": "RDR"
  },
  "dummy_trs": 1,
  "dvars_nstd": 48.533424656805295,
  "dvars_std": 1.067671937753744,
  "dvars_vstd": 1.0005226499334436,
  "efc": 0.5291708352672555,
  "fber": 426.58544921875,
  "fd_mean": 0.12687848689463055,
  "fd_num": 56,
  "fd_perc": 9.30232558139535,
  "fwhm_avg": 3.371048333333333,
  "fwhm_x": 3.138925,
  "fwhm_y": 3.468495,
  "fwhm_z": 3.505725,
  "gcor": 0.013228,
  "gsr_x": 0.020326843485236168,
  "gsr_y": 0.03973176330327988,
  "provenance": {
    "md5sum": "1c3f84719c8f4656eda8b8175827c2cd",
    "settings": {
      "fd_thres": 0.2,
      "testing": false
    },
    "software": "mriqc",
    "version": "23.0.1",
    "webapi_port": null,
    "webapi_url": "https://mriqc.nimh.nih.gov/api/v1"
  },
  "size_t": 602,
  "size_x": 106,
  "size_y": 106,
  "size_z": 72,
  "snr": 1.9289424514988138,
  "spacing_tr": 0.7099999785423279,
  "spacing_x": 2.0,
  "spacing_y": 2.0,
  "spacing_z": 2.0,
  "summary_bg_k": 25.402711139574382,
  "summary_bg_mad": 14.34085262171147,
  "summary_bg_mean": 46.9359016418457,
  "summary_bg_median": 22.725914001464844,
  "summary_bg_n": 532401.0,
  "summary_bg_p05": 11.509966850280762,
  "summary_bg_p95": 173.94020080566406,
  "summary_bg_stdv": 69.2946548461914,
  "summary_fg_k": 3.565354125803495,
  "summary_fg_mad": 199.1957386598246,
  "summary_fg_mean": 535.3760375976562,
  "summary_fg_median": 481.2076416015625,
  "summary_fg_n": 168270.0,
  "summary_fg_p05": 247.32599258422852,
  "summary_fg_p95": 1015.6846130371091,
  "summary_fg_stdv": 249.46633911132812,
  "tsnr": 27.322563520632684
}