{
  "aor": 0.0008106163021868787,
  "aqi": 0.005755686679920477,
  "bids_meta": {
    "AcquisitionMatrixPE": 106,
    "AcquisitionNumber": 1,
    "AcquisitionTime": "15:52:51.770000",
    "BandwidthPerPixelPhaseEncode": 16.551,
    "BaseResolution": 106,
    "BodyPartExamined": "HEAD",
    "CoilCombinationMethod": "Sum of Squares",
    "ConsistencyInfo": "N4_VE11C_LATEST_20160120",
    "ConversionSoftware": "dcm2niix",
    "ConversionSoftwareVersion": "v1.0.20211006",
    "Dcm2bidsVersion": "2.1.6",
    "DerivedVendorReportedEchoSpacing": 0.000569994,
    "DeviceSerialNumber": "66014",
    "DwellTime": 2e-06,
    "EchoTime": 0.03,
    "EchoTrainLength": 93,
    "EffectiveEchoSpacing": 0.000569994,
    "FlipAngle": 54,
    "ImageOrientationPatientDICOM": [
      0.999839,
      0.0158862,
      -0.00830417,
      -0.0157067,
      0.999651,
      0.0212464
    ],
    "ImageOrientationText": "Tra>Cor(1.2)>Sag(-0.5)",
    "ImageType": [
      "ORIGINAL",
      "PRIMARY",
      "M",
      "ND",
      "MOSAIC"
    ],
    "ImagingFrequency": 123.26,
    "InPlanePhaseEncodingDirectionDICOM": "COL",
    "InstitutionAddress": "Yiheyuan Road 5,Beijing F259C2,Haidian,CN,100871",
    "InstitutionName": "CMR of Peking Univeristy",
    "InstitutionalDepartmentName": "Department",
    "MRAcquisitionType": "2D",
    "MagneticFieldStrength": 3,
    "Manufacturer": "Siemens",
    "ManufacturersModelName": "Prisma",
    "Modality": "MR",
    "MultibandAccelerationFactor": 8,
    "PartialFourier": 0.875,
    "PatientPosition": "HFS",
    "PercentPhaseFOV": 100,
    "PercentSampling": 100,
    "PhaseEncodingDirection": "j-",
    "PhaseEncodingSteps": 93,
    "PhaseResolution": 1,
    "PixelBandwidth": 2360,
    "ProcedureStepDescription": "Research^Projects_64CH",
    "ProtocolName": "fMRI_run2_AP",
    "PulseSequenceDetails": "%SiemensSeq%\\ep2d_bold",
    "ReceiveCoilActiveElements": "HC1-7;NC1,2",
    "ReceiveCoilName": "HeadNeck_64",
    "ReconMatrixPE": 106,
    "RefLinesPE": 32,
    "RepetitionTime": 0.71,
    "SAR": 0.0976502,
    "ScanOptions": "PFP\\FS",
    "ScanningSequence": "EP",
    "SequenceName": "*epfid2d1_106",
    "SequenceVariant": "SK",
    "SeriesDescription": "fMRI_run2_AP",
    "SeriesNumber": 6,
    "ShimSetting": [
      -3475,
      -2102,
      -1888,
      403,
      -33,
      -341,
      -110,
      99
    ],
    "SliceThickness": 2,
    "SliceTiming": [
      0.305,
      0,
      0.3825,
      0.075,
      0.46,
      0.1525,
      0.535,
      0.23,
      0.6125,
      0.305,
      0,
      0.3825,
      0.075,
      0.46,
      0.1525,
      0.535,
      0.23,
      0.6125,
      0.305,
      0,
      0.3825,
      0.075,
      0.46,
      0.1525,
      0.535,
      0.23,
      0.6125,
      0.305,
      0,
      0.3825,
      0.075,
      0.46,
      0.1525,
      0.535,
      0.23,
      0.6125,
      0.305,
      0,
      0.3825,
      0.075,
      0.46,
      0.1525,
      0.535,
      0.23,
      0.6125,
      0.305,
      0,
      0.3825,
      0.075,
      0.46,
      0.1525,
      0.535,
      0.23,
      0.6125,
      0.305,
      0,
      0.3825,
      0.075,
      0.46,
      0.1525,
      0.535,
      0.23,
      0.6125,
      0.305,
      0,
      0.3825,
      0.075,
      0.46,
      0.1525,
      0.535,
      0.23,
      0.6125
    ],
    "SoftwareVersions": "syngo MR E11",
    "SpacingBetweenSlices": 2,
    "StationName": "AWP66014",
    "TaskName": "Chinese-RDR",
    "TotalReadoutTime": 0.0598493,
    "TxRefAmp": 254.291,
    "dataset": "ds004078",
    "modality": "bold",
    "run_id": 52,
    "subject_id": "08",
    "task_id": "RDR"
  },
  "dummy_trs": 4,
  "dvars_nstd": 48.91969822910362,
  "dvars_std": 1.089258825418327,
  "dvars_vstd": 1.0157843782669325,
  "efc": 0.5287639465141994,
  "fber": 423.99102783203125,
  "fd_mean": 0.08035130435262207,
  "fd_num": 0,
  "fd_perc": 0.0,
  "fwhm_avg": 3.3881483333333335,
  "fwhm_x": 3.172785,
  "fwhm_y": 3.419315,
  "fwhm_z": 3.572345,
  "gcor": 0.00589721,
  "gsr_x": 0.02335798181593418,
  "gsr_y": 0.03231118619441986,
  "provenance": {
    "md5sum": "8e99a3241a68157f5fe9dfffaa8e7b5a",
    "settings": {
      "fd_thres": 0.2,
      "testing": false
    },
    "software": "mriqc",
    "version": "23.0.1",
    "webapi_port": null,
    "webapi_url": "https://mriqc.nimh.nih.gov/api/v1"
  },
  "size_t": 503,
  "size_x": 106,
  "size_y": 106,
  "size_z": 72,
  "snr": 1.9154576023632168,
  "spacing_tr": 0.7099999785423279,
  "spacing_x": 2.0,
  "spacing_y": 2.0,
  "spacing_z": 2.0,
  "summary_bg_k": 26.490761315979054,
  "summary_bg_mad": 13.346366575116097,
  "summary_bg_mean": 44.013240814208984,
  "summary_bg_median": 22.14512825012207,
  "summary_bg_n": 526520.0,
  "summary_bg_p05": 11.550695419311523,
  "summary_bg_p95": 161.32236480712885,
  "summary_bg_stdv": 63.44034957885742,
  "summary_fg_k": 4.034736721680413,
  "summary_fg_mad": 196.70269289747205,
  "summary_fg_mean": 527.2075805664062,
  "summary_fg_median": 473.3468933105469,
  "summary_fg_n": 170588.0,
  "summary_fg_p05": 242.4805046081543,
  "summary_fg_p95": 994.8911895751953,
  "summary_fg_stdv": 247.11875915527344,
  "tsnr": 29.885384699562564
}