{
  "aor": 0.0005125925925925926,
  "aqi": 0.007620451625514403,
  "bids_meta": {
    "AcquisitionMatrixPE": 106,
    "AcquisitionNumber": 1,
    "AcquisitionTime": "13:35:33.140000",
    "BandwidthPerPixelPhaseEncode": 16.551,
    "BaseResolution": 106,
    "BodyPartExamined": "HEAD",
    "CoilCombinationMethod": "Sum of Squares",
    "ConsistencyInfo": "N4_VE11C_LATEST_20160120",
    "ConversionSoftware": "dcm2niix",
    "ConversionSoftwareVersion": "v1.0.20211006",
    "Dcm2bidsVersion": "2.1.6",
    "DerivedVendorReportedEchoSpacing": 0.000569994,
    "DeviceSerialNumber": "66014",
    "DwellTime": 2e-06,
    "EchoTime": 0.03,
    "EchoTrainLength": 93,
    "EffectiveEchoSpacing": 0.000569994,
    "FlipAngle": 54,
    "ImageOrientationPatientDICOM": [
      0.999672,
      -0.0215639,
      -0.013804,
      0.0209402,
      0.998819,
      -0.0438415
    ],
    "ImageOrientationText": "Tra>Cor(-2.5)>Sag(-0.8)",
    "ImageType": [
      "ORIGINAL",
      "PRIMARY",
      "M",
      "ND",
      "MOSAIC"
    ],
    "ImagingFrequency": 123.26,
    "InPlanePhaseEncodingDirectionDICOM": "COL",
    "InstitutionAddress": "Yiheyuan Road 5,Beijing F259C2,Haidian,CN,100871",
    "InstitutionName": "CMR of Peking Univeristy",
    "InstitutionalDepartmentName": "Department",
    "MRAcquisitionType": "2D",
    "MagneticFieldStrength": 3,
    "Manufacturer": "Siemens",
    "ManufacturersModelName": "Prisma",
    "Modality": "MR",
    "MultibandAccelerationFactor": 8,
    "PartialFourier": 0.875,
    "PatientPosition": "HFS",
    "PercentPhaseFOV": 100,
    "PercentSampling": 100,
    "PhaseEncodingDirection": "j-",
    "PhaseEncodingSteps": 93,
    "PhaseResolution": 1,
    "PixelBandwidth": 2360,
    "ProcedureStepDescription": "Research^Projects_64CH",
    "ProtocolName": "fMRI_run4_AP",
    "PulseSequenceDetails": "%SiemensSeq%\\ep2d_bold",
    "ReceiveCoilActiveElements": "HC1-7;NC1,2",
    "ReceiveCoilName": "HeadNeck_64",
    "ReconMatrixPE": 106,
    "RefLinesPE": 32,
    "RepetitionTime": 0.71,
    "SAR": 0.092657,
    "ScanOptions": "PFP\\FS",
    "ScanningSequence": "EP",
    "SequenceName": "*epfid2d1_106",
    "SequenceVariant": "SK",
    "SeriesDescription": "fMRI_run4_AP",
    "SeriesNumber": 8,
    "ShimSetting": [
      -3464,
      -2116,
      -1901,
      406,
      60,
      -272,
      -65,
      62
    ],
    "SliceThickness": 2,
    "SliceTiming": [
      0.3075,
      0,
      0.3825,
      0.0775,
      0.46,
      0.1525,
      0.5375,
      0.23,
      0.6125,
      0.3075,
      0,
      0.3825,
      0.0775,
      0.46,
      0.1525,
      0.5375,
      0.23,
      0.6125,
      0.3075,
      0,
      0.3825,
      0.0775,
      0.46,
      0.1525,
      0.5375,
      0.23,
      0.6125,
      0.3075,
      0,
      0.3825,
      0.0775,
      0.46,
      0.1525,
      0.5375,
      0.23,
      0.6125,
      0.3075,
      0,
      0.3825,
      0.0775,
      0.46,
      0.1525,
      0.5375,
      0.23,
      0.6125,
      0.3075,
      0,
      0.3825,
      0.0775,
      0.46,
      0.1525,
      0.5375,
      0.23,
      0.6125,
      0.3075,
      0,
      0.3825,
      0.0775,
      0.46,
      0.1525,
      0.5375,
      0.23,
      0.6125,
      0.3075,
      0,
      0.3825,
      0.0775,
      0.46,
      0.1525,
      0.5375,
      0.23,
      0.6125
    ],
    "SoftwareVersions": "syngo MR E11",
    "SpacingBetweenSlices": 2,
    "StationName": "AWP66014",
    "TaskName": "Chinese-RDR",
    "TotalReadoutTime": 0.0598493,
    "TxRefAmp": 248.826,
    "dataset": "ds004078",
    "modality": "bold",
    "run_id": 24,
    "subject_id": "10",
    "task_id": "RDR"
  },
  "dummy_trs": 1,
  "dvars_nstd": 47.641414304041184,
  "dvars_std": 1.0561657617319593,
  "dvars_vstd": 1.0076190076907214,
  "efc": 0.5480848969318476,
  "fber": 355.9790954589844,
  "fd_mean": 0.09115365501541735,
  "fd_num": 21,
  "fd_perc": 4.320987654320987,
  "fwhm_avg": 3.423045,
  "fwhm_x": 3.00188,
  "fwhm_y": 3.6165,
  "fwhm_z": 3.650755,
  "gcor": 0.00900384,
  "gsr_x": 0.03488190844655037,
  "gsr_y": 0.05128184333443642,
  "provenance": {
    "md5sum": "72308f7414ba9ff7a3979780491f9c6c",
    "settings": {
      "fd_thres": 0.2,
      "testing": false
    },
    "software": "mriqc",
    "version": "23.0.1",
    "webapi_port": null,
    "webapi_url": "https://mriqc.nimh.nih.gov/api/v1"
  },
  "size_t": 486,
  "size_x": 106,
  "size_y": 106,
  "size_z": 72,
  "snr": 2.1595917725180533,
  "spacing_tr": 0.7099999785423279,
  "spacing_x": 2.0,
  "spacing_y": 2.0,
  "spacing_z": 2.0,
  "summary_bg_k": 30.111280296175657,
  "summary_bg_mad": 16.461153814425238,
  "summary_bg_mean": 51.784942626953125,
  "summary_bg_median": 24.927982330322266,
  "summary_bg_n": 528418.0,
  "summary_bg_p05": 11.703702926635742,
  "summary_bg_p95": 186.45915603637687,
  "summary_bg_stdv": 80.1432876586914,
  "summary_fg_k": 1.3320723203922888,
  "summary_fg_mad": 188.53150415066247,
  "summary_fg_mean": 519.3152465820312,
  "summary_fg_median": 482.3868103027344,
  "summary_fg_n": 171073.0,
  "summary_fg_p05": 231.00657348632814,
  "summary_fg_p95": 953.6867919921874,
  "summary_fg_stdv": 223.36878967285156,
  "tsnr": 29.727322243968956
}