{
  "aor": 0.00045098726114649687,
  "aqi": 0.005980654601910829,
  "bids_meta": {
    "AcquisitionMatrixPE": 106,
    "AcquisitionNumber": 1,
    "AcquisitionTime": "20:12:17.800000",
    "BandwidthPerPixelPhaseEncode": 16.551,
    "BaseResolution": 106,
    "BodyPartExamined": "HEAD",
    "CoilCombinationMethod": "Sum of Squares",
    "ConsistencyInfo": "N4_VE11C_LATEST_20160120",
    "ConversionSoftware": "dcm2niix",
    "ConversionSoftwareVersion": "v1.0.20211006",
    "Dcm2bidsVersion": "2.1.6",
    "DerivedVendorReportedEchoSpacing": 0.000569994,
    "DeviceSerialNumber": "66014",
    "DwellTime": 2e-06,
    "EchoTime": 0.03,
    "EchoTrainLength": 93,
    "EffectiveEchoSpacing": 0.000569994,
    "FlipAngle": 54,
    "ImageOrientationPatientDICOM": [
      0.999739,
      -0.0126117,
      0.0190345,
      0.0122147,
      0.999708,
      0.020829
    ],
    "ImageOrientationText": "Tra>Cor(1.2)>Sag(1.1)",
    "ImageType": [
      "ORIGINAL",
      "PRIMARY",
      "M",
      "ND",
      "MOSAIC"
    ],
    "ImagingFrequency": 123.259,
    "InPlanePhaseEncodingDirectionDICOM": "COL",
    "InstitutionAddress": "Yiheyuan Road 5,Beijing  0FCA35,Haidian,CN,100871",
    "InstitutionName": "CMR of Peking Univeristy",
    "InstitutionalDepartmentName": "Department",
    "MRAcquisitionType": "2D",
    "MagneticFieldStrength": 3,
    "Manufacturer": "Siemens",
    "ManufacturersModelName": "Prisma",
    "Modality": "MR",
    "MultibandAccelerationFactor": 8,
    "PartialFourier": 0.875,
    "PatientPosition": "HFS",
    "PercentPhaseFOV": 100,
    "PercentSampling": 100,
    "PhaseEncodingDirection": "j-",
    "PhaseEncodingSteps": 93,
    "PhaseResolution": 1,
    "PixelBandwidth": 2360,
    "ProcedureStepDescription": "Research^Projects_64CH",
    "ProtocolName": "fMRI_Rest2_AP",
    "PulseSequenceDetails": "%SiemensSeq%\\ep2d_bold",
    "ReceiveCoilActiveElements": "HC1-7;NC1,2",
    "ReceiveCoilName": "HeadNeck_64",
    "ReconMatrixPE": 106,
    "RefLinesPE": 32,
    "RepetitionTime": 0.71,
    "SAR": 0.0986327,
    "ScanOptions": "PFP\\FS",
    "ScanningSequence": "EP",
    "SequenceName": "*epfid2d1_106",
    "SequenceVariant": "SK",
    "SeriesDescription": "fMRI_Rest2_AP",
    "SeriesNumber": 21,
    "ShimSetting": [
      -3457,
      -2122,
      -1898,
      378,
      92,
      -193,
      -54,
      52
    ],
    "SliceThickness": 2,
    "SliceTiming": [
      0.305,
      0,
      0.3825,
      0.075,
      0.46,
      0.1525,
      0.535,
      0.23,
      0.6125,
      0.305,
      0,
      0.3825,
      0.075,
      0.46,
      0.1525,
      0.535,
      0.23,
      0.6125,
      0.305,
      0,
      0.3825,
      0.075,
      0.46,
      0.1525,
      0.535,
      0.23,
      0.6125,
      0.305,
      0,
      0.3825,
      0.075,
      0.46,
      0.1525,
      0.535,
      0.23,
      0.6125,
      0.305,
      0,
      0.3825,
      0.075,
      0.46,
      0.1525,
      0.535,
      0.23,
      0.6125,
      0.305,
      0,
      0.3825,
      0.075,
      0.46,
      0.1525,
      0.535,
      0.23,
      0.6125,
      0.305,
      0,
      0.3825,
      0.075,
      0.46,
      0.1525,
      0.535,
      0.23,
      0.6125,
      0.305,
      0,
      0.3825,
      0.075,
      0.46,
      0.1525,
      0.535,
      0.23,
      0.6125
    ],
    "SoftwareVersions": "syngo MR E11",
    "SpacingBetweenSlices": 2,
    "StationName": "AWP66014",
    "TaskName": "rest",
    "TotalReadoutTime": 0.0598493,
    "TxRefAmp": 252.511,
    "dataset": "ds004078",
    "modality": "bold",
    "run_id": 3,
    "subject_id": "10",
    "task_id": "rest"
  },
  "dummy_trs": 6,
  "dvars_nstd": 45.54643098028708,
  "dvars_std": 1.0345010272248802,
  "dvars_vstd": 1.007458460956937,
  "efc": 0.5512804661540637,
  "fber": 353.0135192871094,
  "fd_mean": 0.08018045432945511,
  "fd_num": 4,
  "fd_perc": 0.6369426751592356,
  "fwhm_avg": 3.2554016666666663,
  "fwhm_x": 2.86566,
  "fwhm_y": 3.485305,
  "fwhm_z": 3.41524,
  "gcor": 0.00360126,
  "gsr_x": 0.034545015543699265,
  "gsr_y": 0.0532689206302166,
  "provenance": {
    "md5sum": "727db0b3290b991b53e29bd461573c92",
    "settings": {
      "fd_thres": 0.2,
      "testing": false
    },
    "software": "mriqc",
    "version": "23.0.1",
    "webapi_port": null,
    "webapi_url": "https://mriqc.nimh.nih.gov/api/v1"
  },
  "size_t": 628,
  "size_x": 106,
  "size_y": 106,
  "size_z": 72,
  "snr": 2.2152117641104296,
  "spacing_tr": 0.7099999785423279,
  "spacing_x": 2.0,
  "spacing_y": 2.0,
  "spacing_z": 2.0,
  "summary_bg_k": 25.563670511994065,
  "summary_bg_mad": 16.034766546910607,
  "summary_bg_mean": 51.491363525390625,
  "summary_bg_median": 24.399681091308594,
  "summary_bg_n": 531217.0,
  "summary_bg_p05": 11.52866268157959,
  "summary_bg_p95": 190.15955810546868,
  "summary_bg_stdv": 78.75621032714844,
  "summary_fg_k": 1.2366915263902252,
  "summary_fg_mad": 180.42420194964544,
  "summary_fg_mean": 504.3749084472656,
  "summary_fg_median": 470.5780334472656,
  "summary_fg_n": 169023.0,
  "summary_fg_p05": 223.79124908447267,
  "summary_fg_p95": 915.3191467285151,
  "summary_fg_stdv": 212.4296417236328,
  "tsnr": 30.296542527154088
}