{
  "aor": 0.0003283836206896552,
  "aqi": 0.006905266853448276,
  "bids_meta": {
    "AcquisitionMatrixPE": 106,
    "AcquisitionNumber": 1,
    "AcquisitionTime": "14:05:2.230000",
    "BandwidthPerPixelPhaseEncode": 16.551,
    "BaseResolution": 106,
    "BodyPartExamined": "HEAD",
    "CoilCombinationMethod": "Sum of Squares",
    "ConsistencyInfo": "N4_VE11C_LATEST_20160120",
    "ConversionSoftware": "dcm2niix",
    "ConversionSoftwareVersion": "v1.0.20211006",
    "Dcm2bidsVersion": "2.1.6",
    "DerivedVendorReportedEchoSpacing": 0.000569994,
    "DeviceSerialNumber": "66014",
    "DwellTime": 2e-06,
    "EchoTime": 0.03,
    "EchoTrainLength": 93,
    "EffectiveEchoSpacing": 0.000569994,
    "FlipAngle": 54,
    "ImageOrientationPatientDICOM": [
      0.999872,
      -0.00329838,
      -0.0156619,
      0.00349029,
      0.999919,
      0.0122417
    ],
    "ImageOrientationText": "Tra>Sag(-0.9)>Cor(0.7)",
    "ImageType": [
      "ORIGINAL",
      "PRIMARY",
      "M",
      "ND",
      "MOSAIC"
    ],
    "ImagingFrequency": 123.259,
    "InPlanePhaseEncodingDirectionDICOM": "COL",
    "InstitutionAddress": "Yiheyuan Road 5,Beijing F259C2,Haidian,CN,100871",
    "InstitutionName": "CMR of Peking Univeristy",
    "InstitutionalDepartmentName": "Department",
    "MRAcquisitionType": "2D",
    "MagneticFieldStrength": 3,
    "Manufacturer": "Siemens",
    "ManufacturersModelName": "Prisma",
    "Modality": "MR",
    "MultibandAccelerationFactor": 8,
    "PartialFourier": 0.875,
    "PatientPosition": "HFS",
    "PercentPhaseFOV": 100,
    "PercentSampling": 100,
    "PhaseEncodingDirection": "j-",
    "PhaseEncodingSteps": 93,
    "PhaseResolution": 1,
    "PixelBandwidth": 2360,
    "ProcedureStepDescription": "Research^Projects_64CH",
    "ProtocolName": "fMRI_run5_AP",
    "PulseSequenceDetails": "%SiemensSeq%\\ep2d_bold",
    "ReceiveCoilActiveElements": "HC1-7;NC1,2",
    "ReceiveCoilName": "HeadNeck_64",
    "ReconMatrixPE": 106,
    "RefLinesPE": 32,
    "RepetitionTime": 0.71,
    "SAR": 0.0991268,
    "ScanOptions": "PFP\\FS",
    "ScanningSequence": "EP",
    "SequenceName": "*epfid2d1_106",
    "SequenceVariant": "SK",
    "SeriesDescription": "fMRI_run5_AP",
    "SeriesNumber": 9,
    "ShimSetting": [
      -3472,
      -2121,
      -1899,
      370,
      68,
      -226,
      -72,
      73
    ],
    "SliceThickness": 2,
    "SliceTiming": [
      0.3075,
      0,
      0.385,
      0.0775,
      0.46,
      0.155,
      0.5375,
      0.23,
      0.615,
      0.3075,
      0,
      0.385,
      0.0775,
      0.46,
      0.155,
      0.5375,
      0.23,
      0.615,
      0.3075,
      0,
      0.385,
      0.0775,
      0.46,
      0.155,
      0.5375,
      0.23,
      0.615,
      0.3075,
      0,
      0.385,
      0.0775,
      0.46,
      0.155,
      0.5375,
      0.23,
      0.615,
      0.3075,
      0,
      0.385,
      0.0775,
      0.46,
      0.155,
      0.5375,
      0.23,
      0.615,
      0.3075,
      0,
      0.385,
      0.0775,
      0.46,
      0.155,
      0.5375,
      0.23,
      0.615,
      0.3075,
      0,
      0.385,
      0.0775,
      0.46,
      0.155,
      0.5375,
      0.23,
      0.615,
      0.3075,
      0,
      0.385,
      0.0775,
      0.46,
      0.155,
      0.5375,
      0.23,
      0.615
    ],
    "SoftwareVersions": "syngo MR E11",
    "SpacingBetweenSlices": 2,
    "StationName": "AWP66014",
    "TaskName": "Chinese-RDR",
    "TotalReadoutTime": 0.0598493,
    "TxRefAmp": 251.415,
    "dataset": "ds004078",
    "modality": "bold",
    "run_id": 45,
    "subject_id": "10",
    "task_id": "RDR"
  },
  "dummy_trs": 2,
  "dvars_nstd": 46.04660137168468,
  "dvars_std": 1.0523828075593957,
  "dvars_vstd": 1.0023292556155512,
  "efc": 0.5502891437222606,
  "fber": 362.3039855957031,
  "fd_mean": 0.06224219952565189,
  "fd_num": 1,
  "fd_perc": 0.21551724137931033,
  "fwhm_avg": 3.3237816666666666,
  "fwhm_x": 2.996255,
  "fwhm_y": 3.490715,
  "fwhm_z": 3.484375,
  "gcor": 0.00989492,
  "gsr_x": 0.05862932652235031,
  "gsr_y": 0.04771696776151657,
  "provenance": {
    "md5sum": "b1016e4663272844c6faa2610b86d478",
    "settings": {
      "fd_thres": 0.2,
      "testing": false
    },
    "software": "mriqc",
    "version": "23.0.1",
    "webapi_port": null,
    "webapi_url": "https://mriqc.nimh.nih.gov/api/v1"
  },
  "size_t": 464,
  "size_x": 106,
  "size_y": 106,
  "size_z": 72,
  "snr": 2.28964865476905,
  "spacing_tr": 0.7099999785423279,
  "spacing_x": 2.0,
  "spacing_y": 2.0,
  "spacing_z": 2.0,
  "summary_bg_k": 23.17962482959285,
  "summary_bg_mad": 16.685668702878043,
  "summary_bg_mean": 55.01276397705078,
  "summary_bg_median": 24.89655113220215,
  "summary_bg_n": 539515.0,
  "summary_bg_p05": 11.538792610168457,
  "summary_bg_p95": 206.0853408813476,
  "summary_bg_stdv": 87.5376205444336,
  "summary_fg_k": 1.1116364804593637,
  "summary_fg_mad": 180.92219576428113,
  "summary_fg_mean": 518.5392456054688,
  "summary_fg_median": 482.54632568359375,
  "summary_fg_n": 163664.0,
  "summary_fg_p05": 249.93847045898437,
  "summary_fg_p95": 931.7687591552734,
  "summary_fg_stdv": 210.7506103515625,
  "tsnr": 31.377703000442125
}