{
  "aor": 0.00022270788912579954,
  "aqi": 0.0063734834541577835,
  "bids_meta": {
    "AcquisitionMatrixPE": 106,
    "AcquisitionNumber": 1,
    "AcquisitionTime": "13:53:11.792500",
    "BandwidthPerPixelPhaseEncode": 16.551,
    "BaseResolution": 106,
    "BodyPartExamined": "HEAD",
    "CoilCombinationMethod": "Sum of Squares",
    "ConsistencyInfo": "N4_VE11C_LATEST_20160120",
    "ConversionSoftware": "dcm2niix",
    "ConversionSoftwareVersion": "v1.0.20211006",
    "Dcm2bidsVersion": "2.1.6",
    "DerivedVendorReportedEchoSpacing": 0.000569994,
    "DeviceSerialNumber": "66014",
    "DwellTime": 2e-06,
    "EchoTime": 0.03,
    "EchoTrainLength": 93,
    "EffectiveEchoSpacing": 0.000569994,
    "FlipAngle": 54,
    "ImageOrientationPatientDICOM": [
      0.99993,
      -0.00558393,
      0.010424,
      0.00523568,
      0.999437,
      0.0331419
    ],
    "ImageOrientationText": "Tra>Cor(1.9)>Sag(0.6)",
    "ImageType": [
      "ORIGINAL",
      "PRIMARY",
      "M",
      "ND",
      "MOSAIC"
    ],
    "ImagingFrequency": 123.26,
    "InPlanePhaseEncodingDirectionDICOM": "COL",
    "InstitutionAddress": "Yiheyuan Road 5,Beijing F259C2,Haidian,CN,100871",
    "InstitutionName": "CMR of Peking Univeristy",
    "InstitutionalDepartmentName": "Department",
    "MRAcquisitionType": "2D",
    "MagneticFieldStrength": 3,
    "Manufacturer": "Siemens",
    "ManufacturersModelName": "Prisma",
    "Modality": "MR",
    "MultibandAccelerationFactor": 8,
    "PartialFourier": 0.875,
    "PatientPosition": "HFS",
    "PercentPhaseFOV": 100,
    "PercentSampling": 100,
    "PhaseEncodingDirection": "j-",
    "PhaseEncodingSteps": 93,
    "PhaseResolution": 1,
    "PixelBandwidth": 2360,
    "ProcedureStepDescription": "Research^Projects_64CH",
    "ProtocolName": "fMRI_run5_AP",
    "PulseSequenceDetails": "%SiemensSeq%\\ep2d_bold",
    "ReceiveCoilActiveElements": "HC1-7;NC1,2",
    "ReceiveCoilName": "HeadNeck_64",
    "ReconMatrixPE": 106,
    "RefLinesPE": 32,
    "RepetitionTime": 0.71,
    "SAR": 0.10067,
    "ScanOptions": "PFP\\FS",
    "ScanningSequence": "EP",
    "SequenceName": "*epfid2d1_106",
    "SequenceVariant": "SK",
    "SeriesDescription": "fMRI_run5_AP",
    "SeriesNumber": 9,
    "ShimSetting": [
      -3463,
      -2125,
      -1914,
      379,
      58,
      -188,
      -57,
      57
    ],
    "SliceThickness": 2,
    "SliceTiming": [
      0.3075,
      0,
      0.3825,
      0.0775,
      0.46,
      0.1525,
      0.5375,
      0.23,
      0.6125,
      0.3075,
      0,
      0.3825,
      0.0775,
      0.46,
      0.1525,
      0.5375,
      0.23,
      0.6125,
      0.3075,
      0,
      0.3825,
      0.0775,
      0.46,
      0.1525,
      0.5375,
      0.23,
      0.6125,
      0.3075,
      0,
      0.3825,
      0.0775,
      0.46,
      0.1525,
      0.5375,
      0.23,
      0.6125,
      0.3075,
      0,
      0.3825,
      0.0775,
      0.46,
      0.1525,
      0.5375,
      0.23,
      0.6125,
      0.3075,
      0,
      0.3825,
      0.0775,
      0.46,
      0.1525,
      0.5375,
      0.23,
      0.6125,
      0.3075,
      0,
      0.3825,
      0.0775,
      0.46,
      0.1525,
      0.5375,
      0.23,
      0.6125,
      0.3075,
      0,
      0.3825,
      0.0775,
      0.46,
      0.1525,
      0.5375,
      0.23,
      0.6125
    ],
    "SoftwareVersions": "syngo MR E11",
    "SpacingBetweenSlices": 2,
    "StationName": "AWP66014",
    "TaskName": "Chinese-RDR",
    "TotalReadoutTime": 0.0598493,
    "TxRefAmp": 257.443,
    "dataset": "ds004078",
    "modality": "bold",
    "run_id": 35,
    "subject_id": "10",
    "task_id": "RDR"
  },
  "dummy_trs": 3,
  "dvars_nstd": 46.053718566880306,
  "dvars_std": 1.0426234639102563,
  "dvars_vstd": 0.9965458728632485,
  "efc": 0.5494164639211788,
  "fber": 355.8548583984375,
  "fd_mean": 0.058451292807066645,
  "fd_num": 0,
  "fd_perc": 0.0,
  "fwhm_avg": 3.377545,
  "fwhm_x": 2.977875,
  "fwhm_y": 3.591475,
  "fwhm_z": 3.563285,
  "gcor": 0.00431748,
  "gsr_x": 0.03714067488908768,
  "gsr_y": 0.051831163465976715,
  "provenance": {
    "md5sum": "91d46cce393a0bff36584aecdd3c86c5",
    "settings": {
      "fd_thres": 0.2,
      "testing": false
    },
    "software": "mriqc",
    "version": "23.0.1",
    "webapi_port": null,
    "webapi_url": "https://mriqc.nimh.nih.gov/api/v1"
  },
  "size_t": 469,
  "size_x": 106,
  "size_y": 106,
  "size_z": 72,
  "snr": 2.194747403815356,
  "spacing_tr": 0.7099999785423279,
  "spacing_x": 2.0,
  "spacing_y": 2.0,
  "spacing_z": 2.0,
  "summary_bg_k": 26.53344969404448,
  "summary_bg_mad": 16.646873575322807,
  "summary_bg_mean": 52.51350021362305,
  "summary_bg_median": 25.044776916503906,
  "summary_bg_n": 530167.0,
  "summary_bg_p05": 11.718550682067871,
  "summary_bg_p95": 190.88848876953114,
  "summary_bg_stdv": 80.67994689941406,
  "summary_fg_k": 1.314602455480939,
  "summary_fg_mad": 188.0944785516468,
  "summary_fg_mean": 521.6427001953125,
  "summary_fg_median": 485.3560791015625,
  "summary_fg_n": 169148.0,
  "summary_fg_p05": 236.44851684570312,
  "summary_fg_p95": 948.6168518066406,
  "summary_fg_stdv": 221.14373779296875,
  "tsnr": 30.207817934453487
}