{
  "aor": 0.0002499826388888889,
  "aqi": 0.006344734670138889,
  "bids_meta": {
    "AcquisitionMatrixPE": 106,
    "AcquisitionNumber": 1,
    "AcquisitionTime": "13:25:8.480000",
    "BandwidthPerPixelPhaseEncode": 16.551,
    "BaseResolution": 106,
    "BodyPartExamined": "HEAD",
    "CoilCombinationMethod": "Sum of Squares",
    "ConsistencyInfo": "N4_VE11C_LATEST_20160120",
    "ConversionSoftware": "dcm2niix",
    "ConversionSoftwareVersion": "v1.0.20211006",
    "Dcm2bidsVersion": "2.1.6",
    "DerivedVendorReportedEchoSpacing": 0.000569994,
    "DeviceSerialNumber": "66014",
    "DwellTime": 2e-06,
    "EchoTime": 0.03,
    "EchoTrainLength": 93,
    "EffectiveEchoSpacing": 0.000569994,
    "FlipAngle": 54,
    "ImageOrientationPatientDICOM": [
      0.99993,
      -0.00558393,
      0.010424,
      0.00523568,
      0.999437,
      0.0331419
    ],
    "ImageOrientationText": "Tra>Cor(1.9)>Sag(0.6)",
    "ImageType": [
      "ORIGINAL",
      "PRIMARY",
      "M",
      "ND",
      "MOSAIC"
    ],
    "ImagingFrequency": 123.26,
    "InPlanePhaseEncodingDirectionDICOM": "COL",
    "InstitutionAddress": "Yiheyuan Road 5,Beijing F259C2,Haidian,CN,100871",
    "InstitutionName": "CMR of Peking Univeristy",
    "InstitutionalDepartmentName": "Department",
    "MRAcquisitionType": "2D",
    "MagneticFieldStrength": 3,
    "Manufacturer": "Siemens",
    "ManufacturersModelName": "Prisma",
    "Modality": "MR",
    "MultibandAccelerationFactor": 8,
    "PartialFourier": 0.875,
    "PatientPosition": "HFS",
    "PercentPhaseFOV": 100,
    "PercentSampling": 100,
    "PhaseEncodingDirection": "j-",
    "PhaseEncodingSteps": 93,
    "PhaseResolution": 1,
    "PixelBandwidth": 2360,
    "ProcedureStepDescription": "Research^Projects_64CH",
    "ProtocolName": "fMRI_run1_AP",
    "PulseSequenceDetails": "%SiemensSeq%\\ep2d_bold",
    "ReceiveCoilActiveElements": "HC1-7;NC1,2",
    "ReceiveCoilName": "HeadNeck_64",
    "ReconMatrixPE": 106,
    "RefLinesPE": 32,
    "RepetitionTime": 0.71,
    "SAR": 0.10095,
    "ScanOptions": "PFP\\FS",
    "ScanningSequence": "EP",
    "SequenceName": "*epfid2d1_106",
    "SequenceVariant": "SK",
    "SeriesDescription": "fMRI_run1_AP",
    "SeriesNumber": 5,
    "ShimSetting": [
      -3463,
      -2125,
      -1914,
      379,
      58,
      -188,
      -57,
      57
    ],
    "SliceThickness": 2,
    "SliceTiming": [
      0.3075,
      0,
      0.3825,
      0.0775,
      0.46,
      0.1525,
      0.5375,
      0.23,
      0.6125,
      0.3075,
      0,
      0.3825,
      0.0775,
      0.46,
      0.1525,
      0.5375,
      0.23,
      0.6125,
      0.3075,
      0,
      0.3825,
      0.0775,
      0.46,
      0.1525,
      0.5375,
      0.23,
      0.6125,
      0.3075,
      0,
      0.3825,
      0.0775,
      0.46,
      0.1525,
      0.5375,
      0.23,
      0.6125,
      0.3075,
      0,
      0.3825,
      0.0775,
      0.46,
      0.1525,
      0.5375,
      0.23,
      0.6125,
      0.3075,
      0,
      0.3825,
      0.0775,
      0.46,
      0.1525,
      0.5375,
      0.23,
      0.6125,
      0.3075,
      0,
      0.3825,
      0.0775,
      0.46,
      0.1525,
      0.5375,
      0.23,
      0.6125,
      0.3075,
      0,
      0.3825,
      0.0775,
      0.46,
      0.1525,
      0.5375,
      0.23,
      0.6125
    ],
    "SoftwareVersions": "syngo MR E11",
    "SpacingBetweenSlices": 2,
    "StationName": "AWP66014",
    "TaskName": "Chinese-RDR",
    "TotalReadoutTime": 0.0598493,
    "TxRefAmp": 257.443,
    "dataset": "ds004078",
    "modality": "bold",
    "run_id": 31,
    "subject_id": "10",
    "task_id": "RDR"
  },
  "dummy_trs": 0,
  "dvars_nstd": 45.25590663076522,
  "dvars_std": 1.0392169334260875,
  "dvars_vstd": 0.9961500868347827,
  "efc": 0.547573053547511,
  "fber": 361.8346252441406,
  "fd_mean": 0.061110793588156444,
  "fd_num": 0,
  "fd_perc": 0.0,
  "fwhm_avg": 3.3518183333333327,
  "fwhm_x": 2.959825,
  "fwhm_y": 3.56093,
  "fwhm_z": 3.5347,
  "gcor": 0.00703132,
  "gsr_x": 0.032996442168951035,
  "gsr_y": 0.05450911074876785,
  "provenance": {
    "md5sum": "018c6ed6f7157c065af054c8458c625a",
    "settings": {
      "fd_thres": 0.2,
      "testing": false
    },
    "software": "mriqc",
    "version": "23.0.1",
    "webapi_port": null,
    "webapi_url": "https://mriqc.nimh.nih.gov/api/v1"
  },
  "size_t": 576,
  "size_x": 106,
  "size_y": 106,
  "size_z": 72,
  "snr": 2.2160059135553296,
  "spacing_tr": 0.7099999785423279,
  "spacing_x": 2.0,
  "spacing_y": 2.0,
  "spacing_z": 2.0,
  "summary_bg_k": 28.29480943453491,
  "summary_bg_mad": 17.060221675758413,
  "summary_bg_mean": 51.392704010009766,
  "summary_bg_median": 25.05381965637207,
  "summary_bg_n": 530968.0,
  "summary_bg_p05": 11.588541984558105,
  "summary_bg_p95": 182.94436111450176,
  "summary_bg_stdv": 77.51451110839844,
  "summary_fg_k": 1.3269540955172463,
  "summary_fg_mad": 189.35481260003496,
  "summary_fg_mean": 526.0057373046875,
  "summary_fg_median": 490.05035400390625,
  "summary_fg_n": 168392.0,
  "summary_fg_p05": 240.0620719909668,
  "summary_fg_p95": 951.2012847900387,
  "summary_fg_stdv": 221.14060974121094,
  "tsnr": 30.607019930379465
}