{
  "aor": 0.0005814252336448599,
  "aqi": 0.007411994976635514,
  "bids_meta": {
    "AcquisitionMatrixPE": 106,
    "AcquisitionNumber": 1,
    "AcquisitionTime": "14:00:21.625000",
    "BandwidthPerPixelPhaseEncode": 16.551,
    "BaseResolution": 106,
    "BodyPartExamined": "HEAD",
    "CoilCombinationMethod": "Sum of Squares",
    "ConsistencyInfo": "N4_VE11C_LATEST_20160120",
    "ConversionSoftware": "dcm2niix",
    "ConversionSoftwareVersion": "v1.0.20211006",
    "Dcm2bidsVersion": "2.1.6",
    "DerivedVendorReportedEchoSpacing": 0.000569994,
    "DeviceSerialNumber": "66014",
    "DwellTime": 2e-06,
    "EchoTime": 0.03,
    "EchoTrainLength": 93,
    "EffectiveEchoSpacing": 0.000569994,
    "FlipAngle": 54,
    "ImageOrientationPatientDICOM": [
      0.999672,
      -0.0215639,
      -0.013804,
      0.0209402,
      0.998819,
      -0.0438415
    ],
    "ImageOrientationText": "Tra>Cor(-2.5)>Sag(-0.8)",
    "ImageType": [
      "ORIGINAL",
      "PRIMARY",
      "M",
      "ND",
      "MOSAIC"
    ],
    "ImagingFrequency": 123.26,
    "InPlanePhaseEncodingDirectionDICOM": "COL",
    "InstitutionAddress": "Yiheyuan Road 5,Beijing F259C2,Haidian,CN,100871",
    "InstitutionName": "CMR of Peking Univeristy",
    "InstitutionalDepartmentName": "Department",
    "MRAcquisitionType": "2D",
    "MagneticFieldStrength": 3,
    "Manufacturer": "Siemens",
    "ManufacturersModelName": "Prisma",
    "Modality": "MR",
    "MultibandAccelerationFactor": 8,
    "PartialFourier": 0.875,
    "PatientPosition": "HFS",
    "PercentPhaseFOV": 100,
    "PercentSampling": 100,
    "PhaseEncodingDirection": "j-",
    "PhaseEncodingSteps": 93,
    "PhaseResolution": 1,
    "PixelBandwidth": 2360,
    "ProcedureStepDescription": "Research^Projects_64CH",
    "ProtocolName": "fMRI_run8_AP",
    "PulseSequenceDetails": "%SiemensSeq%\\ep2d_bold",
    "ReceiveCoilActiveElements": "HC1-7;NC1,2",
    "ReceiveCoilName": "HeadNeck_64",
    "ReconMatrixPE": 106,
    "RefLinesPE": 32,
    "RepetitionTime": 0.71,
    "SAR": 0.0924749,
    "ScanOptions": "PFP\\FS",
    "ScanningSequence": "EP",
    "SequenceName": "*epfid2d1_106",
    "SequenceVariant": "SK",
    "SeriesDescription": "fMRI_run8_AP",
    "SeriesNumber": 12,
    "ShimSetting": [
      -3464,
      -2116,
      -1901,
      406,
      60,
      -272,
      -65,
      62
    ],
    "SliceThickness": 2,
    "SliceTiming": [
      0.305,
      0,
      0.3825,
      0.075,
      0.46,
      0.1525,
      0.535,
      0.23,
      0.6125,
      0.305,
      0,
      0.3825,
      0.075,
      0.46,
      0.1525,
      0.535,
      0.23,
      0.6125,
      0.305,
      0,
      0.3825,
      0.075,
      0.46,
      0.1525,
      0.535,
      0.23,
      0.6125,
      0.305,
      0,
      0.3825,
      0.075,
      0.46,
      0.1525,
      0.535,
      0.23,
      0.6125,
      0.305,
      0,
      0.3825,
      0.075,
      0.46,
      0.1525,
      0.535,
      0.23,
      0.6125,
      0.305,
      0,
      0.3825,
      0.075,
      0.46,
      0.1525,
      0.535,
      0.23,
      0.6125,
      0.305,
      0,
      0.3825,
      0.075,
      0.46,
      0.1525,
      0.535,
      0.23,
      0.6125,
      0.305,
      0,
      0.3825,
      0.075,
      0.46,
      0.1525,
      0.535,
      0.23,
      0.6125
    ],
    "SoftwareVersions": "syngo MR E11",
    "SpacingBetweenSlices": 2,
    "StationName": "AWP66014",
    "TaskName": "Chinese-RDR",
    "TotalReadoutTime": 0.0598493,
    "TxRefAmp": 248.826,
    "dataset": "ds004078",
    "modality": "bold",
    "run_id": 28,
    "subject_id": "10",
    "task_id": "RDR"
  },
  "dummy_trs": 2,
  "dvars_nstd": 48.327467987470676,
  "dvars_std": 1.0611478670960193,
  "dvars_vstd": 1.0077130504918033,
  "efc": 0.5520492288981664,
  "fber": 330.2212829589844,
  "fd_mean": 0.09167845241427357,
  "fd_num": 17,
  "fd_perc": 3.97196261682243,
  "fwhm_avg": 3.3991416666666665,
  "fwhm_x": 2.96864,
  "fwhm_y": 3.61251,
  "fwhm_z": 3.616275,
  "gcor": 0.00893157,
  "gsr_x": 0.03434262052178383,
  "gsr_y": 0.04954129084944725,
  "provenance": {
    "md5sum": "0b31199cdee611837a7a656bee7391d9",
    "settings": {
      "fd_thres": 0.2,
      "testing": false
    },
    "software": "mriqc",
    "version": "23.0.1",
    "webapi_port": null,
    "webapi_url": "https://mriqc.nimh.nih.gov/api/v1"
  },
  "size_t": 428,
  "size_x": 106,
  "size_y": 106,
  "size_z": 72,
  "snr": 2.151206832565356,
  "spacing_tr": 0.7099999785423279,
  "spacing_x": 2.0,
  "spacing_y": 2.0,
  "spacing_z": 2.0,
  "summary_bg_k": 29.298610384218364,
  "summary_bg_mad": 17.029140893853057,
  "summary_bg_mean": 53.82511901855469,
  "summary_bg_median": 25.71027946472168,
  "summary_bg_n": 526239.0,
  "summary_bg_p05": 11.969625473022461,
  "summary_bg_p95": 195.38831481933582,
  "summary_bg_stdv": 83.44187927246094,
  "summary_fg_k": 1.4089984136298268,
  "summary_fg_mad": 189.84061277154663,
  "summary_fg_mean": 519.7249145507812,
  "summary_fg_median": 482.25933837890625,
  "summary_fg_n": 170710.0,
  "summary_fg_p05": 232.68223571777344,
  "summary_fg_p95": 956.0543029785152,
  "summary_fg_stdv": 224.18017578125,
  "tsnr": 29.692935086786747
}