{
  "aor": 0.0004882663847780127,
  "aqi": 0.005941407632135306,
  "bids_meta": {
    "AcquisitionMatrixPE": 106,
    "AcquisitionNumber": 1,
    "AcquisitionTime": "13:44:42.252500",
    "BandwidthPerPixelPhaseEncode": 16.551,
    "BaseResolution": 106,
    "BodyPartExamined": "HEAD",
    "CoilCombinationMethod": "Sum of Squares",
    "ConsistencyInfo": "N4_VE11C_LATEST_20160120",
    "ConversionSoftware": "dcm2niix",
    "ConversionSoftwareVersion": "v1.0.20211006",
    "Dcm2bidsVersion": "2.1.6",
    "DerivedVendorReportedEchoSpacing": 0.000569994,
    "DeviceSerialNumber": "66014",
    "DwellTime": 2e-06,
    "EchoTime": 0.03,
    "EchoTrainLength": 93,
    "EffectiveEchoSpacing": 0.000569994,
    "FlipAngle": 54,
    "ImageOrientationPatientDICOM": [
      0.999957,
      -0.00361023,
      -0.0085701,
      0.00349059,
      0.999897,
      -0.0139351
    ],
    "ImageOrientationText": "Tra>Cor(-0.8)>Sag(-0.5)",
    "ImageType": [
      "ORIGINAL",
      "PRIMARY",
      "M",
      "ND",
      "MOSAIC"
    ],
    "ImagingFrequency": 123.26,
    "InPlanePhaseEncodingDirectionDICOM": "COL",
    "InstitutionAddress": "Yiheyuan Road 5,Beijing F259C2,Haidian,CN,100871",
    "InstitutionName": "CMR of Peking Univeristy",
    "InstitutionalDepartmentName": "Department",
    "MRAcquisitionType": "2D",
    "MagneticFieldStrength": 3,
    "Manufacturer": "Siemens",
    "ManufacturersModelName": "Prisma",
    "Modality": "MR",
    "MultibandAccelerationFactor": 8,
    "PartialFourier": 0.875,
    "PatientPosition": "HFS",
    "PercentPhaseFOV": 100,
    "PercentSampling": 100,
    "PhaseEncodingDirection": "j-",
    "PhaseEncodingSteps": 93,
    "PhaseResolution": 1,
    "PixelBandwidth": 2360,
    "ProcedureStepDescription": "Research^Projects_64CH",
    "ProtocolName": "fMRI_run4_AP",
    "PulseSequenceDetails": "%SiemensSeq%\\ep2d_bold",
    "ReceiveCoilActiveElements": "HC1-7;NC1,2",
    "ReceiveCoilName": "HeadNeck_64",
    "ReconMatrixPE": 106,
    "RefLinesPE": 32,
    "RepetitionTime": 0.71,
    "SAR": 0.111166,
    "ScanOptions": "PFP\\FS",
    "ScanningSequence": "EP",
    "SequenceName": "*epfid2d1_106",
    "SequenceVariant": "SK",
    "SeriesDescription": "fMRI_run4_AP",
    "SeriesNumber": 8,
    "ShimSetting": [
      -3461,
      -2129,
      -1882,
      429,
      101,
      -90,
      -27,
      57
    ],
    "SliceThickness": 2,
    "SliceTiming": [
      0.305,
      0,
      0.3825,
      0.075,
      0.46,
      0.1525,
      0.535,
      0.23,
      0.6125,
      0.305,
      0,
      0.3825,
      0.075,
      0.46,
      0.1525,
      0.535,
      0.23,
      0.6125,
      0.305,
      0,
      0.3825,
      0.075,
      0.46,
      0.1525,
      0.535,
      0.23,
      0.6125,
      0.305,
      0,
      0.3825,
      0.075,
      0.46,
      0.1525,
      0.535,
      0.23,
      0.6125,
      0.305,
      0,
      0.3825,
      0.075,
      0.46,
      0.1525,
      0.535,
      0.23,
      0.6125,
      0.305,
      0,
      0.3825,
      0.075,
      0.46,
      0.1525,
      0.535,
      0.23,
      0.6125,
      0.305,
      0,
      0.3825,
      0.075,
      0.46,
      0.1525,
      0.535,
      0.23,
      0.6125,
      0.305,
      0,
      0.3825,
      0.075,
      0.46,
      0.1525,
      0.535,
      0.23,
      0.6125
    ],
    "SoftwareVersions": "syngo MR E11",
    "SpacingBetweenSlices": 2,
    "StationName": "AWP66014",
    "TaskName": "Chinese-RDR",
    "TotalReadoutTime": 0.0598493,
    "TxRefAmp": 265.334,
    "dataset": "ds004078",
    "modality": "bold",
    "run_id": 54,
    "subject_id": "10",
    "task_id": "RDR"
  },
  "dummy_trs": 3,
  "dvars_nstd": 46.46786450523303,
  "dvars_std": 1.0508904729872879,
  "dvars_vstd": 1.0097215246186442,
  "efc": 0.5495410925574865,
  "fber": 355.9795227050781,
  "fd_mean": 0.06843182871031185,
  "fd_num": 5,
  "fd_perc": 1.0570824524312896,
  "fwhm_avg": 3.292185,
  "fwhm_x": 2.97099,
  "fwhm_y": 3.473455,
  "fwhm_z": 3.43211,
  "gcor": 0.00430729,
  "gsr_x": 0.06265532225370407,
  "gsr_y": 0.04507765918970108,
  "provenance": {
    "md5sum": "b9b7ae9ee761e80f73d1f1e22fa134a6",
    "settings": {
      "fd_thres": 0.2,
      "testing": false
    },
    "software": "mriqc",
    "version": "23.0.1",
    "webapi_port": null,
    "webapi_url": "https://mriqc.nimh.nih.gov/api/v1"
  },
  "size_t": 473,
  "size_x": 106,
  "size_y": 106,
  "size_z": 72,
  "snr": 2.2377842016115355,
  "spacing_tr": 0.7099999785423279,
  "spacing_x": 2.0,
  "spacing_y": 2.0,
  "spacing_z": 2.0,
  "summary_bg_k": 21.829254734355512,
  "summary_bg_mad": 16.405791790246173,
  "summary_bg_mean": 55.3237190246582,
  "summary_bg_median": 24.845664978027344,
  "summary_bg_n": 539077.0,
  "summary_bg_p05": 11.653276443481445,
  "summary_bg_p95": 213.1509521484368,
  "summary_bg_stdv": 87.16902160644531,
  "summary_fg_k": 1.2844336345947536,
  "summary_fg_mad": 179.91206893843741,
  "summary_fg_mean": 513.4901733398438,
  "summary_fg_median": 476.4862365722656,
  "summary_fg_n": 163959.0,
  "summary_fg_p05": 244.88519897460938,
  "summary_fg_p95": 931.2414306640626,
  "summary_fg_stdv": 212.9270477294922,
  "tsnr": 31.796217028517276
}