{
  "bids_meta": {
    "AcquisitionMatrixPE": 300,
    "AcquisitionNumber": 1,
    "AcquisitionTime": "18:50:55.635000",
    "BaseResolution": 320,
    "BodyPartExamined": "HEAD",
    "CoilCombinationMethod": "Adaptive Combine",
    "ConsistencyInfo": "N4_VE11C_LATEST_20160120",
    "ConversionSoftware": "dcm2niix",
    "ConversionSoftwareVersion": "v1.0.20211006",
    "Dcm2bidsVersion": "2.1.6",
    "DeviceSerialNumber": "66014",
    "DwellTime": 7.1e-06,
    "EchoTime": 0.00222,
    "FlipAngle": 8,
    "ImageOrientationPatientDICOM": [
      -0.0162392,
      0.99926,
      -0.0348804,
      0.0336721,
      -0.0343186,
      -0.998844
    ],
    "ImageOrientationText": "Sag>Tra(-1.9)>Cor(-1.0)",
    "ImageType": [
      "ORIGINAL",
      "PRIMARY",
      "M",
      "ND"
    ],
    "ImagingFrequency": 123.259,
    "InPlanePhaseEncodingDirectionDICOM": "ROW",
    "InstitutionAddress": "Yiheyuan Road 5,Beijing  0FCA35,Haidian,CN,100871",
    "InstitutionName": "CMR of Peking Univeristy",
    "InstitutionalDepartmentName": "Department",
    "InversionTime": 1,
    "MRAcquisitionType": "3D",
    "MagneticFieldStrength": 3,
    "Manufacturer": "Siemens",
    "ManufacturersModelName": "Prisma",
    "MatrixCoilMode": "GRAPPA",
    "Modality": "MR",
    "ParallelReductionFactorInPlane": 2,
    "PartialFourier": 1,
    "PatientPosition": "HFS",
    "PercentPhaseFOV": 93.75,
    "PercentSampling": 100,
    "PhaseEncodingSteps": 299,
    "PhaseResolution": 1,
    "PixelBandwidth": 220,
    "ProcedureStepDescription": "Research^Projects_64CH",
    "ProtocolName": "T1w_MPR",
    "PulseSequenceDetails": "%SiemensSeq%\\tfl",
    "ReceiveCoilActiveElements": "HC1-7;NC1,2",
    "ReceiveCoilName": "HeadNeck_64",
    "ReconMatrixPE": 300,
    "RefLinesPE": 32,
    "RepetitionTime": 2.4,
    "SAR": 0.0538728,
    "ScanOptions": "IR\\WE",
    "ScanningSequence": "GR\\IR",
    "SequenceName": "*tfl3d1_16ns",
    "SequenceVariant": "SK\\SP\\MP",
    "SeriesDescription": "T1w_MPR",
    "SeriesNumber": 3,
    "ShimSetting": [
      -3435,
      -2113,
      -1936,
      -37,
      -13,
      -473,
      1,
      41
    ],
    "SliceThickness": 0.8,
    "SoftwareVersions": "syngo MR E11",
    "SpoilingState": true,
    "StationName": "AWP66014",
    "TxRefAmp": 267.486,
    "dataset": "ds004078",
    "modality": "T1w",
    "run_id": 1,
    "subject_id": "06"
  },
  "cjv": 0.5469039652179756,
  "cnr": 2.4563869394918307,
  "efc": 0.6176076598767615,
  "fber": 12218.032929974212,
  "fwhm_avg": 5.30748325424567,
  "fwhm_x": 5.508687417914161,
  "fwhm_y": 4.888687427152881,
  "fwhm_z": 5.5250749176699685,
  "icvs_csf": 0.18075484127320662,
  "icvs_gm": 0.39261117230057624,
  "icvs_wm": 0.42663398642621714,
  "inu_med": 0.9959056973457336,
  "inu_range": 1.1377672493457796,
  "provenance": {
    "md5sum": "532024d5c1d56d8144cc7e6db4a53b7a",
    "settings": {
      "testing": false
    },
    "software": "mriqc",
    "version": "23.0.1",
    "warnings": {
      "large_rot_frame": true,
      "small_air_mask": false
    },
    "webapi_port": null,
    "webapi_url": "https://mriqc.nimh.nih.gov/api/v1"
  },
  "qi_1": 0.0,
  "qi_2": 0.0004861592494784559,
  "rpve_csf": 26.573181450314586,
  "rpve_gm": 12.327168979802789,
  "rpve_wm": 13.071396274384815,
  "size_x": 224,
  "size_y": 300,
  "size_z": 320,
  "snr_csf": 2.6430995383795493,
  "snr_gm": 12.577710927896698,
  "snr_total": 9.386663757085001,
  "snr_wm": 12.939180804978758,
  "snrd_csf": 28.31097302889342,
  "snrd_gm": 72.49925170692944,
  "snrd_total": 65.5171650683003,
  "snrd_wm": 95.74127046907805,
  "spacing_x": 0.800000011920929,
  "spacing_y": 0.800000011920929,
  "spacing_z": 0.800000011920929,
  "summary_bg_k": 5.380760249924444,
  "summary_bg_mad": 6.843505645651401,
  "summary_bg_mean": 9.186688961668663,
  "summary_bg_median": 4.615874413400888,
  "summary_bg_n": 3944167.0,
  "summary_bg_p05": 0.0,
  "summary_bg_p95": 34.910866253077984,
  "summary_bg_stdv": 13.016053211421621,
  "summary_csf_k": 1.5956805214028682,
  "summary_csf_mad": 92.26933473964475,
  "summary_csf_mean": 305.86893475742403,
  "summary_csf_median": 295.7342986240983,
  "summary_csf_n": 83202.0,
  "summary_csf_p05": 132.10950907319784,
  "summary_csf_p95": 506.3640759514643,
  "summary_csf_stdv": 111.88852978022865,
  "summary_gm_k": 0.18841934739632027,
  "summary_gm_mad": 58.91707734014827,
  "summary_gm_mean": 757.6597954978947,
  "summary_gm_median": 757.3217399641871,
  "summary_gm_n": 67280.0,
  "summary_gm_p05": 659.6429400930182,
  "summary_gm_p95": 857.0140160880983,
  "summary_gm_stdv": 60.21096494826987,
  "summary_wm_k": 0.5039106371320692,
  "summary_wm_mad": 73.86266438237547,
  "summary_wm_mean": 1011.5596442191646,
  "summary_wm_median": 1000.1061229035258,
  "summary_wm_n": 540745.0,
  "summary_wm_p05": 905.7194495536387,
  "summary_wm_p95": 1156.356124598533,
  "summary_wm_stdv": 77.29277558049877,
  "tpm_overlap_csf": 0.15178846196298845,
  "tpm_overlap_gm": 0.43925647178617444,
  "tpm_overlap_wm": 0.47313562512779117,
  "wm2max": 0.4086809470124014
}