{
  "bids_meta": {
    "AcquisitionMatrixPE": 300,
    "AcquisitionNumber": 1,
    "AcquisitionTime": "15:56:45.687500",
    "BaseResolution": 320,
    "BodyPartExamined": "HEAD",
    "CoilCombinationMethod": "Adaptive Combine",
    "ConsistencyInfo": "N4_VE11C_LATEST_20160120",
    "ConversionSoftware": "dcm2niix",
    "ConversionSoftwareVersion": "v1.0.20211006",
    "Dcm2bidsVersion": "2.1.6",
    "DeviceSerialNumber": "66014",
    "DwellTime": 2.1e-06,
    "EchoTime": 0.563,
    "EchoTrainLength": 314,
    "FlipAngle": 120,
    "ImageOrientationPatientDICOM": [
      -0.0107654,
      0.99979,
      -0.0174497,
      -0.0172717,
      -0.0176341,
      -0.999695
    ],
    "ImageOrientationText": "Sag>Tra(1.0)>Cor(-0.6)",
    "ImageType": [
      "ORIGINAL",
      "PRIMARY",
      "M",
      "ND"
    ],
    "ImagingFrequency": 123.259,
    "InPlanePhaseEncodingDirectionDICOM": "ROW",
    "InstitutionAddress": "Yiheyuan Road 5,Beijing  0FCA35,Haidian,CN,100871",
    "InstitutionName": "CMR of Peking Univeristy",
    "InstitutionalDepartmentName": "Department",
    "MRAcquisitionType": "3D",
    "MagneticFieldStrength": 3,
    "Manufacturer": "Siemens",
    "ManufacturersModelName": "Prisma",
    "MatrixCoilMode": "GRAPPA",
    "Modality": "MR",
    "ParallelReductionFactorInPlane": 2,
    "PartialFourier": 1,
    "PatientPosition": "HFS",
    "PercentPhaseFOV": 93.75,
    "PercentSampling": 100,
    "PhaseEncodingDirection": "i",
    "PhaseEncodingSteps": 297,
    "PhaseResolution": 1,
    "PixelBandwidth": 745,
    "ProcedureStepDescription": "Research^Projects_64CH",
    "ProtocolName": "T2w_SPC",
    "PulseSequenceDetails": "%SiemensSeq%\\tse_vfl",
    "ReceiveCoilActiveElements": "HC1-7;NC1,2",
    "ReceiveCoilName": "HeadNeck_64",
    "ReconMatrixPE": 300,
    "RefLinesPE": 32,
    "RepetitionTime": 3.2,
    "SAR": 0.193404,
    "ScanOptions": "PFP",
    "ScanningSequence": "SE",
    "SequenceName": "*spcR_314ns",
    "SequenceVariant": "SK\\SP",
    "SeriesDescription": "T2w_SPC",
    "SeriesNumber": 5,
    "ShimSetting": [
      -3462,
      -2126,
      -1935,
      -81,
      20,
      -452,
      41,
      60
    ],
    "SliceThickness": 0.8,
    "SoftwareVersions": "syngo MR E11",
    "SpoilingState": true,
    "StationName": "AWP66014",
    "TxRefAmp": 264.421,
    "dataset": "ds004078",
    "modality": "T2w",
    "run_id": 1,
    "subject_id": "05"
  },
  "cjv": 1.2019118728959497,
  "cnr": 1.0411127627181285,
  "efc": 0.5690251135497209,
  "fber": 4194.231480497397,
  "fwhm_avg": 3.367929116480612,
  "fwhm_x": 3.2824749510873117,
  "fwhm_y": 3.59936244636532,
  "fwhm_z": 3.2219499519892043,
  "icvs_csf": 0.387704194460474,
  "icvs_gm": 0.17597300177773426,
  "icvs_wm": 0.4363228037617918,
  "inu_med": 1.0092790126800537,
  "inu_range": 0.965728625655174,
  "provenance": {
    "md5sum": "b9efc91187c0a9d24507967aaee88eba",
    "settings": {
      "testing": false
    },
    "software": "mriqc",
    "version": "23.0.1",
    "warnings": {
      "large_rot_frame": true,
      "small_air_mask": false
    },
    "webapi_port": null,
    "webapi_url": "https://mriqc.nimh.nih.gov/api/v1"
  },
  "qi_1": 0.0,
  "qi_2": 0.0006944815700985224,
  "rpve_csf": 13.033195856783589,
  "rpve_gm": 31.292570540879108,
  "rpve_wm": 12.763804914469128,
  "size_x": 224,
  "size_y": 300,
  "size_z": 320,
  "snr_csf": 8.430745984589956,
  "snr_gm": 1.669905177972586,
  "snr_total": 6.352764842669804,
  "snr_wm": 8.95764336544687,
  "snrd_csf": 47.22324383317047,
  "snrd_gm": 75.94854725562968,
  "snrd_total": 50.54986531190976,
  "snrd_wm": 28.477804846929136,
  "spacing_x": 0.800000011920929,
  "spacing_y": 0.800000011920929,
  "spacing_z": 0.800000011920929,
  "summary_bg_k": 9.407705621491727,
  "summary_bg_mad": 0.0,
  "summary_bg_mean": 16.118172205560963,
  "summary_bg_median": 0.0,
  "summary_bg_n": 4179847.0,
  "summary_bg_p05": 0.0,
  "summary_bg_p95": 60.47985354065895,
  "summary_bg_stdv": 23.007240249659535,
  "summary_csf_k": 0.9039226525504209,
  "summary_csf_mad": 173.4288832698849,
  "summary_csf_mean": 1673.232992654121,
  "summary_csf_median": 1658.3974211141467,
  "summary_csf_n": 98988.0,
  "summary_csf_p05": 1374.5585875064135,
  "summary_csf_p95": 2029.153409510851,
  "summary_csf_stdv": 196.70727209245092,
  "summary_gm_k": -1.5096343447283207,
  "summary_gm_mad": 1904.8988254511892,
  "summary_gm_mean": 2232.8250350793637,
  "summary_gm_median": 2667.1796488836408,
  "summary_gm_n": 80741.0,
  "summary_gm_p05": 92.44001566618681,
  "summary_gm_p95": 4560.253387928009,
  "summary_gm_stdv": 1597.1943599728916,
  "summary_wm_k": 1.3558721753383063,
  "summary_wm_mad": 98.79540099584773,
  "summary_wm_mean": 998.0150065994749,
  "summary_wm_median": 1000.090512290597,
  "summary_wm_n": 467260.0,
  "summary_wm_p05": 813.5807843059301,
  "summary_wm_p95": 1173.9248218685389,
  "summary_wm_stdv": 111.64649018991418,
  "tpm_overlap_csf": 0.11220720359387598,
  "tpm_overlap_gm": 0.09824154843203553,
  "tpm_overlap_wm": 0.48361672517489157,
  "wm2max": 0.22458522868630365
}