{
  "aor": 0.0004152217741935484,
  "aqi": 0.0065946499798387095,
  "bids_meta": {
    "AcquisitionMatrixPE": 106,
    "AcquisitionNumber": 1,
    "AcquisitionTime": "14:40:55.797500",
    "BandwidthPerPixelPhaseEncode": 16.551,
    "BaseResolution": 106,
    "BodyPartExamined": "HEAD",
    "CoilCombinationMethod": "Sum of Squares",
    "ConsistencyInfo": "N4_VE11C_LATEST_20160120",
    "ConversionSoftware": "dcm2niix",
    "ConversionSoftwareVersion": "v1.0.20211006",
    "Dcm2bidsVersion": "2.1.6",
    "DerivedVendorReportedEchoSpacing": 0.000569994,
    "DeviceSerialNumber": "66014",
    "DwellTime": 2e-06,
    "EchoTime": 0.03,
    "EchoTrainLength": 93,
    "EffectiveEchoSpacing": 0.000569994,
    "FlipAngle": 54,
    "ImageOrientationPatientDICOM": [
      0.99813,
      0.0605293,
      -0.0085681,
      -0.0610483,
      0.994276,
      -0.087679
    ],
    "ImageOrientationText": "Tra>Cor(-5.1)>Sag(-0.2)",
    "ImageType": [
      "ORIGINAL",
      "PRIMARY",
      "M",
      "ND",
      "MOSAIC"
    ],
    "ImagingFrequency": 123.259,
    "InPlanePhaseEncodingDirectionDICOM": "COL",
    "InstitutionAddress": "Yiheyuan Road 5,Beijing  0FCA35,Haidian,CN,100871",
    "InstitutionName": "CMR of Peking Univeristy",
    "InstitutionalDepartmentName": "Department",
    "MRAcquisitionType": "2D",
    "MagneticFieldStrength": 3,
    "Manufacturer": "Siemens",
    "ManufacturersModelName": "Prisma",
    "Modality": "MR",
    "MultibandAccelerationFactor": 8,
    "PartialFourier": 0.875,
    "PatientPosition": "HFS",
    "PercentPhaseFOV": 100,
    "PercentSampling": 100,
    "PhaseEncodingDirection": "j-",
    "PhaseEncodingSteps": 93,
    "PhaseResolution": 1,
    "PixelBandwidth": 2360,
    "ProcedureStepDescription": "Research^Projects_64CH",
    "ProtocolName": "fMRI_run3_AP",
    "PulseSequenceDetails": "%SiemensSeq%\\ep2d_bold",
    "ReceiveCoilActiveElements": "HC1-7;NC1,2",
    "ReceiveCoilName": "HeadNeck_64",
    "ReconMatrixPE": 106,
    "RefLinesPE": 32,
    "RepetitionTime": 0.71,
    "SAR": 0.0911479,
    "ScanOptions": "PFP\\FS",
    "ScanningSequence": "EP",
    "SequenceName": "*epfid2d1_106",
    "SequenceVariant": "SK",
    "SeriesDescription": "fMRI_run3_AP",
    "SeriesNumber": 7,
    "ShimSetting": [
      -3463,
      -2110,
      -1895,
      314,
      35,
      -338,
      -30,
      40
    ],
    "SliceThickness": 2,
    "SliceTiming": [
      0.305,
      0,
      0.3825,
      0.0775,
      0.46,
      0.1525,
      0.535,
      0.23,
      0.6125,
      0.305,
      0,
      0.3825,
      0.0775,
      0.46,
      0.1525,
      0.535,
      0.23,
      0.6125,
      0.305,
      0,
      0.3825,
      0.0775,
      0.46,
      0.1525,
      0.535,
      0.23,
      0.6125,
      0.305,
      0,
      0.3825,
      0.0775,
      0.46,
      0.1525,
      0.535,
      0.23,
      0.6125,
      0.305,
      0,
      0.3825,
      0.0775,
      0.46,
      0.1525,
      0.535,
      0.23,
      0.6125,
      0.305,
      0,
      0.3825,
      0.0775,
      0.46,
      0.1525,
      0.535,
      0.23,
      0.6125,
      0.305,
      0,
      0.3825,
      0.0775,
      0.46,
      0.1525,
      0.535,
      0.23,
      0.6125,
      0.305,
      0,
      0.3825,
      0.0775,
      0.46,
      0.1525,
      0.535,
      0.23,
      0.6125
    ],
    "SoftwareVersions": "syngo MR E11",
    "SpacingBetweenSlices": 2,
    "StationName": "AWP66014",
    "TaskName": "Chinese-RDR",
    "TotalReadoutTime": 0.0598493,
    "TxRefAmp": 268.496,
    "dataset": "ds004078",
    "modality": "bold",
    "run_id": 13,
    "subject_id": "12",
    "task_id": "RDR"
  },
  "dummy_trs": 3,
  "dvars_nstd": 45.5752355709293,
  "dvars_std": 1.0260007126868689,
  "dvars_vstd": 1.0039582639393934,
  "efc": 0.5743869265978145,
  "fber": 286.3764953613281,
  "fd_mean": 0.08200451804972461,
  "fd_num": 7,
  "fd_perc": 1.4112903225806452,
  "fwhm_avg": 3.2966650000000004,
  "fwhm_x": 2.80505,
  "fwhm_y": 3.52509,
  "fwhm_z": 3.559855,
  "gcor": 0.00335615,
  "gsr_x": 0.02419634349644184,
  "gsr_y": 0.05031739920377731,
  "provenance": {
    "md5sum": "4eee8bea009ac960c74022ef12523b8a",
    "settings": {
      "fd_thres": 0.2,
      "testing": false
    },
    "software": "mriqc",
    "version": "23.0.1",
    "webapi_port": null,
    "webapi_url": "https://mriqc.nimh.nih.gov/api/v1"
  },
  "size_t": 496,
  "size_x": 106,
  "size_y": 106,
  "size_z": 72,
  "snr": 2.1210478276593125,
  "spacing_tr": 0.7099999785423279,
  "spacing_x": 2.0,
  "spacing_y": 2.0,
  "spacing_z": 2.0,
  "summary_bg_k": 23.346437322594802,
  "summary_bg_mad": 18.069213124117365,
  "summary_bg_mean": 60.62947463989258,
  "summary_bg_median": 27.173385620117188,
  "summary_bg_n": 509057.0,
  "summary_bg_p05": 12.608870506286621,
  "summary_bg_p95": 232.5802398681637,
  "summary_bg_stdv": 92.96781921386719,
  "summary_fg_k": 1.6937595376993402,
  "summary_fg_mad": 193.30175235617259,
  "summary_fg_mean": 510.5164794921875,
  "summary_fg_median": 472.6531982421875,
  "summary_fg_n": 185980.0,
  "summary_fg_p05": 230.5400115966797,
  "summary_fg_p95": 936.9680145263671,
  "summary_fg_stdv": 222.83888244628906,
  "tsnr": 29.67086902912706
}