{
  "aor": 0.0006266403785488958,
  "aqi": 0.008298013059936908,
  "bids_meta": {
    "AcquisitionMatrixPE": 106,
    "AcquisitionNumber": 1,
    "AcquisitionTime": "10:52:19.140000",
    "BandwidthPerPixelPhaseEncode": 16.551,
    "BaseResolution": 106,
    "BodyPartExamined": "HEAD",
    "CoilCombinationMethod": "Sum of Squares",
    "ConsistencyInfo": "N4_VE11C_LATEST_20160120",
    "ConversionSoftware": "dcm2niix",
    "ConversionSoftwareVersion": "v1.0.20211006",
    "Dcm2bidsVersion": "2.1.6",
    "DerivedVendorReportedEchoSpacing": 0.000569994,
    "DeviceSerialNumber": "66014",
    "DwellTime": 2e-06,
    "EchoTime": 0.03,
    "EchoTrainLength": 93,
    "EffectiveEchoSpacing": 0.000569994,
    "FlipAngle": 54,
    "ImageOrientationPatientDICOM": [
      0.999133,
      -0.00439556,
      0.0413968,
      0.0104632,
      0.989003,
      -0.147522
    ],
    "ImageOrientationText": "Tra>Cor(-8.5)>Sag(2.3)",
    "ImageType": [
      "ORIGINAL",
      "PRIMARY",
      "M",
      "ND",
      "MOSAIC"
    ],
    "ImagingFrequency": 123.259,
    "InPlanePhaseEncodingDirectionDICOM": "COL",
    "InstitutionAddress": "Yiheyuan Road 5,Beijing F259C2,Haidian,CN,100871",
    "InstitutionName": "CMR of Peking Univeristy",
    "InstitutionalDepartmentName": "Department",
    "MRAcquisitionType": "2D",
    "MagneticFieldStrength": 3,
    "Manufacturer": "Siemens",
    "ManufacturersModelName": "Prisma",
    "Modality": "MR",
    "MultibandAccelerationFactor": 8,
    "PartialFourier": 0.875,
    "PatientPosition": "HFS",
    "PercentPhaseFOV": 100,
    "PercentSampling": 100,
    "PhaseEncodingDirection": "j",
    "PhaseEncodingSteps": 93,
    "PhaseResolution": 1,
    "PixelBandwidth": 2360,
    "ProcedureStepDescription": "Research^Projects_64CH",
    "ProtocolName": "fMRI_Rest2_PA",
    "PulseSequenceDetails": "%SiemensSeq%\\ep2d_bold",
    "ReceiveCoilActiveElements": "HC1-7;NC1,2",
    "ReceiveCoilName": "HeadNeck_64",
    "ReconMatrixPE": 106,
    "RefLinesPE": 32,
    "RepetitionTime": 0.71,
    "SAR": 0.088643,
    "ScanOptions": "PFP\\FS",
    "ScanningSequence": "EP",
    "SequenceName": "*epfid2d1_106",
    "SequenceVariant": "SK",
    "SeriesDescription": "fMRI_Rest2_PA",
    "SeriesNumber": 25,
    "ShimSetting": [
      -3435,
      -2115,
      -1889,
      337,
      59,
      -239,
      -37,
      39
    ],
    "SliceThickness": 2,
    "SliceTiming": [
      0.3075,
      0,
      0.385,
      0.0775,
      0.46,
      0.155,
      0.5375,
      0.23,
      0.615,
      0.3075,
      0,
      0.385,
      0.0775,
      0.46,
      0.155,
      0.5375,
      0.23,
      0.615,
      0.3075,
      0,
      0.385,
      0.0775,
      0.46,
      0.155,
      0.5375,
      0.23,
      0.615,
      0.3075,
      0,
      0.385,
      0.0775,
      0.46,
      0.155,
      0.5375,
      0.23,
      0.615,
      0.3075,
      0,
      0.385,
      0.0775,
      0.46,
      0.155,
      0.5375,
      0.23,
      0.615,
      0.3075,
      0,
      0.385,
      0.0775,
      0.46,
      0.155,
      0.5375,
      0.23,
      0.615,
      0.3075,
      0,
      0.385,
      0.0775,
      0.46,
      0.155,
      0.5375,
      0.23,
      0.615,
      0.3075,
      0,
      0.385,
      0.0775,
      0.46,
      0.155,
      0.5375,
      0.23,
      0.615
    ],
    "SoftwareVersions": "syngo MR E11",
    "SpacingBetweenSlices": 2,
    "StationName": "AWP66014",
    "TaskName": "rest",
    "TotalReadoutTime": 0.0598493,
    "TxRefAmp": 258.728,
    "dataset": "ds004078",
    "modality": "bold",
    "run_id": 4,
    "subject_id": "12",
    "task_id": "rest"
  },
  "dummy_trs": 0,
  "dvars_nstd": 48.90032379854659,
  "dvars_std": 1.0636099031753554,
  "dvars_vstd": 1.0056413967772515,
  "efc": 0.5792367883238738,
  "fber": 303.49920654296875,
  "fd_mean": 0.07463147183845667,
  "fd_num": 4,
  "fd_perc": 0.6309148264984227,
  "fwhm_avg": 3.050948333333334,
  "fwhm_x": 2.609805,
  "fwhm_y": 3.1817,
  "fwhm_z": 3.36134,
  "gcor": 0.00818712,
  "gsr_x": 0.02637772262096405,
  "gsr_y": 0.04470513388514519,
  "provenance": {
    "md5sum": "bd7ee5e04eef27eb9b41aabe2a43d729",
    "settings": {
      "fd_thres": 0.2,
      "testing": false
    },
    "software": "mriqc",
    "version": "23.0.1",
    "webapi_port": null,
    "webapi_url": "https://mriqc.nimh.nih.gov/api/v1"
  },
  "size_t": 634,
  "size_x": 106,
  "size_y": 106,
  "size_z": 72,
  "snr": 2.2031795050414957,
  "spacing_tr": 0.7099999785423279,
  "spacing_x": 2.0,
  "spacing_y": 2.0,
  "spacing_z": 2.0,
  "summary_bg_k": 29.95706868408803,
  "summary_bg_mad": 16.053728623433795,
  "summary_bg_mean": 54.57794189453125,
  "summary_bg_median": 25.602523803710938,
  "summary_bg_n": 491465.0,
  "summary_bg_p05": 12.309148788452148,
  "summary_bg_p95": 204.83375854492175,
  "summary_bg_stdv": 86.02765655517578,
  "summary_fg_k": 0.9486967320360971,
  "summary_fg_mad": 191.544487760731,
  "summary_fg_mean": 502.2251892089844,
  "summary_fg_median": 470.1845397949219,
  "summary_fg_n": 185038.0,
  "summary_fg_p05": 222.1582862854004,
  "summary_fg_p95": 902.6280364990234,
  "summary_fg_stdv": 213.41123962402344,
  "tsnr": 28.465982817462645
}