{
  "aor": 0.00038230038022813687,
  "aqi": 0.007097989676806082,
  "bids_meta": {
    "AcquisitionMatrixPE": 106,
    "AcquisitionNumber": 1,
    "AcquisitionTime": "14:34:3.312500",
    "BandwidthPerPixelPhaseEncode": 16.551,
    "BaseResolution": 106,
    "BodyPartExamined": "HEAD",
    "CoilCombinationMethod": "Sum of Squares",
    "ConsistencyInfo": "N4_VE11C_LATEST_20160120",
    "ConversionSoftware": "dcm2niix",
    "ConversionSoftwareVersion": "v1.0.20211006",
    "Dcm2bidsVersion": "2.1.6",
    "DerivedVendorReportedEchoSpacing": 0.000569994,
    "DeviceSerialNumber": "66014",
    "DwellTime": 2e-06,
    "EchoTime": 0.03,
    "EchoTrainLength": 93,
    "EffectiveEchoSpacing": 0.000569994,
    "FlipAngle": 54,
    "ImageOrientationPatientDICOM": [
      0.991394,
      0.115327,
      -0.0619504,
      -0.118217,
      0.991959,
      -0.045197
    ],
    "ImageOrientationText": "Tra>Sag(-3.2)>Cor(-3.0)",
    "ImageType": [
      "ORIGINAL",
      "PRIMARY",
      "M",
      "ND",
      "MOSAIC"
    ],
    "ImagingFrequency": 123.26,
    "InPlanePhaseEncodingDirectionDICOM": "COL",
    "InstitutionAddress": "Yiheyuan Road 5,Beijing F259C2,Haidian,CN,100871",
    "InstitutionName": "CMR of Peking Univeristy",
    "InstitutionalDepartmentName": "Department",
    "MRAcquisitionType": "2D",
    "MagneticFieldStrength": 3,
    "Manufacturer": "Siemens",
    "ManufacturersModelName": "Prisma",
    "Modality": "MR",
    "MultibandAccelerationFactor": 8,
    "PartialFourier": 0.875,
    "PatientPosition": "HFS",
    "PercentPhaseFOV": 100,
    "PercentSampling": 100,
    "PhaseEncodingDirection": "j-",
    "PhaseEncodingSteps": 93,
    "PhaseResolution": 1,
    "PixelBandwidth": 2360,
    "ProcedureStepDescription": "Research^Projects_64CH",
    "ProtocolName": "fMRI_run2_AP",
    "PulseSequenceDetails": "%SiemensSeq%\\ep2d_bold",
    "ReceiveCoilActiveElements": "HC1-7;NC1,2",
    "ReceiveCoilName": "HeadNeck_64",
    "ReconMatrixPE": 106,
    "RefLinesPE": 32,
    "RepetitionTime": 0.71,
    "SAR": 0.0956639,
    "ScanOptions": "PFP\\FS",
    "ScanningSequence": "EP",
    "SequenceName": "*epfid2d1_106",
    "SequenceVariant": "SK",
    "SeriesDescription": "fMRI_run2_AP",
    "SeriesNumber": 6,
    "ShimSetting": [
      -3482,
      -2101,
      -1901,
      273,
      6,
      -349,
      -23,
      69
    ],
    "SliceThickness": 2,
    "SliceTiming": [
      0.3075,
      0,
      0.385,
      0.0775,
      0.46,
      0.155,
      0.5375,
      0.23,
      0.615,
      0.3075,
      0,
      0.385,
      0.0775,
      0.46,
      0.155,
      0.5375,
      0.23,
      0.615,
      0.3075,
      0,
      0.385,
      0.0775,
      0.46,
      0.155,
      0.5375,
      0.23,
      0.615,
      0.3075,
      0,
      0.385,
      0.0775,
      0.46,
      0.155,
      0.5375,
      0.23,
      0.615,
      0.3075,
      0,
      0.385,
      0.0775,
      0.46,
      0.155,
      0.5375,
      0.23,
      0.615,
      0.3075,
      0,
      0.385,
      0.0775,
      0.46,
      0.155,
      0.5375,
      0.23,
      0.615,
      0.3075,
      0,
      0.385,
      0.0775,
      0.46,
      0.155,
      0.5375,
      0.23,
      0.615,
      0.3075,
      0,
      0.385,
      0.0775,
      0.46,
      0.155,
      0.5375,
      0.23,
      0.615
    ],
    "SoftwareVersions": "syngo MR E11",
    "SpacingBetweenSlices": 2,
    "StationName": "AWP66014",
    "TaskName": "Chinese-RDR",
    "TotalReadoutTime": 0.0598493,
    "TxRefAmp": 264.767,
    "dataset": "ds004078",
    "modality": "bold",
    "run_id": 22,
    "subject_id": "12",
    "task_id": "RDR"
  },
  "dummy_trs": 2,
  "dvars_nstd": 44.67396543980955,
  "dvars_std": 1.0239740461142852,
  "dvars_vstd": 1.0049383053714283,
  "efc": 0.5702415778225645,
  "fber": 296.8629455566406,
  "fd_mean": 0.08176903789764765,
  "fd_num": 2,
  "fd_perc": 0.38022813688212925,
  "fwhm_avg": 3.311545,
  "fwhm_x": 2.84591,
  "fwhm_y": 3.521695,
  "fwhm_z": 3.56703,
  "gcor": 0.00236772,
  "gsr_x": 0.02329675853252411,
  "gsr_y": 0.0512363463640213,
  "provenance": {
    "md5sum": "0b082b137b251672e21823595377b97f",
    "settings": {
      "fd_thres": 0.2,
      "testing": false
    },
    "software": "mriqc",
    "version": "23.0.1",
    "webapi_port": null,
    "webapi_url": "https://mriqc.nimh.nih.gov/api/v1"
  },
  "size_t": 526,
  "size_x": 106,
  "size_y": 106,
  "size_z": 72,
  "snr": 2.105697390189226,
  "spacing_tr": 0.7099999785423279,
  "spacing_x": 2.0,
  "spacing_y": 2.0,
  "spacing_z": 2.0,
  "summary_bg_k": 23.643887649958096,
  "summary_bg_mad": 18.01107981741012,
  "summary_bg_mean": 59.96455001831055,
  "summary_bg_median": 26.96007537841797,
  "summary_bg_n": 511023.0,
  "summary_bg_p05": 12.507604598999023,
  "summary_bg_p95": 231.72034454345697,
  "summary_bg_stdv": 92.99078369140625,
  "summary_fg_k": 1.8390053054840392,
  "summary_fg_mad": 195.1200530353777,
  "summary_fg_mean": 516.7252807617188,
  "summary_fg_median": 477.1026611328125,
  "summary_fg_n": 184459.0,
  "summary_fg_p05": 232.91236114501953,
  "summary_fg_p95": 950.8359252929688,
  "summary_fg_stdv": 226.576416015625,
  "tsnr": 29.182061839848757
}