{
  "aor": 0.0006228759894459102,
  "aqi": 0.007777320105540897,
  "bids_meta": {
    "AcquisitionMatrixPE": 106,
    "AcquisitionNumber": 1,
    "AcquisitionTime": "15:31:24.305000",
    "BandwidthPerPixelPhaseEncode": 16.551,
    "BaseResolution": 106,
    "BodyPartExamined": "HEAD",
    "CoilCombinationMethod": "Sum of Squares",
    "ConsistencyInfo": "N4_VE11C_LATEST_20160120",
    "ConversionSoftware": "dcm2niix",
    "ConversionSoftwareVersion": "v1.0.20211006",
    "Dcm2bidsVersion": "2.1.6",
    "DerivedVendorReportedEchoSpacing": 0.000569994,
    "DeviceSerialNumber": "66014",
    "DwellTime": 2e-06,
    "EchoTime": 0.03,
    "EchoTrainLength": 93,
    "EffectiveEchoSpacing": 0.000569994,
    "FlipAngle": 54,
    "ImageOrientationPatientDICOM": [
      0.999764,
      -0.0118003,
      0.0182276,
      0.012215,
      0.999665,
      -0.0228076
    ],
    "ImageOrientationText": "Tra>Cor(-1.3)>Sag(1.0)",
    "ImageType": [
      "ORIGINAL",
      "PRIMARY",
      "M",
      "ND",
      "MOSAIC"
    ],
    "ImagingFrequency": 123.259,
    "InPlanePhaseEncodingDirectionDICOM": "COL",
    "InstitutionAddress": "Yiheyuan Road 5,Beijing  0FCA35,Haidian,CN,100871",
    "InstitutionName": "CMR of Peking Univeristy",
    "InstitutionalDepartmentName": "Department",
    "MRAcquisitionType": "2D",
    "MagneticFieldStrength": 3,
    "Manufacturer": "Siemens",
    "ManufacturersModelName": "Prisma",
    "Modality": "MR",
    "MultibandAccelerationFactor": 8,
    "PartialFourier": 0.875,
    "PatientPosition": "HFS",
    "PercentPhaseFOV": 100,
    "PercentSampling": 100,
    "PhaseEncodingDirection": "j-",
    "PhaseEncodingSteps": 93,
    "PhaseResolution": 1,
    "PixelBandwidth": 2360,
    "ProcedureStepDescription": "Research^Projects_64CH",
    "ProtocolName": "fMRI_run10_AP",
    "PulseSequenceDetails": "%SiemensSeq%\\ep2d_bold",
    "ReceiveCoilActiveElements": "HC1-7;NC1,2",
    "ReceiveCoilName": "HeadNeck_64",
    "ReconMatrixPE": 106,
    "RefLinesPE": 32,
    "RepetitionTime": 0.71,
    "SAR": 0.093341,
    "ScanOptions": "PFP\\FS",
    "ScanningSequence": "EP",
    "SequenceName": "*epfid2d1_106",
    "SequenceVariant": "SK",
    "SeriesDescription": "fMRI_run10_AP",
    "SeriesNumber": 15,
    "ShimSetting": [
      -3452,
      -2120,
      -1895,
      267,
      -37,
      -334,
      19,
      57
    ],
    "SliceThickness": 2,
    "SliceTiming": [
      0.305,
      0,
      0.3825,
      0.075,
      0.46,
      0.1525,
      0.535,
      0.23,
      0.6125,
      0.305,
      0,
      0.3825,
      0.075,
      0.46,
      0.1525,
      0.535,
      0.23,
      0.6125,
      0.305,
      0,
      0.3825,
      0.075,
      0.46,
      0.1525,
      0.535,
      0.23,
      0.6125,
      0.305,
      0,
      0.3825,
      0.075,
      0.46,
      0.1525,
      0.535,
      0.23,
      0.6125,
      0.305,
      0,
      0.3825,
      0.075,
      0.46,
      0.1525,
      0.535,
      0.23,
      0.6125,
      0.305,
      0,
      0.3825,
      0.075,
      0.46,
      0.1525,
      0.535,
      0.23,
      0.6125,
      0.305,
      0,
      0.3825,
      0.075,
      0.46,
      0.1525,
      0.535,
      0.23,
      0.6125,
      0.305,
      0,
      0.3825,
      0.075,
      0.46,
      0.1525,
      0.535,
      0.23,
      0.6125
    ],
    "SoftwareVersions": "syngo MR E11",
    "SpacingBetweenSlices": 2,
    "StationName": "AWP66014",
    "TaskName": "Chinese-RDR",
    "TotalReadoutTime": 0.0598493,
    "TxRefAmp": 270.724,
    "dataset": "ds004078",
    "modality": "bold",
    "run_id": 10,
    "subject_id": "12",
    "task_id": "RDR"
  },
  "dummy_trs": 1,
  "dvars_nstd": 46.75721944582008,
  "dvars_std": 1.0368414194444446,
  "dvars_vstd": 1.010252024867725,
  "efc": 0.5756136985826807,
  "fber": 268.0841369628906,
  "fd_mean": 0.10016554897012467,
  "fd_num": 14,
  "fd_perc": 3.6939313984168867,
  "fwhm_avg": 3.25818,
  "fwhm_x": 2.76174,
  "fwhm_y": 3.49693,
  "fwhm_z": 3.51587,
  "gcor": 0.00712585,
  "gsr_x": 0.030245987698435783,
  "gsr_y": 0.05564330890774727,
  "provenance": {
    "md5sum": "ede5045620d2573bb69fbb503b63f524",
    "settings": {
      "fd_thres": 0.2,
      "testing": false
    },
    "software": "mriqc",
    "version": "23.0.1",
    "webapi_port": null,
    "webapi_url": "https://mriqc.nimh.nih.gov/api/v1"
  },
  "size_t": 379,
  "size_x": 106,
  "size_y": 106,
  "size_z": 72,
  "snr": 2.088037734182156,
  "spacing_tr": 0.7099999785423279,
  "spacing_x": 2.0,
  "spacing_y": 2.0,
  "spacing_z": 2.0,
  "summary_bg_k": 22.5705088763359,
  "summary_bg_mad": 19.11735459386552,
  "summary_bg_mean": 63.57659912109375,
  "summary_bg_median": 27.857521057128906,
  "summary_bg_n": 511499.0,
  "summary_bg_p05": 12.530343055725098,
  "summary_bg_p95": 250.97178344726544,
  "summary_bg_stdv": 101.43226623535156,
  "summary_fg_k": 1.7097380327828091,
  "summary_fg_mad": 190.40290034083614,
  "summary_fg_mean": 507.35247802734375,
  "summary_fg_median": 468.1240234375,
  "summary_fg_n": 185315.0,
  "summary_fg_p05": 229.40581359863282,
  "summary_fg_p95": 943.0947692871093,
  "summary_fg_stdv": 224.1926727294922,
  "tsnr": 28.578180894255638
}