{
  "aor": 0.0006660084033613446,
  "aqi": 0.006681513823529413,
  "bids_meta": {
    "AcquisitionMatrixPE": 106,
    "AcquisitionNumber": 1,
    "AcquisitionTime": "14:58:22.050000",
    "BandwidthPerPixelPhaseEncode": 16.551,
    "BaseResolution": 106,
    "BodyPartExamined": "HEAD",
    "CoilCombinationMethod": "Sum of Squares",
    "ConsistencyInfo": "N4_VE11C_LATEST_20160120",
    "ConversionSoftware": "dcm2niix",
    "ConversionSoftwareVersion": "v1.0.20211006",
    "Dcm2bidsVersion": "2.1.6",
    "DerivedVendorReportedEchoSpacing": 0.000569994,
    "DeviceSerialNumber": "66014",
    "DwellTime": 2e-06,
    "EchoTime": 0.03,
    "EchoTrainLength": 93,
    "EffectiveEchoSpacing": 0.000569994,
    "FlipAngle": 54,
    "ImageOrientationPatientDICOM": [
      0.999764,
      -0.0118003,
      0.0182276,
      0.012215,
      0.999665,
      -0.0228076
    ],
    "ImageOrientationText": "Tra>Cor(-1.3)>Sag(1.0)",
    "ImageType": [
      "ORIGINAL",
      "PRIMARY",
      "M",
      "ND",
      "MOSAIC"
    ],
    "ImagingFrequency": 123.259,
    "InPlanePhaseEncodingDirectionDICOM": "COL",
    "InstitutionAddress": "Yiheyuan Road 5,Beijing  0FCA35,Haidian,CN,100871",
    "InstitutionName": "CMR of Peking Univeristy",
    "InstitutionalDepartmentName": "Department",
    "MRAcquisitionType": "2D",
    "MagneticFieldStrength": 3,
    "Manufacturer": "Siemens",
    "ManufacturersModelName": "Prisma",
    "Modality": "MR",
    "MultibandAccelerationFactor": 8,
    "PartialFourier": 0.875,
    "PatientPosition": "HFS",
    "PercentPhaseFOV": 100,
    "PercentSampling": 100,
    "PhaseEncodingDirection": "j-",
    "PhaseEncodingSteps": 93,
    "PhaseResolution": 1,
    "PixelBandwidth": 2360,
    "ProcedureStepDescription": "Research^Projects_64CH",
    "ProtocolName": "fMRI_run5_AP",
    "PulseSequenceDetails": "%SiemensSeq%\\ep2d_bold",
    "ReceiveCoilActiveElements": "HC1-7;NC1,2",
    "ReceiveCoilName": "HeadNeck_64",
    "ReconMatrixPE": 106,
    "RefLinesPE": 32,
    "RepetitionTime": 0.71,
    "SAR": 0.0936985,
    "ScanOptions": "PFP\\FS",
    "ScanningSequence": "EP",
    "SequenceName": "*epfid2d1_106",
    "SequenceVariant": "SK",
    "SeriesDescription": "fMRI_run5_AP",
    "SeriesNumber": 9,
    "ShimSetting": [
      -3452,
      -2120,
      -1895,
      267,
      -37,
      -334,
      19,
      57
    ],
    "SliceThickness": 2,
    "SliceTiming": [
      0.3075,
      0,
      0.385,
      0.0775,
      0.46,
      0.155,
      0.5375,
      0.23,
      0.615,
      0.3075,
      0,
      0.385,
      0.0775,
      0.46,
      0.155,
      0.5375,
      0.23,
      0.615,
      0.3075,
      0,
      0.385,
      0.0775,
      0.46,
      0.155,
      0.5375,
      0.23,
      0.615,
      0.3075,
      0,
      0.385,
      0.0775,
      0.46,
      0.155,
      0.5375,
      0.23,
      0.615,
      0.3075,
      0,
      0.385,
      0.0775,
      0.46,
      0.155,
      0.5375,
      0.23,
      0.615,
      0.3075,
      0,
      0.385,
      0.0775,
      0.46,
      0.155,
      0.5375,
      0.23,
      0.615,
      0.3075,
      0,
      0.385,
      0.0775,
      0.46,
      0.155,
      0.5375,
      0.23,
      0.615,
      0.3075,
      0,
      0.385,
      0.0775,
      0.46,
      0.155,
      0.5375,
      0.23,
      0.615
    ],
    "SoftwareVersions": "syngo MR E11",
    "SpacingBetweenSlices": 2,
    "StationName": "AWP66014",
    "TaskName": "Chinese-RDR",
    "TotalReadoutTime": 0.0598493,
    "TxRefAmp": 270.724,
    "dataset": "ds004078",
    "modality": "bold",
    "run_id": 5,
    "subject_id": "12",
    "task_id": "RDR"
  },
  "dummy_trs": 0,
  "dvars_nstd": 46.02303092536843,
  "dvars_std": 1.0415874336631576,
  "dvars_vstd": 1.0071780628631573,
  "efc": 0.5709868355180648,
  "fber": 271.75244140625,
  "fd_mean": 0.08936922386776387,
  "fd_num": 5,
  "fd_perc": 1.050420168067227,
  "fwhm_avg": 3.369756666666667,
  "fwhm_x": 2.92966,
  "fwhm_y": 3.57796,
  "fwhm_z": 3.60165,
  "gcor": 0.0043115,
  "gsr_x": 0.03378304839134216,
  "gsr_y": 0.050469283014535904,
  "provenance": {
    "md5sum": "43f3c439a16abb6742b63ccc78914119",
    "settings": {
      "fd_thres": 0.2,
      "testing": false
    },
    "software": "mriqc",
    "version": "23.0.1",
    "webapi_port": null,
    "webapi_url": "https://mriqc.nimh.nih.gov/api/v1"
  },
  "size_t": 476,
  "size_x": 106,
  "size_y": 106,
  "size_z": 72,
  "snr": 2.038528825331967,
  "spacing_tr": 0.7099999785423279,
  "spacing_x": 2.0,
  "spacing_y": 2.0,
  "spacing_z": 2.0,
  "summary_bg_k": 24.40123276124237,
  "summary_bg_mad": 19.27383166841214,
  "summary_bg_mean": 64.91336059570312,
  "summary_bg_median": 28.508405685424805,
  "summary_bg_n": 511962.0,
  "summary_bg_p05": 13.004201889038086,
  "summary_bg_p95": 254.1316345214837,
  "summary_bg_stdv": 104.42609405517578,
  "summary_fg_k": 2.045536194879592,
  "summary_fg_mad": 201.09197459053655,
  "summary_fg_mean": 525.47509765625,
  "summary_fg_median": 483.05780029296875,
  "summary_fg_n": 184588.0,
  "summary_fg_p05": 234.63940353393554,
  "summary_fg_p95": 982.5992919921874,
  "summary_fg_stdv": 236.96328735351562,
  "tsnr": 29.997218263335526
}