{
  "aor": 0.0005611790393013101,
  "aqi": 0.0066921222052401756,
  "bids_meta": {
    "AcquisitionMatrixPE": 106,
    "AcquisitionNumber": 1,
    "AcquisitionTime": "15:18:53.720000",
    "BandwidthPerPixelPhaseEncode": 16.551,
    "BaseResolution": 106,
    "BodyPartExamined": "HEAD",
    "CoilCombinationMethod": "Sum of Squares",
    "ConsistencyInfo": "N4_VE11C_LATEST_20160120",
    "ConversionSoftware": "dcm2niix",
    "ConversionSoftwareVersion": "v1.0.20211006",
    "Dcm2bidsVersion": "2.1.6",
    "DerivedVendorReportedEchoSpacing": 0.000569994,
    "DeviceSerialNumber": "66014",
    "DwellTime": 2e-06,
    "EchoTime": 0.03,
    "EchoTrainLength": 93,
    "EffectiveEchoSpacing": 0.000569994,
    "FlipAngle": 54,
    "ImageOrientationPatientDICOM": [
      0.999346,
      0.0348191,
      -0.00970644,
      -0.034898,
      0.999358,
      -0.00807996
    ],
    "ImageOrientationText": "Tra>Sag(-0.5)>Cor(-0.5)",
    "ImageType": [
      "ORIGINAL",
      "PRIMARY",
      "M",
      "ND",
      "MOSAIC"
    ],
    "ImagingFrequency": 123.26,
    "InPlanePhaseEncodingDirectionDICOM": "COL",
    "InstitutionAddress": "Yiheyuan Road 5,Beijing F259C2,Haidian,CN,100871",
    "InstitutionName": "CMR of Peking Univeristy",
    "InstitutionalDepartmentName": "Department",
    "MRAcquisitionType": "2D",
    "MagneticFieldStrength": 3,
    "Manufacturer": "Siemens",
    "ManufacturersModelName": "Prisma",
    "Modality": "MR",
    "MultibandAccelerationFactor": 8,
    "PartialFourier": 0.875,
    "PatientPosition": "HFS",
    "PercentPhaseFOV": 100,
    "PercentSampling": 100,
    "PhaseEncodingDirection": "j-",
    "PhaseEncodingSteps": 93,
    "PhaseResolution": 1,
    "PixelBandwidth": 2360,
    "ProcedureStepDescription": "Research^Projects_64CH",
    "ProtocolName": "fMRI_run6_AP",
    "PulseSequenceDetails": "%SiemensSeq%\\ep2d_bold",
    "ReceiveCoilActiveElements": "HC1-7;NC1,2",
    "ReceiveCoilName": "HeadNeck_64",
    "ReconMatrixPE": 106,
    "RefLinesPE": 32,
    "RepetitionTime": 0.71,
    "SAR": 0.111657,
    "ScanOptions": "PFP\\FS",
    "ScanningSequence": "EP",
    "SequenceName": "*epfid2d1_106",
    "SequenceVariant": "SK",
    "SeriesDescription": "fMRI_run6_AP",
    "SeriesNumber": 10,
    "ShimSetting": [
      -3475,
      -2124,
      -1886,
      241,
      0,
      -262,
      25,
      60
    ],
    "SliceThickness": 2,
    "SliceTiming": [
      0.3075,
      0,
      0.3825,
      0.0775,
      0.46,
      0.1525,
      0.5375,
      0.23,
      0.6125,
      0.3075,
      0,
      0.3825,
      0.0775,
      0.46,
      0.1525,
      0.5375,
      0.23,
      0.6125,
      0.3075,
      0,
      0.3825,
      0.0775,
      0.46,
      0.1525,
      0.5375,
      0.23,
      0.6125,
      0.3075,
      0,
      0.3825,
      0.0775,
      0.46,
      0.1525,
      0.5375,
      0.23,
      0.6125,
      0.3075,
      0,
      0.3825,
      0.0775,
      0.46,
      0.1525,
      0.5375,
      0.23,
      0.6125,
      0.3075,
      0,
      0.3825,
      0.0775,
      0.46,
      0.1525,
      0.5375,
      0.23,
      0.6125,
      0.3075,
      0,
      0.3825,
      0.0775,
      0.46,
      0.1525,
      0.5375,
      0.23,
      0.6125,
      0.3075,
      0,
      0.3825,
      0.0775,
      0.46,
      0.1525,
      0.5375,
      0.23,
      0.6125
    ],
    "SoftwareVersions": "syngo MR E11",
    "SpacingBetweenSlices": 2,
    "StationName": "AWP66014",
    "TaskName": "Chinese-RDR",
    "TotalReadoutTime": 0.0598493,
    "TxRefAmp": 279.49,
    "dataset": "ds004078",
    "modality": "bold",
    "run_id": 36,
    "subject_id": "12",
    "task_id": "RDR"
  },
  "dummy_trs": 1,
  "dvars_nstd": 48.64067859770239,
  "dvars_std": 1.0619974752954047,
  "dvars_vstd": 1.0122965482056892,
  "efc": 0.5724046009878394,
  "fber": 289.9313659667969,
  "fd_mean": 0.09469550757101042,
  "fd_num": 8,
  "fd_perc": 1.7467248908296944,
  "fwhm_avg": 3.20111,
  "fwhm_x": 2.71285,
  "fwhm_y": 3.437005,
  "fwhm_z": 3.453475,
  "gcor": 0.00424335,
  "gsr_x": 0.028389835730195045,
  "gsr_y": 0.045468542724847794,
  "provenance": {
    "md5sum": "c9923794b972f07a2e15d4426778ff9e",
    "settings": {
      "fd_thres": 0.2,
      "testing": false
    },
    "software": "mriqc",
    "version": "23.0.1",
    "webapi_port": null,
    "webapi_url": "https://mriqc.nimh.nih.gov/api/v1"
  },
  "size_t": 458,
  "size_x": 106,
  "size_y": 106,
  "size_z": 72,
  "snr": 2.1302698638980666,
  "spacing_tr": 0.7099999785423279,
  "spacing_x": 2.0,
  "spacing_y": 2.0,
  "spacing_z": 2.0,
  "summary_bg_k": 24.47303368757448,
  "summary_bg_mad": 17.431905098694422,
  "summary_bg_mean": 58.112274169921875,
  "summary_bg_median": 26.534934997558594,
  "summary_bg_n": 509572.0,
  "summary_bg_p05": 12.386463165283203,
  "summary_bg_p95": 222.29891510009745,
  "summary_bg_stdv": 90.52777862548828,
  "summary_fg_k": 1.636323922272667,
  "summary_fg_mad": 186.2786211256094,
  "summary_fg_mean": 501.3281555175781,
  "summary_fg_median": 465.0523986816406,
  "summary_fg_n": 185840.0,
  "summary_fg_p05": 224.78733520507814,
  "summary_fg_p95": 923.521072387695,
  "summary_fg_stdv": 218.30621337890625,
  "tsnr": 29.859896167181432
}