{
  "bids_meta": {
    "AcquisitionMatrixPE": 300,
    "AcquisitionNumber": 1,
    "AcquisitionTime": "21:38:12.240000",
    "BaseResolution": 320,
    "BodyPartExamined": "HEAD",
    "CoilCombinationMethod": "Adaptive Combine",
    "ConsistencyInfo": "N4_VE11C_LATEST_20160120",
    "ConversionSoftware": "dcm2niix",
    "ConversionSoftwareVersion": "v1.0.20211006",
    "Dcm2bidsVersion": "2.1.6",
    "DeviceSerialNumber": "66014",
    "DwellTime": 7.1e-06,
    "EchoTime": 0.00222,
    "FlipAngle": 8,
    "ImageOrientationPatientDICOM": [
      -0.0119907,
      0.999709,
      -0.0209413,
      0.0106902,
      -0.0208135,
      -0.999726
    ],
    "ImageOrientationText": "Sag>Cor(-0.7)>Tra(-0.6)",
    "ImageType": [
      "ORIGINAL",
      "PRIMARY",
      "M",
      "ND",
      "NORM"
    ],
    "ImagingFrequency": 123.259,
    "InPlanePhaseEncodingDirectionDICOM": "ROW",
    "InstitutionAddress": "Yiheyuan Road 5,Beijing  0FCA35,Haidian,CN,100871",
    "InstitutionName": "CMR of Peking Univeristy",
    "InstitutionalDepartmentName": "Department",
    "InversionTime": 1,
    "MRAcquisitionType": "3D",
    "MagneticFieldStrength": 3,
    "Manufacturer": "Siemens",
    "ManufacturersModelName": "Prisma",
    "MatrixCoilMode": "GRAPPA",
    "Modality": "MR",
    "ParallelReductionFactorInPlane": 2,
    "PartialFourier": 1,
    "PatientPosition": "HFS",
    "PercentPhaseFOV": 93.75,
    "PercentSampling": 100,
    "PhaseEncodingSteps": 299,
    "PhaseResolution": 1,
    "PixelBandwidth": 220,
    "ProcedureStepDescription": "Research^Projects_64CH",
    "ProtocolName": "T1w_MPR",
    "PulseSequenceDetails": "%SiemensSeq%\\tfl",
    "ReceiveCoilActiveElements": "HC1-7;NC1,2",
    "ReceiveCoilName": "HeadNeck_64",
    "ReconMatrixPE": 300,
    "RefLinesPE": 32,
    "RepetitionTime": 2.4,
    "SAR": 0.0570746,
    "ScanOptions": "IR\\WE",
    "ScanningSequence": "GR\\IR",
    "SequenceName": "*tfl3d1_16ns",
    "SequenceVariant": "SK\\SP\\MP",
    "SeriesDescription": "T1w_MPR",
    "SeriesNumber": 24,
    "ShimSetting": [
      -3449,
      -2115,
      -2034,
      39,
      -26,
      -373,
      -65,
      3
    ],
    "SliceThickness": 0.8,
    "SoftwareVersions": "syngo MR E11",
    "SpoilingState": true,
    "StationName": "AWP66014",
    "TxRefAmp": 248.666,
    "dataset": "ds004078",
    "modality": "T1w",
    "run_id": 2,
    "subject_id": "11"
  },
  "cjv": 0.3613907468020523,
  "cnr": 3.7084428213342404,
  "efc": 0.5681698156619025,
  "fber": 26163.062499999996,
  "fwhm_avg": 4.454904100283422,
  "fwhm_x": 4.524087432585844,
  "fwhm_y": 4.303712435869687,
  "fwhm_z": 4.536912432394736,
  "icvs_csf": 0.17132085707462683,
  "icvs_gm": 0.4492901869677075,
  "icvs_wm": 0.3793889559576657,
  "inu_med": 0.47270745038986206,
  "inu_range": 0.18072379678487782,
  "provenance": {
    "md5sum": "bd42ba5bbe70b85c846aff5b0c517e46",
    "settings": {
      "testing": false
    },
    "software": "mriqc",
    "version": "23.0.1",
    "warnings": {
      "large_rot_frame": true,
      "small_air_mask": false
    },
    "webapi_port": null,
    "webapi_url": "https://mriqc.nimh.nih.gov/api/v1"
  },
  "qi_1": 0.0,
  "qi_2": 0.0008174663084015706,
  "rpve_csf": 30.247858604208936,
  "rpve_gm": 12.951161558484001,
  "rpve_wm": 17.161951228916283,
  "size_x": 224,
  "size_y": 300,
  "size_z": 320,
  "snr_csf": 2.0903115161645376,
  "snr_gm": 13.304390025842677,
  "snr_total": 12.477012501502996,
  "snr_wm": 22.036335962501774,
  "snrd_csf": 26.365536004786325,
  "snrd_gm": 69.53674826735934,
  "snrd_total": 63.55169211701058,
  "snrd_wm": 94.75279207888607,
  "spacing_x": 0.800000011920929,
  "spacing_y": 0.800000011920929,
  "spacing_z": 0.800000011920929,
  "summary_bg_k": 8.620601302209362,
  "summary_bg_mad": 0.0,
  "summary_bg_mean": 4.520078934317176,
  "summary_bg_median": 0.0,
  "summary_bg_n": 4416240.0,
  "summary_bg_p05": 0.0,
  "summary_bg_p95": 18.40962122194469,
  "summary_bg_stdv": 6.914347941796958,
  "summary_csf_k": 7.13878046330511,
  "summary_csf_mad": 114.94958732680188,
  "summary_csf_mean": 285.66327603027577,
  "summary_csf_median": 278.26341141946614,
  "summary_csf_n": 70507.0,
  "summary_csf_p05": 79.65141153149307,
  "summary_csf_p95": 500.3629093470051,
  "summary_csf_stdv": 133.1196024885341,
  "summary_gm_k": 0.28616687505751104,
  "summary_gm_mad": 53.331581684249045,
  "summary_gm_mean": 734.3636437785451,
  "summary_gm_median": 733.89491449669,
  "summary_gm_n": 138307.0,
  "summary_gm_p05": 644.9459820315242,
  "summary_gm_p95": 826.075463924557,
  "summary_gm_stdv": 55.16166167175595,
  "summary_wm_k": 0.4714661501180064,
  "summary_wm_mad": 42.84591724412055,
  "summary_wm_mean": 1001.1613466516733,
  "summary_wm_median": 1000.0265179742128,
  "summary_wm_n": 472146.0,
  "summary_wm_p05": 928.5865921676159,
  "summary_wm_p95": 1077.6912797335535,
  "summary_wm_stdv": 45.380750259607744,
  "tpm_overlap_csf": 0.14218117449234316,
  "tpm_overlap_gm": 0.4465918370580535,
  "tpm_overlap_wm": 0.5112672377272006,
  "wm2max": 0.8156461997148166
}