{
  "bids_meta": {
    "AcquisitionMatrixPE": 300,
    "AcquisitionNumber": 1,
    "AcquisitionTime": "21:44:55.695000",
    "BaseResolution": 320,
    "BodyPartExamined": "HEAD",
    "CoilCombinationMethod": "Adaptive Combine",
    "ConsistencyInfo": "N4_VE11C_LATEST_20160120",
    "ConversionSoftware": "dcm2niix",
    "ConversionSoftwareVersion": "v1.0.20211006",
    "Dcm2bidsVersion": "2.1.6",
    "DeviceSerialNumber": "66014",
    "DwellTime": 2.1e-06,
    "EchoTime": 0.563,
    "EchoTrainLength": 314,
    "FlipAngle": 120,
    "ImageOrientationPatientDICOM": [
      -0.0119907,
      0.999709,
      -0.0209413,
      0.0106902,
      -0.0208135,
      -0.999726
    ],
    "ImageOrientationText": "Sag>Cor(-0.7)>Tra(-0.6)",
    "ImageType": [
      "ORIGINAL",
      "PRIMARY",
      "M",
      "ND"
    ],
    "ImagingFrequency": 123.259,
    "InPlanePhaseEncodingDirectionDICOM": "ROW",
    "InstitutionAddress": "Yiheyuan Road 5,Beijing  0FCA35,Haidian,CN,100871",
    "InstitutionName": "CMR of Peking Univeristy",
    "InstitutionalDepartmentName": "Department",
    "MRAcquisitionType": "3D",
    "MagneticFieldStrength": 3,
    "Manufacturer": "Siemens",
    "ManufacturersModelName": "Prisma",
    "MatrixCoilMode": "GRAPPA",
    "Modality": "MR",
    "ParallelReductionFactorInPlane": 2,
    "PartialFourier": 1,
    "PatientPosition": "HFS",
    "PercentPhaseFOV": 93.75,
    "PercentSampling": 100,
    "PhaseEncodingDirection": "i",
    "PhaseEncodingSteps": 297,
    "PhaseResolution": 1,
    "PixelBandwidth": 745,
    "ProcedureStepDescription": "Research^Projects_64CH",
    "ProtocolName": "T2w_SPC",
    "PulseSequenceDetails": "%SiemensSeq%\\tse_vfl",
    "ReceiveCoilActiveElements": "HC1-7;NC1,2",
    "ReceiveCoilName": "HeadNeck_64",
    "ReconMatrixPE": 300,
    "RefLinesPE": 32,
    "RepetitionTime": 3.2,
    "SAR": 0.196405,
    "ScanOptions": "PFP",
    "ScanningSequence": "SE",
    "SequenceName": "*spcR_314ns",
    "SequenceVariant": "SK\\SP",
    "SeriesDescription": "T2w_SPC",
    "SeriesNumber": 25,
    "ShimSetting": [
      -3449,
      -2115,
      -2034,
      39,
      -26,
      -373,
      -65,
      3
    ],
    "SliceThickness": 0.8,
    "SoftwareVersions": "syngo MR E11",
    "SpoilingState": true,
    "StationName": "AWP66014",
    "TxRefAmp": 248.666,
    "dataset": "ds004078",
    "modality": "T2w",
    "run_id": 1,
    "subject_id": "11"
  },
  "cjv": 1.7811115404972075,
  "cnr": 0.8905654523802382,
  "efc": 0.54962667148253,
  "fber": 4520.496395243594,
  "fwhm_avg": 3.328845783729666,
  "fwhm_x": 3.2659874513329945,
  "fwhm_y": 3.5435249471973638,
  "fwhm_z": 3.177024952658639,
  "icvs_csf": 0.43389868881669913,
  "icvs_gm": 0.43245961108167386,
  "icvs_wm": 0.13364170010162701,
  "inu_med": 1.0477911233901978,
  "inu_range": 0.9665510207414628,
  "provenance": {
    "md5sum": "2c35c52084ecf35e87355e5c2dc27a5a",
    "settings": {
      "testing": false
    },
    "software": "mriqc",
    "version": "23.0.1",
    "warnings": {
      "large_rot_frame": true,
      "small_air_mask": false
    },
    "webapi_port": null,
    "webapi_url": "https://mriqc.nimh.nih.gov/api/v1"
  },
  "qi_1": 0.0,
  "qi_2": 0.0005497667163079143,
  "rpve_csf": 13.435468294950402,
  "rpve_gm": 14.084736140005399,
  "rpve_wm": 44.71585192721026,
  "size_x": 224,
  "size_y": 300,
  "size_z": 320,
  "snr_csf": 9.957669877192302,
  "snr_gm": 8.529267334096453,
  "snr_total": 6.644495174182691,
  "snr_wm": 1.446548311259318,
  "snrd_csf": 56.945657263284836,
  "snrd_gm": 32.95046823725492,
  "snrd_total": 58.64325012760651,
  "snrd_wm": 86.03362488227977,
  "spacing_x": 0.800000011920929,
  "spacing_y": 0.800000011920929,
  "spacing_z": 0.800000011920929,
  "summary_bg_k": 10.151273360037433,
  "summary_bg_mad": 7.643696420258092,
  "summary_bg_mean": 7.07480596182113,
  "summary_bg_median": 5.155594889074564,
  "summary_bg_n": 4480469.0,
  "summary_bg_p05": 0.0,
  "summary_bg_p95": 26.631058491766453,
  "summary_bg_stdv": 10.070308478944842,
  "summary_csf_k": 1.2040294640598965,
  "summary_csf_mad": 60.1047495492237,
  "summary_csf_mean": 666.6944571525147,
  "summary_csf_median": 664.404109697789,
  "summary_csf_n": 152945.0,
  "summary_csf_p05": 561.8485710769892,
  "summary_csf_p95": 778.1239221431315,
  "summary_csf_stdv": 66.72263148429639,
  "summary_gm_k": 1.009224552285655,
  "summary_gm_mad": 41.68289127018441,
  "summary_gm_mean": 385.1915047420776,
  "summary_gm_median": 384.4441800378263,
  "summary_gm_n": 438178.0,
  "summary_gm_p05": 313.08184502646327,
  "summary_gm_p95": 459.4043042883277,
  "summary_gm_stdv": 45.07347774360284,
  "summary_wm_k": -1.5996184495894905,
  "summary_wm_mad": 1061.4289806030336,
  "summary_wm_mean": 871.5377956049639,
  "summary_wm_median": 1003.7831977196038,
  "summary_wm_n": 51799.0,
  "summary_wm_p05": 31.97210643440485,
  "summary_wm_p95": 1891.6063101068137,
  "summary_wm_stdv": 693.9094260771226,
  "tpm_overlap_csf": 0.11056053848313273,
  "tpm_overlap_gm": 0.26679193814340063,
  "tpm_overlap_wm": 0.023348947472120848,
  "wm2max": 0.5863249344628118
}