{
  "bids_meta": {
    "AcquisitionMatrixPE": 300,
    "AcquisitionNumber": 1,
    "AcquisitionTime": "21:38:12.240000",
    "BaseResolution": 320,
    "BodyPartExamined": "HEAD",
    "CoilCombinationMethod": "Adaptive Combine",
    "ConsistencyInfo": "N4_VE11C_LATEST_20160120",
    "ConversionSoftware": "dcm2niix",
    "ConversionSoftwareVersion": "v1.0.20211006",
    "Dcm2bidsVersion": "2.1.6",
    "DeviceSerialNumber": "66014",
    "DwellTime": 7.1e-06,
    "EchoTime": 0.00222,
    "FlipAngle": 8,
    "ImageOrientationPatientDICOM": [
      -0.0119907,
      0.999709,
      -0.0209413,
      0.0106902,
      -0.0208135,
      -0.999726
    ],
    "ImageOrientationText": "Sag>Cor(-0.7)>Tra(-0.6)",
    "ImageType": [
      "ORIGINAL",
      "PRIMARY",
      "M",
      "ND"
    ],
    "ImagingFrequency": 123.259,
    "InPlanePhaseEncodingDirectionDICOM": "ROW",
    "InstitutionAddress": "Yiheyuan Road 5,Beijing  0FCA35,Haidian,CN,100871",
    "InstitutionName": "CMR of Peking Univeristy",
    "InstitutionalDepartmentName": "Department",
    "InversionTime": 1,
    "MRAcquisitionType": "3D",
    "MagneticFieldStrength": 3,
    "Manufacturer": "Siemens",
    "ManufacturersModelName": "Prisma",
    "MatrixCoilMode": "GRAPPA",
    "Modality": "MR",
    "ParallelReductionFactorInPlane": 2,
    "PartialFourier": 1,
    "PatientPosition": "HFS",
    "PercentPhaseFOV": 93.75,
    "PercentSampling": 100,
    "PhaseEncodingSteps": 299,
    "PhaseResolution": 1,
    "PixelBandwidth": 220,
    "ProcedureStepDescription": "Research^Projects_64CH",
    "ProtocolName": "T1w_MPR",
    "PulseSequenceDetails": "%SiemensSeq%\\tfl",
    "ReceiveCoilActiveElements": "HC1-7;NC1,2",
    "ReceiveCoilName": "HeadNeck_64",
    "ReconMatrixPE": 300,
    "RefLinesPE": 32,
    "RepetitionTime": 2.4,
    "SAR": 0.0570746,
    "ScanOptions": "IR\\WE",
    "ScanningSequence": "GR\\IR",
    "SequenceName": "*tfl3d1_16ns",
    "SequenceVariant": "SK\\SP\\MP",
    "SeriesDescription": "T1w_MPR",
    "SeriesNumber": 23,
    "ShimSetting": [
      -3449,
      -2115,
      -2034,
      39,
      -26,
      -373,
      -65,
      3
    ],
    "SliceThickness": 0.8,
    "SoftwareVersions": "syngo MR E11",
    "SpoilingState": true,
    "StationName": "AWP66014",
    "TxRefAmp": 248.666,
    "dataset": "ds004078",
    "modality": "T1w",
    "run_id": 1,
    "subject_id": "11"
  },
  "cjv": 0.5397912136256559,
  "cnr": 2.511495337065234,
  "efc": 0.5766496590975093,
  "fber": 11951.368349156479,
  "fwhm_avg": 4.967283259315045,
  "fwhm_x": 5.063574924546854,
  "fwhm_y": 4.638562430880034,
  "fwhm_z": 5.199712422518247,
  "icvs_csf": 0.14875538652478945,
  "icvs_gm": 0.41418118366177137,
  "icvs_wm": 0.43706342981343915,
  "inu_med": 0.9836329519748688,
  "inu_range": 0.9948968082666398,
  "provenance": {
    "md5sum": "621e801143d236f40408d974c52c38ac",
    "settings": {
      "testing": false
    },
    "software": "mriqc",
    "version": "23.0.1",
    "warnings": {
      "large_rot_frame": true,
      "small_air_mask": false
    },
    "webapi_port": null,
    "webapi_url": "https://mriqc.nimh.nih.gov/api/v1"
  },
  "qi_1": 0.0,
  "qi_2": 0.0006306726285265864,
  "rpve_csf": 34.30845025924435,
  "rpve_gm": 13.429698478085289,
  "rpve_wm": 14.464801362011544,
  "size_x": 224,
  "size_y": 300,
  "size_z": 320,
  "snr_csf": 2.079654230623758,
  "snr_gm": 12.482530004006067,
  "snr_total": 9.157984389070453,
  "snr_wm": 12.911768932581534,
  "snrd_csf": 29.388407370073523,
  "snrd_gm": 78.74479342393202,
  "snrd_total": 70.97021801594134,
  "snrd_wm": 104.77745325381846,
  "spacing_x": 0.800000011920929,
  "spacing_y": 0.800000011920929,
  "spacing_z": 0.800000011920929,
  "summary_bg_k": 5.28474421123777,
  "summary_bg_mad": 6.253028837479323,
  "summary_bg_mean": 8.922932375654025,
  "summary_bg_median": 4.217603858560324,
  "summary_bg_n": 4363037.0,
  "summary_bg_p05": 0.0,
  "summary_bg_p95": 35.330072902143,
  "summary_bg_stdv": 12.787659639233569,
  "summary_csf_k": 31.216045124861637,
  "summary_csf_mad": 91.30328338783215,
  "summary_csf_mean": 295.2565568295228,
  "summary_csf_median": 280.5012189410627,
  "summary_csf_n": 51778.0,
  "summary_csf_p05": 113.37713792826983,
  "summary_csf_p95": 508.50549478176947,
  "summary_csf_stdv": 134.87747439280832,
  "summary_gm_k": 0.12596900375450337,
  "summary_gm_mad": 59.539709365563986,
  "summary_gm_mean": 751.8000692112239,
  "summary_gm_median": 751.5892325341702,
  "summary_gm_n": 80908.0,
  "summary_gm_p05": 653.4229746088386,
  "summary_gm_p95": 850.7732166079801,
  "summary_gm_stdv": 60.21091778376845,
  "summary_wm_k": 0.27613276059558256,
  "summary_wm_mad": 74.58322801805048,
  "summary_wm_mean": 1011.7378520708585,
  "summary_wm_median": 1000.0611120276153,
  "summary_wm_n": 512750.0,
  "summary_wm_p05": 905.1955875568092,
  "summary_wm_p95": 1157.8239462152123,
  "summary_wm_stdv": 77.45337932046759,
  "tpm_overlap_csf": 0.14861217168747587,
  "tpm_overlap_gm": 0.4322027680473228,
  "tpm_overlap_wm": 0.4809229517434518,
  "wm2max": 0.41588713777325875
}