{
  "aor": 0.00021169884169884172,
  "aqi": 0.007216544749034749,
  "bids_meta": {
    "AcquisitionMatrixPE": 106,
    "AcquisitionNumber": 1,
    "AcquisitionTime": "13:32:33.692500",
    "BandwidthPerPixelPhaseEncode": 16.551,
    "BaseResolution": 106,
    "BodyPartExamined": "HEAD",
    "CoilCombinationMethod": "Sum of Squares",
    "ConsistencyInfo": "N4_VE11C_LATEST_20160120",
    "ConversionSoftware": "dcm2niix",
    "ConversionSoftwareVersion": "v1.0.20211006",
    "Dcm2bidsVersion": "2.1.6",
    "DerivedVendorReportedEchoSpacing": 0.000569994,
    "DeviceSerialNumber": "66014",
    "DwellTime": 2e-06,
    "EchoTime": 0.03,
    "EchoTrainLength": 93,
    "EffectiveEchoSpacing": 0.000569994,
    "FlipAngle": 54,
    "ImageOrientationPatientDICOM": [
      0.99993,
      -0.00558393,
      0.010424,
      0.00523568,
      0.999437,
      0.0331419
    ],
    "ImageOrientationText": "Tra>Cor(1.9)>Sag(0.6)",
    "ImageType": [
      "ORIGINAL",
      "PRIMARY",
      "M",
      "ND",
      "MOSAIC"
    ],
    "ImagingFrequency": 123.26,
    "InPlanePhaseEncodingDirectionDICOM": "COL",
    "InstitutionAddress": "Yiheyuan Road 5,Beijing F259C2,Haidian,CN,100871",
    "InstitutionName": "CMR of Peking Univeristy",
    "InstitutionalDepartmentName": "Department",
    "MRAcquisitionType": "2D",
    "MagneticFieldStrength": 3,
    "Manufacturer": "Siemens",
    "ManufacturersModelName": "Prisma",
    "Modality": "MR",
    "MultibandAccelerationFactor": 8,
    "PartialFourier": 0.875,
    "PatientPosition": "HFS",
    "PercentPhaseFOV": 100,
    "PercentSampling": 100,
    "PhaseEncodingDirection": "j-",
    "PhaseEncodingSteps": 93,
    "PhaseResolution": 1,
    "PixelBandwidth": 2360,
    "ProcedureStepDescription": "Research^Projects_64CH",
    "ProtocolName": "fMRI_run2_AP",
    "PulseSequenceDetails": "%SiemensSeq%\\ep2d_bold",
    "ReceiveCoilActiveElements": "HC1-7;NC1,2",
    "ReceiveCoilName": "HeadNeck_64",
    "ReconMatrixPE": 106,
    "RefLinesPE": 32,
    "RepetitionTime": 0.71,
    "SAR": 0.100813,
    "ScanOptions": "PFP\\FS",
    "ScanningSequence": "EP",
    "SequenceName": "*epfid2d1_106",
    "SequenceVariant": "SK",
    "SeriesDescription": "fMRI_run2_AP",
    "SeriesNumber": 6,
    "ShimSetting": [
      -3463,
      -2125,
      -1914,
      379,
      58,
      -188,
      -57,
      57
    ],
    "SliceThickness": 2,
    "SliceTiming": [
      0.3075,
      0,
      0.3825,
      0.0775,
      0.46,
      0.1525,
      0.5375,
      0.23,
      0.6125,
      0.3075,
      0,
      0.3825,
      0.0775,
      0.46,
      0.1525,
      0.5375,
      0.23,
      0.6125,
      0.3075,
      0,
      0.3825,
      0.0775,
      0.46,
      0.1525,
      0.5375,
      0.23,
      0.6125,
      0.3075,
      0,
      0.3825,
      0.0775,
      0.46,
      0.1525,
      0.5375,
      0.23,
      0.6125,
      0.3075,
      0,
      0.3825,
      0.0775,
      0.46,
      0.1525,
      0.5375,
      0.23,
      0.6125,
      0.3075,
      0,
      0.3825,
      0.0775,
      0.46,
      0.1525,
      0.5375,
      0.23,
      0.6125,
      0.3075,
      0,
      0.3825,
      0.0775,
      0.46,
      0.1525,
      0.5375,
      0.23,
      0.6125,
      0.3075,
      0,
      0.3825,
      0.0775,
      0.46,
      0.1525,
      0.5375,
      0.23,
      0.6125
    ],
    "SoftwareVersions": "syngo MR E11",
    "SpacingBetweenSlices": 2,
    "StationName": "AWP66014",
    "TaskName": "Chinese-RDR",
    "TotalReadoutTime": 0.0598493,
    "TxRefAmp": 257.443,
    "dataset": "ds004078",
    "modality": "bold",
    "run_id": 32,
    "subject_id": "10",
    "task_id": "RDR"
  },
  "dummy_trs": 2,
  "dvars_nstd": 45.27542674307544,
  "dvars_std": 1.0224124872147002,
  "dvars_vstd": 0.9875421993810442,
  "efc": 0.5476644398994625,
  "fber": 367.7348937988281,
  "fd_mean": 0.0658777861841303,
  "fd_num": 1,
  "fd_perc": 0.19305019305019305,
  "fwhm_avg": 3.360561666666667,
  "fwhm_x": 2.965245,
  "fwhm_y": 3.572595,
  "fwhm_z": 3.543845,
  "gcor": 0.00615085,
  "gsr_x": 0.03419606015086174,
  "gsr_y": 0.053064752370119095,
  "provenance": {
    "md5sum": "71f3e278636f2668ba5b02fd4ca680b5",
    "settings": {
      "fd_thres": 0.2,
      "testing": false
    },
    "software": "mriqc",
    "version": "23.0.1",
    "webapi_port": null,
    "webapi_url": "https://mriqc.nimh.nih.gov/api/v1"
  },
  "size_t": 518,
  "size_x": 106,
  "size_y": 106,
  "size_z": 72,
  "snr": 2.2149143939029012,
  "spacing_tr": 0.7099999785423279,
  "spacing_x": 2.0,
  "spacing_y": 2.0,
  "spacing_z": 2.0,
  "summary_bg_k": 28.65739746327911,
  "summary_bg_mad": 16.49180193691548,
  "summary_bg_mean": 51.189483642578125,
  "summary_bg_median": 24.72972869873047,
  "summary_bg_n": 530265.0,
  "summary_bg_p05": 11.598455429077148,
  "summary_bg_p95": 183.33165893554684,
  "summary_bg_stdv": 78.08557891845703,
  "summary_fg_k": 1.2945603675278008,
  "summary_fg_mad": 187.42468784297836,
  "summary_fg_mean": 522.5505981445312,
  "summary_fg_median": 486.58203125,
  "summary_fg_n": 168862.0,
  "summary_fg_p05": 238.2957504272461,
  "summary_fg_p95": 945.7465881347655,
  "summary_fg_stdv": 219.68370056152344,
  "tsnr": 29.156902534887195
}