{
  "aor": 0.00033006349206349207,
  "aqi": 0.005595950698412698,
  "bids_meta": {
    "AcquisitionMatrixPE": 106,
    "AcquisitionNumber": 1,
    "AcquisitionTime": "20:20:36.432500",
    "BandwidthPerPixelPhaseEncode": 16.551,
    "BaseResolution": 106,
    "BodyPartExamined": "HEAD",
    "CoilCombinationMethod": "Sum of Squares",
    "ConsistencyInfo": "N4_VE11C_LATEST_20160120",
    "ConversionSoftware": "dcm2niix",
    "ConversionSoftwareVersion": "v1.0.20211006",
    "Dcm2bidsVersion": "2.1.6",
    "DerivedVendorReportedEchoSpacing": 0.000569994,
    "DeviceSerialNumber": "66014",
    "DwellTime": 2e-06,
    "EchoTime": 0.03,
    "EchoTrainLength": 93,
    "EffectiveEchoSpacing": 0.000569994,
    "FlipAngle": 54,
    "ImageOrientationPatientDICOM": [
      0.999739,
      -0.0126117,
      0.0190345,
      0.0122147,
      0.999708,
      0.020829
    ],
    "ImageOrientationText": "Tra>Cor(1.2)>Sag(1.1)",
    "ImageType": [
      "ORIGINAL",
      "PRIMARY",
      "M",
      "ND",
      "MOSAIC"
    ],
    "ImagingFrequency": 123.259,
    "InPlanePhaseEncodingDirectionDICOM": "COL",
    "InstitutionAddress": "Yiheyuan Road 5,Beijing  0FCA35,Haidian,CN,100871",
    "InstitutionName": "CMR of Peking Univeristy",
    "InstitutionalDepartmentName": "Department",
    "MRAcquisitionType": "2D",
    "MagneticFieldStrength": 3,
    "Manufacturer": "Siemens",
    "ManufacturersModelName": "Prisma",
    "Modality": "MR",
    "MultibandAccelerationFactor": 8,
    "PartialFourier": 0.875,
    "PatientPosition": "HFS",
    "PercentPhaseFOV": 100,
    "PercentSampling": 100,
    "PhaseEncodingDirection": "j",
    "PhaseEncodingSteps": 93,
    "PhaseResolution": 1,
    "PixelBandwidth": 2360,
    "ProcedureStepDescription": "Research^Projects_64CH",
    "ProtocolName": "fMRI_Rest2_PA",
    "PulseSequenceDetails": "%SiemensSeq%\\ep2d_bold",
    "ReceiveCoilActiveElements": "HC1-7;NC1,2",
    "ReceiveCoilName": "HeadNeck_64",
    "ReconMatrixPE": 106,
    "RefLinesPE": 32,
    "RepetitionTime": 0.71,
    "SAR": 0.0986327,
    "ScanOptions": "PFP\\FS",
    "ScanningSequence": "EP",
    "SequenceName": "*epfid2d1_106",
    "SequenceVariant": "SK",
    "SeriesDescription": "fMRI_Rest2_PA",
    "SeriesNumber": 22,
    "ShimSetting": [
      -3457,
      -2122,
      -1898,
      378,
      92,
      -193,
      -54,
      52
    ],
    "SliceThickness": 2,
    "SliceTiming": [
      0.305,
      0,
      0.3825,
      0.075,
      0.46,
      0.1525,
      0.535,
      0.23,
      0.6125,
      0.305,
      0,
      0.3825,
      0.075,
      0.46,
      0.1525,
      0.535,
      0.23,
      0.6125,
      0.305,
      0,
      0.3825,
      0.075,
      0.46,
      0.1525,
      0.535,
      0.23,
      0.6125,
      0.305,
      0,
      0.3825,
      0.075,
      0.46,
      0.1525,
      0.535,
      0.23,
      0.6125,
      0.305,
      0,
      0.3825,
      0.075,
      0.46,
      0.1525,
      0.535,
      0.23,
      0.6125,
      0.305,
      0,
      0.3825,
      0.075,
      0.46,
      0.1525,
      0.535,
      0.23,
      0.6125,
      0.305,
      0,
      0.3825,
      0.075,
      0.46,
      0.1525,
      0.535,
      0.23,
      0.6125,
      0.305,
      0,
      0.3825,
      0.075,
      0.46,
      0.1525,
      0.535,
      0.23,
      0.6125
    ],
    "SoftwareVersions": "syngo MR E11",
    "SpacingBetweenSlices": 2,
    "StationName": "AWP66014",
    "TaskName": "rest",
    "TotalReadoutTime": 0.0598493,
    "TxRefAmp": 252.511,
    "dataset": "ds004078",
    "modality": "bold",
    "run_id": 4,
    "subject_id": "10",
    "task_id": "rest"
  },
  "dummy_trs": 4,
  "dvars_nstd": 44.87673224877588,
  "dvars_std": 1.032128276073132,
  "dvars_vstd": 1.0073404749443564,
  "efc": 0.5531941522333153,
  "fber": 350.9537658691406,
  "fd_mean": 0.08846017499177723,
  "fd_num": 8,
  "fd_perc": 1.2698412698412698,
  "fwhm_avg": 3.201698333333333,
  "fwhm_x": 2.85965,
  "fwhm_y": 3.419335,
  "fwhm_z": 3.32611,
  "gcor": 0.00432165,
  "gsr_x": 0.04867137223482132,
  "gsr_y": 0.06335804611444473,
  "provenance": {
    "md5sum": "8aebef9a15dcbe1c56a74bfd10dbabb4",
    "settings": {
      "fd_thres": 0.2,
      "testing": false
    },
    "software": "mriqc",
    "version": "23.0.1",
    "webapi_port": null,
    "webapi_url": "https://mriqc.nimh.nih.gov/api/v1"
  },
  "size_t": 630,
  "size_x": 106,
  "size_y": 106,
  "size_z": 72,
  "snr": 2.2625681603504,
  "spacing_tr": 0.7099999785423279,
  "spacing_x": 2.0,
  "spacing_y": 2.0,
  "spacing_z": 2.0,
  "summary_bg_k": 20.884218688678587,
  "summary_bg_mad": 17.051101893969243,
  "summary_bg_mean": 57.35676574707031,
  "summary_bg_median": 25.288095474243164,
  "summary_bg_n": 540492.0,
  "summary_bg_p05": 11.59523868560791,
  "summary_bg_p95": 239.41714782714814,
  "summary_bg_stdv": 90.3280029296875,
  "summary_fg_k": 0.9113273557295454,
  "summary_fg_mad": 191.17094149864658,
  "summary_fg_mean": 509.90985107421875,
  "summary_fg_median": 477.528564453125,
  "summary_fg_n": 163103.0,
  "summary_fg_p05": 233.36365356445313,
  "summary_fg_p95": 910.0253906249998,
  "summary_fg_stdv": 211.0553436279297,
  "tsnr": 30.992528955452144
}