{
  "aor": 0.00029006993006993004,
  "aqi": 0.006441900909090909,
  "bids_meta": {
    "AcquisitionMatrixPE": 106,
    "AcquisitionNumber": 1,
    "AcquisitionTime": "14:11:35.295000",
    "BandwidthPerPixelPhaseEncode": 16.551,
    "BaseResolution": 106,
    "BodyPartExamined": "HEAD",
    "CoilCombinationMethod": "Sum of Squares",
    "ConsistencyInfo": "N4_VE11C_LATEST_20160120",
    "ConversionSoftware": "dcm2niix",
    "ConversionSoftwareVersion": "v1.0.20211006",
    "Dcm2bidsVersion": "2.1.6",
    "DerivedVendorReportedEchoSpacing": 0.000569994,
    "DeviceSerialNumber": "66014",
    "DwellTime": 2e-06,
    "EchoTime": 0.03,
    "EchoTrainLength": 93,
    "EffectiveEchoSpacing": 0.000569994,
    "FlipAngle": 54,
    "ImageOrientationPatientDICOM": [
      0.99993,
      -0.00558393,
      0.010424,
      0.00523568,
      0.999437,
      0.0331419
    ],
    "ImageOrientationText": "Tra>Cor(1.9)>Sag(0.6)",
    "ImageType": [
      "ORIGINAL",
      "PRIMARY",
      "M",
      "ND",
      "MOSAIC"
    ],
    "ImagingFrequency": 123.26,
    "InPlanePhaseEncodingDirectionDICOM": "COL",
    "InstitutionAddress": "Yiheyuan Road 5,Beijing F259C2,Haidian,CN,100871",
    "InstitutionName": "CMR of Peking Univeristy",
    "InstitutionalDepartmentName": "Department",
    "MRAcquisitionType": "2D",
    "MagneticFieldStrength": 3,
    "Manufacturer": "Siemens",
    "ManufacturersModelName": "Prisma",
    "Modality": "MR",
    "MultibandAccelerationFactor": 8,
    "PartialFourier": 0.875,
    "PatientPosition": "HFS",
    "PercentPhaseFOV": 100,
    "PercentSampling": 100,
    "PhaseEncodingDirection": "j-",
    "PhaseEncodingSteps": 93,
    "PhaseResolution": 1,
    "PixelBandwidth": 2360,
    "ProcedureStepDescription": "Research^Projects_64CH",
    "ProtocolName": "fMRI_run8_AP",
    "PulseSequenceDetails": "%SiemensSeq%\\ep2d_bold",
    "ReceiveCoilActiveElements": "HC1-7;NC1,2",
    "ReceiveCoilName": "HeadNeck_64",
    "ReconMatrixPE": 106,
    "RefLinesPE": 32,
    "RepetitionTime": 0.71,
    "SAR": 0.100523,
    "ScanOptions": "PFP\\FS",
    "ScanningSequence": "EP",
    "SequenceName": "*epfid2d1_106",
    "SequenceVariant": "SK",
    "SeriesDescription": "fMRI_run8_AP",
    "SeriesNumber": 12,
    "ShimSetting": [
      -3463,
      -2125,
      -1914,
      379,
      58,
      -188,
      -57,
      57
    ],
    "SliceThickness": 2,
    "SliceTiming": [
      0.3075,
      0,
      0.385,
      0.0775,
      0.46,
      0.155,
      0.5375,
      0.23,
      0.615,
      0.3075,
      0,
      0.385,
      0.0775,
      0.46,
      0.155,
      0.5375,
      0.23,
      0.615,
      0.3075,
      0,
      0.385,
      0.0775,
      0.46,
      0.155,
      0.5375,
      0.23,
      0.615,
      0.3075,
      0,
      0.385,
      0.0775,
      0.46,
      0.155,
      0.5375,
      0.23,
      0.615,
      0.3075,
      0,
      0.385,
      0.0775,
      0.46,
      0.155,
      0.5375,
      0.23,
      0.615,
      0.3075,
      0,
      0.385,
      0.0775,
      0.46,
      0.155,
      0.5375,
      0.23,
      0.615,
      0.3075,
      0,
      0.385,
      0.0775,
      0.46,
      0.155,
      0.5375,
      0.23,
      0.615,
      0.3075,
      0,
      0.385,
      0.0775,
      0.46,
      0.155,
      0.5375,
      0.23,
      0.615
    ],
    "SoftwareVersions": "syngo MR E11",
    "SpacingBetweenSlices": 2,
    "StationName": "AWP66014",
    "TaskName": "Chinese-RDR",
    "TotalReadoutTime": 0.0598493,
    "TxRefAmp": 257.443,
    "dataset": "ds004078",
    "modality": "bold",
    "run_id": 38,
    "subject_id": "10",
    "task_id": "RDR"
  },
  "dummy_trs": 2,
  "dvars_nstd": 46.11297439011681,
  "dvars_std": 1.0439045718691589,
  "dvars_vstd": 1.001463051308411,
  "efc": 0.5507336245903989,
  "fber": 353.98223876953125,
  "fd_mean": 0.06277580661930034,
  "fd_num": 0,
  "fd_perc": 0.0,
  "fwhm_avg": 3.307956666666666,
  "fwhm_x": 2.90747,
  "fwhm_y": 3.53215,
  "fwhm_z": 3.48425,
  "gcor": 0.0030768,
  "gsr_x": 0.033229634165763855,
  "gsr_y": 0.053312547504901886,
  "provenance": {
    "md5sum": "3599dc99411aa49fd69d536d82ac655e",
    "settings": {
      "fd_thres": 0.2,
      "testing": false
    },
    "software": "mriqc",
    "version": "23.0.1",
    "webapi_port": null,
    "webapi_url": "https://mriqc.nimh.nih.gov/api/v1"
  },
  "size_t": 429,
  "size_x": 106,
  "size_y": 106,
  "size_z": 72,
  "snr": 2.210942853041059,
  "spacing_tr": 0.7099999785423279,
  "spacing_x": 2.0,
  "spacing_y": 2.0,
  "spacing_z": 2.0,
  "summary_bg_k": 27.65268920317614,
  "summary_bg_mad": 16.381199485647873,
  "summary_bg_mean": 51.81084060668945,
  "summary_bg_median": 24.79953384399414,
  "summary_bg_n": 529005.0,
  "summary_bg_p05": 11.624709129333496,
  "summary_bg_p95": 188.1766906738281,
  "summary_bg_stdv": 79.66002655029297,
  "summary_fg_k": 1.222629210503916,
  "summary_fg_mad": 185.05572766974484,
  "summary_fg_mean": 515.4501342773438,
  "summary_fg_median": 480.51983642578125,
  "summary_fg_n": 169300.0,
  "summary_fg_p05": 231.81585693359375,
  "summary_fg_p95": 935.8980560302728,
  "summary_fg_stdv": 217.33642578125,
  "tsnr": 30.90047158487141
}