{
  "aor": 0.0005168105515587529,
  "aqi": 0.006747878345323741,
  "bids_meta": {
    "AcquisitionMatrixPE": 106,
    "AcquisitionNumber": 1,
    "AcquisitionTime": "14:06:14.580000",
    "BandwidthPerPixelPhaseEncode": 16.551,
    "BaseResolution": 106,
    "BodyPartExamined": "HEAD",
    "CoilCombinationMethod": "Sum of Squares",
    "ConsistencyInfo": "N4_VE11C_LATEST_20160120",
    "ConversionSoftware": "dcm2niix",
    "ConversionSoftwareVersion": "v1.0.20211006",
    "Dcm2bidsVersion": "2.1.6",
    "DerivedVendorReportedEchoSpacing": 0.000569994,
    "DeviceSerialNumber": "66014",
    "DwellTime": 2e-06,
    "EchoTime": 0.03,
    "EchoTrainLength": 93,
    "EffectiveEchoSpacing": 0.000569994,
    "FlipAngle": 54,
    "ImageOrientationPatientDICOM": [
      0.999672,
      -0.0215639,
      -0.013804,
      0.0209402,
      0.998819,
      -0.0438415
    ],
    "ImageOrientationText": "Tra>Cor(-2.5)>Sag(-0.8)",
    "ImageType": [
      "ORIGINAL",
      "PRIMARY",
      "M",
      "ND",
      "MOSAIC"
    ],
    "ImagingFrequency": 123.26,
    "InPlanePhaseEncodingDirectionDICOM": "COL",
    "InstitutionAddress": "Yiheyuan Road 5,Beijing F259C2,Haidian,CN,100871",
    "InstitutionName": "CMR of Peking Univeristy",
    "InstitutionalDepartmentName": "Department",
    "MRAcquisitionType": "2D",
    "MagneticFieldStrength": 3,
    "Manufacturer": "Siemens",
    "ManufacturersModelName": "Prisma",
    "Modality": "MR",
    "MultibandAccelerationFactor": 8,
    "PartialFourier": 0.875,
    "PatientPosition": "HFS",
    "PercentPhaseFOV": 100,
    "PercentSampling": 100,
    "PhaseEncodingDirection": "j-",
    "PhaseEncodingSteps": 93,
    "PhaseResolution": 1,
    "PixelBandwidth": 2360,
    "ProcedureStepDescription": "Research^Projects_64CH",
    "ProtocolName": "fMRI_run9_AP",
    "PulseSequenceDetails": "%SiemensSeq%\\ep2d_bold",
    "ReceiveCoilActiveElements": "HC1-7;NC1,2",
    "ReceiveCoilName": "HeadNeck_64",
    "ReconMatrixPE": 106,
    "RefLinesPE": 32,
    "RepetitionTime": 0.71,
    "SAR": 0.0924266,
    "ScanOptions": "PFP\\FS",
    "ScanningSequence": "EP",
    "SequenceName": "*epfid2d1_106",
    "SequenceVariant": "SK",
    "SeriesDescription": "fMRI_run9_AP",
    "SeriesNumber": 13,
    "ShimSetting": [
      -3464,
      -2116,
      -1901,
      406,
      60,
      -272,
      -65,
      62
    ],
    "SliceThickness": 2,
    "SliceTiming": [
      0.3075,
      0,
      0.3825,
      0.0775,
      0.46,
      0.1525,
      0.5375,
      0.23,
      0.6125,
      0.3075,
      0,
      0.3825,
      0.0775,
      0.46,
      0.1525,
      0.5375,
      0.23,
      0.6125,
      0.3075,
      0,
      0.3825,
      0.0775,
      0.46,
      0.1525,
      0.5375,
      0.23,
      0.6125,
      0.3075,
      0,
      0.3825,
      0.0775,
      0.46,
      0.1525,
      0.5375,
      0.23,
      0.6125,
      0.3075,
      0,
      0.3825,
      0.0775,
      0.46,
      0.1525,
      0.5375,
      0.23,
      0.6125,
      0.3075,
      0,
      0.3825,
      0.0775,
      0.46,
      0.1525,
      0.5375,
      0.23,
      0.6125,
      0.3075,
      0,
      0.3825,
      0.0775,
      0.46,
      0.1525,
      0.5375,
      0.23,
      0.6125,
      0.3075,
      0,
      0.3825,
      0.0775,
      0.46,
      0.1525,
      0.5375,
      0.23,
      0.6125
    ],
    "SoftwareVersions": "syngo MR E11",
    "SpacingBetweenSlices": 2,
    "StationName": "AWP66014",
    "TaskName": "Chinese-RDR",
    "TotalReadoutTime": 0.0598493,
    "TxRefAmp": 248.826,
    "dataset": "ds004078",
    "modality": "bold",
    "run_id": 29,
    "subject_id": "10",
    "task_id": "RDR"
  },
  "dummy_trs": 0,
  "dvars_nstd": 47.63040872699521,
  "dvars_std": 1.0580006010096157,
  "dvars_vstd": 1.0089171100961545,
  "efc": 0.5524016849070906,
  "fber": 327.8186340332031,
  "fd_mean": 0.08162936945537501,
  "fd_num": 5,
  "fd_perc": 1.1990407673860912,
  "fwhm_avg": 3.382935,
  "fwhm_x": 2.968095,
  "fwhm_y": 3.598095,
  "fwhm_z": 3.582615,
  "gcor": 0.00990388,
  "gsr_x": 0.03464240953326225,
  "gsr_y": 0.04997575655579567,
  "provenance": {
    "md5sum": "5369df0946b7998faf308c6f7d0494ef",
    "settings": {
      "fd_thres": 0.2,
      "testing": false
    },
    "software": "mriqc",
    "version": "23.0.1",
    "webapi_port": null,
    "webapi_url": "https://mriqc.nimh.nih.gov/api/v1"
  },
  "size_t": 417,
  "size_x": 106,
  "size_y": 106,
  "size_z": 72,
  "snr": 2.1508888529850085,
  "spacing_tr": 0.7099999785423279,
  "spacing_x": 2.0,
  "spacing_y": 2.0,
  "spacing_z": 2.0,
  "summary_bg_k": 28.921274796145816,
  "summary_bg_mad": 17.129922259181505,
  "summary_bg_mean": 54.06155776977539,
  "summary_bg_median": 25.779376983642578,
  "summary_bg_n": 526195.0,
  "summary_bg_p05": 11.966426849365234,
  "summary_bg_p95": 196.58657073974604,
  "summary_bg_stdv": 83.80379486083984,
  "summary_fg_k": 1.39451894056121,
  "summary_fg_mad": 189.72331399678234,
  "summary_fg_mean": 518.83984375,
  "summary_fg_median": 481.2662048339844,
  "summary_fg_n": 170577.0,
  "summary_fg_p05": 232.25708312988283,
  "summary_fg_p95": 954.8398315429687,
  "summary_fg_stdv": 223.7515869140625,
  "tsnr": 30.569860824616626
}