{
  "aor": 0.00018201267828843104,
  "aqi": 0.006499946386687798,
  "bids_meta": {
    "AcquisitionMatrixPE": 106,
    "AcquisitionNumber": 1,
    "AcquisitionTime": "19:49:42.910000",
    "BandwidthPerPixelPhaseEncode": 16.551,
    "BaseResolution": 106,
    "BodyPartExamined": "HEAD",
    "CoilCombinationMethod": "Sum of Squares",
    "ConsistencyInfo": "N4_VE11C_LATEST_20160120",
    "ConversionSoftware": "dcm2niix",
    "ConversionSoftwareVersion": "v1.0.20211006",
    "Dcm2bidsVersion": "2.1.6",
    "DerivedVendorReportedEchoSpacing": 0.000569994,
    "DeviceSerialNumber": "66014",
    "DwellTime": 2e-06,
    "EchoTime": 0.03,
    "EchoTrainLength": 93,
    "EffectiveEchoSpacing": 0.000569994,
    "FlipAngle": 54,
    "ImageOrientationPatientDICOM": [
      0.999739,
      -0.0126117,
      0.0190345,
      0.0122147,
      0.999708,
      0.020829
    ],
    "ImageOrientationText": "Tra>Cor(1.2)>Sag(1.1)",
    "ImageType": [
      "ORIGINAL",
      "PRIMARY",
      "M",
      "ND",
      "MOSAIC"
    ],
    "ImagingFrequency": 123.259,
    "InPlanePhaseEncodingDirectionDICOM": "COL",
    "InstitutionAddress": "Yiheyuan Road 5,Beijing  0FCA35,Haidian,CN,100871",
    "InstitutionName": "CMR of Peking Univeristy",
    "InstitutionalDepartmentName": "Department",
    "MRAcquisitionType": "2D",
    "MagneticFieldStrength": 3,
    "Manufacturer": "Siemens",
    "ManufacturersModelName": "Prisma",
    "Modality": "MR",
    "MultibandAccelerationFactor": 8,
    "PartialFourier": 0.875,
    "PatientPosition": "HFS",
    "PercentPhaseFOV": 100,
    "PercentSampling": 100,
    "PhaseEncodingDirection": "j",
    "PhaseEncodingSteps": 93,
    "PhaseResolution": 1,
    "PixelBandwidth": 2360,
    "ProcedureStepDescription": "Research^Projects_64CH",
    "ProtocolName": "fMRI_Rest1_PA",
    "PulseSequenceDetails": "%SiemensSeq%\\ep2d_bold",
    "ReceiveCoilActiveElements": "HC1-7;NC1,2",
    "ReceiveCoilName": "HeadNeck_64",
    "ReconMatrixPE": 106,
    "RefLinesPE": 32,
    "RepetitionTime": 0.71,
    "SAR": 0.0986327,
    "ScanOptions": "PFP\\FS",
    "ScanningSequence": "EP",
    "SequenceName": "*epfid2d1_106",
    "SequenceVariant": "SK",
    "SeriesDescription": "fMRI_Rest1_PA",
    "SeriesNumber": 6,
    "ShimSetting": [
      -3457,
      -2122,
      -1898,
      378,
      92,
      -193,
      -54,
      52
    ],
    "SliceThickness": 2,
    "SliceTiming": [
      0.305,
      0,
      0.3825,
      0.075,
      0.4575,
      0.1525,
      0.535,
      0.2275,
      0.6125,
      0.305,
      0,
      0.3825,
      0.075,
      0.4575,
      0.1525,
      0.535,
      0.2275,
      0.6125,
      0.305,
      0,
      0.3825,
      0.075,
      0.4575,
      0.1525,
      0.535,
      0.2275,
      0.6125,
      0.305,
      0,
      0.3825,
      0.075,
      0.4575,
      0.1525,
      0.535,
      0.2275,
      0.6125,
      0.305,
      0,
      0.3825,
      0.075,
      0.4575,
      0.1525,
      0.535,
      0.2275,
      0.6125,
      0.305,
      0,
      0.3825,
      0.075,
      0.4575,
      0.1525,
      0.535,
      0.2275,
      0.6125,
      0.305,
      0,
      0.3825,
      0.075,
      0.4575,
      0.1525,
      0.535,
      0.2275,
      0.6125,
      0.305,
      0,
      0.3825,
      0.075,
      0.4575,
      0.1525,
      0.535,
      0.2275,
      0.6125
    ],
    "SoftwareVersions": "syngo MR E11",
    "SpacingBetweenSlices": 2,
    "StationName": "AWP66014",
    "TaskName": "rest",
    "TotalReadoutTime": 0.0598493,
    "TxRefAmp": 252.511,
    "dataset": "ds004078",
    "modality": "bold",
    "run_id": 2,
    "subject_id": "10",
    "task_id": "rest"
  },
  "dummy_trs": 3,
  "dvars_nstd": 43.847760591,
  "dvars_std": 1.0254466496666652,
  "dvars_vstd": 0.9993192896825385,
  "efc": 0.5498336486038433,
  "fber": 369.44390869140625,
  "fd_mean": 0.06844370808032925,
  "fd_num": 3,
  "fd_perc": 0.4754358161648177,
  "fwhm_avg": 3.2401233333333335,
  "fwhm_x": 3.048085,
  "fwhm_y": 3.396485,
  "fwhm_z": 3.2758,
  "gcor": 0.00774365,
  "gsr_x": 0.050836995244026184,
  "gsr_y": 0.05560905113816261,
  "provenance": {
    "md5sum": "5f416875340b827e9ceb76eba5bd02ad",
    "settings": {
      "fd_thres": 0.2,
      "testing": false
    },
    "software": "mriqc",
    "version": "23.0.1",
    "webapi_port": null,
    "webapi_url": "https://mriqc.nimh.nih.gov/api/v1"
  },
  "size_t": 631,
  "size_x": 106,
  "size_y": 106,
  "size_z": 72,
  "snr": 2.3559829391673315,
  "spacing_tr": 0.7099999785423279,
  "spacing_x": 2.0,
  "spacing_y": 2.0,
  "spacing_z": 2.0,
  "summary_bg_k": 18.684059104093162,
  "summary_bg_mad": 17.6079585978553,
  "summary_bg_mean": 60.00239944458008,
  "summary_bg_median": 25.391443252563477,
  "summary_bg_n": 553879.0,
  "summary_bg_p05": 11.470682144165039,
  "summary_bg_p95": 260.9881256103514,
  "summary_bg_stdv": 95.35196685791016,
  "summary_fg_k": 0.9197077077289948,
  "summary_fg_mad": 189.68146197492817,
  "summary_fg_mean": 518.0559692382812,
  "summary_fg_median": 483.77972412109375,
  "summary_fg_n": 156166.0,
  "summary_fg_p05": 248.0178337097168,
  "summary_fg_p95": 911.5372924804688,
  "summary_fg_stdv": 205.34027099609375,
  "tsnr": 31.12015828746371
}