{
  "aor": 0.000337356608478803,
  "aqi": 0.005758750498753117,
  "bids_meta": {
    "AcquisitionMatrixPE": 106,
    "AcquisitionNumber": 1,
    "AcquisitionTime": "14:20:30.215000",
    "BandwidthPerPixelPhaseEncode": 16.551,
    "BaseResolution": 106,
    "BodyPartExamined": "HEAD",
    "CoilCombinationMethod": "Sum of Squares",
    "ConsistencyInfo": "N4_VE11C_LATEST_20160120",
    "ConversionSoftware": "dcm2niix",
    "ConversionSoftwareVersion": "v1.0.20211006",
    "Dcm2bidsVersion": "2.1.6",
    "DerivedVendorReportedEchoSpacing": 0.000569994,
    "DeviceSerialNumber": "66014",
    "DwellTime": 2e-06,
    "EchoTime": 0.03,
    "EchoTrainLength": 93,
    "EffectiveEchoSpacing": 0.000569994,
    "FlipAngle": 54,
    "ImageOrientationPatientDICOM": [
      0.999957,
      -0.00361023,
      -0.0085701,
      0.00349059,
      0.999897,
      -0.0139351
    ],
    "ImageOrientationText": "Tra>Cor(-0.8)>Sag(-0.5)",
    "ImageType": [
      "ORIGINAL",
      "PRIMARY",
      "M",
      "ND",
      "MOSAIC"
    ],
    "ImagingFrequency": 123.26,
    "InPlanePhaseEncodingDirectionDICOM": "COL",
    "InstitutionAddress": "Yiheyuan Road 5,Beijing F259C2,Haidian,CN,100871",
    "InstitutionName": "CMR of Peking Univeristy",
    "InstitutionalDepartmentName": "Department",
    "MRAcquisitionType": "2D",
    "MagneticFieldStrength": 3,
    "Manufacturer": "Siemens",
    "ManufacturersModelName": "Prisma",
    "Modality": "MR",
    "MultibandAccelerationFactor": 8,
    "PartialFourier": 0.875,
    "PatientPosition": "HFS",
    "PercentPhaseFOV": 100,
    "PercentSampling": 100,
    "PhaseEncodingDirection": "j-",
    "PhaseEncodingSteps": 93,
    "PhaseResolution": 1,
    "PixelBandwidth": 2360,
    "ProcedureStepDescription": "Research^Projects_64CH",
    "ProtocolName": "fMRI_run10_AP",
    "PulseSequenceDetails": "%SiemensSeq%\\ep2d_bold",
    "ReceiveCoilActiveElements": "HC1-7;NC1,2",
    "ReceiveCoilName": "HeadNeck_64",
    "ReconMatrixPE": 106,
    "RefLinesPE": 32,
    "RepetitionTime": 0.71,
    "SAR": 0.110861,
    "ScanOptions": "PFP\\FS",
    "ScanningSequence": "EP",
    "SequenceName": "*epfid2d1_106",
    "SequenceVariant": "SK",
    "SeriesDescription": "fMRI_run10_AP",
    "SeriesNumber": 14,
    "ShimSetting": [
      -3461,
      -2129,
      -1882,
      429,
      101,
      -90,
      -27,
      57
    ],
    "SliceThickness": 2,
    "SliceTiming": [
      0.3075,
      0,
      0.3825,
      0.0775,
      0.46,
      0.1525,
      0.5375,
      0.23,
      0.6125,
      0.3075,
      0,
      0.3825,
      0.0775,
      0.46,
      0.1525,
      0.5375,
      0.23,
      0.6125,
      0.3075,
      0,
      0.3825,
      0.0775,
      0.46,
      0.1525,
      0.5375,
      0.23,
      0.6125,
      0.3075,
      0,
      0.3825,
      0.0775,
      0.46,
      0.1525,
      0.5375,
      0.23,
      0.6125,
      0.3075,
      0,
      0.3825,
      0.0775,
      0.46,
      0.1525,
      0.5375,
      0.23,
      0.6125,
      0.3075,
      0,
      0.3825,
      0.0775,
      0.46,
      0.1525,
      0.5375,
      0.23,
      0.6125,
      0.3075,
      0,
      0.3825,
      0.0775,
      0.46,
      0.1525,
      0.5375,
      0.23,
      0.6125,
      0.3075,
      0,
      0.3825,
      0.0775,
      0.46,
      0.1525,
      0.5375,
      0.23,
      0.6125
    ],
    "SoftwareVersions": "syngo MR E11",
    "SpacingBetweenSlices": 2,
    "StationName": "AWP66014",
    "TaskName": "Chinese-RDR",
    "TotalReadoutTime": 0.0598493,
    "TxRefAmp": 265.334,
    "dataset": "ds004078",
    "modality": "bold",
    "run_id": 60,
    "subject_id": "10",
    "task_id": "RDR"
  },
  "dummy_trs": 2,
  "dvars_nstd": 46.94543206199999,
  "dvars_std": 1.0463740983999998,
  "dvars_vstd": 1.0063625796999998,
  "efc": 0.5519438751998467,
  "fber": 344.42144775390625,
  "fd_mean": 0.06506617177038533,
  "fd_num": 0,
  "fd_perc": 0.0,
  "fwhm_avg": 3.2810183333333334,
  "fwhm_x": 2.87825,
  "fwhm_y": 3.479195,
  "fwhm_z": 3.48561,
  "gcor": 0.00176071,
  "gsr_x": 0.040633488446474075,
  "gsr_y": 0.05063468590378761,
  "provenance": {
    "md5sum": "31e26c49bab8806283ccec269d9d9d5e",
    "settings": {
      "fd_thres": 0.2,
      "testing": false
    },
    "software": "mriqc",
    "version": "23.0.1",
    "webapi_port": null,
    "webapi_url": "https://mriqc.nimh.nih.gov/api/v1"
  },
  "size_t": 401,
  "size_x": 106,
  "size_y": 106,
  "size_z": 72,
  "snr": 2.1907088097839984,
  "spacing_tr": 0.7099999785423279,
  "spacing_x": 2.0,
  "spacing_y": 2.0,
  "spacing_z": 2.0,
  "summary_bg_k": 25.730001578503046,
  "summary_bg_mad": 15.986963337219125,
  "summary_bg_mean": 52.4891357421875,
  "summary_bg_median": 24.683292388916016,
  "summary_bg_n": 529373.0,
  "summary_bg_p05": 11.698254585266113,
  "summary_bg_p95": 195.4503814697262,
  "summary_bg_stdv": 81.2771224975586,
  "summary_fg_k": 1.22605951322711,
  "summary_fg_mad": 179.42629138964026,
  "summary_fg_mean": 504.5019836425781,
  "summary_fg_median": 470.0124816894531,
  "summary_fg_n": 170050.0,
  "summary_fg_p05": 223.49713897705078,
  "summary_fg_p95": 921.5181213378893,
  "summary_fg_stdv": 214.54750061035156,
  "tsnr": 31.649912958964705
}