{
  "aor": 0.00047133004926108377,
  "aqi": 0.006600752216748769,
  "bids_meta": {
    "AcquisitionMatrixPE": 106,
    "AcquisitionNumber": 1,
    "AcquisitionTime": "14:10:24.507500",
    "BandwidthPerPixelPhaseEncode": 16.551,
    "BaseResolution": 106,
    "BodyPartExamined": "HEAD",
    "CoilCombinationMethod": "Sum of Squares",
    "ConsistencyInfo": "N4_VE11C_LATEST_20160120",
    "ConversionSoftware": "dcm2niix",
    "ConversionSoftwareVersion": "v1.0.20211006",
    "Dcm2bidsVersion": "2.1.6",
    "DerivedVendorReportedEchoSpacing": 0.000569994,
    "DeviceSerialNumber": "66014",
    "DwellTime": 2e-06,
    "EchoTime": 0.03,
    "EchoTrainLength": 93,
    "EffectiveEchoSpacing": 0.000569994,
    "FlipAngle": 54,
    "ImageOrientationPatientDICOM": [
      0.999768,
      -0.0211276,
      -0.0041769,
      0.0209422,
      0.998967,
      -0.0403264
    ],
    "ImageOrientationText": "Tra>Cor(-2.3)>Sag(-0.3)",
    "ImageType": [
      "ORIGINAL",
      "PRIMARY",
      "M",
      "ND",
      "MOSAIC"
    ],
    "ImagingFrequency": 123.259,
    "InPlanePhaseEncodingDirectionDICOM": "COL",
    "InstitutionAddress": "Yiheyuan Road 5,Beijing  0FCA35,Haidian,CN,100871",
    "InstitutionName": "CMR of Peking Univeristy",
    "InstitutionalDepartmentName": "Department",
    "MRAcquisitionType": "2D",
    "MagneticFieldStrength": 3,
    "Manufacturer": "Siemens",
    "ManufacturersModelName": "Prisma",
    "Modality": "MR",
    "MultibandAccelerationFactor": 8,
    "PartialFourier": 0.875,
    "PatientPosition": "HFS",
    "PercentPhaseFOV": 100,
    "PercentSampling": 100,
    "PhaseEncodingDirection": "j-",
    "PhaseEncodingSteps": 93,
    "PhaseResolution": 1,
    "PixelBandwidth": 2360,
    "ProcedureStepDescription": "Research^Projects_64CH",
    "ProtocolName": "fMRI_run9_AP",
    "PulseSequenceDetails": "%SiemensSeq%\\ep2d_bold",
    "ReceiveCoilActiveElements": "HC1-7;NC1",
    "ReceiveCoilName": "HeadNeck_64",
    "ReconMatrixPE": 106,
    "RefLinesPE": 32,
    "RepetitionTime": 0.71,
    "SAR": 0.0965157,
    "ScanOptions": "PFP\\FS",
    "ScanningSequence": "EP",
    "SequenceName": "*epfid2d1_106",
    "SequenceVariant": "SK",
    "SeriesDescription": "fMRI_run9_AP",
    "SeriesNumber": 14,
    "ShimSetting": [
      -3466,
      -2111,
      -1924,
      397,
      38,
      -233,
      -48,
      81
    ],
    "SliceThickness": 2,
    "SliceTiming": [
      0.3075,
      0,
      0.3825,
      0.0775,
      0.46,
      0.1525,
      0.5375,
      0.23,
      0.6125,
      0.3075,
      0,
      0.3825,
      0.0775,
      0.46,
      0.1525,
      0.5375,
      0.23,
      0.6125,
      0.3075,
      0,
      0.3825,
      0.0775,
      0.46,
      0.1525,
      0.5375,
      0.23,
      0.6125,
      0.3075,
      0,
      0.3825,
      0.0775,
      0.46,
      0.1525,
      0.5375,
      0.23,
      0.6125,
      0.3075,
      0,
      0.3825,
      0.0775,
      0.46,
      0.1525,
      0.5375,
      0.23,
      0.6125,
      0.3075,
      0,
      0.3825,
      0.0775,
      0.46,
      0.1525,
      0.5375,
      0.23,
      0.6125,
      0.3075,
      0,
      0.3825,
      0.0775,
      0.46,
      0.1525,
      0.5375,
      0.23,
      0.6125,
      0.3075,
      0,
      0.3825,
      0.0775,
      0.46,
      0.1525,
      0.5375,
      0.23,
      0.6125
    ],
    "SoftwareVersions": "syngo MR E11",
    "SpacingBetweenSlices": 2,
    "StationName": "AWP66014",
    "TaskName": "Chinese-RDR",
    "TotalReadoutTime": 0.0598493,
    "TxRefAmp": 254.424,
    "dataset": "ds004078",
    "modality": "bold",
    "run_id": 9,
    "subject_id": "10",
    "task_id": "RDR"
  },
  "dummy_trs": 1,
  "dvars_nstd": 46.28664808883951,
  "dvars_std": 1.0471333911358023,
  "dvars_vstd": 1.0111509404691355,
  "efc": 0.550097751170313,
  "fber": 342.0124816894531,
  "fd_mean": 0.07333057312526763,
  "fd_num": 2,
  "fd_perc": 0.49261083743842365,
  "fwhm_avg": 3.402538405143822,
  "fwhm_x": 2.97864,
  "fwhm_y": 3.614635,
  "fwhm_z": 3.6143402154314646,
  "gcor": 0.00765009,
  "gsr_x": 0.03133384883403778,
  "gsr_y": 0.055895280092954636,
  "provenance": {
    "md5sum": "a5ba8b3a2cdee183b9fd585a23796474",
    "settings": {
      "fd_thres": 0.2,
      "testing": false
    },
    "software": "mriqc",
    "version": "23.0.1",
    "webapi_port": null,
    "webapi_url": "https://mriqc.nimh.nih.gov/api/v1"
  },
  "size_t": 406,
  "size_x": 106,
  "size_y": 106,
  "size_z": 72,
  "snr": 2.1350153552033526,
  "spacing_tr": 0.7099999785423279,
  "spacing_x": 2.0,
  "spacing_y": 2.0,
  "spacing_z": 1.9999998807907104,
  "summary_bg_k": 27.65208115602332,
  "summary_bg_mad": 17.393188443680167,
  "summary_bg_mean": 54.44618606567383,
  "summary_bg_median": 25.677339553833008,
  "summary_bg_n": 528110.0,
  "summary_bg_p05": 11.571428298950195,
  "summary_bg_p95": 201.58017120361325,
  "summary_bg_stdv": 85.18692016601562,
  "summary_fg_k": 1.3532743496376423,
  "summary_fg_mad": 193.1199109768948,
  "summary_fg_mean": 524.4049682617188,
  "summary_fg_median": 487.35467529296875,
  "summary_fg_n": 171356.0,
  "summary_fg_p05": 226.18225860595703,
  "summary_fg_p95": 965.8429870605469,
  "summary_fg_stdv": 228.26686096191406,
  "tsnr": 30.595568980788812
}