{
  "aor": 0.0003358467741935484,
  "aqi": 0.00713071056451613,
  "bids_meta": {
    "AcquisitionMatrixPE": 106,
    "AcquisitionNumber": 1,
    "AcquisitionTime": "13:28:42.865000",
    "BandwidthPerPixelPhaseEncode": 16.551,
    "BaseResolution": 106,
    "BodyPartExamined": "HEAD",
    "CoilCombinationMethod": "Sum of Squares",
    "ConsistencyInfo": "N4_VE11C_LATEST_20160120",
    "ConversionSoftware": "dcm2niix",
    "ConversionSoftwareVersion": "v1.0.20211006",
    "Dcm2bidsVersion": "2.1.6",
    "DerivedVendorReportedEchoSpacing": 0.000569994,
    "DeviceSerialNumber": "66014",
    "DwellTime": 2e-06,
    "EchoTime": 0.03,
    "EchoTrainLength": 93,
    "EffectiveEchoSpacing": 0.000569994,
    "FlipAngle": 54,
    "ImageOrientationPatientDICOM": [
      0.999672,
      -0.0215639,
      -0.013804,
      0.0209402,
      0.998819,
      -0.0438415
    ],
    "ImageOrientationText": "Tra>Cor(-2.5)>Sag(-0.8)",
    "ImageType": [
      "ORIGINAL",
      "PRIMARY",
      "M",
      "ND",
      "MOSAIC"
    ],
    "ImagingFrequency": 123.26,
    "InPlanePhaseEncodingDirectionDICOM": "COL",
    "InstitutionAddress": "Yiheyuan Road 5,Beijing F259C2,Haidian,CN,100871",
    "InstitutionName": "CMR of Peking Univeristy",
    "InstitutionalDepartmentName": "Department",
    "MRAcquisitionType": "2D",
    "MagneticFieldStrength": 3,
    "Manufacturer": "Siemens",
    "ManufacturersModelName": "Prisma",
    "Modality": "MR",
    "MultibandAccelerationFactor": 8,
    "PartialFourier": 0.875,
    "PatientPosition": "HFS",
    "PercentPhaseFOV": 100,
    "PercentSampling": 100,
    "PhaseEncodingDirection": "j-",
    "PhaseEncodingSteps": 93,
    "PhaseResolution": 1,
    "PixelBandwidth": 2360,
    "ProcedureStepDescription": "Research^Projects_64CH",
    "ProtocolName": "fMRI_run3_AP",
    "PulseSequenceDetails": "%SiemensSeq%\\ep2d_bold",
    "ReceiveCoilActiveElements": "HC1-7;NC1,2",
    "ReceiveCoilName": "HeadNeck_64",
    "ReconMatrixPE": 106,
    "RefLinesPE": 32,
    "RepetitionTime": 0.71,
    "SAR": 0.0926848,
    "ScanOptions": "PFP\\FS",
    "ScanningSequence": "EP",
    "SequenceName": "*epfid2d1_106",
    "SequenceVariant": "SK",
    "SeriesDescription": "fMRI_run3_AP",
    "SeriesNumber": 7,
    "ShimSetting": [
      -3464,
      -2116,
      -1901,
      406,
      60,
      -272,
      -65,
      62
    ],
    "SliceThickness": 2,
    "SliceTiming": [
      0.3075,
      0,
      0.3825,
      0.0775,
      0.46,
      0.1525,
      0.5375,
      0.23,
      0.6125,
      0.3075,
      0,
      0.3825,
      0.0775,
      0.46,
      0.1525,
      0.5375,
      0.23,
      0.6125,
      0.3075,
      0,
      0.3825,
      0.0775,
      0.46,
      0.1525,
      0.5375,
      0.23,
      0.6125,
      0.3075,
      0,
      0.3825,
      0.0775,
      0.46,
      0.1525,
      0.5375,
      0.23,
      0.6125,
      0.3075,
      0,
      0.3825,
      0.0775,
      0.46,
      0.1525,
      0.5375,
      0.23,
      0.6125,
      0.3075,
      0,
      0.3825,
      0.0775,
      0.46,
      0.1525,
      0.5375,
      0.23,
      0.6125,
      0.3075,
      0,
      0.3825,
      0.0775,
      0.46,
      0.1525,
      0.5375,
      0.23,
      0.6125,
      0.3075,
      0,
      0.3825,
      0.0775,
      0.46,
      0.1525,
      0.5375,
      0.23,
      0.6125
    ],
    "SoftwareVersions": "syngo MR E11",
    "SpacingBetweenSlices": 2,
    "StationName": "AWP66014",
    "TaskName": "Chinese-RDR",
    "TotalReadoutTime": 0.0598493,
    "TxRefAmp": 248.826,
    "dataset": "ds004078",
    "modality": "bold",
    "run_id": 23,
    "subject_id": "10",
    "task_id": "RDR"
  },
  "dummy_trs": 1,
  "dvars_nstd": 47.39816217919191,
  "dvars_std": 1.0492187079595958,
  "dvars_vstd": 0.999787071737374,
  "efc": 0.5465603810291164,
  "fber": 364.05487060546875,
  "fd_mean": 0.08720241539698421,
  "fd_num": 11,
  "fd_perc": 2.217741935483871,
  "fwhm_avg": 3.4177983333333337,
  "fwhm_x": 2.99949,
  "fwhm_y": 3.61409,
  "fwhm_z": 3.639815,
  "gcor": 0.0104149,
  "gsr_x": 0.0334504209458828,
  "gsr_y": 0.05166592821478844,
  "provenance": {
    "md5sum": "1d714464b1762d489567d4b9d2aebd45",
    "settings": {
      "fd_thres": 0.2,
      "testing": false
    },
    "software": "mriqc",
    "version": "23.0.1",
    "webapi_port": null,
    "webapi_url": "https://mriqc.nimh.nih.gov/api/v1"
  },
  "size_t": 496,
  "size_x": 106,
  "size_y": 106,
  "size_z": 72,
  "snr": 2.165502229199234,
  "spacing_tr": 0.7099999785423279,
  "spacing_x": 2.0,
  "spacing_y": 2.0,
  "spacing_z": 2.0,
  "summary_bg_k": 30.413302669112177,
  "summary_bg_mad": 16.239875388067848,
  "summary_bg_mean": 50.965850830078125,
  "summary_bg_median": 24.697580337524414,
  "summary_bg_n": 528728.0,
  "summary_bg_p05": 11.667338371276855,
  "summary_bg_p95": 182.84808044433586,
  "summary_bg_stdv": 78.59268188476562,
  "summary_fg_k": 1.3215979624498795,
  "summary_fg_mad": 188.59686117289854,
  "summary_fg_mean": 520.251953125,
  "summary_fg_median": 483.3820495605469,
  "summary_fg_n": 170816.0,
  "summary_fg_p05": 232.58164596557617,
  "summary_fg_p95": 954.555908203125,
  "summary_fg_stdv": 223.21871948242188,
  "tsnr": 30.323803363367915
}