{
  "bids_meta": {
    "AcquisitionMatrixPE": 300,
    "AcquisitionNumber": 1,
    "AcquisitionTime": "20:35:15.682500",
    "BaseResolution": 320,
    "BodyPartExamined": "HEAD",
    "CoilCombinationMethod": "Adaptive Combine",
    "ConsistencyInfo": "N4_VE11C_LATEST_20160120",
    "ConversionSoftware": "dcm2niix",
    "ConversionSoftwareVersion": "v1.0.20211006",
    "Dcm2bidsVersion": "2.1.6",
    "DeviceSerialNumber": "66014",
    "DwellTime": 2.1e-06,
    "EchoTime": 0.563,
    "EchoTrainLength": 314,
    "FlipAngle": 120,
    "ImageOrientationPatientDICOM": [
      0.0123024,
      0.999918,
      -0.00348988,
      0.020853,
      -0.00374594,
      -0.999776
    ],
    "ImageOrientationText": "Sag>Tra(-1.2)>Cor(0.7)",
    "ImageType": [
      "ORIGINAL",
      "PRIMARY",
      "M",
      "ND",
      "NORM"
    ],
    "ImagingFrequency": 123.259,
    "InPlanePhaseEncodingDirectionDICOM": "ROW",
    "InstitutionAddress": "Yiheyuan Road 5,Beijing  0FCA35,Haidian,CN,100871",
    "InstitutionName": "CMR of Peking Univeristy",
    "InstitutionalDepartmentName": "Department",
    "MRAcquisitionType": "3D",
    "MagneticFieldStrength": 3,
    "Manufacturer": "Siemens",
    "ManufacturersModelName": "Prisma",
    "MatrixCoilMode": "GRAPPA",
    "Modality": "MR",
    "ParallelReductionFactorInPlane": 2,
    "PartialFourier": 1,
    "PatientPosition": "HFS",
    "PercentPhaseFOV": 93.75,
    "PercentSampling": 100,
    "PhaseEncodingDirection": "i",
    "PhaseEncodingSteps": 297,
    "PhaseResolution": 1,
    "PixelBandwidth": 745,
    "ProcedureStepDescription": "Research^Projects_64CH",
    "ProtocolName": "T2w_SPC",
    "PulseSequenceDetails": "%SiemensSeq%\\tse_vfl",
    "ReceiveCoilActiveElements": "HC1-7;NC1,2",
    "ReceiveCoilName": "HeadNeck_64",
    "ReconMatrixPE": 300,
    "RefLinesPE": 32,
    "RepetitionTime": 3.2,
    "SAR": 0.182147,
    "ScanOptions": "PFP",
    "ScanningSequence": "SE",
    "SequenceName": "*spcR_314ns",
    "SequenceVariant": "SK\\SP",
    "SeriesDescription": "T2w_SPC",
    "SeriesNumber": 26,
    "ShimSetting": [
      -3454,
      -2144,
      -1954,
      85,
      17,
      -478,
      -59,
      49
    ],
    "SliceThickness": 0.8,
    "SoftwareVersions": "syngo MR E11",
    "SpoilingState": true,
    "StationName": "AWP66014",
    "TxRefAmp": 252.511,
    "dataset": "ds004078",
    "modality": "T2w",
    "run_id": 2,
    "subject_id": "10"
  },
  "cjv": 0.25112822836487514,
  "cnr": 1.9515569605571805,
  "efc": 0.5532361879477712,
  "fber": 5417.130174746901,
  "fwhm_avg": 2.5281582956608393,
  "fwhm_x": 2.479224963056669,
  "fwhm_y": 2.7386499591909357,
  "fwhm_z": 2.3665999647349127,
  "icvs_csf": 0.382311684877962,
  "icvs_gm": 0.1804564276156505,
  "icvs_wm": 0.4372318875063875,
  "inu_med": 0.9392454624176025,
  "inu_range": 0.2237140476703644,
  "provenance": {
    "md5sum": "abd7ac573ed4bd908d3eb971ec77ef28",
    "settings": {
      "testing": false
    },
    "software": "mriqc",
    "version": "23.0.1",
    "warnings": {
      "large_rot_frame": true,
      "small_air_mask": false
    },
    "webapi_port": null,
    "webapi_url": "https://mriqc.nimh.nih.gov/api/v1"
  },
  "qi_1": 0.0,
  "qi_2": 0.0003833127200915834,
  "rpve_csf": 12.779894266667952,
  "rpve_gm": 31.00730746310107,
  "rpve_wm": 12.339762328566582,
  "size_x": 224,
  "size_y": 300,
  "size_z": 320,
  "snr_csf": 11.075060323993593,
  "snr_gm": 2.830584788839684,
  "snr_total": 8.188974633938349,
  "snr_wm": 10.661278788981768,
  "snrd_csf": 63.284137213262966,
  "snrd_gm": 132.42359915865828,
  "snrd_total": 78.83931104802045,
  "snrd_wm": 40.8101967721401,
  "spacing_x": 0.800000011920929,
  "spacing_y": 0.800000011920929,
  "spacing_z": 0.800000011920929,
  "summary_bg_k": 298.5145392000935,
  "summary_bg_mad": 0.0,
  "summary_bg_mean": 8.498856552455054,
  "summary_bg_median": 0.0,
  "summary_bg_n": 4280212.0,
  "summary_bg_p05": 0.0,
  "summary_bg_p95": 32.255729883909225,
  "summary_bg_stdv": 16.05441284625358,
  "summary_csf_k": 0.8810009111844739,
  "summary_csf_mad": 129.09908002067962,
  "summary_csf_mean": 1557.3382282726309,
  "summary_csf_median": 1550.8063136786222,
  "summary_csf_n": 93479.0,
  "summary_csf_p05": 1340.3485245257616,
  "summary_csf_p95": 1797.135945931077,
  "summary_csf_stdv": 140.0261464356795,
  "summary_gm_k": 0.27593674725910367,
  "summary_gm_mad": 473.18458482662726,
  "summary_gm_mean": 2714.781821398435,
  "summary_gm_median": 3245.099999755621,
  "summary_gm_n": 81314.0,
  "summary_gm_p05": 163.30367282032967,
  "summary_gm_p95": 3732.0458053797483,
  "summary_gm_stdv": 1146.4344959248012,
  "summary_wm_k": 0.45869767389477767,
  "summary_wm_mad": 90.60525134341718,
  "summary_wm_mean": 1000.7963329141298,
  "summary_wm_median": 1000.0722709298134,
  "summary_wm_n": 398774.0,
  "summary_wm_p05": 848.8464162498713,
  "summary_wm_p95": 1154.2633384466171,
  "summary_wm_stdv": 93.80403953313149,
  "tpm_overlap_csf": 0.10139783972021961,
  "tpm_overlap_gm": 0.1099028394006505,
  "tpm_overlap_wm": 0.4397999467244876,
  "wm2max": 0.2677821026743353
}