{
  "bids_meta": {
    "AcquisitionMatrixPE": 300,
    "AcquisitionNumber": 1,
    "AcquisitionTime": "20:35:15.682500",
    "BaseResolution": 320,
    "BodyPartExamined": "HEAD",
    "CoilCombinationMethod": "Adaptive Combine",
    "ConsistencyInfo": "N4_VE11C_LATEST_20160120",
    "ConversionSoftware": "dcm2niix",
    "ConversionSoftwareVersion": "v1.0.20211006",
    "Dcm2bidsVersion": "2.1.6",
    "DeviceSerialNumber": "66014",
    "DwellTime": 2.1e-06,
    "EchoTime": 0.563,
    "EchoTrainLength": 314,
    "FlipAngle": 120,
    "ImageOrientationPatientDICOM": [
      0.0123024,
      0.999918,
      -0.00348988,
      0.020853,
      -0.00374594,
      -0.999776
    ],
    "ImageOrientationText": "Sag>Tra(-1.2)>Cor(0.7)",
    "ImageType": [
      "ORIGINAL",
      "PRIMARY",
      "M",
      "ND"
    ],
    "ImagingFrequency": 123.259,
    "InPlanePhaseEncodingDirectionDICOM": "ROW",
    "InstitutionAddress": "Yiheyuan Road 5,Beijing  0FCA35,Haidian,CN,100871",
    "InstitutionName": "CMR of Peking Univeristy",
    "InstitutionalDepartmentName": "Department",
    "MRAcquisitionType": "3D",
    "MagneticFieldStrength": 3,
    "Manufacturer": "Siemens",
    "ManufacturersModelName": "Prisma",
    "MatrixCoilMode": "GRAPPA",
    "Modality": "MR",
    "ParallelReductionFactorInPlane": 2,
    "PartialFourier": 1,
    "PatientPosition": "HFS",
    "PercentPhaseFOV": 93.75,
    "PercentSampling": 100,
    "PhaseEncodingDirection": "i",
    "PhaseEncodingSteps": 297,
    "PhaseResolution": 1,
    "PixelBandwidth": 745,
    "ProcedureStepDescription": "Research^Projects_64CH",
    "ProtocolName": "T2w_SPC",
    "PulseSequenceDetails": "%SiemensSeq%\\tse_vfl",
    "ReceiveCoilActiveElements": "HC1-7;NC1,2",
    "ReceiveCoilName": "HeadNeck_64",
    "ReconMatrixPE": 300,
    "RefLinesPE": 32,
    "RepetitionTime": 3.2,
    "SAR": 0.182147,
    "ScanOptions": "PFP",
    "ScanningSequence": "SE",
    "SequenceName": "*spcR_314ns",
    "SequenceVariant": "SK\\SP",
    "SeriesDescription": "T2w_SPC",
    "SeriesNumber": 25,
    "ShimSetting": [
      -3454,
      -2144,
      -1954,
      85,
      17,
      -478,
      -59,
      49
    ],
    "SliceThickness": 0.8,
    "SoftwareVersions": "syngo MR E11",
    "SpoilingState": true,
    "StationName": "AWP66014",
    "TxRefAmp": 252.511,
    "dataset": "ds004078",
    "modality": "T2w",
    "run_id": 1,
    "subject_id": "10"
  },
  "cjv": 0.6473376992752469,
  "cnr": 1.3703326456414,
  "efc": 0.579697885597013,
  "fber": 3975.5311820451557,
  "fwhm_avg": 3.398604116023519,
  "fwhm_x": 3.3884874495076023,
  "fwhm_y": 3.5637749468956152,
  "fwhm_z": 3.2435499516673394,
  "icvs_csf": 0.41222367773479573,
  "icvs_gm": 0.17251016164585706,
  "icvs_wm": 0.41526616061934724,
  "inu_med": 0.9980794787406921,
  "inu_range": 1.0169624090194702,
  "provenance": {
    "md5sum": "105adbe697eb9b72404bcfc4c92ea3f7",
    "settings": {
      "testing": false
    },
    "software": "mriqc",
    "version": "23.0.1",
    "warnings": {
      "large_rot_frame": true,
      "small_air_mask": false
    },
    "webapi_port": null,
    "webapi_url": "https://mriqc.nimh.nih.gov/api/v1"
  },
  "qi_1": 0.0,
  "qi_2": 0.000385636308373711,
  "rpve_csf": 12.254290671077253,
  "rpve_gm": 31.71075361868625,
  "rpve_wm": 12.892059437476272,
  "size_x": 224,
  "size_y": 300,
  "size_z": 320,
  "snr_csf": 9.312840311208125,
  "snr_gm": 2.020574144573293,
  "snr_total": 6.965136465336987,
  "snr_wm": 9.561994940229544,
  "snrd_csf": 39.39187901939172,
  "snrd_gm": 74.5427537523935,
  "snrd_total": 45.93333873259271,
  "snrd_wm": 23.865383425992885,
  "spacing_x": 0.800000011920929,
  "spacing_y": 0.800000011920929,
  "spacing_z": 0.800000011920929,
  "summary_bg_k": 10.319786406839139,
  "summary_bg_mad": 0.0,
  "summary_bg_mean": 19.026884087772682,
  "summary_bg_median": 0.0,
  "summary_bg_n": 4257321.0,
  "summary_bg_p05": 0.0,
  "summary_bg_p95": 72.15312406420708,
  "summary_bg_stdv": 27.456166833642097,
  "summary_csf_k": 0.5995499121553691,
  "summary_csf_mad": 165.03871619052032,
  "summary_csf_mean": 1661.9966872949988,
  "summary_csf_median": 1650.8775916695595,
  "summary_csf_n": 125297.0,
  "summary_csf_p05": 1390.491256415844,
  "summary_csf_p95": 1972.3912068456411,
  "summary_csf_stdv": 177.2682606628563,
  "summary_gm_k": -1.384988772514613,
  "summary_gm_mad": 1277.4153563779735,
  "summary_gm_mean": 2465.884412784481,
  "summary_gm_median": 3124.018575772643,
  "summary_gm_n": 92431.0,
  "summary_gm_p05": 106.28913752734661,
  "summary_gm_p95": 4391.946548707783,
  "summary_gm_stdv": 1546.096036576715,
  "summary_wm_k": 0.8729831743471022,
  "summary_wm_mad": 97.42776827411858,
  "summary_wm_mean": 1001.3621530078361,
  "summary_wm_median": 1000.1763737946749,
  "summary_wm_n": 441029.0,
  "summary_wm_p05": 833.2009901106358,
  "summary_wm_p95": 1172.973403185606,
  "summary_wm_stdv": 104.5990137135305,
  "tpm_overlap_csf": 0.10524420722996279,
  "tpm_overlap_gm": 0.09641081885748452,
  "tpm_overlap_wm": 0.4600653274686457,
  "wm2max": 0.23100272990261989
}