{
  "bids_meta": {
    "AcquisitionMatrixPE": 300,
    "AcquisitionNumber": 1,
    "AcquisitionTime": "20:28:32.205000",
    "BaseResolution": 320,
    "BodyPartExamined": "HEAD",
    "CoilCombinationMethod": "Adaptive Combine",
    "ConsistencyInfo": "N4_VE11C_LATEST_20160120",
    "ConversionSoftware": "dcm2niix",
    "ConversionSoftwareVersion": "v1.0.20211006",
    "Dcm2bidsVersion": "2.1.6",
    "DeviceSerialNumber": "66014",
    "DwellTime": 7.1e-06,
    "EchoTime": 0.00222,
    "FlipAngle": 8,
    "ImageOrientationPatientDICOM": [
      0.0123024,
      0.999918,
      -0.00348988,
      0.020853,
      -0.00374594,
      -0.999776
    ],
    "ImageOrientationText": "Sag>Tra(-1.2)>Cor(0.7)",
    "ImageType": [
      "ORIGINAL",
      "PRIMARY",
      "M",
      "ND",
      "NORM"
    ],
    "ImagingFrequency": 123.259,
    "InPlanePhaseEncodingDirectionDICOM": "ROW",
    "InstitutionAddress": "Yiheyuan Road 5,Beijing  0FCA35,Haidian,CN,100871",
    "InstitutionName": "CMR of Peking Univeristy",
    "InstitutionalDepartmentName": "Department",
    "InversionTime": 1,
    "MRAcquisitionType": "3D",
    "MagneticFieldStrength": 3,
    "Manufacturer": "Siemens",
    "ManufacturersModelName": "Prisma",
    "MatrixCoilMode": "GRAPPA",
    "Modality": "MR",
    "ParallelReductionFactorInPlane": 2,
    "PartialFourier": 1,
    "PatientPosition": "HFS",
    "PercentPhaseFOV": 93.75,
    "PercentSampling": 100,
    "PhaseEncodingSteps": 299,
    "PhaseResolution": 1,
    "PixelBandwidth": 220,
    "ProcedureStepDescription": "Research^Projects_64CH",
    "ProtocolName": "T1w_MPR",
    "PulseSequenceDetails": "%SiemensSeq%\\tfl",
    "ReceiveCoilActiveElements": "HC1-7;NC1,2",
    "ReceiveCoilName": "HeadNeck_64",
    "ReconMatrixPE": 300,
    "RefLinesPE": 32,
    "RepetitionTime": 2.4,
    "SAR": 0.0529312,
    "ScanOptions": "IR\\WE",
    "ScanningSequence": "GR\\IR",
    "SequenceName": "*tfl3d1_16ns",
    "SequenceVariant": "SK\\SP\\MP",
    "SeriesDescription": "T1w_MPR",
    "SeriesNumber": 24,
    "ShimSetting": [
      -3454,
      -2144,
      -1954,
      85,
      17,
      -478,
      -59,
      49
    ],
    "SliceThickness": 0.8,
    "SoftwareVersions": "syngo MR E11",
    "SpoilingState": true,
    "StationName": "AWP66014",
    "TxRefAmp": 252.511,
    "dataset": "ds004078",
    "modality": "T1w",
    "run_id": 2,
    "subject_id": "10"
  },
  "cjv": 0.3486973737524418,
  "cnr": 3.788038639984477,
  "efc": 0.6021775860274888,
  "fber": 26096.295368620034,
  "fwhm_avg": 4.544837432276645,
  "fwhm_x": 4.708012429845148,
  "fwhm_y": 4.300999935910107,
  "fwhm_z": 4.62549993107468,
  "icvs_csf": 0.19600504133842372,
  "icvs_gm": 0.44805966765664834,
  "icvs_wm": 0.35593529100492793,
  "inu_med": 0.4707815945148468,
  "inu_range": 0.18567538261413574,
  "provenance": {
    "md5sum": "206738bcd3822d20703dd53bbbd7c169",
    "settings": {
      "testing": false
    },
    "software": "mriqc",
    "version": "23.0.1",
    "warnings": {
      "large_rot_frame": true,
      "small_air_mask": false
    },
    "webapi_port": null,
    "webapi_url": "https://mriqc.nimh.nih.gov/api/v1"
  },
  "qi_1": 0.0,
  "qi_2": 0.0004069264265263037,
  "rpve_csf": 24.779876679079162,
  "rpve_gm": 11.599895036655168,
  "rpve_wm": 16.11066563252594,
  "size_x": 224,
  "size_y": 300,
  "size_z": 320,
  "snr_csf": 2.2096471850587305,
  "snr_gm": 13.475827253621633,
  "snr_total": 12.677658629743204,
  "snr_wm": 22.34750145054925,
  "snrd_csf": 22.95672702154804,
  "snrd_gm": 63.02661038116855,
  "snrd_total": 57.36641072481151,
  "snrd_wm": 86.11589477171792,
  "spacing_x": 0.800000011920929,
  "spacing_y": 0.800000011920929,
  "spacing_z": 0.800000011920929,
  "summary_bg_k": 11.52248637318486,
  "summary_bg_mad": 0.0,
  "summary_bg_mean": 4.850795569993282,
  "summary_bg_median": 0.0,
  "summary_bg_n": 4248268.0,
  "summary_bg_p05": 0.0,
  "summary_bg_p95": 19.93432251177728,
  "summary_bg_stdv": 7.607808394325943,
  "summary_csf_k": 0.36036461056142155,
  "summary_csf_mad": 106.95976091942401,
  "summary_csf_mean": 270.0164768902229,
  "summary_csf_median": 266.58628728426993,
  "summary_csf_n": 111496.0,
  "summary_csf_p05": 56.33947520703077,
  "summary_csf_p95": 476.44826688058674,
  "summary_csf_stdv": 120.64599886674344,
  "summary_gm_k": 0.4076098116827809,
  "summary_gm_mad": 51.38785099649425,
  "summary_gm_mean": 731.3057001445476,
  "summary_gm_median": 731.9000677168369,
  "summary_gm_n": 138259.0,
  "summary_gm_p05": 641.4131237026304,
  "summary_gm_p95": 820.3858828302473,
  "summary_gm_stdv": 54.311873185458175,
  "summary_wm_k": 0.44084125454680745,
  "summary_wm_mad": 42.106847559673675,
  "summary_wm_mean": 999.3733598208736,
  "summary_wm_median": 1000.0256849247962,
  "summary_wm_n": 470594.0,
  "summary_wm_p05": 925.701705109328,
  "summary_wm_p95": 1073.29778929241,
  "summary_wm_stdv": 44.74883353840791,
  "tpm_overlap_csf": 0.13077872934830695,
  "tpm_overlap_gm": 0.4489898951545349,
  "tpm_overlap_wm": 0.4853784996946427,
  "wm2max": 0.8304358853121397
}