{
  "aor": 0.0003876616915422885,
  "aqi": 0.00523783395522388,
  "bids_meta": {
    "AcquisitionMatrixPE": 106,
    "AcquisitionNumber": 1,
    "AcquisitionTime": "19:12:26.867500",
    "BandwidthPerPixelPhaseEncode": 16.551,
    "BaseResolution": 106,
    "BodyPartExamined": "HEAD",
    "CoilCombinationMethod": "Sum of Squares",
    "ConsistencyInfo": "N4_VE11C_LATEST_20160120",
    "ConversionSoftware": "dcm2niix",
    "ConversionSoftwareVersion": "v1.0.20211006",
    "Dcm2bidsVersion": "2.1.6",
    "DerivedVendorReportedEchoSpacing": 0.000569994,
    "DeviceSerialNumber": "66014",
    "DwellTime": 2e-06,
    "EchoTime": 0.03,
    "EchoTrainLength": 93,
    "EffectiveEchoSpacing": 0.000569994,
    "FlipAngle": 54,
    "ImageOrientationPatientDICOM": [
      0.999961,
      -0.00672263,
      0.00564475,
      0.0069811,
      0.998866,
      -0.0470915
    ],
    "ImageOrientationText": "Tra>Cor(-2.7)>Sag(0.3)",
    "ImageType": [
      "ORIGINAL",
      "PRIMARY",
      "M",
      "ND",
      "MOSAIC"
    ],
    "ImagingFrequency": 123.259,
    "InPlanePhaseEncodingDirectionDICOM": "COL",
    "InstitutionAddress": "Yiheyuan Road 5,Beijing F259C2,Haidian,CN,100871",
    "InstitutionName": "CMR of Peking Univeristy",
    "InstitutionalDepartmentName": "Department",
    "MRAcquisitionType": "2D",
    "MagneticFieldStrength": 3,
    "Manufacturer": "Siemens",
    "ManufacturersModelName": "Prisma",
    "Modality": "MR",
    "MultibandAccelerationFactor": 8,
    "PartialFourier": 0.875,
    "PatientPosition": "HFS",
    "PercentPhaseFOV": 100,
    "PercentSampling": 100,
    "PhaseEncodingDirection": "j-",
    "PhaseEncodingSteps": 93,
    "PhaseResolution": 1,
    "PixelBandwidth": 2360,
    "ProcedureStepDescription": "Research^Projects_64CH",
    "ProtocolName": "fMRI_run10_AP",
    "PulseSequenceDetails": "%SiemensSeq%\\ep2d_bold",
    "ReceiveCoilActiveElements": "HC1-7;NC1",
    "ReceiveCoilName": "HeadNeck_64",
    "ReconMatrixPE": 106,
    "RefLinesPE": 32,
    "RepetitionTime": 0.71,
    "SAR": 0.09403,
    "ScanOptions": "PFP\\FS",
    "ScanningSequence": "EP",
    "SequenceName": "*epfid2d1_106",
    "SequenceVariant": "SK",
    "SeriesDescription": "fMRI_run10_AP",
    "SeriesNumber": 14,
    "ShimSetting": [
      -3450,
      -2129,
      -1971,
      529,
      -12,
      -372,
      -55,
      -14
    ],
    "SliceThickness": 2,
    "SliceTiming": [
      0.3075,
      0,
      0.385,
      0.0775,
      0.46,
      0.155,
      0.5375,
      0.23,
      0.615,
      0.3075,
      0,
      0.385,
      0.0775,
      0.46,
      0.155,
      0.5375,
      0.23,
      0.615,
      0.3075,
      0,
      0.385,
      0.0775,
      0.46,
      0.155,
      0.5375,
      0.23,
      0.615,
      0.3075,
      0,
      0.385,
      0.0775,
      0.46,
      0.155,
      0.5375,
      0.23,
      0.615,
      0.3075,
      0,
      0.385,
      0.0775,
      0.46,
      0.155,
      0.5375,
      0.23,
      0.615,
      0.3075,
      0,
      0.385,
      0.0775,
      0.46,
      0.155,
      0.5375,
      0.23,
      0.615,
      0.3075,
      0,
      0.385,
      0.0775,
      0.46,
      0.155,
      0.5375,
      0.23,
      0.615,
      0.3075,
      0,
      0.385,
      0.0775,
      0.46,
      0.155,
      0.5375,
      0.23,
      0.615
    ],
    "SoftwareVersions": "syngo MR E11",
    "SpacingBetweenSlices": 2,
    "StationName": "AWP66014",
    "TaskName": "Chinese-RDR",
    "TotalReadoutTime": 0.0598493,
    "TxRefAmp": 236.153,
    "dataset": "ds004078",
    "modality": "bold",
    "run_id": 50,
    "subject_id": "11",
    "task_id": "RDR"
  },
  "dummy_trs": 1,
  "dvars_nstd": 41.554714783216944,
  "dvars_std": 1.0616105039650872,
  "dvars_vstd": 1.0089620000498758,
  "efc": 0.5024376934789597,
  "fber": 792.2196044921875,
  "fd_mean": 0.08259489050781645,
  "fd_num": 4,
  "fd_perc": 0.9950248756218906,
  "fwhm_avg": 3.3313550000000003,
  "fwhm_x": 3.09497,
  "fwhm_y": 3.476815,
  "fwhm_z": 3.42228,
  "gcor": 0.0048478,
  "gsr_x": -0.013622172176837921,
  "gsr_y": 0.043194979429244995,
  "provenance": {
    "md5sum": "47dd2b2d2bc7c88c2428af61040092c1",
    "settings": {
      "fd_thres": 0.2,
      "testing": false
    },
    "software": "mriqc",
    "version": "23.0.1",
    "webapi_port": null,
    "webapi_url": "https://mriqc.nimh.nih.gov/api/v1"
  },
  "size_t": 402,
  "size_x": 106,
  "size_y": 106,
  "size_z": 72,
  "snr": 2.5237910228669413,
  "spacing_tr": 0.7099999785423279,
  "spacing_x": 2.0,
  "spacing_y": 2.0,
  "spacing_z": 2.0,
  "summary_bg_k": 23.657820977322377,
  "summary_bg_mad": 10.326583425415937,
  "summary_bg_mean": 42.238773345947266,
  "summary_bg_median": 18.763681411743164,
  "summary_bg_n": 570039.0,
  "summary_bg_p05": 11.022387504577637,
  "summary_bg_p95": 165.09228973388667,
  "summary_bg_stdv": 66.88807678222656,
  "summary_fg_k": 1.46261166811715,
  "summary_fg_mad": 196.48162373122392,
  "summary_fg_mean": 569.510498046875,
  "summary_fg_median": 538.5870361328125,
  "summary_fg_n": 140137.0,
  "summary_fg_p05": 291.6736328125,
  "summary_fg_p95": 966.2855590820311,
  "summary_fg_stdv": 213.40321350097656,
  "tsnr": 35.29942839802243
}