{
  "aor": 0.0002911241610738255,
  "aqi": 0.006949647382550337,
  "bids_meta": {
    "AcquisitionMatrixPE": 106,
    "AcquisitionNumber": 1,
    "AcquisitionTime": "10:18:17.677500",
    "BandwidthPerPixelPhaseEncode": 16.551,
    "BaseResolution": 106,
    "BodyPartExamined": "HEAD",
    "CoilCombinationMethod": "Sum of Squares",
    "ConsistencyInfo": "N4_VE11C_LATEST_20160120",
    "ConversionSoftware": "dcm2niix",
    "ConversionSoftwareVersion": "v1.0.20211006",
    "Dcm2bidsVersion": "2.1.6",
    "DerivedVendorReportedEchoSpacing": 0.000569994,
    "DeviceSerialNumber": "66014",
    "DwellTime": 2e-06,
    "EchoTime": 0.03,
    "EchoTrainLength": 93,
    "EffectiveEchoSpacing": 0.000569994,
    "FlipAngle": 54,
    "ImageOrientationPatientDICOM": [
      0.999723,
      0.0153257,
      0.0178475,
      -0.015705,
      0.99965,
      0.0213086
    ],
    "ImageOrientationText": "Tra>Cor(1.2)>Sag(1.0)",
    "ImageType": [
      "ORIGINAL",
      "PRIMARY",
      "M",
      "ND",
      "MOSAIC"
    ],
    "ImagingFrequency": 123.26,
    "InPlanePhaseEncodingDirectionDICOM": "COL",
    "InstitutionAddress": "Yiheyuan Road 5,Beijing F259C2,Haidian,CN,100871",
    "InstitutionName": "CMR of Peking Univeristy",
    "InstitutionalDepartmentName": "Department",
    "MRAcquisitionType": "2D",
    "MagneticFieldStrength": 3,
    "Manufacturer": "Siemens",
    "ManufacturersModelName": "Prisma",
    "Modality": "MR",
    "MultibandAccelerationFactor": 8,
    "PartialFourier": 0.875,
    "PatientPosition": "HFS",
    "PercentPhaseFOV": 100,
    "PercentSampling": 100,
    "PhaseEncodingDirection": "j-",
    "PhaseEncodingSteps": 93,
    "PhaseResolution": 1,
    "PixelBandwidth": 2360,
    "ProcedureStepDescription": "Research^Projects_64CH",
    "ProtocolName": "fMRI_run1_AP",
    "PulseSequenceDetails": "%SiemensSeq%\\ep2d_bold",
    "ReceiveCoilActiveElements": "HC1-7;NC1,2",
    "ReceiveCoilName": "HeadNeck_64",
    "ReconMatrixPE": 106,
    "RefLinesPE": 32,
    "RepetitionTime": 0.71,
    "SAR": 0.0845146,
    "ScanOptions": "PFP\\FS",
    "ScanningSequence": "EP",
    "SequenceName": "*epfid2d1_106",
    "SequenceVariant": "SK",
    "SeriesDescription": "fMRI_run1_AP",
    "SeriesNumber": 5,
    "ShimSetting": [
      -3451,
      -2129,
      -1981,
      519,
      -6,
      -421,
      -90,
      -16
    ],
    "SliceThickness": 2,
    "SliceTiming": [
      0.305,
      0,
      0.3825,
      0.075,
      0.46,
      0.1525,
      0.535,
      0.23,
      0.6125,
      0.305,
      0,
      0.3825,
      0.075,
      0.46,
      0.1525,
      0.535,
      0.23,
      0.6125,
      0.305,
      0,
      0.3825,
      0.075,
      0.46,
      0.1525,
      0.535,
      0.23,
      0.6125,
      0.305,
      0,
      0.3825,
      0.075,
      0.46,
      0.1525,
      0.535,
      0.23,
      0.6125,
      0.305,
      0,
      0.3825,
      0.075,
      0.46,
      0.1525,
      0.535,
      0.23,
      0.6125,
      0.305,
      0,
      0.3825,
      0.075,
      0.46,
      0.1525,
      0.535,
      0.23,
      0.6125,
      0.305,
      0,
      0.3825,
      0.075,
      0.46,
      0.1525,
      0.535,
      0.23,
      0.6125,
      0.305,
      0,
      0.3825,
      0.075,
      0.46,
      0.1525,
      0.535,
      0.23,
      0.6125
    ],
    "SoftwareVersions": "syngo MR E11",
    "SpacingBetweenSlices": 2,
    "StationName": "AWP66014",
    "TaskName": "Chinese-RDR",
    "TotalReadoutTime": 0.0598493,
    "TxRefAmp": 233.547,
    "dataset": "ds004078",
    "modality": "bold",
    "run_id": 21,
    "subject_id": "11",
    "task_id": "RDR"
  },
  "dummy_trs": 0,
  "dvars_nstd": 43.29560323763022,
  "dvars_std": 1.0384176452605038,
  "dvars_vstd": 0.9989047432605044,
  "efc": 0.5104496826093594,
  "fber": 676.405029296875,
  "fd_mean": 0.08896796057423734,
  "fd_num": 0,
  "fd_perc": 0.0,
  "fwhm_avg": 3.237578333333333,
  "fwhm_x": 3.01648,
  "fwhm_y": 3.345395,
  "fwhm_z": 3.35086,
  "gcor": 0.00410031,
  "gsr_x": -0.010813044384121895,
  "gsr_y": 0.0384976863861084,
  "provenance": {
    "md5sum": "db6de8fc71e12f85aa31017a16aa55b6",
    "settings": {
      "fd_thres": 0.2,
      "testing": false
    },
    "software": "mriqc",
    "version": "23.0.1",
    "webapi_port": null,
    "webapi_url": "https://mriqc.nimh.nih.gov/api/v1"
  },
  "size_t": 596,
  "size_x": 106,
  "size_y": 106,
  "size_z": 72,
  "snr": 2.6446725399509328,
  "spacing_tr": 0.7099999785423279,
  "spacing_x": 2.0,
  "spacing_y": 2.0,
  "spacing_z": 2.0,
  "summary_bg_k": 23.665045941863767,
  "summary_bg_mad": 10.175476417727499,
  "summary_bg_mean": 39.887149810791016,
  "summary_bg_median": 18.564598083496094,
  "summary_bg_n": 569464.0,
  "summary_bg_p05": 11.035235404968262,
  "summary_bg_p95": 151.02273025512685,
  "summary_bg_stdv": 60.59224319458008,
  "summary_fg_k": 0.9797942037229981,
  "summary_fg_mad": 170.0912770945668,
  "summary_fg_mean": 517.6885375976562,
  "summary_fg_median": 490.4949645996094,
  "summary_fg_n": 140128.0,
  "summary_fg_p05": 274.39990997314453,
  "summary_fg_p95": 871.7249267578123,
  "summary_fg_stdv": 185.46463012695312,
  "tsnr": 31.589304155204445
}