{
  "aor": 0.00023140600315955766,
  "aqi": 0.0060154980568720385,
  "bids_meta": {
    "AcquisitionMatrixPE": 106,
    "AcquisitionNumber": 1,
    "AcquisitionTime": "20:59:3.732500",
    "BandwidthPerPixelPhaseEncode": 16.551,
    "BaseResolution": 106,
    "BodyPartExamined": "HEAD",
    "CoilCombinationMethod": "Sum of Squares",
    "ConsistencyInfo": "N4_VE11C_LATEST_20160120",
    "ConversionSoftware": "dcm2niix",
    "ConversionSoftwareVersion": "v1.0.20211006",
    "Dcm2bidsVersion": "2.1.6",
    "DerivedVendorReportedEchoSpacing": 0.000569994,
    "DeviceSerialNumber": "66014",
    "DwellTime": 2e-06,
    "EchoTime": 0.03,
    "EchoTrainLength": 93,
    "EffectiveEchoSpacing": 0.000569994,
    "FlipAngle": 54,
    "ImageOrientationPatientDICOM": [
      0.999844,
      0.0124107,
      0.0125811,
      -0.012216,
      0.999806,
      -0.0154366
    ],
    "ImageOrientationText": "Tra>Cor(-0.9)>Sag(0.7)",
    "ImageType": [
      "ORIGINAL",
      "PRIMARY",
      "M",
      "ND",
      "MOSAIC"
    ],
    "ImagingFrequency": 123.259,
    "InPlanePhaseEncodingDirectionDICOM": "COL",
    "InstitutionAddress": "Yiheyuan Road 5,Beijing  0FCA35,Haidian,CN,100871",
    "InstitutionName": "CMR of Peking Univeristy",
    "InstitutionalDepartmentName": "Department",
    "MRAcquisitionType": "2D",
    "MagneticFieldStrength": 3,
    "Manufacturer": "Siemens",
    "ManufacturersModelName": "Prisma",
    "Modality": "MR",
    "MultibandAccelerationFactor": 8,
    "PartialFourier": 0.875,
    "PatientPosition": "HFS",
    "PercentPhaseFOV": 100,
    "PercentSampling": 100,
    "PhaseEncodingDirection": "j",
    "PhaseEncodingSteps": 93,
    "PhaseResolution": 1,
    "PixelBandwidth": 2360,
    "ProcedureStepDescription": "Research^Projects_64CH",
    "ProtocolName": "fMRI_Rest1_PA",
    "PulseSequenceDetails": "%SiemensSeq%\\ep2d_bold",
    "ReceiveCoilActiveElements": "HC1-7;NC1,2",
    "ReceiveCoilName": "HeadNeck_64",
    "ReconMatrixPE": 106,
    "RefLinesPE": 32,
    "RepetitionTime": 0.71,
    "SAR": 0.106353,
    "ScanOptions": "PFP\\FS",
    "ScanningSequence": "EP",
    "SequenceName": "*epfid2d1_106",
    "SequenceVariant": "SK",
    "SeriesDescription": "fMRI_Rest1_PA",
    "SeriesNumber": 6,
    "ShimSetting": [
      -3454,
      -2121,
      -1992,
      503,
      -55,
      -371,
      -89,
      18
    ],
    "SliceThickness": 2,
    "SliceTiming": [
      0.305,
      0,
      0.3825,
      0.075,
      0.46,
      0.1525,
      0.535,
      0.23,
      0.6125,
      0.305,
      0,
      0.3825,
      0.075,
      0.46,
      0.1525,
      0.535,
      0.23,
      0.6125,
      0.305,
      0,
      0.3825,
      0.075,
      0.46,
      0.1525,
      0.535,
      0.23,
      0.6125,
      0.305,
      0,
      0.3825,
      0.075,
      0.46,
      0.1525,
      0.535,
      0.23,
      0.6125,
      0.305,
      0,
      0.3825,
      0.075,
      0.46,
      0.1525,
      0.535,
      0.23,
      0.6125,
      0.305,
      0,
      0.3825,
      0.075,
      0.46,
      0.1525,
      0.535,
      0.23,
      0.6125,
      0.305,
      0,
      0.3825,
      0.075,
      0.46,
      0.1525,
      0.535,
      0.23,
      0.6125,
      0.305,
      0,
      0.3825,
      0.075,
      0.46,
      0.1525,
      0.535,
      0.23,
      0.6125
    ],
    "SoftwareVersions": "syngo MR E11",
    "SpacingBetweenSlices": 2,
    "StationName": "AWP66014",
    "TaskName": "rest",
    "TotalReadoutTime": 0.0598493,
    "TxRefAmp": 248.666,
    "dataset": "ds004078",
    "modality": "bold",
    "run_id": 2,
    "subject_id": "11",
    "task_id": "rest"
  },
  "dummy_trs": 1,
  "dvars_nstd": 44.888328033196196,
  "dvars_std": 1.0642187235917717,
  "dvars_vstd": 0.9978983878481018,
  "efc": 0.5057108812402789,
  "fber": 747.4918212890625,
  "fd_mean": 0.07094462829926093,
  "fd_num": 8,
  "fd_perc": 1.263823064770932,
  "fwhm_avg": 3.1733883333333335,
  "fwhm_x": 3.038345,
  "fwhm_y": 3.33692,
  "fwhm_z": 3.1449,
  "gcor": 0.00563587,
  "gsr_x": -0.003289332613348961,
  "gsr_y": 0.060481417924165726,
  "provenance": {
    "md5sum": "9340c061b146becb62ef0672fae097b6",
    "settings": {
      "fd_thres": 0.2,
      "testing": false
    },
    "software": "mriqc",
    "version": "23.0.1",
    "webapi_port": null,
    "webapi_url": "https://mriqc.nimh.nih.gov/api/v1"
  },
  "size_t": 633,
  "size_x": 106,
  "size_y": 106,
  "size_z": 72,
  "snr": 2.6405638789927233,
  "spacing_tr": 0.7099999785423279,
  "spacing_x": 2.0,
  "spacing_y": 2.0,
  "spacing_z": 2.0,
  "summary_bg_k": 25.0674046194214,
  "summary_bg_mad": 9.830144922403218,
  "summary_bg_mean": 42.66427993774414,
  "summary_bg_median": 18.657188415527344,
  "summary_bg_n": 573842.0,
  "summary_bg_p05": 11.287519454956055,
  "summary_bg_p95": 170.63957901000956,
  "summary_bg_stdv": 68.85366821289062,
  "summary_fg_k": 0.5870328968223069,
  "summary_fg_mad": 196.4741129900047,
  "summary_fg_mean": 540.2944946289062,
  "summary_fg_median": 514.18798828125,
  "summary_fg_n": 134289.0,
  "summary_fg_p05": 273.99652709960935,
  "summary_fg_p95": 893.089123535156,
  "summary_fg_stdv": 194.72586059570312,
  "tsnr": 32.22906368679833
}