{
  "aor": 0.00039374999999999995,
  "aqi": 0.005946642721774194,
  "bids_meta": {
    "AcquisitionMatrixPE": 106,
    "AcquisitionNumber": 1,
    "AcquisitionTime": "10:30:35.835000",
    "BandwidthPerPixelPhaseEncode": 16.551,
    "BaseResolution": 106,
    "BodyPartExamined": "HEAD",
    "CoilCombinationMethod": "Sum of Squares",
    "ConsistencyInfo": "N4_VE11C_LATEST_20160120",
    "ConversionSoftware": "dcm2niix",
    "ConversionSoftwareVersion": "v1.0.20211006",
    "Dcm2bidsVersion": "2.1.6",
    "DerivedVendorReportedEchoSpacing": 0.000569994,
    "DeviceSerialNumber": "66014",
    "DwellTime": 2e-06,
    "EchoTime": 0.03,
    "EchoTrainLength": 93,
    "EffectiveEchoSpacing": 0.000569994,
    "FlipAngle": 54,
    "ImageOrientationPatientDICOM": [
      0.999349,
      0.0198035,
      0.0301696,
      -0.0191884,
      0.999605,
      -0.0205435
    ],
    "ImageOrientationText": "Tra>Sag(1.8)>Cor(-1.1)",
    "ImageType": [
      "ORIGINAL",
      "PRIMARY",
      "M",
      "ND",
      "MOSAIC"
    ],
    "ImagingFrequency": 123.26,
    "InPlanePhaseEncodingDirectionDICOM": "COL",
    "InstitutionAddress": "Yiheyuan Road 5,Beijing F259C2,Haidian,CN,100871",
    "InstitutionName": "CMR of Peking Univeristy",
    "InstitutionalDepartmentName": "Department",
    "MRAcquisitionType": "2D",
    "MagneticFieldStrength": 3,
    "Manufacturer": "Siemens",
    "ManufacturersModelName": "Prisma",
    "Modality": "MR",
    "MultibandAccelerationFactor": 8,
    "PartialFourier": 0.875,
    "PatientPosition": "HFS",
    "PercentPhaseFOV": 100,
    "PercentSampling": 100,
    "PhaseEncodingDirection": "j-",
    "PhaseEncodingSteps": 93,
    "PhaseResolution": 1,
    "PixelBandwidth": 2360,
    "ProcedureStepDescription": "Research^Projects_64CH",
    "ProtocolName": "fMRI_run3_AP",
    "PulseSequenceDetails": "%SiemensSeq%\\ep2d_bold",
    "ReceiveCoilActiveElements": "HC1-7;NC1,2",
    "ReceiveCoilName": "HeadNeck_64",
    "ReconMatrixPE": 106,
    "RefLinesPE": 32,
    "RepetitionTime": 0.71,
    "SAR": 0.0998579,
    "ScanOptions": "PFP\\FS",
    "ScanningSequence": "EP",
    "SequenceName": "*epfid2d1_106",
    "SequenceVariant": "SK",
    "SeriesDescription": "fMRI_run3_AP",
    "SeriesNumber": 7,
    "ShimSetting": [
      -3452,
      -2122,
      -1982,
      504,
      -39,
      -424,
      -70,
      7
    ],
    "SliceThickness": 2,
    "SliceTiming": [
      0.3075,
      0,
      0.3825,
      0.0775,
      0.46,
      0.1525,
      0.5375,
      0.23,
      0.6125,
      0.3075,
      0,
      0.3825,
      0.0775,
      0.46,
      0.1525,
      0.5375,
      0.23,
      0.6125,
      0.3075,
      0,
      0.3825,
      0.0775,
      0.46,
      0.1525,
      0.5375,
      0.23,
      0.6125,
      0.3075,
      0,
      0.3825,
      0.0775,
      0.46,
      0.1525,
      0.5375,
      0.23,
      0.6125,
      0.3075,
      0,
      0.3825,
      0.0775,
      0.46,
      0.1525,
      0.5375,
      0.23,
      0.6125,
      0.3075,
      0,
      0.3825,
      0.0775,
      0.46,
      0.1525,
      0.5375,
      0.23,
      0.6125,
      0.3075,
      0,
      0.3825,
      0.0775,
      0.46,
      0.1525,
      0.5375,
      0.23,
      0.6125,
      0.3075,
      0,
      0.3825,
      0.0775,
      0.46,
      0.1525,
      0.5375,
      0.23,
      0.6125
    ],
    "SoftwareVersions": "syngo MR E11",
    "SpacingBetweenSlices": 2,
    "StationName": "AWP66014",
    "TaskName": "Chinese-RDR",
    "TotalReadoutTime": 0.0598493,
    "TxRefAmp": 248.577,
    "dataset": "ds004078",
    "modality": "bold",
    "run_id": 33,
    "subject_id": "11",
    "task_id": "RDR"
  },
  "dummy_trs": 0,
  "dvars_nstd": 44.67755068412126,
  "dvars_std": 1.0725909336161619,
  "dvars_vstd": 1.0007163443434341,
  "efc": 0.5081957918792837,
  "fber": 692.3754272460938,
  "fd_mean": 0.07374050791183696,
  "fd_num": 0,
  "fd_perc": 0.0,
  "fwhm_avg": 3.335453333333333,
  "fwhm_x": 3.118405,
  "fwhm_y": 3.49103,
  "fwhm_z": 3.396925,
  "gcor": 0.00483093,
  "gsr_x": -0.01154619175940752,
  "gsr_y": 0.033625077456235886,
  "provenance": {
    "md5sum": "ebe46080e8ca4550c338d666e435d7a4",
    "settings": {
      "fd_thres": 0.2,
      "testing": false
    },
    "software": "mriqc",
    "version": "23.0.1",
    "webapi_port": null,
    "webapi_url": "https://mriqc.nimh.nih.gov/api/v1"
  },
  "size_t": 496,
  "size_x": 106,
  "size_y": 106,
  "size_z": 72,
  "snr": 2.5393657058863908,
  "spacing_tr": 0.7099999785423279,
  "spacing_x": 2.0,
  "spacing_y": 2.0,
  "spacing_z": 2.0,
  "summary_bg_k": 23.432882597802973,
  "summary_bg_mad": 10.35131288022099,
  "summary_bg_mean": 41.34019470214844,
  "summary_bg_median": 19.09878921508789,
  "summary_bg_n": 566663.0,
  "summary_bg_p05": 11.330644607543945,
  "summary_bg_p95": 158.0862823486329,
  "summary_bg_stdv": 63.23122024536133,
  "summary_fg_k": 1.3070736579696876,
  "summary_fg_mad": 187.38783544103217,
  "summary_fg_mean": 541.7900390625,
  "summary_fg_median": 512.540283203125,
  "summary_fg_n": 141645.0,
  "summary_fg_p05": 276.92498779296875,
  "summary_fg_p95": 919.573364257812,
  "summary_fg_stdv": 201.8372039794922,
  "tsnr": 33.76177412644029
}