{
  "aor": 0.0003075105485232068,
  "aqi": 0.00552822582278481,
  "bids_meta": {
    "AcquisitionMatrixPE": 106,
    "AcquisitionNumber": 1,
    "AcquisitionTime": "10:29:36.490000",
    "BandwidthPerPixelPhaseEncode": 16.551,
    "BaseResolution": 106,
    "BodyPartExamined": "HEAD",
    "CoilCombinationMethod": "Sum of Squares",
    "ConsistencyInfo": "N4_VE11C_LATEST_20160120",
    "ConversionSoftware": "dcm2niix",
    "ConversionSoftwareVersion": "v1.0.20211006",
    "Dcm2bidsVersion": "2.1.6",
    "DerivedVendorReportedEchoSpacing": 0.000569994,
    "DeviceSerialNumber": "66014",
    "DwellTime": 2e-06,
    "EchoTime": 0.03,
    "EchoTrainLength": 93,
    "EffectiveEchoSpacing": 0.000569994,
    "FlipAngle": 54,
    "ImageOrientationPatientDICOM": [
      0.999665,
      0.0171678,
      0.0193475,
      -0.0191946,
      0.993749,
      0.109972
    ],
    "ImageOrientationText": "Tra>Cor(6.3)>Sag(1.0)",
    "ImageType": [
      "ORIGINAL",
      "PRIMARY",
      "M",
      "ND",
      "MOSAIC"
    ],
    "ImagingFrequency": 123.26,
    "InPlanePhaseEncodingDirectionDICOM": "COL",
    "InstitutionAddress": "Yiheyuan Road 5,Beijing F259C2,Haidian,CN,100871",
    "InstitutionName": "CMR of Peking Univeristy",
    "InstitutionalDepartmentName": "Department",
    "MRAcquisitionType": "2D",
    "MagneticFieldStrength": 3,
    "Manufacturer": "Siemens",
    "ManufacturersModelName": "Prisma",
    "Modality": "MR",
    "MultibandAccelerationFactor": 8,
    "PartialFourier": 0.875,
    "PatientPosition": "HFS",
    "PercentPhaseFOV": 100,
    "PercentSampling": 100,
    "PhaseEncodingDirection": "j-",
    "PhaseEncodingSteps": 93,
    "PhaseResolution": 1,
    "PixelBandwidth": 2360,
    "ProcedureStepDescription": "Research^Projects_64CH",
    "ProtocolName": "fMRI_run4_AP",
    "PulseSequenceDetails": "%SiemensSeq%\\ep2d_bold",
    "ReceiveCoilActiveElements": "HC1-7;NC1,2",
    "ReceiveCoilName": "HeadNeck_64",
    "ReconMatrixPE": 106,
    "RefLinesPE": 32,
    "RepetitionTime": 0.71,
    "SAR": 0.109141,
    "ScanOptions": "PFP\\FS",
    "ScanningSequence": "EP",
    "SequenceName": "*epfid2d1_106",
    "SequenceVariant": "SK",
    "SeriesDescription": "fMRI_run4_AP",
    "SeriesNumber": 8,
    "ShimSetting": [
      -3448,
      -2109,
      -2015,
      480,
      -36,
      -499,
      -98,
      3
    ],
    "SliceThickness": 2,
    "SliceTiming": [
      0.305,
      0,
      0.3825,
      0.075,
      0.46,
      0.1525,
      0.535,
      0.23,
      0.6125,
      0.305,
      0,
      0.3825,
      0.075,
      0.46,
      0.1525,
      0.535,
      0.23,
      0.6125,
      0.305,
      0,
      0.3825,
      0.075,
      0.46,
      0.1525,
      0.535,
      0.23,
      0.6125,
      0.305,
      0,
      0.3825,
      0.075,
      0.46,
      0.1525,
      0.535,
      0.23,
      0.6125,
      0.305,
      0,
      0.3825,
      0.075,
      0.46,
      0.1525,
      0.535,
      0.23,
      0.6125,
      0.305,
      0,
      0.3825,
      0.075,
      0.46,
      0.1525,
      0.535,
      0.23,
      0.6125,
      0.305,
      0,
      0.3825,
      0.075,
      0.46,
      0.1525,
      0.535,
      0.23,
      0.6125,
      0.305,
      0,
      0.3825,
      0.075,
      0.46,
      0.1525,
      0.535,
      0.23,
      0.6125
    ],
    "SoftwareVersions": "syngo MR E11",
    "SpacingBetweenSlices": 2,
    "StationName": "AWP66014",
    "TaskName": "Chinese-RDR",
    "TotalReadoutTime": 0.0598493,
    "TxRefAmp": 254.945,
    "dataset": "ds004078",
    "modality": "bold",
    "run_id": 54,
    "subject_id": "11",
    "task_id": "RDR"
  },
  "dummy_trs": 2,
  "dvars_nstd": 43.63204024570823,
  "dvars_std": 1.060772054164905,
  "dvars_vstd": 1.0041756311627905,
  "efc": 0.5107010948439861,
  "fber": 662.5087890625,
  "fd_mean": 0.07568866003734664,
  "fd_num": 0,
  "fd_perc": 0.0,
  "fwhm_avg": 3.2910133333333333,
  "fwhm_x": 3.07426,
  "fwhm_y": 3.434115,
  "fwhm_z": 3.364665,
  "gcor": 0.00359139,
  "gsr_x": -0.011530023068189621,
  "gsr_y": 0.032016217708587646,
  "provenance": {
    "md5sum": "ed699d0df6dd3b4b416007ce3b97105e",
    "settings": {
      "fd_thres": 0.2,
      "testing": false
    },
    "software": "mriqc",
    "version": "23.0.1",
    "webapi_port": null,
    "webapi_url": "https://mriqc.nimh.nih.gov/api/v1"
  },
  "size_t": 474,
  "size_x": 106,
  "size_y": 106,
  "size_z": 72,
  "snr": 2.580073622981523,
  "spacing_tr": 0.7099999785423279,
  "spacing_x": 2.0,
  "spacing_y": 2.0,
  "spacing_z": 2.0,
  "summary_bg_k": 24.03881380622765,
  "summary_bg_mad": 10.56588508564411,
  "summary_bg_mean": 41.21063232421875,
  "summary_bg_median": 19.27004051208496,
  "summary_bg_n": 566933.0,
  "summary_bg_p05": 11.364978790283203,
  "summary_bg_p95": 157.14303283691416,
  "summary_bg_stdv": 62.377281188964844,
  "summary_fg_k": 1.2438427391163174,
  "summary_fg_mad": 183.61748859440465,
  "summary_fg_mean": 533.5714721679688,
  "summary_fg_median": 506.1371154785156,
  "summary_fg_n": 141049.0,
  "summary_fg_p05": 274.1624267578125,
  "summary_fg_p95": 899.2556396484375,
  "summary_fg_stdv": 196.17088317871094,
  "tsnr": 33.565184875857085
}