{
  "aor": 0.0003835872235872236,
  "aqi": 0.006191872285012285,
  "bids_meta": {
    "AcquisitionMatrixPE": 106,
    "AcquisitionNumber": 1,
    "AcquisitionTime": "11:10:12.232500",
    "BandwidthPerPixelPhaseEncode": 16.551,
    "BaseResolution": 106,
    "BodyPartExamined": "HEAD",
    "CoilCombinationMethod": "Sum of Squares",
    "ConsistencyInfo": "N4_VE11C_LATEST_20160120",
    "ConversionSoftware": "dcm2niix",
    "ConversionSoftwareVersion": "v1.0.20211006",
    "Dcm2bidsVersion": "2.1.6",
    "DerivedVendorReportedEchoSpacing": 0.000569994,
    "DeviceSerialNumber": "66014",
    "DwellTime": 2e-06,
    "EchoTime": 0.03,
    "EchoTrainLength": 93,
    "EffectiveEchoSpacing": 0.000569994,
    "FlipAngle": 54,
    "ImageOrientationPatientDICOM": [
      0.999513,
      0.0296518,
      -0.00969698,
      -0.0296648,
      0.999559,
      -0.00120464
    ],
    "ImageOrientationText": "Tra>Sag(-0.6)>Cor(-0.1)",
    "ImageType": [
      "ORIGINAL",
      "PRIMARY",
      "M",
      "ND",
      "MOSAIC"
    ],
    "ImagingFrequency": 123.259,
    "InPlanePhaseEncodingDirectionDICOM": "COL",
    "InstitutionAddress": "Yiheyuan Road 5,Beijing  0FCA35,Haidian,CN,100871",
    "InstitutionName": "CMR of Peking Univeristy",
    "InstitutionalDepartmentName": "Department",
    "MRAcquisitionType": "2D",
    "MagneticFieldStrength": 3,
    "Manufacturer": "Siemens",
    "ManufacturersModelName": "Prisma",
    "Modality": "MR",
    "MultibandAccelerationFactor": 8,
    "PartialFourier": 0.875,
    "PatientPosition": "HFS",
    "PercentPhaseFOV": 100,
    "PercentSampling": 100,
    "PhaseEncodingDirection": "j-",
    "PhaseEncodingSteps": 93,
    "PhaseResolution": 1,
    "PixelBandwidth": 2360,
    "ProcedureStepDescription": "Research^Projects_64CH",
    "ProtocolName": "fMRI_run9_AP",
    "PulseSequenceDetails": "%SiemensSeq%\\ep2d_bold",
    "ReceiveCoilActiveElements": "HC1-7;NC1,2",
    "ReceiveCoilName": "HeadNeck_64",
    "ReconMatrixPE": 106,
    "RefLinesPE": 32,
    "RepetitionTime": 0.71,
    "SAR": 0.112701,
    "ScanOptions": "PFP\\FS",
    "ScanningSequence": "EP",
    "SequenceName": "*epfid2d1_106",
    "SequenceVariant": "SK",
    "SeriesDescription": "fMRI_run9_AP",
    "SeriesNumber": 13,
    "ShimSetting": [
      -3449,
      -2111,
      -2031,
      556,
      -47,
      -411,
      -68,
      52
    ],
    "SliceThickness": 2,
    "SliceTiming": [
      0.305,
      0,
      0.3825,
      0.075,
      0.46,
      0.1525,
      0.535,
      0.23,
      0.6125,
      0.305,
      0,
      0.3825,
      0.075,
      0.46,
      0.1525,
      0.535,
      0.23,
      0.6125,
      0.305,
      0,
      0.3825,
      0.075,
      0.46,
      0.1525,
      0.535,
      0.23,
      0.6125,
      0.305,
      0,
      0.3825,
      0.075,
      0.46,
      0.1525,
      0.535,
      0.23,
      0.6125,
      0.305,
      0,
      0.3825,
      0.075,
      0.46,
      0.1525,
      0.535,
      0.23,
      0.6125,
      0.305,
      0,
      0.3825,
      0.075,
      0.46,
      0.1525,
      0.535,
      0.23,
      0.6125,
      0.305,
      0,
      0.3825,
      0.075,
      0.46,
      0.1525,
      0.535,
      0.23,
      0.6125,
      0.305,
      0,
      0.3825,
      0.075,
      0.46,
      0.1525,
      0.535,
      0.23,
      0.6125
    ],
    "SoftwareVersions": "syngo MR E11",
    "SpacingBetweenSlices": 2,
    "StationName": "AWP66014",
    "TaskName": "Chinese-RDR",
    "TotalReadoutTime": 0.0598493,
    "TxRefAmp": 256.791,
    "dataset": "ds004078",
    "modality": "bold",
    "run_id": 9,
    "subject_id": "11",
    "task_id": "RDR"
  },
  "dummy_trs": 0,
  "dvars_nstd": 44.717623987955726,
  "dvars_std": 1.0546022702955673,
  "dvars_vstd": 1.0060749895812802,
  "efc": 0.5161312798582898,
  "fber": 627.550048828125,
  "fd_mean": 0.06414485750942636,
  "fd_num": 0,
  "fd_perc": 0.0,
  "fwhm_avg": 3.1561333333333335,
  "fwhm_x": 2.950565,
  "fwhm_y": 3.264215,
  "fwhm_z": 3.25362,
  "gcor": 0.00347826,
  "gsr_x": -0.010452519170939922,
  "gsr_y": 0.040448322892189026,
  "provenance": {
    "md5sum": "8825d5df092dfd71d80657b4c676b73e",
    "settings": {
      "fd_thres": 0.2,
      "testing": false
    },
    "software": "mriqc",
    "version": "23.0.1",
    "webapi_port": null,
    "webapi_url": "https://mriqc.nimh.nih.gov/api/v1"
  },
  "size_t": 407,
  "size_x": 106,
  "size_y": 106,
  "size_z": 72,
  "snr": 2.703616073185516,
  "spacing_tr": 0.7099999785423279,
  "spacing_x": 2.0,
  "spacing_y": 2.0,
  "spacing_z": 2.0,
  "summary_bg_k": 22.674474985961268,
  "summary_bg_mad": 10.26528859435511,
  "summary_bg_mean": 40.9523811340332,
  "summary_bg_median": 18.965600967407227,
  "summary_bg_n": 568756.0,
  "summary_bg_p05": 11.186732292175293,
  "summary_bg_p95": 156.30958557128906,
  "summary_bg_stdv": 62.6512565612793,
  "summary_fg_k": 0.8829342728952274,
  "summary_fg_mad": 163.85849301832658,
  "summary_fg_mean": 508.30401611328125,
  "summary_fg_median": 482.66583251953125,
  "summary_fg_n": 140559.0,
  "summary_fg_p05": 273.5262939453125,
  "summary_fg_p95": 846.7722229003907,
  "summary_fg_stdv": 178.525390625,
  "tsnr": 32.86300251027569
}