{
  "aor": 0.00020877358490566038,
  "aqi": 0.005518994221698113,
  "bids_meta": {
    "AcquisitionMatrixPE": 106,
    "AcquisitionNumber": 1,
    "AcquisitionTime": "11:00:21.037500",
    "BandwidthPerPixelPhaseEncode": 16.551,
    "BaseResolution": 106,
    "BodyPartExamined": "HEAD",
    "CoilCombinationMethod": "Sum of Squares",
    "ConsistencyInfo": "N4_VE11C_LATEST_20160120",
    "ConversionSoftware": "dcm2niix",
    "ConversionSoftwareVersion": "v1.0.20211006",
    "Dcm2bidsVersion": "2.1.6",
    "DerivedVendorReportedEchoSpacing": 0.000569994,
    "DeviceSerialNumber": "66014",
    "DwellTime": 2e-06,
    "EchoTime": 0.03,
    "EchoTrainLength": 93,
    "EffectiveEchoSpacing": 0.000569994,
    "FlipAngle": 54,
    "ImageOrientationPatientDICOM": [
      0.999665,
      0.0171678,
      0.0193475,
      -0.0191946,
      0.993749,
      0.109972
    ],
    "ImageOrientationText": "Tra>Cor(6.3)>Sag(1.0)",
    "ImageType": [
      "ORIGINAL",
      "PRIMARY",
      "M",
      "ND",
      "MOSAIC"
    ],
    "ImagingFrequency": 123.26,
    "InPlanePhaseEncodingDirectionDICOM": "COL",
    "InstitutionAddress": "Yiheyuan Road 5,Beijing F259C2,Haidian,CN,100871",
    "InstitutionName": "CMR of Peking Univeristy",
    "InstitutionalDepartmentName": "Department",
    "MRAcquisitionType": "2D",
    "MagneticFieldStrength": 3,
    "Manufacturer": "Siemens",
    "ManufacturersModelName": "Prisma",
    "Modality": "MR",
    "MultibandAccelerationFactor": 8,
    "PartialFourier": 0.875,
    "PatientPosition": "HFS",
    "PercentPhaseFOV": 100,
    "PercentSampling": 100,
    "PhaseEncodingDirection": "j-",
    "PhaseEncodingSteps": 93,
    "PhaseResolution": 1,
    "PixelBandwidth": 2360,
    "ProcedureStepDescription": "Research^Projects_64CH",
    "ProtocolName": "fMRI_run9_AP",
    "PulseSequenceDetails": "%SiemensSeq%\\ep2d_bold",
    "ReceiveCoilActiveElements": "HC1-7;NC1,2",
    "ReceiveCoilName": "HeadNeck_64",
    "ReconMatrixPE": 106,
    "RefLinesPE": 32,
    "RepetitionTime": 0.71,
    "SAR": 0.108951,
    "ScanOptions": "PFP\\FS",
    "ScanningSequence": "EP",
    "SequenceName": "*epfid2d1_106",
    "SequenceVariant": "SK",
    "SeriesDescription": "fMRI_run9_AP",
    "SeriesNumber": 13,
    "ShimSetting": [
      -3448,
      -2109,
      -2015,
      480,
      -36,
      -499,
      -98,
      3
    ],
    "SliceThickness": 2,
    "SliceTiming": [
      0.305,
      0,
      0.3825,
      0.075,
      0.46,
      0.1525,
      0.535,
      0.23,
      0.6125,
      0.305,
      0,
      0.3825,
      0.075,
      0.46,
      0.1525,
      0.535,
      0.23,
      0.6125,
      0.305,
      0,
      0.3825,
      0.075,
      0.46,
      0.1525,
      0.535,
      0.23,
      0.6125,
      0.305,
      0,
      0.3825,
      0.075,
      0.46,
      0.1525,
      0.535,
      0.23,
      0.6125,
      0.305,
      0,
      0.3825,
      0.075,
      0.46,
      0.1525,
      0.535,
      0.23,
      0.6125,
      0.305,
      0,
      0.3825,
      0.075,
      0.46,
      0.1525,
      0.535,
      0.23,
      0.6125,
      0.305,
      0,
      0.3825,
      0.075,
      0.46,
      0.1525,
      0.535,
      0.23,
      0.6125,
      0.305,
      0,
      0.3825,
      0.075,
      0.46,
      0.1525,
      0.535,
      0.23,
      0.6125
    ],
    "SoftwareVersions": "syngo MR E11",
    "SpacingBetweenSlices": 2,
    "StationName": "AWP66014",
    "TaskName": "Chinese-RDR",
    "TotalReadoutTime": 0.0598493,
    "TxRefAmp": 254.945,
    "dataset": "ds004078",
    "modality": "bold",
    "run_id": 59,
    "subject_id": "11",
    "task_id": "RDR"
  },
  "dummy_trs": 3,
  "dvars_nstd": 42.753609054869976,
  "dvars_std": 1.0419900346099285,
  "dvars_vstd": 0.9984718772813246,
  "efc": 0.5134189409137077,
  "fber": 646.6519775390625,
  "fd_mean": 0.07484021802775481,
  "fd_num": 0,
  "fd_perc": 0.0,
  "fwhm_avg": 3.247855,
  "fwhm_x": 3.01515,
  "fwhm_y": 3.39755,
  "fwhm_z": 3.330865,
  "gcor": 0.00429171,
  "gsr_x": -0.012997888028621674,
  "gsr_y": 0.03921382129192352,
  "provenance": {
    "md5sum": "374dbabccdd8d4072676a1c3d4f06f1f",
    "settings": {
      "fd_thres": 0.2,
      "testing": false
    },
    "software": "mriqc",
    "version": "23.0.1",
    "webapi_port": null,
    "webapi_url": "https://mriqc.nimh.nih.gov/api/v1"
  },
  "size_t": 424,
  "size_x": 106,
  "size_y": 106,
  "size_z": 72,
  "snr": 2.6081056965435474,
  "spacing_tr": 0.7099999785423279,
  "spacing_x": 2.0,
  "spacing_y": 2.0,
  "spacing_z": 2.0,
  "summary_bg_k": 21.75098932246445,
  "summary_bg_mad": 10.74536946085327,
  "summary_bg_mean": 42.895355224609375,
  "summary_bg_median": 19.445755004882812,
  "summary_bg_n": 569408.0,
  "summary_bg_p05": 11.410377502441406,
  "summary_bg_p95": 168.1218223571778,
  "summary_bg_stdv": 66.2479248046875,
  "summary_fg_k": 1.160102877237846,
  "summary_fg_mad": 180.88796759721876,
  "summary_fg_mean": 529.2118530273438,
  "summary_fg_median": 502.5448303222656,
  "summary_fg_n": 140253.0,
  "summary_fg_p05": 273.49387817382814,
  "summary_fg_p95": 888.3622558593748,
  "summary_fg_stdv": 192.68507385253906,
  "tsnr": 33.784997798502445
}