{
  "aor": 0.00022077369439071564,
  "aqi": 0.005554501083172146,
  "bids_meta": {
    "AcquisitionMatrixPE": 106,
    "AcquisitionNumber": 1,
    "AcquisitionTime": "10:23:19.990000",
    "BandwidthPerPixelPhaseEncode": 16.551,
    "BaseResolution": 106,
    "BodyPartExamined": "HEAD",
    "CoilCombinationMethod": "Sum of Squares",
    "ConsistencyInfo": "N4_VE11C_LATEST_20160120",
    "ConversionSoftware": "dcm2niix",
    "ConversionSoftwareVersion": "v1.0.20211006",
    "Dcm2bidsVersion": "2.1.6",
    "DerivedVendorReportedEchoSpacing": 0.000569994,
    "DeviceSerialNumber": "66014",
    "DwellTime": 2e-06,
    "EchoTime": 0.03,
    "EchoTrainLength": 93,
    "EffectiveEchoSpacing": 0.000569994,
    "FlipAngle": 54,
    "ImageOrientationPatientDICOM": [
      0.999349,
      0.0198035,
      0.0301696,
      -0.0191884,
      0.999605,
      -0.0205435
    ],
    "ImageOrientationText": "Tra>Sag(1.8)>Cor(-1.1)",
    "ImageType": [
      "ORIGINAL",
      "PRIMARY",
      "M",
      "ND",
      "MOSAIC"
    ],
    "ImagingFrequency": 123.26,
    "InPlanePhaseEncodingDirectionDICOM": "COL",
    "InstitutionAddress": "Yiheyuan Road 5,Beijing F259C2,Haidian,CN,100871",
    "InstitutionName": "CMR of Peking Univeristy",
    "InstitutionalDepartmentName": "Department",
    "MRAcquisitionType": "2D",
    "MagneticFieldStrength": 3,
    "Manufacturer": "Siemens",
    "ManufacturersModelName": "Prisma",
    "Modality": "MR",
    "MultibandAccelerationFactor": 8,
    "PartialFourier": 0.875,
    "PatientPosition": "HFS",
    "PercentPhaseFOV": 100,
    "PercentSampling": 100,
    "PhaseEncodingDirection": "j-",
    "PhaseEncodingSteps": 93,
    "PhaseResolution": 1,
    "PixelBandwidth": 2360,
    "ProcedureStepDescription": "Research^Projects_64CH",
    "ProtocolName": "fMRI_run2_AP",
    "PulseSequenceDetails": "%SiemensSeq%\\ep2d_bold",
    "ReceiveCoilActiveElements": "HC1-7;NC1,2",
    "ReceiveCoilName": "HeadNeck_64",
    "ReconMatrixPE": 106,
    "RefLinesPE": 32,
    "RepetitionTime": 0.71,
    "SAR": 0.0999254,
    "ScanOptions": "PFP\\FS",
    "ScanningSequence": "EP",
    "SequenceName": "*epfid2d1_106",
    "SequenceVariant": "SK",
    "SeriesDescription": "fMRI_run2_AP",
    "SeriesNumber": 6,
    "ShimSetting": [
      -3452,
      -2122,
      -1982,
      504,
      -39,
      -424,
      -70,
      7
    ],
    "SliceThickness": 2,
    "SliceTiming": [
      0.3075,
      0,
      0.385,
      0.0775,
      0.46,
      0.155,
      0.5375,
      0.23,
      0.615,
      0.3075,
      0,
      0.385,
      0.0775,
      0.46,
      0.155,
      0.5375,
      0.23,
      0.615,
      0.3075,
      0,
      0.385,
      0.0775,
      0.46,
      0.155,
      0.5375,
      0.23,
      0.615,
      0.3075,
      0,
      0.385,
      0.0775,
      0.46,
      0.155,
      0.5375,
      0.23,
      0.615,
      0.3075,
      0,
      0.385,
      0.0775,
      0.46,
      0.155,
      0.5375,
      0.23,
      0.615,
      0.3075,
      0,
      0.385,
      0.0775,
      0.46,
      0.155,
      0.5375,
      0.23,
      0.615,
      0.3075,
      0,
      0.385,
      0.0775,
      0.46,
      0.155,
      0.5375,
      0.23,
      0.615,
      0.3075,
      0,
      0.385,
      0.0775,
      0.46,
      0.155,
      0.5375,
      0.23,
      0.615
    ],
    "SoftwareVersions": "syngo MR E11",
    "SpacingBetweenSlices": 2,
    "StationName": "AWP66014",
    "TaskName": "Chinese-RDR",
    "TotalReadoutTime": 0.0598493,
    "TxRefAmp": 248.577,
    "dataset": "ds004078",
    "modality": "bold",
    "run_id": 32,
    "subject_id": "11",
    "task_id": "RDR"
  },
  "dummy_trs": 3,
  "dvars_nstd": 42.69511455707368,
  "dvars_std": 1.0550322175775197,
  "dvars_vstd": 1.001880483120155,
  "efc": 0.5072251810268092,
  "fber": 702.3440551757812,
  "fd_mean": 0.08785809138350598,
  "fd_num": 0,
  "fd_perc": 0.0,
  "fwhm_avg": 3.3202766666666665,
  "fwhm_x": 3.10572,
  "fwhm_y": 3.472895,
  "fwhm_z": 3.382215,
  "gcor": 0.00352527,
  "gsr_x": -0.012813838198781013,
  "gsr_y": 0.040864381939172745,
  "provenance": {
    "md5sum": "b4ec2d4335d70693ef39d0ffb42de4de",
    "settings": {
      "fd_thres": 0.2,
      "testing": false
    },
    "software": "mriqc",
    "version": "23.0.1",
    "webapi_port": null,
    "webapi_url": "https://mriqc.nimh.nih.gov/api/v1"
  },
  "size_t": 517,
  "size_x": 106,
  "size_y": 106,
  "size_z": 72,
  "snr": 2.548330468687747,
  "spacing_tr": 0.7099999785423279,
  "spacing_x": 2.0,
  "spacing_y": 2.0,
  "spacing_z": 2.0,
  "summary_bg_k": 22.66737547091699,
  "summary_bg_mad": 10.435569766515323,
  "summary_bg_mean": 41.983741760253906,
  "summary_bg_median": 19.112186431884766,
  "summary_bg_n": 569708.0,
  "summary_bg_p05": 11.336557388305664,
  "summary_bg_p95": 162.37389297485362,
  "summary_bg_stdv": 64.87689971923828,
  "summary_fg_k": 1.3032361655994658,
  "summary_fg_mad": 187.17780615946774,
  "summary_fg_mean": 543.512939453125,
  "summary_fg_median": 514.2940063476562,
  "summary_fg_n": 140431.0,
  "summary_fg_p05": 278.4313507080078,
  "summary_fg_p95": 920.8646240234375,
  "summary_fg_stdv": 201.81533813476562,
  "tsnr": 34.30754792969674
}