{
  "aor": 0.00045928571428571427,
  "aqi": 0.0052214576839826835,
  "bids_meta": {
    "AcquisitionMatrixPE": 106,
    "AcquisitionNumber": 1,
    "AcquisitionTime": "18:48:11.962500",
    "BandwidthPerPixelPhaseEncode": 16.551,
    "BaseResolution": 106,
    "BodyPartExamined": "HEAD",
    "CoilCombinationMethod": "Sum of Squares",
    "ConsistencyInfo": "N4_VE11C_LATEST_20160120",
    "ConversionSoftware": "dcm2niix",
    "ConversionSoftwareVersion": "v1.0.20211006",
    "Dcm2bidsVersion": "2.1.6",
    "DerivedVendorReportedEchoSpacing": 0.000569994,
    "DeviceSerialNumber": "66014",
    "DwellTime": 2e-06,
    "EchoTime": 0.03,
    "EchoTrainLength": 93,
    "EffectiveEchoSpacing": 0.000569994,
    "FlipAngle": 54,
    "ImageOrientationPatientDICOM": [
      0.999961,
      -0.00672263,
      0.00564475,
      0.0069811,
      0.998866,
      -0.0470915
    ],
    "ImageOrientationText": "Tra>Cor(-2.7)>Sag(0.3)",
    "ImageType": [
      "ORIGINAL",
      "PRIMARY",
      "M",
      "ND",
      "MOSAIC"
    ],
    "ImagingFrequency": 123.259,
    "InPlanePhaseEncodingDirectionDICOM": "COL",
    "InstitutionAddress": "Yiheyuan Road 5,Beijing F259C2,Haidian,CN,100871",
    "InstitutionName": "CMR of Peking Univeristy",
    "InstitutionalDepartmentName": "Department",
    "MRAcquisitionType": "2D",
    "MagneticFieldStrength": 3,
    "Manufacturer": "Siemens",
    "ManufacturersModelName": "Prisma",
    "Modality": "MR",
    "MultibandAccelerationFactor": 8,
    "PartialFourier": 0.875,
    "PatientPosition": "HFS",
    "PercentPhaseFOV": 100,
    "PercentSampling": 100,
    "PhaseEncodingDirection": "j-",
    "PhaseEncodingSteps": 93,
    "PhaseResolution": 1,
    "PixelBandwidth": 2360,
    "ProcedureStepDescription": "Research^Projects_64CH",
    "ProtocolName": "fMRI_run6_AP",
    "PulseSequenceDetails": "%SiemensSeq%\\ep2d_bold",
    "ReceiveCoilActiveElements": "HC1-7;NC1",
    "ReceiveCoilName": "HeadNeck_64",
    "ReconMatrixPE": 106,
    "RefLinesPE": 32,
    "RepetitionTime": 0.71,
    "SAR": 0.094245,
    "ScanOptions": "PFP\\FS",
    "ScanningSequence": "EP",
    "SequenceName": "*epfid2d1_106",
    "SequenceVariant": "SK",
    "SeriesDescription": "fMRI_run6_AP",
    "SeriesNumber": 10,
    "ShimSetting": [
      -3450,
      -2129,
      -1971,
      529,
      -12,
      -372,
      -55,
      -14
    ],
    "SliceThickness": 2,
    "SliceTiming": [
      0.3075,
      0,
      0.3825,
      0.0775,
      0.46,
      0.1525,
      0.5375,
      0.23,
      0.6125,
      0.3075,
      0,
      0.3825,
      0.0775,
      0.46,
      0.1525,
      0.5375,
      0.23,
      0.6125,
      0.3075,
      0,
      0.3825,
      0.0775,
      0.46,
      0.1525,
      0.5375,
      0.23,
      0.6125,
      0.3075,
      0,
      0.3825,
      0.0775,
      0.46,
      0.1525,
      0.5375,
      0.23,
      0.6125,
      0.3075,
      0,
      0.3825,
      0.0775,
      0.46,
      0.1525,
      0.5375,
      0.23,
      0.6125,
      0.3075,
      0,
      0.3825,
      0.0775,
      0.46,
      0.1525,
      0.5375,
      0.23,
      0.6125,
      0.3075,
      0,
      0.3825,
      0.0775,
      0.46,
      0.1525,
      0.5375,
      0.23,
      0.6125,
      0.3075,
      0,
      0.3825,
      0.0775,
      0.46,
      0.1525,
      0.5375,
      0.23,
      0.6125
    ],
    "SoftwareVersions": "syngo MR E11",
    "SpacingBetweenSlices": 2,
    "StationName": "AWP66014",
    "TaskName": "Chinese-RDR",
    "TotalReadoutTime": 0.0598493,
    "TxRefAmp": 236.153,
    "dataset": "ds004078",
    "modality": "bold",
    "run_id": 46,
    "subject_id": "11",
    "task_id": "RDR"
  },
  "dummy_trs": 0,
  "dvars_nstd": 41.72274399646419,
  "dvars_std": 1.0685133738177877,
  "dvars_vstd": 1.0109774142516266,
  "efc": 0.5013723042047015,
  "fber": 804.3689575195312,
  "fd_mean": 0.07132470248897527,
  "fd_num": 3,
  "fd_perc": 0.6493506493506493,
  "fwhm_avg": 3.3407549999999997,
  "fwhm_x": 3.10755,
  "fwhm_y": 3.49104,
  "fwhm_z": 3.423675,
  "gcor": 0.00481275,
  "gsr_x": -0.013280326500535011,
  "gsr_y": 0.0447857566177845,
  "provenance": {
    "md5sum": "61a4c2901e82692c2f4f8dcc3329ff81",
    "settings": {
      "fd_thres": 0.2,
      "testing": false
    },
    "software": "mriqc",
    "version": "23.0.1",
    "webapi_port": null,
    "webapi_url": "https://mriqc.nimh.nih.gov/api/v1"
  },
  "size_t": 462,
  "size_x": 106,
  "size_y": 106,
  "size_z": 72,
  "snr": 2.517582782580315,
  "spacing_tr": 0.7099999785423279,
  "spacing_x": 2.0,
  "spacing_y": 2.0,
  "spacing_z": 2.0,
  "summary_bg_k": 24.362298945395246,
  "summary_bg_mad": 10.248247327686279,
  "summary_bg_mean": 41.791439056396484,
  "summary_bg_median": 18.63852882385254,
  "summary_bg_n": 570180.0,
  "summary_bg_p05": 11.023809432983398,
  "summary_bg_p95": 162.6666717529297,
  "summary_bg_stdv": 66.15733337402344,
  "summary_fg_k": 1.4640491084123353,
  "summary_fg_mad": 196.76248473193723,
  "summary_fg_mean": 569.484130859375,
  "summary_fg_median": 538.7066650390625,
  "summary_fg_n": 140420.0,
  "summary_fg_p05": 290.63570404052734,
  "summary_fg_p95": 967.5703247070305,
  "summary_fg_stdv": 213.9769744873047,
  "tsnr": 35.23556269193068
}