{
  "aor": 0.00023499210110584516,
  "aqi": 0.006381931737756715,
  "bids_meta": {
    "AcquisitionMatrixPE": 106,
    "AcquisitionNumber": 1,
    "AcquisitionTime": "21:30:0.022500",
    "BandwidthPerPixelPhaseEncode": 16.551,
    "BaseResolution": 106,
    "BodyPartExamined": "HEAD",
    "CoilCombinationMethod": "Sum of Squares",
    "ConsistencyInfo": "N4_VE11C_LATEST_20160120",
    "ConversionSoftware": "dcm2niix",
    "ConversionSoftwareVersion": "v1.0.20211006",
    "Dcm2bidsVersion": "2.1.6",
    "DerivedVendorReportedEchoSpacing": 0.000569994,
    "DeviceSerialNumber": "66014",
    "DwellTime": 2e-06,
    "EchoTime": 0.03,
    "EchoTrainLength": 93,
    "EffectiveEchoSpacing": 0.000569994,
    "FlipAngle": 54,
    "ImageOrientationPatientDICOM": [
      0.999844,
      0.0124107,
      0.0125811,
      -0.012216,
      0.999806,
      -0.0154366
    ],
    "ImageOrientationText": "Tra>Cor(-0.9)>Sag(0.7)",
    "ImageType": [
      "ORIGINAL",
      "PRIMARY",
      "M",
      "ND",
      "MOSAIC"
    ],
    "ImagingFrequency": 123.259,
    "InPlanePhaseEncodingDirectionDICOM": "COL",
    "InstitutionAddress": "Yiheyuan Road 5,Beijing  0FCA35,Haidian,CN,100871",
    "InstitutionName": "CMR of Peking Univeristy",
    "InstitutionalDepartmentName": "Department",
    "MRAcquisitionType": "2D",
    "MagneticFieldStrength": 3,
    "Manufacturer": "Siemens",
    "ManufacturersModelName": "Prisma",
    "Modality": "MR",
    "MultibandAccelerationFactor": 8,
    "PartialFourier": 0.875,
    "PatientPosition": "HFS",
    "PercentPhaseFOV": 100,
    "PercentSampling": 100,
    "PhaseEncodingDirection": "j",
    "PhaseEncodingSteps": 93,
    "PhaseResolution": 1,
    "PixelBandwidth": 2360,
    "ProcedureStepDescription": "Research^Projects_64CH",
    "ProtocolName": "fMRI_Rest2_PA",
    "PulseSequenceDetails": "%SiemensSeq%\\ep2d_bold",
    "ReceiveCoilActiveElements": "HC1-7;NC1,2",
    "ReceiveCoilName": "HeadNeck_64",
    "ReconMatrixPE": 106,
    "RefLinesPE": 32,
    "RepetitionTime": 0.71,
    "SAR": 0.106353,
    "ScanOptions": "PFP\\FS",
    "ScanningSequence": "EP",
    "SequenceName": "*epfid2d1_106",
    "SequenceVariant": "SK",
    "SeriesDescription": "fMRI_Rest2_PA",
    "SeriesNumber": 22,
    "ShimSetting": [
      -3454,
      -2121,
      -1992,
      503,
      -55,
      -371,
      -89,
      18
    ],
    "SliceThickness": 2,
    "SliceTiming": [
      0.3075,
      0,
      0.385,
      0.0775,
      0.46,
      0.155,
      0.5375,
      0.23,
      0.615,
      0.3075,
      0,
      0.385,
      0.0775,
      0.46,
      0.155,
      0.5375,
      0.23,
      0.615,
      0.3075,
      0,
      0.385,
      0.0775,
      0.46,
      0.155,
      0.5375,
      0.23,
      0.615,
      0.3075,
      0,
      0.385,
      0.0775,
      0.46,
      0.155,
      0.5375,
      0.23,
      0.615,
      0.3075,
      0,
      0.385,
      0.0775,
      0.46,
      0.155,
      0.5375,
      0.23,
      0.615,
      0.3075,
      0,
      0.385,
      0.0775,
      0.46,
      0.155,
      0.5375,
      0.23,
      0.615,
      0.3075,
      0,
      0.385,
      0.0775,
      0.46,
      0.155,
      0.5375,
      0.23,
      0.615,
      0.3075,
      0,
      0.385,
      0.0775,
      0.46,
      0.155,
      0.5375,
      0.23,
      0.615
    ],
    "SoftwareVersions": "syngo MR E11",
    "SpacingBetweenSlices": 2,
    "StationName": "AWP66014",
    "TaskName": "rest",
    "TotalReadoutTime": 0.0598493,
    "TxRefAmp": 248.666,
    "dataset": "ds004078",
    "modality": "bold",
    "run_id": 4,
    "subject_id": "11",
    "task_id": "rest"
  },
  "dummy_trs": 1,
  "dvars_nstd": 44.466744066993684,
  "dvars_std": 1.056815821898735,
  "dvars_vstd": 0.9975130984493662,
  "efc": 0.5093220388770031,
  "fber": 724.5763549804688,
  "fd_mean": 0.06779514308556646,
  "fd_num": 4,
  "fd_perc": 0.631911532385466,
  "fwhm_avg": 3.163956666666667,
  "fwhm_x": 3.02692,
  "fwhm_y": 3.306805,
  "fwhm_z": 3.158145,
  "gcor": 0.00659856,
  "gsr_x": -0.0015716090565547347,
  "gsr_y": 0.06026603654026985,
  "provenance": {
    "md5sum": "ddae2d17fc9de0d60243466214391db8",
    "settings": {
      "fd_thres": 0.2,
      "testing": false
    },
    "software": "mriqc",
    "version": "23.0.1",
    "webapi_port": null,
    "webapi_url": "https://mriqc.nimh.nih.gov/api/v1"
  },
  "size_t": 633,
  "size_x": 106,
  "size_y": 106,
  "size_z": 72,
  "snr": 2.6648732480901653,
  "spacing_tr": 0.7099999785423279,
  "spacing_x": 2.0,
  "spacing_y": 2.0,
  "spacing_z": 2.0,
  "summary_bg_k": 23.696209955930183,
  "summary_bg_mad": 10.005808886698526,
  "summary_bg_mean": 44.04131317138672,
  "summary_bg_median": 18.834123611450195,
  "summary_bg_n": 573972.0,
  "summary_bg_p05": 11.2843599319458,
  "summary_bg_p95": 180.4690422058104,
  "summary_bg_stdv": 71.94496154785156,
  "summary_fg_k": 0.48397224062893507,
  "summary_fg_mad": 193.6400298063269,
  "summary_fg_mean": 536.3524169921875,
  "summary_fg_median": 510.79620361328125,
  "summary_fg_n": 134507.0,
  "summary_fg_p05": 273.1437683105469,
  "summary_fg_p95": 883.8876770019531,
  "summary_fg_stdv": 191.67677307128906,
  "tsnr": 31.679748773458414
}