{
  "aor": 0.00027890995260663505,
  "aqi": 0.007826091658767773,
  "bids_meta": {
    "AcquisitionMatrixPE": 106,
    "AcquisitionNumber": 1,
    "AcquisitionTime": "21:21:39.775000",
    "BandwidthPerPixelPhaseEncode": 16.551,
    "BaseResolution": 106,
    "BodyPartExamined": "HEAD",
    "CoilCombinationMethod": "Sum of Squares",
    "ConsistencyInfo": "N4_VE11C_LATEST_20160120",
    "ConversionSoftware": "dcm2niix",
    "ConversionSoftwareVersion": "v1.0.20211006",
    "Dcm2bidsVersion": "2.1.6",
    "DerivedVendorReportedEchoSpacing": 0.000569994,
    "DeviceSerialNumber": "66014",
    "DwellTime": 2e-06,
    "EchoTime": 0.03,
    "EchoTrainLength": 93,
    "EffectiveEchoSpacing": 0.000569994,
    "FlipAngle": 54,
    "ImageOrientationPatientDICOM": [
      0.999844,
      0.0124107,
      0.0125811,
      -0.012216,
      0.999806,
      -0.0154366
    ],
    "ImageOrientationText": "Tra>Cor(-0.9)>Sag(0.7)",
    "ImageType": [
      "ORIGINAL",
      "PRIMARY",
      "M",
      "ND",
      "MOSAIC"
    ],
    "ImagingFrequency": 123.259,
    "InPlanePhaseEncodingDirectionDICOM": "COL",
    "InstitutionAddress": "Yiheyuan Road 5,Beijing  0FCA35,Haidian,CN,100871",
    "InstitutionName": "CMR of Peking Univeristy",
    "InstitutionalDepartmentName": "Department",
    "MRAcquisitionType": "2D",
    "MagneticFieldStrength": 3,
    "Manufacturer": "Siemens",
    "ManufacturersModelName": "Prisma",
    "Modality": "MR",
    "MultibandAccelerationFactor": 8,
    "PartialFourier": 0.875,
    "PatientPosition": "HFS",
    "PercentPhaseFOV": 100,
    "PercentSampling": 100,
    "PhaseEncodingDirection": "j-",
    "PhaseEncodingSteps": 93,
    "PhaseResolution": 1,
    "PixelBandwidth": 2360,
    "ProcedureStepDescription": "Research^Projects_64CH",
    "ProtocolName": "fMRI_Rest2_AP",
    "PulseSequenceDetails": "%SiemensSeq%\\ep2d_bold",
    "ReceiveCoilActiveElements": "HC1-7;NC1,2",
    "ReceiveCoilName": "HeadNeck_64",
    "ReconMatrixPE": 106,
    "RefLinesPE": 32,
    "RepetitionTime": 0.71,
    "SAR": 0.106353,
    "ScanOptions": "PFP\\FS",
    "ScanningSequence": "EP",
    "SequenceName": "*epfid2d1_106",
    "SequenceVariant": "SK",
    "SeriesDescription": "fMRI_Rest2_AP",
    "SeriesNumber": 21,
    "ShimSetting": [
      -3454,
      -2121,
      -1992,
      503,
      -55,
      -371,
      -89,
      18
    ],
    "SliceThickness": 2,
    "SliceTiming": [
      0.305,
      0,
      0.3825,
      0.075,
      0.46,
      0.1525,
      0.535,
      0.23,
      0.6125,
      0.305,
      0,
      0.3825,
      0.075,
      0.46,
      0.1525,
      0.535,
      0.23,
      0.6125,
      0.305,
      0,
      0.3825,
      0.075,
      0.46,
      0.1525,
      0.535,
      0.23,
      0.6125,
      0.305,
      0,
      0.3825,
      0.075,
      0.46,
      0.1525,
      0.535,
      0.23,
      0.6125,
      0.305,
      0,
      0.3825,
      0.075,
      0.46,
      0.1525,
      0.535,
      0.23,
      0.6125,
      0.305,
      0,
      0.3825,
      0.075,
      0.46,
      0.1525,
      0.535,
      0.23,
      0.6125,
      0.305,
      0,
      0.3825,
      0.075,
      0.46,
      0.1525,
      0.535,
      0.23,
      0.6125,
      0.305,
      0,
      0.3825,
      0.075,
      0.46,
      0.1525,
      0.535,
      0.23,
      0.6125
    ],
    "SoftwareVersions": "syngo MR E11",
    "SpacingBetweenSlices": 2,
    "StationName": "AWP66014",
    "TaskName": "rest",
    "TotalReadoutTime": 0.0598493,
    "TxRefAmp": 248.666,
    "dataset": "ds004078",
    "modality": "bold",
    "run_id": 3,
    "subject_id": "11",
    "task_id": "rest"
  },
  "dummy_trs": 1,
  "dvars_nstd": 45.68837614302213,
  "dvars_std": 1.0424042240348095,
  "dvars_vstd": 0.9817796648892393,
  "efc": 0.5101402460272492,
  "fber": 677.60498046875,
  "fd_mean": 0.0772077315584759,
  "fd_num": 6,
  "fd_perc": 0.9478672985781991,
  "fwhm_avg": 3.3192683333333335,
  "fwhm_x": 3.102185,
  "fwhm_y": 3.47842,
  "fwhm_z": 3.3772,
  "gcor": 0.0104726,
  "gsr_x": -0.011370639316737652,
  "gsr_y": 0.03365311771631241,
  "provenance": {
    "md5sum": "0359c37b3ddaf82fdca9a8709a35893b",
    "settings": {
      "fd_thres": 0.2,
      "testing": false
    },
    "software": "mriqc",
    "version": "23.0.1",
    "webapi_port": null,
    "webapi_url": "https://mriqc.nimh.nih.gov/api/v1"
  },
  "size_t": 633,
  "size_x": 106,
  "size_y": 106,
  "size_z": 72,
  "snr": 2.5794447953772988,
  "spacing_tr": 0.7099999785423279,
  "spacing_x": 2.0,
  "spacing_y": 2.0,
  "spacing_z": 2.0,
  "summary_bg_k": 22.617519082875866,
  "summary_bg_mad": 10.125259647181114,
  "summary_bg_mean": 40.64962387084961,
  "summary_bg_median": 18.9447078704834,
  "summary_bg_n": 566416.0,
  "summary_bg_p05": 11.361769676208496,
  "summary_bg_p95": 154.49328994750977,
  "summary_bg_stdv": 61.575538635253906,
  "summary_fg_k": 1.2796909271215,
  "summary_fg_mad": 179.93941980028697,
  "summary_fg_mean": 526.9829711914062,
  "summary_fg_median": 500.3704833984375,
  "summary_fg_n": 141850.0,
  "summary_fg_p05": 270.6698303222656,
  "summary_fg_p95": 887.7839538574212,
  "summary_fg_stdv": 193.9831085205078,
  "tsnr": 29.41168246883899
}