{
  "aor": 0.0002468304278922345,
  "aqi": 0.006034463977812995,
  "bids_meta": {
    "AcquisitionMatrixPE": 106,
    "AcquisitionNumber": 1,
    "AcquisitionTime": "20:50:44.957500",
    "BandwidthPerPixelPhaseEncode": 16.551,
    "BaseResolution": 106,
    "BodyPartExamined": "HEAD",
    "CoilCombinationMethod": "Sum of Squares",
    "ConsistencyInfo": "N4_VE11C_LATEST_20160120",
    "ConversionSoftware": "dcm2niix",
    "ConversionSoftwareVersion": "v1.0.20211006",
    "Dcm2bidsVersion": "2.1.6",
    "DerivedVendorReportedEchoSpacing": 0.000569994,
    "DeviceSerialNumber": "66014",
    "DwellTime": 2e-06,
    "EchoTime": 0.03,
    "EchoTrainLength": 93,
    "EffectiveEchoSpacing": 0.000569994,
    "FlipAngle": 54,
    "ImageOrientationPatientDICOM": [
      0.999844,
      0.0124107,
      0.0125811,
      -0.012216,
      0.999806,
      -0.0154366
    ],
    "ImageOrientationText": "Tra>Cor(-0.9)>Sag(0.7)",
    "ImageType": [
      "ORIGINAL",
      "PRIMARY",
      "M",
      "ND",
      "MOSAIC"
    ],
    "ImagingFrequency": 123.259,
    "InPlanePhaseEncodingDirectionDICOM": "COL",
    "InstitutionAddress": "Yiheyuan Road 5,Beijing  0FCA35,Haidian,CN,100871",
    "InstitutionName": "CMR of Peking Univeristy",
    "InstitutionalDepartmentName": "Department",
    "MRAcquisitionType": "2D",
    "MagneticFieldStrength": 3,
    "Manufacturer": "Siemens",
    "ManufacturersModelName": "Prisma",
    "Modality": "MR",
    "MultibandAccelerationFactor": 8,
    "PartialFourier": 0.875,
    "PatientPosition": "HFS",
    "PercentPhaseFOV": 100,
    "PercentSampling": 100,
    "PhaseEncodingDirection": "j-",
    "PhaseEncodingSteps": 93,
    "PhaseResolution": 1,
    "PixelBandwidth": 2360,
    "ProcedureStepDescription": "Research^Projects_64CH",
    "ProtocolName": "fMRI_Rest1_AP",
    "PulseSequenceDetails": "%SiemensSeq%\\ep2d_bold",
    "ReceiveCoilActiveElements": "HC1-7;NC1,2",
    "ReceiveCoilName": "HeadNeck_64",
    "ReconMatrixPE": 106,
    "RefLinesPE": 32,
    "RepetitionTime": 0.71,
    "SAR": 0.106353,
    "ScanOptions": "PFP\\FS",
    "ScanningSequence": "EP",
    "SequenceName": "*epfid2d1_106",
    "SequenceVariant": "SK",
    "SeriesDescription": "fMRI_Rest1_AP",
    "SeriesNumber": 5,
    "ShimSetting": [
      -3454,
      -2121,
      -1992,
      503,
      -55,
      -371,
      -89,
      18
    ],
    "SliceThickness": 2,
    "SliceTiming": [
      0.3075,
      0,
      0.3825,
      0.0775,
      0.46,
      0.1525,
      0.5375,
      0.23,
      0.6125,
      0.3075,
      0,
      0.3825,
      0.0775,
      0.46,
      0.1525,
      0.5375,
      0.23,
      0.6125,
      0.3075,
      0,
      0.3825,
      0.0775,
      0.46,
      0.1525,
      0.5375,
      0.23,
      0.6125,
      0.3075,
      0,
      0.3825,
      0.0775,
      0.46,
      0.1525,
      0.5375,
      0.23,
      0.6125,
      0.3075,
      0,
      0.3825,
      0.0775,
      0.46,
      0.1525,
      0.5375,
      0.23,
      0.6125,
      0.3075,
      0,
      0.3825,
      0.0775,
      0.46,
      0.1525,
      0.5375,
      0.23,
      0.6125,
      0.3075,
      0,
      0.3825,
      0.0775,
      0.46,
      0.1525,
      0.5375,
      0.23,
      0.6125,
      0.3075,
      0,
      0.3825,
      0.0775,
      0.46,
      0.1525,
      0.5375,
      0.23,
      0.6125
    ],
    "SoftwareVersions": "syngo MR E11",
    "SpacingBetweenSlices": 2,
    "StationName": "AWP66014",
    "TaskName": "rest",
    "TotalReadoutTime": 0.0598493,
    "TxRefAmp": 248.666,
    "dataset": "ds004078",
    "modality": "bold",
    "run_id": 1,
    "subject_id": "11",
    "task_id": "rest"
  },
  "dummy_trs": 3,
  "dvars_nstd": 45.106415902857144,
  "dvars_std": 1.055708294539682,
  "dvars_vstd": 0.9951074326349203,
  "efc": 0.5069965555201147,
  "fber": 689.9390869140625,
  "fd_mean": 0.07998573041420957,
  "fd_num": 10,
  "fd_perc": 1.5847860538827259,
  "fwhm_avg": 3.29323,
  "fwhm_x": 3.062555,
  "fwhm_y": 3.4335,
  "fwhm_z": 3.383635,
  "gcor": 0.00700584,
  "gsr_x": -0.012422687374055386,
  "gsr_y": 0.04258967563509941,
  "provenance": {
    "md5sum": "442f33e8de3eff614b3b0304563bb08c",
    "settings": {
      "fd_thres": 0.2,
      "testing": false
    },
    "software": "mriqc",
    "version": "23.0.1",
    "webapi_port": null,
    "webapi_url": "https://mriqc.nimh.nih.gov/api/v1"
  },
  "size_t": 631,
  "size_x": 106,
  "size_y": 106,
  "size_z": 72,
  "snr": 2.573527751620667,
  "spacing_tr": 0.7099999785423279,
  "spacing_x": 2.0,
  "spacing_y": 2.0,
  "spacing_z": 2.0,
  "summary_bg_k": 23.038700932381346,
  "summary_bg_mad": 10.455752055702707,
  "summary_bg_mean": 40.30093765258789,
  "summary_bg_median": 18.906497955322266,
  "summary_bg_n": 569295.0,
  "summary_bg_p05": 10.900158882141113,
  "summary_bg_p95": 151.6478713989251,
  "summary_bg_stdv": 60.96894073486328,
  "summary_fg_k": 1.3288708497912616,
  "summary_fg_mad": 182.43522553381044,
  "summary_fg_mean": 530.522216796875,
  "summary_fg_median": 503.6260070800781,
  "summary_fg_n": 140541.0,
  "summary_fg_p05": 271.377197265625,
  "summary_fg_p95": 893.6925659179688,
  "summary_fg_stdv": 195.69410705566406,
  "tsnr": 31.87445243471302
}