{
  "aor": 0.00022935599284436492,
  "aqi": 0.00542675481216458,
  "bids_meta": {
    "AcquisitionMatrixPE": 106,
    "AcquisitionNumber": 1,
    "AcquisitionTime": "18:14:2.177500",
    "BandwidthPerPixelPhaseEncode": 16.551,
    "BaseResolution": 106,
    "BodyPartExamined": "HEAD",
    "CoilCombinationMethod": "Sum of Squares",
    "ConsistencyInfo": "N4_VE11C_LATEST_20160120",
    "ConversionSoftware": "dcm2niix",
    "ConversionSoftwareVersion": "v1.0.20211006",
    "Dcm2bidsVersion": "2.1.6",
    "DerivedVendorReportedEchoSpacing": 0.000569994,
    "DeviceSerialNumber": "66014",
    "DwellTime": 2e-06,
    "EchoTime": 0.03,
    "EchoTrainLength": 93,
    "EffectiveEchoSpacing": 0.000569994,
    "FlipAngle": 54,
    "ImageOrientationPatientDICOM": [
      0.999961,
      -0.00672263,
      0.00564475,
      0.0069811,
      0.998866,
      -0.0470915
    ],
    "ImageOrientationText": "Tra>Cor(-2.7)>Sag(0.3)",
    "ImageType": [
      "ORIGINAL",
      "PRIMARY",
      "M",
      "ND",
      "MOSAIC"
    ],
    "ImagingFrequency": 123.259,
    "InPlanePhaseEncodingDirectionDICOM": "COL",
    "InstitutionAddress": "Yiheyuan Road 5,Beijing F259C2,Haidian,CN,100871",
    "InstitutionName": "CMR of Peking Univeristy",
    "InstitutionalDepartmentName": "Department",
    "MRAcquisitionType": "2D",
    "MagneticFieldStrength": 3,
    "Manufacturer": "Siemens",
    "ManufacturersModelName": "Prisma",
    "Modality": "MR",
    "MultibandAccelerationFactor": 8,
    "PartialFourier": 0.875,
    "PatientPosition": "HFS",
    "PercentPhaseFOV": 100,
    "PercentSampling": 100,
    "PhaseEncodingDirection": "j-",
    "PhaseEncodingSteps": 93,
    "PhaseResolution": 1,
    "PixelBandwidth": 2360,
    "ProcedureStepDescription": "Research^Projects_64CH",
    "ProtocolName": "fMRI_run1_AP",
    "PulseSequenceDetails": "%SiemensSeq%\\ep2d_bold",
    "ReceiveCoilActiveElements": "HC1-7;NC1",
    "ReceiveCoilName": "HeadNeck_64",
    "ReconMatrixPE": 106,
    "RefLinesPE": 32,
    "RepetitionTime": 0.71,
    "SAR": 0.0945068,
    "ScanOptions": "PFP\\FS",
    "ScanningSequence": "EP",
    "SequenceName": "*epfid2d1_106",
    "SequenceVariant": "SK",
    "SeriesDescription": "fMRI_run1_AP",
    "SeriesNumber": 5,
    "ShimSetting": [
      -3450,
      -2129,
      -1971,
      529,
      -12,
      -372,
      -55,
      -14
    ],
    "SliceThickness": 2,
    "SliceTiming": [
      0.3075,
      0,
      0.385,
      0.0775,
      0.46,
      0.155,
      0.5375,
      0.23,
      0.615,
      0.3075,
      0,
      0.385,
      0.0775,
      0.46,
      0.155,
      0.5375,
      0.23,
      0.615,
      0.3075,
      0,
      0.385,
      0.0775,
      0.46,
      0.155,
      0.5375,
      0.23,
      0.615,
      0.3075,
      0,
      0.385,
      0.0775,
      0.46,
      0.155,
      0.5375,
      0.23,
      0.615,
      0.3075,
      0,
      0.385,
      0.0775,
      0.46,
      0.155,
      0.5375,
      0.23,
      0.615,
      0.3075,
      0,
      0.385,
      0.0775,
      0.46,
      0.155,
      0.5375,
      0.23,
      0.615,
      0.3075,
      0,
      0.385,
      0.0775,
      0.46,
      0.155,
      0.5375,
      0.23,
      0.615,
      0.3075,
      0,
      0.385,
      0.0775,
      0.46,
      0.155,
      0.5375,
      0.23,
      0.615
    ],
    "SoftwareVersions": "syngo MR E11",
    "SpacingBetweenSlices": 2,
    "StationName": "AWP66014",
    "TaskName": "Chinese-RDR",
    "TotalReadoutTime": 0.0598493,
    "TxRefAmp": 236.153,
    "dataset": "ds004078",
    "modality": "bold",
    "run_id": 41,
    "subject_id": "11",
    "task_id": "RDR"
  },
  "dummy_trs": 2,
  "dvars_nstd": 41.91762821650537,
  "dvars_std": 1.0664167020967739,
  "dvars_vstd": 1.0024305391397852,
  "efc": 0.4986319108472713,
  "fber": 866.6029052734375,
  "fd_mean": 0.08888720953456516,
  "fd_num": 1,
  "fd_perc": 0.17889087656529518,
  "fwhm_avg": 3.3074733333333337,
  "fwhm_x": 3.087975,
  "fwhm_y": 3.455445,
  "fwhm_z": 3.379,
  "gcor": 0.00592678,
  "gsr_x": -0.010515186935663223,
  "gsr_y": 0.049588244408369064,
  "provenance": {
    "md5sum": "6e5116de8ac3dbebcbc3f28cabb1bbd7",
    "settings": {
      "fd_thres": 0.2,
      "testing": false
    },
    "software": "mriqc",
    "version": "23.0.1",
    "webapi_port": null,
    "webapi_url": "https://mriqc.nimh.nih.gov/api/v1"
  },
  "size_t": 559,
  "size_x": 106,
  "size_y": 106,
  "size_z": 72,
  "snr": 2.5772380961191192,
  "spacing_tr": 0.7099999785423279,
  "spacing_x": 2.0,
  "spacing_y": 2.0,
  "spacing_z": 2.0,
  "summary_bg_k": 24.647885666071012,
  "summary_bg_mad": 9.800027019784439,
  "summary_bg_mean": 40.050376892089844,
  "summary_bg_median": 17.980321884155273,
  "summary_bg_n": 571712.0,
  "summary_bg_p05": 10.769230842590332,
  "summary_bg_p95": 153.66037673950137,
  "summary_bg_stdv": 62.79386901855469,
  "summary_fg_k": 1.369911881639835,
  "summary_fg_mad": 193.52863556005124,
  "summary_fg_mean": 567.5262451171875,
  "summary_fg_median": 538.3255615234375,
  "summary_fg_n": 139743.0,
  "summary_fg_p05": 292.43165893554686,
  "summary_fg_p95": 955.223614501953,
  "summary_fg_stdv": 208.8761749267578,
  "tsnr": 34.749762376304716
}