{
  "aor": 0.0001960671936758893,
  "aqi": 0.005827934071146245,
  "bids_meta": {
    "AcquisitionMatrixPE": 106,
    "AcquisitionNumber": 1,
    "AcquisitionTime": "10:16:19.237500",
    "BandwidthPerPixelPhaseEncode": 16.551,
    "BaseResolution": 106,
    "BodyPartExamined": "HEAD",
    "CoilCombinationMethod": "Sum of Squares",
    "ConsistencyInfo": "N4_VE11C_LATEST_20160120",
    "ConversionSoftware": "dcm2niix",
    "ConversionSoftwareVersion": "v1.0.20211006",
    "Dcm2bidsVersion": "2.1.6",
    "DerivedVendorReportedEchoSpacing": 0.000569994,
    "DeviceSerialNumber": "66014",
    "DwellTime": 2e-06,
    "EchoTime": 0.03,
    "EchoTrainLength": 93,
    "EffectiveEchoSpacing": 0.000569994,
    "FlipAngle": 54,
    "ImageOrientationPatientDICOM": [
      0.999665,
      0.0171678,
      0.0193475,
      -0.0191946,
      0.993749,
      0.109972
    ],
    "ImageOrientationText": "Tra>Cor(6.3)>Sag(1.0)",
    "ImageType": [
      "ORIGINAL",
      "PRIMARY",
      "M",
      "ND",
      "MOSAIC"
    ],
    "ImagingFrequency": 123.26,
    "InPlanePhaseEncodingDirectionDICOM": "COL",
    "InstitutionAddress": "Yiheyuan Road 5,Beijing F259C2,Haidian,CN,100871",
    "InstitutionName": "CMR of Peking Univeristy",
    "InstitutionalDepartmentName": "Department",
    "MRAcquisitionType": "2D",
    "MagneticFieldStrength": 3,
    "Manufacturer": "Siemens",
    "ManufacturersModelName": "Prisma",
    "Modality": "MR",
    "MultibandAccelerationFactor": 8,
    "PartialFourier": 0.875,
    "PatientPosition": "HFS",
    "PercentPhaseFOV": 100,
    "PercentSampling": 100,
    "PhaseEncodingDirection": "j-",
    "PhaseEncodingSteps": 93,
    "PhaseResolution": 1,
    "PixelBandwidth": 2360,
    "ProcedureStepDescription": "Research^Projects_64CH",
    "ProtocolName": "fMRI_run2_AP",
    "PulseSequenceDetails": "%SiemensSeq%\\ep2d_bold",
    "ReceiveCoilActiveElements": "HC1-7;NC1,2",
    "ReceiveCoilName": "HeadNeck_64",
    "ReconMatrixPE": 106,
    "RefLinesPE": 32,
    "RepetitionTime": 0.71,
    "SAR": 0.109242,
    "ScanOptions": "PFP\\FS",
    "ScanningSequence": "EP",
    "SequenceName": "*epfid2d1_106",
    "SequenceVariant": "SK",
    "SeriesDescription": "fMRI_run2_AP",
    "SeriesNumber": 6,
    "ShimSetting": [
      -3448,
      -2109,
      -2015,
      480,
      -36,
      -499,
      -98,
      3
    ],
    "SliceThickness": 2,
    "SliceTiming": [
      0.305,
      0,
      0.3825,
      0.0775,
      0.46,
      0.1525,
      0.535,
      0.23,
      0.6125,
      0.305,
      0,
      0.3825,
      0.0775,
      0.46,
      0.1525,
      0.535,
      0.23,
      0.6125,
      0.305,
      0,
      0.3825,
      0.0775,
      0.46,
      0.1525,
      0.535,
      0.23,
      0.6125,
      0.305,
      0,
      0.3825,
      0.0775,
      0.46,
      0.1525,
      0.535,
      0.23,
      0.6125,
      0.305,
      0,
      0.3825,
      0.0775,
      0.46,
      0.1525,
      0.535,
      0.23,
      0.6125,
      0.305,
      0,
      0.3825,
      0.0775,
      0.46,
      0.1525,
      0.535,
      0.23,
      0.6125,
      0.305,
      0,
      0.3825,
      0.0775,
      0.46,
      0.1525,
      0.535,
      0.23,
      0.6125,
      0.305,
      0,
      0.3825,
      0.0775,
      0.46,
      0.1525,
      0.535,
      0.23,
      0.6125
    ],
    "SoftwareVersions": "syngo MR E11",
    "SpacingBetweenSlices": 2,
    "StationName": "AWP66014",
    "TaskName": "Chinese-RDR",
    "TotalReadoutTime": 0.0598493,
    "TxRefAmp": 254.945,
    "dataset": "ds004078",
    "modality": "bold",
    "run_id": 52,
    "subject_id": "11",
    "task_id": "RDR"
  },
  "dummy_trs": 1,
  "dvars_nstd": 42.83754568568316,
  "dvars_std": 1.0489550985346543,
  "dvars_vstd": 1.0008168303762384,
  "efc": 0.5096442855110682,
  "fber": 679.4111938476562,
  "fd_mean": 0.0811106895198267,
  "fd_num": 1,
  "fd_perc": 0.1976284584980237,
  "fwhm_avg": 3.268193333333334,
  "fwhm_x": 3.0609,
  "fwhm_y": 3.408005,
  "fwhm_z": 3.335675,
  "gcor": 0.00636724,
  "gsr_x": -0.013084025122225285,
  "gsr_y": 0.03928697109222412,
  "provenance": {
    "md5sum": "c0e6a1b72403baf802d7e8c2e5aad655",
    "settings": {
      "fd_thres": 0.2,
      "testing": false
    },
    "software": "mriqc",
    "version": "23.0.1",
    "webapi_port": null,
    "webapi_url": "https://mriqc.nimh.nih.gov/api/v1"
  },
  "size_t": 506,
  "size_x": 106,
  "size_y": 106,
  "size_z": 72,
  "snr": 2.608658830724414,
  "spacing_tr": 0.7099999785423279,
  "spacing_x": 2.0,
  "spacing_y": 2.0,
  "spacing_z": 2.0,
  "summary_bg_k": 23.987676826525693,
  "summary_bg_mad": 10.451467879141282,
  "summary_bg_mean": 41.441184997558594,
  "summary_bg_median": 19.114625930786133,
  "summary_bg_n": 569731.0,
  "summary_bg_p05": 11.30632495880127,
  "summary_bg_p95": 158.9120635986328,
  "summary_bg_stdv": 63.456295013427734,
  "summary_fg_k": 1.1973762357513014,
  "summary_fg_mad": 182.30152529102222,
  "summary_fg_mean": 533.0933227539062,
  "summary_fg_median": 506.54547119140625,
  "summary_fg_n": 139879.0,
  "summary_fg_p05": 276.19329833984375,
  "summary_fg_p95": 893.9265075683595,
  "summary_fg_stdv": 194.1778106689453,
  "tsnr": 33.36975462734699
}