{
  "aor": 0.00035371991247264774,
  "aqi": 0.008778029978118163,
  "bids_meta": {
    "AcquisitionMatrixPE": 106,
    "AcquisitionNumber": 1,
    "AcquisitionTime": "12:04:47.342500",
    "BandwidthPerPixelPhaseEncode": 16.551,
    "BaseResolution": 106,
    "BodyPartExamined": "HEAD",
    "CoilCombinationMethod": "Sum of Squares",
    "ConsistencyInfo": "N4_VE11C_LATEST_20160120",
    "ConversionSoftware": "dcm2niix",
    "ConversionSoftwareVersion": "v1.0.20211006",
    "Dcm2bidsVersion": "2.1.6",
    "DerivedVendorReportedEchoSpacing": 0.000569994,
    "DeviceSerialNumber": "66014",
    "DwellTime": 2e-06,
    "EchoTime": 0.03,
    "EchoTrainLength": 93,
    "EffectiveEchoSpacing": 0.000569994,
    "FlipAngle": 54,
    "ImageOrientationPatientDICOM": [
      0.999939,
      -0.0104719,
      -0.00353744,
      0.0104718,
      0.999945,
      -4.69099e-05
    ],
    "ImageOrientationText": "Tra>Sag(-0.2)>Cor(-0.0)",
    "ImageType": [
      "ORIGINAL",
      "PRIMARY",
      "M",
      "ND",
      "MOSAIC"
    ],
    "ImagingFrequency": 123.26,
    "InPlanePhaseEncodingDirectionDICOM": "COL",
    "InstitutionAddress": "Yiheyuan Road 5,Beijing F259C2,Haidian,CN,100871",
    "InstitutionName": "CMR of Peking Univeristy",
    "InstitutionalDepartmentName": "Department",
    "MRAcquisitionType": "2D",
    "MagneticFieldStrength": 3,
    "Manufacturer": "Siemens",
    "ManufacturersModelName": "Prisma",
    "Modality": "MR",
    "MultibandAccelerationFactor": 8,
    "PartialFourier": 0.875,
    "PatientPosition": "HFS",
    "PercentPhaseFOV": 100,
    "PercentSampling": 100,
    "PhaseEncodingDirection": "j-",
    "PhaseEncodingSteps": 93,
    "PhaseResolution": 1,
    "PixelBandwidth": 2360,
    "ProcedureStepDescription": "Research^Projects_64CH",
    "ProtocolName": "fMRI_run6_AP",
    "PulseSequenceDetails": "%SiemensSeq%\\ep2d_bold",
    "ReceiveCoilActiveElements": "HC1-7;NC1,2",
    "ReceiveCoilName": "HeadNeck_64",
    "ReconMatrixPE": 106,
    "RefLinesPE": 32,
    "RepetitionTime": 0.71,
    "SAR": 0.0899205,
    "ScanOptions": "PFP\\FS",
    "ScanningSequence": "EP",
    "SequenceName": "*epfid2d1_106",
    "SequenceVariant": "SK",
    "SeriesDescription": "fMRI_run6_AP",
    "SeriesNumber": 10,
    "ShimSetting": [
      -3455,
      -2100,
      -1940,
      330,
      16,
      -405,
      61,
      19
    ],
    "SliceThickness": 2,
    "SliceTiming": [
      0.3075,
      0,
      0.3825,
      0.0775,
      0.46,
      0.1525,
      0.5375,
      0.23,
      0.6125,
      0.3075,
      0,
      0.3825,
      0.0775,
      0.46,
      0.1525,
      0.5375,
      0.23,
      0.6125,
      0.3075,
      0,
      0.3825,
      0.0775,
      0.46,
      0.1525,
      0.5375,
      0.23,
      0.6125,
      0.3075,
      0,
      0.3825,
      0.0775,
      0.46,
      0.1525,
      0.5375,
      0.23,
      0.6125,
      0.3075,
      0,
      0.3825,
      0.0775,
      0.46,
      0.1525,
      0.5375,
      0.23,
      0.6125,
      0.3075,
      0,
      0.3825,
      0.0775,
      0.46,
      0.1525,
      0.5375,
      0.23,
      0.6125,
      0.3075,
      0,
      0.3825,
      0.0775,
      0.46,
      0.1525,
      0.5375,
      0.23,
      0.6125,
      0.3075,
      0,
      0.3825,
      0.0775,
      0.46,
      0.1525,
      0.5375,
      0.23,
      0.6125
    ],
    "SoftwareVersions": "syngo MR E11",
    "SpacingBetweenSlices": 2,
    "StationName": "AWP66014",
    "TaskName": "Chinese-RDR",
    "TotalReadoutTime": 0.0598493,
    "TxRefAmp": 244.083,
    "dataset": "ds004078",
    "modality": "bold",
    "run_id": 26,
    "subject_id": "07",
    "task_id": "RDR"
  },
  "dummy_trs": 1,
  "dvars_nstd": 46.707608222850865,
  "dvars_std": 1.0250884930701754,
  "dvars_vstd": 0.9999754111403504,
  "efc": 0.5312819797174487,
  "fber": 533.8682861328125,
  "fd_mean": 0.12653848026768352,
  "fd_num": 60,
  "fd_perc": 13.12910284463895,
  "fwhm_avg": 3.3381933333333333,
  "fwhm_x": 3.08629,
  "fwhm_y": 3.457275,
  "fwhm_z": 3.471015,
  "gcor": 0.010493,
  "gsr_x": -0.012330426834523678,
  "gsr_y": 0.05876438692212105,
  "provenance": {
    "md5sum": "bdfc6f20582667b7bbfb89edd1cd6087",
    "settings": {
      "fd_thres": 0.2,
      "testing": false
    },
    "software": "mriqc",
    "version": "23.0.1",
    "webapi_port": null,
    "webapi_url": "https://mriqc.nimh.nih.gov/api/v1"
  },
  "size_t": 457,
  "size_x": 106,
  "size_y": 106,
  "size_z": 72,
  "snr": 2.419919203541322,
  "spacing_tr": 0.7099999785423279,
  "spacing_x": 2.0,
  "spacing_y": 2.0,
  "spacing_z": 2.0,
  "summary_bg_k": 34.22236403503148,
  "summary_bg_mad": 11.104916504411399,
  "summary_bg_mean": 41.262699127197266,
  "summary_bg_median": 19.557987213134766,
  "summary_bg_n": 546075.0,
  "summary_bg_p05": 11.288840293884277,
  "summary_bg_p95": 148.51181488037102,
  "summary_bg_stdv": 62.902915954589844,
  "summary_fg_k": 0.8457636474861041,
  "summary_fg_mad": 173.26981372946173,
  "summary_fg_mean": 491.3974609375,
  "summary_fg_median": 460.60394287109375,
  "summary_fg_n": 159759.0,
  "summary_fg_p05": 242.75251312255858,
  "summary_fg_p95": 858.324499511719,
  "summary_fg_stdv": 190.3379669189453,
  "tsnr": 28.975857901445124
}