{
  "aor": 0.00021382716049382717,
  "aqi": 0.00755905913580247,
  "bids_meta": {
    "AcquisitionMatrixPE": 106,
    "AcquisitionNumber": 1,
    "AcquisitionTime": "11:52:13.990000",
    "BandwidthPerPixelPhaseEncode": 16.551,
    "BaseResolution": 106,
    "BodyPartExamined": "HEAD",
    "CoilCombinationMethod": "Sum of Squares",
    "ConsistencyInfo": "N4_VE11C_LATEST_20160120",
    "ConversionSoftware": "dcm2niix",
    "ConversionSoftwareVersion": "v1.0.20211006",
    "Dcm2bidsVersion": "2.1.6",
    "DerivedVendorReportedEchoSpacing": 0.000569994,
    "DeviceSerialNumber": "66014",
    "DwellTime": 2e-06,
    "EchoTime": 0.03,
    "EchoTrainLength": 93,
    "EffectiveEchoSpacing": 0.000569994,
    "FlipAngle": 54,
    "ImageOrientationPatientDICOM": [
      0.999939,
      -0.0104719,
      -0.00353744,
      0.0104718,
      0.999945,
      -4.69099e-05
    ],
    "ImageOrientationText": "Tra>Sag(-0.2)>Cor(-0.0)",
    "ImageType": [
      "ORIGINAL",
      "PRIMARY",
      "M",
      "ND",
      "MOSAIC"
    ],
    "ImagingFrequency": 123.26,
    "InPlanePhaseEncodingDirectionDICOM": "COL",
    "InstitutionAddress": "Yiheyuan Road 5,Beijing F259C2,Haidian,CN,100871",
    "InstitutionName": "CMR of Peking Univeristy",
    "InstitutionalDepartmentName": "Department",
    "MRAcquisitionType": "2D",
    "MagneticFieldStrength": 3,
    "Manufacturer": "Siemens",
    "ManufacturersModelName": "Prisma",
    "Modality": "MR",
    "MultibandAccelerationFactor": 8,
    "PartialFourier": 0.875,
    "PatientPosition": "HFS",
    "PercentPhaseFOV": 100,
    "PercentSampling": 100,
    "PhaseEncodingDirection": "j-",
    "PhaseEncodingSteps": 93,
    "PhaseResolution": 1,
    "PixelBandwidth": 2360,
    "ProcedureStepDescription": "Research^Projects_64CH",
    "ProtocolName": "fMRI_run4_AP",
    "PulseSequenceDetails": "%SiemensSeq%\\ep2d_bold",
    "ReceiveCoilActiveElements": "HC1-7;NC1,2",
    "ReceiveCoilName": "HeadNeck_64",
    "ReconMatrixPE": 106,
    "RefLinesPE": 32,
    "RepetitionTime": 0.71,
    "SAR": 0.0900052,
    "ScanOptions": "PFP\\FS",
    "ScanningSequence": "EP",
    "SequenceName": "*epfid2d1_106",
    "SequenceVariant": "SK",
    "SeriesDescription": "fMRI_run4_AP",
    "SeriesNumber": 8,
    "ShimSetting": [
      -3455,
      -2100,
      -1940,
      330,
      16,
      -405,
      61,
      19
    ],
    "SliceThickness": 2,
    "SliceTiming": [
      0.305,
      0,
      0.3825,
      0.075,
      0.46,
      0.1525,
      0.535,
      0.23,
      0.6125,
      0.305,
      0,
      0.3825,
      0.075,
      0.46,
      0.1525,
      0.535,
      0.23,
      0.6125,
      0.305,
      0,
      0.3825,
      0.075,
      0.46,
      0.1525,
      0.535,
      0.23,
      0.6125,
      0.305,
      0,
      0.3825,
      0.075,
      0.46,
      0.1525,
      0.535,
      0.23,
      0.6125,
      0.305,
      0,
      0.3825,
      0.075,
      0.46,
      0.1525,
      0.535,
      0.23,
      0.6125,
      0.305,
      0,
      0.3825,
      0.075,
      0.46,
      0.1525,
      0.535,
      0.23,
      0.6125,
      0.305,
      0,
      0.3825,
      0.075,
      0.46,
      0.1525,
      0.535,
      0.23,
      0.6125,
      0.305,
      0,
      0.3825,
      0.075,
      0.46,
      0.1525,
      0.535,
      0.23,
      0.6125
    ],
    "SoftwareVersions": "syngo MR E11",
    "SpacingBetweenSlices": 2,
    "StationName": "AWP66014",
    "TaskName": "Chinese-RDR",
    "TotalReadoutTime": 0.0598493,
    "TxRefAmp": 244.083,
    "dataset": "ds004078",
    "modality": "bold",
    "run_id": 24,
    "subject_id": "07",
    "task_id": "RDR"
  },
  "dummy_trs": 1,
  "dvars_nstd": 47.230984520371166,
  "dvars_std": 1.0367291424948448,
  "dvars_vstd": 1.0037942568041236,
  "efc": 0.5298227511823127,
  "fber": 540.3887329101562,
  "fd_mean": 0.12695030303968616,
  "fd_num": 60,
  "fd_perc": 12.345679012345679,
  "fwhm_avg": 3.323885,
  "fwhm_x": 3.07202,
  "fwhm_y": 3.437375,
  "fwhm_z": 3.46226,
  "gcor": 0.0144345,
  "gsr_x": -0.013062365353107452,
  "gsr_y": 0.06031038984656334,
  "provenance": {
    "md5sum": "cb3eb4c3d96be703417f499df524d408",
    "settings": {
      "fd_thres": 0.2,
      "testing": false
    },
    "software": "mriqc",
    "version": "23.0.1",
    "webapi_port": null,
    "webapi_url": "https://mriqc.nimh.nih.gov/api/v1"
  },
  "size_t": 486,
  "size_x": 106,
  "size_y": 106,
  "size_z": 72,
  "snr": 2.431781864417093,
  "spacing_tr": 0.7099999785423279,
  "spacing_x": 2.0,
  "spacing_y": 2.0,
  "spacing_z": 2.0,
  "summary_bg_k": 41.90228934314601,
  "summary_bg_mad": 11.073756543005238,
  "summary_bg_mean": 41.016868591308594,
  "summary_bg_median": 19.497941970825195,
  "summary_bg_n": 546630.0,
  "summary_bg_p05": 11.18724250793457,
  "summary_bg_p95": 146.58291549682602,
  "summary_bg_stdv": 63.7712516784668,
  "summary_fg_k": 0.8442914976573679,
  "summary_fg_mad": 173.1075183755256,
  "summary_fg_mean": 493.0482177734375,
  "summary_fg_median": 462.0719909667969,
  "summary_fg_n": 159191.0,
  "summary_fg_p05": 245.70471954345703,
  "summary_fg_p95": 859.7911376953125,
  "summary_fg_stdv": 190.01315307617188,
  "tsnr": 29.306706324452534
}