{
  "aor": 0.00031785256410256406,
  "aqi": 0.007669843301282051,
  "bids_meta": {
    "AcquisitionMatrixPE": 106,
    "AcquisitionNumber": 1,
    "AcquisitionTime": "14:37:33.150000",
    "BandwidthPerPixelPhaseEncode": 16.551,
    "BaseResolution": 106,
    "BodyPartExamined": "HEAD",
    "CoilCombinationMethod": "Sum of Squares",
    "ConsistencyInfo": "N4_VE11C_LATEST_20160120",
    "ConversionSoftware": "dcm2niix",
    "ConversionSoftwareVersion": "v1.0.20211006",
    "Dcm2bidsVersion": "2.1.6",
    "DerivedVendorReportedEchoSpacing": 0.000569994,
    "DeviceSerialNumber": "66014",
    "DwellTime": 2e-06,
    "EchoTime": 0.03,
    "EchoTrainLength": 93,
    "EffectiveEchoSpacing": 0.000569994,
    "FlipAngle": 54,
    "ImageOrientationPatientDICOM": [
      0.999599,
      -0.0226163,
      0.0170135,
      0.022684,
      0.999735,
      -0.00379689
    ],
    "ImageOrientationText": "Tra>Sag(1.0)>Cor(-0.2)",
    "ImageType": [
      "ORIGINAL",
      "PRIMARY",
      "M",
      "ND",
      "MOSAIC"
    ],
    "ImagingFrequency": 123.259,
    "InPlanePhaseEncodingDirectionDICOM": "COL",
    "InstitutionAddress": "Yiheyuan Road 5,Beijing  0FCA35,Haidian,CN,100871",
    "InstitutionName": "CMR of Peking Univeristy",
    "InstitutionalDepartmentName": "Department",
    "MRAcquisitionType": "2D",
    "MagneticFieldStrength": 3,
    "Manufacturer": "Siemens",
    "ManufacturersModelName": "Prisma",
    "Modality": "MR",
    "MultibandAccelerationFactor": 8,
    "PartialFourier": 0.875,
    "PatientPosition": "HFS",
    "PercentPhaseFOV": 100,
    "PercentSampling": 100,
    "PhaseEncodingDirection": "j-",
    "PhaseEncodingSteps": 93,
    "PhaseResolution": 1,
    "PixelBandwidth": 2360,
    "ProcedureStepDescription": "Research^Projects_64CH",
    "ProtocolName": "fMRI_Rest2_AP",
    "PulseSequenceDetails": "%SiemensSeq%\\ep2d_bold",
    "ReceiveCoilActiveElements": "HC1-7;NC1,2",
    "ReceiveCoilName": "HeadNeck_64",
    "ReconMatrixPE": 106,
    "RefLinesPE": 32,
    "RepetitionTime": 0.71,
    "SAR": 0.0897634,
    "ScanOptions": "PFP\\FS",
    "ScanningSequence": "EP",
    "SequenceName": "*epfid2d1_106",
    "SequenceVariant": "SK",
    "SeriesDescription": "fMRI_Rest2_AP",
    "SeriesNumber": 21,
    "ShimSetting": [
      -3459,
      -2090,
      -1930,
      354,
      17,
      -452,
      39,
      10
    ],
    "SliceThickness": 2,
    "SliceTiming": [
      0.3075,
      0,
      0.385,
      0.0775,
      0.46,
      0.155,
      0.5375,
      0.23,
      0.615,
      0.3075,
      0,
      0.385,
      0.0775,
      0.46,
      0.155,
      0.5375,
      0.23,
      0.615,
      0.3075,
      0,
      0.385,
      0.0775,
      0.46,
      0.155,
      0.5375,
      0.23,
      0.615,
      0.3075,
      0,
      0.385,
      0.0775,
      0.46,
      0.155,
      0.5375,
      0.23,
      0.615,
      0.3075,
      0,
      0.385,
      0.0775,
      0.46,
      0.155,
      0.5375,
      0.23,
      0.615,
      0.3075,
      0,
      0.385,
      0.0775,
      0.46,
      0.155,
      0.5375,
      0.23,
      0.615,
      0.3075,
      0,
      0.385,
      0.0775,
      0.46,
      0.155,
      0.5375,
      0.23,
      0.615,
      0.3075,
      0,
      0.385,
      0.0775,
      0.46,
      0.155,
      0.5375,
      0.23,
      0.615
    ],
    "SoftwareVersions": "syngo MR E11",
    "SpacingBetweenSlices": 2,
    "StationName": "AWP66014",
    "TaskName": "rest",
    "TotalReadoutTime": 0.0598493,
    "TxRefAmp": 233.606,
    "dataset": "ds004078",
    "modality": "bold",
    "run_id": 3,
    "subject_id": "07",
    "task_id": "rest"
  },
  "dummy_trs": 10,
  "dvars_nstd": 44.70965192255219,
  "dvars_std": 1.0176458764847505,
  "dvars_vstd": 0.9948085015248798,
  "efc": 0.5261305430299492,
  "fber": 515.7971801757812,
  "fd_mean": 0.12342729817857995,
  "fd_num": 58,
  "fd_perc": 9.294871794871796,
  "fwhm_avg": 3.443326666666667,
  "fwhm_x": 3.18853,
  "fwhm_y": 3.59533,
  "fwhm_z": 3.54612,
  "gcor": 0.00751018,
  "gsr_x": -0.01055618654936552,
  "gsr_y": 0.06514772027730942,
  "provenance": {
    "md5sum": "12984a172bad60253e4300a1370c402f",
    "settings": {
      "fd_thres": 0.2,
      "testing": false
    },
    "software": "mriqc",
    "version": "23.0.1",
    "webapi_port": null,
    "webapi_url": "https://mriqc.nimh.nih.gov/api/v1"
  },
  "size_t": 624,
  "size_x": 106,
  "size_y": 106,
  "size_z": 72,
  "snr": 2.264379149487374,
  "spacing_tr": 0.7099999785423279,
  "spacing_x": 2.0,
  "spacing_y": 2.0,
  "spacing_z": 2.0,
  "summary_bg_k": 34.32244994180444,
  "summary_bg_mad": 12.585486920369553,
  "summary_bg_mean": 43.22392272949219,
  "summary_bg_median": 20.919872283935547,
  "summary_bg_n": 543439.0,
  "summary_bg_p05": 11.548076629638672,
  "summary_bg_p95": 152.8838119506834,
  "summary_bg_stdv": 66.15084075927734,
  "summary_fg_k": 1.0227041444715264,
  "summary_fg_mad": 200.0681383996963,
  "summary_fg_mean": 526.003662109375,
  "summary_fg_median": 488.9503173828125,
  "summary_fg_n": 160039.0,
  "summary_fg_p05": 246.24471282958984,
  "summary_fg_p95": 933.2155822753907,
  "summary_fg_stdv": 215.9306182861328,
  "tsnr": 29.21154264220968
}