{
  "aor": 0.0002553241650294696,
  "aqi": 0.006071098742632613,
  "bids_meta": {
    "AcquisitionMatrixPE": 106,
    "AcquisitionNumber": 1,
    "AcquisitionTime": "19:34:52.112500",
    "BandwidthPerPixelPhaseEncode": 16.551,
    "BaseResolution": 106,
    "BodyPartExamined": "HEAD",
    "CoilCombinationMethod": "Sum of Squares",
    "ConsistencyInfo": "N4_VE11C_LATEST_20160120",
    "ConversionSoftware": "dcm2niix",
    "ConversionSoftwareVersion": "v1.0.20211006",
    "Dcm2bidsVersion": "2.1.6",
    "DerivedVendorReportedEchoSpacing": 0.000569994,
    "DeviceSerialNumber": "66014",
    "DwellTime": 2e-06,
    "EchoTime": 0.03,
    "EchoTrainLength": 93,
    "EffectiveEchoSpacing": 0.000569994,
    "FlipAngle": 54,
    "ImageOrientationPatientDICOM": [
      0.999903,
      0.00118808,
      0.0139056,
      -2.8313e-08,
      0.99637,
      -0.0851265
    ],
    "ImageOrientationText": "Tra>Cor(-4.9)>Sag(0.8)",
    "ImageType": [
      "ORIGINAL",
      "PRIMARY",
      "M",
      "ND",
      "MOSAIC"
    ],
    "ImagingFrequency": 123.259,
    "InPlanePhaseEncodingDirectionDICOM": "COL",
    "InstitutionAddress": "Yiheyuan Road 5,Beijing F259C2,Haidian,CN,100871",
    "InstitutionName": "CMR of Peking Univeristy",
    "InstitutionalDepartmentName": "Department",
    "MRAcquisitionType": "2D",
    "MagneticFieldStrength": 3,
    "Manufacturer": "Siemens",
    "ManufacturersModelName": "Prisma",
    "Modality": "MR",
    "MultibandAccelerationFactor": 8,
    "PartialFourier": 0.875,
    "PatientPosition": "HFS",
    "PercentPhaseFOV": 100,
    "PercentSampling": 100,
    "PhaseEncodingDirection": "j-",
    "PhaseEncodingSteps": 93,
    "PhaseResolution": 1,
    "PixelBandwidth": 2360,
    "ProcedureStepDescription": "Research^Projects_64CH",
    "ProtocolName": "fMRI_run2_AP",
    "PulseSequenceDetails": "%SiemensSeq%\\ep2d_bold",
    "ReceiveCoilActiveElements": "HC1-7;NC1,2",
    "ReceiveCoilName": "HeadNeck_64",
    "ReconMatrixPE": 106,
    "RefLinesPE": 32,
    "RepetitionTime": 0.71,
    "SAR": 0.0919874,
    "ScanOptions": "PFP\\FS",
    "ScanningSequence": "EP",
    "SequenceName": "*epfid2d1_106",
    "SequenceVariant": "SK",
    "SeriesDescription": "fMRI_run2_AP",
    "SeriesNumber": 6,
    "ShimSetting": [
      -3453,
      -2119,
      -1859,
      399,
      -19,
      -160,
      97,
      -20
    ],
    "SliceThickness": 2,
    "SliceTiming": [
      0.305,
      0,
      0.3825,
      0.075,
      0.46,
      0.1525,
      0.535,
      0.23,
      0.6125,
      0.305,
      0,
      0.3825,
      0.075,
      0.46,
      0.1525,
      0.535,
      0.23,
      0.6125,
      0.305,
      0,
      0.3825,
      0.075,
      0.46,
      0.1525,
      0.535,
      0.23,
      0.6125,
      0.305,
      0,
      0.3825,
      0.075,
      0.46,
      0.1525,
      0.535,
      0.23,
      0.6125,
      0.305,
      0,
      0.3825,
      0.075,
      0.46,
      0.1525,
      0.535,
      0.23,
      0.6125,
      0.305,
      0,
      0.3825,
      0.075,
      0.46,
      0.1525,
      0.535,
      0.23,
      0.6125,
      0.305,
      0,
      0.3825,
      0.075,
      0.46,
      0.1525,
      0.535,
      0.23,
      0.6125,
      0.305,
      0,
      0.3825,
      0.075,
      0.46,
      0.1525,
      0.535,
      0.23,
      0.6125
    ],
    "SoftwareVersions": "syngo MR E11",
    "SpacingBetweenSlices": 2,
    "StationName": "AWP66014",
    "TaskName": "Chinese-RDR",
    "TotalReadoutTime": 0.0598493,
    "TxRefAmp": 236.99,
    "dataset": "ds004078",
    "modality": "bold",
    "run_id": 42,
    "subject_id": "07",
    "task_id": "RDR"
  },
  "dummy_trs": 1,
  "dvars_nstd": 44.54323299289373,
  "dvars_std": 1.031137226122048,
  "dvars_vstd": 1.0033934763976387,
  "efc": 0.5117016357243922,
  "fber": 762.8403930664062,
  "fd_mean": 0.09727145342422583,
  "fd_num": 3,
  "fd_perc": 0.5893909626719057,
  "fwhm_avg": 3.2402766666666665,
  "fwhm_x": 3.017565,
  "fwhm_y": 3.362275,
  "fwhm_z": 3.34099,
  "gcor": 0.00462064,
  "gsr_x": 0.0007124200346879661,
  "gsr_y": 0.07255193591117859,
  "provenance": {
    "md5sum": "df07399cae1848c2e4eb82b166091140",
    "settings": {
      "fd_thres": 0.2,
      "testing": false
    },
    "software": "mriqc",
    "version": "23.0.1",
    "webapi_port": null,
    "webapi_url": "https://mriqc.nimh.nih.gov/api/v1"
  },
  "size_t": 509,
  "size_x": 106,
  "size_y": 106,
  "size_z": 72,
  "snr": 2.4275697548512714,
  "spacing_tr": 0.7099999785423279,
  "spacing_x": 2.0,
  "spacing_y": 2.0,
  "spacing_z": 2.0,
  "summary_bg_k": 57.04981220204646,
  "summary_bg_mad": 8.149943190039952,
  "summary_bg_mean": 36.78767013549805,
  "summary_bg_median": 16.76031494140625,
  "summary_bg_n": 553979.0,
  "summary_bg_p05": 10.683693885803223,
  "summary_bg_p95": 129.12181091308594,
  "summary_bg_stdv": 61.69034957885742,
  "summary_fg_k": 0.9806328388004206,
  "summary_fg_mad": 173.37129922677948,
  "summary_fg_mean": 501.49151611328125,
  "summary_fg_median": 469.9617004394531,
  "summary_fg_n": 154936.0,
  "summary_fg_p05": 253.57367706298828,
  "summary_fg_p95": 876.6341094970703,
  "summary_fg_stdv": 193.59286499023438,
  "tsnr": 31.577708806144074
}