{
  "bids_meta": {
    "AcquisitionMatrixPE": 300,
    "AcquisitionNumber": 1,
    "AcquisitionTime": "09:44:26.737500",
    "BaseResolution": 320,
    "BodyPartExamined": "HEAD",
    "CoilCombinationMethod": "Adaptive Combine",
    "ConsistencyInfo": "N4_VE11C_LATEST_20160120",
    "ConversionSoftware": "dcm2niix",
    "ConversionSoftwareVersion": "v1.0.20211006",
    "Dcm2bidsVersion": "2.1.6",
    "DeviceSerialNumber": "66014",
    "DwellTime": 7.1e-06,
    "EchoTime": 0.00222,
    "FlipAngle": 8,
    "ImageOrientationPatientDICOM": [
      -0.00407416,
      0.997569,
      -0.0695697,
      0.0735866,
      -0.0690826,
      -0.994893
    ],
    "ImageOrientationText": "Sag>Tra(-4.2)>Cor(-0.5)",
    "ImageType": [
      "ORIGINAL",
      "PRIMARY",
      "M",
      "ND",
      "NORM"
    ],
    "ImagingFrequency": 123.259,
    "InPlanePhaseEncodingDirectionDICOM": "ROW",
    "InstitutionAddress": "Yiheyuan Road 5,Beijing  0FCA35,Haidian,CN,100871",
    "InstitutionName": "CMR of Peking Univeristy",
    "InstitutionalDepartmentName": "Department",
    "InversionTime": 1,
    "MRAcquisitionType": "3D",
    "MagneticFieldStrength": 3,
    "Manufacturer": "Siemens",
    "ManufacturersModelName": "Prisma",
    "MatrixCoilMode": "GRAPPA",
    "Modality": "MR",
    "ParallelReductionFactorInPlane": 2,
    "PartialFourier": 1,
    "PatientPosition": "HFS",
    "PercentPhaseFOV": 93.75,
    "PercentSampling": 100,
    "PhaseEncodingSteps": 299,
    "PhaseResolution": 1,
    "PixelBandwidth": 220,
    "ProcedureStepDescription": "Research^Projects_64CH",
    "ProtocolName": "T1w_MPR",
    "PulseSequenceDetails": "%SiemensSeq%\\tfl",
    "ReceiveCoilActiveElements": "HC1-7;NC1",
    "ReceiveCoilName": "HeadNeck_64",
    "ReconMatrixPE": 300,
    "RefLinesPE": 32,
    "RepetitionTime": 2.4,
    "SAR": 0.0579731,
    "ScanOptions": "IR\\WE",
    "ScanningSequence": "GR\\IR",
    "SequenceName": "*tfl3d1_16ns",
    "SequenceVariant": "SK\\SP\\MP",
    "SeriesDescription": "T1w_MPR",
    "SeriesNumber": 4,
    "ShimSetting": [
      -3431,
      -2110,
      -1959,
      95,
      -43,
      -599,
      -64,
      -6
    ],
    "SliceThickness": 0.8,
    "SoftwareVersions": "syngo MR E11",
    "SpoilingState": true,
    "StationName": "AWP66014",
    "TxRefAmp": 258.037,
    "dataset": "ds004078",
    "modality": "T1w",
    "run_id": 2,
    "subject_id": "01"
  },
  "cjv": 0.34272888677577074,
  "cnr": 3.8571874812105915,
  "efc": 0.585758093849891,
  "fber": 28352.82752376641,
  "fwhm_avg": 4.346924935225771,
  "fwhm_x": 4.422637434097567,
  "fwhm_y": 4.1982999374404555,
  "fwhm_z": 4.41983743413929,
  "icvs_csf": 0.18604623104081086,
  "icvs_gm": 0.4554285131527899,
  "icvs_wm": 0.3585252558063992,
  "inu_med": 0.4703833609819412,
  "inu_range": 0.15529536753892897,
  "provenance": {
    "md5sum": "a5d172ddca4a892790bca32574fbc11d",
    "settings": {
      "testing": false
    },
    "software": "mriqc",
    "version": "23.0.1",
    "warnings": {
      "large_rot_frame": true,
      "small_air_mask": false
    },
    "webapi_port": null,
    "webapi_url": "https://mriqc.nimh.nih.gov/api/v1"
  },
  "qi_1": 0.0,
  "qi_2": 0.0005693865614659029,
  "rpve_csf": 27.05333726670406,
  "rpve_gm": 12.12954076803848,
  "rpve_wm": 17.103335172460184,
  "size_x": 224,
  "size_y": 300,
  "size_z": 320,
  "snr_csf": 2.1948420913240083,
  "snr_gm": 13.699151696999902,
  "snr_total": 13.049733461796928,
  "snr_wm": 23.25520659706687,
  "snrd_csf": 38.64774835148228,
  "snrd_gm": 99.50860448457728,
  "snrd_total": 91.2691900603035,
  "snrd_wm": 135.65121734485092,
  "spacing_x": 0.800000011920929,
  "spacing_y": 0.800000011920929,
  "spacing_z": 0.800000011920929,
  "summary_bg_k": 353.4901719282492,
  "summary_bg_mad": 4.8296861789654395,
  "summary_bg_mean": 4.99905606053036,
  "summary_bg_median": 3.257573824375868,
  "summary_bg_n": 4622406.0,
  "summary_bg_p05": 0.0,
  "summary_bg_p95": 19.645675987005234,
  "summary_bg_stdv": 7.415825658222284,
  "summary_csf_k": 0.8984630845905124,
  "summary_csf_mad": 111.15708498049689,
  "summary_csf_mean": 278.30658190717446,
  "summary_csf_median": 284.9124183319509,
  "summary_csf_n": 75472.0,
  "summary_csf_p05": 48.16197608038783,
  "summary_csf_p95": 490.05061244396484,
  "summary_csf_stdv": 129.8091247268767,
  "summary_gm_k": 0.43281589163008194,
  "summary_gm_mad": 50.34019055767824,
  "summary_gm_mean": 732.9133160704528,
  "summary_gm_median": 733.5805669892579,
  "summary_gm_n": 117930.0,
  "summary_gm_p05": 643.5462381355464,
  "summary_gm_p95": 820.232030717656,
  "summary_gm_stdv": 53.549115519760846,
  "summary_wm_k": 0.3185667511134942,
  "summary_wm_mad": 40.978029656914465,
  "summary_wm_mean": 999.3002876550207,
  "summary_wm_median": 1000.0250475630164,
  "summary_wm_n": 426499.0,
  "summary_wm_p05": 928.2581903859973,
  "summary_wm_p95": 1070.13805956766,
  "summary_wm_stdv": 43.00214969164818,
  "tpm_overlap_csf": 0.13935861898701116,
  "tpm_overlap_gm": 0.4676428271923764,
  "tpm_overlap_wm": 0.5103948962938597,
  "wm2max": 0.8407879490150637
}