{
  "bids_meta": {
    "AcquisitionMatrixPE": 300,
    "AcquisitionNumber": 1,
    "AcquisitionTime": "09:44:26.737500",
    "BaseResolution": 320,
    "BodyPartExamined": "HEAD",
    "CoilCombinationMethod": "Adaptive Combine",
    "ConsistencyInfo": "N4_VE11C_LATEST_20160120",
    "ConversionSoftware": "dcm2niix",
    "ConversionSoftwareVersion": "v1.0.20211006",
    "Dcm2bidsVersion": "2.1.6",
    "DeviceSerialNumber": "66014",
    "DwellTime": 7.1e-06,
    "EchoTime": 0.00222,
    "FlipAngle": 8,
    "ImageOrientationPatientDICOM": [
      -0.00407416,
      0.997569,
      -0.0695697,
      0.0735866,
      -0.0690826,
      -0.994893
    ],
    "ImageOrientationText": "Sag>Tra(-4.2)>Cor(-0.5)",
    "ImageType": [
      "ORIGINAL",
      "PRIMARY",
      "M",
      "ND"
    ],
    "ImagingFrequency": 123.259,
    "InPlanePhaseEncodingDirectionDICOM": "ROW",
    "InstitutionAddress": "Yiheyuan Road 5,Beijing  0FCA35,Haidian,CN,100871",
    "InstitutionName": "CMR of Peking Univeristy",
    "InstitutionalDepartmentName": "Department",
    "InversionTime": 1,
    "MRAcquisitionType": "3D",
    "MagneticFieldStrength": 3,
    "Manufacturer": "Siemens",
    "ManufacturersModelName": "Prisma",
    "MatrixCoilMode": "GRAPPA",
    "Modality": "MR",
    "ParallelReductionFactorInPlane": 2,
    "PartialFourier": 1,
    "PatientPosition": "HFS",
    "PercentPhaseFOV": 93.75,
    "PercentSampling": 100,
    "PhaseEncodingSteps": 299,
    "PhaseResolution": 1,
    "PixelBandwidth": 220,
    "ProcedureStepDescription": "Research^Projects_64CH",
    "ProtocolName": "T1w_MPR",
    "PulseSequenceDetails": "%SiemensSeq%\\tfl",
    "ReceiveCoilActiveElements": "HC1-7;NC1",
    "ReceiveCoilName": "HeadNeck_64",
    "ReconMatrixPE": 300,
    "RefLinesPE": 32,
    "RepetitionTime": 2.4,
    "SAR": 0.0579731,
    "ScanOptions": "IR\\WE",
    "ScanningSequence": "GR\\IR",
    "SequenceName": "*tfl3d1_16ns",
    "SequenceVariant": "SK\\SP\\MP",
    "SeriesDescription": "T1w_MPR",
    "SeriesNumber": 3,
    "ShimSetting": [
      -3431,
      -2110,
      -1959,
      95,
      -43,
      -599,
      -64,
      -6
    ],
    "SliceThickness": 0.8,
    "SoftwareVersions": "syngo MR E11",
    "SpoilingState": true,
    "StationName": "AWP66014",
    "TxRefAmp": 258.037,
    "dataset": "ds004078",
    "modality": "T1w",
    "run_id": 1,
    "subject_id": "01"
  },
  "cjv": 0.5486382463083106,
  "cnr": 2.5027210716168997,
  "efc": 0.5925317882122958,
  "fber": 20555.366530612246,
  "fwhm_avg": 4.705887429876813,
  "fwhm_x": 4.767774928954617,
  "fwhm_y": 4.4328624339452025,
  "fwhm_z": 4.917024926730619,
  "icvs_csf": 0.1637182724725263,
  "icvs_gm": 0.41451359235684543,
  "icvs_wm": 0.4217681351706283,
  "inu_med": 0.9914344549179077,
  "inu_range": 0.9659288823604584,
  "provenance": {
    "md5sum": "bb415a1c62d4c61afb22aebbdec19106",
    "settings": {
      "testing": false
    },
    "software": "mriqc",
    "version": "23.0.1",
    "warnings": {
      "large_rot_frame": true,
      "small_air_mask": false
    },
    "webapi_port": null,
    "webapi_url": "https://mriqc.nimh.nih.gov/api/v1"
  },
  "qi_1": 0.0,
  "qi_2": 0.00044794036717225,
  "rpve_csf": 30.747181737660036,
  "rpve_gm": 12.597601455940383,
  "rpve_wm": 14.003440195869004,
  "size_x": 224,
  "size_y": 300,
  "size_z": 320,
  "snr_csf": 2.107205571594732,
  "snr_gm": 12.545830817151277,
  "snr_total": 9.08857864432952,
  "snr_wm": 12.612699544242549,
  "snrd_csf": 25.412961120581144,
  "snrd_gm": 63.499496636479854,
  "snrd_total": 57.888212028464004,
  "snrd_wm": 84.75217832833101,
  "spacing_x": 0.800000011920929,
  "spacing_y": 0.800000011920929,
  "spacing_z": 0.800000011920929,
  "summary_bg_k": 4.99308963786675,
  "summary_bg_mad": 7.73088204781306,
  "summary_bg_mean": 9.711363323763877,
  "summary_bg_median": 5.214400701224804,
  "summary_bg_n": 4576010.0,
  "summary_bg_p05": 0.0,
  "summary_bg_p95": 36.83363899588585,
  "summary_bg_stdv": 13.664923243848454,
  "summary_csf_k": 41.30758386890596,
  "summary_csf_mad": 95.23788735497367,
  "summary_csf_mean": 307.24464234765804,
  "summary_csf_median": 299.8835126683116,
  "summary_csf_n": 57996.0,
  "summary_csf_p05": 85.0391093082726,
  "summary_csf_p95": 518.0701249884441,
  "summary_csf_stdv": 142.3121366603162,
  "summary_gm_k": 0.16476249014070188,
  "summary_gm_mad": 58.8040496190036,
  "summary_gm_mean": 749.5371696698517,
  "summary_gm_median": 749.3204752355814,
  "summary_gm_n": 65916.0,
  "summary_gm_p05": 652.1329217404127,
  "summary_gm_p95": 847.839365079999,
  "summary_gm_stdv": 59.72619926336934,
  "summary_wm_k": 0.23333076343489978,
  "summary_wm_mad": 78.78920214686077,
  "summary_wm_mean": 1009.3979818846921,
  "summary_wm_median": 1000.1109600253403,
  "summary_wm_n": 451819.0,
  "summary_wm_p05": 897.7090058289468,
  "summary_wm_p95": 1156.6539257578552,
  "summary_wm_stdv": 79.29387755221924,
  "tpm_overlap_csf": 0.1494781076455134,
  "tpm_overlap_gm": 0.452143652306942,
  "tpm_overlap_wm": 0.4814002902031006,
  "wm2max": 0.4058757316524088
}