{
  "bids_meta": {
    "AcquisitionMatrixPE": 300,
    "AcquisitionNumber": 1,
    "AcquisitionTime": "18:18:31.742500",
    "BaseResolution": 320,
    "BodyPartExamined": "HEAD",
    "CoilCombinationMethod": "Adaptive Combine",
    "ConsistencyInfo": "N4_VE11C_LATEST_20160120",
    "ConversionSoftware": "dcm2niix",
    "ConversionSoftwareVersion": "v1.0.20211006",
    "Dcm2bidsVersion": "2.1.6",
    "DeviceSerialNumber": "66014",
    "DwellTime": 2.1e-06,
    "EchoTime": 0.563,
    "EchoTrainLength": 314,
    "FlipAngle": 120,
    "ImageOrientationPatientDICOM": [
      -0.019491,
      0.999772,
      -0.0087265,
      -0.00331774,
      -0.00879278,
      -0.999956
    ],
    "ImageOrientationText": "Sag>Cor(-1.1)>Tra(0.2)",
    "ImageType": [
      "ORIGINAL",
      "PRIMARY",
      "M",
      "ND",
      "NORM"
    ],
    "ImagingFrequency": 123.259,
    "InPlanePhaseEncodingDirectionDICOM": "ROW",
    "InstitutionAddress": "Yiheyuan Road 5,Beijing  0FCA35,Haidian,CN,100871",
    "InstitutionName": "CMR of Peking Univeristy",
    "InstitutionalDepartmentName": "Department",
    "MRAcquisitionType": "3D",
    "MagneticFieldStrength": 3,
    "Manufacturer": "Siemens",
    "ManufacturersModelName": "Prisma",
    "MatrixCoilMode": "GRAPPA",
    "Modality": "MR",
    "ParallelReductionFactorInPlane": 2,
    "PartialFourier": 1,
    "PatientPosition": "HFS",
    "PercentPhaseFOV": 93.75,
    "PercentSampling": 100,
    "PhaseEncodingDirection": "i",
    "PhaseEncodingSteps": 297,
    "PhaseResolution": 1,
    "PixelBandwidth": 745,
    "ProcedureStepDescription": "Research^Projects_64CH",
    "ProtocolName": "T2w_SPC",
    "PulseSequenceDetails": "%SiemensSeq%\\tse_vfl",
    "ReceiveCoilActiveElements": "HC1-7;NC1,2",
    "ReceiveCoilName": "HeadNeck_64",
    "ReconMatrixPE": 300,
    "RefLinesPE": 32,
    "RepetitionTime": 3.2,
    "SAR": 0.20384,
    "ScanOptions": "PFP",
    "ScanningSequence": "SE",
    "SequenceName": "*spcR_314ns",
    "SequenceVariant": "SK\\SP",
    "SeriesDescription": "T2w_SPC",
    "SeriesNumber": 26,
    "ShimSetting": [
      -3443,
      -2094,
      -1947,
      97,
      -28,
      -550,
      -108,
      65
    ],
    "SliceThickness": 0.8,
    "SoftwareVersions": "syngo MR E11",
    "SpoilingState": true,
    "StationName": "AWP66014",
    "TxRefAmp": 260.746,
    "dataset": "ds004078",
    "modality": "T2w",
    "run_id": 2,
    "subject_id": "08"
  },
  "cjv": 0.35977244425378374,
  "cnr": 2.156240320686829,
  "efc": 0.5204981347432296,
  "fber": -1.0,
  "fwhm_avg": 2.720624959459529,
  "fwhm_x": 2.6241499608971184,
  "fwhm_y": 2.9270874563829983,
  "fwhm_z": 2.61063746109847,
  "icvs_csf": 0.21610952919427795,
  "icvs_gm": 0.17710308800378988,
  "icvs_wm": 0.6067873828019321,
  "inu_med": 0.8920902013778687,
  "inu_range": 0.19855133295059213,
  "provenance": {
    "md5sum": "025fd6f22f07003b88d221bc295717c0",
    "settings": {
      "testing": false
    },
    "software": "mriqc",
    "version": "23.0.1",
    "warnings": {
      "large_rot_frame": true,
      "small_air_mask": false
    },
    "webapi_port": null,
    "webapi_url": "https://mriqc.nimh.nih.gov/api/v1"
  },
  "qi_1": 0.0,
  "qi_2": 0.0012686458891627026,
  "rpve_csf": 18.298714103492262,
  "rpve_gm": 34.84152936267897,
  "rpve_wm": 9.824455070839981,
  "size_x": 224,
  "size_y": 300,
  "size_z": 320,
  "snr_csf": 8.149969588282818,
  "snr_gm": 3.020622368545473,
  "snr_total": 5.958982898980428,
  "snr_wm": 6.70635674011299,
  "snrd_csf": 59.70569413568698,
  "snrd_gm": 122.46309411741362,
  "snrd_total": 72.16917669913357,
  "snrd_wm": 34.33874184430011,
  "spacing_x": 0.800000011920929,
  "spacing_y": 0.800000011920929,
  "spacing_z": 0.800000011920929,
  "summary_bg_k": 447.23302532850926,
  "summary_bg_mad": 0.0,
  "summary_bg_mean": 8.829825418206228,
  "summary_bg_median": 0.0,
  "summary_bg_n": 4578287.0,
  "summary_bg_p05": 0.0,
  "summary_bg_p95": 34.34675569832325,
  "summary_bg_stdv": 19.08647642898586,
  "summary_csf_k": 3.8685034490828034,
  "summary_csf_mad": 166.1684065369393,
  "summary_csf_mean": 1766.3674253624015,
  "summary_csf_median": 1739.4413190856576,
  "summary_csf_n": 27850.0,
  "summary_csf_p05": 1482.9828042291106,
  "summary_csf_p95": 2151.318903477117,
  "summary_csf_stdv": 213.42534732363544,
  "summary_gm_k": 1.7444797420980391,
  "summary_gm_mad": 789.2999310504616,
  "summary_gm_mean": 3255.1482617714532,
  "summary_gm_median": 3567.789790481329,
  "summary_gm_n": 100747.0,
  "summary_gm_p05": 149.21939796209335,
  "summary_gm_p95": 4367.378976367414,
  "summary_gm_stdv": 1181.1380730373571,
  "summary_wm_k": 0.7032010622831515,
  "summary_wm_mad": 134.37225250017892,
  "summary_wm_mean": 1018.009538755503,
  "summary_wm_median": 1000.4108866676688,
  "summary_wm_n": 699373.0,
  "summary_wm_p05": 803.7798187583685,
  "summary_wm_p95": 1298.76751331985,
  "summary_wm_stdv": 149.17342011703371,
  "tpm_overlap_csf": 0.10825694504006576,
  "tpm_overlap_gm": 0.11496121755647426,
  "tpm_overlap_wm": 0.43495626707340757,
  "wm2max": 0.22777019063476325
}