{
  "bids_meta": {
    "AcquisitionMatrixPE": 300,
    "AcquisitionNumber": 1,
    "AcquisitionTime": "17:23:17.142500",
    "BaseResolution": 320,
    "BodyPartExamined": "HEAD",
    "CoilCombinationMethod": "Adaptive Combine",
    "ConsistencyInfo": "N4_VE11C_LATEST_20160120",
    "ConversionSoftware": "dcm2niix",
    "ConversionSoftwareVersion": "v1.0.20211006",
    "Dcm2bidsVersion": "2.1.6",
    "DeviceSerialNumber": "66014",
    "DwellTime": 7.1e-06,
    "EchoTime": 0.00222,
    "FlipAngle": 8,
    "ImageOrientationPatientDICOM": [
      0.0225836,
      0.999739,
      0.00348757,
      0.0418773,
      0.00253942,
      -0.99912
    ],
    "ImageOrientationText": "Sag>Tra(-2.4)>Cor(1.3)",
    "ImageType": [
      "ORIGINAL",
      "PRIMARY",
      "M",
      "ND"
    ],
    "ImagingFrequency": 123.259,
    "InPlanePhaseEncodingDirectionDICOM": "ROW",
    "InstitutionAddress": "Yiheyuan Road 5,Beijing  0FCA35,Haidian,CN,100871",
    "InstitutionName": "CMR of Peking Univeristy",
    "InstitutionalDepartmentName": "Department",
    "InversionTime": 1,
    "MRAcquisitionType": "3D",
    "MagneticFieldStrength": 3,
    "Manufacturer": "Siemens",
    "ManufacturersModelName": "Prisma",
    "MatrixCoilMode": "GRAPPA",
    "Modality": "MR",
    "ParallelReductionFactorInPlane": 2,
    "PartialFourier": 1,
    "PatientPosition": "HFS",
    "PercentPhaseFOV": 93.75,
    "PercentSampling": 100,
    "PhaseEncodingSteps": 299,
    "PhaseResolution": 1,
    "PixelBandwidth": 220,
    "ProcedureStepDescription": "Research^Projects_64CH",
    "ProtocolName": "T1w_MPR",
    "PulseSequenceDetails": "%SiemensSeq%\\tfl",
    "ReceiveCoilActiveElements": "HC1-7;NC1,2",
    "ReceiveCoilName": "HeadNeck_64",
    "ReconMatrixPE": 300,
    "RefLinesPE": 32,
    "RepetitionTime": 2.4,
    "SAR": 0.0599651,
    "ScanOptions": "IR\\WE",
    "ScanningSequence": "GR\\IR",
    "SequenceName": "*tfl3d1_16ns",
    "SequenceVariant": "SK\\SP\\MP",
    "SeriesDescription": "T1w_MPR",
    "SeriesNumber": 3,
    "ShimSetting": [
      -3442,
      -2138,
      -2008,
      163,
      -17,
      -564,
      -104,
      -54
    ],
    "SliceThickness": 0.8,
    "SoftwareVersions": "syngo MR E11",
    "SpoilingState": true,
    "StationName": "AWP66014",
    "TxRefAmp": 244.777,
    "dataset": "ds004078",
    "modality": "T1w",
    "run_id": 1,
    "subject_id": "02"
  },
  "cjv": 0.5426364389596102,
  "cnr": 2.4951539245106606,
  "efc": 0.5892381603185781,
  "fber": 19305.26735493058,
  "fwhm_avg": 5.110570757179895,
  "fwhm_x": 5.193324922613428,
  "fwhm_y": 4.776274928827958,
  "fwhm_z": 5.362112420098299,
  "icvs_csf": 0.15538164886506806,
  "icvs_gm": 0.40785309271147757,
  "icvs_wm": 0.43676525842345437,
  "inu_med": 0.9283790588378906,
  "inu_range": 0.9647368252277374,
  "provenance": {
    "md5sum": "1d08157df5e9cc7f5a56c8b0cf8e21c8",
    "settings": {
      "testing": false
    },
    "software": "mriqc",
    "version": "23.0.1",
    "warnings": {
      "large_rot_frame": true,
      "small_air_mask": false
    },
    "webapi_port": null,
    "webapi_url": "https://mriqc.nimh.nih.gov/api/v1"
  },
  "qi_1": 0.0,
  "qi_2": 0.0006670909074473259,
  "rpve_csf": 31.018494042066074,
  "rpve_gm": 12.611618785355885,
  "rpve_wm": 13.566575960658126,
  "size_x": 224,
  "size_y": 300,
  "size_z": 320,
  "snr_csf": 2.4124804815866363,
  "snr_gm": 13.100894293612624,
  "snr_total": 9.533837744645792,
  "snr_wm": 13.088138458738115,
  "snrd_csf": 32.60505789390018,
  "snrd_gm": 81.6893978494626,
  "snrd_total": 74.00456520647793,
  "snrd_wm": 107.71923987607101,
  "spacing_x": 0.800000011920929,
  "spacing_y": 0.800000011920929,
  "spacing_z": 0.800000011920929,
  "summary_bg_k": 5.585676992836802,
  "summary_bg_mad": 6.082553952802946,
  "summary_bg_mean": 9.608535430272045,
  "summary_bg_median": 4.102620296180248,
  "summary_bg_n": 3938789.0,
  "summary_bg_p05": 0.0,
  "summary_bg_p95": 37.962913140654564,
  "summary_bg_stdv": 13.81054515519095,
  "summary_csf_k": 2.679485766382837,
  "summary_csf_mad": 96.42875533176937,
  "summary_csf_mean": 313.8658910192657,
  "summary_csf_median": 302.71867625415325,
  "summary_csf_n": 44735.0,
  "summary_csf_p05": 110.16903035342693,
  "summary_csf_p95": 539.412516541779,
  "summary_csf_stdv": 125.47885675346669,
  "summary_gm_k": 0.14356603835641613,
  "summary_gm_mad": 56.93270499823557,
  "summary_gm_mean": 758.4782043541478,
  "summary_gm_median": 758.4377387538552,
  "summary_gm_n": 62083.0,
  "summary_gm_p05": 662.9834398627281,
  "summary_gm_p95": 853.3450216054916,
  "summary_gm_stdv": 57.89159224365606,
  "summary_wm_k": 0.3406029270943569,
  "summary_wm_mad": 74.20715822419594,
  "summary_wm_mean": 1010.0811889766959,
  "summary_wm_median": 1000.1094250008464,
  "summary_wm_n": 505178.0,
  "summary_wm_p05": 902.8499731794,
  "summary_wm_p95": 1151.523464731872,
  "summary_wm_stdv": 76.41334467043303,
  "tpm_overlap_csf": 0.13135021750343795,
  "tpm_overlap_gm": 0.4264649262882593,
  "tpm_overlap_wm": 0.46356854503646433,
  "wm2max": 0.4305529389600603
}