{
  "bids_meta": {
    "AcquisitionMatrixPE": 300,
    "AcquisitionNumber": 1,
    "AcquisitionTime": "17:30:8.732500",
    "BaseResolution": 320,
    "BodyPartExamined": "HEAD",
    "CoilCombinationMethod": "Adaptive Combine",
    "ConsistencyInfo": "N4_VE11C_LATEST_20160120",
    "ConversionSoftware": "dcm2niix",
    "ConversionSoftwareVersion": "v1.0.20211006",
    "Dcm2bidsVersion": "2.1.6",
    "DeviceSerialNumber": "66014",
    "DwellTime": 2.1e-06,
    "EchoTime": 0.563,
    "EchoTrainLength": 314,
    "FlipAngle": 120,
    "ImageOrientationPatientDICOM": [
      0.0225836,
      0.999739,
      0.00348757,
      0.0418773,
      0.00253942,
      -0.99912
    ],
    "ImageOrientationText": "Sag>Tra(-2.4)>Cor(1.3)",
    "ImageType": [
      "ORIGINAL",
      "PRIMARY",
      "M",
      "ND",
      "NORM"
    ],
    "ImagingFrequency": 123.259,
    "InPlanePhaseEncodingDirectionDICOM": "ROW",
    "InstitutionAddress": "Yiheyuan Road 5,Beijing  0FCA35,Haidian,CN,100871",
    "InstitutionName": "CMR of Peking Univeristy",
    "InstitutionalDepartmentName": "Department",
    "MRAcquisitionType": "3D",
    "MagneticFieldStrength": 3,
    "Manufacturer": "Siemens",
    "ManufacturersModelName": "Prisma",
    "MatrixCoilMode": "GRAPPA",
    "Modality": "MR",
    "ParallelReductionFactorInPlane": 2,
    "PartialFourier": 1,
    "PatientPosition": "HFS",
    "PercentPhaseFOV": 93.75,
    "PercentSampling": 100,
    "PhaseEncodingDirection": "i",
    "PhaseEncodingSteps": 297,
    "PhaseResolution": 1,
    "PixelBandwidth": 745,
    "ProcedureStepDescription": "Research^Projects_64CH",
    "ProtocolName": "T2w_SPC",
    "PulseSequenceDetails": "%SiemensSeq%\\tse_vfl",
    "ReceiveCoilActiveElements": "HC1-7;NC1,2",
    "ReceiveCoilName": "HeadNeck_64",
    "ReconMatrixPE": 300,
    "RefLinesPE": 32,
    "RepetitionTime": 3.2,
    "SAR": 0.206351,
    "ScanOptions": "PFP",
    "ScanningSequence": "SE",
    "SequenceName": "*spcR_314ns",
    "SequenceVariant": "SK\\SP",
    "SeriesDescription": "T2w_SPC",
    "SeriesNumber": 6,
    "ShimSetting": [
      -3442,
      -2138,
      -2008,
      163,
      -17,
      -564,
      -104,
      -54
    ],
    "SliceThickness": 0.8,
    "SoftwareVersions": "syngo MR E11",
    "SpoilingState": true,
    "StationName": "AWP66014",
    "TxRefAmp": 244.777,
    "dataset": "ds004078",
    "modality": "T2w",
    "run_id": 2,
    "subject_id": "02"
  },
  "cjv": 0.2527096441839662,
  "cnr": 1.6280073266445692,
  "efc": 0.5481179170961517,
  "fber": 8108.573696145124,
  "fwhm_avg": 2.3852374644571923,
  "fwhm_x": 2.3287874652983627,
  "fwhm_y": 2.611737461082079,
  "fwhm_z": 2.2151874669911344,
  "icvs_csf": 0.39641681237154763,
  "icvs_gm": 0.15989234278876466,
  "icvs_wm": 0.4436908448396877,
  "inu_med": 0.8712263703346252,
  "inu_range": 0.18477795124053953,
  "provenance": {
    "md5sum": "6a07a893f32aaf4ba7cb2d06c7f51197",
    "settings": {
      "testing": false
    },
    "software": "mriqc",
    "version": "23.0.1",
    "warnings": {
      "large_rot_frame": true,
      "small_air_mask": false
    },
    "webapi_port": null,
    "webapi_url": "https://mriqc.nimh.nih.gov/api/v1"
  },
  "qi_1": 0.0,
  "qi_2": 0.002001325739044923,
  "rpve_csf": 13.227061815973215,
  "rpve_gm": 36.53884113882205,
  "rpve_wm": 12.871477978718444,
  "size_x": 224,
  "size_y": 300,
  "size_z": 320,
  "snr_csf": 10.294728022468647,
  "snr_gm": 2.3951837677141548,
  "snr_total": 7.3988570461473335,
  "snr_wm": 9.506659348259197,
  "snrd_csf": 85.6497205716896,
  "snrd_gm": 162.94695825376544,
  "snrd_total": 100.14321342398058,
  "snrd_wm": 51.83296144648672,
  "spacing_x": 0.800000011920929,
  "spacing_y": 0.800000011920929,
  "spacing_z": 0.800000011920929,
  "summary_bg_k": 3.5631741339285554,
  "summary_bg_mad": 0.0,
  "summary_bg_mean": 9.478819202166235,
  "summary_bg_median": 0.0,
  "summary_bg_n": 3934378.0,
  "summary_bg_p05": 0.0,
  "summary_bg_p95": 36.16276250779629,
  "summary_bg_stdv": 12.638615041544849,
  "summary_csf_k": 0.789178163733713,
  "summary_csf_mad": 149.11949339059944,
  "summary_csf_mean": 1655.9638003913265,
  "summary_csf_median": 1652.3182755857706,
  "summary_csf_n": 82154.0,
  "summary_csf_p05": 1400.8693509697914,
  "summary_csf_p95": 1922.6032300889492,
  "summary_csf_stdv": 160.50042465654133,
  "summary_gm_k": -1.0450799365899588,
  "summary_gm_mad": 440.28738774811444,
  "summary_gm_mean": 2349.1385981078984,
  "summary_gm_median": 3143.5039749890566,
  "summary_gm_n": 40741.0,
  "summary_gm_p05": 72.80850014090538,
  "summary_gm_p95": 3486.0540826171637,
  "summary_gm_stdv": 1312.4109465015397,
  "summary_wm_k": 0.6810629154481909,
  "summary_wm_mad": 101.4119964054917,
  "summary_wm_mean": 1000.3579830797376,
  "summary_wm_median": 999.939625069499,
  "summary_wm_n": 393712.0,
  "summary_wm_p05": 830.4153560847044,
  "summary_wm_p95": 1170.309100523591,
  "summary_wm_stdv": 105.182937407412,
  "tpm_overlap_csf": 0.10613306294911176,
  "tpm_overlap_gm": 0.09882461540529017,
  "tpm_overlap_wm": 0.44140403621818564,
  "wm2max": 0.28521981712042155
}