{
  "bids_meta": {
    "AcquisitionMatrixPE": 300,
    "AcquisitionNumber": 1,
    "AcquisitionTime": "14:53:42.837500",
    "BaseResolution": 320,
    "BodyPartExamined": "HEAD",
    "CoilCombinationMethod": "Adaptive Combine",
    "ConsistencyInfo": "N4_VE11C_LATEST_20160120",
    "ConversionSoftware": "dcm2niix",
    "ConversionSoftwareVersion": "v1.0.20211006",
    "Dcm2bidsVersion": "2.1.6",
    "DeviceSerialNumber": "66014",
    "DwellTime": 7.1e-06,
    "EchoTime": 0.00222,
    "FlipAngle": 8,
    "ImageOrientationPatientDICOM": [
      0.0185219,
      0.997269,
      -0.0714891,
      0.0140025,
      -0.0717531,
      -0.997324
    ],
    "ImageOrientationText": "Sag>Cor(1.0)>Tra(-0.9)",
    "ImageType": [
      "ORIGINAL",
      "PRIMARY",
      "M",
      "ND",
      "NORM"
    ],
    "ImagingFrequency": 123.259,
    "InPlanePhaseEncodingDirectionDICOM": "ROW",
    "InstitutionAddress": "Yiheyuan Road 5,Beijing  0FCA35,Haidian,CN,100871",
    "InstitutionName": "CMR of Peking Univeristy",
    "InstitutionalDepartmentName": "Department",
    "InversionTime": 1,
    "MRAcquisitionType": "3D",
    "MagneticFieldStrength": 3,
    "Manufacturer": "Siemens",
    "ManufacturersModelName": "Prisma",
    "MatrixCoilMode": "GRAPPA",
    "Modality": "MR",
    "ParallelReductionFactorInPlane": 2,
    "PartialFourier": 1,
    "PatientPosition": "HFS",
    "PercentPhaseFOV": 93.75,
    "PercentSampling": 100,
    "PhaseEncodingSteps": 299,
    "PhaseResolution": 1,
    "PixelBandwidth": 220,
    "ProcedureStepDescription": "Research^Projects_64CH",
    "ProtocolName": "T1w_MPR",
    "PulseSequenceDetails": "%SiemensSeq%\\tfl",
    "ReceiveCoilActiveElements": "HC1-7;NC1,2",
    "ReceiveCoilName": "HeadNeck_64",
    "ReconMatrixPE": 300,
    "RefLinesPE": 32,
    "RepetitionTime": 2.4,
    "SAR": 0.0481715,
    "ScanOptions": "IR\\WE",
    "ScanningSequence": "GR\\IR",
    "SequenceName": "*tfl3d1_16ns",
    "SequenceVariant": "SK\\SP\\MP",
    "SeriesDescription": "T1w_MPR",
    "SeriesNumber": 24,
    "ShimSetting": [
      -3463,
      -2100,
      -1966,
      -229,
      48,
      -400,
      92,
      0
    ],
    "SliceThickness": 0.8,
    "SoftwareVersions": "syngo MR E11",
    "SpoilingState": true,
    "StationName": "AWP66014",
    "TxRefAmp": 233.606,
    "dataset": "ds004078",
    "modality": "T1w",
    "run_id": 2,
    "subject_id": "07"
  },
  "cjv": 0.3476153294637059,
  "cnr": 3.83800751206176,
  "efc": 0.5739074674043336,
  "fber": 26831.471820943643,
  "fwhm_avg": 4.538641599035636,
  "fwhm_x": 4.577262431793475,
  "fwhm_y": 4.409112434299105,
  "fwhm_z": 4.62954993101433,
  "icvs_csf": 0.17345306852785197,
  "icvs_gm": 0.44589846554561424,
  "icvs_wm": 0.3806484659265338,
  "inu_med": 0.45675307512283325,
  "inu_range": 0.18481137752532956,
  "provenance": {
    "md5sum": "7671ac0ae70124d4a3c1b6e51e9bacd6",
    "settings": {
      "testing": false
    },
    "software": "mriqc",
    "version": "23.0.1",
    "warnings": {
      "large_rot_frame": true,
      "small_air_mask": false
    },
    "webapi_port": null,
    "webapi_url": "https://mriqc.nimh.nih.gov/api/v1"
  },
  "qi_1": 0.0,
  "qi_2": 0.0006348316817886803,
  "rpve_csf": 27.701773788485998,
  "rpve_gm": 12.048861309036111,
  "rpve_wm": 15.962414444094009,
  "size_x": 224,
  "size_y": 300,
  "size_z": 320,
  "snr_csf": 2.232962083032142,
  "snr_gm": 12.66721491927066,
  "snr_total": 12.908269858627927,
  "snr_wm": 23.824632573580978,
  "snrd_csf": 31.08190902108994,
  "snrd_gm": 81.2206270246743,
  "snrd_total": 74.70797935125275,
  "snrd_wm": 111.821402007994,
  "spacing_x": 0.800000011920929,
  "spacing_y": 0.800000011920929,
  "spacing_z": 0.800000011920929,
  "summary_bg_k": 9.688437664064997,
  "summary_bg_mad": 0.0,
  "summary_bg_mean": 3.6484352892166565,
  "summary_bg_median": 0.0,
  "summary_bg_n": 4382293.0,
  "summary_bg_p05": 0.0,
  "summary_bg_p95": 15.059891164302826,
  "summary_bg_stdv": 5.858945210538246,
  "summary_csf_k": 0.6357889736509361,
  "summary_csf_mad": 110.6908541198162,
  "summary_csf_mean": 283.0400625091289,
  "summary_csf_median": 277.9683772623539,
  "summary_csf_n": 60512.0,
  "summary_csf_p05": 64.50023463815451,
  "summary_csf_p95": 500.2616742551327,
  "summary_csf_stdv": 124.48311709425109,
  "summary_gm_k": 0.1970565683791814,
  "summary_gm_mad": 55.69025838115363,
  "summary_gm_mean": 726.6929766279723,
  "summary_gm_median": 726.3635537624359,
  "summary_gm_n": 129218.0,
  "summary_gm_p05": 633.7612133339047,
  "summary_gm_p95": 822.88640832901,
  "summary_gm_stdv": 57.34178726525674,
  "summary_wm_k": 0.5859115214362993,
  "summary_wm_mad": 39.440082367457876,
  "summary_wm_mean": 1000.6062738429285,
  "summary_wm_median": 1000.0291049778461,
  "summary_wm_n": 500141.0,
  "summary_wm_p05": 932.7829114198685,
  "summary_wm_p95": 1070.3861254751682,
  "summary_wm_stdv": 41.974544712983175,
  "tpm_overlap_csf": 0.12792990008263547,
  "tpm_overlap_gm": 0.4423437314488024,
  "tpm_overlap_wm": 0.4949789419863517,
  "wm2max": 0.867471995517581
}