{
  "bids_meta": {
    "AcquisitionMatrixPE": 300,
    "AcquisitionNumber": 1,
    "AcquisitionTime": "15:00:28.502500",
    "BaseResolution": 320,
    "BodyPartExamined": "HEAD",
    "CoilCombinationMethod": "Adaptive Combine",
    "ConsistencyInfo": "N4_VE11C_LATEST_20160120",
    "ConversionSoftware": "dcm2niix",
    "ConversionSoftwareVersion": "v1.0.20211006",
    "Dcm2bidsVersion": "2.1.6",
    "DeviceSerialNumber": "66014",
    "DwellTime": 2.1e-06,
    "EchoTime": 0.563,
    "EchoTrainLength": 314,
    "FlipAngle": 120,
    "ImageOrientationPatientDICOM": [
      0.0185219,
      0.997269,
      -0.0714891,
      0.0140025,
      -0.0717531,
      -0.997324
    ],
    "ImageOrientationText": "Sag>Cor(1.0)>Tra(-0.9)",
    "ImageType": [
      "ORIGINAL",
      "PRIMARY",
      "M",
      "ND"
    ],
    "ImagingFrequency": 123.259,
    "InPlanePhaseEncodingDirectionDICOM": "ROW",
    "InstitutionAddress": "Yiheyuan Road 5,Beijing  0FCA35,Haidian,CN,100871",
    "InstitutionName": "CMR of Peking Univeristy",
    "InstitutionalDepartmentName": "Department",
    "MRAcquisitionType": "3D",
    "MagneticFieldStrength": 3,
    "Manufacturer": "Siemens",
    "ManufacturersModelName": "Prisma",
    "MatrixCoilMode": "GRAPPA",
    "Modality": "MR",
    "ParallelReductionFactorInPlane": 2,
    "PartialFourier": 1,
    "PatientPosition": "HFS",
    "PercentPhaseFOV": 93.75,
    "PercentSampling": 100,
    "PhaseEncodingDirection": "i",
    "PhaseEncodingSteps": 297,
    "PhaseResolution": 1,
    "PixelBandwidth": 745,
    "ProcedureStepDescription": "Research^Projects_64CH",
    "ProtocolName": "T2w_SPC",
    "PulseSequenceDetails": "%SiemensSeq%\\tse_vfl",
    "ReceiveCoilActiveElements": "HC1-7;NC1,2",
    "ReceiveCoilName": "HeadNeck_64",
    "ReconMatrixPE": 300,
    "RefLinesPE": 32,
    "RepetitionTime": 3.2,
    "SAR": 0.165768,
    "ScanOptions": "PFP",
    "ScanningSequence": "SE",
    "SequenceName": "*spcR_314ns",
    "SequenceVariant": "SK\\SP",
    "SeriesDescription": "T2w_SPC",
    "SeriesNumber": 25,
    "ShimSetting": [
      -3463,
      -2100,
      -1966,
      -229,
      48,
      -400,
      92,
      0
    ],
    "SliceThickness": 0.8,
    "SoftwareVersions": "syngo MR E11",
    "SpoilingState": true,
    "StationName": "AWP66014",
    "TxRefAmp": 233.606,
    "dataset": "ds004078",
    "modality": "T2w",
    "run_id": 1,
    "subject_id": "07"
  },
  "cjv": 1.026444320995085,
  "cnr": 1.1559201891740734,
  "efc": 0.5544281230173502,
  "fber": 4551.0591715976325,
  "fwhm_avg": 3.281345784437471,
  "fwhm_x": 3.210812452155166,
  "fwhm_y": 3.4900874479936443,
  "fwhm_z": 3.143137453163602,
  "icvs_csf": 0.40971690894771673,
  "icvs_gm": 0.44479376847987795,
  "icvs_wm": 0.1454893225724053,
  "inu_med": 1.0234439373016357,
  "inu_range": 0.9621950268745423,
  "provenance": {
    "md5sum": "c48476d54e083dd4ed2a6506a30b745f",
    "settings": {
      "testing": false
    },
    "software": "mriqc",
    "version": "23.0.1",
    "warnings": {
      "large_rot_frame": true,
      "small_air_mask": false
    },
    "webapi_port": null,
    "webapi_url": "https://mriqc.nimh.nih.gov/api/v1"
  },
  "qi_1": 0.0,
  "qi_2": 0.0006312373586530693,
  "rpve_csf": 12.965780396973058,
  "rpve_gm": 12.694205590962383,
  "rpve_wm": 39.09122355548428,
  "size_x": 224,
  "size_y": 300,
  "size_z": 320,
  "snr_csf": 7.639107817213452,
  "snr_gm": 7.572576544758114,
  "snr_total": 5.635936335767674,
  "snr_wm": 1.6961246453314565,
  "snrd_csf": 50.63911211711856,
  "snrd_gm": 27.45548893350434,
  "snrd_total": 54.926156603850394,
  "snrd_wm": 86.68386876092829,
  "spacing_x": 0.800000011920929,
  "spacing_y": 0.800000011920929,
  "spacing_z": 0.800000011920929,
  "summary_bg_k": 9.897201632973259,
  "summary_bg_mad": 0.0,
  "summary_bg_mean": 5.2507373275750515,
  "summary_bg_median": 0.0,
  "summary_bg_n": 4324926.0,
  "summary_bg_p05": 0.0,
  "summary_bg_p95": 19.82611032575369,
  "summary_bg_stdv": 7.581163336055612,
  "summary_csf_k": 0.5965572556488135,
  "summary_csf_mad": 69.38406669906682,
  "summary_csf_mean": 588.4785723339563,
  "summary_csf_median": 585.9900017045438,
  "summary_csf_n": 118613.0,
  "summary_csf_p05": 465.81479144096375,
  "summary_csf_p95": 723.1919545568526,
  "summary_csf_stdv": 76.70889658119322,
  "summary_gm_k": 1.9462556586777113,
  "summary_gm_mad": 36.278931426746404,
  "summary_gm_mean": 317.88213028425037,
  "summary_gm_median": 317.71177128329873,
  "summary_gm_n": 512928.0,
  "summary_gm_p05": 250.19760821387172,
  "summary_gm_p95": 386.2468802332878,
  "summary_gm_stdv": 41.95552989147543,
  "summary_wm_k": -1.5710402608895433,
  "summary_wm_mad": 667.2296069266348,
  "summary_wm_mean": 821.8319111829794,
  "summary_wm_median": 1003.0957945212722,
  "summary_wm_n": 52243.0,
  "summary_wm_p05": 25.556580752134323,
  "summary_wm_p95": 1612.0373182956127,
  "summary_wm_stdv": 591.3988673811922,
  "tpm_overlap_csf": 0.11404053239757955,
  "tpm_overlap_gm": 0.2915267323754635,
  "tpm_overlap_wm": 0.027861926165985734,
  "wm2max": 0.6647170511337597
}