{
  "bids_meta": {
    "AcquisitionMatrixPE": 300,
    "AcquisitionNumber": 1,
    "AcquisitionTime": "14:53:42.837500",
    "BaseResolution": 320,
    "BodyPartExamined": "HEAD",
    "CoilCombinationMethod": "Adaptive Combine",
    "ConsistencyInfo": "N4_VE11C_LATEST_20160120",
    "ConversionSoftware": "dcm2niix",
    "ConversionSoftwareVersion": "v1.0.20211006",
    "Dcm2bidsVersion": "2.1.6",
    "DeviceSerialNumber": "66014",
    "DwellTime": 7.1e-06,
    "EchoTime": 0.00222,
    "FlipAngle": 8,
    "ImageOrientationPatientDICOM": [
      0.0185219,
      0.997269,
      -0.0714891,
      0.0140025,
      -0.0717531,
      -0.997324
    ],
    "ImageOrientationText": "Sag>Cor(1.0)>Tra(-0.9)",
    "ImageType": [
      "ORIGINAL",
      "PRIMARY",
      "M",
      "ND"
    ],
    "ImagingFrequency": 123.259,
    "InPlanePhaseEncodingDirectionDICOM": "ROW",
    "InstitutionAddress": "Yiheyuan Road 5,Beijing  0FCA35,Haidian,CN,100871",
    "InstitutionName": "CMR of Peking Univeristy",
    "InstitutionalDepartmentName": "Department",
    "InversionTime": 1,
    "MRAcquisitionType": "3D",
    "MagneticFieldStrength": 3,
    "Manufacturer": "Siemens",
    "ManufacturersModelName": "Prisma",
    "MatrixCoilMode": "GRAPPA",
    "Modality": "MR",
    "ParallelReductionFactorInPlane": 2,
    "PartialFourier": 1,
    "PatientPosition": "HFS",
    "PercentPhaseFOV": 93.75,
    "PercentSampling": 100,
    "PhaseEncodingSteps": 299,
    "PhaseResolution": 1,
    "PixelBandwidth": 220,
    "ProcedureStepDescription": "Research^Projects_64CH",
    "ProtocolName": "T1w_MPR",
    "PulseSequenceDetails": "%SiemensSeq%\\tfl",
    "ReceiveCoilActiveElements": "HC1-7;NC1,2",
    "ReceiveCoilName": "HeadNeck_64",
    "ReconMatrixPE": 300,
    "RefLinesPE": 32,
    "RepetitionTime": 2.4,
    "SAR": 0.0481715,
    "ScanOptions": "IR\\WE",
    "ScanningSequence": "GR\\IR",
    "SequenceName": "*tfl3d1_16ns",
    "SequenceVariant": "SK\\SP\\MP",
    "SeriesDescription": "T1w_MPR",
    "SeriesNumber": 23,
    "ShimSetting": [
      -3463,
      -2100,
      -1966,
      -229,
      48,
      -400,
      92,
      0
    ],
    "SliceThickness": 0.8,
    "SoftwareVersions": "syngo MR E11",
    "SpoilingState": true,
    "StationName": "AWP66014",
    "TxRefAmp": 233.606,
    "dataset": "ds004078",
    "modality": "T1w",
    "run_id": 1,
    "subject_id": "07"
  },
  "cjv": 0.5419933912586131,
  "cnr": 2.491803372631788,
  "efc": 0.5780081176715722,
  "fber": 16702.27664464235,
  "fwhm_avg": 5.1890082560110855,
  "fwhm_x": 5.239987421918102,
  "fwhm_y": 4.890849927120657,
  "fwhm_z": 5.436187418994495,
  "icvs_csf": 0.15131497048119513,
  "icvs_gm": 0.41512022158074174,
  "icvs_wm": 0.4335648079380631,
  "inu_med": 0.9839231669902802,
  "inu_range": 1.0446729242801667,
  "provenance": {
    "md5sum": "3977b5bd38a095236529c26409a394ff",
    "settings": {
      "testing": false
    },
    "software": "mriqc",
    "version": "23.0.1",
    "warnings": {
      "large_rot_frame": true,
      "small_air_mask": false
    },
    "webapi_port": null,
    "webapi_url": "https://mriqc.nimh.nih.gov/api/v1"
  },
  "qi_1": 1.11494361065483e-05,
  "qi_2": 0.00043090220171696457,
  "rpve_csf": 31.24277380625325,
  "rpve_gm": 12.395245019647664,
  "rpve_wm": 13.545174511235716,
  "size_x": 224,
  "size_y": 300,
  "size_z": 320,
  "snr_csf": 2.452663153118648,
  "snr_gm": 12.135912974797641,
  "snr_total": 9.100934867546203,
  "snr_wm": 12.71422847472232,
  "snrd_csf": 29.136646253330003,
  "snrd_gm": 79.09701883368449,
  "snrd_total": 71.27753468595036,
  "snrd_wm": 105.59893897083658,
  "spacing_x": 0.800000011920929,
  "spacing_y": 0.800000011920929,
  "spacing_z": 0.800000011920929,
  "summary_bg_k": 6.0987224722903886,
  "summary_bg_mad": 6.204654586509398,
  "summary_bg_mean": 8.484780794750884,
  "summary_bg_median": 4.1849759221076965,
  "summary_bg_n": 4337643.0,
  "summary_bg_p05": 0.0,
  "summary_bg_p95": 32.22431460022926,
  "summary_bg_stdv": 12.187003718097015,
  "summary_csf_k": 2.394164054700349,
  "summary_csf_mad": 88.10609512843345,
  "summary_csf_mean": 289.8797518273943,
  "summary_csf_median": 275.94684986397624,
  "summary_csf_n": 45378.0,
  "summary_csf_p05": 126.54320944473147,
  "summary_csf_p95": 503.4526034295559,
  "summary_csf_stdv": 112.50783009511198,
  "summary_gm_k": 0.08632603702073594,
  "summary_gm_mad": 61.038289494786206,
  "summary_gm_mean": 749.3055505663835,
  "summary_gm_median": 749.1106900572777,
  "summary_gm_n": 77965.0,
  "summary_gm_p05": 648.7758923247457,
  "summary_gm_p95": 851.2764147557318,
  "summary_gm_stdv": 61.726372581132786,
  "summary_wm_k": 0.4420324002188831,
  "summary_wm_mad": 74.99876231443235,
  "summary_wm_mean": 1011.7092788421759,
  "summary_wm_median": 1000.1046209856868,
  "summary_wm_n": 540930.0,
  "summary_wm_p05": 904.1117357723415,
  "summary_wm_p95": 1160.8076963946223,
  "summary_wm_stdv": 78.66019542930856,
  "tpm_overlap_csf": 0.1316029262391687,
  "tpm_overlap_gm": 0.4287378185262119,
  "tpm_overlap_wm": 0.46802792870107046,
  "wm2max": 0.38498560180430536
}