{
  "bids_meta": {
    "AcquisitionMatrixPE": 300,
    "AcquisitionNumber": 1,
    "AcquisitionTime": "14:19:33.252500",
    "BaseResolution": 320,
    "BodyPartExamined": "HEAD",
    "CoilCombinationMethod": "Adaptive Combine",
    "ConsistencyInfo": "N4_VE11C_LATEST_20160120",
    "ConversionSoftware": "dcm2niix",
    "ConversionSoftwareVersion": "v1.0.20211006",
    "Dcm2bidsVersion": "2.1.6",
    "DeviceSerialNumber": "66014",
    "DwellTime": 7.1e-06,
    "EchoTime": 0.00222,
    "FlipAngle": 8,
    "ImageOrientationPatientDICOM": [
      0.0156833,
      0.999875,
      0.00174496,
      0.0209222,
      0.00141662,
      -0.99978
    ],
    "ImageOrientationText": "Sag>Tra(-1.2)>Cor(0.9)",
    "ImageType": [
      "ORIGINAL",
      "PRIMARY",
      "M",
      "ND"
    ],
    "ImagingFrequency": 123.259,
    "InPlanePhaseEncodingDirectionDICOM": "ROW",
    "InstitutionAddress": "Yiheyuan Road 5,Beijing  0FCA35,Haidian,CN,100871",
    "InstitutionName": "CMR of Peking Univeristy",
    "InstitutionalDepartmentName": "Department",
    "InversionTime": 1,
    "MRAcquisitionType": "3D",
    "MagneticFieldStrength": 3,
    "Manufacturer": "Siemens",
    "ManufacturersModelName": "Prisma",
    "MatrixCoilMode": "GRAPPA",
    "Modality": "MR",
    "ParallelReductionFactorInPlane": 2,
    "PartialFourier": 1,
    "PatientPosition": "HFS",
    "PercentPhaseFOV": 93.75,
    "PercentSampling": 100,
    "PhaseEncodingSteps": 299,
    "PhaseResolution": 1,
    "PixelBandwidth": 220,
    "ProcedureStepDescription": "Research^Projects_64CH",
    "ProtocolName": "T1w_MPR",
    "PulseSequenceDetails": "%SiemensSeq%\\tfl",
    "ReceiveCoilActiveElements": "HC1-7;NC1",
    "ReceiveCoilName": "HeadNeck_64",
    "ReconMatrixPE": 300,
    "RefLinesPE": 32,
    "RepetitionTime": 2.4,
    "SAR": 0.0625289,
    "ScanOptions": "IR\\WE",
    "ScanningSequence": "GR\\IR",
    "SequenceName": "*tfl3d1_16ns",
    "SequenceVariant": "SK\\SP\\MP",
    "SeriesDescription": "T1w_MPR",
    "SeriesNumber": 3,
    "ShimSetting": [
      -3446,
      -2129,
      -1927,
      33,
      14,
      -494,
      -7,
      65
    ],
    "SliceThickness": 0.8,
    "SoftwareVersions": "syngo MR E11",
    "SpoilingState": true,
    "StationName": "AWP66014",
    "TxRefAmp": 277.569,
    "dataset": "ds004078",
    "modality": "T1w",
    "run_id": 1,
    "subject_id": "04"
  },
  "cjv": 0.4862106030100303,
  "cnr": 2.756905384690655,
  "efc": 0.6276093166789051,
  "fber": 15941.098855359001,
  "fwhm_avg": 5.680612415352279,
  "fwhm_x": 5.727512414653415,
  "fwhm_y": 5.371524919958041,
  "fwhm_z": 5.9427999114453804,
  "icvs_csf": 0.1515351031935716,
  "icvs_gm": 0.4119225029438404,
  "icvs_wm": 0.436542393862588,
  "inu_med": 0.9294914901256561,
  "inu_range": 1.1292088165879248,
  "provenance": {
    "md5sum": "9a5b7ae3071cddd91b08be88f4387bc8",
    "settings": {
      "testing": false
    },
    "software": "mriqc",
    "version": "23.0.1",
    "warnings": {
      "large_rot_frame": true,
      "small_air_mask": false
    },
    "webapi_port": null,
    "webapi_url": "https://mriqc.nimh.nih.gov/api/v1"
  },
  "qi_1": 0.0,
  "qi_2": 0.0003438050714711383,
  "rpve_csf": 26.92147370065802,
  "rpve_gm": 10.769643380795673,
  "rpve_wm": 11.63766665445905,
  "size_x": 224,
  "size_y": 300,
  "size_z": 320,
  "snr_csf": 2.4733453684585216,
  "snr_gm": 13.04325703783539,
  "snr_total": 10.387319658761404,
  "snr_wm": 15.6453565699903,
  "snrd_csf": 28.532268778969076,
  "snrd_gm": 74.11813022449647,
  "snrd_total": 66.76198073138931,
  "snrd_wm": 97.63554319070239,
  "spacing_x": 0.800000011920929,
  "spacing_y": 0.800000011920929,
  "spacing_z": 0.800000011920929,
  "summary_bg_k": 8.106683476703152,
  "summary_bg_mad": 6.710725881129423,
  "summary_bg_mean": 8.990328042635396,
  "summary_bg_median": 4.526315823197365,
  "summary_bg_n": 4075264.0,
  "summary_bg_p05": 0.0,
  "summary_bg_p95": 34.421052888035774,
  "summary_bg_stdv": 12.680458976028374,
  "summary_csf_k": 2.7469017390757413,
  "summary_csf_mad": 94.41835251356514,
  "summary_csf_mean": 306.94679975397224,
  "summary_csf_median": 292.26316007226706,
  "summary_csf_n": 65910.0,
  "summary_csf_p05": 136.315790489316,
  "summary_csf_p95": 524.5263196974993,
  "summary_csf_stdv": 118.16422674031391,
  "summary_gm_k": 0.25153084394309033,
  "summary_gm_mad": 56.49494811555468,
  "summary_gm_mean": 760.0430849952398,
  "summary_gm_median": 759.2105319723487,
  "summary_gm_n": 102500.0,
  "summary_gm_p05": 665.7894786447287,
  "summary_gm_p95": 856.7894800677896,
  "summary_gm_stdv": 58.20684406471693,
  "summary_wm_k": 0.46798830797962854,
  "summary_wm_mad": 60.63062801904142,
  "summary_wm_mean": 1007.2445378170291,
  "summary_wm_median": 1000.1052706092596,
  "summary_wm_n": 654016.0,
  "summary_wm_p05": 914.6315857619047,
  "summary_wm_p95": 1123.5789557397366,
  "summary_wm_stdv": 63.92340766074448,
  "tpm_overlap_csf": 0.13878472010390652,
  "tpm_overlap_gm": 0.43212416143868615,
  "tpm_overlap_wm": 0.4669480732531682,
  "wm2max": 0.45958496033974394
}