{
  "bids_meta": {
    "AcquisitionMatrixPE": 300,
    "AcquisitionNumber": 1,
    "AcquisitionTime": "14:19:33.252500",
    "BaseResolution": 320,
    "BodyPartExamined": "HEAD",
    "CoilCombinationMethod": "Adaptive Combine",
    "ConsistencyInfo": "N4_VE11C_LATEST_20160120",
    "ConversionSoftware": "dcm2niix",
    "ConversionSoftwareVersion": "v1.0.20211006",
    "Dcm2bidsVersion": "2.1.6",
    "DeviceSerialNumber": "66014",
    "DwellTime": 7.1e-06,
    "EchoTime": 0.00222,
    "FlipAngle": 8,
    "ImageOrientationPatientDICOM": [
      0.0156833,
      0.999875,
      0.00174496,
      0.0209222,
      0.00141662,
      -0.99978
    ],
    "ImageOrientationText": "Sag>Tra(-1.2)>Cor(0.9)",
    "ImageType": [
      "ORIGINAL",
      "PRIMARY",
      "M",
      "ND",
      "NORM"
    ],
    "ImagingFrequency": 123.259,
    "InPlanePhaseEncodingDirectionDICOM": "ROW",
    "InstitutionAddress": "Yiheyuan Road 5,Beijing  0FCA35,Haidian,CN,100871",
    "InstitutionName": "CMR of Peking Univeristy",
    "InstitutionalDepartmentName": "Department",
    "InversionTime": 1,
    "MRAcquisitionType": "3D",
    "MagneticFieldStrength": 3,
    "Manufacturer": "Siemens",
    "ManufacturersModelName": "Prisma",
    "MatrixCoilMode": "GRAPPA",
    "Modality": "MR",
    "ParallelReductionFactorInPlane": 2,
    "PartialFourier": 1,
    "PatientPosition": "HFS",
    "PercentPhaseFOV": 93.75,
    "PercentSampling": 100,
    "PhaseEncodingSteps": 299,
    "PhaseResolution": 1,
    "PixelBandwidth": 220,
    "ProcedureStepDescription": "Research^Projects_64CH",
    "ProtocolName": "T1w_MPR",
    "PulseSequenceDetails": "%SiemensSeq%\\tfl",
    "ReceiveCoilActiveElements": "HC1-7;NC1",
    "ReceiveCoilName": "HeadNeck_64",
    "ReconMatrixPE": 300,
    "RefLinesPE": 32,
    "RepetitionTime": 2.4,
    "SAR": 0.0625289,
    "ScanOptions": "IR\\WE",
    "ScanningSequence": "GR\\IR",
    "SequenceName": "*tfl3d1_16ns",
    "SequenceVariant": "SK\\SP\\MP",
    "SeriesDescription": "T1w_MPR",
    "SeriesNumber": 4,
    "ShimSetting": [
      -3446,
      -2129,
      -1927,
      33,
      14,
      -494,
      -7,
      65
    ],
    "SliceThickness": 0.8,
    "SoftwareVersions": "syngo MR E11",
    "SpoilingState": true,
    "StationName": "AWP66014",
    "TxRefAmp": 277.569,
    "dataset": "ds004078",
    "modality": "T1w",
    "run_id": 2,
    "subject_id": "04"
  },
  "cjv": 0.3343093082208014,
  "cnr": 3.969404628187657,
  "efc": 0.6138874213760791,
  "fber": 36581.75163752178,
  "fwhm_avg": 4.574337431837061,
  "fwhm_x": 4.628449931030722,
  "fwhm_y": 4.454074933629111,
  "fwhm_z": 4.640487430851349,
  "icvs_csf": 0.16569329133976995,
  "icvs_gm": 0.4494727900355291,
  "icvs_wm": 0.38483391862470095,
  "inu_med": 0.44503332674503326,
  "inu_range": 0.1905483037233353,
  "provenance": {
    "md5sum": "35927dcbc89a32707841f70625987273",
    "settings": {
      "testing": false
    },
    "software": "mriqc",
    "version": "23.0.1",
    "warnings": {
      "large_rot_frame": true,
      "small_air_mask": false
    },
    "webapi_port": null,
    "webapi_url": "https://mriqc.nimh.nih.gov/api/v1"
  },
  "qi_1": 0.0,
  "qi_2": 0.0005447741925482543,
  "rpve_csf": 24.921530438273326,
  "rpve_gm": 10.409468847356615,
  "rpve_wm": 13.600832947178478,
  "size_x": 224,
  "size_y": 300,
  "size_z": 320,
  "snr_csf": 2.4619373807594256,
  "snr_gm": 13.790142866472126,
  "snr_total": 13.691459284504637,
  "snr_wm": 24.822297606282355,
  "snrd_csf": 31.075335148494567,
  "snrd_gm": 79.8369450561579,
  "snrd_total": 73.22924213814593,
  "snrd_wm": 108.77544620978534,
  "spacing_x": 0.800000011920929,
  "spacing_y": 0.800000011920929,
  "spacing_z": 0.800000011920929,
  "summary_bg_k": 12.457391165407794,
  "summary_bg_mad": 0.0,
  "summary_bg_mean": 3.7030988720870988,
  "summary_bg_median": 0.0,
  "summary_bg_n": 4100490.0,
  "summary_bg_p05": 0.0,
  "summary_bg_p95": 15.77551644295454,
  "summary_bg_stdv": 6.022996312042237,
  "summary_csf_k": 1.24083900004055,
  "summary_csf_mad": 100.37532902631698,
  "summary_csf_mean": 296.97018441260116,
  "summary_csf_median": 285.6910850852728,
  "summary_csf_n": 76323.0,
  "summary_csf_p05": 114.29808139801025,
  "summary_csf_p95": 504.89770378917456,
  "summary_csf_stdv": 116.04243703333822,
  "summary_gm_k": 0.38526697872919247,
  "summary_gm_mad": 50.749317033689444,
  "summary_gm_mean": 734.2770413485556,
  "summary_gm_median": 733.9809322729707,
  "summary_gm_n": 173952.0,
  "summary_gm_p05": 648.1491344049573,
  "summary_gm_p95": 823.2492491602898,
  "summary_gm_stdv": 53.22488894091544,
  "summary_wm_k": 0.46011173015266893,
  "summary_wm_mad": 38.192371396104626,
  "summary_wm_mean": 999.7169354599137,
  "summary_wm_median": 1000.0270346179605,
  "summary_wm_n": 606463.0,
  "summary_wm_p05": 933.326094597578,
  "summary_wm_p95": 1065.5103104189038,
  "summary_wm_stdv": 40.28741521049314,
  "tpm_overlap_csf": 0.13716759662707523,
  "tpm_overlap_gm": 0.44455907973372866,
  "tpm_overlap_wm": 0.5026060506302364,
  "wm2max": 0.815413807559076
}