{
  "bids_meta": {
    "AcquisitionMatrixPE": 300,
    "AcquisitionNumber": 1,
    "AcquisitionTime": "14:26:21.725000",
    "BaseResolution": 320,
    "BodyPartExamined": "HEAD",
    "CoilCombinationMethod": "Adaptive Combine",
    "ConsistencyInfo": "N4_VE11C_LATEST_20160120",
    "ConversionSoftware": "dcm2niix",
    "ConversionSoftwareVersion": "v1.0.20211006",
    "Dcm2bidsVersion": "2.1.6",
    "DeviceSerialNumber": "66014",
    "DwellTime": 2.1e-06,
    "EchoTime": 0.563,
    "EchoTrainLength": 314,
    "FlipAngle": 120,
    "ImageOrientationPatientDICOM": [
      0.0156833,
      0.999875,
      0.00174496,
      0.0209222,
      0.00141662,
      -0.99978
    ],
    "ImageOrientationText": "Sag>Tra(-1.2)>Cor(0.9)",
    "ImageType": [
      "ORIGINAL",
      "PRIMARY",
      "M",
      "ND",
      "NORM"
    ],
    "ImagingFrequency": 123.259,
    "InPlanePhaseEncodingDirectionDICOM": "ROW",
    "InstitutionAddress": "Yiheyuan Road 5,Beijing  0FCA35,Haidian,CN,100871",
    "InstitutionName": "CMR of Peking Univeristy",
    "InstitutionalDepartmentName": "Department",
    "MRAcquisitionType": "3D",
    "MagneticFieldStrength": 3,
    "Manufacturer": "Siemens",
    "ManufacturersModelName": "Prisma",
    "MatrixCoilMode": "GRAPPA",
    "Modality": "MR",
    "ParallelReductionFactorInPlane": 2,
    "PartialFourier": 1,
    "PatientPosition": "HFS",
    "PercentPhaseFOV": 93.75,
    "PercentSampling": 100,
    "PhaseEncodingDirection": "i",
    "PhaseEncodingSteps": 297,
    "PhaseResolution": 1,
    "PixelBandwidth": 745,
    "ProcedureStepDescription": "Research^Projects_64CH",
    "ProtocolName": "T2w_SPC",
    "PulseSequenceDetails": "%SiemensSeq%\\tse_vfl",
    "ReceiveCoilActiveElements": "HC1-7;NC1",
    "ReceiveCoilName": "HeadNeck_64",
    "ReconMatrixPE": 300,
    "RefLinesPE": 32,
    "RepetitionTime": 3.2,
    "SAR": 0.215174,
    "ScanOptions": "PFP",
    "ScanningSequence": "SE",
    "SequenceName": "*spcR_314ns",
    "SequenceVariant": "SK\\SP",
    "SeriesDescription": "T2w_SPC",
    "SeriesNumber": 6,
    "ShimSetting": [
      -3446,
      -2129,
      -1927,
      33,
      14,
      -494,
      -7,
      65
    ],
    "SliceThickness": 0.8,
    "SoftwareVersions": "syngo MR E11",
    "SpoilingState": true,
    "StationName": "AWP66014",
    "TxRefAmp": 277.569,
    "dataset": "ds004078",
    "modality": "T2w",
    "run_id": 2,
    "subject_id": "04"
  },
  "cjv": 0.2875651578653742,
  "cnr": 1.8392507199235948,
  "efc": 0.5648030764258007,
  "fber": -1.0,
  "fwhm_avg": 2.5248499623768033,
  "fwhm_x": 2.4431749635938558,
  "fwhm_y": 2.7867124584747485,
  "fwhm_z": 2.3446624650618064,
  "icvs_csf": 0.39607419057623533,
  "icvs_gm": 0.15296618802788456,
  "icvs_wm": 0.4509596213958801,
  "inu_med": 0.9572783708572388,
  "inu_range": 0.25560762882232657,
  "provenance": {
    "md5sum": "a9acc506e4ca8c20c43e7a9916c50473",
    "settings": {
      "testing": false
    },
    "software": "mriqc",
    "version": "23.0.1",
    "warnings": {
      "large_rot_frame": true,
      "small_air_mask": false
    },
    "webapi_port": null,
    "webapi_url": "https://mriqc.nimh.nih.gov/api/v1"
  },
  "qi_1": 0.0,
  "qi_2": 0.0012876753948441483,
  "rpve_csf": 11.319784850926242,
  "rpve_gm": 31.400950709075403,
  "rpve_wm": 10.982511502595392,
  "size_x": 224,
  "size_y": 300,
  "size_z": 320,
  "snr_csf": 10.481112935616316,
  "snr_gm": 2.568725832295162,
  "snr_total": 7.907532131578301,
  "snr_wm": 10.672757626823428,
  "snrd_csf": 91.14755668248011,
  "snrd_gm": 191.7014659637714,
  "snrd_total": 112.32275594586183,
  "snrd_wm": 54.11924519133393,
  "spacing_x": 0.800000011920929,
  "spacing_y": 0.800000011920929,
  "spacing_z": 0.800000011920929,
  "summary_bg_k": 7.1756870994819355,
  "summary_bg_mad": 0.0,
  "summary_bg_mean": 6.929508029289248,
  "summary_bg_median": 0.0,
  "summary_bg_n": 4086407.0,
  "summary_bg_p05": 0.0,
  "summary_bg_p95": 31.28542260825634,
  "summary_bg_stdv": 12.105423745840612,
  "summary_csf_k": 0.9831726337850757,
  "summary_csf_mad": 147.89049467383995,
  "summary_csf_mean": 1693.2306998096192,
  "summary_csf_median": 1684.1985837444663,
  "summary_csf_n": 126224.0,
  "summary_csf_p05": 1448.8777962997556,
  "summary_csf_p95": 1969.1679766327143,
  "summary_csf_stdv": 160.68827066453997,
  "summary_gm_k": -0.3257418893090729,
  "summary_gm_mad": 645.2283021413972,
  "summary_gm_mean": 2876.402801041359,
  "summary_gm_median": 3542.2050708681345,
  "summary_gm_n": 68423.0,
  "summary_gm_p05": 90.53880392983558,
  "summary_gm_p95": 4118.793898165226,
  "summary_gm_stdv": 1378.963508534728,
  "summary_wm_k": 1.0506858616577475,
  "summary_wm_mad": 85.82130221224348,
  "summary_wm_mean": 999.0607151365593,
  "summary_wm_median": 999.9999936595559,
  "summary_wm_n": 543315.0,
  "summary_wm_p05": 844.9331163838506,
  "summary_wm_p95": 1148.1901234537363,
  "summary_wm_stdv": 93.69640990154488,
  "tpm_overlap_csf": 0.10187656377668011,
  "tpm_overlap_gm": 0.09558045097837338,
  "tpm_overlap_wm": 0.45210036919223395,
  "wm2max": 0.24407923860115094
}