{
  "bids_meta": {
    "AcquisitionMatrixPE": 300,
    "AcquisitionNumber": 1,
    "AcquisitionTime": "14:26:21.725000",
    "BaseResolution": 320,
    "BodyPartExamined": "HEAD",
    "CoilCombinationMethod": "Adaptive Combine",
    "ConsistencyInfo": "N4_VE11C_LATEST_20160120",
    "ConversionSoftware": "dcm2niix",
    "ConversionSoftwareVersion": "v1.0.20211006",
    "Dcm2bidsVersion": "2.1.6",
    "DeviceSerialNumber": "66014",
    "DwellTime": 2.1e-06,
    "EchoTime": 0.563,
    "EchoTrainLength": 314,
    "FlipAngle": 120,
    "ImageOrientationPatientDICOM": [
      0.0156833,
      0.999875,
      0.00174496,
      0.0209222,
      0.00141662,
      -0.99978
    ],
    "ImageOrientationText": "Sag>Tra(-1.2)>Cor(0.9)",
    "ImageType": [
      "ORIGINAL",
      "PRIMARY",
      "M",
      "ND"
    ],
    "ImagingFrequency": 123.259,
    "InPlanePhaseEncodingDirectionDICOM": "ROW",
    "InstitutionAddress": "Yiheyuan Road 5,Beijing  0FCA35,Haidian,CN,100871",
    "InstitutionName": "CMR of Peking Univeristy",
    "InstitutionalDepartmentName": "Department",
    "MRAcquisitionType": "3D",
    "MagneticFieldStrength": 3,
    "Manufacturer": "Siemens",
    "ManufacturersModelName": "Prisma",
    "MatrixCoilMode": "GRAPPA",
    "Modality": "MR",
    "ParallelReductionFactorInPlane": 2,
    "PartialFourier": 1,
    "PatientPosition": "HFS",
    "PercentPhaseFOV": 93.75,
    "PercentSampling": 100,
    "PhaseEncodingDirection": "i",
    "PhaseEncodingSteps": 297,
    "PhaseResolution": 1,
    "PixelBandwidth": 745,
    "ProcedureStepDescription": "Research^Projects_64CH",
    "ProtocolName": "T2w_SPC",
    "PulseSequenceDetails": "%SiemensSeq%\\tse_vfl",
    "ReceiveCoilActiveElements": "HC1-7;NC1",
    "ReceiveCoilName": "HeadNeck_64",
    "ReconMatrixPE": 300,
    "RefLinesPE": 32,
    "RepetitionTime": 3.2,
    "SAR": 0.215174,
    "ScanOptions": "PFP",
    "ScanningSequence": "SE",
    "SequenceName": "*spcR_314ns",
    "SequenceVariant": "SK\\SP",
    "SeriesDescription": "T2w_SPC",
    "SeriesNumber": 5,
    "ShimSetting": [
      -3446,
      -2129,
      -1927,
      33,
      14,
      -494,
      -7,
      65
    ],
    "SliceThickness": 0.8,
    "SoftwareVersions": "syngo MR E11",
    "SpoilingState": true,
    "StationName": "AWP66014",
    "TxRefAmp": 277.569,
    "dataset": "ds004078",
    "modality": "T2w",
    "run_id": 1,
    "subject_id": "04"
  },
  "cjv": 0.7627487571362972,
  "cnr": 1.3931342463448642,
  "efc": 0.5791626908589294,
  "fber": 3493.918212890625,
  "fwhm_avg": 3.687229111722671,
  "fwhm_x": 3.576762446702086,
  "fwhm_y": 3.9627499409504243,
  "fwhm_z": 3.5221749475155035,
  "icvs_csf": 0.4213987027678809,
  "icvs_gm": 0.14178806963046323,
  "icvs_wm": 0.43681322760165586,
  "inu_med": 1.0600200295448303,
  "inu_range": 1.1065190434455872,
  "provenance": {
    "md5sum": "48ea7014b23173ea980f35aa9d246fef",
    "settings": {
      "testing": false
    },
    "software": "mriqc",
    "version": "23.0.1",
    "warnings": {
      "large_rot_frame": true,
      "small_air_mask": false
    },
    "webapi_port": null,
    "webapi_url": "https://mriqc.nimh.nih.gov/api/v1"
  },
  "qi_1": 0.0,
  "qi_2": 0.00038296294868187127,
  "rpve_csf": 11.032706183688557,
  "rpve_gm": 32.99034757950546,
  "rpve_wm": 11.373795474419586,
  "size_x": 224,
  "size_y": 300,
  "size_z": 320,
  "snr_csf": 7.791294581636166,
  "snr_gm": 1.9401251756597964,
  "snr_total": 5.920607868493415,
  "snr_wm": 8.030403848184283,
  "snrd_csf": 39.83323880387922,
  "snrd_gm": 78.20543472868523,
  "snrd_total": 46.650683845301366,
  "snrd_wm": 21.91337800333964,
  "spacing_x": 0.800000011920929,
  "spacing_y": 0.800000011920929,
  "spacing_z": 0.800000011920929,
  "summary_bg_k": 20.692153213614482,
  "summary_bg_mad": 0.0,
  "summary_bg_mean": 20.45855000179434,
  "summary_bg_median": 0.0,
  "summary_bg_n": 4143254.0,
  "summary_bg_p05": 0.0,
  "summary_bg_p95": 75.26103746891022,
  "summary_bg_stdv": 29.89973258119346,
  "summary_csf_k": 0.8837094784378801,
  "summary_csf_mad": 209.06331737026306,
  "summary_csf_mean": 1835.969316967558,
  "summary_csf_median": 1817.946900948882,
  "summary_csf_n": 170996.0,
  "summary_csf_p05": 1486.6122511029243,
  "summary_csf_p95": 2255.660132601857,
  "summary_csf_stdv": 233.32984860659516,
  "summary_gm_k": -1.3542474716092952,
  "summary_gm_mad": 1849.6892331556705,
  "summary_gm_mean": 2941.078796702956,
  "summary_gm_median": 3569.2133497446775,
  "summary_gm_n": 72293.0,
  "summary_gm_p05": 112.89155620336533,
  "summary_gm_p95": 5261.242745697498,
  "summary_gm_stdv": 1839.669269122782,
  "summary_wm_k": 1.3385168816252664,
  "summary_wm_mad": 109.89618662351805,
  "summary_wm_mean": 999.4883305989155,
  "summary_wm_median": 1000.1034017503262,
  "summary_wm_n": 597776.0,
  "summary_wm_p05": 795.2031596302986,
  "summary_wm_p95": 1201.7988469451666,
  "summary_wm_stdv": 124.53951060704149,
  "tpm_overlap_csf": 0.1052539810308433,
  "tpm_overlap_gm": 0.07934963198899976,
  "tpm_overlap_wm": 0.4644460123581003,
  "wm2max": 0.19659005266729207
}