{
  "bids_meta": {
    "AcquisitionMatrixPE": 300,
    "AcquisitionNumber": 1,
    "AcquisitionTime": "17:23:17.142500",
    "BaseResolution": 320,
    "BodyPartExamined": "HEAD",
    "CoilCombinationMethod": "Adaptive Combine",
    "ConsistencyInfo": "N4_VE11C_LATEST_20160120",
    "ConversionSoftware": "dcm2niix",
    "ConversionSoftwareVersion": "v1.0.20211006",
    "Dcm2bidsVersion": "2.1.6",
    "DeviceSerialNumber": "66014",
    "DwellTime": 7.1e-06,
    "EchoTime": 0.00222,
    "FlipAngle": 8,
    "ImageOrientationPatientDICOM": [
      0.0225836,
      0.999739,
      0.00348757,
      0.0418773,
      0.00253942,
      -0.99912
    ],
    "ImageOrientationText": "Sag>Tra(-2.4)>Cor(1.3)",
    "ImageType": [
      "ORIGINAL",
      "PRIMARY",
      "M",
      "ND",
      "NORM"
    ],
    "ImagingFrequency": 123.259,
    "InPlanePhaseEncodingDirectionDICOM": "ROW",
    "InstitutionAddress": "Yiheyuan Road 5,Beijing  0FCA35,Haidian,CN,100871",
    "InstitutionName": "CMR of Peking Univeristy",
    "InstitutionalDepartmentName": "Department",
    "InversionTime": 1,
    "MRAcquisitionType": "3D",
    "MagneticFieldStrength": 3,
    "Manufacturer": "Siemens",
    "ManufacturersModelName": "Prisma",
    "MatrixCoilMode": "GRAPPA",
    "Modality": "MR",
    "ParallelReductionFactorInPlane": 2,
    "PartialFourier": 1,
    "PatientPosition": "HFS",
    "PercentPhaseFOV": 93.75,
    "PercentSampling": 100,
    "PhaseEncodingSteps": 299,
    "PhaseResolution": 1,
    "PixelBandwidth": 220,
    "ProcedureStepDescription": "Research^Projects_64CH",
    "ProtocolName": "T1w_MPR",
    "PulseSequenceDetails": "%SiemensSeq%\\tfl",
    "ReceiveCoilActiveElements": "HC1-7;NC1,2",
    "ReceiveCoilName": "HeadNeck_64",
    "ReconMatrixPE": 300,
    "RefLinesPE": 32,
    "RepetitionTime": 2.4,
    "SAR": 0.0599651,
    "ScanOptions": "IR\\WE",
    "ScanningSequence": "GR\\IR",
    "SequenceName": "*tfl3d1_16ns",
    "SequenceVariant": "SK\\SP\\MP",
    "SeriesDescription": "T1w_MPR",
    "SeriesNumber": 4,
    "ShimSetting": [
      -3442,
      -2138,
      -2008,
      163,
      -17,
      -564,
      -104,
      -54
    ],
    "SliceThickness": 0.8,
    "SoftwareVersions": "syngo MR E11",
    "SpoilingState": true,
    "StationName": "AWP66014",
    "TxRefAmp": 244.777,
    "dataset": "ds004078",
    "modality": "T1w",
    "run_id": 2,
    "subject_id": "02"
  },
  "cjv": 0.36978780490211344,
  "cnr": 3.6160881254857427,
  "efc": 0.5834772253989006,
  "fber": 30149.787861576537,
  "fwhm_avg": 4.3411666019782436,
  "fwhm_x": 4.391524934561179,
  "fwhm_y": 4.214837437194028,
  "fwhm_z": 4.417137434179523,
  "icvs_csf": 0.1772099755089457,
  "icvs_gm": 0.445113457141509,
  "icvs_wm": 0.37767656734954524,
  "inu_med": 0.4562510848045349,
  "inu_range": 0.1688360154628754,
  "provenance": {
    "md5sum": "27539a3f79856cc693ef9067f325e263",
    "settings": {
      "testing": false
    },
    "software": "mriqc",
    "version": "23.0.1",
    "warnings": {
      "large_rot_frame": true,
      "small_air_mask": false
    },
    "webapi_port": null,
    "webapi_url": "https://mriqc.nimh.nih.gov/api/v1"
  },
  "qi_1": 0.0,
  "qi_2": 0.0008082410744025892,
  "rpve_csf": 27.742841451872355,
  "rpve_gm": 12.242930239802481,
  "rpve_wm": 16.222033689755904,
  "size_x": 224,
  "size_y": 300,
  "size_z": 320,
  "snr_csf": 2.3584123641597556,
  "snr_gm": 13.710510470746176,
  "snr_total": 12.754967815295325,
  "snr_wm": 22.195980610980044,
  "snrd_csf": 39.286598758452556,
  "snrd_gm": 94.688750542067,
  "snrd_total": 87.11724018668254,
  "snrd_wm": 127.37637125952809,
  "spacing_x": 0.800000011920929,
  "spacing_y": 0.800000011920929,
  "spacing_z": 0.800000011920929,
  "summary_bg_k": 7.347412438223683,
  "summary_bg_mad": 5.1435481500870415,
  "summary_bg_mean": 5.589654526197066,
  "summary_bg_median": 3.469270506873727,
  "summary_bg_n": 3953093.0,
  "summary_bg_p05": 0.0,
  "summary_bg_p95": 22.37794353440404,
  "summary_bg_stdv": 8.1717848295375,
  "summary_csf_k": 0.40541029600567224,
  "summary_csf_mad": 113.43056516417118,
  "summary_csf_mean": 313.197594965582,
  "summary_csf_median": 308.44342089258134,
  "summary_csf_n": 60492.0,
  "summary_csf_p05": 76.89833368547261,
  "summary_csf_p95": 534.4617993551306,
  "summary_csf_stdv": 130.7832659432464,
  "summary_gm_k": 0.23563926064358487,
  "summary_gm_mad": 52.42331525154938,
  "summary_gm_mean": 742.8633040095418,
  "summary_gm_median": 743.4118264298886,
  "summary_gm_n": 111093.0,
  "summary_gm_p05": 652.9718501169234,
  "summary_gm_p95": 831.7288848962635,
  "summary_gm_stdv": 54.22179444813185,
  "summary_wm_k": 0.41015139670736867,
  "summary_wm_mad": 42.476851279195635,
  "summary_wm_mean": 1000.7556260988464,
  "summary_wm_median": 1000.0459427330643,
  "summary_wm_n": 475893.0,
  "summary_wm_p05": 927.8805211298168,
  "summary_wm_p95": 1076.6318123199037,
  "summary_wm_stdv": 45.055224617252954,
  "tpm_overlap_csf": 0.13071041952711238,
  "tpm_overlap_gm": 0.4465557933867833,
  "tpm_overlap_wm": 0.49551798648981443,
  "wm2max": 0.8533199939881029
}