{
  "bids_meta": {
    "AcquisitionMatrixPE": 300,
    "AcquisitionNumber": 1,
    "AcquisitionTime": "17:30:8.732500",
    "BaseResolution": 320,
    "BodyPartExamined": "HEAD",
    "CoilCombinationMethod": "Adaptive Combine",
    "ConsistencyInfo": "N4_VE11C_LATEST_20160120",
    "ConversionSoftware": "dcm2niix",
    "ConversionSoftwareVersion": "v1.0.20211006",
    "Dcm2bidsVersion": "2.1.6",
    "DeviceSerialNumber": "66014",
    "DwellTime": 2.1e-06,
    "EchoTime": 0.563,
    "EchoTrainLength": 314,
    "FlipAngle": 120,
    "ImageOrientationPatientDICOM": [
      0.0225836,
      0.999739,
      0.00348757,
      0.0418773,
      0.00253942,
      -0.99912
    ],
    "ImageOrientationText": "Sag>Tra(-2.4)>Cor(1.3)",
    "ImageType": [
      "ORIGINAL",
      "PRIMARY",
      "M",
      "ND"
    ],
    "ImagingFrequency": 123.259,
    "InPlanePhaseEncodingDirectionDICOM": "ROW",
    "InstitutionAddress": "Yiheyuan Road 5,Beijing  0FCA35,Haidian,CN,100871",
    "InstitutionName": "CMR of Peking Univeristy",
    "InstitutionalDepartmentName": "Department",
    "MRAcquisitionType": "3D",
    "MagneticFieldStrength": 3,
    "Manufacturer": "Siemens",
    "ManufacturersModelName": "Prisma",
    "MatrixCoilMode": "GRAPPA",
    "Modality": "MR",
    "ParallelReductionFactorInPlane": 2,
    "PartialFourier": 1,
    "PatientPosition": "HFS",
    "PercentPhaseFOV": 93.75,
    "PercentSampling": 100,
    "PhaseEncodingDirection": "i",
    "PhaseEncodingSteps": 297,
    "PhaseResolution": 1,
    "PixelBandwidth": 745,
    "ProcedureStepDescription": "Research^Projects_64CH",
    "ProtocolName": "T2w_SPC",
    "PulseSequenceDetails": "%SiemensSeq%\\tse_vfl",
    "ReceiveCoilActiveElements": "HC1-7;NC1,2",
    "ReceiveCoilName": "HeadNeck_64",
    "ReconMatrixPE": 300,
    "RefLinesPE": 32,
    "RepetitionTime": 3.2,
    "SAR": 0.206351,
    "ScanOptions": "PFP",
    "ScanningSequence": "SE",
    "SequenceName": "*spcR_314ns",
    "SequenceVariant": "SK\\SP",
    "SeriesDescription": "T2w_SPC",
    "SeriesNumber": 5,
    "ShimSetting": [
      -3442,
      -2138,
      -2008,
      163,
      -17,
      -564,
      -104,
      -54
    ],
    "SliceThickness": 0.8,
    "SoftwareVersions": "syngo MR E11",
    "SpoilingState": true,
    "StationName": "AWP66014",
    "TxRefAmp": 244.777,
    "dataset": "ds004078",
    "modality": "T2w",
    "run_id": 1,
    "subject_id": "02"
  },
  "cjv": 1.8566368711960415,
  "cnr": 0.8144819032194646,
  "efc": 0.5576472137828165,
  "fber": -1.0,
  "fwhm_avg": 3.130908286679164,
  "fwhm_x": 3.062899954359234,
  "fwhm_y": 3.3254874504463756,
  "fwhm_z": 3.0043374552318833,
  "icvs_csf": 0.4076168795128895,
  "icvs_gm": 0.4385020511129476,
  "icvs_wm": 0.1538810693741629,
  "inu_med": 1.012551188468933,
  "inu_range": 0.999976634979248,
  "provenance": {
    "md5sum": "f87caad84ed8862a063b611b75452f31",
    "settings": {
      "testing": false
    },
    "software": "mriqc",
    "version": "23.0.1",
    "warnings": {
      "large_rot_frame": true,
      "small_air_mask": false
    },
    "webapi_port": null,
    "webapi_url": "https://mriqc.nimh.nih.gov/api/v1"
  },
  "qi_1": 0.0,
  "qi_2": 0.0009794863129186098,
  "rpve_csf": 12.94261647946707,
  "rpve_gm": 12.610279328547648,
  "rpve_wm": 37.67588627317344,
  "size_x": 224,
  "size_y": 300,
  "size_z": 320,
  "snr_csf": 9.492961030617892,
  "snr_gm": 8.474063956305042,
  "snr_total": 6.452826627260367,
  "snr_wm": 1.3914548948581682,
  "snrd_csf": 54.63947137022168,
  "snrd_gm": 31.303437860597903,
  "snrd_total": 53.89609859948334,
  "snrd_wm": 75.74538656763043,
  "spacing_x": 0.800000011920929,
  "spacing_y": 0.800000011920929,
  "spacing_z": 0.800000011920929,
  "summary_bg_k": 7.481198482525171,
  "summary_bg_mad": 0.0,
  "summary_bg_mean": 6.126155087583692,
  "summary_bg_median": 0.0,
  "summary_bg_n": 3948090.0,
  "summary_bg_p05": 0.0,
  "summary_bg_p95": 23.177429173141718,
  "summary_bg_stdv": 8.666827021233207,
  "summary_csf_k": 0.9606826707325848,
  "summary_csf_mad": 69.89797964733711,
  "summary_csf_mean": 723.7593222717194,
  "summary_csf_median": 722.8278674446046,
  "summary_csf_n": 85542.0,
  "summary_csf_p05": 601.0735447145998,
  "summary_csf_p95": 849.2842539027333,
  "summary_csf_stdv": 76.14311700140722,
  "summary_gm_k": 2.3280888410687686,
  "summary_gm_mad": 44.110375505601084,
  "summary_gm_mean": 415.79545392895534,
  "summary_gm_median": 414.1144975423813,
  "summary_gm_n": 445535.0,
  "summary_gm_p05": 340.58753641322255,
  "summary_gm_p95": 496.2965848259628,
  "summary_gm_stdv": 48.86841012045294,
  "summary_wm_k": -1.4572632490168356,
  "summary_wm_mad": 1047.4517629676197,
  "summary_wm_mean": 920.7877332809602,
  "summary_wm_median": 1002.0389082916081,
  "summary_wm_n": 49542.0,
  "summary_wm_p05": 30.917109292000532,
  "summary_wm_p95": 2041.1513004643841,
  "summary_wm_stdv": 720.1302743761063,
  "tpm_overlap_csf": 0.11035794596810608,
  "tpm_overlap_gm": 0.29231818915961993,
  "tpm_overlap_wm": 0.03325836909881644,
  "wm2max": 0.524377762776822
}