{
  "aor": 0.0004180379746835444,
  "aqi": 0.006834406566455695,
  "bids_meta": {
    "AcquisitionMatrixPE": 106,
    "AcquisitionNumber": 1,
    "AcquisitionTime": "14:05:55.662500",
    "BandwidthPerPixelPhaseEncode": 16.551,
    "BaseResolution": 106,
    "BodyPartExamined": "HEAD",
    "CoilCombinationMethod": "Sum of Squares",
    "ConsistencyInfo": "N4_VE11C_LATEST_20160120",
    "ConversionSoftware": "dcm2niix",
    "ConversionSoftwareVersion": "v1.0.20211006",
    "Dcm2bidsVersion": "2.1.6",
    "DerivedVendorReportedEchoSpacing": 0.000569994,
    "DeviceSerialNumber": "66014",
    "DwellTime": 2e-06,
    "EchoTime": 0.03,
    "EchoTrainLength": 93,
    "EffectiveEchoSpacing": 0.000569994,
    "FlipAngle": 54,
    "ImageOrientationPatientDICOM": [
      0.999599,
      -0.0226163,
      0.0170135,
      0.022684,
      0.999735,
      -0.00379689
    ],
    "ImageOrientationText": "Tra>Sag(1.0)>Cor(-0.2)",
    "ImageType": [
      "ORIGINAL",
      "PRIMARY",
      "M",
      "ND",
      "MOSAIC"
    ],
    "ImagingFrequency": 123.259,
    "InPlanePhaseEncodingDirectionDICOM": "COL",
    "InstitutionAddress": "Yiheyuan Road 5,Beijing  0FCA35,Haidian,CN,100871",
    "InstitutionName": "CMR of Peking Univeristy",
    "InstitutionalDepartmentName": "Department",
    "MRAcquisitionType": "2D",
    "MagneticFieldStrength": 3,
    "Manufacturer": "Siemens",
    "ManufacturersModelName": "Prisma",
    "Modality": "MR",
    "MultibandAccelerationFactor": 8,
    "PartialFourier": 0.875,
    "PatientPosition": "HFS",
    "PercentPhaseFOV": 100,
    "PercentSampling": 100,
    "PhaseEncodingDirection": "j-",
    "PhaseEncodingSteps": 93,
    "PhaseResolution": 1,
    "PixelBandwidth": 2360,
    "ProcedureStepDescription": "Research^Projects_64CH",
    "ProtocolName": "fMRI_Rest1_AP",
    "PulseSequenceDetails": "%SiemensSeq%\\ep2d_bold",
    "ReceiveCoilActiveElements": "HC1-7;NC1,2",
    "ReceiveCoilName": "HeadNeck_64",
    "ReconMatrixPE": 106,
    "RefLinesPE": 32,
    "RepetitionTime": 0.71,
    "SAR": 0.0897634,
    "ScanOptions": "PFP\\FS",
    "ScanningSequence": "EP",
    "SequenceName": "*epfid2d1_106",
    "SequenceVariant": "SK",
    "SeriesDescription": "fMRI_Rest1_AP",
    "SeriesNumber": 5,
    "ShimSetting": [
      -3459,
      -2090,
      -1930,
      354,
      17,
      -452,
      39,
      10
    ],
    "SliceThickness": 2,
    "SliceTiming": [
      0.3075,
      0,
      0.3825,
      0.0775,
      0.46,
      0.1525,
      0.5375,
      0.23,
      0.6125,
      0.3075,
      0,
      0.3825,
      0.0775,
      0.46,
      0.1525,
      0.5375,
      0.23,
      0.6125,
      0.3075,
      0,
      0.3825,
      0.0775,
      0.46,
      0.1525,
      0.5375,
      0.23,
      0.6125,
      0.3075,
      0,
      0.3825,
      0.0775,
      0.46,
      0.1525,
      0.5375,
      0.23,
      0.6125,
      0.3075,
      0,
      0.3825,
      0.0775,
      0.46,
      0.1525,
      0.5375,
      0.23,
      0.6125,
      0.3075,
      0,
      0.3825,
      0.0775,
      0.46,
      0.1525,
      0.5375,
      0.23,
      0.6125,
      0.3075,
      0,
      0.3825,
      0.0775,
      0.46,
      0.1525,
      0.5375,
      0.23,
      0.6125,
      0.3075,
      0,
      0.3825,
      0.0775,
      0.46,
      0.1525,
      0.5375,
      0.23,
      0.6125
    ],
    "SoftwareVersions": "syngo MR E11",
    "SpacingBetweenSlices": 2,
    "StationName": "AWP66014",
    "TaskName": "rest",
    "TotalReadoutTime": 0.0598493,
    "TxRefAmp": 233.606,
    "dataset": "ds004078",
    "modality": "bold",
    "run_id": 1,
    "subject_id": "07",
    "task_id": "rest"
  },
  "dummy_trs": 2,
  "dvars_nstd": 42.54518436367675,
  "dvars_std": 1.0025144108557826,
  "dvars_vstd": 0.9921695944374018,
  "efc": 0.5231552189066069,
  "fber": 568.7935180664062,
  "fd_mean": 0.13313476245540987,
  "fd_num": 113,
  "fd_perc": 17.879746835443036,
  "fwhm_avg": 3.3788466666666666,
  "fwhm_x": 3.13702,
  "fwhm_y": 3.56159,
  "fwhm_z": 3.43793,
  "gcor": 0.0031668,
  "gsr_x": -0.008791395463049412,
  "gsr_y": 0.0643916055560112,
  "provenance": {
    "md5sum": "943d164a6e9801a3648a16886284cbd8",
    "settings": {
      "fd_thres": 0.2,
      "testing": false
    },
    "software": "mriqc",
    "version": "23.0.1",
    "webapi_port": null,
    "webapi_url": "https://mriqc.nimh.nih.gov/api/v1"
  },
  "size_t": 632,
  "size_x": 106,
  "size_y": 106,
  "size_z": 72,
  "snr": 2.293361115948941,
  "spacing_tr": 0.7099999785423279,
  "spacing_x": 2.0,
  "spacing_y": 2.0,
  "spacing_z": 2.0,
  "summary_bg_k": 39.40978694639441,
  "summary_bg_mad": 12.017991884982452,
  "summary_bg_mean": 41.89216613769531,
  "summary_bg_median": 20.083860397338867,
  "summary_bg_n": 544115.0,
  "summary_bg_p05": 11.164557456970215,
  "summary_bg_p95": 145.75934295654292,
  "summary_bg_stdv": 64.12765502929688,
  "summary_fg_k": 0.9697353816242109,
  "summary_fg_mad": 201.00992200498786,
  "summary_fg_mean": 528.0801391601562,
  "summary_fg_median": 492.40191650390625,
  "summary_fg_n": 159390.0,
  "summary_fg_p05": 247.37698516845703,
  "summary_fg_p95": 931.1535766601556,
  "summary_fg_stdv": 214.7068634033203,
  "tsnr": 29.173223508289084
}