{
  "aor": 0.00019101105845181673,
  "aqi": 0.006118702037914692,
  "bids_meta": {
    "AcquisitionMatrixPE": 106,
    "AcquisitionNumber": 1,
    "AcquisitionTime": "14:14:58.555000",
    "BandwidthPerPixelPhaseEncode": 16.551,
    "BaseResolution": 106,
    "BodyPartExamined": "HEAD",
    "CoilCombinationMethod": "Sum of Squares",
    "ConsistencyInfo": "N4_VE11C_LATEST_20160120",
    "ConversionSoftware": "dcm2niix",
    "ConversionSoftwareVersion": "v1.0.20211006",
    "Dcm2bidsVersion": "2.1.6",
    "DerivedVendorReportedEchoSpacing": 0.000569994,
    "DeviceSerialNumber": "66014",
    "DwellTime": 2e-06,
    "EchoTime": 0.03,
    "EchoTrainLength": 93,
    "EffectiveEchoSpacing": 0.000569994,
    "FlipAngle": 54,
    "ImageOrientationPatientDICOM": [
      0.999599,
      -0.0226163,
      0.0170135,
      0.022684,
      0.999735,
      -0.00379689
    ],
    "ImageOrientationText": "Tra>Sag(1.0)>Cor(-0.2)",
    "ImageType": [
      "ORIGINAL",
      "PRIMARY",
      "M",
      "ND",
      "MOSAIC"
    ],
    "ImagingFrequency": 123.259,
    "InPlanePhaseEncodingDirectionDICOM": "COL",
    "InstitutionAddress": "Yiheyuan Road 5,Beijing  0FCA35,Haidian,CN,100871",
    "InstitutionName": "CMR of Peking Univeristy",
    "InstitutionalDepartmentName": "Department",
    "MRAcquisitionType": "2D",
    "MagneticFieldStrength": 3,
    "Manufacturer": "Siemens",
    "ManufacturersModelName": "Prisma",
    "Modality": "MR",
    "MultibandAccelerationFactor": 8,
    "PartialFourier": 0.875,
    "PatientPosition": "HFS",
    "PercentPhaseFOV": 100,
    "PercentSampling": 100,
    "PhaseEncodingDirection": "j",
    "PhaseEncodingSteps": 93,
    "PhaseResolution": 1,
    "PixelBandwidth": 2360,
    "ProcedureStepDescription": "Research^Projects_64CH",
    "ProtocolName": "fMRI_Rest1_PA",
    "PulseSequenceDetails": "%SiemensSeq%\\ep2d_bold",
    "ReceiveCoilActiveElements": "HC1-7;NC1,2",
    "ReceiveCoilName": "HeadNeck_64",
    "ReconMatrixPE": 106,
    "RefLinesPE": 32,
    "RepetitionTime": 0.71,
    "SAR": 0.0897634,
    "ScanOptions": "PFP\\FS",
    "ScanningSequence": "EP",
    "SequenceName": "*epfid2d1_106",
    "SequenceVariant": "SK",
    "SeriesDescription": "fMRI_Rest1_PA",
    "SeriesNumber": 6,
    "ShimSetting": [
      -3459,
      -2090,
      -1930,
      354,
      17,
      -452,
      39,
      10
    ],
    "SliceThickness": 2,
    "SliceTiming": [
      0.3075,
      0,
      0.3825,
      0.0775,
      0.46,
      0.1525,
      0.5375,
      0.23,
      0.6125,
      0.3075,
      0,
      0.3825,
      0.0775,
      0.46,
      0.1525,
      0.5375,
      0.23,
      0.6125,
      0.3075,
      0,
      0.3825,
      0.0775,
      0.46,
      0.1525,
      0.5375,
      0.23,
      0.6125,
      0.3075,
      0,
      0.3825,
      0.0775,
      0.46,
      0.1525,
      0.5375,
      0.23,
      0.6125,
      0.3075,
      0,
      0.3825,
      0.0775,
      0.46,
      0.1525,
      0.5375,
      0.23,
      0.6125,
      0.3075,
      0,
      0.3825,
      0.0775,
      0.46,
      0.1525,
      0.5375,
      0.23,
      0.6125,
      0.3075,
      0,
      0.3825,
      0.0775,
      0.46,
      0.1525,
      0.5375,
      0.23,
      0.6125,
      0.3075,
      0,
      0.3825,
      0.0775,
      0.46,
      0.1525,
      0.5375,
      0.23,
      0.6125
    ],
    "SoftwareVersions": "syngo MR E11",
    "SpacingBetweenSlices": 2,
    "StationName": "AWP66014",
    "TaskName": "rest",
    "TotalReadoutTime": 0.0598493,
    "TxRefAmp": 233.606,
    "dataset": "ds004078",
    "modality": "bold",
    "run_id": 2,
    "subject_id": "07",
    "task_id": "rest"
  },
  "dummy_trs": 1,
  "dvars_nstd": 41.91394943522151,
  "dvars_std": 1.0208859632911387,
  "dvars_vstd": 0.9964449737500004,
  "efc": 0.5208065098480433,
  "fber": 582.9060668945312,
  "fd_mean": 0.09710693019889548,
  "fd_num": 4,
  "fd_perc": 0.631911532385466,
  "fwhm_avg": 3.2505849999999996,
  "fwhm_x": 3.021905,
  "fwhm_y": 3.377415,
  "fwhm_z": 3.352435,
  "gcor": 0.00840053,
  "gsr_x": -0.003704136237502098,
  "gsr_y": 0.05961456522345543,
  "provenance": {
    "md5sum": "95df1f5ad7e018aec35354fcf05cc05d",
    "settings": {
      "fd_thres": 0.2,
      "testing": false
    },
    "software": "mriqc",
    "version": "23.0.1",
    "webapi_port": null,
    "webapi_url": "https://mriqc.nimh.nih.gov/api/v1"
  },
  "size_t": 633,
  "size_x": 106,
  "size_y": 106,
  "size_z": 72,
  "snr": 2.3936985136143654,
  "spacing_tr": 0.7099999785423279,
  "spacing_x": 2.0,
  "spacing_y": 2.0,
  "spacing_z": 2.0,
  "summary_bg_k": 44.3582433766606,
  "summary_bg_mad": 12.556446424529588,
  "summary_bg_mean": 45.44142532348633,
  "summary_bg_median": 20.859399795532227,
  "summary_bg_n": 556298.0,
  "summary_bg_p05": 11.421801567077637,
  "summary_bg_p95": 174.24171447753906,
  "summary_bg_stdv": 72.11065673828125,
  "summary_fg_k": 0.45266764165761053,
  "summary_fg_mad": 210.5458938731049,
  "summary_fg_mean": 540.583251953125,
  "summary_fg_median": 508.17376708984375,
  "summary_fg_n": 150995.0,
  "summary_fg_p05": 260.67046508789065,
  "summary_fg_p95": 936.4851684570309,
  "summary_fg_stdv": 212.2957763671875,
  "tsnr": 31.67755184881389
}