{
  "aor": 0.00028142523364485983,
  "aqi": 0.006984603878504673,
  "bids_meta": {
    "AcquisitionMatrixPE": 106,
    "AcquisitionNumber": 1,
    "AcquisitionTime": "12:03:41.545000",
    "BandwidthPerPixelPhaseEncode": 16.551,
    "BaseResolution": 106,
    "BodyPartExamined": "HEAD",
    "CoilCombinationMethod": "Sum of Squares",
    "ConsistencyInfo": "N4_VE11C_LATEST_20160120",
    "ConversionSoftware": "dcm2niix",
    "ConversionSoftwareVersion": "v1.0.20211006",
    "Dcm2bidsVersion": "2.1.6",
    "DerivedVendorReportedEchoSpacing": 0.000569994,
    "DeviceSerialNumber": "66014",
    "DwellTime": 2e-06,
    "EchoTime": 0.03,
    "EchoTrainLength": 93,
    "EffectiveEchoSpacing": 0.000569994,
    "FlipAngle": 54,
    "ImageOrientationPatientDICOM": [
      0.999851,
      -0.00730692,
      0.0156599,
      0.0069804,
      0.999759,
      0.0208054
    ],
    "ImageOrientationText": "Tra>Cor(1.2)>Sag(0.9)",
    "ImageType": [
      "ORIGINAL",
      "PRIMARY",
      "M",
      "ND",
      "MOSAIC"
    ],
    "ImagingFrequency": 123.259,
    "InPlanePhaseEncodingDirectionDICOM": "COL",
    "InstitutionAddress": "Yiheyuan Road 5,Beijing  0FCA35,Haidian,CN,100871",
    "InstitutionName": "CMR of Peking Univeristy",
    "InstitutionalDepartmentName": "Department",
    "MRAcquisitionType": "2D",
    "MagneticFieldStrength": 3,
    "Manufacturer": "Siemens",
    "ManufacturersModelName": "Prisma",
    "Modality": "MR",
    "MultibandAccelerationFactor": 8,
    "PartialFourier": 0.875,
    "PatientPosition": "HFS",
    "PercentPhaseFOV": 100,
    "PercentSampling": 100,
    "PhaseEncodingDirection": "j-",
    "PhaseEncodingSteps": 93,
    "PhaseResolution": 1,
    "PixelBandwidth": 2360,
    "ProcedureStepDescription": "Research^Projects_64CH",
    "ProtocolName": "fMRI_run8_AP",
    "PulseSequenceDetails": "%SiemensSeq%\\ep2d_bold",
    "ReceiveCoilActiveElements": "HC1-7;NC1,2",
    "ReceiveCoilName": "HeadNeck_64",
    "ReconMatrixPE": 106,
    "RefLinesPE": 32,
    "RepetitionTime": 0.71,
    "SAR": 0.103475,
    "ScanOptions": "PFP\\FS",
    "ScanningSequence": "EP",
    "SequenceName": "*epfid2d1_106",
    "SequenceVariant": "SK",
    "SeriesDescription": "fMRI_run8_AP",
    "SeriesNumber": 13,
    "ShimSetting": [
      -3457,
      -2116,
      -1914,
      386,
      -34,
      -364,
      42,
      8
    ],
    "SliceThickness": 2,
    "SliceTiming": [
      0.305,
      0,
      0.3825,
      0.075,
      0.4575,
      0.1525,
      0.535,
      0.23,
      0.6125,
      0.305,
      0,
      0.3825,
      0.075,
      0.4575,
      0.1525,
      0.535,
      0.23,
      0.6125,
      0.305,
      0,
      0.3825,
      0.075,
      0.4575,
      0.1525,
      0.535,
      0.23,
      0.6125,
      0.305,
      0,
      0.3825,
      0.075,
      0.4575,
      0.1525,
      0.535,
      0.23,
      0.6125,
      0.305,
      0,
      0.3825,
      0.075,
      0.4575,
      0.1525,
      0.535,
      0.23,
      0.6125,
      0.305,
      0,
      0.3825,
      0.075,
      0.4575,
      0.1525,
      0.535,
      0.23,
      0.6125,
      0.305,
      0,
      0.3825,
      0.075,
      0.4575,
      0.1525,
      0.535,
      0.23,
      0.6125,
      0.305,
      0,
      0.3825,
      0.075,
      0.4575,
      0.1525,
      0.535,
      0.23,
      0.6125
    ],
    "SoftwareVersions": "syngo MR E11",
    "SpacingBetweenSlices": 2,
    "StationName": "AWP66014",
    "TaskName": "Chinese-RDR",
    "TotalReadoutTime": 0.0598493,
    "TxRefAmp": 249.003,
    "dataset": "ds004078",
    "modality": "bold",
    "run_id": 18,
    "subject_id": "07",
    "task_id": "RDR"
  },
  "dummy_trs": 0,
  "dvars_nstd": 46.19858746658082,
  "dvars_std": 1.0217692506323188,
  "dvars_vstd": 1.001141694590164,
  "efc": 0.5321374597291457,
  "fber": 498.3613586425781,
  "fd_mean": 0.10262411486793237,
  "fd_num": 1,
  "fd_perc": 0.2336448598130841,
  "fwhm_avg": 3.3354483333333333,
  "fwhm_x": 3.07093,
  "fwhm_y": 3.463735,
  "fwhm_z": 3.47168,
  "gcor": 0.00644796,
  "gsr_x": -0.00806785374879837,
  "gsr_y": 0.06220897659659386,
  "provenance": {
    "md5sum": "2d86d569692876498165f48f1c6578ae",
    "settings": {
      "fd_thres": 0.2,
      "testing": false
    },
    "software": "mriqc",
    "version": "23.0.1",
    "webapi_port": null,
    "webapi_url": "https://mriqc.nimh.nih.gov/api/v1"
  },
  "size_t": 428,
  "size_x": 106,
  "size_y": 106,
  "size_z": 72,
  "snr": 2.341596181756055,
  "spacing_tr": 0.7099999785423279,
  "spacing_x": 2.0,
  "spacing_y": 2.0,
  "spacing_z": 2.0,
  "summary_bg_k": 37.86376048698282,
  "summary_bg_mad": 11.736111448196283,
  "summary_bg_mean": 42.65367889404297,
  "summary_bg_median": 20.12149429321289,
  "summary_bg_n": 544952.0,
  "summary_bg_p05": 11.30373764038086,
  "summary_bg_p95": 155.96600112915027,
  "summary_bg_stdv": 66.35018920898438,
  "summary_fg_k": 1.0294905728660577,
  "summary_fg_mad": 173.11118325527713,
  "summary_fg_mean": 492.7550048828125,
  "summary_fg_median": 459.22894287109375,
  "summary_fg_n": 159973.0,
  "summary_fg_p05": 240.99298095703125,
  "summary_fg_p95": 876.7331420898437,
  "summary_fg_stdv": 196.11729431152344,
  "tsnr": 30.376381422684062
}