{
  "aor": 0.00021695652173913042,
  "aqi": 0.0069857384189723325,
  "bids_meta": {
    "AcquisitionMatrixPE": 106,
    "AcquisitionNumber": 1,
    "AcquisitionTime": "11:29:19.375000",
    "BandwidthPerPixelPhaseEncode": 16.551,
    "BaseResolution": 106,
    "BodyPartExamined": "HEAD",
    "CoilCombinationMethod": "Sum of Squares",
    "ConsistencyInfo": "N4_VE11C_LATEST_20160120",
    "ConversionSoftware": "dcm2niix",
    "ConversionSoftwareVersion": "v1.0.20211006",
    "Dcm2bidsVersion": "2.1.6",
    "DerivedVendorReportedEchoSpacing": 0.000569994,
    "DeviceSerialNumber": "66014",
    "DwellTime": 2e-06,
    "EchoTime": 0.03,
    "EchoTrainLength": 93,
    "EffectiveEchoSpacing": 0.000569994,
    "FlipAngle": 54,
    "ImageOrientationPatientDICOM": [
      0.999554,
      0.00184454,
      0.0298037,
      -0.00174462,
      0.999993,
      -0.00337808
    ],
    "ImageOrientationText": "Tra>Sag(1.7)>Cor(-0.2)",
    "ImageType": [
      "ORIGINAL",
      "PRIMARY",
      "M",
      "ND",
      "MOSAIC"
    ],
    "ImagingFrequency": 123.26,
    "InPlanePhaseEncodingDirectionDICOM": "COL",
    "InstitutionAddress": "Yiheyuan Road 5,Beijing F259C2,Haidian,CN,100871",
    "InstitutionName": "CMR of Peking Univeristy",
    "InstitutionalDepartmentName": "Department",
    "MRAcquisitionType": "2D",
    "MagneticFieldStrength": 3,
    "Manufacturer": "Siemens",
    "ManufacturersModelName": "Prisma",
    "Modality": "MR",
    "MultibandAccelerationFactor": 8,
    "PartialFourier": 0.875,
    "PatientPosition": "HFS",
    "PercentPhaseFOV": 100,
    "PercentSampling": 100,
    "PhaseEncodingDirection": "j-",
    "PhaseEncodingSteps": 93,
    "PhaseResolution": 1,
    "PixelBandwidth": 2360,
    "ProcedureStepDescription": "Research^Projects_64CH",
    "ProtocolName": "fMRI_run2_AP",
    "PulseSequenceDetails": "%SiemensSeq%\\ep2d_bold",
    "ReceiveCoilActiveElements": "HC1-7;NC1,2",
    "ReceiveCoilName": "HeadNeck_64",
    "ReconMatrixPE": 106,
    "RefLinesPE": 32,
    "RepetitionTime": 0.71,
    "SAR": 0.111676,
    "ScanOptions": "PFP\\FS",
    "ScanningSequence": "EP",
    "SequenceName": "*epfid2d1_106",
    "SequenceVariant": "SK",
    "SeriesDescription": "fMRI_run2_AP",
    "SeriesNumber": 8,
    "ShimSetting": [
      -3458,
      -2092,
      -1951,
      297,
      20,
      -448,
      30,
      15
    ],
    "SliceThickness": 2,
    "SliceTiming": [
      0.3075,
      0,
      0.3825,
      0.0775,
      0.46,
      0.1525,
      0.5375,
      0.23,
      0.6125,
      0.3075,
      0,
      0.3825,
      0.0775,
      0.46,
      0.1525,
      0.5375,
      0.23,
      0.6125,
      0.3075,
      0,
      0.3825,
      0.0775,
      0.46,
      0.1525,
      0.5375,
      0.23,
      0.6125,
      0.3075,
      0,
      0.3825,
      0.0775,
      0.46,
      0.1525,
      0.5375,
      0.23,
      0.6125,
      0.3075,
      0,
      0.3825,
      0.0775,
      0.46,
      0.1525,
      0.5375,
      0.23,
      0.6125,
      0.3075,
      0,
      0.3825,
      0.0775,
      0.46,
      0.1525,
      0.5375,
      0.23,
      0.6125,
      0.3075,
      0,
      0.3825,
      0.0775,
      0.46,
      0.1525,
      0.5375,
      0.23,
      0.6125,
      0.3075,
      0,
      0.3825,
      0.0775,
      0.46,
      0.1525,
      0.5375,
      0.23,
      0.6125
    ],
    "SoftwareVersions": "syngo MR E11",
    "SpacingBetweenSlices": 2,
    "StationName": "AWP66014",
    "TaskName": "Chinese-RDR",
    "TotalReadoutTime": 0.0598493,
    "TxRefAmp": 256.217,
    "dataset": "ds004078",
    "modality": "bold",
    "run_id": 52,
    "subject_id": "07",
    "task_id": "RDR"
  },
  "dummy_trs": 1,
  "dvars_nstd": 43.77430330045544,
  "dvars_std": 1.0211968812079215,
  "dvars_vstd": 1.002320362811881,
  "efc": 0.5216342946072275,
  "fber": 540.4529418945312,
  "fd_mean": 0.10501926821853033,
  "fd_num": 10,
  "fd_perc": 1.976284584980237,
  "fwhm_avg": 3.435608333333333,
  "fwhm_x": 3.187915,
  "fwhm_y": 3.583675,
  "fwhm_z": 3.535235,
  "gcor": 0.00522894,
  "gsr_x": -0.00845259241759777,
  "gsr_y": 0.05891527235507965,
  "provenance": {
    "md5sum": "865d242a471c759a84b06ed5b6c86d52",
    "settings": {
      "fd_thres": 0.2,
      "testing": false
    },
    "software": "mriqc",
    "version": "23.0.1",
    "webapi_port": null,
    "webapi_url": "https://mriqc.nimh.nih.gov/api/v1"
  },
  "size_t": 506,
  "size_x": 106,
  "size_y": 106,
  "size_z": 72,
  "snr": 2.2853702318780695,
  "spacing_tr": 0.7099999785423279,
  "spacing_x": 2.0,
  "spacing_y": 2.0,
  "spacing_z": 2.0,
  "summary_bg_k": 35.93590310074302,
  "summary_bg_mad": 11.846166712556538,
  "summary_bg_mean": 41.61895751953125,
  "summary_bg_median": 20.403162002563477,
  "summary_bg_n": 545588.0,
  "summary_bg_p05": 11.59486198425293,
  "summary_bg_p95": 144.89654312133783,
  "summary_bg_stdv": 63.18323516845703,
  "summary_fg_k": 1.0611115899583714,
  "summary_fg_mad": 199.4817576394475,
  "summary_fg_mean": 526.7778930664062,
  "summary_fg_median": 488.8626708984375,
  "summary_fg_n": 156962.0,
  "summary_fg_p05": 253.63489303588867,
  "summary_fg_p95": 930.9660369873045,
  "summary_fg_stdv": 213.908935546875,
  "tsnr": 30.885810357052833
}