{
  "aor": 0.00029225287356321835,
  "aqi": 0.007366507701149425,
  "bids_meta": {
    "AcquisitionMatrixPE": 106,
    "AcquisitionNumber": 1,
    "AcquisitionTime": "11:57:22.722500",
    "BandwidthPerPixelPhaseEncode": 16.551,
    "BaseResolution": 106,
    "BodyPartExamined": "HEAD",
    "CoilCombinationMethod": "Sum of Squares",
    "ConsistencyInfo": "N4_VE11C_LATEST_20160120",
    "ConversionSoftware": "dcm2niix",
    "ConversionSoftwareVersion": "v1.0.20211006",
    "Dcm2bidsVersion": "2.1.6",
    "DerivedVendorReportedEchoSpacing": 0.000569994,
    "DeviceSerialNumber": "66014",
    "DwellTime": 2e-06,
    "EchoTime": 0.03,
    "EchoTrainLength": 93,
    "EffectiveEchoSpacing": 0.000569994,
    "FlipAngle": 54,
    "ImageOrientationPatientDICOM": [
      0.999851,
      -0.00730692,
      0.0156599,
      0.0069804,
      0.999759,
      0.0208054
    ],
    "ImageOrientationText": "Tra>Cor(1.2)>Sag(0.9)",
    "ImageType": [
      "ORIGINAL",
      "PRIMARY",
      "M",
      "ND",
      "MOSAIC"
    ],
    "ImagingFrequency": 123.259,
    "InPlanePhaseEncodingDirectionDICOM": "COL",
    "InstitutionAddress": "Yiheyuan Road 5,Beijing  0FCA35,Haidian,CN,100871",
    "InstitutionName": "CMR of Peking Univeristy",
    "InstitutionalDepartmentName": "Department",
    "MRAcquisitionType": "2D",
    "MagneticFieldStrength": 3,
    "Manufacturer": "Siemens",
    "ManufacturersModelName": "Prisma",
    "Modality": "MR",
    "MultibandAccelerationFactor": 8,
    "PartialFourier": 0.875,
    "PatientPosition": "HFS",
    "PercentPhaseFOV": 100,
    "PercentSampling": 100,
    "PhaseEncodingDirection": "j-",
    "PhaseEncodingSteps": 93,
    "PhaseResolution": 1,
    "PixelBandwidth": 2360,
    "ProcedureStepDescription": "Research^Projects_64CH",
    "ProtocolName": "fMRI_run7_AP",
    "PulseSequenceDetails": "%SiemensSeq%\\ep2d_bold",
    "ReceiveCoilActiveElements": "HC1-7;NC1,2",
    "ReceiveCoilName": "HeadNeck_64",
    "ReconMatrixPE": 106,
    "RefLinesPE": 32,
    "RepetitionTime": 0.71,
    "SAR": 0.103511,
    "ScanOptions": "PFP\\FS",
    "ScanningSequence": "EP",
    "SequenceName": "*epfid2d1_106",
    "SequenceVariant": "SK",
    "SeriesDescription": "fMRI_run7_AP",
    "SeriesNumber": 12,
    "ShimSetting": [
      -3457,
      -2116,
      -1914,
      386,
      -34,
      -364,
      42,
      8
    ],
    "SliceThickness": 2,
    "SliceTiming": [
      0.3075,
      0,
      0.385,
      0.0775,
      0.46,
      0.155,
      0.5375,
      0.23,
      0.615,
      0.3075,
      0,
      0.385,
      0.0775,
      0.46,
      0.155,
      0.5375,
      0.23,
      0.615,
      0.3075,
      0,
      0.385,
      0.0775,
      0.46,
      0.155,
      0.5375,
      0.23,
      0.615,
      0.3075,
      0,
      0.385,
      0.0775,
      0.46,
      0.155,
      0.5375,
      0.23,
      0.615,
      0.3075,
      0,
      0.385,
      0.0775,
      0.46,
      0.155,
      0.5375,
      0.23,
      0.615,
      0.3075,
      0,
      0.385,
      0.0775,
      0.46,
      0.155,
      0.5375,
      0.23,
      0.615,
      0.3075,
      0,
      0.385,
      0.0775,
      0.46,
      0.155,
      0.5375,
      0.23,
      0.615,
      0.3075,
      0,
      0.385,
      0.0775,
      0.46,
      0.155,
      0.5375,
      0.23,
      0.615
    ],
    "SoftwareVersions": "syngo MR E11",
    "SpacingBetweenSlices": 2,
    "StationName": "AWP66014",
    "TaskName": "Chinese-RDR",
    "TotalReadoutTime": 0.0598493,
    "TxRefAmp": 249.003,
    "dataset": "ds004078",
    "modality": "bold",
    "run_id": 17,
    "subject_id": "07",
    "task_id": "RDR"
  },
  "dummy_trs": 2,
  "dvars_nstd": 46.17329492864061,
  "dvars_std": 1.0206236278110596,
  "dvars_vstd": 0.9996850600230426,
  "efc": 0.5318998951207755,
  "fber": 500.6323547363281,
  "fd_mean": 0.10646866766566847,
  "fd_num": 2,
  "fd_perc": 0.45977011494252873,
  "fwhm_avg": 3.3253383333333333,
  "fwhm_x": 3.064415,
  "fwhm_y": 3.44973,
  "fwhm_z": 3.46187,
  "gcor": 0.00465196,
  "gsr_x": -0.008580576628446579,
  "gsr_y": 0.06050543487071991,
  "provenance": {
    "md5sum": "28ac100e191e7256d4f90fe9b6f11220",
    "settings": {
      "fd_thres": 0.2,
      "testing": false
    },
    "software": "mriqc",
    "version": "23.0.1",
    "webapi_port": null,
    "webapi_url": "https://mriqc.nimh.nih.gov/api/v1"
  },
  "size_t": 435,
  "size_x": 106,
  "size_y": 106,
  "size_z": 72,
  "snr": 2.3578128796737228,
  "spacing_tr": 0.7099999785423279,
  "spacing_x": 2.0,
  "spacing_y": 2.0,
  "spacing_z": 2.0,
  "summary_bg_k": 38.18934761095565,
  "summary_bg_mad": 11.727895161068085,
  "summary_bg_mean": 42.64588928222656,
  "summary_bg_median": 20.142528533935547,
  "summary_bg_n": 544758.0,
  "summary_bg_p05": 11.342528343200684,
  "summary_bg_p95": 155.77804260253882,
  "summary_bg_stdv": 66.34822082519531,
  "summary_fg_k": 1.0301342723743954,
  "summary_fg_mad": 173.83253113032703,
  "summary_fg_mean": 495.2737731933594,
  "summary_fg_median": 462.0988464355469,
  "summary_fg_n": 159490.0,
  "summary_fg_p05": 244.56194992065429,
  "summary_fg_p95": 878.4278106689453,
  "summary_fg_stdv": 195.98561096191406,
  "tsnr": 29.648111034184694
}