{
  "aor": 0.00014428797468354435,
  "aqi": 0.006264853006329113,
  "bids_meta": {
    "AcquisitionMatrixPE": 106,
    "AcquisitionNumber": 1,
    "AcquisitionTime": "15:07:27.205000",
    "BandwidthPerPixelPhaseEncode": 16.551,
    "BaseResolution": 106,
    "BodyPartExamined": "HEAD",
    "CoilCombinationMethod": "Sum of Squares",
    "ConsistencyInfo": "N4_VE11C_LATEST_20160120",
    "ConversionSoftware": "dcm2niix",
    "ConversionSoftwareVersion": "v1.0.20211006",
    "Dcm2bidsVersion": "2.1.6",
    "DerivedVendorReportedEchoSpacing": 0.000569994,
    "DeviceSerialNumber": "66014",
    "DwellTime": 2e-06,
    "EchoTime": 0.03,
    "EchoTrainLength": 93,
    "EffectiveEchoSpacing": 0.000569994,
    "FlipAngle": 54,
    "ImageOrientationPatientDICOM": [
      0.999599,
      -0.0226163,
      0.0170135,
      0.022684,
      0.999735,
      -0.00379689
    ],
    "ImageOrientationText": "Tra>Sag(1.0)>Cor(-0.2)",
    "ImageType": [
      "ORIGINAL",
      "PRIMARY",
      "M",
      "ND",
      "MOSAIC"
    ],
    "ImagingFrequency": 123.259,
    "InPlanePhaseEncodingDirectionDICOM": "COL",
    "InstitutionAddress": "Yiheyuan Road 5,Beijing  0FCA35,Haidian,CN,100871",
    "InstitutionName": "CMR of Peking Univeristy",
    "InstitutionalDepartmentName": "Department",
    "MRAcquisitionType": "2D",
    "MagneticFieldStrength": 3,
    "Manufacturer": "Siemens",
    "ManufacturersModelName": "Prisma",
    "Modality": "MR",
    "MultibandAccelerationFactor": 8,
    "PartialFourier": 0.875,
    "PatientPosition": "HFS",
    "PercentPhaseFOV": 100,
    "PercentSampling": 100,
    "PhaseEncodingDirection": "j",
    "PhaseEncodingSteps": 93,
    "PhaseResolution": 1,
    "PixelBandwidth": 2360,
    "ProcedureStepDescription": "Research^Projects_64CH",
    "ProtocolName": "fMRI_Rest2_PA",
    "PulseSequenceDetails": "%SiemensSeq%\\ep2d_bold",
    "ReceiveCoilActiveElements": "HC1-7;NC1,2",
    "ReceiveCoilName": "HeadNeck_64",
    "ReconMatrixPE": 106,
    "RefLinesPE": 32,
    "RepetitionTime": 0.71,
    "SAR": 0.0897634,
    "ScanOptions": "PFP\\FS",
    "ScanningSequence": "EP",
    "SequenceName": "*epfid2d1_106",
    "SequenceVariant": "SK",
    "SeriesDescription": "fMRI_Rest2_PA",
    "SeriesNumber": 27,
    "ShimSetting": [
      -3459,
      -2090,
      -1930,
      354,
      17,
      -452,
      39,
      10
    ],
    "SliceThickness": 2,
    "SliceTiming": [
      0.305,
      0,
      0.3825,
      0.075,
      0.46,
      0.1525,
      0.535,
      0.23,
      0.6125,
      0.305,
      0,
      0.3825,
      0.075,
      0.46,
      0.1525,
      0.535,
      0.23,
      0.6125,
      0.305,
      0,
      0.3825,
      0.075,
      0.46,
      0.1525,
      0.535,
      0.23,
      0.6125,
      0.305,
      0,
      0.3825,
      0.075,
      0.46,
      0.1525,
      0.535,
      0.23,
      0.6125,
      0.305,
      0,
      0.3825,
      0.075,
      0.46,
      0.1525,
      0.535,
      0.23,
      0.6125,
      0.305,
      0,
      0.3825,
      0.075,
      0.46,
      0.1525,
      0.535,
      0.23,
      0.6125,
      0.305,
      0,
      0.3825,
      0.075,
      0.46,
      0.1525,
      0.535,
      0.23,
      0.6125,
      0.305,
      0,
      0.3825,
      0.075,
      0.46,
      0.1525,
      0.535,
      0.23,
      0.6125
    ],
    "SoftwareVersions": "syngo MR E11",
    "SpacingBetweenSlices": 2,
    "StationName": "AWP66014",
    "TaskName": "rest",
    "TotalReadoutTime": 0.0598493,
    "TxRefAmp": 233.606,
    "dataset": "ds004078",
    "modality": "bold",
    "run_id": 4,
    "subject_id": "07",
    "task_id": "rest"
  },
  "dummy_trs": 2,
  "dvars_nstd": 41.498250275213955,
  "dvars_std": 1.0090944334231369,
  "dvars_vstd": 0.9916686831061805,
  "efc": 0.5254158937763471,
  "fber": 534.7610473632812,
  "fd_mean": 0.10691271093758391,
  "fd_num": 17,
  "fd_perc": 2.689873417721519,
  "fwhm_avg": 3.3183283333333335,
  "fwhm_x": 3.11365,
  "fwhm_y": 3.43056,
  "fwhm_z": 3.410775,
  "gcor": 0.00342382,
  "gsr_x": -0.01065518707036972,
  "gsr_y": 0.05698366463184357,
  "provenance": {
    "md5sum": "aba5b084e308012b48336eb3b0cea269",
    "settings": {
      "fd_thres": 0.2,
      "testing": false
    },
    "software": "mriqc",
    "version": "23.0.1",
    "webapi_port": null,
    "webapi_url": "https://mriqc.nimh.nih.gov/api/v1"
  },
  "size_t": 632,
  "size_x": 106,
  "size_y": 106,
  "size_z": 72,
  "snr": 2.386521658723348,
  "spacing_tr": 0.7099999785423279,
  "spacing_x": 2.0,
  "spacing_y": 2.0,
  "spacing_z": 2.0,
  "summary_bg_k": 31.791599710877193,
  "summary_bg_mad": 13.87359035082581,
  "summary_bg_mean": 48.941497802734375,
  "summary_bg_median": 21.958860397338867,
  "summary_bg_n": 560828.0,
  "summary_bg_p05": 11.591772079467773,
  "summary_bg_p95": 194.51425170898438,
  "summary_bg_stdv": 76.35038757324219,
  "summary_fg_k": 0.4605347124138892,
  "summary_fg_mad": 210.97287498687555,
  "summary_fg_mean": 539.3226318359375,
  "summary_fg_median": 507.2626647949219,
  "summary_fg_n": 150176.0,
  "summary_fg_p05": 257.9932861328125,
  "summary_fg_p95": 937.2852172851562,
  "summary_fg_stdv": 212.55242919921875,
  "tsnr": 31.066132846288383
}