{
  "aor": 0.0006524776785714286,
  "aqi": 0.007120692566964285,
  "bids_meta": {
    "AcquisitionMatrixPE": 106,
    "AcquisitionNumber": 1,
    "AcquisitionTime": "20:06:56.435000",
    "BandwidthPerPixelPhaseEncode": 16.551,
    "BaseResolution": 106,
    "BodyPartExamined": "HEAD",
    "CoilCombinationMethod": "Sum of Squares",
    "ConsistencyInfo": "N4_VE11C_LATEST_20160120",
    "ConversionSoftware": "dcm2niix",
    "ConversionSoftwareVersion": "v1.0.20211006",
    "Dcm2bidsVersion": "2.1.6",
    "DerivedVendorReportedEchoSpacing": 0.000569994,
    "DeviceSerialNumber": "66014",
    "DwellTime": 2e-06,
    "EchoTime": 0.03,
    "EchoTrainLength": 93,
    "EffectiveEchoSpacing": 0.000569994,
    "FlipAngle": 54,
    "ImageOrientationPatientDICOM": [
      0.999903,
      0.00118808,
      0.0139056,
      -2.8313e-08,
      0.99637,
      -0.0851265
    ],
    "ImageOrientationText": "Tra>Cor(-4.9)>Sag(0.8)",
    "ImageType": [
      "ORIGINAL",
      "PRIMARY",
      "M",
      "ND",
      "MOSAIC"
    ],
    "ImagingFrequency": 123.259,
    "InPlanePhaseEncodingDirectionDICOM": "COL",
    "InstitutionAddress": "Yiheyuan Road 5,Beijing F259C2,Haidian,CN,100871",
    "InstitutionName": "CMR of Peking Univeristy",
    "InstitutionalDepartmentName": "Department",
    "MRAcquisitionType": "2D",
    "MagneticFieldStrength": 3,
    "Manufacturer": "Siemens",
    "ManufacturersModelName": "Prisma",
    "Modality": "MR",
    "MultibandAccelerationFactor": 8,
    "PartialFourier": 0.875,
    "PatientPosition": "HFS",
    "PercentPhaseFOV": 100,
    "PercentSampling": 100,
    "PhaseEncodingDirection": "j-",
    "PhaseEncodingSteps": 93,
    "PhaseResolution": 1,
    "PixelBandwidth": 2360,
    "ProcedureStepDescription": "Research^Projects_64CH",
    "ProtocolName": "fMRI_run7_AP",
    "PulseSequenceDetails": "%SiemensSeq%\\ep2d_bold",
    "ReceiveCoilActiveElements": "HC1-7;NC1,2",
    "ReceiveCoilName": "HeadNeck_64",
    "ReconMatrixPE": 106,
    "RefLinesPE": 32,
    "RepetitionTime": 0.71,
    "SAR": 0.09181,
    "ScanOptions": "PFP\\FS",
    "ScanningSequence": "EP",
    "SequenceName": "*epfid2d1_106",
    "SequenceVariant": "SK",
    "SeriesDescription": "fMRI_run7_AP",
    "SeriesNumber": 11,
    "ShimSetting": [
      -3453,
      -2119,
      -1859,
      399,
      -19,
      -160,
      97,
      -20
    ],
    "SliceThickness": 2,
    "SliceTiming": [
      0.3075,
      0,
      0.3825,
      0.0775,
      0.46,
      0.1525,
      0.5375,
      0.23,
      0.6125,
      0.3075,
      0,
      0.3825,
      0.0775,
      0.46,
      0.1525,
      0.5375,
      0.23,
      0.6125,
      0.3075,
      0,
      0.3825,
      0.0775,
      0.46,
      0.1525,
      0.5375,
      0.23,
      0.6125,
      0.3075,
      0,
      0.3825,
      0.0775,
      0.46,
      0.1525,
      0.5375,
      0.23,
      0.6125,
      0.3075,
      0,
      0.3825,
      0.0775,
      0.46,
      0.1525,
      0.5375,
      0.23,
      0.6125,
      0.3075,
      0,
      0.3825,
      0.0775,
      0.46,
      0.1525,
      0.5375,
      0.23,
      0.6125,
      0.3075,
      0,
      0.3825,
      0.0775,
      0.46,
      0.1525,
      0.5375,
      0.23,
      0.6125,
      0.3075,
      0,
      0.3825,
      0.0775,
      0.46,
      0.1525,
      0.5375,
      0.23,
      0.6125
    ],
    "SoftwareVersions": "syngo MR E11",
    "SpacingBetweenSlices": 2,
    "StationName": "AWP66014",
    "TaskName": "Chinese-RDR",
    "TotalReadoutTime": 0.0598493,
    "TxRefAmp": 236.99,
    "dataset": "ds004078",
    "modality": "bold",
    "run_id": 47,
    "subject_id": "07",
    "task_id": "RDR"
  },
  "dummy_trs": 1,
  "dvars_nstd": 45.97194173243846,
  "dvars_std": 1.0423601434004466,
  "dvars_vstd": 1.0094383765100674,
  "efc": 0.5150622590739758,
  "fber": 720.076416015625,
  "fd_mean": 0.12730511134752284,
  "fd_num": 55,
  "fd_perc": 12.276785714285714,
  "fwhm_avg": 3.26583,
  "fwhm_x": 3.02784,
  "fwhm_y": 3.384265,
  "fwhm_z": 3.385385,
  "gcor": 0.0123814,
  "gsr_x": 0.0003000949800480157,
  "gsr_y": 0.06967782974243164,
  "provenance": {
    "md5sum": "6cc38ca47beb9bb94002c18b15e9ed2f",
    "settings": {
      "fd_thres": 0.2,
      "testing": false
    },
    "software": "mriqc",
    "version": "23.0.1",
    "webapi_port": null,
    "webapi_url": "https://mriqc.nimh.nih.gov/api/v1"
  },
  "size_t": 448,
  "size_x": 106,
  "size_y": 106,
  "size_z": 72,
  "snr": 2.4162478842920776,
  "spacing_tr": 0.7099999785423279,
  "spacing_x": 2.0,
  "spacing_y": 2.0,
  "spacing_z": 2.0,
  "summary_bg_k": 45.65825282624596,
  "summary_bg_mad": 8.898921883031543,
  "summary_bg_mean": 38.09325408935547,
  "summary_bg_median": 17.30803680419922,
  "summary_bg_n": 553398.0,
  "summary_bg_p05": 10.493304252624512,
  "summary_bg_p95": 137.5851600646973,
  "summary_bg_stdv": 62.35307693481445,
  "summary_fg_k": 0.9947280643123952,
  "summary_fg_mad": 174.5532455693705,
  "summary_fg_mean": 502.8865051269531,
  "summary_fg_median": 470.263427734375,
  "summary_fg_n": 155195.0,
  "summary_fg_p05": 254.13772888183593,
  "summary_fg_p95": 880.741351318359,
  "summary_fg_stdv": 194.62486267089844,
  "tsnr": 30.12866923492402
}