{
  "aor": 0.0003164765100671141,
  "aqi": 0.007490751812080537,
  "bids_meta": {
    "AcquisitionMatrixPE": 106,
    "AcquisitionNumber": 1,
    "AcquisitionTime": "11:31:6.005000",
    "BandwidthPerPixelPhaseEncode": 16.551,
    "BaseResolution": 106,
    "BodyPartExamined": "HEAD",
    "CoilCombinationMethod": "Sum of Squares",
    "ConsistencyInfo": "N4_VE11C_LATEST_20160120",
    "ConversionSoftware": "dcm2niix",
    "ConversionSoftwareVersion": "v1.0.20211006",
    "Dcm2bidsVersion": "2.1.6",
    "DerivedVendorReportedEchoSpacing": 0.000569994,
    "DeviceSerialNumber": "66014",
    "DwellTime": 2e-06,
    "EchoTime": 0.03,
    "EchoTrainLength": 93,
    "EffectiveEchoSpacing": 0.000569994,
    "FlipAngle": 54,
    "ImageOrientationPatientDICOM": [
      0.999939,
      -0.0104719,
      -0.00353744,
      0.0104718,
      0.999945,
      -4.69099e-05
    ],
    "ImageOrientationText": "Tra>Sag(-0.2)>Cor(-0.0)",
    "ImageType": [
      "ORIGINAL",
      "PRIMARY",
      "M",
      "ND",
      "MOSAIC"
    ],
    "ImagingFrequency": 123.26,
    "InPlanePhaseEncodingDirectionDICOM": "COL",
    "InstitutionAddress": "Yiheyuan Road 5,Beijing F259C2,Haidian,CN,100871",
    "InstitutionName": "CMR of Peking Univeristy",
    "InstitutionalDepartmentName": "Department",
    "MRAcquisitionType": "2D",
    "MagneticFieldStrength": 3,
    "Manufacturer": "Siemens",
    "ManufacturersModelName": "Prisma",
    "Modality": "MR",
    "MultibandAccelerationFactor": 8,
    "PartialFourier": 0.875,
    "PatientPosition": "HFS",
    "PercentPhaseFOV": 100,
    "PercentSampling": 100,
    "PhaseEncodingDirection": "j-",
    "PhaseEncodingSteps": 93,
    "PhaseResolution": 1,
    "PixelBandwidth": 2360,
    "ProcedureStepDescription": "Research^Projects_64CH",
    "ProtocolName": "fMRI_run1_AP",
    "PulseSequenceDetails": "%SiemensSeq%\\ep2d_bold",
    "ReceiveCoilActiveElements": "HC1-7;NC1,2",
    "ReceiveCoilName": "HeadNeck_64",
    "ReconMatrixPE": 106,
    "RefLinesPE": 32,
    "RepetitionTime": 0.71,
    "SAR": 0.0902516,
    "ScanOptions": "PFP\\FS",
    "ScanningSequence": "EP",
    "SequenceName": "*epfid2d1_106",
    "SequenceVariant": "SK",
    "SeriesDescription": "fMRI_run1_AP",
    "SeriesNumber": 5,
    "ShimSetting": [
      -3455,
      -2100,
      -1940,
      330,
      16,
      -405,
      61,
      19
    ],
    "SliceThickness": 2,
    "SliceTiming": [
      0.305,
      0,
      0.3825,
      0.075,
      0.46,
      0.1525,
      0.535,
      0.23,
      0.6125,
      0.305,
      0,
      0.3825,
      0.075,
      0.46,
      0.1525,
      0.535,
      0.23,
      0.6125,
      0.305,
      0,
      0.3825,
      0.075,
      0.46,
      0.1525,
      0.535,
      0.23,
      0.6125,
      0.305,
      0,
      0.3825,
      0.075,
      0.46,
      0.1525,
      0.535,
      0.23,
      0.6125,
      0.305,
      0,
      0.3825,
      0.075,
      0.46,
      0.1525,
      0.535,
      0.23,
      0.6125,
      0.305,
      0,
      0.3825,
      0.075,
      0.46,
      0.1525,
      0.535,
      0.23,
      0.6125,
      0.305,
      0,
      0.3825,
      0.075,
      0.46,
      0.1525,
      0.535,
      0.23,
      0.6125,
      0.305,
      0,
      0.3825,
      0.075,
      0.46,
      0.1525,
      0.535,
      0.23,
      0.6125
    ],
    "SoftwareVersions": "syngo MR E11",
    "SpacingBetweenSlices": 2,
    "StationName": "AWP66014",
    "TaskName": "Chinese-RDR",
    "TotalReadoutTime": 0.0598493,
    "TxRefAmp": 244.083,
    "dataset": "ds004078",
    "modality": "bold",
    "run_id": 21,
    "subject_id": "07",
    "task_id": "RDR"
  },
  "dummy_trs": 0,
  "dvars_nstd": 45.12930970374792,
  "dvars_std": 1.0183965570252094,
  "dvars_vstd": 1.0014029244705875,
  "efc": 0.5289537427979906,
  "fber": 545.2548828125,
  "fd_mean": 0.11125927342950724,
  "fd_num": 19,
  "fd_perc": 3.1879194630872485,
  "fwhm_avg": 3.294703333333333,
  "fwhm_x": 3.043005,
  "fwhm_y": 3.42494,
  "fwhm_z": 3.416165,
  "gcor": 0.00580972,
  "gsr_x": -0.009757312014698982,
  "gsr_y": 0.06232587248086929,
  "provenance": {
    "md5sum": "fdd8a0a341813ff4bb615c45cec6f7cc",
    "settings": {
      "fd_thres": 0.2,
      "testing": false
    },
    "software": "mriqc",
    "version": "23.0.1",
    "webapi_port": null,
    "webapi_url": "https://mriqc.nimh.nih.gov/api/v1"
  },
  "size_t": 596,
  "size_x": 106,
  "size_y": 106,
  "size_z": 72,
  "snr": 2.434819617894855,
  "spacing_tr": 0.7099999785423279,
  "spacing_x": 2.0,
  "spacing_y": 2.0,
  "spacing_z": 2.0,
  "summary_bg_k": 41.17082943610015,
  "summary_bg_mad": 11.044889959283113,
  "summary_bg_mean": 40.358707427978516,
  "summary_bg_median": 19.3355712890625,
  "summary_bg_n": 545960.0,
  "summary_bg_p05": 11.015100479125977,
  "summary_bg_p95": 141.828857421875,
  "summary_bg_stdv": 62.58412551879883,
  "summary_fg_k": 0.8278165733829272,
  "summary_fg_mad": 173.3711861132069,
  "summary_fg_mean": 491.3088684082031,
  "summary_fg_median": 461.130859375,
  "summary_fg_n": 158918.0,
  "summary_fg_p05": 243.24832153320312,
  "summary_fg_p95": 854.940948486328,
  "summary_fg_stdv": 189.38955688476562,
  "tsnr": 29.88634511298733
}