{
  "aor": 0.0002837173913043479,
  "aqi": 0.0070530181956521745,
  "bids_meta": {
    "AcquisitionMatrixPE": 106,
    "AcquisitionNumber": 1,
    "AcquisitionTime": "20:00:43.332500",
    "BandwidthPerPixelPhaseEncode": 16.551,
    "BaseResolution": 106,
    "BodyPartExamined": "HEAD",
    "CoilCombinationMethod": "Sum of Squares",
    "ConsistencyInfo": "N4_VE11C_LATEST_20160120",
    "ConversionSoftware": "dcm2niix",
    "ConversionSoftwareVersion": "v1.0.20211006",
    "Dcm2bidsVersion": "2.1.6",
    "DerivedVendorReportedEchoSpacing": 0.000569994,
    "DeviceSerialNumber": "66014",
    "DwellTime": 2e-06,
    "EchoTime": 0.03,
    "EchoTrainLength": 93,
    "EffectiveEchoSpacing": 0.000569994,
    "FlipAngle": 54,
    "ImageOrientationPatientDICOM": [
      0.999903,
      0.00118808,
      0.0139056,
      -2.8313e-08,
      0.99637,
      -0.0851265
    ],
    "ImageOrientationText": "Tra>Cor(-4.9)>Sag(0.8)",
    "ImageType": [
      "ORIGINAL",
      "PRIMARY",
      "M",
      "ND",
      "MOSAIC"
    ],
    "ImagingFrequency": 123.259,
    "InPlanePhaseEncodingDirectionDICOM": "COL",
    "InstitutionAddress": "Yiheyuan Road 5,Beijing F259C2,Haidian,CN,100871",
    "InstitutionName": "CMR of Peking Univeristy",
    "InstitutionalDepartmentName": "Department",
    "MRAcquisitionType": "2D",
    "MagneticFieldStrength": 3,
    "Manufacturer": "Siemens",
    "ManufacturersModelName": "Prisma",
    "Modality": "MR",
    "MultibandAccelerationFactor": 8,
    "PartialFourier": 0.875,
    "PatientPosition": "HFS",
    "PercentPhaseFOV": 100,
    "PercentSampling": 100,
    "PhaseEncodingDirection": "j-",
    "PhaseEncodingSteps": 93,
    "PhaseResolution": 1,
    "PixelBandwidth": 2360,
    "ProcedureStepDescription": "Research^Projects_64CH",
    "ProtocolName": "fMRI_run6_AP",
    "PulseSequenceDetails": "%SiemensSeq%\\ep2d_bold",
    "ReceiveCoilActiveElements": "HC1-7;NC1,2",
    "ReceiveCoilName": "HeadNeck_64",
    "ReconMatrixPE": 106,
    "RefLinesPE": 32,
    "RepetitionTime": 0.71,
    "SAR": 0.0918516,
    "ScanOptions": "PFP\\FS",
    "ScanningSequence": "EP",
    "SequenceName": "*epfid2d1_106",
    "SequenceVariant": "SK",
    "SeriesDescription": "fMRI_run6_AP",
    "SeriesNumber": 10,
    "ShimSetting": [
      -3453,
      -2119,
      -1859,
      399,
      -19,
      -160,
      97,
      -20
    ],
    "SliceThickness": 2,
    "SliceTiming": [
      0.3075,
      0,
      0.3825,
      0.0775,
      0.46,
      0.1525,
      0.5375,
      0.23,
      0.6125,
      0.3075,
      0,
      0.3825,
      0.0775,
      0.46,
      0.1525,
      0.5375,
      0.23,
      0.6125,
      0.3075,
      0,
      0.3825,
      0.0775,
      0.46,
      0.1525,
      0.5375,
      0.23,
      0.6125,
      0.3075,
      0,
      0.3825,
      0.0775,
      0.46,
      0.1525,
      0.5375,
      0.23,
      0.6125,
      0.3075,
      0,
      0.3825,
      0.0775,
      0.46,
      0.1525,
      0.5375,
      0.23,
      0.6125,
      0.3075,
      0,
      0.3825,
      0.0775,
      0.46,
      0.1525,
      0.5375,
      0.23,
      0.6125,
      0.3075,
      0,
      0.3825,
      0.0775,
      0.46,
      0.1525,
      0.5375,
      0.23,
      0.6125,
      0.3075,
      0,
      0.3825,
      0.0775,
      0.46,
      0.1525,
      0.5375,
      0.23,
      0.6125
    ],
    "SoftwareVersions": "syngo MR E11",
    "SpacingBetweenSlices": 2,
    "StationName": "AWP66014",
    "TaskName": "Chinese-RDR",
    "TotalReadoutTime": 0.0598493,
    "TxRefAmp": 236.99,
    "dataset": "ds004078",
    "modality": "bold",
    "run_id": 46,
    "subject_id": "07",
    "task_id": "RDR"
  },
  "dummy_trs": 2,
  "dvars_nstd": 45.4771963630937,
  "dvars_std": 1.0342362610893252,
  "dvars_vstd": 1.0008329950980397,
  "efc": 0.514116829351668,
  "fber": 734.4528198242188,
  "fd_mean": 0.1170382646339692,
  "fd_num": 29,
  "fd_perc": 6.304347826086956,
  "fwhm_avg": 3.2841833333333335,
  "fwhm_x": 3.043955,
  "fwhm_y": 3.399535,
  "fwhm_z": 3.40906,
  "gcor": 0.01169,
  "gsr_x": 0.0004556670901365578,
  "gsr_y": 0.06953449547290802,
  "provenance": {
    "md5sum": "49437ffe7fa301cbf2f92e985f77f135",
    "settings": {
      "fd_thres": 0.2,
      "testing": false
    },
    "software": "mriqc",
    "version": "23.0.1",
    "webapi_port": null,
    "webapi_url": "https://mriqc.nimh.nih.gov/api/v1"
  },
  "size_t": 460,
  "size_x": 106,
  "size_y": 106,
  "size_z": 72,
  "snr": 2.413726325235487,
  "spacing_tr": 0.7099999785423279,
  "spacing_x": 2.0,
  "spacing_y": 2.0,
  "spacing_z": 2.0,
  "summary_bg_k": 44.8961267425356,
  "summary_bg_mad": 8.592645676479428,
  "summary_bg_mean": 37.69306945800781,
  "summary_bg_median": 17.099998474121094,
  "summary_bg_n": 553624.0,
  "summary_bg_p05": 10.617390632629395,
  "summary_bg_p95": 135.5,
  "summary_bg_stdv": 61.9141845703125,
  "summary_fg_k": 0.9995105563246516,
  "summary_fg_mad": 173.9092221325355,
  "summary_fg_mean": 501.5525817871094,
  "summary_fg_median": 469.7673645019531,
  "summary_fg_n": 155190.0,
  "summary_fg_p05": 253.0673828125,
  "summary_fg_p95": 879.1417022705077,
  "summary_fg_stdv": 194.62266540527344,
  "tsnr": 30.661545376991853
}