{
  "aor": 0.0003804888888888888,
  "aqi": 0.0064387959555555555,
  "bids_meta": {
    "AcquisitionMatrixPE": 106,
    "AcquisitionNumber": 1,
    "AcquisitionTime": "13:52:9.005000",
    "BandwidthPerPixelPhaseEncode": 16.551,
    "BaseResolution": 106,
    "BodyPartExamined": "HEAD",
    "CoilCombinationMethod": "Sum of Squares",
    "ConsistencyInfo": "N4_VE11C_LATEST_20160120",
    "ConversionSoftware": "dcm2niix",
    "ConversionSoftwareVersion": "v1.0.20211006",
    "Dcm2bidsVersion": "2.1.6",
    "DerivedVendorReportedEchoSpacing": 0.000569994,
    "DeviceSerialNumber": "66014",
    "DwellTime": 2e-06,
    "EchoTime": 0.03,
    "EchoTrainLength": 93,
    "EffectiveEchoSpacing": 0.000569994,
    "FlipAngle": 54,
    "ImageOrientationPatientDICOM": [
      0.99968,
      -0.024287,
      0.00703937,
      0.0244316,
      0.999476,
      -0.0212384
    ],
    "ImageOrientationText": "Tra>Cor(-1.2)>Sag(0.4)",
    "ImageType": [
      "ORIGINAL",
      "PRIMARY",
      "M",
      "ND",
      "MOSAIC"
    ],
    "ImagingFrequency": 123.259,
    "InPlanePhaseEncodingDirectionDICOM": "COL",
    "InstitutionAddress": "Yiheyuan Road 5,Beijing  0FCA35,Haidian,CN,100871",
    "InstitutionName": "CMR of Peking Univeristy",
    "InstitutionalDepartmentName": "Department",
    "MRAcquisitionType": "2D",
    "MagneticFieldStrength": 3,
    "Manufacturer": "Siemens",
    "ManufacturersModelName": "Prisma",
    "Modality": "MR",
    "MultibandAccelerationFactor": 8,
    "PartialFourier": 0.875,
    "PatientPosition": "HFS",
    "PercentPhaseFOV": 100,
    "PercentSampling": 100,
    "PhaseEncodingDirection": "j-",
    "PhaseEncodingSteps": 93,
    "PhaseResolution": 1,
    "PixelBandwidth": 2360,
    "ProcedureStepDescription": "Research^Projects_64CH",
    "ProtocolName": "fMRI_run7_AP",
    "PulseSequenceDetails": "%SiemensSeq%\\ep2d_bold",
    "ReceiveCoilActiveElements": "HC1-7;NC1,2",
    "ReceiveCoilName": "HeadNeck_64",
    "ReconMatrixPE": 106,
    "RefLinesPE": 32,
    "RepetitionTime": 0.71,
    "SAR": 0.105455,
    "ScanOptions": "PFP\\FS",
    "ScanningSequence": "EP",
    "SequenceName": "*epfid2d1_106",
    "SequenceVariant": "SK",
    "SeriesDescription": "fMRI_run7_AP",
    "SeriesNumber": 15,
    "ShimSetting": [
      -3466,
      -2147,
      -1882,
      318,
      10,
      -199,
      120,
      24
    ],
    "SliceThickness": 2,
    "SliceTiming": [
      0.3075,
      0,
      0.3825,
      0.0775,
      0.46,
      0.1525,
      0.5375,
      0.23,
      0.6125,
      0.3075,
      0,
      0.3825,
      0.0775,
      0.46,
      0.1525,
      0.5375,
      0.23,
      0.6125,
      0.3075,
      0,
      0.3825,
      0.0775,
      0.46,
      0.1525,
      0.5375,
      0.23,
      0.6125,
      0.3075,
      0,
      0.3825,
      0.0775,
      0.46,
      0.1525,
      0.5375,
      0.23,
      0.6125,
      0.3075,
      0,
      0.3825,
      0.0775,
      0.46,
      0.1525,
      0.5375,
      0.23,
      0.6125,
      0.3075,
      0,
      0.3825,
      0.0775,
      0.46,
      0.1525,
      0.5375,
      0.23,
      0.6125,
      0.3075,
      0,
      0.3825,
      0.0775,
      0.46,
      0.1525,
      0.5375,
      0.23,
      0.6125,
      0.3075,
      0,
      0.3825,
      0.0775,
      0.46,
      0.1525,
      0.5375,
      0.23,
      0.6125
    ],
    "SoftwareVersions": "syngo MR E11",
    "SpacingBetweenSlices": 2,
    "StationName": "AWP66014",
    "TaskName": "Chinese-RDR",
    "TotalReadoutTime": 0.0598493,
    "TxRefAmp": 262.089,
    "dataset": "ds004078",
    "modality": "bold",
    "run_id": 57,
    "subject_id": "03",
    "task_id": "RDR"
  },
  "dummy_trs": 1,
  "dvars_nstd": 48.4455504978842,
  "dvars_std": 1.0973918013363042,
  "dvars_vstd": 1.0075905302227166,
  "efc": 0.5572655937929258,
  "fber": 392.5144958496094,
  "fd_mean": 0.08117552915496017,
  "fd_num": 0,
  "fd_perc": 0.0,
  "fwhm_avg": 3.3953817376445774,
  "fwhm_x": 3.07131,
  "fwhm_y": 3.5424,
  "fwhm_z": 3.572435212933732,
  "gcor": 0.00431773,
  "gsr_x": 0.0005308742984198034,
  "gsr_y": 0.0747905820608139,
  "provenance": {
    "md5sum": "3c7b696c039628a5158aaf06ed9dc757",
    "settings": {
      "fd_thres": 0.2,
      "testing": false
    },
    "software": "mriqc",
    "version": "23.0.1",
    "webapi_port": null,
    "webapi_url": "https://mriqc.nimh.nih.gov/api/v1"
  },
  "size_t": 450,
  "size_x": 106,
  "size_y": 106,
  "size_z": 72,
  "snr": 2.097258881591073,
  "spacing_tr": 0.7099999785423279,
  "spacing_x": 2.0,
  "spacing_y": 2.0,
  "spacing_z": 1.9999998807907104,
  "summary_bg_k": 16.908974106046966,
  "summary_bg_mad": 16.44699906473665,
  "summary_bg_mean": 60.04698944091797,
  "summary_bg_median": 25.162221908569336,
  "summary_bg_n": 521355.0,
  "summary_bg_p05": 12.4622220993042,
  "summary_bg_p95": 251.31844787597655,
  "summary_bg_stdv": 93.55577087402344,
  "summary_fg_k": 1.7307596339148876,
  "summary_fg_mad": 212.58207391581143,
  "summary_fg_mean": 558.5426025390625,
  "summary_fg_median": 508.564453125,
  "summary_fg_n": 179645.0,
  "summary_fg_p05": 259.1364501953125,
  "summary_fg_p95": 1016.8378051757811,
  "summary_fg_stdv": 242.48939514160156,
  "tsnr": 31.47367544984445
}