{
  "aor": 0.00047407249466950953,
  "aqi": 0.006128045031982943,
  "bids_meta": {
    "AcquisitionMatrixPE": 106,
    "AcquisitionNumber": 1,
    "AcquisitionTime": "13:14:40.277500",
    "BandwidthPerPixelPhaseEncode": 16.551,
    "BaseResolution": 106,
    "BodyPartExamined": "HEAD",
    "CoilCombinationMethod": "Sum of Squares",
    "ConsistencyInfo": "N4_VE11C_LATEST_20160120",
    "ConversionSoftware": "dcm2niix",
    "ConversionSoftwareVersion": "v1.0.20211006",
    "Dcm2bidsVersion": "2.1.6",
    "DerivedVendorReportedEchoSpacing": 0.000569994,
    "DeviceSerialNumber": "66014",
    "DwellTime": 2e-06,
    "EchoTime": 0.03,
    "EchoTrainLength": 93,
    "EffectiveEchoSpacing": 0.000569994,
    "FlipAngle": 54,
    "ImageOrientationPatientDICOM": [
      0.999944,
      0.00047802,
      0.0105366,
      3.58002e-08,
      0.998972,
      -0.0453243
    ],
    "ImageOrientationText": "Tra>Cor(-2.6)>Sag(0.6)",
    "ImageType": [
      "ORIGINAL",
      "PRIMARY",
      "M",
      "ND",
      "MOSAIC"
    ],
    "ImagingFrequency": 123.259,
    "InPlanePhaseEncodingDirectionDICOM": "COL",
    "InstitutionAddress": "Yiheyuan Road 5,Beijing  0FCA35,Haidian,CN,100871",
    "InstitutionName": "CMR of Peking Univeristy",
    "InstitutionalDepartmentName": "Department",
    "MRAcquisitionType": "2D",
    "MagneticFieldStrength": 3,
    "Manufacturer": "Siemens",
    "ManufacturersModelName": "Prisma",
    "Modality": "MR",
    "MultibandAccelerationFactor": 8,
    "PartialFourier": 0.875,
    "PatientPosition": "HFS",
    "PercentPhaseFOV": 100,
    "PercentSampling": 100,
    "PhaseEncodingDirection": "j-",
    "PhaseEncodingSteps": 93,
    "PhaseResolution": 1,
    "PixelBandwidth": 2360,
    "ProcedureStepDescription": "Research^Projects_64CH",
    "ProtocolName": "fMRI_run5_AP",
    "PulseSequenceDetails": "%SiemensSeq%\\ep2d_bold",
    "ReceiveCoilActiveElements": "HC1-7;NC1,2",
    "ReceiveCoilName": "HeadNeck_64",
    "ReconMatrixPE": 106,
    "RefLinesPE": 32,
    "RepetitionTime": 0.71,
    "SAR": 0.120714,
    "ScanOptions": "PFP\\FS",
    "ScanningSequence": "EP",
    "SequenceName": "*epfid2d1_106",
    "SequenceVariant": "SK",
    "SeriesDescription": "fMRI_run5_AP",
    "SeriesNumber": 9,
    "ShimSetting": [
      -3443,
      -2148,
      -1898,
      271,
      54,
      -159,
      107,
      33
    ],
    "SliceThickness": 2,
    "SliceTiming": [
      0.3075,
      0,
      0.385,
      0.0775,
      0.46,
      0.155,
      0.5375,
      0.23,
      0.615,
      0.3075,
      0,
      0.385,
      0.0775,
      0.46,
      0.155,
      0.5375,
      0.23,
      0.615,
      0.3075,
      0,
      0.385,
      0.0775,
      0.46,
      0.155,
      0.5375,
      0.23,
      0.615,
      0.3075,
      0,
      0.385,
      0.0775,
      0.46,
      0.155,
      0.5375,
      0.23,
      0.615,
      0.3075,
      0,
      0.385,
      0.0775,
      0.46,
      0.155,
      0.5375,
      0.23,
      0.615,
      0.3075,
      0,
      0.385,
      0.0775,
      0.46,
      0.155,
      0.5375,
      0.23,
      0.615,
      0.3075,
      0,
      0.385,
      0.0775,
      0.46,
      0.155,
      0.5375,
      0.23,
      0.615,
      0.3075,
      0,
      0.385,
      0.0775,
      0.46,
      0.155,
      0.5375,
      0.23,
      0.615
    ],
    "SoftwareVersions": "syngo MR E11",
    "SpacingBetweenSlices": 2,
    "StationName": "AWP66014",
    "TaskName": "Chinese-RDR",
    "TotalReadoutTime": 0.0598493,
    "TxRefAmp": 273.238,
    "dataset": "ds004078",
    "modality": "bold",
    "run_id": 35,
    "subject_id": "03",
    "task_id": "RDR"
  },
  "dummy_trs": 3,
  "dvars_nstd": 47.22574939891023,
  "dvars_std": 1.0736702105982903,
  "dvars_vstd": 1.0043479825213677,
  "efc": 0.5560740195209074,
  "fber": 390.880126953125,
  "fd_mean": 0.07462319785615837,
  "fd_num": 1,
  "fd_perc": 0.21321961620469082,
  "fwhm_avg": 3.4517133333333327,
  "fwhm_x": 3.11523,
  "fwhm_y": 3.59818,
  "fwhm_z": 3.64173,
  "gcor": 0.00389098,
  "gsr_x": -0.004283771384507418,
  "gsr_y": 0.07093179225921631,
  "provenance": {
    "md5sum": "13cf2faa17d8276b3832f7dac4bfc3aa",
    "settings": {
      "fd_thres": 0.2,
      "testing": false
    },
    "software": "mriqc",
    "version": "23.0.1",
    "webapi_port": null,
    "webapi_url": "https://mriqc.nimh.nih.gov/api/v1"
  },
  "size_t": 469,
  "size_x": 106,
  "size_y": 106,
  "size_z": 72,
  "snr": 2.0640874158133653,
  "spacing_tr": 0.7099999785423279,
  "spacing_x": 2.0,
  "spacing_y": 2.0,
  "spacing_z": 2.0,
  "summary_bg_k": 21.717147850618957,
  "summary_bg_mad": 15.733287769755492,
  "summary_bg_mean": 54.495704650878906,
  "summary_bg_median": 24.791046142578125,
  "summary_bg_n": 509092.0,
  "summary_bg_p05": 12.520256042480469,
  "summary_bg_p95": 213.9472282409663,
  "summary_bg_stdv": 82.90956115722656,
  "summary_fg_k": 1.9622688567939273,
  "summary_fg_mad": 212.63329174147515,
  "summary_fg_mean": 557.4932861328125,
  "summary_fg_median": 508.16204833984375,
  "summary_fg_n": 185416.0,
  "summary_fg_p05": 254.05971145629883,
  "summary_fg_p95": 1022.9707336425781,
  "summary_fg_stdv": 246.1914520263672,
  "tsnr": 30.9044245230034
}