{
  "aor": 0.00033995642701525056,
  "aqi": 0.006749418148148148,
  "bids_meta": {
    "AcquisitionMatrixPE": 106,
    "AcquisitionNumber": 1,
    "AcquisitionTime": "13:36:45.867500",
    "BandwidthPerPixelPhaseEncode": 16.551,
    "BaseResolution": 106,
    "BodyPartExamined": "HEAD",
    "CoilCombinationMethod": "Sum of Squares",
    "ConsistencyInfo": "N4_VE11C_LATEST_20160120",
    "ConversionSoftware": "dcm2niix",
    "ConversionSoftwareVersion": "v1.0.20211006",
    "Dcm2bidsVersion": "2.1.6",
    "DerivedVendorReportedEchoSpacing": 0.000569994,
    "DeviceSerialNumber": "66014",
    "DwellTime": 2e-06,
    "EchoTime": 0.03,
    "EchoTrainLength": 93,
    "EffectiveEchoSpacing": 0.000569994,
    "FlipAngle": 54,
    "ImageOrientationPatientDICOM": [
      0.999569,
      -0.0093019,
      0.0278393,
      0.00872308,
      0.999745,
      0.0208411
    ],
    "ImageOrientationText": "Tra>Sag(1.6)>Cor(1.2)",
    "ImageType": [
      "ORIGINAL",
      "PRIMARY",
      "M",
      "ND",
      "MOSAIC"
    ],
    "ImagingFrequency": 123.259,
    "InPlanePhaseEncodingDirectionDICOM": "COL",
    "InstitutionAddress": "Yiheyuan Road 5,Beijing  0FCA35,Haidian,CN,100871",
    "InstitutionName": "CMR of Peking Univeristy",
    "InstitutionalDepartmentName": "Department",
    "MRAcquisitionType": "2D",
    "MagneticFieldStrength": 3,
    "Manufacturer": "Siemens",
    "ManufacturersModelName": "Prisma",
    "Modality": "MR",
    "MultibandAccelerationFactor": 8,
    "PartialFourier": 0.875,
    "PatientPosition": "HFS",
    "PercentPhaseFOV": 100,
    "PercentSampling": 100,
    "PhaseEncodingDirection": "j-",
    "PhaseEncodingSteps": 93,
    "PhaseResolution": 1,
    "PixelBandwidth": 2360,
    "ProcedureStepDescription": "Research^Projects_64CH",
    "ProtocolName": "fMRI_run6_AP",
    "PulseSequenceDetails": "%SiemensSeq%\\ep2d_bold",
    "ReceiveCoilActiveElements": "HC1-7;NC1,2",
    "ReceiveCoilName": "HeadNeck_64",
    "ReconMatrixPE": 106,
    "RefLinesPE": 32,
    "RepetitionTime": 0.71,
    "SAR": 0.10679,
    "ScanOptions": "PFP\\FS",
    "ScanningSequence": "EP",
    "SequenceName": "*epfid2d1_106",
    "SequenceVariant": "SK",
    "SeriesDescription": "fMRI_run6_AP",
    "SeriesNumber": 14,
    "ShimSetting": [
      -3453,
      -2161,
      -1883,
      289,
      -2,
      -239,
      144,
      30
    ],
    "SliceThickness": 2,
    "SliceTiming": [
      0.3075,
      0,
      0.3825,
      0.0775,
      0.46,
      0.1525,
      0.5375,
      0.23,
      0.6125,
      0.3075,
      0,
      0.3825,
      0.0775,
      0.46,
      0.1525,
      0.5375,
      0.23,
      0.6125,
      0.3075,
      0,
      0.3825,
      0.0775,
      0.46,
      0.1525,
      0.5375,
      0.23,
      0.6125,
      0.3075,
      0,
      0.3825,
      0.0775,
      0.46,
      0.1525,
      0.5375,
      0.23,
      0.6125,
      0.3075,
      0,
      0.3825,
      0.0775,
      0.46,
      0.1525,
      0.5375,
      0.23,
      0.6125,
      0.3075,
      0,
      0.3825,
      0.0775,
      0.46,
      0.1525,
      0.5375,
      0.23,
      0.6125,
      0.3075,
      0,
      0.3825,
      0.0775,
      0.46,
      0.1525,
      0.5375,
      0.23,
      0.6125,
      0.3075,
      0,
      0.3825,
      0.0775,
      0.46,
      0.1525,
      0.5375,
      0.23,
      0.6125
    ],
    "SoftwareVersions": "syngo MR E11",
    "SpacingBetweenSlices": 2,
    "StationName": "AWP66014",
    "TaskName": "Chinese-RDR",
    "TotalReadoutTime": 0.0598493,
    "TxRefAmp": 257.523,
    "dataset": "ds004078",
    "modality": "bold",
    "run_id": 46,
    "subject_id": "03",
    "task_id": "RDR"
  },
  "dummy_trs": 3,
  "dvars_nstd": 45.13786853157203,
  "dvars_std": 1.0659759970087335,
  "dvars_vstd": 0.9991249341921411,
  "efc": 0.553322332566271,
  "fber": 393.2674560546875,
  "fd_mean": 0.06970917428839349,
  "fd_num": 0,
  "fd_perc": 0.0,
  "fwhm_avg": 3.486198333333333,
  "fwhm_x": 3.171,
  "fwhm_y": 3.61523,
  "fwhm_z": 3.672365,
  "gcor": 0.00334991,
  "gsr_x": 0.000511186895892024,
  "gsr_y": 0.07146456092596054,
  "provenance": {
    "md5sum": "1c61a42e970f48481911fac089422859",
    "settings": {
      "fd_thres": 0.2,
      "testing": false
    },
    "software": "mriqc",
    "version": "23.0.1",
    "webapi_port": null,
    "webapi_url": "https://mriqc.nimh.nih.gov/api/v1"
  },
  "size_t": 459,
  "size_x": 106,
  "size_y": 106,
  "size_z": 72,
  "snr": 2.050801081081212,
  "spacing_tr": 0.7099999785423279,
  "spacing_x": 2.0,
  "spacing_y": 2.0,
  "spacing_z": 2.0,
  "summary_bg_k": 18.360430747251186,
  "summary_bg_mad": 17.519901095522318,
  "summary_bg_mean": 60.870086669921875,
  "summary_bg_median": 25.989105224609375,
  "summary_bg_n": 522142.0,
  "summary_bg_p05": 12.477124214172363,
  "summary_bg_p95": 248.71425781249968,
  "summary_bg_stdv": 93.970703125,
  "summary_fg_k": 1.9076125750500843,
  "summary_fg_mad": 223.5499278764897,
  "summary_fg_mean": 581.4803466796875,
  "summary_fg_median": 526.0849609375,
  "summary_fg_n": 178487.0,
  "summary_fg_p05": 269.5126220703125,
  "summary_fg_p95": 1069.5164916992187,
  "summary_fg_stdv": 256.5258483886719,
  "tsnr": 31.33184162620455
}