{
  "aor": 0.0004935620052770449,
  "aqi": 0.005664633535620053,
  "bids_meta": {
    "AcquisitionMatrixPE": 106,
    "AcquisitionNumber": 1,
    "AcquisitionTime": "14:08:17.657500",
    "BandwidthPerPixelPhaseEncode": 16.551,
    "BaseResolution": 106,
    "BodyPartExamined": "HEAD",
    "CoilCombinationMethod": "Sum of Squares",
    "ConsistencyInfo": "N4_VE11C_LATEST_20160120",
    "ConversionSoftware": "dcm2niix",
    "ConversionSoftwareVersion": "v1.0.20211006",
    "Dcm2bidsVersion": "2.1.6",
    "DerivedVendorReportedEchoSpacing": 0.000569994,
    "DeviceSerialNumber": "66014",
    "DwellTime": 2e-06,
    "EchoTime": 0.03,
    "EchoTrainLength": 93,
    "EffectiveEchoSpacing": 0.000569994,
    "FlipAngle": 54,
    "ImageOrientationPatientDICOM": [
      0.998865,
      0.00529655,
      0.0473418,
      -0.00523008,
      0.999985,
      -0.00152781
    ],
    "ImageOrientationText": "Tra>Sag(2.7)>Cor(-0.1)",
    "ImageType": [
      "ORIGINAL",
      "PRIMARY",
      "M",
      "ND",
      "MOSAIC"
    ],
    "ImagingFrequency": 123.259,
    "InPlanePhaseEncodingDirectionDICOM": "COL",
    "InstitutionAddress": "Yiheyuan Road 5,Beijing  0FCA35,Haidian,CN,100871",
    "InstitutionName": "CMR of Peking Univeristy",
    "InstitutionalDepartmentName": "Department",
    "MRAcquisitionType": "2D",
    "MagneticFieldStrength": 3,
    "Manufacturer": "Siemens",
    "ManufacturersModelName": "Prisma",
    "Modality": "MR",
    "MultibandAccelerationFactor": 8,
    "PartialFourier": 0.875,
    "PatientPosition": "HFS",
    "PercentPhaseFOV": 100,
    "PercentSampling": 100,
    "PhaseEncodingDirection": "j-",
    "PhaseEncodingSteps": 93,
    "PhaseResolution": 1,
    "PixelBandwidth": 2360,
    "ProcedureStepDescription": "Research^Projects_64CH",
    "ProtocolName": "fMRI_run10_AP",
    "PulseSequenceDetails": "%SiemensSeq%\\ep2d_bold",
    "ReceiveCoilActiveElements": "HC1-7;NC1",
    "ReceiveCoilName": "HeadNeck_64",
    "ReconMatrixPE": 106,
    "RefLinesPE": 32,
    "RepetitionTime": 0.71,
    "SAR": 0.109868,
    "ScanOptions": "PFP\\FS",
    "ScanningSequence": "EP",
    "SequenceName": "*epfid2d1_106",
    "SequenceVariant": "SK",
    "SeriesDescription": "fMRI_run10_AP",
    "SeriesNumber": 19,
    "ShimSetting": [
      -3439,
      -2148,
      -1887,
      298,
      38,
      -224,
      115,
      16
    ],
    "SliceThickness": 2,
    "SliceTiming": [
      0.3075,
      0,
      0.3825,
      0.0775,
      0.46,
      0.1525,
      0.5375,
      0.23,
      0.6125,
      0.3075,
      0,
      0.3825,
      0.0775,
      0.46,
      0.1525,
      0.5375,
      0.23,
      0.6125,
      0.3075,
      0,
      0.3825,
      0.0775,
      0.46,
      0.1525,
      0.5375,
      0.23,
      0.6125,
      0.3075,
      0,
      0.3825,
      0.0775,
      0.46,
      0.1525,
      0.5375,
      0.23,
      0.6125,
      0.3075,
      0,
      0.3825,
      0.0775,
      0.46,
      0.1525,
      0.5375,
      0.23,
      0.6125,
      0.3075,
      0,
      0.3825,
      0.0775,
      0.46,
      0.1525,
      0.5375,
      0.23,
      0.6125,
      0.3075,
      0,
      0.3825,
      0.0775,
      0.46,
      0.1525,
      0.5375,
      0.23,
      0.6125,
      0.3075,
      0,
      0.3825,
      0.0775,
      0.46,
      0.1525,
      0.5375,
      0.23,
      0.6125
    ],
    "SoftwareVersions": "syngo MR E11",
    "SpacingBetweenSlices": 2,
    "StationName": "AWP66014",
    "TaskName": "Chinese-RDR",
    "TotalReadoutTime": 0.0598493,
    "TxRefAmp": 261.345,
    "dataset": "ds004078",
    "modality": "bold",
    "run_id": 10,
    "subject_id": "03",
    "task_id": "RDR"
  },
  "dummy_trs": 1,
  "dvars_nstd": 44.83014320693121,
  "dvars_std": 1.0508608175396825,
  "dvars_vstd": 1.0053998119312169,
  "efc": 0.5542294518528261,
  "fber": 377.9267272949219,
  "fd_mean": 0.065885802989655,
  "fd_num": 0,
  "fd_perc": 0.0,
  "fwhm_avg": 3.444966666666667,
  "fwhm_x": 3.10792,
  "fwhm_y": 3.59771,
  "fwhm_z": 3.62927,
  "gcor": 0.0134741,
  "gsr_x": -0.004698797594755888,
  "gsr_y": 0.0721583142876625,
  "provenance": {
    "md5sum": "9508fbcf072c5c16e01e55477ef41275",
    "settings": {
      "fd_thres": 0.2,
      "testing": false
    },
    "software": "mriqc",
    "version": "23.0.1",
    "webapi_port": null,
    "webapi_url": "https://mriqc.nimh.nih.gov/api/v1"
  },
  "size_t": 379,
  "size_x": 106,
  "size_y": 106,
  "size_z": 72,
  "snr": 1.9903671743326725,
  "spacing_tr": 0.7099999785423279,
  "spacing_x": 2.0,
  "spacing_y": 2.0,
  "spacing_z": 2.0,
  "summary_bg_k": 22.997269952380705,
  "summary_bg_mad": 17.07143971431892,
  "summary_bg_mean": 57.838287353515625,
  "summary_bg_median": 25.95250701904297,
  "summary_bg_n": 507778.0,
  "summary_bg_p05": 12.627968788146973,
  "summary_bg_p95": 230.90133132934534,
  "summary_bg_stdv": 89.3791732788086,
  "summary_fg_k": 1.562875267718586,
  "summary_fg_mad": 228.55744311184122,
  "summary_fg_mean": 583.460693359375,
  "summary_fg_median": 527.6385498046875,
  "summary_fg_n": 184180.0,
  "summary_fg_p05": 258.8100280761719,
  "summary_fg_p95": 1094.1065124511717,
  "summary_fg_stdv": 265.0953674316406,
  "tsnr": 31.400250027654693
}