{
  "aor": 0.0003734632034632034,
  "aqi": 0.006267079588744588,
  "bids_meta": {
    "AcquisitionMatrixPE": 106,
    "AcquisitionNumber": 1,
    "AcquisitionTime": "13:45:36.722500",
    "BandwidthPerPixelPhaseEncode": 16.551,
    "BaseResolution": 106,
    "BodyPartExamined": "HEAD",
    "CoilCombinationMethod": "Sum of Squares",
    "ConsistencyInfo": "N4_VE11C_LATEST_20160120",
    "ConversionSoftware": "dcm2niix",
    "ConversionSoftwareVersion": "v1.0.20211006",
    "Dcm2bidsVersion": "2.1.6",
    "DerivedVendorReportedEchoSpacing": 0.000569994,
    "DeviceSerialNumber": "66014",
    "DwellTime": 2e-06,
    "EchoTime": 0.03,
    "EchoTrainLength": 93,
    "EffectiveEchoSpacing": 0.000569994,
    "FlipAngle": 54,
    "ImageOrientationPatientDICOM": [
      0.99968,
      -0.024287,
      0.00703937,
      0.0244316,
      0.999476,
      -0.0212384
    ],
    "ImageOrientationText": "Tra>Cor(-1.2)>Sag(0.4)",
    "ImageType": [
      "ORIGINAL",
      "PRIMARY",
      "M",
      "ND",
      "MOSAIC"
    ],
    "ImagingFrequency": 123.259,
    "InPlanePhaseEncodingDirectionDICOM": "COL",
    "InstitutionAddress": "Yiheyuan Road 5,Beijing  0FCA35,Haidian,CN,100871",
    "InstitutionName": "CMR of Peking Univeristy",
    "InstitutionalDepartmentName": "Department",
    "MRAcquisitionType": "2D",
    "MagneticFieldStrength": 3,
    "Manufacturer": "Siemens",
    "ManufacturersModelName": "Prisma",
    "Modality": "MR",
    "MultibandAccelerationFactor": 8,
    "PartialFourier": 0.875,
    "PatientPosition": "HFS",
    "PercentPhaseFOV": 100,
    "PercentSampling": 100,
    "PhaseEncodingDirection": "j-",
    "PhaseEncodingSteps": 93,
    "PhaseResolution": 1,
    "PixelBandwidth": 2360,
    "ProcedureStepDescription": "Research^Projects_64CH",
    "ProtocolName": "fMRI_run6_AP",
    "PulseSequenceDetails": "%SiemensSeq%\\ep2d_bold",
    "ReceiveCoilActiveElements": "HC1-7;NC1,2",
    "ReceiveCoilName": "HeadNeck_64",
    "ReconMatrixPE": 106,
    "RefLinesPE": 32,
    "RepetitionTime": 0.71,
    "SAR": 0.105499,
    "ScanOptions": "PFP\\FS",
    "ScanningSequence": "EP",
    "SequenceName": "*epfid2d1_106",
    "SequenceVariant": "SK",
    "SeriesDescription": "fMRI_run6_AP",
    "SeriesNumber": 14,
    "ShimSetting": [
      -3466,
      -2147,
      -1882,
      318,
      10,
      -199,
      120,
      24
    ],
    "SliceThickness": 2,
    "SliceTiming": [
      0.305,
      0,
      0.3825,
      0.075,
      0.46,
      0.1525,
      0.535,
      0.23,
      0.6125,
      0.305,
      0,
      0.3825,
      0.075,
      0.46,
      0.1525,
      0.535,
      0.23,
      0.6125,
      0.305,
      0,
      0.3825,
      0.075,
      0.46,
      0.1525,
      0.535,
      0.23,
      0.6125,
      0.305,
      0,
      0.3825,
      0.075,
      0.46,
      0.1525,
      0.535,
      0.23,
      0.6125,
      0.305,
      0,
      0.3825,
      0.075,
      0.46,
      0.1525,
      0.535,
      0.23,
      0.6125,
      0.305,
      0,
      0.3825,
      0.075,
      0.46,
      0.1525,
      0.535,
      0.23,
      0.6125,
      0.305,
      0,
      0.3825,
      0.075,
      0.46,
      0.1525,
      0.535,
      0.23,
      0.6125,
      0.305,
      0,
      0.3825,
      0.075,
      0.46,
      0.1525,
      0.535,
      0.23,
      0.6125
    ],
    "SoftwareVersions": "syngo MR E11",
    "SpacingBetweenSlices": 2,
    "StationName": "AWP66014",
    "TaskName": "Chinese-RDR",
    "TotalReadoutTime": 0.0598493,
    "TxRefAmp": 262.089,
    "dataset": "ds004078",
    "modality": "bold",
    "run_id": 56,
    "subject_id": "03",
    "task_id": "RDR"
  },
  "dummy_trs": 1,
  "dvars_nstd": 49.86672177590022,
  "dvars_std": 1.1112412411279826,
  "dvars_vstd": 1.006706860672451,
  "efc": 0.5573297238661076,
  "fber": 388.6211853027344,
  "fd_mean": 0.08117071500984868,
  "fd_num": 0,
  "fd_perc": 0.0,
  "fwhm_avg": 3.4135817382308886,
  "fwhm_x": 3.083,
  "fwhm_y": 3.5558,
  "fwhm_z": 3.601945214692665,
  "gcor": 0.00302935,
  "gsr_x": -0.006210587453097105,
  "gsr_y": 0.08082360774278641,
  "provenance": {
    "md5sum": "8bc95ecb5cbee6f550623fcb5470c194",
    "settings": {
      "fd_thres": 0.2,
      "testing": false
    },
    "software": "mriqc",
    "version": "23.0.1",
    "webapi_port": null,
    "webapi_url": "https://mriqc.nimh.nih.gov/api/v1"
  },
  "size_t": 462,
  "size_x": 106,
  "size_y": 106,
  "size_z": 72,
  "snr": 2.0884296058996465,
  "spacing_tr": 0.7099999785423279,
  "spacing_x": 2.0,
  "spacing_y": 2.0,
  "spacing_z": 1.9999998807907104,
  "summary_bg_k": 19.440645006428795,
  "summary_bg_mad": 16.31825178250774,
  "summary_bg_mean": 57.350582122802734,
  "summary_bg_median": 25.010822296142578,
  "summary_bg_n": 514814.0,
  "summary_bg_p05": 12.374459266662598,
  "summary_bg_p95": 232.89978637695302,
  "summary_bg_stdv": 88.58415222167969,
  "summary_fg_k": 1.6316345229261957,
  "summary_fg_mad": 213.350341300767,
  "summary_fg_mean": 556.7535400390625,
  "summary_fg_median": 507.8809509277344,
  "summary_fg_n": 182637.0,
  "summary_fg_p05": 254.62683715820313,
  "summary_fg_p95": 1015.8017333984372,
  "summary_fg_stdv": 243.1873016357422,
  "tsnr": 31.624601877760142
}