{
  "aor": 0.0003452336448598131,
  "aqi": 0.006469039018691589,
  "bids_meta": {
    "AcquisitionMatrixPE": 106,
    "AcquisitionNumber": 1,
    "AcquisitionTime": "13:49:26.625000",
    "BandwidthPerPixelPhaseEncode": 16.551,
    "BaseResolution": 106,
    "BodyPartExamined": "HEAD",
    "CoilCombinationMethod": "Sum of Squares",
    "ConsistencyInfo": "N4_VE11C_LATEST_20160120",
    "ConversionSoftware": "dcm2niix",
    "ConversionSoftwareVersion": "v1.0.20211006",
    "Dcm2bidsVersion": "2.1.6",
    "DerivedVendorReportedEchoSpacing": 0.000569994,
    "DeviceSerialNumber": "66014",
    "DwellTime": 2e-06,
    "EchoTime": 0.03,
    "EchoTrainLength": 93,
    "EffectiveEchoSpacing": 0.000569994,
    "FlipAngle": 54,
    "ImageOrientationPatientDICOM": [
      0.999569,
      -0.0093019,
      0.0278393,
      0.00872308,
      0.999745,
      0.0208411
    ],
    "ImageOrientationText": "Tra>Sag(1.6)>Cor(1.2)",
    "ImageType": [
      "ORIGINAL",
      "PRIMARY",
      "M",
      "ND",
      "MOSAIC"
    ],
    "ImagingFrequency": 123.259,
    "InPlanePhaseEncodingDirectionDICOM": "COL",
    "InstitutionAddress": "Yiheyuan Road 5,Beijing  0FCA35,Haidian,CN,100871",
    "InstitutionName": "CMR of Peking Univeristy",
    "InstitutionalDepartmentName": "Department",
    "MRAcquisitionType": "2D",
    "MagneticFieldStrength": 3,
    "Manufacturer": "Siemens",
    "ManufacturersModelName": "Prisma",
    "Modality": "MR",
    "MultibandAccelerationFactor": 8,
    "PartialFourier": 0.875,
    "PatientPosition": "HFS",
    "PercentPhaseFOV": 100,
    "PercentSampling": 100,
    "PhaseEncodingDirection": "j-",
    "PhaseEncodingSteps": 93,
    "PhaseResolution": 1,
    "PixelBandwidth": 2360,
    "ProcedureStepDescription": "Research^Projects_64CH",
    "ProtocolName": "fMRI_run8_AP",
    "PulseSequenceDetails": "%SiemensSeq%\\ep2d_bold",
    "ReceiveCoilActiveElements": "HC1-7;NC1,2",
    "ReceiveCoilName": "HeadNeck_64",
    "ReconMatrixPE": 106,
    "RefLinesPE": 32,
    "RepetitionTime": 0.71,
    "SAR": 0.10667,
    "ScanOptions": "PFP\\FS",
    "ScanningSequence": "EP",
    "SequenceName": "*epfid2d1_106",
    "SequenceVariant": "SK",
    "SeriesDescription": "fMRI_run8_AP",
    "SeriesNumber": 16,
    "ShimSetting": [
      -3453,
      -2161,
      -1883,
      289,
      -2,
      -239,
      144,
      30
    ],
    "SliceThickness": 2,
    "SliceTiming": [
      0.3075,
      0,
      0.3825,
      0.0775,
      0.46,
      0.1525,
      0.5375,
      0.23,
      0.6125,
      0.3075,
      0,
      0.3825,
      0.0775,
      0.46,
      0.1525,
      0.5375,
      0.23,
      0.6125,
      0.3075,
      0,
      0.3825,
      0.0775,
      0.46,
      0.1525,
      0.5375,
      0.23,
      0.6125,
      0.3075,
      0,
      0.3825,
      0.0775,
      0.46,
      0.1525,
      0.5375,
      0.23,
      0.6125,
      0.3075,
      0,
      0.3825,
      0.0775,
      0.46,
      0.1525,
      0.5375,
      0.23,
      0.6125,
      0.3075,
      0,
      0.3825,
      0.0775,
      0.46,
      0.1525,
      0.5375,
      0.23,
      0.6125,
      0.3075,
      0,
      0.3825,
      0.0775,
      0.46,
      0.1525,
      0.5375,
      0.23,
      0.6125,
      0.3075,
      0,
      0.3825,
      0.0775,
      0.46,
      0.1525,
      0.5375,
      0.23,
      0.6125
    ],
    "SoftwareVersions": "syngo MR E11",
    "SpacingBetweenSlices": 2,
    "StationName": "AWP66014",
    "TaskName": "Chinese-RDR",
    "TotalReadoutTime": 0.0598493,
    "TxRefAmp": 257.523,
    "dataset": "ds004078",
    "modality": "bold",
    "run_id": 48,
    "subject_id": "03",
    "task_id": "RDR"
  },
  "dummy_trs": 3,
  "dvars_nstd": 44.41983989023419,
  "dvars_std": 1.0565987570725996,
  "dvars_vstd": 0.9998032101639343,
  "efc": 0.5531706870914168,
  "fber": 386.57562255859375,
  "fd_mean": 0.06521120639700494,
  "fd_num": 0,
  "fd_perc": 0.0,
  "fwhm_avg": 3.492608333333333,
  "fwhm_x": 3.16839,
  "fwhm_y": 3.636615,
  "fwhm_z": 3.67282,
  "gcor": 0.00395063,
  "gsr_x": 0.0010055853053927422,
  "gsr_y": 0.07132089883089066,
  "provenance": {
    "md5sum": "983084166cf69e0e44c8c624b2e60c8f",
    "settings": {
      "fd_thres": 0.2,
      "testing": false
    },
    "software": "mriqc",
    "version": "23.0.1",
    "webapi_port": null,
    "webapi_url": "https://mriqc.nimh.nih.gov/api/v1"
  },
  "size_t": 428,
  "size_x": 106,
  "size_y": 106,
  "size_z": 72,
  "snr": 2.0288931567713577,
  "spacing_tr": 0.7099999785423279,
  "spacing_x": 2.0,
  "spacing_y": 2.0,
  "spacing_z": 2.0,
  "summary_bg_k": 18.67542302052041,
  "summary_bg_mad": 17.34090169475559,
  "summary_bg_mean": 61.08369064331055,
  "summary_bg_median": 26.109811782836914,
  "summary_bg_n": 521345.0,
  "summary_bg_p05": 12.700934410095215,
  "summary_bg_p95": 250.79158630371091,
  "summary_bg_stdv": 94.78816986083984,
  "summary_fg_k": 1.9728727236454757,
  "summary_fg_mad": 223.11950811011263,
  "summary_fg_mean": 581.097900390625,
  "summary_fg_median": 524.3282470703125,
  "summary_fg_n": 178910.0,
  "summary_fg_p05": 268.36190338134764,
  "summary_fg_p95": 1072.305346679687,
  "summary_fg_stdv": 258.4299621582031,
  "tsnr": 31.844192490912974
}