{
  "aor": 0.00041373015873015864,
  "aqi": 0.005785912275132274,
  "bids_meta": {
    "AcquisitionMatrixPE": 106,
    "AcquisitionNumber": 1,
    "AcquisitionTime": "13:50:52.842500",
    "BandwidthPerPixelPhaseEncode": 16.551,
    "BaseResolution": 106,
    "BodyPartExamined": "HEAD",
    "CoilCombinationMethod": "Sum of Squares",
    "ConsistencyInfo": "N4_VE11C_LATEST_20160120",
    "ConversionSoftware": "dcm2niix",
    "ConversionSoftwareVersion": "v1.0.20211006",
    "Dcm2bidsVersion": "2.1.6",
    "DerivedVendorReportedEchoSpacing": 0.000569994,
    "DeviceSerialNumber": "66014",
    "DwellTime": 2e-06,
    "EchoTime": 0.03,
    "EchoTrainLength": 93,
    "EffectiveEchoSpacing": 0.000569994,
    "FlipAngle": 54,
    "ImageOrientationPatientDICOM": [
      0.998326,
      -0.0288829,
      0.0501002,
      0.0278858,
      0.999401,
      0.0204886
    ],
    "ImageOrientationText": "Tra>Sag(2.9)>Cor(1.1)",
    "ImageType": [
      "ORIGINAL",
      "PRIMARY",
      "M",
      "ND",
      "MOSAIC"
    ],
    "ImagingFrequency": 123.259,
    "InPlanePhaseEncodingDirectionDICOM": "COL",
    "InstitutionAddress": "Yiheyuan Road 5,Beijing  0FCA35,Haidian,CN,100871",
    "InstitutionName": "CMR of Peking Univeristy",
    "InstitutionalDepartmentName": "Department",
    "MRAcquisitionType": "2D",
    "MagneticFieldStrength": 3,
    "Manufacturer": "Siemens",
    "ManufacturersModelName": "Prisma",
    "Modality": "MR",
    "MultibandAccelerationFactor": 8,
    "PartialFourier": 0.875,
    "PatientPosition": "HFS",
    "PercentPhaseFOV": 100,
    "PercentSampling": 100,
    "PhaseEncodingDirection": "j-",
    "PhaseEncodingSteps": 93,
    "PhaseResolution": 1,
    "PixelBandwidth": 2360,
    "ProcedureStepDescription": "Research^Projects_64CH",
    "ProtocolName": "fMRI_run10_AP",
    "PulseSequenceDetails": "%SiemensSeq%\\ep2d_bold",
    "ReceiveCoilActiveElements": "HC1-7;NC1,2",
    "ReceiveCoilName": "HeadNeck_64",
    "ReconMatrixPE": 106,
    "RefLinesPE": 32,
    "RepetitionTime": 0.71,
    "SAR": 0.112319,
    "ScanOptions": "PFP\\FS",
    "ScanningSequence": "EP",
    "SequenceName": "*epfid2d1_106",
    "SequenceVariant": "SK",
    "SeriesDescription": "fMRI_run10_AP",
    "SeriesNumber": 14,
    "ShimSetting": [
      -3437,
      -2158,
      -1886,
      293,
      35,
      -195,
      162,
      14
    ],
    "SliceThickness": 2,
    "SliceTiming": [
      0.3075,
      0,
      0.3825,
      0.0775,
      0.46,
      0.1525,
      0.5375,
      0.23,
      0.6125,
      0.3075,
      0,
      0.3825,
      0.0775,
      0.46,
      0.1525,
      0.5375,
      0.23,
      0.6125,
      0.3075,
      0,
      0.3825,
      0.0775,
      0.46,
      0.1525,
      0.5375,
      0.23,
      0.6125,
      0.3075,
      0,
      0.3825,
      0.0775,
      0.46,
      0.1525,
      0.5375,
      0.23,
      0.6125,
      0.3075,
      0,
      0.3825,
      0.0775,
      0.46,
      0.1525,
      0.5375,
      0.23,
      0.6125,
      0.3075,
      0,
      0.3825,
      0.0775,
      0.46,
      0.1525,
      0.5375,
      0.23,
      0.6125,
      0.3075,
      0,
      0.3825,
      0.0775,
      0.46,
      0.1525,
      0.5375,
      0.23,
      0.6125,
      0.3075,
      0,
      0.3825,
      0.0775,
      0.46,
      0.1525,
      0.5375,
      0.23,
      0.6125
    ],
    "SoftwareVersions": "syngo MR E11",
    "SpacingBetweenSlices": 2,
    "StationName": "AWP66014",
    "TaskName": "Chinese-RDR",
    "TotalReadoutTime": 0.0598493,
    "TxRefAmp": 258.5,
    "dataset": "ds004078",
    "modality": "bold",
    "run_id": 20,
    "subject_id": "03",
    "task_id": "RDR"
  },
  "dummy_trs": 2,
  "dvars_nstd": 43.165040701564976,
  "dvars_std": 1.038838074164456,
  "dvars_vstd": 1.0103297543501322,
  "efc": 0.5565746890281495,
  "fber": 393.0915832519531,
  "fd_mean": 0.08033710477500818,
  "fd_num": 0,
  "fd_perc": 0.0,
  "fwhm_avg": 3.3900283333333334,
  "fwhm_x": 3.100105,
  "fwhm_y": 3.516455,
  "fwhm_z": 3.553525,
  "gcor": 0.00463097,
  "gsr_x": 0.00013501451758202165,
  "gsr_y": 0.07228054851293564,
  "provenance": {
    "md5sum": "4480952432d810977a1d1d2b7b19b2eb",
    "settings": {
      "fd_thres": 0.2,
      "testing": false
    },
    "software": "mriqc",
    "version": "23.0.1",
    "webapi_port": null,
    "webapi_url": "https://mriqc.nimh.nih.gov/api/v1"
  },
  "size_t": 378,
  "size_x": 106,
  "size_y": 106,
  "size_z": 72,
  "snr": 2.120107543693866,
  "spacing_tr": 0.7099999785423279,
  "spacing_x": 2.0,
  "spacing_y": 2.0,
  "spacing_z": 2.0,
  "summary_bg_k": 18.746120576978267,
  "summary_bg_mad": 16.44590044916298,
  "summary_bg_mean": 59.11372756958008,
  "summary_bg_median": 25.39417839050293,
  "summary_bg_n": 520378.0,
  "summary_bg_p05": 12.664020538330078,
  "summary_bg_p95": 242.3923194885252,
  "summary_bg_stdv": 91.17072296142578,
  "summary_fg_k": 1.587310474120466,
  "summary_fg_mad": 213.36531753777646,
  "summary_fg_mean": 562.8099365234375,
  "summary_fg_median": 513.9259033203125,
  "summary_fg_n": 179584.0,
  "summary_fg_p05": 261.1695587158203,
  "summary_fg_p95": 1022.0577728271485,
  "summary_fg_stdv": 242.4049072265625,
  "tsnr": 32.0794263149146
}