{
  "aor": 0.0003781818181818182,
  "aqi": 0.006227242575757576,
  "bids_meta": {
    "AcquisitionMatrixPE": 106,
    "AcquisitionNumber": 1,
    "AcquisitionTime": "13:28:11.757500",
    "BandwidthPerPixelPhaseEncode": 16.551,
    "BaseResolution": 106,
    "BodyPartExamined": "HEAD",
    "CoilCombinationMethod": "Sum of Squares",
    "ConsistencyInfo": "N4_VE11C_LATEST_20160120",
    "ConversionSoftware": "dcm2niix",
    "ConversionSoftwareVersion": "v1.0.20211006",
    "Dcm2bidsVersion": "2.1.6",
    "DerivedVendorReportedEchoSpacing": 0.000569994,
    "DeviceSerialNumber": "66014",
    "DwellTime": 2e-06,
    "EchoTime": 0.03,
    "EchoTrainLength": 93,
    "EffectiveEchoSpacing": 0.000569994,
    "FlipAngle": 54,
    "ImageOrientationPatientDICOM": [
      0.999028,
      -0.0360027,
      0.0254175,
      0.0366327,
      0.999022,
      -0.0247714
    ],
    "ImageOrientationText": "Tra>Cor(-1.5)>Sag(1.4)",
    "ImageType": [
      "ORIGINAL",
      "PRIMARY",
      "M",
      "ND",
      "MOSAIC"
    ],
    "ImagingFrequency": 123.259,
    "InPlanePhaseEncodingDirectionDICOM": "COL",
    "InstitutionAddress": "Yiheyuan Road 5,Beijing  0FCA35,Haidian,CN,100871",
    "InstitutionName": "CMR of Peking Univeristy",
    "InstitutionalDepartmentName": "Department",
    "MRAcquisitionType": "2D",
    "MagneticFieldStrength": 3,
    "Manufacturer": "Siemens",
    "ManufacturersModelName": "Prisma",
    "Modality": "MR",
    "MultibandAccelerationFactor": 8,
    "PartialFourier": 0.875,
    "PatientPosition": "HFS",
    "PercentPhaseFOV": 100,
    "PercentSampling": 100,
    "PhaseEncodingDirection": "j-",
    "PhaseEncodingSteps": 93,
    "PhaseResolution": 1,
    "PixelBandwidth": 2360,
    "ProcedureStepDescription": "Research^Projects_64CH",
    "ProtocolName": "fMRI_run5_AP",
    "PulseSequenceDetails": "%SiemensSeq%\\ep2d_bold",
    "ReceiveCoilActiveElements": "HC1-7;NC1,2",
    "ReceiveCoilName": "HeadNeck_64",
    "ReconMatrixPE": 106,
    "RefLinesPE": 32,
    "RepetitionTime": 0.71,
    "SAR": 0.108289,
    "ScanOptions": "PFP\\FS",
    "ScanningSequence": "EP",
    "SequenceName": "*epfid2d1_106",
    "SequenceVariant": "SK",
    "SeriesDescription": "fMRI_run5_AP",
    "SeriesNumber": 9,
    "ShimSetting": [
      -3450,
      -2142,
      -1913,
      236,
      -13,
      -230,
      102,
      35
    ],
    "SliceThickness": 2,
    "SliceTiming": [
      0.305,
      0,
      0.3825,
      0.075,
      0.46,
      0.1525,
      0.535,
      0.23,
      0.6125,
      0.305,
      0,
      0.3825,
      0.075,
      0.46,
      0.1525,
      0.535,
      0.23,
      0.6125,
      0.305,
      0,
      0.3825,
      0.075,
      0.46,
      0.1525,
      0.535,
      0.23,
      0.6125,
      0.305,
      0,
      0.3825,
      0.075,
      0.46,
      0.1525,
      0.535,
      0.23,
      0.6125,
      0.305,
      0,
      0.3825,
      0.075,
      0.46,
      0.1525,
      0.535,
      0.23,
      0.6125,
      0.305,
      0,
      0.3825,
      0.075,
      0.46,
      0.1525,
      0.535,
      0.23,
      0.6125,
      0.305,
      0,
      0.3825,
      0.075,
      0.46,
      0.1525,
      0.535,
      0.23,
      0.6125,
      0.305,
      0,
      0.3825,
      0.075,
      0.46,
      0.1525,
      0.535,
      0.23,
      0.6125
    ],
    "SoftwareVersions": "syngo MR E11",
    "SpacingBetweenSlices": 2,
    "StationName": "AWP66014",
    "TaskName": "Chinese-RDR",
    "TotalReadoutTime": 0.0598493,
    "TxRefAmp": 261.8,
    "dataset": "ds004078",
    "modality": "bold",
    "run_id": 55,
    "subject_id": "03",
    "task_id": "RDR"
  },
  "dummy_trs": 4,
  "dvars_nstd": 48.19122935054227,
  "dvars_std": 1.0990528080911066,
  "dvars_vstd": 1.0083386529067249,
  "efc": 0.5541050227500379,
  "fber": 386.50653076171875,
  "fd_mean": 0.080549108309624,
  "fd_num": 0,
  "fd_perc": 0.0,
  "fwhm_avg": 3.5141283333333333,
  "fwhm_x": 3.165095,
  "fwhm_y": 3.697045,
  "fwhm_z": 3.680245,
  "gcor": 0.00246478,
  "gsr_x": -0.009578416123986244,
  "gsr_y": 0.0812072902917862,
  "provenance": {
    "md5sum": "b4b8fc46b87989b1564cd50e5075479a",
    "settings": {
      "fd_thres": 0.2,
      "testing": false
    },
    "software": "mriqc",
    "version": "23.0.1",
    "webapi_port": null,
    "webapi_url": "https://mriqc.nimh.nih.gov/api/v1"
  },
  "size_t": 462,
  "size_x": 106,
  "size_y": 106,
  "size_z": 72,
  "snr": 2.0291259108186184,
  "spacing_tr": 0.7099999785423279,
  "spacing_x": 2.0,
  "spacing_y": 2.0,
  "spacing_z": 2.0,
  "summary_bg_k": 18.79646422129645,
  "summary_bg_mad": 16.443406294887616,
  "summary_bg_mean": 58.501380920410156,
  "summary_bg_median": 25.694805145263672,
  "summary_bg_n": 514813.0,
  "summary_bg_p05": 12.889610290527344,
  "summary_bg_p95": 237.3900451660154,
  "summary_bg_stdv": 89.61102294921875,
  "summary_fg_k": 1.403786302910822,
  "summary_fg_mad": 225.24163184526458,
  "summary_fg_mean": 574.6951293945312,
  "summary_fg_median": 521.0335693359375,
  "summary_fg_n": 181916.0,
  "summary_fg_p05": 258.11092376708984,
  "summary_fg_p95": 1064.8609619140625,
  "summary_fg_stdv": 256.7766418457031,
  "tsnr": 32.17489168443717
}