{
  "aor": 0.0008350997782705101,
  "aqi": 0.006180342372505542,
  "bids_meta": {
    "AcquisitionMatrixPE": 106,
    "AcquisitionNumber": 1,
    "AcquisitionTime": "13:43:14.322500",
    "BandwidthPerPixelPhaseEncode": 16.551,
    "BaseResolution": 106,
    "BodyPartExamined": "HEAD",
    "CoilCombinationMethod": "Sum of Squares",
    "ConsistencyInfo": "N4_VE11C_LATEST_20160120",
    "ConversionSoftware": "dcm2niix",
    "ConversionSoftwareVersion": "v1.0.20211006",
    "Dcm2bidsVersion": "2.1.6",
    "DerivedVendorReportedEchoSpacing": 0.000569994,
    "DeviceSerialNumber": "66014",
    "DwellTime": 2e-06,
    "EchoTime": 0.03,
    "EchoTrainLength": 93,
    "EffectiveEchoSpacing": 0.000569994,
    "FlipAngle": 54,
    "ImageOrientationPatientDICOM": [
      0.998865,
      0.00529655,
      0.0473418,
      -0.00523008,
      0.999985,
      -0.00152781
    ],
    "ImageOrientationText": "Tra>Sag(2.7)>Cor(-0.1)",
    "ImageType": [
      "ORIGINAL",
      "PRIMARY",
      "M",
      "ND",
      "MOSAIC"
    ],
    "ImagingFrequency": 123.259,
    "InPlanePhaseEncodingDirectionDICOM": "COL",
    "InstitutionAddress": "Yiheyuan Road 5,Beijing  0FCA35,Haidian,CN,100871",
    "InstitutionName": "CMR of Peking Univeristy",
    "InstitutionalDepartmentName": "Department",
    "MRAcquisitionType": "2D",
    "MagneticFieldStrength": 3,
    "Manufacturer": "Siemens",
    "ManufacturersModelName": "Prisma",
    "Modality": "MR",
    "MultibandAccelerationFactor": 8,
    "PartialFourier": 0.875,
    "PatientPosition": "HFS",
    "PercentPhaseFOV": 100,
    "PercentSampling": 100,
    "PhaseEncodingDirection": "j-",
    "PhaseEncodingSteps": 93,
    "PhaseResolution": 1,
    "PixelBandwidth": 2360,
    "ProcedureStepDescription": "Research^Projects_64CH",
    "ProtocolName": "fMRI_run6_AP",
    "PulseSequenceDetails": "%SiemensSeq%\\ep2d_bold",
    "ReceiveCoilActiveElements": "HC1-7;NC1",
    "ReceiveCoilName": "HeadNeck_64",
    "ReconMatrixPE": 106,
    "RefLinesPE": 32,
    "RepetitionTime": 0.71,
    "SAR": 0.1102,
    "ScanOptions": "PFP\\FS",
    "ScanningSequence": "EP",
    "SequenceName": "*epfid2d1_106",
    "SequenceVariant": "SK",
    "SeriesDescription": "fMRI_run6_AP",
    "SeriesNumber": 15,
    "ShimSetting": [
      -3439,
      -2148,
      -1887,
      298,
      38,
      -224,
      115,
      16
    ],
    "SliceThickness": 2,
    "SliceTiming": [
      0.3075,
      0,
      0.3825,
      0.0775,
      0.46,
      0.1525,
      0.5375,
      0.23,
      0.6125,
      0.3075,
      0,
      0.3825,
      0.0775,
      0.46,
      0.1525,
      0.5375,
      0.23,
      0.6125,
      0.3075,
      0,
      0.3825,
      0.0775,
      0.46,
      0.1525,
      0.5375,
      0.23,
      0.6125,
      0.3075,
      0,
      0.3825,
      0.0775,
      0.46,
      0.1525,
      0.5375,
      0.23,
      0.6125,
      0.3075,
      0,
      0.3825,
      0.0775,
      0.46,
      0.1525,
      0.5375,
      0.23,
      0.6125,
      0.3075,
      0,
      0.3825,
      0.0775,
      0.46,
      0.1525,
      0.5375,
      0.23,
      0.6125,
      0.3075,
      0,
      0.3825,
      0.0775,
      0.46,
      0.1525,
      0.5375,
      0.23,
      0.6125,
      0.3075,
      0,
      0.3825,
      0.0775,
      0.46,
      0.1525,
      0.5375,
      0.23,
      0.6125
    ],
    "SoftwareVersions": "syngo MR E11",
    "SpacingBetweenSlices": 2,
    "StationName": "AWP66014",
    "TaskName": "Chinese-RDR",
    "TotalReadoutTime": 0.0598493,
    "TxRefAmp": 261.345,
    "dataset": "ds004078",
    "modality": "bold",
    "run_id": 6,
    "subject_id": "03",
    "task_id": "RDR"
  },
  "dummy_trs": 1,
  "dvars_nstd": 44.23032411362219,
  "dvars_std": 1.0585226446222231,
  "dvars_vstd": 1.0137270683111115,
  "efc": 0.5530495702450531,
  "fber": 390.4801940917969,
  "fd_mean": 0.07013083168782883,
  "fd_num": 0,
  "fd_perc": 0.0,
  "fwhm_avg": 3.429733333333333,
  "fwhm_x": 3.10579,
  "fwhm_y": 3.583605,
  "fwhm_z": 3.599805,
  "gcor": 0.00898666,
  "gsr_x": -0.0036938844714313745,
  "gsr_y": 0.07843814790248871,
  "provenance": {
    "md5sum": "bc7670631af3b80132f67484c460caa1",
    "settings": {
      "fd_thres": 0.2,
      "testing": false
    },
    "software": "mriqc",
    "version": "23.0.1",
    "webapi_port": null,
    "webapi_url": "https://mriqc.nimh.nih.gov/api/v1"
  },
  "size_t": 451,
  "size_x": 106,
  "size_y": 106,
  "size_z": 72,
  "snr": 2.011433838049537,
  "spacing_tr": 0.7099999785423279,
  "spacing_x": 2.0,
  "spacing_y": 2.0,
  "spacing_z": 2.0,
  "summary_bg_k": 18.710748587660976,
  "summary_bg_mad": 17.991754363535023,
  "summary_bg_mean": 61.86775207519531,
  "summary_bg_median": 26.370288848876953,
  "summary_bg_n": 519023.0,
  "summary_bg_p05": 12.436806678771973,
  "summary_bg_p95": 256.1629547119137,
  "summary_bg_stdv": 95.63499450683594,
  "summary_fg_k": 1.6145294893578566,
  "summary_fg_mad": 229.563362112785,
  "summary_fg_mean": 590.0198364257812,
  "summary_fg_median": 533.920166015625,
  "summary_fg_n": 180368.0,
  "summary_fg_p05": 265.8997711181641,
  "summary_fg_p95": 1101.647967529297,
  "summary_fg_stdv": 265.44183349609375,
  "tsnr": 31.573790234979242
}