{
  "aor": 0.00035880308880308884,
  "aqi": 0.00637409083011583,
  "bids_meta": {
    "AcquisitionMatrixPE": 106,
    "AcquisitionNumber": 1,
    "AcquisitionTime": "12:54:0.930000",
    "BandwidthPerPixelPhaseEncode": 16.551,
    "BaseResolution": 106,
    "BodyPartExamined": "HEAD",
    "CoilCombinationMethod": "Sum of Squares",
    "ConsistencyInfo": "N4_VE11C_LATEST_20160120",
    "ConversionSoftware": "dcm2niix",
    "ConversionSoftwareVersion": "v1.0.20211006",
    "Dcm2bidsVersion": "2.1.6",
    "DerivedVendorReportedEchoSpacing": 0.000569994,
    "DeviceSerialNumber": "66014",
    "DwellTime": 2e-06,
    "EchoTime": 0.03,
    "EchoTrainLength": 93,
    "EffectiveEchoSpacing": 0.000569994,
    "FlipAngle": 54,
    "ImageOrientationPatientDICOM": [
      0.999944,
      0.00047802,
      0.0105366,
      3.58002e-08,
      0.998972,
      -0.0453243
    ],
    "ImageOrientationText": "Tra>Cor(-2.6)>Sag(0.6)",
    "ImageType": [
      "ORIGINAL",
      "PRIMARY",
      "M",
      "ND",
      "MOSAIC"
    ],
    "ImagingFrequency": 123.259,
    "InPlanePhaseEncodingDirectionDICOM": "COL",
    "InstitutionAddress": "Yiheyuan Road 5,Beijing  0FCA35,Haidian,CN,100871",
    "InstitutionName": "CMR of Peking Univeristy",
    "InstitutionalDepartmentName": "Department",
    "MRAcquisitionType": "2D",
    "MagneticFieldStrength": 3,
    "Manufacturer": "Siemens",
    "ManufacturersModelName": "Prisma",
    "Modality": "MR",
    "MultibandAccelerationFactor": 8,
    "PartialFourier": 0.875,
    "PatientPosition": "HFS",
    "PercentPhaseFOV": 100,
    "PercentSampling": 100,
    "PhaseEncodingDirection": "j-",
    "PhaseEncodingSteps": 93,
    "PhaseResolution": 1,
    "PixelBandwidth": 2360,
    "ProcedureStepDescription": "Research^Projects_64CH",
    "ProtocolName": "fMRI_run2_AP",
    "PulseSequenceDetails": "%SiemensSeq%\\ep2d_bold",
    "ReceiveCoilActiveElements": "HC1-7;NC1,2",
    "ReceiveCoilName": "HeadNeck_64",
    "ReconMatrixPE": 106,
    "RefLinesPE": 32,
    "RepetitionTime": 0.71,
    "SAR": 0.120885,
    "ScanOptions": "PFP\\FS",
    "ScanningSequence": "EP",
    "SequenceName": "*epfid2d1_106",
    "SequenceVariant": "SK",
    "SeriesDescription": "fMRI_run2_AP",
    "SeriesNumber": 6,
    "ShimSetting": [
      -3443,
      -2148,
      -1898,
      271,
      54,
      -159,
      107,
      33
    ],
    "SliceThickness": 2,
    "SliceTiming": [
      0.3075,
      0,
      0.3825,
      0.0775,
      0.46,
      0.155,
      0.5375,
      0.23,
      0.6125,
      0.3075,
      0,
      0.3825,
      0.0775,
      0.46,
      0.155,
      0.5375,
      0.23,
      0.6125,
      0.3075,
      0,
      0.3825,
      0.0775,
      0.46,
      0.155,
      0.5375,
      0.23,
      0.6125,
      0.3075,
      0,
      0.3825,
      0.0775,
      0.46,
      0.155,
      0.5375,
      0.23,
      0.6125,
      0.3075,
      0,
      0.3825,
      0.0775,
      0.46,
      0.155,
      0.5375,
      0.23,
      0.6125,
      0.3075,
      0,
      0.3825,
      0.0775,
      0.46,
      0.155,
      0.5375,
      0.23,
      0.6125,
      0.3075,
      0,
      0.3825,
      0.0775,
      0.46,
      0.155,
      0.5375,
      0.23,
      0.6125,
      0.3075,
      0,
      0.3825,
      0.0775,
      0.46,
      0.155,
      0.5375,
      0.23,
      0.6125
    ],
    "SoftwareVersions": "syngo MR E11",
    "SpacingBetweenSlices": 2,
    "StationName": "AWP66014",
    "TaskName": "Chinese-RDR",
    "TotalReadoutTime": 0.0598493,
    "TxRefAmp": 273.238,
    "dataset": "ds004078",
    "modality": "bold",
    "run_id": 32,
    "subject_id": "03",
    "task_id": "RDR"
  },
  "dummy_trs": 2,
  "dvars_nstd": 45.961466245183786,
  "dvars_std": 1.0704650142553187,
  "dvars_vstd": 1.0040272473307537,
  "efc": 0.55326311101767,
  "fber": 415.98455810546875,
  "fd_mean": 0.06648008614482806,
  "fd_num": 0,
  "fd_perc": 0.0,
  "fwhm_avg": 3.442565,
  "fwhm_x": 3.142785,
  "fwhm_y": 3.55189,
  "fwhm_z": 3.63302,
  "gcor": 0.0044761,
  "gsr_x": -0.0003692640457302332,
  "gsr_y": 0.07338639348745346,
  "provenance": {
    "md5sum": "2568d3803405ced70461736e024ebd7f",
    "settings": {
      "fd_thres": 0.2,
      "testing": false
    },
    "software": "mriqc",
    "version": "23.0.1",
    "webapi_port": null,
    "webapi_url": "https://mriqc.nimh.nih.gov/api/v1"
  },
  "size_t": 518,
  "size_x": 106,
  "size_y": 106,
  "size_z": 72,
  "snr": 2.110971267859236,
  "spacing_tr": 0.7099999785423279,
  "spacing_x": 2.0,
  "spacing_y": 2.0,
  "spacing_z": 2.0,
  "summary_bg_k": 19.109870352028903,
  "summary_bg_mad": 15.787708123442837,
  "summary_bg_mean": 55.474300384521484,
  "summary_bg_median": 24.444015502929688,
  "summary_bg_n": 518814.0,
  "summary_bg_p05": 12.27606201171875,
  "summary_bg_p95": 223.36746902465816,
  "summary_bg_stdv": 84.7791976928711,
  "summary_fg_k": 1.8504226924529066,
  "summary_fg_mad": 210.1088230286602,
  "summary_fg_mean": 558.2941284179688,
  "summary_fg_median": 509.9884033203125,
  "summary_fg_n": 181219.0,
  "summary_fg_p05": 259.6810729980469,
  "summary_fg_p95": 1015.8283752441406,
  "summary_fg_stdv": 241.5887908935547,
  "tsnr": 30.977652113884687
}