{
  "aor": 0.0005021052631578948,
  "aqi": 0.006450051031578947,
  "bids_meta": {
    "AcquisitionMatrixPE": 106,
    "AcquisitionNumber": 1,
    "AcquisitionTime": "13:19:47.672500",
    "BandwidthPerPixelPhaseEncode": 16.551,
    "BaseResolution": 106,
    "BodyPartExamined": "HEAD",
    "CoilCombinationMethod": "Sum of Squares",
    "ConsistencyInfo": "N4_VE11C_LATEST_20160120",
    "ConversionSoftware": "dcm2niix",
    "ConversionSoftwareVersion": "v1.0.20211006",
    "Dcm2bidsVersion": "2.1.6",
    "DerivedVendorReportedEchoSpacing": 0.000569994,
    "DeviceSerialNumber": "66014",
    "DwellTime": 2e-06,
    "EchoTime": 0.03,
    "EchoTrainLength": 93,
    "EffectiveEchoSpacing": 0.000569994,
    "FlipAngle": 54,
    "ImageOrientationPatientDICOM": [
      0.998326,
      -0.0288829,
      0.0501002,
      0.0278858,
      0.999401,
      0.0204886
    ],
    "ImageOrientationText": "Tra>Sag(2.9)>Cor(1.1)",
    "ImageType": [
      "ORIGINAL",
      "PRIMARY",
      "M",
      "ND",
      "MOSAIC"
    ],
    "ImagingFrequency": 123.259,
    "InPlanePhaseEncodingDirectionDICOM": "COL",
    "InstitutionAddress": "Yiheyuan Road 5,Beijing  0FCA35,Haidian,CN,100871",
    "InstitutionName": "CMR of Peking Univeristy",
    "InstitutionalDepartmentName": "Department",
    "MRAcquisitionType": "2D",
    "MagneticFieldStrength": 3,
    "Manufacturer": "Siemens",
    "ManufacturersModelName": "Prisma",
    "Modality": "MR",
    "MultibandAccelerationFactor": 8,
    "PartialFourier": 0.875,
    "PatientPosition": "HFS",
    "PercentPhaseFOV": 100,
    "PercentSampling": 100,
    "PhaseEncodingDirection": "j-",
    "PhaseEncodingSteps": 93,
    "PhaseResolution": 1,
    "PixelBandwidth": 2360,
    "ProcedureStepDescription": "Research^Projects_64CH",
    "ProtocolName": "fMRI_run5_AP",
    "PulseSequenceDetails": "%SiemensSeq%\\ep2d_bold",
    "ReceiveCoilActiveElements": "HC1-7;NC1,2",
    "ReceiveCoilName": "HeadNeck_64",
    "ReconMatrixPE": 106,
    "RefLinesPE": 32,
    "RepetitionTime": 0.71,
    "SAR": 0.112749,
    "ScanOptions": "PFP\\FS",
    "ScanningSequence": "EP",
    "SequenceName": "*epfid2d1_106",
    "SequenceVariant": "SK",
    "SeriesDescription": "fMRI_run5_AP",
    "SeriesNumber": 9,
    "ShimSetting": [
      -3437,
      -2158,
      -1886,
      293,
      35,
      -195,
      162,
      14
    ],
    "SliceThickness": 2,
    "SliceTiming": [
      0.3075,
      0,
      0.3825,
      0.0775,
      0.46,
      0.1525,
      0.5375,
      0.23,
      0.6125,
      0.3075,
      0,
      0.3825,
      0.0775,
      0.46,
      0.1525,
      0.5375,
      0.23,
      0.6125,
      0.3075,
      0,
      0.3825,
      0.0775,
      0.46,
      0.1525,
      0.5375,
      0.23,
      0.6125,
      0.3075,
      0,
      0.3825,
      0.0775,
      0.46,
      0.1525,
      0.5375,
      0.23,
      0.6125,
      0.3075,
      0,
      0.3825,
      0.0775,
      0.46,
      0.1525,
      0.5375,
      0.23,
      0.6125,
      0.3075,
      0,
      0.3825,
      0.0775,
      0.46,
      0.1525,
      0.5375,
      0.23,
      0.6125,
      0.3075,
      0,
      0.3825,
      0.0775,
      0.46,
      0.1525,
      0.5375,
      0.23,
      0.6125,
      0.3075,
      0,
      0.3825,
      0.0775,
      0.46,
      0.1525,
      0.5375,
      0.23,
      0.6125
    ],
    "SoftwareVersions": "syngo MR E11",
    "SpacingBetweenSlices": 2,
    "StationName": "AWP66014",
    "TaskName": "Chinese-RDR",
    "TotalReadoutTime": 0.0598493,
    "TxRefAmp": 258.5,
    "dataset": "ds004078",
    "modality": "bold",
    "run_id": 15,
    "subject_id": "03",
    "task_id": "RDR"
  },
  "dummy_trs": 1,
  "dvars_nstd": 42.9789823701688,
  "dvars_std": 1.0373006367932498,
  "dvars_vstd": 1.0062112266877632,
  "efc": 0.5534175499617978,
  "fber": 411.3236389160156,
  "fd_mean": 0.0780282700651183,
  "fd_num": 2,
  "fd_perc": 0.42105263157894735,
  "fwhm_avg": 3.4055816666666665,
  "fwhm_x": 3.09167,
  "fwhm_y": 3.56299,
  "fwhm_z": 3.562085,
  "gcor": 0.00602697,
  "gsr_x": -0.0011110370978713036,
  "gsr_y": 0.06951311975717545,
  "provenance": {
    "md5sum": "17f8994771a593531ba02c5b3c3b07dc",
    "settings": {
      "fd_thres": 0.2,
      "testing": false
    },
    "software": "mriqc",
    "version": "23.0.1",
    "webapi_port": null,
    "webapi_url": "https://mriqc.nimh.nih.gov/api/v1"
  },
  "size_t": 475,
  "size_x": 106,
  "size_y": 106,
  "size_z": 72,
  "snr": 2.1421166634837014,
  "spacing_tr": 0.7099999785423279,
  "spacing_x": 2.0,
  "spacing_y": 2.0,
  "spacing_z": 2.0,
  "summary_bg_k": 18.083986663582756,
  "summary_bg_mad": 16.333592810788748,
  "summary_bg_mean": 58.190494537353516,
  "summary_bg_median": 25.063156127929688,
  "summary_bg_n": 524018.0,
  "summary_bg_p05": 12.4399995803833,
  "summary_bg_p95": 238.09714813232415,
  "summary_bg_stdv": 89.78492736816406,
  "summary_fg_k": 1.5580696676484793,
  "summary_fg_mad": 213.2403270400768,
  "summary_fg_mean": 565.6117553710938,
  "summary_fg_median": 516.429443359375,
  "summary_fg_n": 178120.0,
  "summary_fg_p05": 266.0,
  "summary_fg_p95": 1023.3411102294922,
  "summary_fg_stdv": 241.08303833007812,
  "tsnr": 31.68901853263378
}