{
  "aor": 0.0005604889589905362,
  "aqi": 0.008116240425867506,
  "bids_meta": {
    "AcquisitionMatrixPE": 106,
    "AcquisitionNumber": 1,
    "AcquisitionTime": "11:25:59.052500",
    "BandwidthPerPixelPhaseEncode": 16.551,
    "BaseResolution": 106,
    "BodyPartExamined": "HEAD",
    "CoilCombinationMethod": "Sum of Squares",
    "ConsistencyInfo": "N4_VE11C_LATEST_20160120",
    "ConversionSoftware": "dcm2niix",
    "ConversionSoftwareVersion": "v1.0.20211006",
    "Dcm2bidsVersion": "2.1.6",
    "DerivedVendorReportedEchoSpacing": 0.000569994,
    "DeviceSerialNumber": "66014",
    "DwellTime": 2e-06,
    "EchoTime": 0.03,
    "EchoTrainLength": 93,
    "EffectiveEchoSpacing": 0.000569994,
    "FlipAngle": 54,
    "ImageOrientationPatientDICOM": [
      0.999771,
      -0.0127882,
      0.0171409,
      0.0122152,
      0.999376,
      0.0331308
    ],
    "ImageOrientationText": "Tra>Cor(1.9)>Sag(1.0)",
    "ImageType": [
      "ORIGINAL",
      "PRIMARY",
      "M",
      "ND",
      "MOSAIC"
    ],
    "ImagingFrequency": 123.259,
    "InPlanePhaseEncodingDirectionDICOM": "COL",
    "InstitutionAddress": "Yiheyuan Road 5,Beijing  0FCA35,Haidian,CN,100871",
    "InstitutionName": "CMR of Peking Univeristy",
    "InstitutionalDepartmentName": "Department",
    "MRAcquisitionType": "2D",
    "MagneticFieldStrength": 3,
    "Manufacturer": "Siemens",
    "ManufacturersModelName": "Prisma",
    "Modality": "MR",
    "MultibandAccelerationFactor": 8,
    "PartialFourier": 0.875,
    "PatientPosition": "HFS",
    "PercentPhaseFOV": 100,
    "PercentSampling": 100,
    "PhaseEncodingDirection": "j-",
    "PhaseEncodingSteps": 93,
    "PhaseResolution": 1,
    "PixelBandwidth": 2360,
    "ProcedureStepDescription": "Research^Projects_64CH",
    "ProtocolName": "fMRI_Rest2_AP",
    "PulseSequenceDetails": "%SiemensSeq%\\ep2d_bold",
    "ReceiveCoilActiveElements": "HC1-7;NC1,2",
    "ReceiveCoilName": "HeadNeck_64",
    "ReconMatrixPE": 106,
    "RefLinesPE": 32,
    "RepetitionTime": 0.71,
    "SAR": 0.112967,
    "ScanOptions": "PFP\\FS",
    "ScanningSequence": "EP",
    "SequenceName": "*epfid2d1_106",
    "SequenceVariant": "SK",
    "SeriesDescription": "fMRI_Rest2_AP",
    "SeriesNumber": 21,
    "ShimSetting": [
      -3452,
      -2163,
      -1892,
      353,
      13,
      -114,
      167,
      22
    ],
    "SliceThickness": 2,
    "SliceTiming": [
      0.3075,
      0,
      0.385,
      0.0775,
      0.46,
      0.155,
      0.5375,
      0.23,
      0.615,
      0.3075,
      0,
      0.385,
      0.0775,
      0.46,
      0.155,
      0.5375,
      0.23,
      0.615,
      0.3075,
      0,
      0.385,
      0.0775,
      0.46,
      0.155,
      0.5375,
      0.23,
      0.615,
      0.3075,
      0,
      0.385,
      0.0775,
      0.46,
      0.155,
      0.5375,
      0.23,
      0.615,
      0.3075,
      0,
      0.385,
      0.0775,
      0.46,
      0.155,
      0.5375,
      0.23,
      0.615,
      0.3075,
      0,
      0.385,
      0.0775,
      0.46,
      0.155,
      0.5375,
      0.23,
      0.615,
      0.3075,
      0,
      0.385,
      0.0775,
      0.46,
      0.155,
      0.5375,
      0.23,
      0.615,
      0.3075,
      0,
      0.385,
      0.0775,
      0.46,
      0.155,
      0.5375,
      0.23,
      0.615
    ],
    "SoftwareVersions": "syngo MR E11",
    "SpacingBetweenSlices": 2,
    "StationName": "AWP66014",
    "TaskName": "rest",
    "TotalReadoutTime": 0.0598493,
    "TxRefAmp": 261.063,
    "dataset": "ds004078",
    "modality": "bold",
    "run_id": 3,
    "subject_id": "03",
    "task_id": "rest"
  },
  "dummy_trs": 0,
  "dvars_nstd": 47.454560935244814,
  "dvars_std": 1.0719018872511843,
  "dvars_vstd": 1.0025650594628763,
  "efc": 0.560077499963761,
  "fber": 388.817626953125,
  "fd_mean": 0.0763703526198519,
  "fd_num": 0,
  "fd_perc": 0.0,
  "fwhm_avg": 3.313451666666667,
  "fwhm_x": 2.97843,
  "fwhm_y": 3.462135,
  "fwhm_z": 3.49979,
  "gcor": 0.0165403,
  "gsr_x": 0.002335570752620697,
  "gsr_y": 0.07223661243915558,
  "provenance": {
    "md5sum": "2cedf846c2e776ab532da4ef551f7bae",
    "settings": {
      "fd_thres": 0.2,
      "testing": false
    },
    "software": "mriqc",
    "version": "23.0.1",
    "webapi_port": null,
    "webapi_url": "https://mriqc.nimh.nih.gov/api/v1"
  },
  "size_t": 634,
  "size_x": 106,
  "size_y": 106,
  "size_z": 72,
  "snr": 2.1637565046739584,
  "spacing_tr": 0.7099999785423279,
  "spacing_x": 2.0,
  "spacing_y": 2.0,
  "spacing_z": 2.0,
  "summary_bg_k": 17.346229057868896,
  "summary_bg_mad": 16.682784306777283,
  "summary_bg_mean": 56.629478454589844,
  "summary_bg_median": 24.889591217041016,
  "summary_bg_n": 516413.0,
  "summary_bg_p05": 11.670347213745117,
  "summary_bg_p95": 231.740698242187,
  "summary_bg_stdv": 85.92626953125,
  "summary_fg_k": 1.5464308670646698,
  "summary_fg_mad": 205.7005156326879,
  "summary_fg_mean": 545.3771362304688,
  "summary_fg_median": 500.7555236816406,
  "summary_fg_n": 183209.0,
  "summary_fg_p05": 256.1558471679688,
  "summary_fg_p95": 982.9587158203126,
  "summary_fg_stdv": 231.4281463623047,
  "tsnr": 29.395359596936032
}