{
  "aor": 0.0003230110935023772,
  "aqi": 0.006015850206022187,
  "bids_meta": {
    "AcquisitionMatrixPE": 106,
    "AcquisitionNumber": 1,
    "AcquisitionTime": "11:03:32.470000",
    "BandwidthPerPixelPhaseEncode": 16.551,
    "BaseResolution": 106,
    "BodyPartExamined": "HEAD",
    "CoilCombinationMethod": "Sum of Squares",
    "ConsistencyInfo": "N4_VE11C_LATEST_20160120",
    "ConversionSoftware": "dcm2niix",
    "ConversionSoftwareVersion": "v1.0.20211006",
    "Dcm2bidsVersion": "2.1.6",
    "DerivedVendorReportedEchoSpacing": 0.000569994,
    "DeviceSerialNumber": "66014",
    "DwellTime": 2e-06,
    "EchoTime": 0.03,
    "EchoTrainLength": 93,
    "EffectiveEchoSpacing": 0.000569994,
    "FlipAngle": 54,
    "ImageOrientationPatientDICOM": [
      0.999771,
      -0.0127882,
      0.0171409,
      0.0122152,
      0.999376,
      0.0331308
    ],
    "ImageOrientationText": "Tra>Cor(1.9)>Sag(1.0)",
    "ImageType": [
      "ORIGINAL",
      "PRIMARY",
      "M",
      "ND",
      "MOSAIC"
    ],
    "ImagingFrequency": 123.259,
    "InPlanePhaseEncodingDirectionDICOM": "COL",
    "InstitutionAddress": "Yiheyuan Road 5,Beijing  0FCA35,Haidian,CN,100871",
    "InstitutionName": "CMR of Peking Univeristy",
    "InstitutionalDepartmentName": "Department",
    "MRAcquisitionType": "2D",
    "MagneticFieldStrength": 3,
    "Manufacturer": "Siemens",
    "ManufacturersModelName": "Prisma",
    "Modality": "MR",
    "MultibandAccelerationFactor": 8,
    "PartialFourier": 0.875,
    "PatientPosition": "HFS",
    "PercentPhaseFOV": 100,
    "PercentSampling": 100,
    "PhaseEncodingDirection": "j",
    "PhaseEncodingSteps": 93,
    "PhaseResolution": 1,
    "PixelBandwidth": 2360,
    "ProcedureStepDescription": "Research^Projects_64CH",
    "ProtocolName": "fMRI_Rest1_PA",
    "PulseSequenceDetails": "%SiemensSeq%\\ep2d_bold",
    "ReceiveCoilActiveElements": "HC1-7;NC1,2",
    "ReceiveCoilName": "HeadNeck_64",
    "ReconMatrixPE": 106,
    "RefLinesPE": 32,
    "RepetitionTime": 0.71,
    "SAR": 0.112967,
    "ScanOptions": "PFP\\FS",
    "ScanningSequence": "EP",
    "SequenceName": "*epfid2d1_106",
    "SequenceVariant": "SK",
    "SeriesDescription": "fMRI_Rest1_PA",
    "SeriesNumber": 6,
    "ShimSetting": [
      -3452,
      -2163,
      -1892,
      353,
      13,
      -114,
      167,
      22
    ],
    "SliceThickness": 2,
    "SliceTiming": [
      0.3075,
      0,
      0.385,
      0.0775,
      0.46,
      0.155,
      0.5375,
      0.23,
      0.615,
      0.3075,
      0,
      0.385,
      0.0775,
      0.46,
      0.155,
      0.5375,
      0.23,
      0.615,
      0.3075,
      0,
      0.385,
      0.0775,
      0.46,
      0.155,
      0.5375,
      0.23,
      0.615,
      0.3075,
      0,
      0.385,
      0.0775,
      0.46,
      0.155,
      0.5375,
      0.23,
      0.615,
      0.3075,
      0,
      0.385,
      0.0775,
      0.46,
      0.155,
      0.5375,
      0.23,
      0.615,
      0.3075,
      0,
      0.385,
      0.0775,
      0.46,
      0.155,
      0.5375,
      0.23,
      0.615,
      0.3075,
      0,
      0.385,
      0.0775,
      0.46,
      0.155,
      0.5375,
      0.23,
      0.615,
      0.3075,
      0,
      0.385,
      0.0775,
      0.46,
      0.155,
      0.5375,
      0.23,
      0.615
    ],
    "SoftwareVersions": "syngo MR E11",
    "SpacingBetweenSlices": 2,
    "StationName": "AWP66014",
    "TaskName": "rest",
    "TotalReadoutTime": 0.0598493,
    "TxRefAmp": 261.063,
    "dataset": "ds004078",
    "modality": "bold",
    "run_id": 2,
    "subject_id": "03",
    "task_id": "rest"
  },
  "dummy_trs": 3,
  "dvars_nstd": 46.28626091371426,
  "dvars_std": 1.0884136232222215,
  "dvars_vstd": 1.0048999227142845,
  "efc": 0.5513876954674671,
  "fber": 477.9818115234375,
  "fd_mean": 0.059300141825203836,
  "fd_num": 0,
  "fd_perc": 0.0,
  "fwhm_avg": 3.3105016666666667,
  "fwhm_x": 3.022535,
  "fwhm_y": 3.403955,
  "fwhm_z": 3.505015,
  "gcor": 0.0097178,
  "gsr_x": -0.0001779052836354822,
  "gsr_y": 0.08517789840698242,
  "provenance": {
    "md5sum": "f6bbeb3335e39e1d8ce074fbfaaf2a42",
    "settings": {
      "fd_thres": 0.2,
      "testing": false
    },
    "software": "mriqc",
    "version": "23.0.1",
    "webapi_port": null,
    "webapi_url": "https://mriqc.nimh.nih.gov/api/v1"
  },
  "size_t": 631,
  "size_x": 106,
  "size_y": 106,
  "size_z": 72,
  "snr": 2.152937156786873,
  "spacing_tr": 0.7099999785423279,
  "spacing_x": 2.0,
  "spacing_y": 2.0,
  "spacing_z": 2.0,
  "summary_bg_k": 21.037175689576426,
  "summary_bg_mad": 13.641822054531387,
  "summary_bg_mean": 53.04367446899414,
  "summary_bg_median": 22.675119400024414,
  "summary_bg_n": 513937.0,
  "summary_bg_p05": 12.028526306152344,
  "summary_bg_p95": 215.26150207519495,
  "summary_bg_stdv": 83.20857238769531,
  "summary_fg_k": 1.1235945498363176,
  "summary_fg_mad": 221.6795723311838,
  "summary_fg_mean": 556.1751708984375,
  "summary_fg_median": 512.30908203125,
  "summary_fg_n": 179030.0,
  "summary_fg_p05": 253.35499572753906,
  "summary_fg_p95": 999.2566162109372,
  "summary_fg_stdv": 237.95755004882812,
  "tsnr": 32.0887028996367
}