{
  "bids_meta": {
    "AcquisitionMatrixPE": 300,
    "AcquisitionNumber": 1,
    "AcquisitionTime": "19:27:8.682500",
    "BaseResolution": 320,
    "BodyPartExamined": "HEAD",
    "CoilCombinationMethod": "Adaptive Combine",
    "ConsistencyInfo": "N4_VE11C_LATEST_20160120",
    "ConversionSoftware": "dcm2niix",
    "ConversionSoftwareVersion": "v1.0.20211006",
    "Dcm2bidsVersion": "2.1.6",
    "DeviceSerialNumber": "66014",
    "DwellTime": 2.1e-06,
    "EchoTime": 0.563,
    "EchoTrainLength": 314,
    "FlipAngle": 120,
    "ImageOrientationPatientDICOM": [
      -0.022528,
      0.999258,
      -0.0312339,
      0.0128561,
      -0.0309497,
      -0.999438
    ],
    "ImageOrientationText": "Sag>Cor(-1.3)>Tra(-0.7)",
    "ImageType": [
      "ORIGINAL",
      "PRIMARY",
      "M",
      "ND"
    ],
    "ImagingFrequency": 123.259,
    "InPlanePhaseEncodingDirectionDICOM": "ROW",
    "InstitutionAddress": "Yiheyuan Road 5,Beijing  0FCA35,Haidian,CN,100871",
    "InstitutionName": "CMR of Peking Univeristy",
    "InstitutionalDepartmentName": "Department",
    "MRAcquisitionType": "3D",
    "MagneticFieldStrength": 3,
    "Manufacturer": "Siemens",
    "ManufacturersModelName": "Prisma",
    "MatrixCoilMode": "GRAPPA",
    "Modality": "MR",
    "ParallelReductionFactorInPlane": 2,
    "PartialFourier": 1,
    "PatientPosition": "HFS",
    "PercentPhaseFOV": 93.75,
    "PercentSampling": 100,
    "PhaseEncodingDirection": "i",
    "PhaseEncodingSteps": 297,
    "PhaseResolution": 1,
    "PixelBandwidth": 745,
    "ProcedureStepDescription": "Research^Projects_64CH",
    "ProtocolName": "T2w_SPC",
    "PulseSequenceDetails": "%SiemensSeq%\\tse_vfl",
    "ReceiveCoilActiveElements": "HC1-7;NC1,2",
    "ReceiveCoilName": "HeadNeck_64",
    "ReconMatrixPE": 300,
    "RefLinesPE": 32,
    "RepetitionTime": 3.2,
    "SAR": 0.214257,
    "ScanOptions": "PFP",
    "ScanningSequence": "SE",
    "SequenceName": "*spcR_314ns",
    "SequenceVariant": "SK\\SP",
    "SeriesDescription": "T2w_SPC",
    "SeriesNumber": 25,
    "ShimSetting": [
      -3434,
      -2116,
      -1981,
      125,
      5,
      -498,
      -138,
      37
    ],
    "SliceThickness": 0.8,
    "SoftwareVersions": "syngo MR E11",
    "SpoilingState": true,
    "StationName": "AWP66014",
    "TxRefAmp": 251.436,
    "dataset": "ds004078",
    "modality": "T2w",
    "run_id": 1,
    "subject_id": "09"
  },
  "cjv": 0.4294085279518953,
  "cnr": 2.871984465556743,
  "efc": 0.560958161464654,
  "fber": 4606.308620876736,
  "fwhm_avg": 3.738216610962899,
  "fwhm_x": 3.641399945738913,
  "fwhm_y": 3.923999941527845,
  "fwhm_z": 3.6492499456219383,
  "icvs_csf": 0.17999580224700662,
  "icvs_gm": 0.38482640496521653,
  "icvs_wm": 0.43517779278777685,
  "inu_med": 1.0007948875427246,
  "inu_range": 1.0360279262065886,
  "provenance": {
    "md5sum": "52b9258e0715219232e082093cf831ca",
    "settings": {
      "testing": false
    },
    "software": "mriqc",
    "version": "23.0.1",
    "warnings": {
      "large_rot_frame": true,
      "small_air_mask": false
    },
    "webapi_port": null,
    "webapi_url": "https://mriqc.nimh.nih.gov/api/v1"
  },
  "qi_1": 0.0,
  "qi_2": 0.0006188820123138292,
  "rpve_csf": 27.341810083529555,
  "rpve_gm": 11.51174124800146,
  "rpve_wm": 11.394769452349124,
  "size_x": 224,
  "size_y": 300,
  "size_z": 320,
  "snr_csf": 2.2947674855698224,
  "snr_gm": 8.649803500631105,
  "snr_total": 6.453719995944854,
  "snr_wm": 8.416589001633632,
  "snrd_csf": 94.57623626971501,
  "snrd_gm": 46.65470570960767,
  "snrd_total": 56.51140420055081,
  "snrd_wm": 28.30327062232974,
  "spacing_x": 0.800000011920929,
  "spacing_y": 0.800000011920929,
  "spacing_z": 0.800000011920929,
  "summary_bg_k": 10.771113594957477,
  "summary_bg_mad": 0.0,
  "summary_bg_mean": 15.741014232321797,
  "summary_bg_median": 0.0,
  "summary_bg_n": 3885225.0,
  "summary_bg_p05": 0.0,
  "summary_bg_p95": 60.155696868896484,
  "summary_bg_stdv": 23.1490686147357,
  "summary_csf_k": -0.8132892664929008,
  "summary_csf_mad": 1053.5866574507638,
  "summary_csf_mean": 2821.247550826255,
  "summary_csf_median": 3341.8258895874023,
  "summary_csf_n": 131418.0,
  "summary_csf_p05": 164.63198804855347,
  "summary_csf_p95": 4560.332608222961,
  "summary_csf_stdv": 1456.2752854425476,
  "summary_gm_k": 0.9428355073909587,
  "summary_gm_mad": 168.79945576237185,
  "summary_gm_mean": 1661.4581565465505,
  "summary_gm_median": 1648.5314869880676,
  "summary_gm_n": 125535.0,
  "summary_gm_p05": 1371.284495830536,
  "summary_gm_p95": 2004.2462768554688,
  "summary_gm_stdv": 190.5852451828928,
  "summary_wm_k": 0.8820471304359594,
  "summary_wm_mad": 109.64750972598513,
  "summary_wm_mean": 1000.8399823521651,
  "summary_wm_median": 1000.088460445404,
  "summary_wm_n": 548544.0,
  "summary_wm_p05": 807.8556232452393,
  "summary_wm_p95": 1196.3021893501282,
  "summary_wm_stdv": 118.82337947906619,
  "tpm_overlap_csf": 0.13520092690214625,
  "tpm_overlap_gm": 0.3989198806692743,
  "tpm_overlap_wm": 0.4796876361267954,
  "wm2max": 0.21911462573167423
}