{
  "bids_meta": {
    "AcquisitionMatrixPE": 300,
    "AcquisitionNumber": 1,
    "AcquisitionTime": "19:27:8.682500",
    "BaseResolution": 320,
    "BodyPartExamined": "HEAD",
    "CoilCombinationMethod": "Adaptive Combine",
    "ConsistencyInfo": "N4_VE11C_LATEST_20160120",
    "ConversionSoftware": "dcm2niix",
    "ConversionSoftwareVersion": "v1.0.20211006",
    "Dcm2bidsVersion": "2.1.6",
    "DeviceSerialNumber": "66014",
    "DwellTime": 2.1e-06,
    "EchoTime": 0.563,
    "EchoTrainLength": 314,
    "FlipAngle": 120,
    "ImageOrientationPatientDICOM": [
      -0.022528,
      0.999258,
      -0.0312339,
      0.0128561,
      -0.0309497,
      -0.999438
    ],
    "ImageOrientationText": "Sag>Cor(-1.3)>Tra(-0.7)",
    "ImageType": [
      "ORIGINAL",
      "PRIMARY",
      "M",
      "ND",
      "NORM"
    ],
    "ImagingFrequency": 123.259,
    "InPlanePhaseEncodingDirectionDICOM": "ROW",
    "InstitutionAddress": "Yiheyuan Road 5,Beijing  0FCA35,Haidian,CN,100871",
    "InstitutionName": "CMR of Peking Univeristy",
    "InstitutionalDepartmentName": "Department",
    "MRAcquisitionType": "3D",
    "MagneticFieldStrength": 3,
    "Manufacturer": "Siemens",
    "ManufacturersModelName": "Prisma",
    "MatrixCoilMode": "GRAPPA",
    "Modality": "MR",
    "ParallelReductionFactorInPlane": 2,
    "PartialFourier": 1,
    "PatientPosition": "HFS",
    "PercentPhaseFOV": 93.75,
    "PercentSampling": 100,
    "PhaseEncodingDirection": "i",
    "PhaseEncodingSteps": 297,
    "PhaseResolution": 1,
    "PixelBandwidth": 745,
    "ProcedureStepDescription": "Research^Projects_64CH",
    "ProtocolName": "T2w_SPC",
    "PulseSequenceDetails": "%SiemensSeq%\\tse_vfl",
    "ReceiveCoilActiveElements": "HC1-7;NC1,2",
    "ReceiveCoilName": "HeadNeck_64",
    "ReconMatrixPE": 300,
    "RefLinesPE": 32,
    "RepetitionTime": 3.2,
    "SAR": 0.214257,
    "ScanOptions": "PFP",
    "ScanningSequence": "SE",
    "SequenceName": "*spcR_314ns",
    "SequenceVariant": "SK\\SP",
    "SeriesDescription": "T2w_SPC",
    "SeriesNumber": 26,
    "ShimSetting": [
      -3434,
      -2116,
      -1981,
      125,
      5,
      -498,
      -138,
      37
    ],
    "SliceThickness": 0.8,
    "SoftwareVersions": "syngo MR E11",
    "SpoilingState": true,
    "StationName": "AWP66014",
    "TxRefAmp": 251.436,
    "dataset": "ds004078",
    "modality": "T2w",
    "run_id": 2,
    "subject_id": "09"
  },
  "cjv": 0.43445065672997596,
  "cnr": 3.068408909044847,
  "efc": 0.548430319365931,
  "fber": 7030.103804081632,
  "fwhm_avg": 2.5934291280215613,
  "fwhm_x": 2.530274962295965,
  "fwhm_y": 2.790237458422222,
  "fwhm_z": 2.4597749633464967,
  "icvs_csf": 0.1945860401620776,
  "icvs_gm": 0.35337314266997416,
  "icvs_wm": 0.4520408171679482,
  "inu_med": 0.9622218608856201,
  "inu_range": 0.2691999912261962,
  "provenance": {
    "md5sum": "c50a6216ae511b32d58458f2e059d799",
    "settings": {
      "testing": false
    },
    "software": "mriqc",
    "version": "23.0.1",
    "warnings": {
      "large_rot_frame": true,
      "small_air_mask": false
    },
    "webapi_port": null,
    "webapi_url": "https://mriqc.nimh.nih.gov/api/v1"
  },
  "qi_1": 0.0,
  "qi_2": 0.0015569311757500004,
  "rpve_csf": 25.90368140437416,
  "rpve_gm": 11.939830811524851,
  "rpve_wm": 10.860834048023056,
  "size_x": 224,
  "size_y": 300,
  "size_z": 320,
  "snr_csf": 2.8759664403832765,
  "snr_gm": 10.519000457237292,
  "snr_total": 7.731442827108476,
  "snr_wm": 9.799361583704858,
  "snrd_csf": 177.49665497665003,
  "snrd_gm": 88.50409476302491,
  "snrd_total": 107.68227816678996,
  "snrd_wm": 57.04608476069495,
  "spacing_x": 0.800000011920929,
  "spacing_y": 0.800000011920929,
  "spacing_z": 0.800000011920929,
  "summary_bg_k": 7.695488289620025,
  "summary_bg_mad": 0.0,
  "summary_bg_mean": 6.8880379920144845,
  "summary_bg_median": 0.0,
  "summary_bg_n": 3815735.0,
  "summary_bg_p05": 0.0,
  "summary_bg_p95": 29.278290271759033,
  "summary_bg_stdv": 11.4860171717233,
  "summary_csf_k": 0.557994703147672,
  "summary_csf_mad": 788.5073755856052,
  "summary_csf_mean": 2794.869101144321,
  "summary_csf_median": 3111.9162772595882,
  "summary_csf_n": 131821.0,
  "summary_csf_p05": 244.76650667190552,
  "summary_csf_p95": 3947.152702987194,
  "summary_csf_stdv": 1082.0378256063632,
  "summary_gm_k": 0.5937508121415247,
  "summary_gm_mad": 139.23134639090716,
  "summary_gm_mean": 1558.298078880553,
  "summary_gm_median": 1551.6761886775494,
  "summary_gm_n": 85958.0,
  "summary_gm_p05": 1330.9178800284863,
  "summary_gm_p95": 1811.1550362110138,
  "summary_gm_stdv": 147.51089413658022,
  "summary_wm_k": 0.3018734114657571,
  "summary_wm_mad": 100.38113438159714,
  "summary_wm_mean": 999.4534386343204,
  "summary_wm_median": 1000.1463956832886,
  "summary_wm_n": 479223.0,
  "summary_wm_p05": 831.7962266206741,
  "summary_wm_p95": 1163.885234028101,
  "summary_wm_stdv": 102.06229698039947,
  "tpm_overlap_csf": 0.140326976542035,
  "tpm_overlap_gm": 0.3837256058042102,
  "tpm_overlap_wm": 0.4562795375107838,
  "wm2max": 0.2498354421121919
}