{
  "aor": 0.0008959164733178656,
  "aqi": 0.007063364013921114,
  "bids_meta": {
    "AcquisitionMatrixPE": 106,
    "AcquisitionNumber": 1,
    "AcquisitionTime": "15:30:49.745000",
    "BandwidthPerPixelPhaseEncode": 16.551,
    "BaseResolution": 106,
    "BodyPartExamined": "HEAD",
    "CoilCombinationMethod": "Sum of Squares",
    "ConsistencyInfo": "N4_VE11C_LATEST_20160120",
    "ConversionSoftware": "dcm2niix",
    "ConversionSoftwareVersion": "v1.0.20211006",
    "Dcm2bidsVersion": "2.1.6",
    "DerivedVendorReportedEchoSpacing": 0.000569994,
    "DeviceSerialNumber": "66014",
    "DwellTime": 2e-06,
    "EchoTime": 0.03,
    "EchoTrainLength": 93,
    "EffectiveEchoSpacing": 0.000569994,
    "FlipAngle": 54,
    "ImageOrientationPatientDICOM": [
      0.999346,
      0.0348191,
      -0.00970644,
      -0.034898,
      0.999358,
      -0.00807996
    ],
    "ImageOrientationText": "Tra>Sag(-0.5)>Cor(-0.5)",
    "ImageType": [
      "ORIGINAL",
      "PRIMARY",
      "M",
      "ND",
      "MOSAIC"
    ],
    "ImagingFrequency": 123.26,
    "InPlanePhaseEncodingDirectionDICOM": "COL",
    "InstitutionAddress": "Yiheyuan Road 5,Beijing F259C2,Haidian,CN,100871",
    "InstitutionName": "CMR of Peking Univeristy",
    "InstitutionalDepartmentName": "Department",
    "MRAcquisitionType": "2D",
    "MagneticFieldStrength": 3,
    "Manufacturer": "Siemens",
    "ManufacturersModelName": "Prisma",
    "Modality": "MR",
    "MultibandAccelerationFactor": 8,
    "PartialFourier": 0.875,
    "PatientPosition": "HFS",
    "PercentPhaseFOV": 100,
    "PercentSampling": 100,
    "PhaseEncodingDirection": "j-",
    "PhaseEncodingSteps": 93,
    "PhaseResolution": 1,
    "PixelBandwidth": 2360,
    "ProcedureStepDescription": "Research^Projects_64CH",
    "ProtocolName": "fMRI_run8_AP",
    "PulseSequenceDetails": "%SiemensSeq%\\ep2d_bold",
    "ReceiveCoilActiveElements": "HC1-7;NC1,2",
    "ReceiveCoilName": "HeadNeck_64",
    "ReconMatrixPE": 106,
    "RefLinesPE": 32,
    "RepetitionTime": 0.71,
    "SAR": 0.111543,
    "ScanOptions": "PFP\\FS",
    "ScanningSequence": "EP",
    "SequenceName": "*epfid2d1_106",
    "SequenceVariant": "SK",
    "SeriesDescription": "fMRI_run8_AP",
    "SeriesNumber": 12,
    "ShimSetting": [
      -3475,
      -2124,
      -1886,
      241,
      0,
      -262,
      25,
      60
    ],
    "SliceThickness": 2,
    "SliceTiming": [
      0.3075,
      0,
      0.3825,
      0.0775,
      0.46,
      0.1525,
      0.5375,
      0.23,
      0.6125,
      0.3075,
      0,
      0.3825,
      0.0775,
      0.46,
      0.1525,
      0.5375,
      0.23,
      0.6125,
      0.3075,
      0,
      0.3825,
      0.0775,
      0.46,
      0.1525,
      0.5375,
      0.23,
      0.6125,
      0.3075,
      0,
      0.3825,
      0.0775,
      0.46,
      0.1525,
      0.5375,
      0.23,
      0.6125,
      0.3075,
      0,
      0.3825,
      0.0775,
      0.46,
      0.1525,
      0.5375,
      0.23,
      0.6125,
      0.3075,
      0,
      0.3825,
      0.0775,
      0.46,
      0.1525,
      0.5375,
      0.23,
      0.6125,
      0.3075,
      0,
      0.3825,
      0.0775,
      0.46,
      0.1525,
      0.5375,
      0.23,
      0.6125,
      0.3075,
      0,
      0.3825,
      0.0775,
      0.46,
      0.1525,
      0.5375,
      0.23,
      0.6125
    ],
    "SoftwareVersions": "syngo MR E11",
    "SpacingBetweenSlices": 2,
    "StationName": "AWP66014",
    "TaskName": "Chinese-RDR",
    "TotalReadoutTime": 0.0598493,
    "TxRefAmp": 279.49,
    "dataset": "ds004078",
    "modality": "bold",
    "run_id": 38,
    "subject_id": "12",
    "task_id": "RDR"
  },
  "dummy_trs": 0,
  "dvars_nstd": 48.62906719469768,
  "dvars_std": 1.0555189650000008,
  "dvars_vstd": 1.0125306289999998,
  "efc": 0.5733869444112631,
  "fber": 285.85418701171875,
  "fd_mean": 0.08780771264008047,
  "fd_num": 10,
  "fd_perc": 2.320185614849188,
  "fwhm_avg": 3.2216666666666662,
  "fwhm_x": 2.73697,
  "fwhm_y": 3.45816,
  "fwhm_z": 3.46987,
  "gcor": 0.00910683,
  "gsr_x": 0.031182516366243362,
  "gsr_y": 0.04497451335191727,
  "provenance": {
    "md5sum": "5dbfcd71223dbc0eb41adf7cdccd4bd1",
    "settings": {
      "fd_thres": 0.2,
      "testing": false
    },
    "software": "mriqc",
    "version": "23.0.1",
    "webapi_port": null,
    "webapi_url": "https://mriqc.nimh.nih.gov/api/v1"
  },
  "size_t": 431,
  "size_x": 106,
  "size_y": 106,
  "size_z": 72,
  "snr": 2.137819778163341,
  "spacing_tr": 0.7099999785423279,
  "spacing_x": 2.0,
  "spacing_y": 2.0,
  "spacing_z": 2.0,
  "summary_bg_k": 24.2092688202483,
  "summary_bg_mad": 17.612351646230334,
  "summary_bg_mean": 59.10468292236328,
  "summary_bg_median": 26.714616775512695,
  "summary_bg_n": 510268.0,
  "summary_bg_p05": 12.443155288696289,
  "summary_bg_p95": 227.30776672363274,
  "summary_bg_stdv": 92.74282836914062,
  "summary_fg_k": 1.6421494625061968,
  "summary_fg_mad": 185.96335097611757,
  "summary_fg_mean": 500.753173828125,
  "summary_fg_median": 464.87237548828125,
  "summary_fg_n": 185496.0,
  "summary_fg_p05": 225.22679138183594,
  "summary_fg_p95": 920.8346405029297,
  "summary_fg_stdv": 217.45103454589844,
  "tsnr": 29.141643901763018
}