{
  "aor": 0.0004898394495412845,
  "aqi": 0.0066435419724770635,
  "bids_meta": {
    "AcquisitionMatrixPE": 106,
    "AcquisitionNumber": 1,
    "AcquisitionTime": "15:07:0.372500",
    "BandwidthPerPixelPhaseEncode": 16.551,
    "BaseResolution": 106,
    "BodyPartExamined": "HEAD",
    "CoilCombinationMethod": "Sum of Squares",
    "ConsistencyInfo": "N4_VE11C_LATEST_20160120",
    "ConversionSoftware": "dcm2niix",
    "ConversionSoftwareVersion": "v1.0.20211006",
    "Dcm2bidsVersion": "2.1.6",
    "DerivedVendorReportedEchoSpacing": 0.000569994,
    "DeviceSerialNumber": "66014",
    "DwellTime": 2e-06,
    "EchoTime": 0.03,
    "EchoTrainLength": 93,
    "EffectiveEchoSpacing": 0.000569994,
    "FlipAngle": 54,
    "ImageOrientationPatientDICOM": [
      0.99813,
      0.0605293,
      -0.0085681,
      -0.0610483,
      0.994276,
      -0.087679
    ],
    "ImageOrientationText": "Tra>Cor(-5.1)>Sag(-0.2)",
    "ImageType": [
      "ORIGINAL",
      "PRIMARY",
      "M",
      "ND",
      "MOSAIC"
    ],
    "ImagingFrequency": 123.259,
    "InPlanePhaseEncodingDirectionDICOM": "COL",
    "InstitutionAddress": "Yiheyuan Road 5,Beijing  0FCA35,Haidian,CN,100871",
    "InstitutionName": "CMR of Peking Univeristy",
    "InstitutionalDepartmentName": "Department",
    "MRAcquisitionType": "2D",
    "MagneticFieldStrength": 3,
    "Manufacturer": "Siemens",
    "ManufacturersModelName": "Prisma",
    "Modality": "MR",
    "MultibandAccelerationFactor": 8,
    "PartialFourier": 0.875,
    "PatientPosition": "HFS",
    "PercentPhaseFOV": 100,
    "PercentSampling": 100,
    "PhaseEncodingDirection": "j-",
    "PhaseEncodingSteps": 93,
    "PhaseResolution": 1,
    "PixelBandwidth": 2360,
    "ProcedureStepDescription": "Research^Projects_64CH",
    "ProtocolName": "fMRI_run7_AP",
    "PulseSequenceDetails": "%SiemensSeq%\\ep2d_bold",
    "ReceiveCoilActiveElements": "HC1-7;NC1,2",
    "ReceiveCoilName": "HeadNeck_64",
    "ReconMatrixPE": 106,
    "RefLinesPE": 32,
    "RepetitionTime": 0.71,
    "SAR": 0.0909606,
    "ScanOptions": "PFP\\FS",
    "ScanningSequence": "EP",
    "SequenceName": "*epfid2d1_106",
    "SequenceVariant": "SK",
    "SeriesDescription": "fMRI_run7_AP",
    "SeriesNumber": 11,
    "ShimSetting": [
      -3463,
      -2110,
      -1895,
      314,
      35,
      -338,
      -30,
      40
    ],
    "SliceThickness": 2,
    "SliceTiming": [
      0.3075,
      0,
      0.3825,
      0.0775,
      0.46,
      0.1525,
      0.5375,
      0.23,
      0.6125,
      0.3075,
      0,
      0.3825,
      0.0775,
      0.46,
      0.1525,
      0.5375,
      0.23,
      0.6125,
      0.3075,
      0,
      0.3825,
      0.0775,
      0.46,
      0.1525,
      0.5375,
      0.23,
      0.6125,
      0.3075,
      0,
      0.3825,
      0.0775,
      0.46,
      0.1525,
      0.5375,
      0.23,
      0.6125,
      0.3075,
      0,
      0.3825,
      0.0775,
      0.46,
      0.1525,
      0.5375,
      0.23,
      0.6125,
      0.3075,
      0,
      0.3825,
      0.0775,
      0.46,
      0.1525,
      0.5375,
      0.23,
      0.6125,
      0.3075,
      0,
      0.3825,
      0.0775,
      0.46,
      0.1525,
      0.5375,
      0.23,
      0.6125,
      0.3075,
      0,
      0.3825,
      0.0775,
      0.46,
      0.1525,
      0.5375,
      0.23,
      0.6125
    ],
    "SoftwareVersions": "syngo MR E11",
    "SpacingBetweenSlices": 2,
    "StationName": "AWP66014",
    "TaskName": "Chinese-RDR",
    "TotalReadoutTime": 0.0598493,
    "TxRefAmp": 268.496,
    "dataset": "ds004078",
    "modality": "bold",
    "run_id": 17,
    "subject_id": "12",
    "task_id": "RDR"
  },
  "dummy_trs": 1,
  "dvars_nstd": 46.053509889907986,
  "dvars_std": 1.0299055141379305,
  "dvars_vstd": 1.004605224413793,
  "efc": 0.5767115320072169,
  "fber": 279.42431640625,
  "fd_mean": 0.0855801876021488,
  "fd_num": 2,
  "fd_perc": 0.45871559633027525,
  "fwhm_avg": 3.2442116666666667,
  "fwhm_x": 2.730125,
  "fwhm_y": 3.487495,
  "fwhm_z": 3.515015,
  "gcor": 0.00269404,
  "gsr_x": 0.022760674357414246,
  "gsr_y": 0.049437299370765686,
  "provenance": {
    "md5sum": "b9356aeb2cece373e8ea90eac52ac718",
    "settings": {
      "fd_thres": 0.2,
      "testing": false
    },
    "software": "mriqc",
    "version": "23.0.1",
    "webapi_port": null,
    "webapi_url": "https://mriqc.nimh.nih.gov/api/v1"
  },
  "size_t": 436,
  "size_x": 106,
  "size_y": 106,
  "size_z": 72,
  "snr": 2.1194637923510844,
  "spacing_tr": 0.7099999785423279,
  "spacing_x": 2.0,
  "spacing_y": 2.0,
  "spacing_z": 2.0,
  "summary_bg_k": 23.25625560067613,
  "summary_bg_mad": 18.376107213559695,
  "summary_bg_mean": 61.820945739746094,
  "summary_bg_median": 27.39908218383789,
  "summary_bg_n": 507946.0,
  "summary_bg_p05": 12.58027458190918,
  "summary_bg_p95": 238.37384033203125,
  "summary_bg_stdv": 95.37615966796875,
  "summary_fg_k": 1.6768114090174011,
  "summary_fg_mad": 191.10610479884437,
  "summary_fg_mean": 508.7011413574219,
  "summary_fg_median": 471.27520751953125,
  "summary_fg_n": 186585.0,
  "summary_fg_p05": 228.8857635498047,
  "summary_fg_p95": 935.7990356445312,
  "summary_fg_stdv": 222.3552703857422,
  "tsnr": 29.35157523723319
}