{
  "aor": 0.0010200497512437808,
  "aqi": 0.008130642512437811,
  "bids_meta": {
    "AcquisitionMatrixPE": 106,
    "AcquisitionNumber": 1,
    "AcquisitionTime": "15:47:18.520000",
    "BandwidthPerPixelPhaseEncode": 16.551,
    "BaseResolution": 106,
    "BodyPartExamined": "HEAD",
    "CoilCombinationMethod": "Sum of Squares",
    "ConsistencyInfo": "N4_VE11C_LATEST_20160120",
    "ConversionSoftware": "dcm2niix",
    "ConversionSoftwareVersion": "v1.0.20211006",
    "Dcm2bidsVersion": "2.1.6",
    "DerivedVendorReportedEchoSpacing": 0.000569994,
    "DeviceSerialNumber": "66014",
    "DwellTime": 2e-06,
    "EchoTime": 0.03,
    "EchoTrainLength": 93,
    "EffectiveEchoSpacing": 0.000569994,
    "FlipAngle": 54,
    "ImageOrientationPatientDICOM": [
      0.998438,
      0.0477642,
      0.0289982,
      -0.0470851,
      0.99861,
      -0.0236679
    ],
    "ImageOrientationText": "Tra>Sag(1.7)>Cor(-1.3)",
    "ImageType": [
      "ORIGINAL",
      "PRIMARY",
      "M",
      "ND",
      "MOSAIC"
    ],
    "ImagingFrequency": 123.259,
    "InPlanePhaseEncodingDirectionDICOM": "COL",
    "InstitutionAddress": "Yiheyuan Road 5,Beijing F259C2,Haidian,CN,100871",
    "InstitutionName": "CMR of Peking Univeristy",
    "InstitutionalDepartmentName": "Department",
    "MRAcquisitionType": "2D",
    "MagneticFieldStrength": 3,
    "Manufacturer": "Siemens",
    "ManufacturersModelName": "Prisma",
    "Modality": "MR",
    "MultibandAccelerationFactor": 8,
    "PartialFourier": 0.875,
    "PatientPosition": "HFS",
    "PercentPhaseFOV": 100,
    "PercentSampling": 100,
    "PhaseEncodingDirection": "j-",
    "PhaseEncodingSteps": 93,
    "PhaseResolution": 1,
    "PixelBandwidth": 2360,
    "ProcedureStepDescription": "Research^Projects_64CH",
    "ProtocolName": "fMRI_run10_AP",
    "PulseSequenceDetails": "%SiemensSeq%\\ep2d_bold",
    "ReceiveCoilActiveElements": "HC1-7;NC1,2",
    "ReceiveCoilName": "HeadNeck_64",
    "ReconMatrixPE": 106,
    "RefLinesPE": 32,
    "RepetitionTime": 0.71,
    "SAR": 0.0927101,
    "ScanOptions": "PFP\\FS",
    "ScanningSequence": "EP",
    "SequenceName": "*epfid2d1_106",
    "SequenceVariant": "SK",
    "SeriesDescription": "fMRI_run10_AP",
    "SeriesNumber": 14,
    "ShimSetting": [
      -3460,
      -2107,
      -1891,
      301,
      24,
      -314,
      -30,
      52
    ],
    "SliceThickness": 2,
    "SliceTiming": [
      0.3075,
      0,
      0.385,
      0.0775,
      0.46,
      0.155,
      0.5375,
      0.23,
      0.615,
      0.3075,
      0,
      0.385,
      0.0775,
      0.46,
      0.155,
      0.5375,
      0.23,
      0.615,
      0.3075,
      0,
      0.385,
      0.0775,
      0.46,
      0.155,
      0.5375,
      0.23,
      0.615,
      0.3075,
      0,
      0.385,
      0.0775,
      0.46,
      0.155,
      0.5375,
      0.23,
      0.615,
      0.3075,
      0,
      0.385,
      0.0775,
      0.46,
      0.155,
      0.5375,
      0.23,
      0.615,
      0.3075,
      0,
      0.385,
      0.0775,
      0.46,
      0.155,
      0.5375,
      0.23,
      0.615,
      0.3075,
      0,
      0.385,
      0.0775,
      0.46,
      0.155,
      0.5375,
      0.23,
      0.615,
      0.3075,
      0,
      0.385,
      0.0775,
      0.46,
      0.155,
      0.5375,
      0.23,
      0.615
    ],
    "SoftwareVersions": "syngo MR E11",
    "SpacingBetweenSlices": 2,
    "StationName": "AWP66014",
    "TaskName": "Chinese-RDR",
    "TotalReadoutTime": 0.0598493,
    "TxRefAmp": 267.053,
    "dataset": "ds004078",
    "modality": "bold",
    "run_id": 50,
    "subject_id": "12",
    "task_id": "RDR"
  },
  "dummy_trs": 1,
  "dvars_nstd": 46.66540862201995,
  "dvars_std": 1.0468690015710724,
  "dvars_vstd": 1.0183665692768082,
  "efc": 0.5749317728262839,
  "fber": 298.65496826171875,
  "fd_mean": 0.099830044418342,
  "fd_num": 24,
  "fd_perc": 5.970149253731344,
  "fwhm_avg": 3.2034266666666666,
  "fwhm_x": 2.737375,
  "fwhm_y": 3.4209,
  "fwhm_z": 3.452005,
  "gcor": 0.00618221,
  "gsr_x": 0.024057086557149887,
  "gsr_y": 0.05055660009384155,
  "provenance": {
    "md5sum": "042866b23c994aef340029704155806f",
    "settings": {
      "fd_thres": 0.2,
      "testing": false
    },
    "software": "mriqc",
    "version": "23.0.1",
    "webapi_port": null,
    "webapi_url": "https://mriqc.nimh.nih.gov/api/v1"
  },
  "size_t": 402,
  "size_x": 106,
  "size_y": 106,
  "size_z": 72,
  "snr": 2.192318968090431,
  "spacing_tr": 0.7099999785423279,
  "spacing_x": 2.0,
  "spacing_y": 2.0,
  "spacing_z": 2.0,
  "summary_bg_k": 22.378700802144877,
  "summary_bg_mad": 17.440860158843527,
  "summary_bg_mean": 58.64779281616211,
  "summary_bg_median": 26.21641731262207,
  "summary_bg_n": 510548.0,
  "summary_bg_p05": 12.119402885437012,
  "summary_bg_p95": 226.41790771484375,
  "summary_bg_stdv": 90.13014221191406,
  "summary_fg_k": 1.5096023907602847,
  "summary_fg_mad": 183.68960980828092,
  "summary_fg_mean": 500.50054931640625,
  "summary_fg_median": 465.83331298828125,
  "summary_fg_n": 184980.0,
  "summary_fg_p05": 229.34563980102538,
  "summary_fg_p95": 907.2686157226562,
  "summary_fg_stdv": 212.48370361328125,
  "tsnr": 27.79711396805942
}