{
  "aor": 0.0008782983193277312,
  "aqi": 0.007177919747899161,
  "bids_meta": {
    "AcquisitionMatrixPE": 106,
    "AcquisitionNumber": 1,
    "AcquisitionTime": "14:54:9.065000",
    "BandwidthPerPixelPhaseEncode": 16.551,
    "BaseResolution": 106,
    "BodyPartExamined": "HEAD",
    "CoilCombinationMethod": "Sum of Squares",
    "ConsistencyInfo": "N4_VE11C_LATEST_20160120",
    "ConversionSoftware": "dcm2niix",
    "ConversionSoftwareVersion": "v1.0.20211006",
    "Dcm2bidsVersion": "2.1.6",
    "DerivedVendorReportedEchoSpacing": 0.000569994,
    "DeviceSerialNumber": "66014",
    "DwellTime": 2e-06,
    "EchoTime": 0.03,
    "EchoTrainLength": 93,
    "EffectiveEchoSpacing": 0.000569994,
    "FlipAngle": 54,
    "ImageOrientationPatientDICOM": [
      0.99813,
      0.0605293,
      -0.0085681,
      -0.0610483,
      0.994276,
      -0.087679
    ],
    "ImageOrientationText": "Tra>Cor(-5.1)>Sag(-0.2)",
    "ImageType": [
      "ORIGINAL",
      "PRIMARY",
      "M",
      "ND",
      "MOSAIC"
    ],
    "ImagingFrequency": 123.259,
    "InPlanePhaseEncodingDirectionDICOM": "COL",
    "InstitutionAddress": "Yiheyuan Road 5,Beijing  0FCA35,Haidian,CN,100871",
    "InstitutionName": "CMR of Peking Univeristy",
    "InstitutionalDepartmentName": "Department",
    "MRAcquisitionType": "2D",
    "MagneticFieldStrength": 3,
    "Manufacturer": "Siemens",
    "ManufacturersModelName": "Prisma",
    "Modality": "MR",
    "MultibandAccelerationFactor": 8,
    "PartialFourier": 0.875,
    "PatientPosition": "HFS",
    "PercentPhaseFOV": 100,
    "PercentSampling": 100,
    "PhaseEncodingDirection": "j-",
    "PhaseEncodingSteps": 93,
    "PhaseResolution": 1,
    "PixelBandwidth": 2360,
    "ProcedureStepDescription": "Research^Projects_64CH",
    "ProtocolName": "fMRI_run5_AP",
    "PulseSequenceDetails": "%SiemensSeq%\\ep2d_bold",
    "ReceiveCoilActiveElements": "HC1-7;NC1,2",
    "ReceiveCoilName": "HeadNeck_64",
    "ReconMatrixPE": 106,
    "RefLinesPE": 32,
    "RepetitionTime": 0.71,
    "SAR": 0.0910839,
    "ScanOptions": "PFP\\FS",
    "ScanningSequence": "EP",
    "SequenceName": "*epfid2d1_106",
    "SequenceVariant": "SK",
    "SeriesDescription": "fMRI_run5_AP",
    "SeriesNumber": 9,
    "ShimSetting": [
      -3463,
      -2110,
      -1895,
      314,
      35,
      -338,
      -30,
      40
    ],
    "SliceThickness": 2,
    "SliceTiming": [
      0.3075,
      0,
      0.385,
      0.0775,
      0.46,
      0.155,
      0.5375,
      0.23,
      0.615,
      0.3075,
      0,
      0.385,
      0.0775,
      0.46,
      0.155,
      0.5375,
      0.23,
      0.615,
      0.3075,
      0,
      0.385,
      0.0775,
      0.46,
      0.155,
      0.5375,
      0.23,
      0.615,
      0.3075,
      0,
      0.385,
      0.0775,
      0.46,
      0.155,
      0.5375,
      0.23,
      0.615,
      0.3075,
      0,
      0.385,
      0.0775,
      0.46,
      0.155,
      0.5375,
      0.23,
      0.615,
      0.3075,
      0,
      0.385,
      0.0775,
      0.46,
      0.155,
      0.5375,
      0.23,
      0.615,
      0.3075,
      0,
      0.385,
      0.0775,
      0.46,
      0.155,
      0.5375,
      0.23,
      0.615,
      0.3075,
      0,
      0.385,
      0.0775,
      0.46,
      0.155,
      0.5375,
      0.23,
      0.615
    ],
    "SoftwareVersions": "syngo MR E11",
    "SpacingBetweenSlices": 2,
    "StationName": "AWP66014",
    "TaskName": "Chinese-RDR",
    "TotalReadoutTime": 0.0598493,
    "TxRefAmp": 268.496,
    "dataset": "ds004078",
    "modality": "bold",
    "run_id": 15,
    "subject_id": "12",
    "task_id": "RDR"
  },
  "dummy_trs": 0,
  "dvars_nstd": 45.545072222210536,
  "dvars_std": 1.0289427814736847,
  "dvars_vstd": 1.0119806488631578,
  "efc": 0.576187078104445,
  "fber": 279.04437255859375,
  "fd_mean": 0.0851178060189256,
  "fd_num": 4,
  "fd_perc": 0.8403361344537815,
  "fwhm_avg": 3.2629133333333336,
  "fwhm_x": 2.747005,
  "fwhm_y": 3.521995,
  "fwhm_z": 3.51974,
  "gcor": 0.00369026,
  "gsr_x": 0.023009873926639557,
  "gsr_y": 0.05005943030118942,
  "provenance": {
    "md5sum": "d2b1a5256ac4429a0a5648db0d0e9bad",
    "settings": {
      "fd_thres": 0.2,
      "testing": false
    },
    "software": "mriqc",
    "version": "23.0.1",
    "webapi_port": null,
    "webapi_url": "https://mriqc.nimh.nih.gov/api/v1"
  },
  "size_t": 476,
  "size_x": 106,
  "size_y": 106,
  "size_z": 72,
  "snr": 2.110947648953903,
  "spacing_tr": 0.7099999785423279,
  "spacing_x": 2.0,
  "spacing_y": 2.0,
  "spacing_z": 2.0,
  "summary_bg_k": 23.22596975028516,
  "summary_bg_mad": 18.616626258612747,
  "summary_bg_mean": 61.579429626464844,
  "summary_bg_median": 27.481094360351562,
  "summary_bg_n": 507847.0,
  "summary_bg_p05": 12.55882453918457,
  "summary_bg_p95": 237.02437896728438,
  "summary_bg_stdv": 94.5057373046875,
  "summary_fg_k": 1.7274982959443257,
  "summary_fg_mad": 192.70096092677724,
  "summary_fg_mean": 509.88446044921875,
  "summary_fg_median": 471.54205322265625,
  "summary_fg_n": 186709.0,
  "summary_fg_p05": 228.79916687011718,
  "summary_fg_p95": 938.0811279296879,
  "summary_fg_stdv": 223.37872314453125,
  "tsnr": 28.628557396586984
}