{
  "aor": 0.0006487658227848102,
  "aqi": 0.007752601471518988,
  "bids_meta": {
    "AcquisitionMatrixPE": 106,
    "AcquisitionNumber": 1,
    "AcquisitionTime": "10:11:7.287500",
    "BandwidthPerPixelPhaseEncode": 16.551,
    "BaseResolution": 106,
    "BodyPartExamined": "HEAD",
    "CoilCombinationMethod": "Sum of Squares",
    "ConsistencyInfo": "N4_VE11C_LATEST_20160120",
    "ConversionSoftware": "dcm2niix",
    "ConversionSoftwareVersion": "v1.0.20211006",
    "Dcm2bidsVersion": "2.1.6",
    "DerivedVendorReportedEchoSpacing": 0.000569994,
    "DeviceSerialNumber": "66014",
    "DwellTime": 2e-06,
    "EchoTime": 0.03,
    "EchoTrainLength": 93,
    "EffectiveEchoSpacing": 0.000569994,
    "FlipAngle": 54,
    "ImageOrientationPatientDICOM": [
      0.999133,
      -0.00439556,
      0.0413968,
      0.0104632,
      0.989003,
      -0.147522
    ],
    "ImageOrientationText": "Tra>Cor(-8.5)>Sag(2.3)",
    "ImageType": [
      "ORIGINAL",
      "PRIMARY",
      "M",
      "ND",
      "MOSAIC"
    ],
    "ImagingFrequency": 123.259,
    "InPlanePhaseEncodingDirectionDICOM": "COL",
    "InstitutionAddress": "Yiheyuan Road 5,Beijing F259C2,Haidian,CN,100871",
    "InstitutionName": "CMR of Peking Univeristy",
    "InstitutionalDepartmentName": "Department",
    "MRAcquisitionType": "2D",
    "MagneticFieldStrength": 3,
    "Manufacturer": "Siemens",
    "ManufacturersModelName": "Prisma",
    "Modality": "MR",
    "MultibandAccelerationFactor": 8,
    "PartialFourier": 0.875,
    "PatientPosition": "HFS",
    "PercentPhaseFOV": 100,
    "PercentSampling": 100,
    "PhaseEncodingDirection": "j-",
    "PhaseEncodingSteps": 93,
    "PhaseResolution": 1,
    "PixelBandwidth": 2360,
    "ProcedureStepDescription": "Research^Projects_64CH",
    "ProtocolName": "fMRI_Rest1_AP",
    "PulseSequenceDetails": "%SiemensSeq%\\ep2d_bold",
    "ReceiveCoilActiveElements": "HC1-7;NC1,2",
    "ReceiveCoilName": "HeadNeck_64",
    "ReconMatrixPE": 106,
    "RefLinesPE": 32,
    "RepetitionTime": 0.71,
    "SAR": 0.088643,
    "ScanOptions": "PFP\\FS",
    "ScanningSequence": "EP",
    "SequenceName": "*epfid2d1_106",
    "SequenceVariant": "SK",
    "SeriesDescription": "fMRI_Rest1_AP",
    "SeriesNumber": 6,
    "ShimSetting": [
      -3435,
      -2115,
      -1889,
      337,
      59,
      -239,
      -37,
      39
    ],
    "SliceThickness": 2,
    "SliceTiming": [
      0.305,
      0,
      0.3825,
      0.075,
      0.46,
      0.1525,
      0.535,
      0.23,
      0.6125,
      0.305,
      0,
      0.3825,
      0.075,
      0.46,
      0.1525,
      0.535,
      0.23,
      0.6125,
      0.305,
      0,
      0.3825,
      0.075,
      0.46,
      0.1525,
      0.535,
      0.23,
      0.6125,
      0.305,
      0,
      0.3825,
      0.075,
      0.46,
      0.1525,
      0.535,
      0.23,
      0.6125,
      0.305,
      0,
      0.3825,
      0.075,
      0.46,
      0.1525,
      0.535,
      0.23,
      0.6125,
      0.305,
      0,
      0.3825,
      0.075,
      0.46,
      0.1525,
      0.535,
      0.23,
      0.6125,
      0.305,
      0,
      0.3825,
      0.075,
      0.46,
      0.1525,
      0.535,
      0.23,
      0.6125,
      0.305,
      0,
      0.3825,
      0.075,
      0.46,
      0.1525,
      0.535,
      0.23,
      0.6125
    ],
    "SoftwareVersions": "syngo MR E11",
    "SpacingBetweenSlices": 2,
    "StationName": "AWP66014",
    "TaskName": "rest",
    "TotalReadoutTime": 0.0598493,
    "TxRefAmp": 258.728,
    "dataset": "ds004078",
    "modality": "bold",
    "run_id": 1,
    "subject_id": "12",
    "task_id": "rest"
  },
  "dummy_trs": 2,
  "dvars_nstd": 48.634564268209175,
  "dvars_std": 1.0607638504595875,
  "dvars_vstd": 1.0068672138034858,
  "efc": 0.5766841161016315,
  "fber": 289.1293029785156,
  "fd_mean": 0.09695135156319165,
  "fd_num": 0,
  "fd_perc": 0.0,
  "fwhm_avg": 3.2218366666666665,
  "fwhm_x": 2.748715,
  "fwhm_y": 3.40914,
  "fwhm_z": 3.507655,
  "gcor": 0.00481898,
  "gsr_x": 0.02041485160589218,
  "gsr_y": 0.05876758694648743,
  "provenance": {
    "md5sum": "2776d436cf4f7ec235ea4346e82a7c7b",
    "settings": {
      "fd_thres": 0.2,
      "testing": false
    },
    "software": "mriqc",
    "version": "23.0.1",
    "webapi_port": null,
    "webapi_url": "https://mriqc.nimh.nih.gov/api/v1"
  },
  "size_t": 632,
  "size_x": 106,
  "size_y": 106,
  "size_z": 72,
  "snr": 2.1696730775453066,
  "spacing_tr": 0.7099999785423279,
  "spacing_x": 2.0,
  "spacing_y": 2.0,
  "spacing_z": 2.0,
  "summary_bg_k": 25.18426235290329,
  "summary_bg_mad": 18.14076452837178,
  "summary_bg_mean": 58.353668212890625,
  "summary_bg_median": 26.50474739074707,
  "summary_bg_n": 507159.0,
  "summary_bg_p05": 12.115506172180176,
  "summary_bg_p95": 222.1890945434565,
  "summary_bg_stdv": 89.67798614501953,
  "summary_fg_k": 1.5481420935421273,
  "summary_fg_mad": 181.42643344812316,
  "summary_fg_mean": 499.2534484863281,
  "summary_fg_median": 463.2436828613281,
  "summary_fg_n": 187963.0,
  "summary_fg_p05": 229.2153533935547,
  "summary_fg_p95": 913.166156005859,
  "summary_fg_stdv": 213.50794982910156,
  "tsnr": 28.82254822878167
}