{
  "aor": 0.0008089314516129031,
  "aqi": 0.007758236995967742,
  "bids_meta": {
    "AcquisitionMatrixPE": 106,
    "AcquisitionNumber": 1,
    "AcquisitionTime": "14:40:59.807500",
    "BandwidthPerPixelPhaseEncode": 16.551,
    "BaseResolution": 106,
    "BodyPartExamined": "HEAD",
    "CoilCombinationMethod": "Sum of Squares",
    "ConsistencyInfo": "N4_VE11C_LATEST_20160120",
    "ConversionSoftware": "dcm2niix",
    "ConversionSoftwareVersion": "v1.0.20211006",
    "Dcm2bidsVersion": "2.1.6",
    "DerivedVendorReportedEchoSpacing": 0.000569994,
    "DeviceSerialNumber": "66014",
    "DwellTime": 2e-06,
    "EchoTime": 0.03,
    "EchoTrainLength": 93,
    "EffectiveEchoSpacing": 0.000569994,
    "FlipAngle": 54,
    "ImageOrientationPatientDICOM": [
      0.991394,
      0.115327,
      -0.0619504,
      -0.118217,
      0.991959,
      -0.045197
    ],
    "ImageOrientationText": "Tra>Sag(-3.2)>Cor(-3.0)",
    "ImageType": [
      "ORIGINAL",
      "PRIMARY",
      "M",
      "ND",
      "MOSAIC"
    ],
    "ImagingFrequency": 123.26,
    "InPlanePhaseEncodingDirectionDICOM": "COL",
    "InstitutionAddress": "Yiheyuan Road 5,Beijing F259C2,Haidian,CN,100871",
    "InstitutionName": "CMR of Peking Univeristy",
    "InstitutionalDepartmentName": "Department",
    "MRAcquisitionType": "2D",
    "MagneticFieldStrength": 3,
    "Manufacturer": "Siemens",
    "ManufacturersModelName": "Prisma",
    "Modality": "MR",
    "MultibandAccelerationFactor": 8,
    "PartialFourier": 0.875,
    "PatientPosition": "HFS",
    "PercentPhaseFOV": 100,
    "PercentSampling": 100,
    "PhaseEncodingDirection": "j-",
    "PhaseEncodingSteps": 93,
    "PhaseResolution": 1,
    "PixelBandwidth": 2360,
    "ProcedureStepDescription": "Research^Projects_64CH",
    "ProtocolName": "fMRI_run3_AP",
    "PulseSequenceDetails": "%SiemensSeq%\\ep2d_bold",
    "ReceiveCoilActiveElements": "HC1-7;NC1,2",
    "ReceiveCoilName": "HeadNeck_64",
    "ReconMatrixPE": 106,
    "RefLinesPE": 32,
    "RepetitionTime": 0.71,
    "SAR": 0.0955818,
    "ScanOptions": "PFP\\FS",
    "ScanningSequence": "EP",
    "SequenceName": "*epfid2d1_106",
    "SequenceVariant": "SK",
    "SeriesDescription": "fMRI_run3_AP",
    "SeriesNumber": 7,
    "ShimSetting": [
      -3482,
      -2101,
      -1901,
      273,
      6,
      -349,
      -23,
      69
    ],
    "SliceThickness": 2,
    "SliceTiming": [
      0.3075,
      0,
      0.385,
      0.0775,
      0.46,
      0.155,
      0.5375,
      0.23,
      0.615,
      0.3075,
      0,
      0.385,
      0.0775,
      0.46,
      0.155,
      0.5375,
      0.23,
      0.615,
      0.3075,
      0,
      0.385,
      0.0775,
      0.46,
      0.155,
      0.5375,
      0.23,
      0.615,
      0.3075,
      0,
      0.385,
      0.0775,
      0.46,
      0.155,
      0.5375,
      0.23,
      0.615,
      0.3075,
      0,
      0.385,
      0.0775,
      0.46,
      0.155,
      0.5375,
      0.23,
      0.615,
      0.3075,
      0,
      0.385,
      0.0775,
      0.46,
      0.155,
      0.5375,
      0.23,
      0.615,
      0.3075,
      0,
      0.385,
      0.0775,
      0.46,
      0.155,
      0.5375,
      0.23,
      0.615,
      0.3075,
      0,
      0.385,
      0.0775,
      0.46,
      0.155,
      0.5375,
      0.23,
      0.615
    ],
    "SoftwareVersions": "syngo MR E11",
    "SpacingBetweenSlices": 2,
    "StationName": "AWP66014",
    "TaskName": "Chinese-RDR",
    "TotalReadoutTime": 0.0598493,
    "TxRefAmp": 264.767,
    "dataset": "ds004078",
    "modality": "bold",
    "run_id": 23,
    "subject_id": "12",
    "task_id": "RDR"
  },
  "dummy_trs": 1,
  "dvars_nstd": 44.72344682486869,
  "dvars_std": 1.019157234646465,
  "dvars_vstd": 1.0026974703838383,
  "efc": 0.5710141317035385,
  "fber": 295.3939514160156,
  "fd_mean": 0.0865371958234525,
  "fd_num": 2,
  "fd_perc": 0.4032258064516129,
  "fwhm_avg": 3.30238,
  "fwhm_x": 2.82525,
  "fwhm_y": 3.528055,
  "fwhm_z": 3.553835,
  "gcor": 0.00294598,
  "gsr_x": 0.024529321119189262,
  "gsr_y": 0.0513906329870224,
  "provenance": {
    "md5sum": "80bce2170dd2687fa3663eb209de8bfb",
    "settings": {
      "fd_thres": 0.2,
      "testing": false
    },
    "software": "mriqc",
    "version": "23.0.1",
    "webapi_port": null,
    "webapi_url": "https://mriqc.nimh.nih.gov/api/v1"
  },
  "size_t": 496,
  "size_x": 106,
  "size_y": 106,
  "size_z": 72,
  "snr": 2.1100174697202805,
  "spacing_tr": 0.7099999785423279,
  "spacing_x": 2.0,
  "spacing_y": 2.0,
  "spacing_z": 2.0,
  "summary_bg_k": 23.505355756489834,
  "summary_bg_mad": 18.006442160934387,
  "summary_bg_mean": 60.29944610595703,
  "summary_bg_median": 26.907257080078125,
  "summary_bg_n": 511295.0,
  "summary_bg_p05": 12.510080337524414,
  "summary_bg_p95": 234.15362091064443,
  "summary_bg_stdv": 94.07150268554688,
  "summary_fg_k": 1.8307127219410555,
  "summary_fg_mad": 193.6634216931362,
  "summary_fg_mean": 513.7335205078125,
  "summary_fg_median": 474.6481628417969,
  "summary_fg_n": 184704.0,
  "summary_fg_p05": 231.43637924194337,
  "summary_fg_p95": 944.5860656738281,
  "summary_fg_stdv": 224.9492645263672,
  "tsnr": 28.89700056728907
}