{
  "aor": 0.000582610759493671,
  "aqi": 0.008763419414556961,
  "bids_meta": {
    "AcquisitionMatrixPE": 106,
    "AcquisitionNumber": 1,
    "AcquisitionTime": "10:20:56.667500",
    "BandwidthPerPixelPhaseEncode": 16.551,
    "BaseResolution": 106,
    "BodyPartExamined": "HEAD",
    "CoilCombinationMethod": "Sum of Squares",
    "ConsistencyInfo": "N4_VE11C_LATEST_20160120",
    "ConversionSoftware": "dcm2niix",
    "ConversionSoftwareVersion": "v1.0.20211006",
    "Dcm2bidsVersion": "2.1.6",
    "DerivedVendorReportedEchoSpacing": 0.000569994,
    "DeviceSerialNumber": "66014",
    "DwellTime": 2e-06,
    "EchoTime": 0.03,
    "EchoTrainLength": 93,
    "EffectiveEchoSpacing": 0.000569994,
    "FlipAngle": 54,
    "ImageOrientationPatientDICOM": [
      0.999133,
      -0.00439556,
      0.0413968,
      0.0104632,
      0.989003,
      -0.147522
    ],
    "ImageOrientationText": "Tra>Cor(-8.5)>Sag(2.3)",
    "ImageType": [
      "ORIGINAL",
      "PRIMARY",
      "M",
      "ND",
      "MOSAIC"
    ],
    "ImagingFrequency": 123.259,
    "InPlanePhaseEncodingDirectionDICOM": "COL",
    "InstitutionAddress": "Yiheyuan Road 5,Beijing F259C2,Haidian,CN,100871",
    "InstitutionName": "CMR of Peking Univeristy",
    "InstitutionalDepartmentName": "Department",
    "MRAcquisitionType": "2D",
    "MagneticFieldStrength": 3,
    "Manufacturer": "Siemens",
    "ManufacturersModelName": "Prisma",
    "Modality": "MR",
    "MultibandAccelerationFactor": 8,
    "PartialFourier": 0.875,
    "PatientPosition": "HFS",
    "PercentPhaseFOV": 100,
    "PercentSampling": 100,
    "PhaseEncodingDirection": "j",
    "PhaseEncodingSteps": 93,
    "PhaseResolution": 1,
    "PixelBandwidth": 2360,
    "ProcedureStepDescription": "Research^Projects_64CH",
    "ProtocolName": "fMRI_Rest1_PA",
    "PulseSequenceDetails": "%SiemensSeq%\\ep2d_bold",
    "ReceiveCoilActiveElements": "HC1-7;NC1,2",
    "ReceiveCoilName": "HeadNeck_64",
    "ReconMatrixPE": 106,
    "RefLinesPE": 32,
    "RepetitionTime": 0.71,
    "SAR": 0.088643,
    "ScanOptions": "PFP\\FS",
    "ScanningSequence": "EP",
    "SequenceName": "*epfid2d1_106",
    "SequenceVariant": "SK",
    "SeriesDescription": "fMRI_Rest1_PA",
    "SeriesNumber": 9,
    "ShimSetting": [
      -3435,
      -2115,
      -1889,
      337,
      59,
      -239,
      -37,
      39
    ],
    "SliceThickness": 2,
    "SliceTiming": [
      0.3075,
      0,
      0.385,
      0.0775,
      0.46,
      0.155,
      0.5375,
      0.23,
      0.615,
      0.3075,
      0,
      0.385,
      0.0775,
      0.46,
      0.155,
      0.5375,
      0.23,
      0.615,
      0.3075,
      0,
      0.385,
      0.0775,
      0.46,
      0.155,
      0.5375,
      0.23,
      0.615,
      0.3075,
      0,
      0.385,
      0.0775,
      0.46,
      0.155,
      0.5375,
      0.23,
      0.615,
      0.3075,
      0,
      0.385,
      0.0775,
      0.46,
      0.155,
      0.5375,
      0.23,
      0.615,
      0.3075,
      0,
      0.385,
      0.0775,
      0.46,
      0.155,
      0.5375,
      0.23,
      0.615,
      0.3075,
      0,
      0.385,
      0.0775,
      0.46,
      0.155,
      0.5375,
      0.23,
      0.615,
      0.3075,
      0,
      0.385,
      0.0775,
      0.46,
      0.155,
      0.5375,
      0.23,
      0.615
    ],
    "SoftwareVersions": "syngo MR E11",
    "SpacingBetweenSlices": 2,
    "StationName": "AWP66014",
    "TaskName": "rest",
    "TotalReadoutTime": 0.0598493,
    "TxRefAmp": 258.728,
    "dataset": "ds004078",
    "modality": "bold",
    "run_id": 2,
    "subject_id": "12",
    "task_id": "rest"
  },
  "dummy_trs": 2,
  "dvars_nstd": 49.12965425724241,
  "dvars_std": 1.0573545873375607,
  "dvars_vstd": 0.9978798198415203,
  "efc": 0.5766129225418578,
  "fber": 314.1477966308594,
  "fd_mean": 0.0776153823489937,
  "fd_num": 1,
  "fd_perc": 0.15822784810126583,
  "fwhm_avg": 3.08525,
  "fwhm_x": 2.63557,
  "fwhm_y": 3.21294,
  "fwhm_z": 3.40724,
  "gcor": 0.00387573,
  "gsr_x": 0.02635182812809944,
  "gsr_y": 0.046638112515211105,
  "provenance": {
    "md5sum": "89d82955b88985dec11b5e680ef58430",
    "settings": {
      "fd_thres": 0.2,
      "testing": false
    },
    "software": "mriqc",
    "version": "23.0.1",
    "webapi_port": null,
    "webapi_url": "https://mriqc.nimh.nih.gov/api/v1"
  },
  "size_t": 632,
  "size_x": 106,
  "size_y": 106,
  "size_z": 72,
  "snr": 2.204590925755426,
  "spacing_tr": 0.7099999785423279,
  "spacing_x": 2.0,
  "spacing_y": 2.0,
  "spacing_z": 2.0,
  "summary_bg_k": 31.947107046538186,
  "summary_bg_mad": 15.970816374733491,
  "summary_bg_mean": 53.63233184814453,
  "summary_bg_median": 25.283227920532227,
  "summary_bg_n": 492045.0,
  "summary_bg_p05": 12.200949668884277,
  "summary_bg_p95": 199.50791931152344,
  "summary_bg_stdv": 85.02328491210938,
  "summary_fg_k": 0.9127234240663178,
  "summary_fg_mad": 192.61390872132054,
  "summary_fg_mean": 505.3665771484375,
  "summary_fg_median": 472.9762878417969,
  "summary_fg_n": 184787.0,
  "summary_fg_p05": 225.0629837036133,
  "summary_fg_p95": 909.8630004882812,
  "summary_fg_stdv": 214.5409393310547,
  "tsnr": 28.044719634694047
}