{
  "aor": 0.000320632911392405,
  "aqi": 0.010439999066455697,
  "bids_meta": {
    "AcquisitionMatrixPE": 106,
    "AcquisitionNumber": 1,
    "AcquisitionTime": "19:27:16.867500",
    "BandwidthPerPixelPhaseEncode": 16.551,
    "BaseResolution": 106,
    "BodyPartExamined": "HEAD",
    "CoilCombinationMethod": "Sum of Squares",
    "ConsistencyInfo": "N4_VE11C_LATEST_20160120",
    "ConversionSoftware": "dcm2niix",
    "ConversionSoftwareVersion": "v1.0.20211006",
    "Dcm2bidsVersion": "2.1.6",
    "DerivedVendorReportedEchoSpacing": 0.000569994,
    "DeviceSerialNumber": "66014",
    "DwellTime": 2e-06,
    "EchoTime": 0.03,
    "EchoTrainLength": 93,
    "EffectiveEchoSpacing": 0.000569994,
    "FlipAngle": 54,
    "ImageOrientationPatientDICOM": [
      0.999852,
      -0.0148417,
      0.00869031,
      0.0157069,
      0.993825,
      -0.109841
    ],
    "ImageOrientationText": "Tra>Cor(-6.3)>Sag(0.4)",
    "ImageType": [
      "ORIGINAL",
      "PRIMARY",
      "M",
      "ND",
      "MOSAIC"
    ],
    "ImagingFrequency": 123.259,
    "InPlanePhaseEncodingDirectionDICOM": "COL",
    "InstitutionAddress": "Yiheyuan Road 5,Beijing  0FCA35,Haidian,CN,100871",
    "InstitutionName": "CMR of Peking Univeristy",
    "InstitutionalDepartmentName": "Department",
    "MRAcquisitionType": "2D",
    "MagneticFieldStrength": 3,
    "Manufacturer": "Siemens",
    "ManufacturersModelName": "Prisma",
    "Modality": "MR",
    "MultibandAccelerationFactor": 8,
    "PartialFourier": 0.875,
    "PatientPosition": "HFS",
    "PercentPhaseFOV": 100,
    "PercentSampling": 100,
    "PhaseEncodingDirection": "j",
    "PhaseEncodingSteps": 93,
    "PhaseResolution": 1,
    "PixelBandwidth": 2360,
    "ProcedureStepDescription": "Research^Projects_64CH",
    "ProtocolName": "fMRI_Rest1_PA",
    "PulseSequenceDetails": "%SiemensSeq%\\ep2d_bold",
    "ReceiveCoilActiveElements": "HC1-7;NC1,2",
    "ReceiveCoilName": "HeadNeck_64",
    "ReconMatrixPE": 106,
    "RefLinesPE": 32,
    "RepetitionTime": 0.71,
    "SAR": 0.0971627,
    "ScanOptions": "PFP\\FS",
    "ScanningSequence": "EP",
    "SequenceName": "*epfid2d1_106",
    "SequenceVariant": "SK",
    "SeriesDescription": "fMRI_Rest1_PA",
    "SeriesNumber": 6,
    "ShimSetting": [
      -3462,
      -2107,
      -1908,
      240,
      -12,
      -480,
      -85,
      57
    ],
    "SliceThickness": 2,
    "SliceTiming": [
      0.305,
      0,
      0.3825,
      0.075,
      0.4575,
      0.1525,
      0.535,
      0.2275,
      0.6125,
      0.305,
      0,
      0.3825,
      0.075,
      0.4575,
      0.1525,
      0.535,
      0.2275,
      0.6125,
      0.305,
      0,
      0.3825,
      0.075,
      0.4575,
      0.1525,
      0.535,
      0.2275,
      0.6125,
      0.305,
      0,
      0.3825,
      0.075,
      0.4575,
      0.1525,
      0.535,
      0.2275,
      0.6125,
      0.305,
      0,
      0.3825,
      0.075,
      0.4575,
      0.1525,
      0.535,
      0.2275,
      0.6125,
      0.305,
      0,
      0.3825,
      0.075,
      0.4575,
      0.1525,
      0.535,
      0.2275,
      0.6125,
      0.305,
      0,
      0.3825,
      0.075,
      0.4575,
      0.1525,
      0.535,
      0.2275,
      0.6125,
      0.305,
      0,
      0.3825,
      0.075,
      0.4575,
      0.1525,
      0.535,
      0.2275,
      0.6125
    ],
    "SoftwareVersions": "syngo MR E11",
    "SpacingBetweenSlices": 2,
    "StationName": "AWP66014",
    "TaskName": "rest",
    "TotalReadoutTime": 0.0598493,
    "TxRefAmp": 251.771,
    "dataset": "ds004078",
    "modality": "bold",
    "run_id": 2,
    "subject_id": "05",
    "task_id": "rest"
  },
  "dummy_trs": 2,
  "dvars_nstd": 48.17976557136295,
  "dvars_std": 1.045774091664025,
  "dvars_vstd": 0.9793038682884307,
  "efc": 0.5419751007499738,
  "fber": 442.58258056640625,
  "fd_mean": 0.09014796000444636,
  "fd_num": 13,
  "fd_perc": 2.0569620253164556,
  "fwhm_avg": 3.4519066666666673,
  "fwhm_x": 3.17018,
  "fwhm_y": 3.583885,
  "fwhm_z": 3.601655,
  "gcor": 0.00653668,
  "gsr_x": -0.00785976555198431,
  "gsr_y": 0.07438191771507263,
  "provenance": {
    "md5sum": "9fee53d1a9a233cf13d6e018846e6d11",
    "settings": {
      "fd_thres": 0.2,
      "testing": false
    },
    "software": "mriqc",
    "version": "23.0.1",
    "webapi_port": null,
    "webapi_url": "https://mriqc.nimh.nih.gov/api/v1"
  },
  "size_t": 632,
  "size_x": 106,
  "size_y": 106,
  "size_z": 72,
  "snr": 2.168466196410014,
  "spacing_tr": 0.7099999785423279,
  "spacing_x": 2.0,
  "spacing_y": 2.0,
  "spacing_z": 2.0,
  "summary_bg_k": 24.67386458164822,
  "summary_bg_mad": 15.501639656631935,
  "summary_bg_mean": 54.78188705444336,
  "summary_bg_median": 23.77373504638672,
  "summary_bg_n": 534805.0,
  "summary_bg_p05": 12.185127258300781,
  "summary_bg_p95": 218.0363983154296,
  "summary_bg_stdv": 85.1650619506836,
  "summary_fg_k": 1.371032726073274,
  "summary_fg_mad": 216.84231564527795,
  "summary_fg_mean": 554.2434692382812,
  "summary_fg_median": 513.838623046875,
  "summary_fg_n": 163454.0,
  "summary_fg_p05": 258.00261840820315,
  "summary_fg_p95": 1005.2219329833986,
  "summary_fg_stdv": 236.95875549316406,
  "tsnr": 26.99940850865096
}