{
  "aor": 0.0002512676056338028,
  "aqi": 0.00627362781690141,
  "bids_meta": {
    "AcquisitionMatrixPE": 106,
    "AcquisitionNumber": 1,
    "AcquisitionTime": "09:55:57.485000",
    "BandwidthPerPixelPhaseEncode": 16.551,
    "BaseResolution": 106,
    "BodyPartExamined": "HEAD",
    "CoilCombinationMethod": "Sum of Squares",
    "ConsistencyInfo": "N4_VE11C_LATEST_20160120",
    "ConversionSoftware": "dcm2niix",
    "ConversionSoftwareVersion": "v1.0.20211006",
    "Dcm2bidsVersion": "2.1.6",
    "DerivedVendorReportedEchoSpacing": 0.000569994,
    "DeviceSerialNumber": "66014",
    "DwellTime": 2e-06,
    "EchoTime": 0.03,
    "EchoTrainLength": 93,
    "EffectiveEchoSpacing": 0.000569994,
    "FlipAngle": 54,
    "ImageOrientationPatientDICOM": [
      0.99998,
      0.00554297,
      0.00307335,
      -0.0052359,
      0.995723,
      -0.0922353
    ],
    "ImageOrientationText": "Tra>Cor(-5.3)>Sag(0.2)",
    "ImageType": [
      "ORIGINAL",
      "PRIMARY",
      "M",
      "ND",
      "MOSAIC"
    ],
    "ImagingFrequency": 123.259,
    "InPlanePhaseEncodingDirectionDICOM": "COL",
    "InstitutionAddress": "Yiheyuan Road 5,Beijing  0FCA35,Haidian,CN,100871",
    "InstitutionName": "CMR of Peking Univeristy",
    "InstitutionalDepartmentName": "Department",
    "MRAcquisitionType": "2D",
    "MagneticFieldStrength": 3,
    "Manufacturer": "Siemens",
    "ManufacturersModelName": "Prisma",
    "Modality": "MR",
    "MultibandAccelerationFactor": 8,
    "PartialFourier": 0.875,
    "PatientPosition": "HFS",
    "PercentPhaseFOV": 100,
    "PercentSampling": 100,
    "PhaseEncodingDirection": "j-",
    "PhaseEncodingSteps": 93,
    "PhaseResolution": 1,
    "PixelBandwidth": 2360,
    "ProcedureStepDescription": "Research^Projects_64CH",
    "ProtocolName": "fMRI_run8_AP",
    "PulseSequenceDetails": "%SiemensSeq%\\ep2d_bold",
    "ReceiveCoilActiveElements": "HC1-7;NC1,2",
    "ReceiveCoilName": "HeadNeck_64",
    "ReconMatrixPE": 106,
    "RefLinesPE": 32,
    "RepetitionTime": 0.71,
    "SAR": 0.110927,
    "ScanOptions": "PFP\\FS",
    "ScanningSequence": "EP",
    "SequenceName": "*epfid2d1_106",
    "SequenceVariant": "SK",
    "SeriesDescription": "fMRI_run8_AP",
    "SeriesNumber": 12,
    "ShimSetting": [
      -3460,
      -2096,
      -1920,
      240,
      40,
      -590,
      -98,
      69
    ],
    "SliceThickness": 2,
    "SliceTiming": [
      0.305,
      0,
      0.3825,
      0.075,
      0.46,
      0.1525,
      0.535,
      0.23,
      0.6125,
      0.305,
      0,
      0.3825,
      0.075,
      0.46,
      0.1525,
      0.535,
      0.23,
      0.6125,
      0.305,
      0,
      0.3825,
      0.075,
      0.46,
      0.1525,
      0.535,
      0.23,
      0.6125,
      0.305,
      0,
      0.3825,
      0.075,
      0.46,
      0.1525,
      0.535,
      0.23,
      0.6125,
      0.305,
      0,
      0.3825,
      0.075,
      0.46,
      0.1525,
      0.535,
      0.23,
      0.6125,
      0.305,
      0,
      0.3825,
      0.075,
      0.46,
      0.1525,
      0.535,
      0.23,
      0.6125,
      0.305,
      0,
      0.3825,
      0.075,
      0.46,
      0.1525,
      0.535,
      0.23,
      0.6125,
      0.305,
      0,
      0.3825,
      0.075,
      0.46,
      0.1525,
      0.535,
      0.23,
      0.6125
    ],
    "SoftwareVersions": "syngo MR E11",
    "SpacingBetweenSlices": 2,
    "StationName": "AWP66014",
    "TaskName": "Chinese-RDR",
    "TotalReadoutTime": 0.0598493,
    "TxRefAmp": 265.594,
    "dataset": "ds004078",
    "modality": "bold",
    "run_id": 18,
    "subject_id": "05",
    "task_id": "RDR"
  },
  "dummy_trs": 2,
  "dvars_nstd": 44.46844354952943,
  "dvars_std": 1.0185572089411756,
  "dvars_vstd": 1.0033063564235298,
  "efc": 0.5470460855223928,
  "fber": 373.73956298828125,
  "fd_mean": 0.08715361000394453,
  "fd_num": 2,
  "fd_perc": 0.4694835680751174,
  "fwhm_avg": 3.484598333333333,
  "fwhm_x": 3.190835,
  "fwhm_y": 3.664105,
  "fwhm_z": 3.598855,
  "gcor": 0.00512044,
  "gsr_x": -0.0131105687469244,
  "gsr_y": 0.07250490039587021,
  "provenance": {
    "md5sum": "9784bb5208b76e584b6196a99c02420f",
    "settings": {
      "fd_thres": 0.2,
      "testing": false
    },
    "software": "mriqc",
    "version": "23.0.1",
    "webapi_port": null,
    "webapi_url": "https://mriqc.nimh.nih.gov/api/v1"
  },
  "size_t": 426,
  "size_x": 106,
  "size_y": 106,
  "size_z": 72,
  "snr": 2.0561910428241936,
  "spacing_tr": 0.7099999785423279,
  "spacing_x": 2.0,
  "spacing_y": 2.0,
  "spacing_z": 2.0,
  "summary_bg_k": 22.200424285302923,
  "summary_bg_mad": 15.675213847673849,
  "summary_bg_mean": 53.84270095825195,
  "summary_bg_median": 24.157278060913086,
  "summary_bg_n": 528721.0,
  "summary_bg_p05": 12.288732528686523,
  "summary_bg_p95": 210.52113342285156,
  "summary_bg_stdv": 81.3882064819336,
  "summary_fg_k": 2.5448685117318526,
  "summary_fg_mad": 205.31081675243922,
  "summary_fg_mean": 532.517822265625,
  "summary_fg_median": 487.3837890625,
  "summary_fg_n": 169208.0,
  "summary_fg_p05": 241.79436645507812,
  "summary_fg_p95": 969.3778320312499,
  "summary_fg_stdv": 237.03164672851562,
  "tsnr": 29.91802957188338
}