{
  "aor": 0.0006181152993348115,
  "aqi": 0.00677836869179601,
  "bids_meta": {
    "AcquisitionMatrixPE": 106,
    "AcquisitionNumber": 1,
    "AcquisitionTime": "09:54:42.602500",
    "BandwidthPerPixelPhaseEncode": 16.551,
    "BaseResolution": 106,
    "BodyPartExamined": "HEAD",
    "CoilCombinationMethod": "Sum of Squares",
    "ConsistencyInfo": "N4_VE11C_LATEST_20160120",
    "ConversionSoftware": "dcm2niix",
    "ConversionSoftwareVersion": "v1.0.20211006",
    "Dcm2bidsVersion": "2.1.6",
    "DerivedVendorReportedEchoSpacing": 0.000569994,
    "DeviceSerialNumber": "66014",
    "DwellTime": 2e-06,
    "EchoTime": 0.03,
    "EchoTrainLength": 93,
    "EffectiveEchoSpacing": 0.000569994,
    "FlipAngle": 54,
    "ImageOrientationPatientDICOM": [
      0.999962,
      -0.00872677,
      -4.76481e-05,
      0.00872655,
      0.999956,
      -0.00352378
    ],
    "ImageOrientationText": "Tra>Cor(-0.2)>Sag(-0.0)",
    "ImageType": [
      "ORIGINAL",
      "PRIMARY",
      "M",
      "ND",
      "MOSAIC"
    ],
    "ImagingFrequency": 123.259,
    "InPlanePhaseEncodingDirectionDICOM": "COL",
    "InstitutionAddress": "Yiheyuan Road 5,Beijing  0FCA35,Haidian,CN,100871",
    "InstitutionName": "CMR of Peking Univeristy",
    "InstitutionalDepartmentName": "Department",
    "MRAcquisitionType": "2D",
    "MagneticFieldStrength": 3,
    "Manufacturer": "Siemens",
    "ManufacturersModelName": "Prisma",
    "Modality": "MR",
    "MultibandAccelerationFactor": 8,
    "PartialFourier": 0.875,
    "PatientPosition": "HFS",
    "PercentPhaseFOV": 100,
    "PercentSampling": 100,
    "PhaseEncodingDirection": "j-",
    "PhaseEncodingSteps": 93,
    "PhaseResolution": 1,
    "PixelBandwidth": 2360,
    "ProcedureStepDescription": "Research^Projects_64CH",
    "ProtocolName": "fMRI_run7_AP",
    "PulseSequenceDetails": "%SiemensSeq%\\ep2d_bold",
    "ReceiveCoilActiveElements": "HC1-7;NC1,2",
    "ReceiveCoilName": "HeadNeck_64",
    "ReconMatrixPE": 106,
    "RefLinesPE": 32,
    "RepetitionTime": 0.71,
    "SAR": 0.0940916,
    "ScanOptions": "PFP\\FS",
    "ScanningSequence": "EP",
    "SequenceName": "*epfid2d1_106",
    "SequenceVariant": "SK",
    "SeriesDescription": "fMRI_run7_AP",
    "SeriesNumber": 11,
    "ShimSetting": [
      -3451,
      -2106,
      -1910,
      230,
      -6,
      -540,
      -67,
      22
    ],
    "SliceThickness": 2,
    "SliceTiming": [
      0.3075,
      0,
      0.385,
      0.0775,
      0.46,
      0.155,
      0.5375,
      0.23,
      0.615,
      0.3075,
      0,
      0.385,
      0.0775,
      0.46,
      0.155,
      0.5375,
      0.23,
      0.615,
      0.3075,
      0,
      0.385,
      0.0775,
      0.46,
      0.155,
      0.5375,
      0.23,
      0.615,
      0.3075,
      0,
      0.385,
      0.0775,
      0.46,
      0.155,
      0.5375,
      0.23,
      0.615,
      0.3075,
      0,
      0.385,
      0.0775,
      0.46,
      0.155,
      0.5375,
      0.23,
      0.615,
      0.3075,
      0,
      0.385,
      0.0775,
      0.46,
      0.155,
      0.5375,
      0.23,
      0.615,
      0.3075,
      0,
      0.385,
      0.0775,
      0.46,
      0.155,
      0.5375,
      0.23,
      0.615,
      0.3075,
      0,
      0.385,
      0.0775,
      0.46,
      0.155,
      0.5375,
      0.23,
      0.615
    ],
    "SoftwareVersions": "syngo MR E11",
    "SpacingBetweenSlices": 2,
    "StationName": "AWP66014",
    "TaskName": "Chinese-RDR",
    "TotalReadoutTime": 0.0598493,
    "TxRefAmp": 255.351,
    "dataset": "ds004078",
    "modality": "bold",
    "run_id": 57,
    "subject_id": "05",
    "task_id": "RDR"
  },
  "dummy_trs": 0,
  "dvars_nstd": 43.45541458137782,
  "dvars_std": 1.0230294558000004,
  "dvars_vstd": 1.0082815890888894,
  "efc": 0.539116543642269,
  "fber": 404.07720947265625,
  "fd_mean": 0.09204690196657739,
  "fd_num": 17,
  "fd_perc": 3.7694013303769403,
  "fwhm_avg": 3.590386666666667,
  "fwhm_x": 3.30876,
  "fwhm_y": 3.709875,
  "fwhm_z": 3.752525,
  "gcor": 0.011237,
  "gsr_x": -0.01165848970413208,
  "gsr_y": 0.07363942265510559,
  "provenance": {
    "md5sum": "2c2dc6c91a2d3a7e21ac9de7e474f055",
    "settings": {
      "fd_thres": 0.2,
      "testing": false
    },
    "software": "mriqc",
    "version": "23.0.1",
    "webapi_port": null,
    "webapi_url": "https://mriqc.nimh.nih.gov/api/v1"
  },
  "size_t": 451,
  "size_x": 106,
  "size_y": 106,
  "size_z": 72,
  "snr": 2.009455208780669,
  "spacing_tr": 0.7099999785423279,
  "spacing_x": 2.0,
  "spacing_y": 2.0,
  "spacing_z": 2.0,
  "summary_bg_k": 26.06669254344215,
  "summary_bg_mad": 15.24680467504937,
  "summary_bg_mean": 51.98562240600586,
  "summary_bg_median": 23.674057006835938,
  "summary_bg_n": 530762.0,
  "summary_bg_p05": 12.232815742492676,
  "summary_bg_p95": 196.87471542358296,
  "summary_bg_stdv": 78.50536346435547,
  "summary_fg_k": 2.695102101747339,
  "summary_fg_mad": 209.55807304377373,
  "summary_fg_mean": 545.039306640625,
  "summary_fg_median": 496.01220703125,
  "summary_fg_n": 167630.0,
  "summary_fg_p05": 247.44766998291016,
  "summary_fg_p95": 1007.7299224853509,
  "summary_fg_stdv": 246.83840942382812,
  "tsnr": 29.731882475782186
}