{
  "aor": 0.00023936685288640595,
  "aqi": 0.006649201899441341,
  "bids_meta": {
    "AcquisitionMatrixPE": 106,
    "AcquisitionNumber": 1,
    "AcquisitionTime": "16:15:19.287500",
    "BandwidthPerPixelPhaseEncode": 16.551,
    "BaseResolution": 106,
    "BodyPartExamined": "HEAD",
    "CoilCombinationMethod": "Sum of Squares",
    "ConsistencyInfo": "N4_VE11C_LATEST_20160120",
    "ConversionSoftware": "dcm2niix",
    "ConversionSoftwareVersion": "v1.0.20211006",
    "Dcm2bidsVersion": "2.1.6",
    "DerivedVendorReportedEchoSpacing": 0.000569994,
    "DeviceSerialNumber": "66014",
    "DwellTime": 2e-06,
    "EchoTime": 0.03,
    "EchoTrainLength": 93,
    "EffectiveEchoSpacing": 0.000569994,
    "FlipAngle": 54,
    "ImageOrientationPatientDICOM": [
      0.9998,
      0.0129242,
      -0.0152687,
      -0.0122155,
      0.998883,
      0.0456349
    ],
    "ImageOrientationText": "Tra>Cor(2.6)>Sag(-0.9)",
    "ImageType": [
      "ORIGINAL",
      "PRIMARY",
      "M",
      "ND",
      "MOSAIC"
    ],
    "ImagingFrequency": 123.259,
    "InPlanePhaseEncodingDirectionDICOM": "COL",
    "InstitutionAddress": "Yiheyuan Road 5,Beijing  0FCA35,Haidian,CN,100871",
    "InstitutionName": "CMR of Peking Univeristy",
    "InstitutionalDepartmentName": "Department",
    "MRAcquisitionType": "2D",
    "MagneticFieldStrength": 3,
    "Manufacturer": "Siemens",
    "ManufacturersModelName": "Prisma",
    "Modality": "MR",
    "MultibandAccelerationFactor": 8,
    "PartialFourier": 0.875,
    "PatientPosition": "HFS",
    "PercentPhaseFOV": 100,
    "PercentSampling": 100,
    "PhaseEncodingDirection": "j-",
    "PhaseEncodingSteps": 93,
    "PhaseResolution": 1,
    "PixelBandwidth": 2360,
    "ProcedureStepDescription": "Research^Projects_64CH",
    "ProtocolName": "fMRI_run2_AP",
    "PulseSequenceDetails": "%SiemensSeq%\\ep2d_bold",
    "ReceiveCoilActiveElements": "HC1-7;NC1,2",
    "ReceiveCoilName": "HeadNeck_64",
    "ReconMatrixPE": 106,
    "RefLinesPE": 32,
    "RepetitionTime": 0.71,
    "SAR": 0.104516,
    "ScanOptions": "PFP\\FS",
    "ScanningSequence": "EP",
    "SequenceName": "*epfid2d1_106",
    "SequenceVariant": "SK",
    "SeriesDescription": "fMRI_run2_AP",
    "SeriesNumber": 10,
    "ShimSetting": [
      -3458,
      -2116,
      -1906,
      184,
      29,
      -373,
      -20,
      50
    ],
    "SliceThickness": 2,
    "SliceTiming": [
      0.3075,
      0,
      0.3825,
      0.0775,
      0.46,
      0.1525,
      0.5375,
      0.23,
      0.6125,
      0.3075,
      0,
      0.3825,
      0.0775,
      0.46,
      0.1525,
      0.5375,
      0.23,
      0.6125,
      0.3075,
      0,
      0.3825,
      0.0775,
      0.46,
      0.1525,
      0.5375,
      0.23,
      0.6125,
      0.3075,
      0,
      0.3825,
      0.0775,
      0.46,
      0.1525,
      0.5375,
      0.23,
      0.6125,
      0.3075,
      0,
      0.3825,
      0.0775,
      0.46,
      0.1525,
      0.5375,
      0.23,
      0.6125,
      0.3075,
      0,
      0.3825,
      0.0775,
      0.46,
      0.1525,
      0.5375,
      0.23,
      0.6125,
      0.3075,
      0,
      0.3825,
      0.0775,
      0.46,
      0.1525,
      0.5375,
      0.23,
      0.6125,
      0.3075,
      0,
      0.3825,
      0.0775,
      0.46,
      0.1525,
      0.5375,
      0.23,
      0.6125
    ],
    "SoftwareVersions": "syngo MR E11",
    "SpacingBetweenSlices": 2,
    "StationName": "AWP66014",
    "TaskName": "Chinese-RDR",
    "TotalReadoutTime": 0.0598493,
    "TxRefAmp": 264.421,
    "dataset": "ds004078",
    "modality": "bold",
    "run_id": 2,
    "subject_id": "05",
    "task_id": "RDR"
  },
  "dummy_trs": 2,
  "dvars_nstd": 47.80402705225746,
  "dvars_std": 1.0393471800559706,
  "dvars_vstd": 1.0023250953917913,
  "efc": 0.5417177823231686,
  "fber": 421.400634765625,
  "fd_mean": 0.11137330435439133,
  "fd_num": 20,
  "fd_perc": 3.7243947858473,
  "fwhm_avg": 3.3842250000000003,
  "fwhm_x": 3.08536,
  "fwhm_y": 3.549855,
  "fwhm_z": 3.51746,
  "gcor": 0.00396699,
  "gsr_x": -0.004121359903365374,
  "gsr_y": 0.06657755374908447,
  "provenance": {
    "md5sum": "3a929b20f4901a3384d2c1056852776a",
    "settings": {
      "fd_thres": 0.2,
      "testing": false
    },
    "software": "mriqc",
    "version": "23.0.1",
    "webapi_port": null,
    "webapi_url": "https://mriqc.nimh.nih.gov/api/v1"
  },
  "size_t": 537,
  "size_x": 106,
  "size_y": 106,
  "size_z": 72,
  "snr": 2.2080173070818394,
  "spacing_tr": 0.7099999785423279,
  "spacing_x": 2.0,
  "spacing_y": 2.0,
  "spacing_z": 2.0,
  "summary_bg_k": 29.41225904830182,
  "summary_bg_mad": 13.674726792794576,
  "summary_bg_mean": 46.856666564941406,
  "summary_bg_median": 22.290502548217773,
  "summary_bg_n": 531758.0,
  "summary_bg_p05": 11.966480255126953,
  "summary_bg_p95": 173.080078125,
  "summary_bg_stdv": 69.74317169189453,
  "summary_fg_k": 1.7919534588824,
  "summary_fg_mad": 191.1038199046783,
  "summary_fg_mean": 514.0582885742188,
  "summary_fg_median": 477.04656982421875,
  "summary_fg_n": 167346.0,
  "summary_fg_p05": 238.215087890625,
  "summary_fg_p95": 915.6508331298828,
  "summary_fg_stdv": 216.05136108398438,
  "tsnr": 29.57600958587136
}