{
  "aor": 0.0008022116903633492,
  "aqi": 0.006624294739336492,
  "bids_meta": {
    "AcquisitionMatrixPE": 106,
    "AcquisitionNumber": 1,
    "AcquisitionTime": "19:49:52.567500",
    "BandwidthPerPixelPhaseEncode": 16.551,
    "BaseResolution": 106,
    "BodyPartExamined": "HEAD",
    "CoilCombinationMethod": "Sum of Squares",
    "ConsistencyInfo": "N4_VE11C_LATEST_20160120",
    "ConversionSoftware": "dcm2niix",
    "ConversionSoftwareVersion": "v1.0.20211006",
    "Dcm2bidsVersion": "2.1.6",
    "DerivedVendorReportedEchoSpacing": 0.000569994,
    "DeviceSerialNumber": "66014",
    "DwellTime": 2e-06,
    "EchoTime": 0.03,
    "EchoTrainLength": 93,
    "EffectiveEchoSpacing": 0.000569994,
    "FlipAngle": 54,
    "ImageOrientationPatientDICOM": [
      0.999852,
      -0.0148417,
      0.00869031,
      0.0157069,
      0.993825,
      -0.109841
    ],
    "ImageOrientationText": "Tra>Cor(-6.3)>Sag(0.4)",
    "ImageType": [
      "ORIGINAL",
      "PRIMARY",
      "M",
      "ND",
      "MOSAIC"
    ],
    "ImagingFrequency": 123.259,
    "InPlanePhaseEncodingDirectionDICOM": "COL",
    "InstitutionAddress": "Yiheyuan Road 5,Beijing  0FCA35,Haidian,CN,100871",
    "InstitutionName": "CMR of Peking Univeristy",
    "InstitutionalDepartmentName": "Department",
    "MRAcquisitionType": "2D",
    "MagneticFieldStrength": 3,
    "Manufacturer": "Siemens",
    "ManufacturersModelName": "Prisma",
    "Modality": "MR",
    "MultibandAccelerationFactor": 8,
    "PartialFourier": 0.875,
    "PatientPosition": "HFS",
    "PercentPhaseFOV": 100,
    "PercentSampling": 100,
    "PhaseEncodingDirection": "j-",
    "PhaseEncodingSteps": 93,
    "PhaseResolution": 1,
    "PixelBandwidth": 2360,
    "ProcedureStepDescription": "Research^Projects_64CH",
    "ProtocolName": "fMRI_Rest2_AP",
    "PulseSequenceDetails": "%SiemensSeq%\\ep2d_bold",
    "ReceiveCoilActiveElements": "HC1-7;NC1,2",
    "ReceiveCoilName": "HeadNeck_64",
    "ReconMatrixPE": 106,
    "RefLinesPE": 32,
    "RepetitionTime": 0.71,
    "SAR": 0.0971627,
    "ScanOptions": "PFP\\FS",
    "ScanningSequence": "EP",
    "SequenceName": "*epfid2d1_106",
    "SequenceVariant": "SK",
    "SeriesDescription": "fMRI_Rest2_AP",
    "SeriesNumber": 21,
    "ShimSetting": [
      -3462,
      -2107,
      -1908,
      240,
      -12,
      -480,
      -85,
      57
    ],
    "SliceThickness": 2,
    "SliceTiming": [
      0.305,
      0,
      0.3825,
      0.075,
      0.46,
      0.1525,
      0.535,
      0.23,
      0.6125,
      0.305,
      0,
      0.3825,
      0.075,
      0.46,
      0.1525,
      0.535,
      0.23,
      0.6125,
      0.305,
      0,
      0.3825,
      0.075,
      0.46,
      0.1525,
      0.535,
      0.23,
      0.6125,
      0.305,
      0,
      0.3825,
      0.075,
      0.46,
      0.1525,
      0.535,
      0.23,
      0.6125,
      0.305,
      0,
      0.3825,
      0.075,
      0.46,
      0.1525,
      0.535,
      0.23,
      0.6125,
      0.305,
      0,
      0.3825,
      0.075,
      0.46,
      0.1525,
      0.535,
      0.23,
      0.6125,
      0.305,
      0,
      0.3825,
      0.075,
      0.46,
      0.1525,
      0.535,
      0.23,
      0.6125,
      0.305,
      0,
      0.3825,
      0.075,
      0.46,
      0.1525,
      0.535,
      0.23,
      0.6125
    ],
    "SoftwareVersions": "syngo MR E11",
    "SpacingBetweenSlices": 2,
    "StationName": "AWP66014",
    "TaskName": "rest",
    "TotalReadoutTime": 0.0598493,
    "TxRefAmp": 251.771,
    "dataset": "ds004078",
    "modality": "bold",
    "run_id": 3,
    "subject_id": "05",
    "task_id": "rest"
  },
  "dummy_trs": 1,
  "dvars_nstd": 48.94800912259496,
  "dvars_std": 1.072857474129748,
  "dvars_vstd": 1.0124632017721529,
  "efc": 0.5391238465690844,
  "fber": 412.04547119140625,
  "fd_mean": 0.10053720929287342,
  "fd_num": 8,
  "fd_perc": 1.263823064770932,
  "fwhm_avg": 3.5688416666666662,
  "fwhm_x": 3.274555,
  "fwhm_y": 3.703735,
  "fwhm_z": 3.728235,
  "gcor": 0.00271442,
  "gsr_x": -0.004619748797267675,
  "gsr_y": 0.06360508501529694,
  "provenance": {
    "md5sum": "72b90dce1b29f28455c0a75fa90deaa8",
    "settings": {
      "fd_thres": 0.2,
      "testing": false
    },
    "software": "mriqc",
    "version": "23.0.1",
    "webapi_port": null,
    "webapi_url": "https://mriqc.nimh.nih.gov/api/v1"
  },
  "size_t": 633,
  "size_x": 106,
  "size_y": 106,
  "size_z": 72,
  "snr": 2.014233692525794,
  "spacing_tr": 0.7099999785423279,
  "spacing_x": 2.0,
  "spacing_y": 2.0,
  "spacing_z": 2.0,
  "summary_bg_k": 27.076526266927463,
  "summary_bg_mad": 14.90799983286289,
  "summary_bg_mean": 52.70658874511719,
  "summary_bg_median": 23.63823127746582,
  "summary_bg_n": 530869.0,
  "summary_bg_p05": 12.458135604858398,
  "summary_bg_p95": 201.71280212402337,
  "summary_bg_stdv": 81.57564544677734,
  "summary_fg_k": 2.7589534811294136,
  "summary_fg_mad": 210.73678433818895,
  "summary_fg_mean": 549.1024780273438,
  "summary_fg_median": 499.607421875,
  "summary_fg_n": 167678.0,
  "summary_fg_p05": 250.8699920654297,
  "summary_fg_p95": 1014.3806823730466,
  "summary_fg_stdv": 248.0377197265625,
  "tsnr": 29.62284812401049
}