{
  "aor": 0.00026322147651006714,
  "aqi": 0.006044873288590605,
  "bids_meta": {
    "AcquisitionMatrixPE": 106,
    "AcquisitionNumber": 1,
    "AcquisitionTime": "09:45:59.940000",
    "BandwidthPerPixelPhaseEncode": 16.551,
    "BaseResolution": 106,
    "BodyPartExamined": "HEAD",
    "CoilCombinationMethod": "Sum of Squares",
    "ConsistencyInfo": "N4_VE11C_LATEST_20160120",
    "ConversionSoftware": "dcm2niix",
    "ConversionSoftwareVersion": "v1.0.20211006",
    "Dcm2bidsVersion": "2.1.6",
    "DerivedVendorReportedEchoSpacing": 0.000569994,
    "DeviceSerialNumber": "66014",
    "DwellTime": 2e-06,
    "EchoTime": 0.03,
    "EchoTrainLength": 93,
    "EffectiveEchoSpacing": 0.000569994,
    "FlipAngle": 54,
    "ImageOrientationPatientDICOM": [
      0.998965,
      -0.0454772,
      -0.00107495,
      0.0453627,
      0.997659,
      -0.0511648
    ],
    "ImageOrientationText": "Tra>Cor(-2.9)>Sag(-0.2)",
    "ImageType": [
      "ORIGINAL",
      "PRIMARY",
      "M",
      "ND",
      "MOSAIC"
    ],
    "ImagingFrequency": 123.259,
    "InPlanePhaseEncodingDirectionDICOM": "COL",
    "InstitutionAddress": "Yiheyuan Road 5,Beijing  0FCA35,Haidian,CN,100871",
    "InstitutionName": "CMR of Peking Univeristy",
    "InstitutionalDepartmentName": "Department",
    "MRAcquisitionType": "2D",
    "MagneticFieldStrength": 3,
    "Manufacturer": "Siemens",
    "ManufacturersModelName": "Prisma",
    "Modality": "MR",
    "MultibandAccelerationFactor": 8,
    "PartialFourier": 0.875,
    "PatientPosition": "HFS",
    "PercentPhaseFOV": 100,
    "PercentSampling": 100,
    "PhaseEncodingDirection": "j-",
    "PhaseEncodingSteps": 93,
    "PhaseResolution": 1,
    "PixelBandwidth": 2360,
    "ProcedureStepDescription": "Research^Projects_64CH",
    "ProtocolName": "fMRI_run7_AP",
    "PulseSequenceDetails": "%SiemensSeq%\\ep2d_bold",
    "ReceiveCoilActiveElements": "HC1-7;NC1,2",
    "ReceiveCoilName": "HeadNeck_64",
    "ReconMatrixPE": 106,
    "RefLinesPE": 32,
    "RepetitionTime": 0.71,
    "SAR": 0.0987967,
    "ScanOptions": "PFP\\FS",
    "ScanningSequence": "EP",
    "SequenceName": "*epfid2d1_106",
    "SequenceVariant": "SK",
    "SeriesDescription": "fMRI_run7_AP",
    "SeriesNumber": 11,
    "ShimSetting": [
      -3443,
      -2110,
      -1897,
      246,
      39,
      -377,
      -49,
      15
    ],
    "SliceThickness": 2,
    "SliceTiming": [
      0.3075,
      0,
      0.385,
      0.0775,
      0.46,
      0.155,
      0.5375,
      0.23,
      0.615,
      0.3075,
      0,
      0.385,
      0.0775,
      0.46,
      0.155,
      0.5375,
      0.23,
      0.615,
      0.3075,
      0,
      0.385,
      0.0775,
      0.46,
      0.155,
      0.5375,
      0.23,
      0.615,
      0.3075,
      0,
      0.385,
      0.0775,
      0.46,
      0.155,
      0.5375,
      0.23,
      0.615,
      0.3075,
      0,
      0.385,
      0.0775,
      0.46,
      0.155,
      0.5375,
      0.23,
      0.615,
      0.3075,
      0,
      0.385,
      0.0775,
      0.46,
      0.155,
      0.5375,
      0.23,
      0.615,
      0.3075,
      0,
      0.385,
      0.0775,
      0.46,
      0.155,
      0.5375,
      0.23,
      0.615,
      0.3075,
      0,
      0.385,
      0.0775,
      0.46,
      0.155,
      0.5375,
      0.23,
      0.615
    ],
    "SoftwareVersions": "syngo MR E11",
    "SpacingBetweenSlices": 2,
    "StationName": "AWP66014",
    "TaskName": "Chinese-RDR",
    "TotalReadoutTime": 0.0598493,
    "TxRefAmp": 258.1,
    "dataset": "ds004078",
    "modality": "bold",
    "run_id": 37,
    "subject_id": "05",
    "task_id": "RDR"
  },
  "dummy_trs": 1,
  "dvars_nstd": 44.46190012923768,
  "dvars_std": 1.0250478488116592,
  "dvars_vstd": 1.0035932099775788,
  "efc": 0.5374776950328386,
  "fber": 419.07763671875,
  "fd_mean": 0.09209207460190248,
  "fd_num": 15,
  "fd_perc": 3.3557046979865772,
  "fwhm_avg": 3.44094,
  "fwhm_x": 3.17787,
  "fwhm_y": 3.6038,
  "fwhm_z": 3.54115,
  "gcor": 0.00918402,
  "gsr_x": -0.005224449094384909,
  "gsr_y": 0.06224801391363144,
  "provenance": {
    "md5sum": "0a973d684014891387e3f02ee0391257",
    "settings": {
      "fd_thres": 0.2,
      "testing": false
    },
    "software": "mriqc",
    "version": "23.0.1",
    "webapi_port": null,
    "webapi_url": "https://mriqc.nimh.nih.gov/api/v1"
  },
  "size_t": 447,
  "size_x": 106,
  "size_y": 106,
  "size_z": 72,
  "snr": 2.0721512278831242,
  "spacing_tr": 0.7099999785423279,
  "spacing_x": 2.0,
  "spacing_y": 2.0,
  "spacing_z": 2.0,
  "summary_bg_k": 27.902761933301377,
  "summary_bg_mad": 14.391524674387483,
  "summary_bg_mean": 49.13322448730469,
  "summary_bg_median": 22.9865779876709,
  "summary_bg_n": 532671.0,
  "summary_bg_p05": 12.134228706359863,
  "summary_bg_p95": 184.4888153076172,
  "summary_bg_stdv": 74.08369445800781,
  "summary_fg_k": 2.268102837701477,
  "summary_fg_mad": 203.8611305835541,
  "summary_fg_mean": 532.4657592773438,
  "summary_fg_median": 488.3277587890625,
  "summary_fg_n": 166938.0,
  "summary_fg_p05": 238.81878662109375,
  "summary_fg_p95": 972.8429565429686,
  "summary_fg_stdv": 235.66151428222656,
  "tsnr": 30.619138551410288
}