{
  "aor": 0.0003836933045356372,
  "aqi": 0.006782008228941685,
  "bids_meta": {
    "AcquisitionMatrixPE": 106,
    "AcquisitionNumber": 1,
    "AcquisitionTime": "09:48:12.132500",
    "BandwidthPerPixelPhaseEncode": 16.551,
    "BaseResolution": 106,
    "BodyPartExamined": "HEAD",
    "CoilCombinationMethod": "Sum of Squares",
    "ConsistencyInfo": "N4_VE11C_LATEST_20160120",
    "ConversionSoftware": "dcm2niix",
    "ConversionSoftwareVersion": "v1.0.20211006",
    "Dcm2bidsVersion": "2.1.6",
    "DerivedVendorReportedEchoSpacing": 0.000569994,
    "DeviceSerialNumber": "66014",
    "DwellTime": 2e-06,
    "EchoTime": 0.03,
    "EchoTrainLength": 93,
    "EffectiveEchoSpacing": 0.000569994,
    "FlipAngle": 54,
    "ImageOrientationPatientDICOM": [
      0.999962,
      -0.00872677,
      -4.76481e-05,
      0.00872655,
      0.999956,
      -0.00352378
    ],
    "ImageOrientationText": "Tra>Cor(-0.2)>Sag(-0.0)",
    "ImageType": [
      "ORIGINAL",
      "PRIMARY",
      "M",
      "ND",
      "MOSAIC"
    ],
    "ImagingFrequency": 123.259,
    "InPlanePhaseEncodingDirectionDICOM": "COL",
    "InstitutionAddress": "Yiheyuan Road 5,Beijing  0FCA35,Haidian,CN,100871",
    "InstitutionName": "CMR of Peking Univeristy",
    "InstitutionalDepartmentName": "Department",
    "MRAcquisitionType": "2D",
    "MagneticFieldStrength": 3,
    "Manufacturer": "Siemens",
    "ManufacturersModelName": "Prisma",
    "Modality": "MR",
    "MultibandAccelerationFactor": 8,
    "PartialFourier": 0.875,
    "PatientPosition": "HFS",
    "PercentPhaseFOV": 100,
    "PercentSampling": 100,
    "PhaseEncodingDirection": "j-",
    "PhaseEncodingSteps": 93,
    "PhaseResolution": 1,
    "PixelBandwidth": 2360,
    "ProcedureStepDescription": "Research^Projects_64CH",
    "ProtocolName": "fMRI_run6_AP",
    "PulseSequenceDetails": "%SiemensSeq%\\ep2d_bold",
    "ReceiveCoilActiveElements": "HC1-7;NC1,2",
    "ReceiveCoilName": "HeadNeck_64",
    "ReconMatrixPE": 106,
    "RefLinesPE": 32,
    "RepetitionTime": 0.71,
    "SAR": 0.0941307,
    "ScanOptions": "PFP\\FS",
    "ScanningSequence": "EP",
    "SequenceName": "*epfid2d1_106",
    "SequenceVariant": "SK",
    "SeriesDescription": "fMRI_run6_AP",
    "SeriesNumber": 10,
    "ShimSetting": [
      -3451,
      -2106,
      -1910,
      230,
      -6,
      -540,
      -67,
      22
    ],
    "SliceThickness": 2,
    "SliceTiming": [
      0.305,
      0,
      0.3825,
      0.075,
      0.46,
      0.1525,
      0.535,
      0.23,
      0.6125,
      0.305,
      0,
      0.3825,
      0.075,
      0.46,
      0.1525,
      0.535,
      0.23,
      0.6125,
      0.305,
      0,
      0.3825,
      0.075,
      0.46,
      0.1525,
      0.535,
      0.23,
      0.6125,
      0.305,
      0,
      0.3825,
      0.075,
      0.46,
      0.1525,
      0.535,
      0.23,
      0.6125,
      0.305,
      0,
      0.3825,
      0.075,
      0.46,
      0.1525,
      0.535,
      0.23,
      0.6125,
      0.305,
      0,
      0.3825,
      0.075,
      0.46,
      0.1525,
      0.535,
      0.23,
      0.6125,
      0.305,
      0,
      0.3825,
      0.075,
      0.46,
      0.1525,
      0.535,
      0.23,
      0.6125,
      0.305,
      0,
      0.3825,
      0.075,
      0.46,
      0.1525,
      0.535,
      0.23,
      0.6125
    ],
    "SoftwareVersions": "syngo MR E11",
    "SpacingBetweenSlices": 2,
    "StationName": "AWP66014",
    "TaskName": "Chinese-RDR",
    "TotalReadoutTime": 0.0598493,
    "TxRefAmp": 255.351,
    "dataset": "ds004078",
    "modality": "bold",
    "run_id": 56,
    "subject_id": "05",
    "task_id": "RDR"
  },
  "dummy_trs": 0,
  "dvars_nstd": 44.364943789242375,
  "dvars_std": 1.020104367337662,
  "dvars_vstd": 1.000452409285714,
  "efc": 0.5393985244120899,
  "fber": 399.4241027832031,
  "fd_mean": 0.0966311589309949,
  "fd_num": 18,
  "fd_perc": 3.8876889848812093,
  "fwhm_avg": 3.5497083333333332,
  "fwhm_x": 3.273095,
  "fwhm_y": 3.67953,
  "fwhm_z": 3.6965,
  "gcor": 0.00573769,
  "gsr_x": -0.01135738380253315,
  "gsr_y": 0.07389137148857117,
  "provenance": {
    "md5sum": "238847f19a7052319295ccff2542ba19",
    "settings": {
      "fd_thres": 0.2,
      "testing": false
    },
    "software": "mriqc",
    "version": "23.0.1",
    "webapi_port": null,
    "webapi_url": "https://mriqc.nimh.nih.gov/api/v1"
  },
  "size_t": 463,
  "size_x": 106,
  "size_y": 106,
  "size_z": 72,
  "snr": 2.011698536944436,
  "spacing_tr": 0.7099999785423279,
  "spacing_x": 2.0,
  "spacing_y": 2.0,
  "spacing_z": 2.0,
  "summary_bg_k": 26.11088976686999,
  "summary_bg_mad": 15.33196364208502,
  "summary_bg_mean": 51.68620300292969,
  "summary_bg_median": 23.71274185180664,
  "summary_bg_n": 530106.0,
  "summary_bg_p05": 12.19654369354248,
  "summary_bg_p95": 194.94005966186523,
  "summary_bg_stdv": 77.89328002929688,
  "summary_fg_k": 2.706065014887524,
  "summary_fg_mad": 208.68666870334073,
  "summary_fg_mean": 543.0929565429688,
  "summary_fg_median": 494.5474853515625,
  "summary_fg_n": 168222.0,
  "summary_fg_p05": 245.30064849853517,
  "summary_fg_p95": 1001.7677093505848,
  "summary_fg_stdv": 245.83505249023438,
  "tsnr": 29.590820259647444
}