{
  "aor": 0.00026225,
  "aqi": 0.0063763405535714295,
  "bids_meta": {
    "AcquisitionMatrixPE": 106,
    "AcquisitionNumber": 1,
    "AcquisitionTime": "09:11:53.592500",
    "BandwidthPerPixelPhaseEncode": 16.551,
    "BaseResolution": 106,
    "BodyPartExamined": "HEAD",
    "CoilCombinationMethod": "Sum of Squares",
    "ConsistencyInfo": "N4_VE11C_LATEST_20160120",
    "ConversionSoftware": "dcm2niix",
    "ConversionSoftwareVersion": "v1.0.20211006",
    "Dcm2bidsVersion": "2.1.6",
    "DerivedVendorReportedEchoSpacing": 0.000569994,
    "DeviceSerialNumber": "66014",
    "DwellTime": 2e-06,
    "EchoTime": 0.03,
    "EchoTrainLength": 93,
    "EffectiveEchoSpacing": 0.000569994,
    "FlipAngle": 54,
    "ImageOrientationPatientDICOM": [
      0.999739,
      -0.0220947,
      0.00579778,
      0.0226873,
      0.98998,
      -0.139374
    ],
    "ImageOrientationText": "Tra>Cor(-8.0)>Sag(0.2)",
    "ImageType": [
      "ORIGINAL",
      "PRIMARY",
      "M",
      "ND",
      "MOSAIC"
    ],
    "ImagingFrequency": 123.259,
    "InPlanePhaseEncodingDirectionDICOM": "COL",
    "InstitutionAddress": "Yiheyuan Road 5,Beijing  0FCA35,Haidian,CN,100871",
    "InstitutionName": "CMR of Peking Univeristy",
    "InstitutionalDepartmentName": "Department",
    "MRAcquisitionType": "2D",
    "MagneticFieldStrength": 3,
    "Manufacturer": "Siemens",
    "ManufacturersModelName": "Prisma",
    "Modality": "MR",
    "MultibandAccelerationFactor": 8,
    "PartialFourier": 0.875,
    "PatientPosition": "HFS",
    "PercentPhaseFOV": 100,
    "PercentSampling": 100,
    "PhaseEncodingDirection": "j-",
    "PhaseEncodingSteps": 93,
    "PhaseResolution": 1,
    "PixelBandwidth": 2360,
    "ProcedureStepDescription": "Research^Projects_64CH",
    "ProtocolName": "fMRI_run1_AP",
    "PulseSequenceDetails": "%SiemensSeq%\\ep2d_bold",
    "ReceiveCoilActiveElements": "HC1-7;NC1,2",
    "ReceiveCoilName": "HeadNeck_64",
    "ReconMatrixPE": 106,
    "RefLinesPE": 32,
    "RepetitionTime": 0.71,
    "SAR": 0.0882776,
    "ScanOptions": "PFP\\FS",
    "ScanningSequence": "EP",
    "SequenceName": "*epfid2d1_106",
    "SequenceVariant": "SK",
    "SeriesDescription": "fMRI_run1_AP",
    "SeriesNumber": 5,
    "ShimSetting": [
      -3456,
      -2096,
      -1905,
      266,
      9,
      -511,
      -76,
      24
    ],
    "SliceThickness": 2,
    "SliceTiming": [
      0.305,
      0,
      0.3825,
      0.075,
      0.46,
      0.1525,
      0.535,
      0.23,
      0.6125,
      0.305,
      0,
      0.3825,
      0.075,
      0.46,
      0.1525,
      0.535,
      0.23,
      0.6125,
      0.305,
      0,
      0.3825,
      0.075,
      0.46,
      0.1525,
      0.535,
      0.23,
      0.6125,
      0.305,
      0,
      0.3825,
      0.075,
      0.46,
      0.1525,
      0.535,
      0.23,
      0.6125,
      0.305,
      0,
      0.3825,
      0.075,
      0.46,
      0.1525,
      0.535,
      0.23,
      0.6125,
      0.305,
      0,
      0.3825,
      0.075,
      0.46,
      0.1525,
      0.535,
      0.23,
      0.6125,
      0.305,
      0,
      0.3825,
      0.075,
      0.46,
      0.1525,
      0.535,
      0.23,
      0.6125,
      0.305,
      0,
      0.3825,
      0.075,
      0.46,
      0.1525,
      0.535,
      0.23,
      0.6125
    ],
    "SoftwareVersions": "syngo MR E11",
    "SpacingBetweenSlices": 2,
    "StationName": "AWP66014",
    "TaskName": "Chinese-RDR",
    "TotalReadoutTime": 0.0598493,
    "TxRefAmp": 250.502,
    "dataset": "ds004078",
    "modality": "bold",
    "run_id": 41,
    "subject_id": "05",
    "task_id": "RDR"
  },
  "dummy_trs": 1,
  "dvars_nstd": 43.17019477914134,
  "dvars_std": 1.013822381109124,
  "dvars_vstd": 0.9954912315205723,
  "efc": 0.5331923535402759,
  "fber": 434.5082702636719,
  "fd_mean": 0.12377878794451072,
  "fd_num": 53,
  "fd_perc": 9.464285714285714,
  "fwhm_avg": 3.5557033333333337,
  "fwhm_x": 3.302465,
  "fwhm_y": 3.72373,
  "fwhm_z": 3.640915,
  "gcor": 0.00734077,
  "gsr_x": -0.008731729350984097,
  "gsr_y": 0.06549283862113953,
  "provenance": {
    "md5sum": "2af36f7b2a441e8c62057eada4ff63cd",
    "settings": {
      "fd_thres": 0.2,
      "testing": false
    },
    "software": "mriqc",
    "version": "23.0.1",
    "webapi_port": null,
    "webapi_url": "https://mriqc.nimh.nih.gov/api/v1"
  },
  "size_t": 560,
  "size_x": 106,
  "size_y": 106,
  "size_z": 72,
  "snr": 1.9910816667250664,
  "spacing_tr": 0.7099999785423279,
  "spacing_x": 2.0,
  "spacing_y": 2.0,
  "spacing_z": 2.0,
  "summary_bg_k": 27.316887460844352,
  "summary_bg_mad": 15.035176250352613,
  "summary_bg_mean": 51.15499496459961,
  "summary_bg_median": 23.512500762939453,
  "summary_bg_n": 532256.0,
  "summary_bg_p05": 12.276785850524902,
  "summary_bg_p95": 193.05268096923828,
  "summary_bg_stdv": 78.0115737915039,
  "summary_fg_k": 2.565465141677418,
  "summary_fg_mad": 218.27745540872948,
  "summary_fg_mean": 560.4409790039062,
  "summary_fg_median": 509.5999755859375,
  "summary_fg_n": 166934.0,
  "summary_fg_p05": 250.6606315612793,
  "summary_fg_p95": 1040.7093505859377,
  "summary_fg_stdv": 255.9405059814453,
  "tsnr": 29.763643140904605
}