{
  "aor": 0.0009598577235772358,
  "aqi": 0.007489090040650407,
  "bids_meta": {
    "AcquisitionMatrixPE": 106,
    "AcquisitionNumber": 1,
    "AcquisitionTime": "09:28:47.452500",
    "BandwidthPerPixelPhaseEncode": 16.551,
    "BaseResolution": 106,
    "BodyPartExamined": "HEAD",
    "CoilCombinationMethod": "Sum of Squares",
    "ConsistencyInfo": "N4_VE11C_LATEST_20160120",
    "ConversionSoftware": "dcm2niix",
    "ConversionSoftwareVersion": "v1.0.20211006",
    "Dcm2bidsVersion": "2.1.6",
    "DerivedVendorReportedEchoSpacing": 0.000569994,
    "DeviceSerialNumber": "66014",
    "DwellTime": 2e-06,
    "EchoTime": 0.03,
    "EchoTrainLength": 93,
    "EffectiveEchoSpacing": 0.000569994,
    "FlipAngle": 54,
    "ImageOrientationPatientDICOM": [
      0.999739,
      -0.0220947,
      0.00579778,
      0.0226873,
      0.98998,
      -0.139374
    ],
    "ImageOrientationText": "Tra>Cor(-8.0)>Sag(0.2)",
    "ImageType": [
      "ORIGINAL",
      "PRIMARY",
      "M",
      "ND",
      "MOSAIC"
    ],
    "ImagingFrequency": 123.259,
    "InPlanePhaseEncodingDirectionDICOM": "COL",
    "InstitutionAddress": "Yiheyuan Road 5,Beijing  0FCA35,Haidian,CN,100871",
    "InstitutionName": "CMR of Peking Univeristy",
    "InstitutionalDepartmentName": "Department",
    "MRAcquisitionType": "2D",
    "MagneticFieldStrength": 3,
    "Manufacturer": "Siemens",
    "ManufacturersModelName": "Prisma",
    "Modality": "MR",
    "MultibandAccelerationFactor": 8,
    "PartialFourier": 0.875,
    "PatientPosition": "HFS",
    "PercentPhaseFOV": 100,
    "PercentSampling": 100,
    "PhaseEncodingDirection": "j-",
    "PhaseEncodingSteps": 93,
    "PhaseResolution": 1,
    "PixelBandwidth": 2360,
    "ProcedureStepDescription": "Research^Projects_64CH",
    "ProtocolName": "fMRI_run3_AP",
    "PulseSequenceDetails": "%SiemensSeq%\\ep2d_bold",
    "ReceiveCoilActiveElements": "HC1-7;NC1,2",
    "ReceiveCoilName": "HeadNeck_64",
    "ReconMatrixPE": 106,
    "RefLinesPE": 32,
    "RepetitionTime": 0.71,
    "SAR": 0.0881199,
    "ScanOptions": "PFP\\FS",
    "ScanningSequence": "EP",
    "SequenceName": "*epfid2d1_106",
    "SequenceVariant": "SK",
    "SeriesDescription": "fMRI_run3_AP",
    "SeriesNumber": 8,
    "ShimSetting": [
      -3456,
      -2096,
      -1905,
      266,
      9,
      -511,
      -76,
      24
    ],
    "SliceThickness": 2,
    "SliceTiming": [
      0.3075,
      0,
      0.385,
      0.0775,
      0.46,
      0.155,
      0.5375,
      0.23,
      0.615,
      0.3075,
      0,
      0.385,
      0.0775,
      0.46,
      0.155,
      0.5375,
      0.23,
      0.615,
      0.3075,
      0,
      0.385,
      0.0775,
      0.46,
      0.155,
      0.5375,
      0.23,
      0.615,
      0.3075,
      0,
      0.385,
      0.0775,
      0.46,
      0.155,
      0.5375,
      0.23,
      0.615,
      0.3075,
      0,
      0.385,
      0.0775,
      0.46,
      0.155,
      0.5375,
      0.23,
      0.615,
      0.3075,
      0,
      0.385,
      0.0775,
      0.46,
      0.155,
      0.5375,
      0.23,
      0.615,
      0.3075,
      0,
      0.385,
      0.0775,
      0.46,
      0.155,
      0.5375,
      0.23,
      0.615,
      0.3075,
      0,
      0.385,
      0.0775,
      0.46,
      0.155,
      0.5375,
      0.23,
      0.615
    ],
    "SoftwareVersions": "syngo MR E11",
    "SpacingBetweenSlices": 2,
    "StationName": "AWP66014",
    "TaskName": "Chinese-RDR",
    "TotalReadoutTime": 0.0598493,
    "TxRefAmp": 250.502,
    "dataset": "ds004078",
    "modality": "bold",
    "run_id": 43,
    "subject_id": "05",
    "task_id": "RDR"
  },
  "dummy_trs": 1,
  "dvars_nstd": 44.04653187148674,
  "dvars_std": 1.0223112293279029,
  "dvars_vstd": 1.0071706628513228,
  "efc": 0.5352764412452189,
  "fber": 420.9131164550781,
  "fd_mean": 0.11667128177147323,
  "fd_num": 48,
  "fd_perc": 9.75609756097561,
  "fwhm_avg": 3.4817766666666667,
  "fwhm_x": 3.243925,
  "fwhm_y": 3.665685,
  "fwhm_z": 3.53572,
  "gcor": 0.0115507,
  "gsr_x": -0.008616488426923752,
  "gsr_y": 0.06238006427884102,
  "provenance": {
    "md5sum": "e823329ebd80753245047ef1762db81d",
    "settings": {
      "fd_thres": 0.2,
      "testing": false
    },
    "software": "mriqc",
    "version": "23.0.1",
    "webapi_port": null,
    "webapi_url": "https://mriqc.nimh.nih.gov/api/v1"
  },
  "size_t": 492,
  "size_x": 106,
  "size_y": 106,
  "size_z": 72,
  "snr": 1.9676361574052164,
  "spacing_tr": 0.7099999785423279,
  "spacing_x": 2.0,
  "spacing_y": 2.0,
  "spacing_z": 2.0,
  "summary_bg_k": 26.932304398017973,
  "summary_bg_mad": 15.091204230690236,
  "summary_bg_mean": 51.7432746887207,
  "summary_bg_median": 23.70121955871582,
  "summary_bg_n": 530668.0,
  "summary_bg_p05": 12.345527648925781,
  "summary_bg_p95": 195.85080642700166,
  "summary_bg_stdv": 78.88619995117188,
  "summary_fg_k": 2.7386108692081272,
  "summary_fg_mad": 217.8626679380828,
  "summary_fg_mean": 555.9351196289062,
  "summary_fg_median": 504.85870361328125,
  "summary_fg_n": 167854.0,
  "summary_fg_p05": 245.77976150512694,
  "summary_fg_p95": 1037.412176513672,
  "summary_fg_stdv": 256.58056640625,
  "tsnr": 28.15174402203411
}