{
  "aor": 0.0003747894736842105,
  "aqi": 0.006577022921052632,
  "bids_meta": {
    "AcquisitionMatrixPE": 106,
    "AcquisitionNumber": 1,
    "AcquisitionTime": "10:07:47.805000",
    "BandwidthPerPixelPhaseEncode": 16.551,
    "BaseResolution": 106,
    "BodyPartExamined": "HEAD",
    "CoilCombinationMethod": "Sum of Squares",
    "ConsistencyInfo": "N4_VE11C_LATEST_20160120",
    "ConversionSoftware": "dcm2niix",
    "ConversionSoftwareVersion": "v1.0.20211006",
    "Dcm2bidsVersion": "2.1.6",
    "DerivedVendorReportedEchoSpacing": 0.000569994,
    "DeviceSerialNumber": "66014",
    "DwellTime": 2e-06,
    "EchoTime": 0.03,
    "EchoTrainLength": 93,
    "EffectiveEchoSpacing": 0.000569994,
    "FlipAngle": 54,
    "ImageOrientationPatientDICOM": [
      0.99998,
      0.00554297,
      0.00307335,
      -0.0052359,
      0.995723,
      -0.0922353
    ],
    "ImageOrientationText": "Tra>Cor(-5.3)>Sag(0.2)",
    "ImageType": [
      "ORIGINAL",
      "PRIMARY",
      "M",
      "ND",
      "MOSAIC"
    ],
    "ImagingFrequency": 123.259,
    "InPlanePhaseEncodingDirectionDICOM": "COL",
    "InstitutionAddress": "Yiheyuan Road 5,Beijing  0FCA35,Haidian,CN,100871",
    "InstitutionName": "CMR of Peking Univeristy",
    "InstitutionalDepartmentName": "Department",
    "MRAcquisitionType": "2D",
    "MagneticFieldStrength": 3,
    "Manufacturer": "Siemens",
    "ManufacturersModelName": "Prisma",
    "Modality": "MR",
    "MultibandAccelerationFactor": 8,
    "PartialFourier": 0.875,
    "PatientPosition": "HFS",
    "PercentPhaseFOV": 100,
    "PercentSampling": 100,
    "PhaseEncodingDirection": "j-",
    "PhaseEncodingSteps": 93,
    "PhaseResolution": 1,
    "PixelBandwidth": 2360,
    "ProcedureStepDescription": "Research^Projects_64CH",
    "ProtocolName": "fMRI_run10_AP",
    "PulseSequenceDetails": "%SiemensSeq%\\ep2d_bold",
    "ReceiveCoilActiveElements": "HC1-7;NC1,2",
    "ReceiveCoilName": "HeadNeck_64",
    "ReconMatrixPE": 106,
    "RefLinesPE": 32,
    "RepetitionTime": 0.71,
    "SAR": 0.110692,
    "ScanOptions": "PFP\\FS",
    "ScanningSequence": "EP",
    "SequenceName": "*epfid2d1_106",
    "SequenceVariant": "SK",
    "SeriesDescription": "fMRI_run10_AP",
    "SeriesNumber": 14,
    "ShimSetting": [
      -3460,
      -2096,
      -1920,
      240,
      40,
      -590,
      -98,
      69
    ],
    "SliceThickness": 2,
    "SliceTiming": [
      0.3075,
      0,
      0.385,
      0.0775,
      0.46,
      0.155,
      0.5375,
      0.23,
      0.615,
      0.3075,
      0,
      0.385,
      0.0775,
      0.46,
      0.155,
      0.5375,
      0.23,
      0.615,
      0.3075,
      0,
      0.385,
      0.0775,
      0.46,
      0.155,
      0.5375,
      0.23,
      0.615,
      0.3075,
      0,
      0.385,
      0.0775,
      0.46,
      0.155,
      0.5375,
      0.23,
      0.615,
      0.3075,
      0,
      0.385,
      0.0775,
      0.46,
      0.155,
      0.5375,
      0.23,
      0.615,
      0.3075,
      0,
      0.385,
      0.0775,
      0.46,
      0.155,
      0.5375,
      0.23,
      0.615,
      0.3075,
      0,
      0.385,
      0.0775,
      0.46,
      0.155,
      0.5375,
      0.23,
      0.615,
      0.3075,
      0,
      0.385,
      0.0775,
      0.46,
      0.155,
      0.5375,
      0.23,
      0.615
    ],
    "SoftwareVersions": "syngo MR E11",
    "SpacingBetweenSlices": 2,
    "StationName": "AWP66014",
    "TaskName": "Chinese-RDR",
    "TotalReadoutTime": 0.0598493,
    "TxRefAmp": 265.594,
    "dataset": "ds004078",
    "modality": "bold",
    "run_id": 20,
    "subject_id": "05",
    "task_id": "RDR"
  },
  "dummy_trs": 0,
  "dvars_nstd": 44.29073765506593,
  "dvars_std": 1.0148174802638519,
  "dvars_vstd": 1.0015040260422166,
  "efc": 0.5478494473787846,
  "fber": 370.3155517578125,
  "fd_mean": 0.08810950134904533,
  "fd_num": 1,
  "fd_perc": 0.2631578947368421,
  "fwhm_avg": 3.49119,
  "fwhm_x": 3.18868,
  "fwhm_y": 3.680165,
  "fwhm_z": 3.604725,
  "gcor": 0.0053117,
  "gsr_x": -0.013404854573309422,
  "gsr_y": 0.07373278588056564,
  "provenance": {
    "md5sum": "0d4fa3fb34d135a52569f6f9bc969ecf",
    "settings": {
      "fd_thres": 0.2,
      "testing": false
    },
    "software": "mriqc",
    "version": "23.0.1",
    "webapi_port": null,
    "webapi_url": "https://mriqc.nimh.nih.gov/api/v1"
  },
  "size_t": 380,
  "size_x": 106,
  "size_y": 106,
  "size_z": 72,
  "snr": 2.0496635659947278,
  "spacing_tr": 0.7099999785423279,
  "spacing_x": 2.0,
  "spacing_y": 2.0,
  "spacing_z": 2.0,
  "summary_bg_k": 21.544877468330544,
  "summary_bg_mad": 15.766304207671602,
  "summary_bg_mean": 54.317405700683594,
  "summary_bg_median": 24.24736976623535,
  "summary_bg_n": 528591.0,
  "summary_bg_p05": 12.328948020935059,
  "summary_bg_p95": 213.2671127319336,
  "summary_bg_stdv": 81.99683380126953,
  "summary_fg_k": 2.5662894042830438,
  "summary_fg_mad": 205.94909401978722,
  "summary_fg_mean": 531.1688232421875,
  "summary_fg_median": 486.0526428222656,
  "summary_fg_n": 169841.0,
  "summary_fg_p05": 239.0921173095703,
  "summary_fg_p95": 967.1421508789062,
  "summary_fg_stdv": 237.13706970214844,
  "tsnr": 29.472303302958608
}