{
  "bids_meta": {
    "AcquisitionMatrixPE": 300,
    "AcquisitionNumber": 1,
    "AcquisitionTime": "18:57:47.697500",
    "BaseResolution": 320,
    "BodyPartExamined": "HEAD",
    "CoilCombinationMethod": "Adaptive Combine",
    "ConsistencyInfo": "N4_VE11C_LATEST_20160120",
    "ConversionSoftware": "dcm2niix",
    "ConversionSoftwareVersion": "v1.0.20211006",
    "Dcm2bidsVersion": "2.1.6",
    "DeviceSerialNumber": "66014",
    "DwellTime": 2.1e-06,
    "EchoTime": 0.563,
    "EchoTrainLength": 314,
    "FlipAngle": 120,
    "ImageOrientationPatientDICOM": [
      -0.0162392,
      0.99926,
      -0.0348804,
      0.0336721,
      -0.0343186,
      -0.998844
    ],
    "ImageOrientationText": "Sag>Tra(-1.9)>Cor(-1.0)",
    "ImageType": [
      "ORIGINAL",
      "PRIMARY",
      "M",
      "ND",
      "NORM"
    ],
    "ImagingFrequency": 123.259,
    "InPlanePhaseEncodingDirectionDICOM": "ROW",
    "InstitutionAddress": "Yiheyuan Road 5,Beijing  0FCA35,Haidian,CN,100871",
    "InstitutionName": "CMR of Peking Univeristy",
    "InstitutionalDepartmentName": "Department",
    "MRAcquisitionType": "3D",
    "MagneticFieldStrength": 3,
    "Manufacturer": "Siemens",
    "ManufacturersModelName": "Prisma",
    "MatrixCoilMode": "GRAPPA",
    "Modality": "MR",
    "ParallelReductionFactorInPlane": 2,
    "PartialFourier": 1,
    "PatientPosition": "HFS",
    "PercentPhaseFOV": 93.75,
    "PercentSampling": 100,
    "PhaseEncodingDirection": "i",
    "PhaseEncodingSteps": 297,
    "PhaseResolution": 1,
    "PixelBandwidth": 745,
    "ProcedureStepDescription": "Research^Projects_64CH",
    "ProtocolName": "T2w_SPC",
    "PulseSequenceDetails": "%SiemensSeq%\\tse_vfl",
    "ReceiveCoilActiveElements": "HC1-7;NC1,2",
    "ReceiveCoilName": "HeadNeck_64",
    "ReconMatrixPE": 300,
    "RefLinesPE": 32,
    "RepetitionTime": 3.2,
    "SAR": 0.185387,
    "ScanOptions": "PFP",
    "ScanningSequence": "SE",
    "SequenceName": "*spcR_314ns",
    "SequenceVariant": "SK\\SP",
    "SeriesDescription": "T2w_SPC",
    "SeriesNumber": 6,
    "ShimSetting": [
      -3435,
      -2113,
      -1936,
      -37,
      -13,
      -473,
      1,
      41
    ],
    "SliceThickness": 0.8,
    "SoftwareVersions": "syngo MR E11",
    "SpoilingState": true,
    "StationName": "AWP66014",
    "TxRefAmp": 267.486,
    "dataset": "ds004078",
    "modality": "T2w",
    "run_id": 2,
    "subject_id": "06"
  },
  "cjv": 0.3521451080364316,
  "cnr": 1.9032763390459495,
  "efc": 0.5646915539208218,
  "fber": 5026.1418546640725,
  "fwhm_avg": 2.5284957956558096,
  "fwhm_x": 2.514912462524884,
  "fwhm_y": 2.715037459542789,
  "fwhm_z": 2.3555374648997565,
  "icvs_csf": 0.38477465428870816,
  "icvs_gm": 0.1765424242232698,
  "icvs_wm": 0.43868292148802207,
  "inu_med": 0.9428607821464539,
  "inu_range": 0.2321636438369752,
  "provenance": {
    "md5sum": "dce560648ea6aaac848412bc38a3cfd3",
    "settings": {
      "testing": false
    },
    "software": "mriqc",
    "version": "23.0.1",
    "warnings": {
      "large_rot_frame": true,
      "small_air_mask": false
    },
    "webapi_port": null,
    "webapi_url": "https://mriqc.nimh.nih.gov/api/v1"
  },
  "qi_1": 0.0,
  "qi_2": 0.0010621439094404125,
  "rpve_csf": 12.72140037199256,
  "rpve_gm": 30.55710619368085,
  "rpve_wm": 12.389783758514604,
  "size_x": 224,
  "size_y": 300,
  "size_z": 320,
  "snr_csf": 10.289689702683038,
  "snr_gm": 2.662132083234761,
  "snr_total": 7.637832597615919,
  "snr_wm": 9.961676006929956,
  "snrd_csf": 80.94168401897707,
  "snrd_gm": 172.72686921359127,
  "snrd_total": 100.84908534281715,
  "snrd_wm": 48.87870279588311,
  "spacing_x": 0.800000011920929,
  "spacing_y": 0.800000011920929,
  "spacing_z": 0.800000011920929,
  "summary_bg_k": 32.95336275344233,
  "summary_bg_mad": 0.0,
  "summary_bg_mean": 7.675104560624876,
  "summary_bg_median": 0.0,
  "summary_bg_n": 4050474.0,
  "summary_bg_p05": 0.0,
  "summary_bg_p95": 32.55419133603573,
  "summary_bg_stdv": 13.40434328193509,
  "summary_csf_k": 1.0140980187461173,
  "summary_csf_mad": 149.4839943115554,
  "summary_csf_mean": 1664.4680942599266,
  "summary_csf_median": 1656.0980559289455,
  "summary_csf_n": 97358.0,
  "summary_csf_p05": 1418.4216021224856,
  "summary_csf_p95": 1936.3572434261441,
  "summary_csf_stdv": 160.9465006780214,
  "summary_gm_k": -0.10881023698401027,
  "summary_gm_mad": 798.4298120038012,
  "summary_gm_mean": 2990.958999765538,
  "summary_gm_median": 3534.0583257973194,
  "summary_gm_n": 74749.0,
  "summary_gm_p05": 176.68748776316644,
  "summary_gm_p95": 4192.547845333815,
  "summary_gm_stdv": 1327.520414359633,
  "summary_wm_k": 0.8223188423939614,
  "summary_wm_mad": 93.89928028292806,
  "summary_wm_mean": 999.6789863285247,
  "summary_wm_median": 1000.0771006643772,
  "summary_wm_n": 444449.0,
  "summary_wm_p05": 835.2232928797603,
  "summary_wm_p95": 1160.379493072629,
  "summary_wm_stdv": 100.39234109730367,
  "tpm_overlap_csf": 0.10600866789695884,
  "tpm_overlap_gm": 0.10303519910652092,
  "tpm_overlap_wm": 0.4528382080835811,
  "wm2max": 0.23834387190814502
}