{
  "bids_meta": {
    "AcquisitionMatrixPE": 300,
    "AcquisitionNumber": 1,
    "AcquisitionTime": "18:57:47.697500",
    "BaseResolution": 320,
    "BodyPartExamined": "HEAD",
    "CoilCombinationMethod": "Adaptive Combine",
    "ConsistencyInfo": "N4_VE11C_LATEST_20160120",
    "ConversionSoftware": "dcm2niix",
    "ConversionSoftwareVersion": "v1.0.20211006",
    "Dcm2bidsVersion": "2.1.6",
    "DeviceSerialNumber": "66014",
    "DwellTime": 2.1e-06,
    "EchoTime": 0.563,
    "EchoTrainLength": 314,
    "FlipAngle": 120,
    "ImageOrientationPatientDICOM": [
      -0.0162392,
      0.99926,
      -0.0348804,
      0.0336721,
      -0.0343186,
      -0.998844
    ],
    "ImageOrientationText": "Sag>Tra(-1.9)>Cor(-1.0)",
    "ImageType": [
      "ORIGINAL",
      "PRIMARY",
      "M",
      "ND"
    ],
    "ImagingFrequency": 123.259,
    "InPlanePhaseEncodingDirectionDICOM": "ROW",
    "InstitutionAddress": "Yiheyuan Road 5,Beijing  0FCA35,Haidian,CN,100871",
    "InstitutionName": "CMR of Peking Univeristy",
    "InstitutionalDepartmentName": "Department",
    "MRAcquisitionType": "3D",
    "MagneticFieldStrength": 3,
    "Manufacturer": "Siemens",
    "ManufacturersModelName": "Prisma",
    "MatrixCoilMode": "GRAPPA",
    "Modality": "MR",
    "ParallelReductionFactorInPlane": 2,
    "PartialFourier": 1,
    "PatientPosition": "HFS",
    "PercentPhaseFOV": 93.75,
    "PercentSampling": 100,
    "PhaseEncodingDirection": "i",
    "PhaseEncodingSteps": 297,
    "PhaseResolution": 1,
    "PixelBandwidth": 745,
    "ProcedureStepDescription": "Research^Projects_64CH",
    "ProtocolName": "T2w_SPC",
    "PulseSequenceDetails": "%SiemensSeq%\\tse_vfl",
    "ReceiveCoilActiveElements": "HC1-7;NC1,2",
    "ReceiveCoilName": "HeadNeck_64",
    "ReconMatrixPE": 300,
    "RefLinesPE": 32,
    "RepetitionTime": 3.2,
    "SAR": 0.185387,
    "ScanOptions": "PFP",
    "ScanningSequence": "SE",
    "SequenceName": "*spcR_314ns",
    "SequenceVariant": "SK\\SP",
    "SeriesDescription": "T2w_SPC",
    "SeriesNumber": 5,
    "ShimSetting": [
      -3435,
      -2113,
      -1936,
      -37,
      -13,
      -473,
      1,
      41
    ],
    "SliceThickness": 0.8,
    "SoftwareVersions": "syngo MR E11",
    "SpoilingState": true,
    "StationName": "AWP66014",
    "TxRefAmp": 267.486,
    "dataset": "ds004078",
    "modality": "T2w",
    "run_id": 1,
    "subject_id": "06"
  },
  "cjv": 0.6265814223640829,
  "cnr": 1.4913515762347127,
  "efc": 0.5767283281261256,
  "fber": 3335.3375056689338,
  "fwhm_avg": 3.4875957813641065,
  "fwhm_x": 3.5135624476438396,
  "fwhm_y": 3.62526244597938,
  "fwhm_z": 3.3239624504690997,
  "icvs_csf": 0.40849275690464454,
  "icvs_gm": 0.16439157437925736,
  "icvs_wm": 0.4271156687160981,
  "inu_med": 0.9867139458656311,
  "inu_range": 0.899791419506073,
  "provenance": {
    "md5sum": "18ea123e1bbb7bad45fea910c394fd7f",
    "settings": {
      "testing": false
    },
    "software": "mriqc",
    "version": "23.0.1",
    "warnings": {
      "large_rot_frame": true,
      "small_air_mask": false
    },
    "webapi_port": null,
    "webapi_url": "https://mriqc.nimh.nih.gov/api/v1"
  },
  "qi_1": 0.0,
  "qi_2": 0.00045377819113065124,
  "rpve_csf": 12.414439555437767,
  "rpve_gm": 32.084944443280044,
  "rpve_wm": 12.802421130920145,
  "size_x": 224,
  "size_y": 300,
  "size_z": 320,
  "snr_csf": 6.777994854094555,
  "snr_gm": 2.0531094354260895,
  "snr_total": 5.467621085698941,
  "snr_wm": 7.571758967576177,
  "snrd_csf": 40.47811118664484,
  "snrd_gm": 82.228943349268,
  "snrd_total": 48.34555882852419,
  "snrd_wm": 22.329621949659742,
  "spacing_x": 0.800000011920929,
  "spacing_y": 0.800000011920929,
  "spacing_z": 0.800000011920929,
  "summary_bg_k": 11.084285484416368,
  "summary_bg_mad": 0.0,
  "summary_bg_mean": 19.45763151900673,
  "summary_bg_median": 0.0,
  "summary_bg_n": 4034783.0,
  "summary_bg_p05": 0.0,
  "summary_bg_p95": 74.71863178163767,
  "summary_bg_stdv": 29.342398392926505,
  "summary_csf_k": 0.9163278640906283,
  "summary_csf_mad": 238.7057521348409,
  "summary_csf_mean": 1839.8021289668536,
  "summary_csf_median": 1812.9428690448403,
  "summary_csf_n": 137028.0,
  "summary_csf_p05": 1449.1454582363367,
  "summary_csf_p95": 2337.0153923779726,
  "summary_csf_stdv": 267.47383154323114,
  "summary_gm_k": -1.35072145263423,
  "summary_gm_mad": 1563.2522977995602,
  "summary_gm_mean": 2973.375743021244,
  "summary_gm_median": 3682.8886552229524,
  "summary_gm_n": 80721.0,
  "summary_gm_p05": 139.74572554975748,
  "summary_gm_p95": 5010.941993333399,
  "summary_gm_stdv": 1793.7990928043992,
  "summary_wm_k": 1.2734350596496933,
  "summary_wm_mad": 117.73060396553319,
  "summary_wm_mean": 1001.7483376384272,
  "summary_wm_median": 1000.1041969433427,
  "summary_wm_n": 510758.0,
  "summary_wm_p05": 788.974562369287,
  "summary_wm_p95": 1219.674848496914,
  "summary_wm_stdv": 132.08334050071065,
  "tpm_overlap_csf": 0.11071475337592278,
  "tpm_overlap_gm": 0.0911371259824411,
  "tpm_overlap_wm": 0.4765381962226359,
  "wm2max": 0.20061037855504102
}