{
  "bids_meta": {
    "AcquisitionMatrixPE": 300,
    "AcquisitionNumber": 1,
    "AcquisitionTime": "18:50:55.635000",
    "BaseResolution": 320,
    "BodyPartExamined": "HEAD",
    "CoilCombinationMethod": "Adaptive Combine",
    "ConsistencyInfo": "N4_VE11C_LATEST_20160120",
    "ConversionSoftware": "dcm2niix",
    "ConversionSoftwareVersion": "v1.0.20211006",
    "Dcm2bidsVersion": "2.1.6",
    "DeviceSerialNumber": "66014",
    "DwellTime": 7.1e-06,
    "EchoTime": 0.00222,
    "FlipAngle": 8,
    "ImageOrientationPatientDICOM": [
      -0.0162392,
      0.99926,
      -0.0348804,
      0.0336721,
      -0.0343186,
      -0.998844
    ],
    "ImageOrientationText": "Sag>Tra(-1.9)>Cor(-1.0)",
    "ImageType": [
      "ORIGINAL",
      "PRIMARY",
      "M",
      "ND",
      "NORM"
    ],
    "ImagingFrequency": 123.259,
    "InPlanePhaseEncodingDirectionDICOM": "ROW",
    "InstitutionAddress": "Yiheyuan Road 5,Beijing  0FCA35,Haidian,CN,100871",
    "InstitutionName": "CMR of Peking Univeristy",
    "InstitutionalDepartmentName": "Department",
    "InversionTime": 1,
    "MRAcquisitionType": "3D",
    "MagneticFieldStrength": 3,
    "Manufacturer": "Siemens",
    "ManufacturersModelName": "Prisma",
    "MatrixCoilMode": "GRAPPA",
    "Modality": "MR",
    "ParallelReductionFactorInPlane": 2,
    "PartialFourier": 1,
    "PatientPosition": "HFS",
    "PercentPhaseFOV": 93.75,
    "PercentSampling": 100,
    "PhaseEncodingSteps": 299,
    "PhaseResolution": 1,
    "PixelBandwidth": 220,
    "ProcedureStepDescription": "Research^Projects_64CH",
    "ProtocolName": "T1w_MPR",
    "PulseSequenceDetails": "%SiemensSeq%\\tfl",
    "ReceiveCoilActiveElements": "HC1-7;NC1,2",
    "ReceiveCoilName": "HeadNeck_64",
    "ReconMatrixPE": 300,
    "RefLinesPE": 32,
    "RepetitionTime": 2.4,
    "SAR": 0.0538728,
    "ScanOptions": "IR\\WE",
    "ScanningSequence": "GR\\IR",
    "SequenceName": "*tfl3d1_16ns",
    "SequenceVariant": "SK\\SP\\MP",
    "SeriesDescription": "T1w_MPR",
    "SeriesNumber": 4,
    "ShimSetting": [
      -3435,
      -2113,
      -1936,
      -37,
      -13,
      -473,
      1,
      41
    ],
    "SliceThickness": 0.8,
    "SoftwareVersions": "syngo MR E11",
    "SpoilingState": true,
    "StationName": "AWP66014",
    "TxRefAmp": 267.486,
    "dataset": "ds004078",
    "modality": "T1w",
    "run_id": 2,
    "subject_id": "06"
  },
  "cjv": 0.35618924152624754,
  "cnr": 3.746230055425105,
  "efc": 0.6086651642779015,
  "fber": 29813.777777777777,
  "fwhm_avg": 4.628683264360578,
  "fwhm_x": 4.765424928989635,
  "fwhm_y": 4.440262433834934,
  "fwhm_z": 4.680362430257165,
  "icvs_csf": 0.19591434589176676,
  "icvs_gm": 0.4358599927605969,
  "icvs_wm": 0.36822566134763635,
  "inu_med": 0.47119833528995514,
  "inu_range": 0.19501364827156065,
  "provenance": {
    "md5sum": "118c7c2968abe3ecef9387767fcaf664",
    "settings": {
      "testing": false
    },
    "software": "mriqc",
    "version": "23.0.1",
    "warnings": {
      "large_rot_frame": true,
      "small_air_mask": false
    },
    "webapi_port": null,
    "webapi_url": "https://mriqc.nimh.nih.gov/api/v1"
  },
  "qi_1": 0.0,
  "qi_2": 0.000564376268738376,
  "rpve_csf": 24.490221478356567,
  "rpve_gm": 11.76546877573554,
  "rpve_wm": 15.672782968879808,
  "size_x": 224,
  "size_y": 300,
  "size_z": 320,
  "snr_csf": 2.410957998708595,
  "snr_gm": 13.0009124758548,
  "snr_total": 13.057186466217496,
  "snr_wm": 23.75968892408909,
  "snrd_csf": 28.319076023292485,
  "snrd_gm": 75.82729031786953,
  "snrd_total": 69.10828850903253,
  "snrd_wm": 103.17849918593556,
  "spacing_x": 0.800000011920929,
  "spacing_y": 0.800000011920929,
  "spacing_z": 0.800000011920929,
  "summary_bg_k": 12.085649458214386,
  "summary_bg_mad": 0.0,
  "summary_bg_mean": 3.9555216506353323,
  "summary_bg_median": 0.0,
  "summary_bg_n": 4077193.0,
  "summary_bg_p05": 0.0,
  "summary_bg_p95": 16.650185445323586,
  "summary_bg_stdv": 6.349713384634173,
  "summary_csf_k": 0.49011547049384196,
  "summary_csf_mad": 100.80284298896598,
  "summary_csf_mean": 276.92385999380474,
  "summary_csf_median": 274.4741645641625,
  "summary_csf_n": 102842.0,
  "summary_csf_p05": 77.26434369571507,
  "summary_csf_p95": 468.7160831955261,
  "summary_csf_stdv": 113.84388706151908,
  "summary_gm_k": 0.26475241340568845,
  "summary_gm_mad": 54.4430449162104,
  "summary_gm_mean": 734.6847315702578,
  "summary_gm_median": 734.9333058763295,
  "summary_gm_n": 128180.0,
  "summary_gm_p05": 641.713648037985,
  "summary_gm_p95": 828.3934960886836,
  "summary_gm_stdv": 56.52914289161315,
  "summary_wm_k": 0.5005915903684981,
  "summary_wm_mad": 39.98037286787212,
  "summary_wm_mean": 999.8205545448063,
  "summary_wm_median": 1000.0267078541219,
  "summary_wm_n": 503266.0,
  "summary_wm_p05": 930.8402430522256,
  "summary_wm_p95": 1068.3579464373179,
  "summary_wm_stdv": 42.08917538911099,
  "tpm_overlap_csf": 0.14034424194714765,
  "tpm_overlap_gm": 0.4511309922894856,
  "tpm_overlap_wm": 0.4986070669247073,
  "wm2max": 0.7913459014534779
}