{
  "aor": 0.0002817267552182163,
  "aqi": 0.006410292144212523,
  "bids_meta": {
    "AcquisitionMatrixPE": 106,
    "AcquisitionNumber": 1,
    "AcquisitionTime": "09:19:25.995000",
    "BandwidthPerPixelPhaseEncode": 16.551,
    "BaseResolution": 106,
    "BodyPartExamined": "HEAD",
    "CoilCombinationMethod": "Sum of Squares",
    "ConsistencyInfo": "N4_VE11C_LATEST_20160120",
    "ConversionSoftware": "dcm2niix",
    "ConversionSoftwareVersion": "v1.0.20211006",
    "Dcm2bidsVersion": "2.1.6",
    "DerivedVendorReportedEchoSpacing": 0.000569994,
    "DeviceSerialNumber": "66014",
    "DwellTime": 2e-06,
    "EchoTime": 0.03,
    "EchoTrainLength": 93,
    "EffectiveEchoSpacing": 0.000569994,
    "FlipAngle": 54,
    "ImageOrientationPatientDICOM": [
      0.998217,
      -0.0580562,
      0.0138409,
      0.059305,
      0.990919,
      -0.120676
    ],
    "ImageOrientationText": "Tra>Cor(-7.0)>Sag(0.4)",
    "ImageType": [
      "ORIGINAL",
      "PRIMARY",
      "M",
      "ND",
      "MOSAIC"
    ],
    "ImagingFrequency": 123.259,
    "InPlanePhaseEncodingDirectionDICOM": "COL",
    "InstitutionAddress": "Yiheyuan Road 5,Beijing  0FCA35,Haidian,CN,100871",
    "InstitutionName": "CMR of Peking Univeristy",
    "InstitutionalDepartmentName": "Department",
    "MRAcquisitionType": "2D",
    "MagneticFieldStrength": 3,
    "Manufacturer": "Siemens",
    "ManufacturersModelName": "Prisma",
    "Modality": "MR",
    "MultibandAccelerationFactor": 8,
    "PartialFourier": 0.875,
    "PatientPosition": "HFS",
    "PercentPhaseFOV": 100,
    "PercentSampling": 100,
    "PhaseEncodingDirection": "j-",
    "PhaseEncodingSteps": 93,
    "PhaseResolution": 1,
    "PixelBandwidth": 2360,
    "ProcedureStepDescription": "Research^Projects_64CH",
    "ProtocolName": "fMRI_run2_AP",
    "PulseSequenceDetails": "%SiemensSeq%\\ep2d_bold",
    "ReceiveCoilActiveElements": "HC1-7;NC1",
    "ReceiveCoilName": "HeadNeck_64",
    "ReconMatrixPE": 106,
    "RefLinesPE": 32,
    "RepetitionTime": 0.71,
    "SAR": 0.0895294,
    "ScanOptions": "PFP\\FS",
    "ScanningSequence": "EP",
    "SequenceName": "*epfid2d1_106",
    "SequenceVariant": "SK",
    "SeriesDescription": "fMRI_run2_AP",
    "SeriesNumber": 6,
    "ShimSetting": [
      -3457,
      -2112,
      -1915,
      255,
      48,
      -449,
      -80,
      19
    ],
    "SliceThickness": 2,
    "SliceTiming": [
      0.305,
      0,
      0.3825,
      0.075,
      0.46,
      0.1525,
      0.535,
      0.23,
      0.6125,
      0.305,
      0,
      0.3825,
      0.075,
      0.46,
      0.1525,
      0.535,
      0.23,
      0.6125,
      0.305,
      0,
      0.3825,
      0.075,
      0.46,
      0.1525,
      0.535,
      0.23,
      0.6125,
      0.305,
      0,
      0.3825,
      0.075,
      0.46,
      0.1525,
      0.535,
      0.23,
      0.6125,
      0.305,
      0,
      0.3825,
      0.075,
      0.46,
      0.1525,
      0.535,
      0.23,
      0.6125,
      0.305,
      0,
      0.3825,
      0.075,
      0.46,
      0.1525,
      0.535,
      0.23,
      0.6125,
      0.305,
      0,
      0.3825,
      0.075,
      0.46,
      0.1525,
      0.535,
      0.23,
      0.6125,
      0.305,
      0,
      0.3825,
      0.075,
      0.46,
      0.1525,
      0.535,
      0.23,
      0.6125
    ],
    "SoftwareVersions": "syngo MR E11",
    "SpacingBetweenSlices": 2,
    "StationName": "AWP66014",
    "TaskName": "Chinese-RDR",
    "TotalReadoutTime": 0.0598493,
    "TxRefAmp": 249.912,
    "dataset": "ds004078",
    "modality": "bold",
    "run_id": 22,
    "subject_id": "05",
    "task_id": "RDR"
  },
  "dummy_trs": 1,
  "dvars_nstd": 45.13352033659695,
  "dvars_std": 1.0381616197718628,
  "dvars_vstd": 1.0029382746197717,
  "efc": 0.5385515046216217,
  "fber": 454.1153564453125,
  "fd_mean": 0.08873780811782044,
  "fd_num": 7,
  "fd_perc": 1.3282732447817838,
  "fwhm_avg": 3.4561833333333336,
  "fwhm_x": 3.16181,
  "fwhm_y": 3.623745,
  "fwhm_z": 3.582995,
  "gcor": 0.00596736,
  "gsr_x": -0.006292746402323246,
  "gsr_y": 0.06708839535713196,
  "provenance": {
    "md5sum": "814c4472181420377be4d56d414c287d",
    "settings": {
      "fd_thres": 0.2,
      "testing": false
    },
    "software": "mriqc",
    "version": "23.0.1",
    "webapi_port": null,
    "webapi_url": "https://mriqc.nimh.nih.gov/api/v1"
  },
  "size_t": 527,
  "size_x": 106,
  "size_y": 106,
  "size_z": 72,
  "snr": 2.115695215395322,
  "spacing_tr": 0.7099999785423279,
  "spacing_x": 2.0,
  "spacing_y": 2.0,
  "spacing_z": 2.0,
  "summary_bg_k": 27.78286399462494,
  "summary_bg_mad": 14.717710283633135,
  "summary_bg_mean": 49.20625686645508,
  "summary_bg_median": 22.71062469482422,
  "summary_bg_n": 529768.0,
  "summary_bg_p05": 11.612903594970703,
  "summary_bg_p95": 187.33139953613275,
  "summary_bg_stdv": 73.65272521972656,
  "summary_fg_k": 2.194995582943795,
  "summary_fg_mad": 206.01135173013463,
  "summary_fg_mean": 546.625,
  "summary_fg_median": 502.3529357910156,
  "summary_fg_n": 169269.0,
  "summary_fg_p05": 250.90892028808594,
  "summary_fg_p95": 988.5613037109376,
  "summary_fg_stdv": 237.44036865234375,
  "tsnr": 30.53822467289865
}