{
  "aor": 0.00025497872340425533,
  "aqi": 0.006028669085106382,
  "bids_meta": {
    "AcquisitionMatrixPE": 106,
    "AcquisitionNumber": 1,
    "AcquisitionTime": "09:32:58.600000",
    "BandwidthPerPixelPhaseEncode": 16.551,
    "BaseResolution": 106,
    "BodyPartExamined": "HEAD",
    "CoilCombinationMethod": "Sum of Squares",
    "ConsistencyInfo": "N4_VE11C_LATEST_20160120",
    "ConversionSoftware": "dcm2niix",
    "ConversionSoftwareVersion": "v1.0.20211006",
    "Dcm2bidsVersion": "2.1.6",
    "DerivedVendorReportedEchoSpacing": 0.000569994,
    "DeviceSerialNumber": "66014",
    "DwellTime": 2e-06,
    "EchoTime": 0.03,
    "EchoTrainLength": 93,
    "EffectiveEchoSpacing": 0.000569994,
    "FlipAngle": 54,
    "ImageOrientationPatientDICOM": [
      0.998965,
      -0.0454772,
      -0.00107495,
      0.0453627,
      0.997659,
      -0.0511648
    ],
    "ImageOrientationText": "Tra>Cor(-2.9)>Sag(-0.2)",
    "ImageType": [
      "ORIGINAL",
      "PRIMARY",
      "M",
      "ND",
      "MOSAIC"
    ],
    "ImagingFrequency": 123.259,
    "InPlanePhaseEncodingDirectionDICOM": "COL",
    "InstitutionAddress": "Yiheyuan Road 5,Beijing  0FCA35,Haidian,CN,100871",
    "InstitutionName": "CMR of Peking Univeristy",
    "InstitutionalDepartmentName": "Department",
    "MRAcquisitionType": "2D",
    "MagneticFieldStrength": 3,
    "Manufacturer": "Siemens",
    "ManufacturersModelName": "Prisma",
    "Modality": "MR",
    "MultibandAccelerationFactor": 8,
    "PartialFourier": 0.875,
    "PatientPosition": "HFS",
    "PercentPhaseFOV": 100,
    "PercentSampling": 100,
    "PhaseEncodingDirection": "j-",
    "PhaseEncodingSteps": 93,
    "PhaseResolution": 1,
    "PixelBandwidth": 2360,
    "ProcedureStepDescription": "Research^Projects_64CH",
    "ProtocolName": "fMRI_run5_AP",
    "PulseSequenceDetails": "%SiemensSeq%\\ep2d_bold",
    "ReceiveCoilActiveElements": "HC1-7;NC1,2",
    "ReceiveCoilName": "HeadNeck_64",
    "ReconMatrixPE": 106,
    "RefLinesPE": 32,
    "RepetitionTime": 0.71,
    "SAR": 0.0988779,
    "ScanOptions": "PFP\\FS",
    "ScanningSequence": "EP",
    "SequenceName": "*epfid2d1_106",
    "SequenceVariant": "SK",
    "SeriesDescription": "fMRI_run5_AP",
    "SeriesNumber": 9,
    "ShimSetting": [
      -3443,
      -2110,
      -1897,
      246,
      39,
      -377,
      -49,
      15
    ],
    "SliceThickness": 2,
    "SliceTiming": [
      0.3075,
      0,
      0.385,
      0.0775,
      0.46,
      0.155,
      0.5375,
      0.23,
      0.615,
      0.3075,
      0,
      0.385,
      0.0775,
      0.46,
      0.155,
      0.5375,
      0.23,
      0.615,
      0.3075,
      0,
      0.385,
      0.0775,
      0.46,
      0.155,
      0.5375,
      0.23,
      0.615,
      0.3075,
      0,
      0.385,
      0.0775,
      0.46,
      0.155,
      0.5375,
      0.23,
      0.615,
      0.3075,
      0,
      0.385,
      0.0775,
      0.46,
      0.155,
      0.5375,
      0.23,
      0.615,
      0.3075,
      0,
      0.385,
      0.0775,
      0.46,
      0.155,
      0.5375,
      0.23,
      0.615,
      0.3075,
      0,
      0.385,
      0.0775,
      0.46,
      0.155,
      0.5375,
      0.23,
      0.615,
      0.3075,
      0,
      0.385,
      0.0775,
      0.46,
      0.155,
      0.5375,
      0.23,
      0.615
    ],
    "SoftwareVersions": "syngo MR E11",
    "SpacingBetweenSlices": 2,
    "StationName": "AWP66014",
    "TaskName": "Chinese-RDR",
    "TotalReadoutTime": 0.0598493,
    "TxRefAmp": 258.1,
    "dataset": "ds004078",
    "modality": "bold",
    "run_id": 35,
    "subject_id": "05",
    "task_id": "RDR"
  },
  "dummy_trs": 2,
  "dvars_nstd": 43.81240603999998,
  "dvars_std": 1.0259835416417908,
  "dvars_vstd": 1.0061861431982944,
  "efc": 0.536542281893212,
  "fber": 430.956298828125,
  "fd_mean": 0.09423337781043763,
  "fd_num": 15,
  "fd_perc": 3.1914893617021276,
  "fwhm_avg": 3.4086166666666666,
  "fwhm_x": 3.146045,
  "fwhm_y": 3.58637,
  "fwhm_z": 3.493435,
  "gcor": 0.00687586,
  "gsr_x": -0.006308890879154205,
  "gsr_y": 0.0609927624464035,
  "provenance": {
    "md5sum": "c4aa4480fe6a4a2d69144e083bf0df22",
    "settings": {
      "fd_thres": 0.2,
      "testing": false
    },
    "software": "mriqc",
    "version": "23.0.1",
    "webapi_port": null,
    "webapi_url": "https://mriqc.nimh.nih.gov/api/v1"
  },
  "size_t": 470,
  "size_x": 106,
  "size_y": 106,
  "size_z": 72,
  "snr": 2.0876466899820247,
  "spacing_tr": 0.7099999785423279,
  "spacing_x": 2.0,
  "spacing_y": 2.0,
  "spacing_z": 2.0,
  "summary_bg_k": 27.80233842152478,
  "summary_bg_mad": 14.261371956019278,
  "summary_bg_mean": 49.00104904174805,
  "summary_bg_median": 22.8319149017334,
  "summary_bg_n": 533828.0,
  "summary_bg_p05": 12.095744132995605,
  "summary_bg_p95": 184.15946502685526,
  "summary_bg_stdv": 73.80891418457031,
  "summary_fg_k": 2.2657744200201497,
  "summary_fg_mad": 203.56918445272805,
  "summary_fg_mean": 535.0487060546875,
  "summary_fg_median": 491.0978698730469,
  "summary_fg_n": 166400.0,
  "summary_fg_p05": 242.6760581970215,
  "summary_fg_p95": 974.4616607666011,
  "summary_fg_stdv": 235.23922729492188,
  "tsnr": 30.714693759568036
}