{
  "aor": 0.0002645518867924528,
  "aqi": 0.0056149620990566034,
  "bids_meta": {
    "AcquisitionMatrixPE": 106,
    "AcquisitionNumber": 1,
    "AcquisitionTime": "10:06:36.780000",
    "BandwidthPerPixelPhaseEncode": 16.551,
    "BaseResolution": 106,
    "BodyPartExamined": "HEAD",
    "CoilCombinationMethod": "Sum of Squares",
    "ConsistencyInfo": "N4_VE11C_LATEST_20160120",
    "ConversionSoftware": "dcm2niix",
    "ConversionSoftwareVersion": "v1.0.20211006",
    "Dcm2bidsVersion": "2.1.6",
    "DerivedVendorReportedEchoSpacing": 0.000569994,
    "DeviceSerialNumber": "66014",
    "DwellTime": 2e-06,
    "EchoTime": 0.03,
    "EchoTrainLength": 93,
    "EffectiveEchoSpacing": 0.000569994,
    "FlipAngle": 54,
    "ImageOrientationPatientDICOM": [
      0.999739,
      -0.0220947,
      0.00579778,
      0.0226873,
      0.98998,
      -0.139374
    ],
    "ImageOrientationText": "Tra>Cor(-8.0)>Sag(0.2)",
    "ImageType": [
      "ORIGINAL",
      "PRIMARY",
      "M",
      "ND",
      "MOSAIC"
    ],
    "ImagingFrequency": 123.259,
    "InPlanePhaseEncodingDirectionDICOM": "COL",
    "InstitutionAddress": "Yiheyuan Road 5,Beijing  0FCA35,Haidian,CN,100871",
    "InstitutionName": "CMR of Peking Univeristy",
    "InstitutionalDepartmentName": "Department",
    "MRAcquisitionType": "2D",
    "MagneticFieldStrength": 3,
    "Manufacturer": "Siemens",
    "ManufacturersModelName": "Prisma",
    "Modality": "MR",
    "MultibandAccelerationFactor": 8,
    "PartialFourier": 0.875,
    "PatientPosition": "HFS",
    "PercentPhaseFOV": 100,
    "PercentSampling": 100,
    "PhaseEncodingDirection": "j-",
    "PhaseEncodingSteps": 93,
    "PhaseResolution": 1,
    "PixelBandwidth": 2360,
    "ProcedureStepDescription": "Research^Projects_64CH",
    "ProtocolName": "fMRI_run9_AP",
    "PulseSequenceDetails": "%SiemensSeq%\\ep2d_bold",
    "ReceiveCoilActiveElements": "HC1-7;NC1,2",
    "ReceiveCoilName": "HeadNeck_64",
    "ReconMatrixPE": 106,
    "RefLinesPE": 32,
    "RepetitionTime": 0.71,
    "SAR": 0.0879204,
    "ScanOptions": "PFP\\FS",
    "ScanningSequence": "EP",
    "SequenceName": "*epfid2d1_106",
    "SequenceVariant": "SK",
    "SeriesDescription": "fMRI_run9_AP",
    "SeriesNumber": 14,
    "ShimSetting": [
      -3456,
      -2096,
      -1905,
      266,
      9,
      -511,
      -76,
      24
    ],
    "SliceThickness": 2,
    "SliceTiming": [
      0.3075,
      0,
      0.3825,
      0.0775,
      0.46,
      0.1525,
      0.5375,
      0.23,
      0.6125,
      0.3075,
      0,
      0.3825,
      0.0775,
      0.46,
      0.1525,
      0.5375,
      0.23,
      0.6125,
      0.3075,
      0,
      0.3825,
      0.0775,
      0.46,
      0.1525,
      0.5375,
      0.23,
      0.6125,
      0.3075,
      0,
      0.3825,
      0.0775,
      0.46,
      0.1525,
      0.5375,
      0.23,
      0.6125,
      0.3075,
      0,
      0.3825,
      0.0775,
      0.46,
      0.1525,
      0.5375,
      0.23,
      0.6125,
      0.3075,
      0,
      0.3825,
      0.0775,
      0.46,
      0.1525,
      0.5375,
      0.23,
      0.6125,
      0.3075,
      0,
      0.3825,
      0.0775,
      0.46,
      0.1525,
      0.5375,
      0.23,
      0.6125,
      0.3075,
      0,
      0.3825,
      0.0775,
      0.46,
      0.1525,
      0.5375,
      0.23,
      0.6125
    ],
    "SoftwareVersions": "syngo MR E11",
    "SpacingBetweenSlices": 2,
    "StationName": "AWP66014",
    "TaskName": "Chinese-RDR",
    "TotalReadoutTime": 0.0598493,
    "TxRefAmp": 250.502,
    "dataset": "ds004078",
    "modality": "bold",
    "run_id": 49,
    "subject_id": "05",
    "task_id": "RDR"
  },
  "dummy_trs": 3,
  "dvars_nstd": 43.31004072893615,
  "dvars_std": 1.0129947895508273,
  "dvars_vstd": 1.0003312258865247,
  "efc": 0.5376018447886995,
  "fber": 392.9689636230469,
  "fd_mean": 0.09887560308149493,
  "fd_num": 11,
  "fd_perc": 2.5943396226415096,
  "fwhm_avg": 3.525016666666667,
  "fwhm_x": 3.236875,
  "fwhm_y": 3.71477,
  "fwhm_z": 3.623405,
  "gcor": 0.00276472,
  "gsr_x": -0.007694989908486605,
  "gsr_y": 0.06452902406454086,
  "provenance": {
    "md5sum": "9269340bf452eebc580b288a651a7756",
    "settings": {
      "fd_thres": 0.2,
      "testing": false
    },
    "software": "mriqc",
    "version": "23.0.1",
    "webapi_port": null,
    "webapi_url": "https://mriqc.nimh.nih.gov/api/v1"
  },
  "size_t": 424,
  "size_x": 106,
  "size_y": 106,
  "size_z": 72,
  "snr": 1.953573539736929,
  "spacing_tr": 0.7099999785423279,
  "spacing_x": 2.0,
  "spacing_y": 2.0,
  "spacing_z": 2.0,
  "summary_bg_k": 26.883429479333124,
  "summary_bg_mad": 15.378502807602933,
  "summary_bg_mean": 52.66604995727539,
  "summary_bg_median": 24.153303146362305,
  "summary_bg_n": 530003.0,
  "summary_bg_p05": 12.549528121948242,
  "summary_bg_p95": 199.78207702636686,
  "summary_bg_stdv": 80.81885528564453,
  "summary_fg_k": 2.5649433333105485,
  "summary_fg_mad": 216.87953001065642,
  "summary_fg_mean": 548.45654296875,
  "summary_fg_median": 497.8278503417969,
  "summary_fg_n": 168883.0,
  "summary_fg_p05": 238.09433898925784,
  "summary_fg_p95": 1027.9487915039062,
  "summary_fg_stdv": 254.82858276367188,
  "tsnr": 30.443110587075353
}