{
  "aor": 0.00030319115323854654,
  "aqi": 0.006060703206951026,
  "bids_meta": {
    "AcquisitionMatrixPE": 106,
    "AcquisitionNumber": 1,
    "AcquisitionTime": "19:58:38.125000",
    "BandwidthPerPixelPhaseEncode": 16.551,
    "BaseResolution": 106,
    "BodyPartExamined": "HEAD",
    "CoilCombinationMethod": "Sum of Squares",
    "ConsistencyInfo": "N4_VE11C_LATEST_20160120",
    "ConversionSoftware": "dcm2niix",
    "ConversionSoftwareVersion": "v1.0.20211006",
    "Dcm2bidsVersion": "2.1.6",
    "DerivedVendorReportedEchoSpacing": 0.000569994,
    "DeviceSerialNumber": "66014",
    "DwellTime": 2e-06,
    "EchoTime": 0.03,
    "EchoTrainLength": 93,
    "EffectiveEchoSpacing": 0.000569994,
    "FlipAngle": 54,
    "ImageOrientationPatientDICOM": [
      0.999852,
      -0.0148417,
      0.00869031,
      0.0157069,
      0.993825,
      -0.109841
    ],
    "ImageOrientationText": "Tra>Cor(-6.3)>Sag(0.4)",
    "ImageType": [
      "ORIGINAL",
      "PRIMARY",
      "M",
      "ND",
      "MOSAIC"
    ],
    "ImagingFrequency": 123.259,
    "InPlanePhaseEncodingDirectionDICOM": "COL",
    "InstitutionAddress": "Yiheyuan Road 5,Beijing  0FCA35,Haidian,CN,100871",
    "InstitutionName": "CMR of Peking Univeristy",
    "InstitutionalDepartmentName": "Department",
    "MRAcquisitionType": "2D",
    "MagneticFieldStrength": 3,
    "Manufacturer": "Siemens",
    "ManufacturersModelName": "Prisma",
    "Modality": "MR",
    "MultibandAccelerationFactor": 8,
    "PartialFourier": 0.875,
    "PatientPosition": "HFS",
    "PercentPhaseFOV": 100,
    "PercentSampling": 100,
    "PhaseEncodingDirection": "j",
    "PhaseEncodingSteps": 93,
    "PhaseResolution": 1,
    "PixelBandwidth": 2360,
    "ProcedureStepDescription": "Research^Projects_64CH",
    "ProtocolName": "fMRI_Rest2_PA",
    "PulseSequenceDetails": "%SiemensSeq%\\ep2d_bold",
    "ReceiveCoilActiveElements": "HC1-7;NC1,2",
    "ReceiveCoilName": "HeadNeck_64",
    "ReconMatrixPE": 106,
    "RefLinesPE": 32,
    "RepetitionTime": 0.71,
    "SAR": 0.0971627,
    "ScanOptions": "PFP\\FS",
    "ScanningSequence": "EP",
    "SequenceName": "*epfid2d1_106",
    "SequenceVariant": "SK",
    "SeriesDescription": "fMRI_Rest2_PA",
    "SeriesNumber": 22,
    "ShimSetting": [
      -3462,
      -2107,
      -1908,
      240,
      -12,
      -480,
      -85,
      57
    ],
    "SliceThickness": 2,
    "SliceTiming": [
      0.3075,
      0,
      0.3825,
      0.0775,
      0.46,
      0.1525,
      0.5375,
      0.23,
      0.6125,
      0.3075,
      0,
      0.3825,
      0.0775,
      0.46,
      0.1525,
      0.5375,
      0.23,
      0.6125,
      0.3075,
      0,
      0.3825,
      0.0775,
      0.46,
      0.1525,
      0.5375,
      0.23,
      0.6125,
      0.3075,
      0,
      0.3825,
      0.0775,
      0.46,
      0.1525,
      0.5375,
      0.23,
      0.6125,
      0.3075,
      0,
      0.3825,
      0.0775,
      0.46,
      0.1525,
      0.5375,
      0.23,
      0.6125,
      0.3075,
      0,
      0.3825,
      0.0775,
      0.46,
      0.1525,
      0.5375,
      0.23,
      0.6125,
      0.3075,
      0,
      0.3825,
      0.0775,
      0.46,
      0.1525,
      0.5375,
      0.23,
      0.6125,
      0.3075,
      0,
      0.3825,
      0.0775,
      0.46,
      0.1525,
      0.5375,
      0.23,
      0.6125
    ],
    "SoftwareVersions": "syngo MR E11",
    "SpacingBetweenSlices": 2,
    "StationName": "AWP66014",
    "TaskName": "rest",
    "TotalReadoutTime": 0.0598493,
    "TxRefAmp": 251.771,
    "dataset": "ds004078",
    "modality": "bold",
    "run_id": 4,
    "subject_id": "05",
    "task_id": "rest"
  },
  "dummy_trs": 1,
  "dvars_nstd": 46.98184364651899,
  "dvars_std": 1.0608889588924049,
  "dvars_vstd": 1.0025792263291151,
  "efc": 0.5438468049767131,
  "fber": 410.8584899902344,
  "fd_mean": 0.07703327638431672,
  "fd_num": 1,
  "fd_perc": 0.1579778830963665,
  "fwhm_avg": 3.456315,
  "fwhm_x": 3.158255,
  "fwhm_y": 3.599425,
  "fwhm_z": 3.611265,
  "gcor": 0.00398399,
  "gsr_x": -0.011327046900987625,
  "gsr_y": 0.07164335250854492,
  "provenance": {
    "md5sum": "5dc3a02753572cdaeae333d2abbeff07",
    "settings": {
      "fd_thres": 0.2,
      "testing": false
    },
    "software": "mriqc",
    "version": "23.0.1",
    "webapi_port": null,
    "webapi_url": "https://mriqc.nimh.nih.gov/api/v1"
  },
  "size_t": 633,
  "size_x": 106,
  "size_y": 106,
  "size_z": 72,
  "snr": 2.1268667609841994,
  "spacing_tr": 0.7099999785423279,
  "spacing_x": 2.0,
  "spacing_y": 2.0,
  "spacing_z": 2.0,
  "summary_bg_k": 24.23583103442729,
  "summary_bg_mad": 16.008823949039645,
  "summary_bg_mean": 56.81538772583008,
  "summary_bg_median": 24.5687198638916,
  "summary_bg_n": 533013.0,
  "summary_bg_p05": 12.575039863586426,
  "summary_bg_p95": 226.55039367675775,
  "summary_bg_stdv": 89.08206939697266,
  "summary_fg_k": 1.4603715998576616,
  "summary_fg_mad": 221.86571202621954,
  "summary_fg_mean": 559.1331176757812,
  "summary_fg_median": 517.0711059570312,
  "summary_fg_n": 163489.0,
  "summary_fg_p05": 257.07866821289065,
  "summary_fg_p95": 1018.9024047851564,
  "summary_fg_stdv": 243.11326599121094,
  "tsnr": 31.163588476367295
}