{
  "aor": 0.00021864059590316574,
  "aqi": 0.005931744636871509,
  "bids_meta": {
    "AcquisitionMatrixPE": 106,
    "AcquisitionNumber": 1,
    "AcquisitionTime": "09:11:58.240000",
    "BandwidthPerPixelPhaseEncode": 16.551,
    "BaseResolution": 106,
    "BodyPartExamined": "HEAD",
    "CoilCombinationMethod": "Sum of Squares",
    "ConsistencyInfo": "N4_VE11C_LATEST_20160120",
    "ConversionSoftware": "dcm2niix",
    "ConversionSoftwareVersion": "v1.0.20211006",
    "Dcm2bidsVersion": "2.1.6",
    "DerivedVendorReportedEchoSpacing": 0.000569994,
    "DeviceSerialNumber": "66014",
    "DwellTime": 2e-06,
    "EchoTime": 0.03,
    "EchoTrainLength": 93,
    "EffectiveEchoSpacing": 0.000569994,
    "FlipAngle": 54,
    "ImageOrientationPatientDICOM": [
      0.999962,
      -0.00872677,
      -4.76481e-05,
      0.00872655,
      0.999956,
      -0.00352378
    ],
    "ImageOrientationText": "Tra>Cor(-0.2)>Sag(-0.0)",
    "ImageType": [
      "ORIGINAL",
      "PRIMARY",
      "M",
      "ND",
      "MOSAIC"
    ],
    "ImagingFrequency": 123.259,
    "InPlanePhaseEncodingDirectionDICOM": "COL",
    "InstitutionAddress": "Yiheyuan Road 5,Beijing  0FCA35,Haidian,CN,100871",
    "InstitutionName": "CMR of Peking Univeristy",
    "InstitutionalDepartmentName": "Department",
    "MRAcquisitionType": "2D",
    "MagneticFieldStrength": 3,
    "Manufacturer": "Siemens",
    "ManufacturersModelName": "Prisma",
    "Modality": "MR",
    "MultibandAccelerationFactor": 8,
    "PartialFourier": 0.875,
    "PatientPosition": "HFS",
    "PercentPhaseFOV": 100,
    "PercentSampling": 100,
    "PhaseEncodingDirection": "j-",
    "PhaseEncodingSteps": 93,
    "PhaseResolution": 1,
    "PixelBandwidth": 2360,
    "ProcedureStepDescription": "Research^Projects_64CH",
    "ProtocolName": "fMRI_run1_AP",
    "PulseSequenceDetails": "%SiemensSeq%\\ep2d_bold",
    "ReceiveCoilActiveElements": "HC1-7;NC1,2",
    "ReceiveCoilName": "HeadNeck_64",
    "ReconMatrixPE": 106,
    "RefLinesPE": 32,
    "RepetitionTime": 0.71,
    "SAR": 0.0943389,
    "ScanOptions": "PFP\\FS",
    "ScanningSequence": "EP",
    "SequenceName": "*epfid2d1_106",
    "SequenceVariant": "SK",
    "SeriesDescription": "fMRI_run1_AP",
    "SeriesNumber": 5,
    "ShimSetting": [
      -3451,
      -2106,
      -1910,
      230,
      -6,
      -540,
      -67,
      22
    ],
    "SliceThickness": 2,
    "SliceTiming": [
      0.305,
      0,
      0.3825,
      0.075,
      0.46,
      0.1525,
      0.535,
      0.23,
      0.6125,
      0.305,
      0,
      0.3825,
      0.075,
      0.46,
      0.1525,
      0.535,
      0.23,
      0.6125,
      0.305,
      0,
      0.3825,
      0.075,
      0.46,
      0.1525,
      0.535,
      0.23,
      0.6125,
      0.305,
      0,
      0.3825,
      0.075,
      0.46,
      0.1525,
      0.535,
      0.23,
      0.6125,
      0.305,
      0,
      0.3825,
      0.075,
      0.46,
      0.1525,
      0.535,
      0.23,
      0.6125,
      0.305,
      0,
      0.3825,
      0.075,
      0.46,
      0.1525,
      0.535,
      0.23,
      0.6125,
      0.305,
      0,
      0.3825,
      0.075,
      0.46,
      0.1525,
      0.535,
      0.23,
      0.6125,
      0.305,
      0,
      0.3825,
      0.075,
      0.46,
      0.1525,
      0.535,
      0.23,
      0.6125
    ],
    "SoftwareVersions": "syngo MR E11",
    "SpacingBetweenSlices": 2,
    "StationName": "AWP66014",
    "TaskName": "Chinese-RDR",
    "TotalReadoutTime": 0.0598493,
    "TxRefAmp": 255.351,
    "dataset": "ds004078",
    "modality": "bold",
    "run_id": 51,
    "subject_id": "05",
    "task_id": "RDR"
  },
  "dummy_trs": 2,
  "dvars_nstd": 45.19052171000001,
  "dvars_std": 1.0325181119776117,
  "dvars_vstd": 0.9987000896268659,
  "efc": 0.5358184940044146,
  "fber": 439.15399169921875,
  "fd_mean": 0.10591008861096962,
  "fd_num": 23,
  "fd_perc": 4.283054003724395,
  "fwhm_avg": 3.5354150000000004,
  "fwhm_x": 3.266185,
  "fwhm_y": 3.668535,
  "fwhm_z": 3.671525,
  "gcor": 0.00577509,
  "gsr_x": -0.009586472995579243,
  "gsr_y": 0.07154583185911179,
  "provenance": {
    "md5sum": "e8428876b2949d2653a18a6c9c4a2ae3",
    "settings": {
      "fd_thres": 0.2,
      "testing": false
    },
    "software": "mriqc",
    "version": "23.0.1",
    "webapi_port": null,
    "webapi_url": "https://mriqc.nimh.nih.gov/api/v1"
  },
  "size_t": 537,
  "size_x": 106,
  "size_y": 106,
  "size_z": 72,
  "snr": 2.058892277248568,
  "spacing_tr": 0.7099999785423279,
  "spacing_x": 2.0,
  "spacing_y": 2.0,
  "spacing_z": 2.0,
  "summary_bg_k": 27.74493051937398,
  "summary_bg_mad": 14.643803289229766,
  "summary_bg_mean": 49.264991760253906,
  "summary_bg_median": 22.914339065551758,
  "summary_bg_n": 530960.0,
  "summary_bg_p05": 11.93854808807373,
  "summary_bg_p95": 184.23882369995107,
  "summary_bg_stdv": 73.96085357666016,
  "summary_fg_k": 2.516659669123997,
  "summary_fg_mad": 207.56431059078426,
  "summary_fg_mean": 547.5183715820312,
  "summary_fg_median": 500.0670471191406,
  "summary_fg_n": 167803.0,
  "summary_fg_p05": 251.4154541015625,
  "summary_fg_p95": 1001.542083740234,
  "summary_fg_stdv": 242.88087463378906,
  "tsnr": 30.418060122756287
}