{
  "aor": 0.00025234215885947046,
  "aqi": 0.00631172016293279,
  "bids_meta": {
    "AcquisitionMatrixPE": 106,
    "AcquisitionNumber": 1,
    "AcquisitionTime": "16:31:59.075000",
    "BandwidthPerPixelPhaseEncode": 16.551,
    "BaseResolution": 106,
    "BodyPartExamined": "HEAD",
    "CoilCombinationMethod": "Sum of Squares",
    "ConsistencyInfo": "N4_VE11C_LATEST_20160120",
    "ConversionSoftware": "dcm2niix",
    "ConversionSoftwareVersion": "v1.0.20211006",
    "Dcm2bidsVersion": "2.1.6",
    "DerivedVendorReportedEchoSpacing": 0.000569994,
    "DeviceSerialNumber": "66014",
    "DwellTime": 2e-06,
    "EchoTime": 0.03,
    "EchoTrainLength": 93,
    "EffectiveEchoSpacing": 0.000569994,
    "FlipAngle": 54,
    "ImageOrientationPatientDICOM": [
      0.9998,
      0.0129242,
      -0.0152687,
      -0.0122155,
      0.998883,
      0.0456349
    ],
    "ImageOrientationText": "Tra>Cor(2.6)>Sag(-0.9)",
    "ImageType": [
      "ORIGINAL",
      "PRIMARY",
      "M",
      "ND",
      "MOSAIC"
    ],
    "ImagingFrequency": 123.259,
    "InPlanePhaseEncodingDirectionDICOM": "COL",
    "InstitutionAddress": "Yiheyuan Road 5,Beijing  0FCA35,Haidian,CN,100871",
    "InstitutionName": "CMR of Peking Univeristy",
    "InstitutionalDepartmentName": "Department",
    "MRAcquisitionType": "2D",
    "MagneticFieldStrength": 3,
    "Manufacturer": "Siemens",
    "ManufacturersModelName": "Prisma",
    "Modality": "MR",
    "MultibandAccelerationFactor": 8,
    "PartialFourier": 0.875,
    "PatientPosition": "HFS",
    "PercentPhaseFOV": 100,
    "PercentSampling": 100,
    "PhaseEncodingDirection": "j-",
    "PhaseEncodingSteps": 93,
    "PhaseResolution": 1,
    "PixelBandwidth": 2360,
    "ProcedureStepDescription": "Research^Projects_64CH",
    "ProtocolName": "fMRI_run4_AP",
    "PulseSequenceDetails": "%SiemensSeq%\\ep2d_bold",
    "ReceiveCoilActiveElements": "HC1-7;NC1,2",
    "ReceiveCoilName": "HeadNeck_64",
    "ReconMatrixPE": 106,
    "RefLinesPE": 32,
    "RepetitionTime": 0.71,
    "SAR": 0.104382,
    "ScanOptions": "PFP\\FS",
    "ScanningSequence": "EP",
    "SequenceName": "*epfid2d1_106",
    "SequenceVariant": "SK",
    "SeriesDescription": "fMRI_run4_AP",
    "SeriesNumber": 12,
    "ShimSetting": [
      -3458,
      -2116,
      -1906,
      184,
      29,
      -373,
      -20,
      50
    ],
    "SliceThickness": 2,
    "SliceTiming": [
      0.305,
      0,
      0.3825,
      0.075,
      0.46,
      0.1525,
      0.535,
      0.23,
      0.6125,
      0.305,
      0,
      0.3825,
      0.075,
      0.46,
      0.1525,
      0.535,
      0.23,
      0.6125,
      0.305,
      0,
      0.3825,
      0.075,
      0.46,
      0.1525,
      0.535,
      0.23,
      0.6125,
      0.305,
      0,
      0.3825,
      0.075,
      0.46,
      0.1525,
      0.535,
      0.23,
      0.6125,
      0.305,
      0,
      0.3825,
      0.075,
      0.46,
      0.1525,
      0.535,
      0.23,
      0.6125,
      0.305,
      0,
      0.3825,
      0.075,
      0.46,
      0.1525,
      0.535,
      0.23,
      0.6125,
      0.305,
      0,
      0.3825,
      0.075,
      0.46,
      0.1525,
      0.535,
      0.23,
      0.6125,
      0.305,
      0,
      0.3825,
      0.075,
      0.46,
      0.1525,
      0.535,
      0.23,
      0.6125
    ],
    "SoftwareVersions": "syngo MR E11",
    "SpacingBetweenSlices": 2,
    "StationName": "AWP66014",
    "TaskName": "Chinese-RDR",
    "TotalReadoutTime": 0.0598493,
    "TxRefAmp": 264.421,
    "dataset": "ds004078",
    "modality": "bold",
    "run_id": 4,
    "subject_id": "05",
    "task_id": "RDR"
  },
  "dummy_trs": 1,
  "dvars_nstd": 47.544579136224506,
  "dvars_std": 1.0385899590612242,
  "dvars_vstd": 1.0036825571836734,
  "efc": 0.5428613887370884,
  "fber": 410.5505676269531,
  "fd_mean": 0.10676060711571794,
  "fd_num": 15,
  "fd_perc": 3.054989816700611,
  "fwhm_avg": 3.4097983333333333,
  "fwhm_x": 3.126685,
  "fwhm_y": 3.56157,
  "fwhm_z": 3.54114,
  "gcor": 0.00528306,
  "gsr_x": -0.005173953715711832,
  "gsr_y": 0.06824833899736404,
  "provenance": {
    "md5sum": "3032b9cfce5d9dc3a722a0ea5747a929",
    "settings": {
      "fd_thres": 0.2,
      "testing": false
    },
    "software": "mriqc",
    "version": "23.0.1",
    "webapi_port": null,
    "webapi_url": "https://mriqc.nimh.nih.gov/api/v1"
  },
  "size_t": 491,
  "size_x": 106,
  "size_y": 106,
  "size_z": 72,
  "snr": 2.174586602131116,
  "spacing_tr": 0.7099999785423279,
  "spacing_x": 2.0,
  "spacing_y": 2.0,
  "spacing_z": 2.0,
  "summary_bg_k": 27.884344634037134,
  "summary_bg_mad": 13.920156380817211,
  "summary_bg_mean": 47.883934020996094,
  "summary_bg_median": 22.586559295654297,
  "summary_bg_n": 531149.0,
  "summary_bg_p05": 12.06721019744873,
  "summary_bg_p95": 178.0884002685545,
  "summary_bg_stdv": 71.1633071899414,
  "summary_fg_k": 1.8776710079096404,
  "summary_fg_mad": 193.866098592483,
  "summary_fg_mean": 514.986083984375,
  "summary_fg_median": 476.9674377441406,
  "summary_fg_n": 168176.0,
  "summary_fg_p05": 234.78361129760742,
  "summary_fg_p95": 922.8890686035156,
  "summary_fg_stdv": 219.33641052246094,
  "tsnr": 30.036163619020954
}