{
  "aor": 0.0003012385321100918,
  "aqi": 0.006419103669724769,
  "bids_meta": {
    "AcquisitionMatrixPE": 106,
    "AcquisitionNumber": 1,
    "AcquisitionTime": "16:52:50.457500",
    "BandwidthPerPixelPhaseEncode": 16.551,
    "BaseResolution": 106,
    "BodyPartExamined": "HEAD",
    "CoilCombinationMethod": "Sum of Squares",
    "ConsistencyInfo": "N4_VE11C_LATEST_20160120",
    "ConversionSoftware": "dcm2niix",
    "ConversionSoftwareVersion": "v1.0.20211006",
    "Dcm2bidsVersion": "2.1.6",
    "DerivedVendorReportedEchoSpacing": 0.000569994,
    "DeviceSerialNumber": "66014",
    "DwellTime": 2e-06,
    "EchoTime": 0.03,
    "EchoTrainLength": 93,
    "EffectiveEchoSpacing": 0.000569994,
    "FlipAngle": 54,
    "ImageOrientationPatientDICOM": [
      0.9998,
      0.0129242,
      -0.0152687,
      -0.0122155,
      0.998883,
      0.0456349
    ],
    "ImageOrientationText": "Tra>Cor(2.6)>Sag(-0.9)",
    "ImageType": [
      "ORIGINAL",
      "PRIMARY",
      "M",
      "ND",
      "MOSAIC"
    ],
    "ImagingFrequency": 123.259,
    "InPlanePhaseEncodingDirectionDICOM": "COL",
    "InstitutionAddress": "Yiheyuan Road 5,Beijing  0FCA35,Haidian,CN,100871",
    "InstitutionName": "CMR of Peking Univeristy",
    "InstitutionalDepartmentName": "Department",
    "MRAcquisitionType": "2D",
    "MagneticFieldStrength": 3,
    "Manufacturer": "Siemens",
    "ManufacturersModelName": "Prisma",
    "Modality": "MR",
    "MultibandAccelerationFactor": 8,
    "PartialFourier": 0.875,
    "PatientPosition": "HFS",
    "PercentPhaseFOV": 100,
    "PercentSampling": 100,
    "PhaseEncodingDirection": "j-",
    "PhaseEncodingSteps": 93,
    "PhaseResolution": 1,
    "PixelBandwidth": 2360,
    "ProcedureStepDescription": "Research^Projects_64CH",
    "ProtocolName": "fMRI_run7_AP",
    "PulseSequenceDetails": "%SiemensSeq%\\ep2d_bold",
    "ReceiveCoilActiveElements": "HC1-7;NC1,2",
    "ReceiveCoilName": "HeadNeck_64",
    "ReconMatrixPE": 106,
    "RefLinesPE": 32,
    "RepetitionTime": 0.71,
    "SAR": 0.104189,
    "ScanOptions": "PFP\\FS",
    "ScanningSequence": "EP",
    "SequenceName": "*epfid2d1_106",
    "SequenceVariant": "SK",
    "SeriesDescription": "fMRI_run7_AP",
    "SeriesNumber": 15,
    "ShimSetting": [
      -3458,
      -2116,
      -1906,
      184,
      29,
      -373,
      -20,
      50
    ],
    "SliceThickness": 2,
    "SliceTiming": [
      0.3075,
      0,
      0.3825,
      0.0775,
      0.46,
      0.1525,
      0.5375,
      0.23,
      0.6125,
      0.3075,
      0,
      0.3825,
      0.0775,
      0.46,
      0.1525,
      0.5375,
      0.23,
      0.6125,
      0.3075,
      0,
      0.3825,
      0.0775,
      0.46,
      0.1525,
      0.5375,
      0.23,
      0.6125,
      0.3075,
      0,
      0.3825,
      0.0775,
      0.46,
      0.1525,
      0.5375,
      0.23,
      0.6125,
      0.3075,
      0,
      0.3825,
      0.0775,
      0.46,
      0.1525,
      0.5375,
      0.23,
      0.6125,
      0.3075,
      0,
      0.3825,
      0.0775,
      0.46,
      0.1525,
      0.5375,
      0.23,
      0.6125,
      0.3075,
      0,
      0.3825,
      0.0775,
      0.46,
      0.1525,
      0.5375,
      0.23,
      0.6125,
      0.3075,
      0,
      0.3825,
      0.0775,
      0.46,
      0.1525,
      0.5375,
      0.23,
      0.6125
    ],
    "SoftwareVersions": "syngo MR E11",
    "SpacingBetweenSlices": 2,
    "StationName": "AWP66014",
    "TaskName": "Chinese-RDR",
    "TotalReadoutTime": 0.0598493,
    "TxRefAmp": 264.421,
    "dataset": "ds004078",
    "modality": "bold",
    "run_id": 7,
    "subject_id": "05",
    "task_id": "RDR"
  },
  "dummy_trs": 1,
  "dvars_nstd": 46.776016217885065,
  "dvars_std": 1.0280731886666674,
  "dvars_vstd": 1.0012478384827586,
  "efc": 0.5442289116666417,
  "fber": 401.60443115234375,
  "fd_mean": 0.11046212392869462,
  "fd_num": 14,
  "fd_perc": 3.2110091743119265,
  "fwhm_avg": 3.421158333333333,
  "fwhm_x": 3.12907,
  "fwhm_y": 3.56922,
  "fwhm_z": 3.565185,
  "gcor": 0.00561854,
  "gsr_x": -0.005558947566896677,
  "gsr_y": 0.06856746971607208,
  "provenance": {
    "md5sum": "befba9636bca23cdc904a07c8a525e05",
    "settings": {
      "fd_thres": 0.2,
      "testing": false
    },
    "software": "mriqc",
    "version": "23.0.1",
    "webapi_port": null,
    "webapi_url": "https://mriqc.nimh.nih.gov/api/v1"
  },
  "size_t": 436,
  "size_x": 106,
  "size_y": 106,
  "size_z": 72,
  "snr": 2.1648757191989514,
  "spacing_tr": 0.7099999785423279,
  "spacing_x": 2.0,
  "spacing_y": 2.0,
  "spacing_z": 2.0,
  "summary_bg_k": 26.657318454452643,
  "summary_bg_mad": 14.30235158944494,
  "summary_bg_mean": 48.83564758300781,
  "summary_bg_median": 22.94495391845703,
  "summary_bg_n": 530563.0,
  "summary_bg_p05": 12.114678382873535,
  "summary_bg_p95": 183.33485412597656,
  "summary_bg_stdv": 72.40324401855469,
  "summary_fg_k": 1.897713502032551,
  "summary_fg_mad": 194.7241555313517,
  "summary_fg_mean": 517.17236328125,
  "summary_fg_median": 478.62384033203125,
  "summary_fg_n": 168702.0,
  "summary_fg_p05": 235.44769363403321,
  "summary_fg_p95": 927.8293426513669,
  "summary_fg_stdv": 221.0854034423828,
  "tsnr": 29.802637898246758
}