{
  "aor": 0.000437780269058296,
  "aqi": 0.006434133094170403,
  "bids_meta": {
    "AcquisitionMatrixPE": 106,
    "AcquisitionNumber": 1,
    "AcquisitionTime": "13:43:6.062500",
    "BandwidthPerPixelPhaseEncode": 16.551,
    "BaseResolution": 106,
    "BodyPartExamined": "HEAD",
    "CoilCombinationMethod": "Sum of Squares",
    "ConsistencyInfo": "N4_VE11C_LATEST_20160120",
    "ConversionSoftware": "dcm2niix",
    "ConversionSoftwareVersion": "v1.0.20211006",
    "Dcm2bidsVersion": "2.1.6",
    "DerivedVendorReportedEchoSpacing": 0.000569994,
    "DeviceSerialNumber": "66014",
    "DwellTime": 2e-06,
    "EchoTime": 0.03,
    "EchoTrainLength": 93,
    "EffectiveEchoSpacing": 0.000569994,
    "FlipAngle": 54,
    "ImageOrientationPatientDICOM": [
      0.999569,
      -0.0093019,
      0.0278393,
      0.00872308,
      0.999745,
      0.0208411
    ],
    "ImageOrientationText": "Tra>Sag(1.6)>Cor(1.2)",
    "ImageType": [
      "ORIGINAL",
      "PRIMARY",
      "M",
      "ND",
      "MOSAIC"
    ],
    "ImagingFrequency": 123.259,
    "InPlanePhaseEncodingDirectionDICOM": "COL",
    "InstitutionAddress": "Yiheyuan Road 5,Beijing  0FCA35,Haidian,CN,100871",
    "InstitutionName": "CMR of Peking Univeristy",
    "InstitutionalDepartmentName": "Department",
    "MRAcquisitionType": "2D",
    "MagneticFieldStrength": 3,
    "Manufacturer": "Siemens",
    "ManufacturersModelName": "Prisma",
    "Modality": "MR",
    "MultibandAccelerationFactor": 8,
    "PartialFourier": 0.875,
    "PatientPosition": "HFS",
    "PercentPhaseFOV": 100,
    "PercentSampling": 100,
    "PhaseEncodingDirection": "j-",
    "PhaseEncodingSteps": 93,
    "PhaseResolution": 1,
    "PixelBandwidth": 2360,
    "ProcedureStepDescription": "Research^Projects_64CH",
    "ProtocolName": "fMRI_run7_AP",
    "PulseSequenceDetails": "%SiemensSeq%\\ep2d_bold",
    "ReceiveCoilActiveElements": "HC1-7;NC1,2",
    "ReceiveCoilName": "HeadNeck_64",
    "ReconMatrixPE": 106,
    "RefLinesPE": 32,
    "RepetitionTime": 0.71,
    "SAR": 0.106742,
    "ScanOptions": "PFP\\FS",
    "ScanningSequence": "EP",
    "SequenceName": "*epfid2d1_106",
    "SequenceVariant": "SK",
    "SeriesDescription": "fMRI_run7_AP",
    "SeriesNumber": 15,
    "ShimSetting": [
      -3453,
      -2161,
      -1883,
      289,
      -2,
      -239,
      144,
      30
    ],
    "SliceThickness": 2,
    "SliceTiming": [
      0.305,
      0,
      0.3825,
      0.075,
      0.46,
      0.1525,
      0.535,
      0.23,
      0.6125,
      0.305,
      0,
      0.3825,
      0.075,
      0.46,
      0.1525,
      0.535,
      0.23,
      0.6125,
      0.305,
      0,
      0.3825,
      0.075,
      0.46,
      0.1525,
      0.535,
      0.23,
      0.6125,
      0.305,
      0,
      0.3825,
      0.075,
      0.46,
      0.1525,
      0.535,
      0.23,
      0.6125,
      0.305,
      0,
      0.3825,
      0.075,
      0.46,
      0.1525,
      0.535,
      0.23,
      0.6125,
      0.305,
      0,
      0.3825,
      0.075,
      0.46,
      0.1525,
      0.535,
      0.23,
      0.6125,
      0.305,
      0,
      0.3825,
      0.075,
      0.46,
      0.1525,
      0.535,
      0.23,
      0.6125,
      0.305,
      0,
      0.3825,
      0.075,
      0.46,
      0.1525,
      0.535,
      0.23,
      0.6125
    ],
    "SoftwareVersions": "syngo MR E11",
    "SpacingBetweenSlices": 2,
    "StationName": "AWP66014",
    "TaskName": "Chinese-RDR",
    "TotalReadoutTime": 0.0598493,
    "TxRefAmp": 257.523,
    "dataset": "ds004078",
    "modality": "bold",
    "run_id": 47,
    "subject_id": "03",
    "task_id": "RDR"
  },
  "dummy_trs": 3,
  "dvars_nstd": 45.53529453905619,
  "dvars_std": 1.0820125122022477,
  "dvars_vstd": 1.0070261514382013,
  "efc": 0.553075868762929,
  "fber": 387.1435852050781,
  "fd_mean": 0.07108823350054005,
  "fd_num": 0,
  "fd_perc": 0.0,
  "fwhm_avg": 3.4679416666666665,
  "fwhm_x": 3.16188,
  "fwhm_y": 3.59779,
  "fwhm_z": 3.644155,
  "gcor": 0.00395549,
  "gsr_x": 0.0025862399488687515,
  "gsr_y": 0.07179106771945953,
  "provenance": {
    "md5sum": "3bbbfa6af6b02eaef361ac6c5950f173",
    "settings": {
      "fd_thres": 0.2,
      "testing": false
    },
    "software": "mriqc",
    "version": "23.0.1",
    "webapi_port": null,
    "webapi_url": "https://mriqc.nimh.nih.gov/api/v1"
  },
  "size_t": 446,
  "size_x": 106,
  "size_y": 106,
  "size_z": 72,
  "snr": 2.029991666934876,
  "spacing_tr": 0.7099999785423279,
  "spacing_x": 2.0,
  "spacing_y": 2.0,
  "spacing_z": 2.0,
  "summary_bg_k": 19.781647739010534,
  "summary_bg_mad": 17.08981784202367,
  "summary_bg_mean": 58.987030029296875,
  "summary_bg_median": 25.894620895385742,
  "summary_bg_n": 517176.0,
  "summary_bg_p05": 12.573991775512695,
  "summary_bg_p95": 238.2472038269043,
  "summary_bg_stdv": 90.87774658203125,
  "summary_fg_k": 1.9373247991530675,
  "summary_fg_mad": 223.0186108033723,
  "summary_fg_mean": 579.3013305664062,
  "summary_fg_median": 523.9843139648438,
  "summary_fg_n": 180691.0,
  "summary_fg_p05": 265.7275848388672,
  "summary_fg_p95": 1068.0841064453125,
  "summary_fg_stdv": 258.1206970214844,
  "tsnr": 31.60609952872619
}