{
  "aor": 0.0004940705882352941,
  "aqi": 0.005506567011764705,
  "bids_meta": {
    "AcquisitionMatrixPE": 106,
    "AcquisitionNumber": 1,
    "AcquisitionTime": "13:56:13.542500",
    "BandwidthPerPixelPhaseEncode": 16.551,
    "BaseResolution": 106,
    "BodyPartExamined": "HEAD",
    "CoilCombinationMethod": "Sum of Squares",
    "ConsistencyInfo": "N4_VE11C_LATEST_20160120",
    "ConversionSoftware": "dcm2niix",
    "ConversionSoftwareVersion": "v1.0.20211006",
    "Dcm2bidsVersion": "2.1.6",
    "DerivedVendorReportedEchoSpacing": 0.000569994,
    "DeviceSerialNumber": "66014",
    "DwellTime": 2e-06,
    "EchoTime": 0.03,
    "EchoTrainLength": 93,
    "EffectiveEchoSpacing": 0.000569994,
    "FlipAngle": 54,
    "ImageOrientationPatientDICOM": [
      0.998865,
      0.00529655,
      0.0473418,
      -0.00523008,
      0.999985,
      -0.00152781
    ],
    "ImageOrientationText": "Tra>Sag(2.7)>Cor(-0.1)",
    "ImageType": [
      "ORIGINAL",
      "PRIMARY",
      "M",
      "ND",
      "MOSAIC"
    ],
    "ImagingFrequency": 123.259,
    "InPlanePhaseEncodingDirectionDICOM": "COL",
    "InstitutionAddress": "Yiheyuan Road 5,Beijing  0FCA35,Haidian,CN,100871",
    "InstitutionName": "CMR of Peking Univeristy",
    "InstitutionalDepartmentName": "Department",
    "MRAcquisitionType": "2D",
    "MagneticFieldStrength": 3,
    "Manufacturer": "Siemens",
    "ManufacturersModelName": "Prisma",
    "Modality": "MR",
    "MultibandAccelerationFactor": 8,
    "PartialFourier": 0.875,
    "PatientPosition": "HFS",
    "PercentPhaseFOV": 100,
    "PercentSampling": 100,
    "PhaseEncodingDirection": "j-",
    "PhaseEncodingSteps": 93,
    "PhaseResolution": 1,
    "PixelBandwidth": 2360,
    "ProcedureStepDescription": "Research^Projects_64CH",
    "ProtocolName": "fMRI_run8_AP",
    "PulseSequenceDetails": "%SiemensSeq%\\ep2d_bold",
    "ReceiveCoilActiveElements": "HC1-7;NC1",
    "ReceiveCoilName": "HeadNeck_64",
    "ReconMatrixPE": 106,
    "RefLinesPE": 32,
    "RepetitionTime": 0.71,
    "SAR": 0.110097,
    "ScanOptions": "PFP\\FS",
    "ScanningSequence": "EP",
    "SequenceName": "*epfid2d1_106",
    "SequenceVariant": "SK",
    "SeriesDescription": "fMRI_run8_AP",
    "SeriesNumber": 17,
    "ShimSetting": [
      -3439,
      -2148,
      -1887,
      298,
      38,
      -224,
      115,
      16
    ],
    "SliceThickness": 2,
    "SliceTiming": [
      0.305,
      0,
      0.3825,
      0.075,
      0.46,
      0.1525,
      0.535,
      0.23,
      0.6125,
      0.305,
      0,
      0.3825,
      0.075,
      0.46,
      0.1525,
      0.535,
      0.23,
      0.6125,
      0.305,
      0,
      0.3825,
      0.075,
      0.46,
      0.1525,
      0.535,
      0.23,
      0.6125,
      0.305,
      0,
      0.3825,
      0.075,
      0.46,
      0.1525,
      0.535,
      0.23,
      0.6125,
      0.305,
      0,
      0.3825,
      0.075,
      0.46,
      0.1525,
      0.535,
      0.23,
      0.6125,
      0.305,
      0,
      0.3825,
      0.075,
      0.46,
      0.1525,
      0.535,
      0.23,
      0.6125,
      0.305,
      0,
      0.3825,
      0.075,
      0.46,
      0.1525,
      0.535,
      0.23,
      0.6125,
      0.305,
      0,
      0.3825,
      0.075,
      0.46,
      0.1525,
      0.535,
      0.23,
      0.6125
    ],
    "SoftwareVersions": "syngo MR E11",
    "SpacingBetweenSlices": 2,
    "StationName": "AWP66014",
    "TaskName": "Chinese-RDR",
    "TotalReadoutTime": 0.0598493,
    "TxRefAmp": 261.345,
    "dataset": "ds004078",
    "modality": "bold",
    "run_id": 8,
    "subject_id": "03",
    "task_id": "RDR"
  },
  "dummy_trs": 2,
  "dvars_nstd": 44.55914490179244,
  "dvars_std": 1.0510039446933963,
  "dvars_vstd": 1.0059537449056604,
  "efc": 0.5532473478696259,
  "fber": 382.49212646484375,
  "fd_mean": 0.06672127963704268,
  "fd_num": 0,
  "fd_perc": 0.0,
  "fwhm_avg": 3.435355,
  "fwhm_x": 3.097445,
  "fwhm_y": 3.59102,
  "fwhm_z": 3.6176,
  "gcor": 0.00738075,
  "gsr_x": -0.004252081271260977,
  "gsr_y": 0.07150653749704361,
  "provenance": {
    "md5sum": "846b4cb6f21fbcd9f78371d9add20e55",
    "settings": {
      "fd_thres": 0.2,
      "testing": false
    },
    "software": "mriqc",
    "version": "23.0.1",
    "webapi_port": null,
    "webapi_url": "https://mriqc.nimh.nih.gov/api/v1"
  },
  "size_t": 425,
  "size_x": 106,
  "size_y": 106,
  "size_z": 72,
  "snr": 1.99896938426146,
  "spacing_tr": 0.7099999785423279,
  "spacing_x": 2.0,
  "spacing_y": 2.0,
  "spacing_z": 2.0,
  "summary_bg_k": 22.85148861995868,
  "summary_bg_mad": 17.10399662834643,
  "summary_bg_mean": 57.55610656738281,
  "summary_bg_median": 25.94352912902832,
  "summary_bg_n": 508949.0,
  "summary_bg_p05": 12.614116668701172,
  "summary_bg_p95": 228.95905151367182,
  "summary_bg_stdv": 88.65509033203125,
  "summary_fg_k": 1.5992146958260234,
  "summary_fg_mad": 228.95037704026566,
  "summary_fg_mean": 586.0482788085938,
  "summary_fg_median": 530.199951171875,
  "summary_fg_n": 183498.0,
  "summary_fg_p05": 262.0315185546875,
  "summary_fg_p95": 1096.3578491210935,
  "summary_fg_stdv": 265.2359313964844,
  "tsnr": 31.92768708569929
}