{
  "aor": 0.000450707635009311,
  "aqi": 0.008148662644320298,
  "bids_meta": {
    "AcquisitionMatrixPE": 106,
    "AcquisitionNumber": 1,
    "AcquisitionTime": "13:00:20.400000",
    "BandwidthPerPixelPhaseEncode": 16.551,
    "BaseResolution": 106,
    "BodyPartExamined": "HEAD",
    "CoilCombinationMethod": "Sum of Squares",
    "ConsistencyInfo": "N4_VE11C_LATEST_20160120",
    "ConversionSoftware": "dcm2niix",
    "ConversionSoftwareVersion": "v1.0.20211006",
    "Dcm2bidsVersion": "2.1.6",
    "DerivedVendorReportedEchoSpacing": 0.000569994,
    "DeviceSerialNumber": "66014",
    "DwellTime": 2e-06,
    "EchoTime": 0.03,
    "EchoTrainLength": 93,
    "EffectiveEchoSpacing": 0.000569994,
    "FlipAngle": 54,
    "ImageOrientationPatientDICOM": [
      0.999028,
      -0.0360027,
      0.0254175,
      0.0366327,
      0.999022,
      -0.0247714
    ],
    "ImageOrientationText": "Tra>Cor(-1.5)>Sag(1.4)",
    "ImageType": [
      "ORIGINAL",
      "PRIMARY",
      "M",
      "ND",
      "MOSAIC"
    ],
    "ImagingFrequency": 123.259,
    "InPlanePhaseEncodingDirectionDICOM": "COL",
    "InstitutionAddress": "Yiheyuan Road 5,Beijing  0FCA35,Haidian,CN,100871",
    "InstitutionName": "CMR of Peking Univeristy",
    "InstitutionalDepartmentName": "Department",
    "MRAcquisitionType": "2D",
    "MagneticFieldStrength": 3,
    "Manufacturer": "Siemens",
    "ManufacturersModelName": "Prisma",
    "Modality": "MR",
    "MultibandAccelerationFactor": 8,
    "PartialFourier": 0.875,
    "PatientPosition": "HFS",
    "PercentPhaseFOV": 100,
    "PercentSampling": 100,
    "PhaseEncodingDirection": "j-",
    "PhaseEncodingSteps": 93,
    "PhaseResolution": 1,
    "PixelBandwidth": 2360,
    "ProcedureStepDescription": "Research^Projects_64CH",
    "ProtocolName": "fMRI_run1_AP",
    "PulseSequenceDetails": "%SiemensSeq%\\ep2d_bold",
    "ReceiveCoilActiveElements": "HC1-7;NC1,2",
    "ReceiveCoilName": "HeadNeck_64",
    "ReconMatrixPE": 106,
    "RefLinesPE": 32,
    "RepetitionTime": 0.71,
    "SAR": 0.108518,
    "ScanOptions": "PFP\\FS",
    "ScanningSequence": "EP",
    "SequenceName": "*epfid2d1_106",
    "SequenceVariant": "SK",
    "SeriesDescription": "fMRI_run1_AP",
    "SeriesNumber": 5,
    "ShimSetting": [
      -3450,
      -2142,
      -1913,
      236,
      -13,
      -230,
      102,
      35
    ],
    "SliceThickness": 2,
    "SliceTiming": [
      0.3075,
      0,
      0.385,
      0.0775,
      0.46,
      0.155,
      0.5375,
      0.23,
      0.615,
      0.3075,
      0,
      0.385,
      0.0775,
      0.46,
      0.155,
      0.5375,
      0.23,
      0.615,
      0.3075,
      0,
      0.385,
      0.0775,
      0.46,
      0.155,
      0.5375,
      0.23,
      0.615,
      0.3075,
      0,
      0.385,
      0.0775,
      0.46,
      0.155,
      0.5375,
      0.23,
      0.615,
      0.3075,
      0,
      0.385,
      0.0775,
      0.46,
      0.155,
      0.5375,
      0.23,
      0.615,
      0.3075,
      0,
      0.385,
      0.0775,
      0.46,
      0.155,
      0.5375,
      0.23,
      0.615,
      0.3075,
      0,
      0.385,
      0.0775,
      0.46,
      0.155,
      0.5375,
      0.23,
      0.615,
      0.3075,
      0,
      0.385,
      0.0775,
      0.46,
      0.155,
      0.5375,
      0.23,
      0.615
    ],
    "SoftwareVersions": "syngo MR E11",
    "SpacingBetweenSlices": 2,
    "StationName": "AWP66014",
    "TaskName": "Chinese-RDR",
    "TotalReadoutTime": 0.0598493,
    "TxRefAmp": 261.8,
    "dataset": "ds004078",
    "modality": "bold",
    "run_id": 51,
    "subject_id": "03",
    "task_id": "RDR"
  },
  "dummy_trs": 2,
  "dvars_nstd": 46.96010100666044,
  "dvars_std": 1.0790957045149243,
  "dvars_vstd": 0.9982914819029851,
  "efc": 0.5504556344909688,
  "fber": 404.1353759765625,
  "fd_mean": 0.07834495535161351,
  "fd_num": 1,
  "fd_perc": 0.186219739292365,
  "fwhm_avg": 3.5364733333333334,
  "fwhm_x": 3.20366,
  "fwhm_y": 3.688145,
  "fwhm_z": 3.717615,
  "gcor": 0.00268355,
  "gsr_x": -0.0007933725719340146,
  "gsr_y": 0.07571005821228027,
  "provenance": {
    "md5sum": "c4f6c6ddb0c72daf8af908d3e0ffa55f",
    "settings": {
      "fd_thres": 0.2,
      "testing": false
    },
    "software": "mriqc",
    "version": "23.0.1",
    "webapi_port": null,
    "webapi_url": "https://mriqc.nimh.nih.gov/api/v1"
  },
  "size_t": 537,
  "size_x": 106,
  "size_y": 106,
  "size_z": 72,
  "snr": 2.039149917106995,
  "spacing_tr": 0.7099999785423279,
  "spacing_x": 2.0,
  "spacing_y": 2.0,
  "spacing_z": 2.0,
  "summary_bg_k": 17.602240266207005,
  "summary_bg_mad": 17.051306912319543,
  "summary_bg_mean": 57.31036376953125,
  "summary_bg_median": 25.513967514038086,
  "summary_bg_n": 519175.0,
  "summary_bg_p05": 12.309124946594238,
  "summary_bg_p95": 228.73761749267564,
  "summary_bg_stdv": 85.86482238769531,
  "summary_fg_k": 1.4243056995526846,
  "summary_fg_mad": 226.78013479133867,
  "summary_fg_mean": 580.3038330078125,
  "summary_fg_median": 525.4711303710938,
  "summary_fg_n": 179573.0,
  "summary_fg_p05": 263.46405639648435,
  "summary_fg_p95": 1073.8629638671875,
  "summary_fg_stdv": 257.6905517578125,
  "tsnr": 29.299031040165573
}