{
  "aor": 0.000575358024691358,
  "aqi": 0.005849103283950618,
  "bids_meta": {
    "AcquisitionMatrixPE": 106,
    "AcquisitionNumber": 1,
    "AcquisitionTime": "14:02:38.805000",
    "BandwidthPerPixelPhaseEncode": 16.551,
    "BaseResolution": 106,
    "BodyPartExamined": "HEAD",
    "CoilCombinationMethod": "Sum of Squares",
    "ConsistencyInfo": "N4_VE11C_LATEST_20160120",
    "ConversionSoftware": "dcm2niix",
    "ConversionSoftwareVersion": "v1.0.20211006",
    "Dcm2bidsVersion": "2.1.6",
    "DerivedVendorReportedEchoSpacing": 0.000569994,
    "DeviceSerialNumber": "66014",
    "DwellTime": 2e-06,
    "EchoTime": 0.03,
    "EchoTrainLength": 93,
    "EffectiveEchoSpacing": 0.000569994,
    "FlipAngle": 54,
    "ImageOrientationPatientDICOM": [
      0.998865,
      0.00529655,
      0.0473418,
      -0.00523008,
      0.999985,
      -0.00152781
    ],
    "ImageOrientationText": "Tra>Sag(2.7)>Cor(-0.1)",
    "ImageType": [
      "ORIGINAL",
      "PRIMARY",
      "M",
      "ND",
      "MOSAIC"
    ],
    "ImagingFrequency": 123.259,
    "InPlanePhaseEncodingDirectionDICOM": "COL",
    "InstitutionAddress": "Yiheyuan Road 5,Beijing  0FCA35,Haidian,CN,100871",
    "InstitutionName": "CMR of Peking Univeristy",
    "InstitutionalDepartmentName": "Department",
    "MRAcquisitionType": "2D",
    "MagneticFieldStrength": 3,
    "Manufacturer": "Siemens",
    "ManufacturersModelName": "Prisma",
    "Modality": "MR",
    "MultibandAccelerationFactor": 8,
    "PartialFourier": 0.875,
    "PatientPosition": "HFS",
    "PercentPhaseFOV": 100,
    "PercentSampling": 100,
    "PhaseEncodingDirection": "j-",
    "PhaseEncodingSteps": 93,
    "PhaseResolution": 1,
    "PixelBandwidth": 2360,
    "ProcedureStepDescription": "Research^Projects_64CH",
    "ProtocolName": "fMRI_run9_AP",
    "PulseSequenceDetails": "%SiemensSeq%\\ep2d_bold",
    "ReceiveCoilActiveElements": "HC1-7;NC1",
    "ReceiveCoilName": "HeadNeck_64",
    "ReconMatrixPE": 106,
    "RefLinesPE": 32,
    "RepetitionTime": 0.71,
    "SAR": 0.110006,
    "ScanOptions": "PFP\\FS",
    "ScanningSequence": "EP",
    "SequenceName": "*epfid2d1_106",
    "SequenceVariant": "SK",
    "SeriesDescription": "fMRI_run9_AP",
    "SeriesNumber": 18,
    "ShimSetting": [
      -3439,
      -2148,
      -1887,
      298,
      38,
      -224,
      115,
      16
    ],
    "SliceThickness": 2,
    "SliceTiming": [
      0.305,
      0,
      0.3825,
      0.075,
      0.46,
      0.1525,
      0.535,
      0.23,
      0.6125,
      0.305,
      0,
      0.3825,
      0.075,
      0.46,
      0.1525,
      0.535,
      0.23,
      0.6125,
      0.305,
      0,
      0.3825,
      0.075,
      0.46,
      0.1525,
      0.535,
      0.23,
      0.6125,
      0.305,
      0,
      0.3825,
      0.075,
      0.46,
      0.1525,
      0.535,
      0.23,
      0.6125,
      0.305,
      0,
      0.3825,
      0.075,
      0.46,
      0.1525,
      0.535,
      0.23,
      0.6125,
      0.305,
      0,
      0.3825,
      0.075,
      0.46,
      0.1525,
      0.535,
      0.23,
      0.6125,
      0.305,
      0,
      0.3825,
      0.075,
      0.46,
      0.1525,
      0.535,
      0.23,
      0.6125,
      0.305,
      0,
      0.3825,
      0.075,
      0.46,
      0.1525,
      0.535,
      0.23,
      0.6125
    ],
    "SoftwareVersions": "syngo MR E11",
    "SpacingBetweenSlices": 2,
    "StationName": "AWP66014",
    "TaskName": "Chinese-RDR",
    "TotalReadoutTime": 0.0598493,
    "TxRefAmp": 261.345,
    "dataset": "ds004078",
    "modality": "bold",
    "run_id": 9,
    "subject_id": "03",
    "task_id": "RDR"
  },
  "dummy_trs": 2,
  "dvars_nstd": 44.93483021235153,
  "dvars_std": 1.0551978406930693,
  "dvars_vstd": 1.0096735606188116,
  "efc": 0.5539158250668055,
  "fber": 378.56121826171875,
  "fd_mean": 0.06845363209611477,
  "fd_num": 0,
  "fd_perc": 0.0,
  "fwhm_avg": 3.428595,
  "fwhm_x": 3.09378,
  "fwhm_y": 3.58057,
  "fwhm_z": 3.611435,
  "gcor": 0.0103194,
  "gsr_x": -0.004328276962041855,
  "gsr_y": 0.07225794345140457,
  "provenance": {
    "md5sum": "0e2c9bdd1ae1334673e0092c6697f5e5",
    "settings": {
      "fd_thres": 0.2,
      "testing": false
    },
    "software": "mriqc",
    "version": "23.0.1",
    "webapi_port": null,
    "webapi_url": "https://mriqc.nimh.nih.gov/api/v1"
  },
  "size_t": 405,
  "size_x": 106,
  "size_y": 106,
  "size_z": 72,
  "snr": 1.9940594073226585,
  "spacing_tr": 0.7099999785423279,
  "spacing_x": 2.0,
  "spacing_y": 2.0,
  "spacing_z": 2.0,
  "summary_bg_k": 23.07427021298725,
  "summary_bg_mad": 17.1176494365567,
  "summary_bg_mean": 57.54082489013672,
  "summary_bg_median": 25.933334350585938,
  "summary_bg_n": 508004.0,
  "summary_bg_p05": 12.63703727722168,
  "summary_bg_p95": 228.49383544921875,
  "summary_bg_stdv": 88.82008361816406,
  "summary_fg_k": 1.5599420345679915,
  "summary_fg_mad": 228.65754862357352,
  "summary_fg_mean": 584.3394165039062,
  "summary_fg_median": 528.6099243164062,
  "summary_fg_n": 183900.0,
  "summary_fg_p05": 260.0335891723633,
  "summary_fg_p95": 1094.4150390625,
  "summary_fg_stdv": 265.0916442871094,
  "tsnr": 31.794023825321347
}