{
  "bids_meta": {
    "AcquisitionMatrixPE": 300,
    "AcquisitionNumber": 1,
    "AcquisitionTime": "19:20:25.925000",
    "BaseResolution": 320,
    "BodyPartExamined": "HEAD",
    "CoilCombinationMethod": "Adaptive Combine",
    "ConsistencyInfo": "N4_VE11C_LATEST_20160120",
    "ConversionSoftware": "dcm2niix",
    "ConversionSoftwareVersion": "v1.0.20211006",
    "Dcm2bidsVersion": "2.1.6",
    "DeviceSerialNumber": "66014",
    "DwellTime": 7.1e-06,
    "EchoTime": 0.00222,
    "FlipAngle": 8,
    "ImageOrientationPatientDICOM": [
      -0.022528,
      0.999258,
      -0.0312339,
      0.0128561,
      -0.0309497,
      -0.999438
    ],
    "ImageOrientationText": "Sag>Cor(-1.3)>Tra(-0.7)",
    "ImageType": [
      "ORIGINAL",
      "PRIMARY",
      "M",
      "ND",
      "NORM"
    ],
    "ImagingFrequency": 123.259,
    "InPlanePhaseEncodingDirectionDICOM": "ROW",
    "InstitutionAddress": "Yiheyuan Road 5,Beijing  0FCA35,Haidian,CN,100871",
    "InstitutionName": "CMR of Peking Univeristy",
    "InstitutionalDepartmentName": "Department",
    "InversionTime": 1,
    "MRAcquisitionType": "3D",
    "MagneticFieldStrength": 3,
    "Manufacturer": "Siemens",
    "ManufacturersModelName": "Prisma",
    "MatrixCoilMode": "GRAPPA",
    "Modality": "MR",
    "ParallelReductionFactorInPlane": 2,
    "PartialFourier": 1,
    "PatientPosition": "HFS",
    "PercentPhaseFOV": 93.75,
    "PercentSampling": 100,
    "PhaseEncodingSteps": 299,
    "PhaseResolution": 1,
    "PixelBandwidth": 220,
    "ProcedureStepDescription": "Research^Projects_64CH",
    "ProtocolName": "T1w_MPR",
    "PulseSequenceDetails": "%SiemensSeq%\\tfl",
    "ReceiveCoilActiveElements": "HC1-7;NC1,2",
    "ReceiveCoilName": "HeadNeck_64",
    "ReconMatrixPE": 300,
    "RefLinesPE": 32,
    "RepetitionTime": 2.4,
    "SAR": 0.0622623,
    "ScanOptions": "IR\\WE",
    "ScanningSequence": "GR\\IR",
    "SequenceName": "*tfl3d1_16ns",
    "SequenceVariant": "SK\\SP\\MP",
    "SeriesDescription": "T1w_MPR",
    "SeriesNumber": 24,
    "ShimSetting": [
      -3434,
      -2116,
      -1981,
      125,
      5,
      -498,
      -138,
      37
    ],
    "SliceThickness": 0.8,
    "SoftwareVersions": "syngo MR E11",
    "SpoilingState": true,
    "StationName": "AWP66014",
    "TxRefAmp": 251.436,
    "dataset": "ds004078",
    "modality": "T1w",
    "run_id": 2,
    "subject_id": "09"
  },
  "cjv": 0.37123352184034575,
  "cnr": 3.617123402117906,
  "efc": 0.6007575161185215,
  "fber": 29008.7131558642,
  "fwhm_avg": 4.712008263118938,
  "fwhm_x": 4.815787428239175,
  "fwhm_y": 4.542762432307565,
  "fwhm_z": 4.777474928810076,
  "icvs_csf": 0.20615363139586887,
  "icvs_gm": 0.41801109071832016,
  "icvs_wm": 0.375835277885811,
  "inu_med": 0.48941874504089355,
  "inu_range": 0.1897783190011978,
  "provenance": {
    "md5sum": "4d4eeac9036907224c1ab652dba8def7",
    "settings": {
      "testing": false
    },
    "software": "mriqc",
    "version": "23.0.1",
    "warnings": {
      "large_rot_frame": true,
      "small_air_mask": false
    },
    "webapi_port": null,
    "webapi_url": "https://mriqc.nimh.nih.gov/api/v1"
  },
  "qi_1": 0.0,
  "qi_2": 0.0006605881152265215,
  "rpve_csf": 21.364846039294807,
  "rpve_gm": 11.005607618382767,
  "rpve_wm": 13.961774731524988,
  "size_x": 224,
  "size_y": 300,
  "size_z": 320,
  "snr_csf": 2.8443260039235763,
  "snr_gm": 13.691253545560098,
  "snr_total": 13.139763641697892,
  "snr_wm": 22.883711375609998,
  "snrd_csf": 23.95514192248509,
  "snrd_gm": 63.09953477502026,
  "snrd_total": 57.21878228738274,
  "snrd_wm": 84.60167016464287,
  "spacing_x": 0.800000011920929,
  "spacing_y": 0.800000011920929,
  "spacing_z": 0.800000011920929,
  "summary_bg_k": 11.236442796394936,
  "summary_bg_mad": 0.0,
  "summary_bg_mean": 4.960598335394251,
  "summary_bg_median": 0.0,
  "summary_bg_n": 3884194.0,
  "summary_bg_p05": 0.0,
  "summary_bg_p95": 20.44079600647092,
  "summary_bg_stdv": 7.743982459693985,
  "summary_csf_k": 1.2347268972119743,
  "summary_csf_mad": 85.30602942121972,
  "summary_csf_mean": 296.2551417026468,
  "summary_csf_median": 283.15965784713626,
  "summary_csf_n": 144293.0,
  "summary_csf_p05": 156.90642838031056,
  "summary_csf_p95": 483.5434194803238,
  "summary_csf_stdv": 99.55211753436227,
  "summary_gm_k": 0.3566743374948729,
  "summary_gm_mad": 51.997561240539675,
  "summary_gm_mean": 746.1703797957839,
  "summary_gm_median": 745.8625265099108,
  "summary_gm_n": 118808.0,
  "summary_gm_p05": 657.4634126201272,
  "summary_gm_p95": 836.8467215113342,
  "summary_gm_stdv": 54.477070713843254,
  "summary_wm_k": 0.33446755929046956,
  "summary_wm_mad": 42.35667602572837,
  "summary_wm_mean": 1000.1048397498994,
  "summary_wm_median": 1000.0266353935003,
  "summary_wm_n": 600828.0,
  "summary_wm_p05": 928.816978380084,
  "summary_wm_p95": 1071.636047217995,
  "summary_wm_stdv": 43.700332816289645,
  "tpm_overlap_csf": 0.15955198889076502,
  "tpm_overlap_gm": 0.4450351664856329,
  "tpm_overlap_wm": 0.509447181046136,
  "wm2max": 0.8234003245040595
}