{
  "bids_meta": {
    "AcquisitionMatrixPE": 300,
    "AcquisitionNumber": 1,
    "AcquisitionTime": "19:20:25.925000",
    "BaseResolution": 320,
    "BodyPartExamined": "HEAD",
    "CoilCombinationMethod": "Adaptive Combine",
    "ConsistencyInfo": "N4_VE11C_LATEST_20160120",
    "ConversionSoftware": "dcm2niix",
    "ConversionSoftwareVersion": "v1.0.20211006",
    "Dcm2bidsVersion": "2.1.6",
    "DeviceSerialNumber": "66014",
    "DwellTime": 7.1e-06,
    "EchoTime": 0.00222,
    "FlipAngle": 8,
    "ImageOrientationPatientDICOM": [
      -0.022528,
      0.999258,
      -0.0312339,
      0.0128561,
      -0.0309497,
      -0.999438
    ],
    "ImageOrientationText": "Sag>Cor(-1.3)>Tra(-0.7)",
    "ImageType": [
      "ORIGINAL",
      "PRIMARY",
      "M",
      "ND"
    ],
    "ImagingFrequency": 123.259,
    "InPlanePhaseEncodingDirectionDICOM": "ROW",
    "InstitutionAddress": "Yiheyuan Road 5,Beijing  0FCA35,Haidian,CN,100871",
    "InstitutionName": "CMR of Peking Univeristy",
    "InstitutionalDepartmentName": "Department",
    "InversionTime": 1,
    "MRAcquisitionType": "3D",
    "MagneticFieldStrength": 3,
    "Manufacturer": "Siemens",
    "ManufacturersModelName": "Prisma",
    "MatrixCoilMode": "GRAPPA",
    "Modality": "MR",
    "ParallelReductionFactorInPlane": 2,
    "PartialFourier": 1,
    "PatientPosition": "HFS",
    "PercentPhaseFOV": 93.75,
    "PercentSampling": 100,
    "PhaseEncodingSteps": 299,
    "PhaseResolution": 1,
    "PixelBandwidth": 220,
    "ProcedureStepDescription": "Research^Projects_64CH",
    "ProtocolName": "T1w_MPR",
    "PulseSequenceDetails": "%SiemensSeq%\\tfl",
    "ReceiveCoilActiveElements": "HC1-7;NC1,2",
    "ReceiveCoilName": "HeadNeck_64",
    "ReconMatrixPE": 300,
    "RefLinesPE": 32,
    "RepetitionTime": 2.4,
    "SAR": 0.0622623,
    "ScanOptions": "IR\\WE",
    "ScanningSequence": "GR\\IR",
    "SequenceName": "*tfl3d1_16ns",
    "SequenceVariant": "SK\\SP\\MP",
    "SeriesDescription": "T1w_MPR",
    "SeriesNumber": 23,
    "ShimSetting": [
      -3434,
      -2116,
      -1981,
      125,
      5,
      -498,
      -138,
      37
    ],
    "SliceThickness": 0.8,
    "SoftwareVersions": "syngo MR E11",
    "SpoilingState": true,
    "StationName": "AWP66014",
    "TxRefAmp": 251.436,
    "dataset": "ds004078",
    "modality": "T1w",
    "run_id": 1,
    "subject_id": "09"
  },
  "cjv": 0.551751536519011,
  "cnr": 2.4812711937335425,
  "efc": 0.6141709945590593,
  "fber": 9715.214854570635,
  "fwhm_avg": 5.776399913924934,
  "fwhm_x": 5.983699910835923,
  "fwhm_y": 5.332037420546451,
  "fwhm_z": 6.013462410392427,
  "icvs_csf": 0.19395767841944095,
  "icvs_gm": 0.3814783424635843,
  "icvs_wm": 0.42456397911697474,
  "inu_med": 0.9170833826065063,
  "inu_range": 1.1421270489692688,
  "provenance": {
    "md5sum": "81aef8ad2f06182133cf9e038222f6c6",
    "settings": {
      "testing": false
    },
    "software": "mriqc",
    "version": "23.0.1",
    "warnings": {
      "large_rot_frame": true,
      "small_air_mask": false
    },
    "webapi_port": null,
    "webapi_url": "https://mriqc.nimh.nih.gov/api/v1"
  },
  "qi_1": 0.0,
  "qi_2": 0.00033277389771232176,
  "rpve_csf": 22.65723669414895,
  "rpve_gm": 11.40910480934611,
  "rpve_wm": 11.979897812756473,
  "size_x": 224,
  "size_y": 300,
  "size_z": 320,
  "snr_csf": 2.9158532638306083,
  "snr_gm": 12.653538442444317,
  "snr_total": 9.792259555624645,
  "snr_wm": 13.807386960599008,
  "snrd_csf": 26.605228448017513,
  "snrd_gm": 69.36102996011721,
  "snrd_total": 62.281193662031875,
  "snrd_wm": 90.87732257796091,
  "spacing_x": 0.800000011920929,
  "spacing_y": 0.800000011920929,
  "spacing_z": 0.800000011920929,
  "summary_bg_k": 10.700721719710186,
  "summary_bg_mad": 7.209790159977473,
  "summary_bg_mean": 10.237272574652827,
  "summary_bg_median": 4.862929563969374,
  "summary_bg_n": 3822753.0,
  "summary_bg_p05": 0.0,
  "summary_bg_p95": 39.75845709443092,
  "summary_bg_stdv": 14.877977264008866,
  "summary_csf_k": 2.1073339630439287,
  "summary_csf_mad": 80.81303256238486,
  "summary_csf_mean": 305.2209230531949,
  "summary_csf_median": 292.7911107800901,
  "summary_csf_n": 131199.0,
  "summary_csf_p05": 166.0343093983829,
  "summary_csf_p95": 494.79506731592073,
  "summary_csf_stdv": 100.4131444409633,
  "summary_gm_k": 0.10897559094153797,
  "summary_gm_mad": 59.81748978882409,
  "summary_gm_mean": 763.6924963394522,
  "summary_gm_median": 763.3196251839399,
  "summary_gm_n": 66690.0,
  "summary_gm_p05": 664.7250642441213,
  "summary_gm_p95": 863.5173497162759,
  "summary_gm_stdv": 60.32414614617942,
  "summary_wm_k": 0.3676414264782517,
  "summary_wm_mad": 70.83024618703143,
  "summary_wm_mean": 1008.3881970099098,
  "summary_wm_median": 1000.1068877987564,
  "summary_wm_n": 628862.0,
  "summary_wm_p05": 904.8789704032242,
  "summary_wm_p95": 1140.0630694255233,
  "summary_wm_stdv": 72.43268371346268,
  "tpm_overlap_csf": 0.164928991823821,
  "tpm_overlap_gm": 0.4284410953528468,
  "tpm_overlap_wm": 0.4815013309511788,
  "wm2max": 0.44268615239512904
}